{
    "PercentPhaseFOV": 100,
    "PatientPosition": "HFS",
    "ShimSetting": [
        4972,
        -11405,
        -1373,
        532,
        30,
        -122,
        -38,
        7
    ],
    "ReconMatrixPE": 88,
    "SliceThickness": 2.4,
    "SequenceVariant": "SK\\SS",
    "PhaseResolution": 1,
    "PulseSequenceDetails": "%CustomerSeq%\\cmrr_mbep2d_bold",
    "SliceTiming": [
        0,
        0.2675,
        0.535,
        0.09,
        0.3575,
        0.625,
        0.1775,
        0.4475,
        0,
        0.2675,
        0.535,
        0.09,
        0.3575,
        0.625,
        0.1775,
        0.4475,
        0,
        0.2675,
        0.535,
        0.09,
        0.3575,
        0.625,
        0.1775,
        0.4475,
        0,
        0.2675,
        0.535,
        0.09,
        0.3575,
        0.625,
        0.1775,
        0.4475,
        0,
        0.2675,
        0.535,
        0.09,
        0.3575,
        0.625,
        0.1775,
        0.4475,
        0,
        0.2675,
        0.535,
        0.09,
        0.3575,
        0.625,
        0.1775,
        0.4475,
        0,
        0.2675,
        0.535,
        0.09,
        0.3575,
        0.625,
        0.1775,
        0.4475,
        0,
        0.2675,
        0.535,
        0.09,
        0.3575,
        0.625,
        0.1775,
        0.4475
    ],
    "ConversionSoftware": "dcm2niix",
    "DwellTime": 2.8e-06,
    "DerivedVendorReportedEchoSpacing": 0.000639989,
    "ImageComments": "Unaliased MB8/PE3 SENSE1",
    "ImagingFrequency": 123.259,
    "InstitutionName": "Warneford Hospital",
    "InstitutionAddress": "Warneford Lane StreetNo,Oxford,District,GB,OX3 7JX",
    "MultibandAccelerationFactor": 8,
    "TotalReadoutTime": 0.055679,
    "EchoTime": 0.039,
    "StationName": "AWP66093",
    "AcquisitionMatrixPE": 88,
    "ConsistencyInfo": "N4_VE11C_LATEST_20160120",
    "RepetitionTime": 0.735,
    "SequenceName": "epfid2d1_88",
    "ImageOrientationText": "Tra>Cor(-18.0)",
    "ProtocolName": "MB8_FMRI_fov210_2.4mm_resting",
    "TxRefAmp": 273.744,
    "Manufacturer": "Siemens",
    "MagneticFieldStrength": 3,
    "PixelBandwidth": 2030,
    "BodyPartExamined": "BRAIN",
    "CoilCombinationMethod": "Sum of Squares",
    "EchoTrainLength": 88,
    "PercentSampling": 100,
    "ManufacturersModelName": "Prisma",
    "PhaseEncodingSteps": 88,
    "SpacingBetweenSlices": 2.4,
    "ImageOrientationPatientDICOM": [
        1,
        0,
        0,
        0,
        0.951057,
        -0.309017
    ],
    "BaseResolution": 88,
    "InstitutionalDepartmentName": "BE3597",
    "MatrixCoilMode": "SENSE",
    "SeriesDescription": "MB8_FMRI_fov210_2.4mm_resting",
    "ReceiveCoilName": "HeadNeck_64",
    "TaskName": "rest",
    "WipMemBlock": "99308949-b0a7-4d5b-8d93-e8490416c7bb||Sequence: R016 ve11c/master r/e634e98; Dec 19 2017 11:00:25 by eja",
    "ScanOptions": "FS",
    "BandwidthPerPixelPhaseEncode": 17.756,
    "PhaseEncodingDirection": "j-",
    "DeviceSerialNumber": "66093",
    "FlipAngle": 52,
    "SoftwareVersions": "syngo MR E11",
    "InPlanePhaseEncodingDirectionDICOM": "COL",
    "AcquisitionNumber": 1,
    "ScanningSequence": "EP",
    "PartialFourier": 1,
    "ReceiveCoilActiveElements": "HC1-7",
    "ImageType": [
        "ORIGINAL",
        "PRIMARY",
        "M",
        "MB",
        "ND",
        "MOSAIC"
    ],
    "SeriesNumber": 8,
    "Modality": "MR",
    "MRAcquisitionType": "2D",
    "ConversionSoftwareVersion": "v1.0.20211006",
    "AcquisitionTime": "11:34:48.850000",
    "EffectiveEchoSpacing": 0.000639989,
    "SAR": 0.0625824
}