{
    "DerivedVendorReportedEchoSpacing": 0.000670015,
    "ManufacturersModelName": "Prisma",
    "ConsistencyInfo": "N4_VE11C_LATEST_20160120",
    "PercentPhaseFOV": 100,
    "DiffusionScheme": "Monopolar",
    "AcquisitionNumber": 1,
    "ShimSetting": [
        4975,
        -11395,
        -1338,
        493,
        31,
        -53,
        -92,
        19
    ],
    "TxRefAmp": 248.808,
    "FlipAngle": 78,
    "AcquisitionTime": "16:29:57.080000",
    "SequenceName": "ep_b5#1",
    "ImageType": [
        "ORIGINAL",
        "PRIMARY",
        "DIFFUSION",
        "NONE",
        "MB",
        "ND",
        "MOSAIC"
    ],
    "EffectiveEchoSpacing": 0.000670015,
    "CoilCombinationMethod": "Sum of Squares",
    "InstitutionalDepartmentName": "BE3597",
    "InPlanePhaseEncodingDirectionDICOM": "COL",
    "ImageComments": "Unaliased MB3/PE3 SENSE1",
    "StationName": "AWP66093",
    "SpacingBetweenSlices": 2,
    "ConversionSoftwareVersion": "v1.0.20211006",
    "PhaseEncodingDirection": "j-",
    "SequenceVariant": "SK\\SS",
    "SeriesNumber": 12,
    "ReceiveCoilName": "HeadNeck_64",
    "InstitutionAddress": "Warneford Lane StreetNo,Oxford,District,GB,OX3 7JX",
    "ProtocolName": "diff_AP_MPopt_MB3_50b1000_50b2000_8b0_lowflip",
    "PhaseResolution": 1,
    "PhaseEncodingSteps": 78,
    "TotalReadoutTime": 0.0690115,
    "ScanningSequence": "EP",
    "PatientPosition": "HFS",
    "InstitutionName": "Warneford Hospital",
    "MagneticFieldStrength": 3,
    "ScanOptions": "PFP\\FS",
    "EchoTrainLength": 78,
    "WipMemBlock": "c37bb1f6-3f79-4403-a833-9b0949498047||Sequence: R016 ve11c/master r/e634e98; Dec 19 2017 11:11:25 by eja",
    "PixelBandwidth": 1780,
    "BandwidthPerPixelPhaseEncode": 14.351,
    "PercentSampling": 100,
    "BodyPartExamined": "BRAIN",
    "SliceThickness": 2,
    "ReceiveCoilActiveElements": "HC1-7",
    "MatrixCoilMode": "SENSE",
    "DwellTime": 2.7e-06,
    "MultibandAccelerationFactor": 3,
    "SliceTiming": [
        0,
        1.6425,
        3.2825,
        1.3425,
        2.985,
        1.045,
        2.685,
        0.7475,
        2.3875,
        0.4475,
        2.09,
        0.15,
        1.79,
        3.4325,
        1.4925,
        3.1325,
        1.195,
        2.835,
        0.895,
        2.5375,
        0.5975,
        2.2375,
        0.3,
        1.94,
        0,
        1.6425,
        3.2825,
        1.3425,
        2.985,
        1.045,
        2.685,
        0.7475,
        2.3875,
        0.4475,
        2.09,
        0.15,
        1.79,
        3.4325,
        1.4925,
        3.1325,
        1.195,
        2.835,
        0.895,
        2.5375,
        0.5975,
        2.2375,
        0.3,
        1.94,
        0,
        1.6425,
        3.2825,
        1.3425,
        2.985,
        1.045,
        2.685,
        0.7475,
        2.3875,
        0.4475,
        2.09,
        0.15,
        1.79,
        3.4325,
        1.4925,
        3.1325,
        1.195,
        2.835,
        0.895,
        2.5375,
        0.5975,
        2.2375,
        0.3,
        1.94
    ],
    "SAR": 0.0896845,
    "SeriesDescription": "diff_AP_MPopt_MB3_50b1000_50b2000_8b0_lowflip",
    "MRAcquisitionType": "2D",
    "RepetitionTime": 3.6,
    "ImageOrientationText": "Tra>Cor(-28.0)>Sag(1.2)",
    "AcquisitionMatrixPE": 104,
    "Modality": "MR",
    "ImagingFrequency": 123.259,
    "BaseResolution": 104,
    "ImageOrientationPatientDICOM": [
        0.999787,
        0.00969392,
        0.018227,
        2.04133e-08,
        0.882898,
        -0.469565
    ],
    "ConversionSoftware": "dcm2niix",
    "Manufacturer": "Siemens",
    "DeviceSerialNumber": "66093",
    "PartialFourier": 0.75,
    "SoftwareVersions": "syngo MR E11",
    "PulseSequenceDetails": "%CustomerSeq%\\cmrr_mbep2d_diff",
    "ReconMatrixPE": 104,
    "EchoTime": 0.092
}