{
    "ImageOrientationPatientDICOM": [
        0.999787,
        0.00969392,
        0.018227,
        2.04133e-08,
        0.882898,
        -0.469565
    ],
    "ImageComments": "Unaliased MB3/PE3 SENSE1",
    "AcquisitionNumber": 1,
    "SliceThickness": 2,
    "StationName": "AWP66093",
    "RepetitionTime": 3.6,
    "AcquisitionTime": "16:29:14.622500",
    "TotalReadoutTime": 0.0690115,
    "PatientPosition": "HFS",
    "ImageOrientationText": "Tra>Cor(-28.0)>Sag(1.2)",
    "DwellTime": 2.7e-06,
    "Manufacturer": "Siemens",
    "ImageType": [
        "ORIGINAL",
        "PRIMARY",
        "DIFFUSION",
        "NONE",
        "MB",
        "ND"
    ],
    "PulseSequenceDetails": "%CustomerSeq%\\cmrr_mbep2d_diff",
    "InstitutionName": "Warneford Hospital",
    "SAR": 0.074479,
    "DeviceSerialNumber": "66093",
    "MatrixCoilMode": "SENSE",
    "PhaseResolution": 1,
    "EchoTrainLength": 78,
    "TxRefAmp": 248.808,
    "ConversionSoftware": "dcm2niix",
    "PhaseEncodingDirection": "j",
    "PhaseEncodingSteps": 78,
    "EchoTime": 0.092,
    "ProtocolName": "diff_PA_MPopt_MB3_3b0_lowflip",
    "Modality": "MR",
    "ConsistencyInfo": "N4_VE11C_LATEST_20160120",
    "EffectiveEchoSpacing": 0.000670015,
    "AcquisitionMatrixPE": 104,
    "SpacingBetweenSlices": 2,
    "SequenceName": "ep_b5#1",
    "ReceiveCoilActiveElements": "HC1-7",
    "ImagingFrequency": 123.259,
    "SeriesDescription": "diff 3dirs b=0 pepolar",
    "InPlanePhaseEncodingDirectionDICOM": "COL",
    "InstitutionalDepartmentName": "BE3597",
    "ScanningSequence": "EP",
    "DerivedVendorReportedEchoSpacing": 0.000670015,
    "WipMemBlock": "8ad71f32-16a7-44d2-acd3-f93740d8930c||Sequence: R016 ve11c/master r/e634e98; Dec 19 2017 11:11:25 by eja",
    "ShimSetting": [
        4975,
        -11395,
        -1338,
        493,
        31,
        -53,
        -92,
        19
    ],
    "BaseResolution": 104,
    "ScanOptions": "PFP\\FS",
    "SequenceVariant": "SK\\SS",
    "CoilCombinationMethod": "Sum of Squares",
    "InstitutionAddress": "Warneford Lane StreetNo,Oxford,District,GB,OX3 7JX",
    "ReceiveCoilName": "HeadNeck_64",
    "MRAcquisitionType": "2D",
    "PixelBandwidth": 1780,
    "FlipAngle": 78,
    "SeriesNumber": 10,
    "DiffusionScheme": "Monopolar",
    "ReconMatrixPE": 104,
    "PercentSampling": 100,
    "PercentPhaseFOV": 100,
    "MagneticFieldStrength": 3,
    "SoftwareVersions": "syngo MR E11",
    "ConversionSoftwareVersion": "v1.0.20211006",
    "MultibandAccelerationFactor": 3,
    "BandwidthPerPixelPhaseEncode": 14.351,
    "BodyPartExamined": "BRAIN",
    "PartialFourier": 0.75,
    "ManufacturersModelName": "Prisma",
    "SliceTiming": [
        0,
        1.64062,
        3.28125,
        1.34375,
        2.98438,
        1.04688,
        2.6875,
        0.75,
        2.39062,
        0.4375,
        2.07812,
        0.14062,
        1.78125,
        3.42188,
        1.48438,
        3.125,
        1.1875,
        2.82812,
        0.89062,
        2.53125,
        0.59375,
        2.23438,
        0.29688,
        1.9375,
        0,
        1.64062,
        3.28125,
        1.34375,
        2.98438,
        1.04688,
        2.6875,
        0.75,
        2.39062,
        0.4375,
        2.07812,
        0.14062,
        1.78125,
        3.42188,
        1.48438,
        3.125,
        1.1875,
        2.82812,
        0.89062,
        2.53125,
        0.59375,
        2.23438,
        0.29688,
        1.9375,
        0,
        1.64062,
        3.28125,
        1.34375,
        2.98438,
        1.04688,
        2.6875,
        0.75,
        2.39062,
        0.4375,
        2.07812,
        0.14062,
        1.78125,
        3.42188,
        1.48438,
        3.125,
        1.1875,
        2.82812,
        0.89062,
        2.53125,
        0.59375,
        2.23438,
        0.29688,
        1.9375
    ]
}