{
    "Modality": "MR",
    "MagneticFieldStrength": 3,
    "ImagingFrequency": 127.804,
    "Manufacturer": "Philips",
    "ManufacturersModelName": "Achieva",
    "InstitutionName": "SPMMRC Nottingham",
    "InstitutionalDepartmentName": "MRI",
    "DeviceSerialNumber": "17057",
    "StationName": "PHILIPS-T6O3EHP",
    "BodyPartExamined": "BRAIN",
    "PatientPosition": "HFS",
    "ProcedureStepDescription": "FMHS-36-1220-03",
    "SoftwareVersions": "5.6.1\\5.6.1.1",
    "MRAcquisitionType": "3D",
    "SeriesDescription": "T1_1mm_sag_raw_data",
    "ProtocolName": "WIP T1_1mm_sag_raw_data",
    "ScanningSequence": "GR",
    "SequenceVariant": "MP",
    "ScanOptions": "OTHER",
    "ImageType": [
        "ORIGINAL",
        "PRIMARY",
        "OTHER",
        "NORM"
    ],
    "SeriesNumber": 201,
    "AcquisitionTime": "12:10:26.230000",
    "AcquisitionNumber": 2,
    "PhilipsRescaleSlope": 3.17363,
    "PhilipsRescaleIntercept": 0,
    "PhilipsScaleSlope": 0.000359958,
    "UsePhilipsFloatNotDisplayScaling": 1,
    "SliceThickness": 1,
    "SpacingBetweenSlices": 1,
    "EchoTime": 0.00317,
    "RepetitionTime": 0.007018,
    "MTState": false,
    "SpoilingState": true,
    "SpoilingType": "COMBINED",
    "FlipAngle": 8,
    "CoilString": "MULTI COIL",
    "PercentPhaseFOV": 100,
    "PercentSampling": 78.5398,
    "EchoTrainLength": 208,
    "PhaseEncodingSteps": 256,
    "AcquisitionMatrixPE": 256,
    "ReconMatrixPE": 256,
    "ParallelReductionFactorInPlane": 2,
    "ParallelAcquisitionTechnique": "SENSE",
    "WaterFatShift": 1.8021,
    "EstimatedEffectiveEchoSpacing": 1.61857e-05,
    "EstimatedTotalReadoutTime": 0.00412736,
    "PixelBandwidth": 241.127,
    "PhaseEncodingAxis": "i",
    "ImageOrientationPatientDICOM": [
        -0.0141485,
        0.999899,
        0.00143647,
        -0.00797258,
        0.00132375,
        -0.999967
    ],
    "InPlanePhaseEncodingDirectionDICOM": "ROW",
    "ConversionSoftware": "dcm2niix",
    "ConversionSoftwareVersion": "v1.0.20211006"
}