{
    "PatientPosition": "HFS",
    "DeviceSerialNumber": "35031",
    "PhaseEncodingDirection": "j",
    "MatrixCoilMode": "SENSE",
    "AcquisitionNumber": 1,
    "SeriesNumber": 10,
    "PhaseEncodingSteps": 78,
    "PixelBandwidth": 1781,
    "FlipAngle": 78,
    "ImagingFrequency": 123.172,
    "SAR": 0.13688,
    "AcquisitionMatrixPE": 104,
    "SliceTiming": [
        0,
        1.65625,
        3.3125,
        1.35938,
        3.01562,
        1.0625,
        2.71875,
        0.76562,
        2.42188,
        0.45312,
        2.10938,
        0.15625,
        1.8125,
        3.46875,
        1.51562,
        3.17188,
        1.21875,
        2.875,
        0.90625,
        2.5625,
        0.60938,
        2.26562,
        0.3125,
        1.96875,
        0,
        1.65625,
        3.3125,
        1.35938,
        3.01562,
        1.0625,
        2.71875,
        0.76562,
        2.42188,
        0.45312,
        2.10938,
        0.15625,
        1.8125,
        3.46875,
        1.51562,
        3.17188,
        1.21875,
        2.875,
        0.90625,
        2.5625,
        0.60938,
        2.26562,
        0.3125,
        1.96875,
        0,
        1.65625,
        3.3125,
        1.35938,
        3.01562,
        1.0625,
        2.71875,
        0.76562,
        2.42188,
        0.45312,
        2.10938,
        0.15625,
        1.8125,
        3.46875,
        1.51562,
        3.17188,
        1.21875,
        2.875,
        0.90625,
        2.5625,
        0.60938,
        2.26562,
        0.3125,
        1.96875
    ],
    "ProcedureStepDescription": "neuro^N18",
    "ScanningSequence": "EP",
    "PhaseResolution": 1,
    "AcquisitionTime": "17:16:41.162500",
    "ScanOptions": "PFP\\FS",
    "CoilCombinationMethod": "Sum of Squares",
    "ReceiveCoilName": "32Ch_Head",
    "EchoTime": 0.0964,
    "BaseResolution": 104,
    "TotalReadoutTime": 0.0710717,
    "SequenceVariant": "SK\\SS",
    "TxRefAmp": 353.991,
    "DwellTime": 2.7e-06,
    "ImageComments": "Unaliased MB3/PE3 SENSE1",
    "InstitutionAddress": "Headley Way sfd,Oxford,Southeast,GB,OX3 9UE",
    "InstitutionName": "John Radcliffe Hospital",
    "RepetitionTime": 3.6,
    "SoftwareVersions": "syngo MR B17",
    "PartialFourier": 0.75,
    "ConversionSoftwareVersion": "v1.0.20211006",
    "Modality": "MR",
    "Manufacturer": "Siemens",
    "SliceThickness": 2,
    "EffectiveEchoSpacing": 0.000690017,
    "ManufacturersModelName": "TrioTim",
    "ImageOrientationPatientDICOM": [
        1,
        -2e-16,
        0,
        2e-16,
        0.896486,
        -0.443071
    ],
    "MultibandAccelerationFactor": 3,
    "MagneticFieldStrength": 3,
    "StationName": "MRC35031",
    "ImageOrientationText": "Tra>Cor(-26.3)",
    "CoilString": "C:HEA;HEP",
    "PercentPhaseFOV": 100,
    "SequenceName": "epse2d1_104",
    "SeriesDescription": "diff 4dirs b=0 pepolar",
    "ShimSetting": [
        -1752,
        -11424,
        7634,
        731,
        86,
        99,
        183,
        -203
    ],
    "InPlanePhaseEncodingDirectionDICOM": "COL",
    "ProtocolName": "diff_PA_MPopt_MB3_3b0_lowflip",
    "ReconMatrixPE": 104,
    "DerivedVendorReportedEchoSpacing": 0.000690017,
    "PercentSampling": 100,
    "SpacingBetweenSlices": 2,
    "InstitutionalDepartmentName": "OCMR2",
    "ConversionSoftware": "dcm2niix",
    "ImageType": [
        "ORIGINAL",
        "PRIMARY",
        "M",
        "MB",
        "ND"
    ],
    "MRAcquisitionType": "2D",
    "PulseSequenceDetails": "%CustomerSeq%\\cmrr_mbep2d_diff",
    "BandwidthPerPixelPhaseEncode": 13.935
}