{
    "Modality": "MR",
    "MagneticFieldStrength": 3,
    "ImagingFrequency": 123.256,
    "Manufacturer": "Siemens",
    "ManufacturersModelName": "Prisma",
    "InstitutionName": "The John Radcliffe",
    "InstitutionalDepartmentName": "Department",
    "InstitutionAddress": "Headley Way StreetNo,Oxford,District,GB,OX3 9DU",
    "DeviceSerialNumber": "66050",
    "StationName": "AWP66050",
    "BodyPartExamined": "HEAD",
    "PatientPosition": "HFS",
    "SoftwareVersions": "syngo MR E11",
    "MRAcquisitionType": "3D",
    "SeriesDescription": "T1_p2_1mm_fov256_sag_TI_880",
    "ProtocolName": "T1_p2_1mm_fov256_sag_TI_880",
    "ScanningSequence": "GR\\IR",
    "SequenceVariant": "SK\\SP\\MP\\OSP",
    "ScanOptions": "IR",
    "SequenceName": "*tfl3d1_16ns",
    "ImageType": [
        "ORIGINAL",
        "PRIMARY",
        "OTHER",
        "NORM"
    ],
    "SeriesNumber": 6,
    "AcquisitionTime": "13:17:10.665000",
    "AcquisitionNumber": 1,
    "SliceThickness": 1,
    "SAR": 0.0656746,
    "EchoTime": 0.00203,
    "RepetitionTime": 2,
    "SpoilingState": true,
    "InversionTime": 0.88,
    "FlipAngle": 8,
    "PartialFourier": 1,
    "BaseResolution": 256,
    "ShimSetting": [
        334,
        -11558,
        1656,
        298,
        45,
        -274,
        41,
        16
    ],
    "TxRefAmp": 260.712,
    "PhaseResolution": 1,
    "PhaseOversampling": 0.05,
    "ReceiveCoilName": "Head_32",
    "ReceiveCoilActiveElements": "HEA;HEP",
    "PulseSequenceDetails": "%SiemensSeq%\\tfl",
    "RefLinesPE": 24,
    "CoilCombinationMethod": "Adaptive Combine",
    "ConsistencyInfo": "N4_VE11C_LATEST_20160120",
    "MatrixCoilMode": "GRAPPA",
    "PercentPhaseFOV": 100,
    "PercentSampling": 100,
    "PhaseEncodingSteps": 269,
    "AcquisitionMatrixPE": 256,
    "ReconMatrixPE": 256,
    "ParallelReductionFactorInPlane": 2,
    "PixelBandwidth": 240,
    "DwellTime": 8.2e-06,
    "ImageOrientationPatientDICOM": [
        -0.0309684,
        0.998346,
        -0.0484443,
        0.0499408,
        -0.0468615,
        -0.997652
    ],
    "ImageOrientationText": "Sag>Tra(-2.8)>Cor(-1.9)",
    "InPlanePhaseEncodingDirectionDICOM": "ROW",
    "ConversionSoftware": "dcm2niix",
    "ConversionSoftwareVersion": "v1.0.20211006"
}