{
    "ProcedureStepDescription": "H14082014_47",
    "ConversionSoftwareVersion": "v1.0.20211006",
    "PercentSampling": 100,
    "FlipAngle": 80,
    "PhilipsRescaleSlope": 1.21587,
    "PhaseEncodingDirection": "j",
    "MTState": false,
    "UsePhilipsFloatNotDisplayScaling": 1,
    "ManufacturersModelName": "Achieva",
    "BodyPartExamined": "BRAIN",
    "Manufacturer": "Philips",
    "SeriesNumber": 1201,
    "AcquisitionMatrixPE": 95,
    "RepetitionTime": 2,
    "PhaseEncodingAxis": "j",
    "InstitutionName": "SPMMRC Nottingham",
    "InstitutionalDepartmentName": "MRI",
    "ProtocolName": "WIP blipP_rs-fmri_singleMB4_HF0.8",
    "TotalReadoutTime": 0.0574876,
    "EstimatedEffectiveEchoSpacing": 0.000605133,
    "ImagingFrequency": 127.805,
    "AcquisitionNumber": 12,
    "EchoTrainLength": 95,
    "SequenceVariant": "SK",
    "PhilipsScaleSlope": 0.00260465,
    "PhilipsRescaleIntercept": 0,
    "ConversionSoftware": "dcm2niix",
    "SpacingBetweenSlices": 2.4,
    "EstimatedTotalReadoutTime": 0.0574876,
    "AcquisitionTime": "18:18:6.050000",
    "SeriesDescription": "blipP_rs-fmri_singleMB4_HF0.8",
    "SoftwareVersions": "5.3.0\\5.3.0.3",
    "ParallelAcquisitionTechnique": "SENSE",
    "SliceThickness": 2.4,
    "MRAcquisitionType": "2D",
    "IntendedFor": "ses-NOT1ACH001/func/sub-14230_ses-NOT1ACH001_task-rest_bold.nii.gz",
    "PercentPhaseFOV": 100,
    "EffectiveEchoSpacing": 0.000605133,
    "PixelBandwidth": 2339.41,
    "Modality": "MR",
    "PhaseEncodingSteps": 95,
    "ReconMatrixPE": 96,
    "ScanOptions": "FS",
    "MagneticFieldStrength": 3,
    "PatientPosition": "HFS",
    "WaterFatShift": 25.2434,
    "EchoTime": 0.09,
    "StationName": "PHILIPS-T6O3EHP",
    "InPlanePhaseEncodingDirectionDICOM": "COL",
    "B0FieldIdentifier": "pepolar_fmap0",
    "DeviceSerialNumber": "17057",
    "ScanningSequence": "SE",
    "ImageType": [
        "ORIGINAL",
        "PRIMARY",
        "T2",
        "NONE"
    ],
    "ImageOrientationPatientDICOM": [
        0.999992,
        0.00344617,
        0.00182052,
        -0.00342699,
        0.99994,
        -0.010438
    ],
    "CoilString": "MULTI COIL"
}