{
  "Modality": "MR",
  "MagneticFieldStrength": 3,
  "ImagingFrequency": 127.749,
  "Manufacturer": "Philips",
  "ManufacturersModelName": "Ingenia",
  "InstitutionName": "Nottingham University",
  "InstitutionalDepartmentName": "SPMIC",
  "InstitutionAddress": "University Park",
  "DeviceSerialNumber": "71459",
  "StationName": "HOST-2ADB2S6FDM",
  "BodyPartExamined": "BRAIN",
  "PatientPosition": "HFS",
  "ProcedureStepDescription": "FMHS4520122",
  "SoftwareVersions": "5.6.1\\5.6.1.0",
  "MRAcquisitionType": "2D",
  "SeriesDescription": "rs-fmri_singleMB4",
  "ProtocolName": "rs-fmri_singleMB4",
  "ScanningSequence": "GR",
  "SequenceVariant": "SK",
  "ScanOptions": "FS",
  "ImageType": [
    "ORIGINAL",
    "PRIMARY",
    "M",
    "FFE",
    "M",
    "FFE"
  ],
  "SeriesNumber": 801,
  "AcquisitionTime": "15:33:24.510000",
  "AcquisitionNumber": 8,
  "PhilipsRWVSlope": 0.878388,
  "PhilipsRWVIntercept": 0,
  "PhilipsRescaleSlope": 0.878388,
  "PhilipsRescaleIntercept": 0,
  "PhilipsScaleSlope": 0.0424647,
  "UsePhilipsFloatNotDisplayScaling": 0,
  "SliceThickness": 2.4,
  "SpacingBetweenSlices": 2.4,
  "SAR": 0.0601758,
  "EchoTime": 0.039,
  "RepetitionTime": 1.45,
  "MTState": false,
  "FlipAngle": 71,
  "CoilString": "MULTI COIL",
  "PercentPhaseFOV": 100,
  "PercentSampling": 100,
  "EchoTrainLength": 63,
  "PhaseEncodingSteps": 95,
  "AcquisitionMatrixPE": 95,
  "ReconMatrixPE": 96,
  "ParallelReductionFactorInPlane": 1.5,
  "ParallelAcquisitionTechnique": "MBSENSE",
  "ParallelReductionOutOfPlane": 4,
  "WaterFatShift": 17.068,
  "EstimatedEffectiveEchoSpacing": 0.000407179,
  "EstimatedTotalReadoutTime": 0.038682,
  "PixelBandwidth": 2246,
  "PhaseEncodingAxis": "j",
  "ImageOrientationPatientDICOM": [
    0.998499,
    -0.00297208,
    0.0546825,
    0.00955596,
    0.992663,
    -0.120539
  ],
  "InPlanePhaseEncodingDirectionDICOM": "COL",
  "ConversionSoftware": "dcm2niix",
  "ConversionSoftwareVersion": "v1.0.20211006",
  "PhaseEncodingDirection": "j",
  "EffectiveEchoSpacing": 0.000407179,
  "B0FieldSource": "pepolar_fmap0",
  "TaskName": "rest",
  "TotalReadoutTime": 0.038682
}