{
  "Modality": "MR",
  "MagneticFieldStrength": 3,
  "ImagingFrequency": 127.708,
  "Manufacturer": "GE",
  "InternalPulseSequenceName": "EPI2",
  "ManufacturersModelName": "SIGNA Premier",
  "InstitutionName": "OCMR MR6",
  "DeviceSerialNumber": "00000070328MRS06",
  "StationName": "GEMRI",
  "BodyPartExamined": "BRAIN",
  "PatientPosition": "HFS",
  "SoftwareVersions": "29\\LX\\RX29.1_R02_2131.a",
  "MRAcquisitionType": "2D",
  "SeriesDescription": "DW EPI_revpol",
  "ProtocolName": "NeuroHarmony_Stam",
  "ScanningSequence": "EP\\SE",
  "SequenceVariant": "NONE",
  "ScanOptions": "CL_GEMS\\SAT_GEMS\\EDR_GEMS\\EPI_GEMS\\HYPERBAND_GEMS\\ACC_GEMS\\PFF\\FS",
  "ImageType": [
    "ORIGINAL",
    "PRIMARY",
    "OTHER",
    "NORM"
  ],
  "SeriesNumber": 6,
  "AcquisitionTime": "12:00:41.000000",
  "AcquisitionNumber": 1,
  "SliceThickness": 2,
  "SpacingBetweenSlices": 2,
  "SAR": 0.0867743,
  "EchoTime": 0.0698,
  "RepetitionTime": 8,
  "FlipAngle": 90,
  "PhaseEncodingPolarityGE": "Flipped",
  "CoilString": "21HN",
  "MultibandAccelerationFactor": 2,
  "PercentPhaseFOV": 100,
  "PercentSampling": 100,
  "AcquisitionMatrixPE": 104,
  "ReconMatrixPE": 104,
  "ParallelReductionFactorInPlane": 2,
  "EffectiveEchoSpacing": 0.000332738,
  "TotalReadoutTime": 0.034272,
  "PixelBandwidth": 4807.69,
  "PhaseEncodingDirection": "j",
  "ImageOrientationPatientDICOM": [
    1,
    0,
    0,
    0,
    0.999192,
    -0.0401914
  ],
  "InPlanePhaseEncodingDirectionDICOM": "COL",
  "ConversionSoftware": "dcm2niix",
  "ConversionSoftwareVersion": "v1.0.20211006"
}