{
    "AcquisitionMatrixPE": 256,
    "ImagingFrequency": 127.804,
    "Modality": "MR",
    "ParallelReductionFactorInPlane": 2.6,
    "PhilipsScaleSlope": 0.000117546,
    "PhilipsRescaleSlope": 5.50037,
    "Manufacturer": "Philips",
    "ConversionSoftware": "dcm2niix",
    "SeriesNumber": 301,
    "ManufacturersModelName": "Achieva",
    "ParallelAcquisitionTechnique": "SENSE",
    "ProcedureStepDescription": "H14082014_47",
    "PhaseEncodingAxis": "i",
    "MRAcquisitionType": "3D",
    "ScanOptions": "FS",
    "InversionTime": 1.65,
    "AcquisitionTime": "14:38:43.650000",
    "EstimatedTotalReadoutTime": 0.000763803,
    "PercentPhaseFOV": 100,
    "ImageOrientationPatientDICOM": [
        -0.00356428,
        0.999992,
        0.0016501,
        -0.0217138,
        0.00157233,
        -0.999763
    ],
    "EchoTrainLength": 182,
    "AcquisitionNumber": 3,
    "SeriesDescription": "T2_FLAIR_1mm",
    "UsePhilipsFloatNotDisplayScaling": 1,
    "ScanningSequence": "IR",
    "PhaseEncodingSteps": 256,
    "ParallelReductionOutOfPlane": 2,
    "ImageType": [
        "ORIGINAL",
        "PRIMARY",
        "OTHER",
        "NORM"
    ],
    "InPlanePhaseEncodingDirectionDICOM": "ROW",
    "MTState": false,
    "MagneticFieldStrength": 3,
    "PercentSampling": 78.5398,
    "RepetitionTime": 5,
    "SequenceVariant": "SK",
    "NumberOfAverages": 2,
    "InstitutionName": "SPMMRC Nottingham",
    "PixelBandwidth": 1302.08,
    "BodyPartExamined": "BRAIN",
    "WaterFatShift": 0.333723,
    "DeviceSerialNumber": "17057",
    "SpacingBetweenSlices": 1.05,
    "EstimatedEffectiveEchoSpacing": 2.99531e-06,
    "ConversionSoftwareVersion": "v1.0.20211006",
    "EchoTime": 0.288356,
    "CoilString": "MULTI COIL",
    "SoftwareVersions": "5.3.0\\5.3.0.3",
    "ProtocolName": "WIP T2_FLAIR_1mm",
    "SliceThickness": 1.05,
    "PhilipsRescaleIntercept": 0,
    "ReconMatrixPE": 256,
    "PatientPosition": "HFS",
    "StationName": "PHILIPS-T6O3EHP",
    "FlipAngle": 90,
    "InstitutionalDepartmentName": "MRI"
}