{
  "Modality": "MR",
  "MagneticFieldStrength": 3,
  "ImagingFrequency": 127.749,
  "Manufacturer": "Philips",
  "ManufacturersModelName": "Ingenia",
  "InstitutionName": "Nottingham University",
  "InstitutionalDepartmentName": "SPMIC",
  "InstitutionAddress": "University Park",
  "DeviceSerialNumber": "71459",
  "StationName": "HOST-2ADB2S6FDM",
  "BodyPartExamined": "BRAIN",
  "PatientPosition": "HFS",
  "ProcedureStepDescription": "FMHS4520122",
  "SoftwareVersions": "5.6.1\\5.6.1.0",
  "MRAcquisitionType": "3D",
  "SeriesDescription": "T2_FLAIR_1mm",
  "ProtocolName": "T2_FLAIR_1mm",
  "ScanningSequence": "IR",
  "SequenceVariant": "SK",
  "ScanOptions": "FS",
  "ImageType": [
    "ORIGINAL",
    "PRIMARY",
    "T2",
    "NONE",
    "NORM"
  ],
  "SeriesNumber": 301,
  "AcquisitionTime": "14:15:23.880000",
  "AcquisitionNumber": 3,
  "PhilipsRescaleSlope": 4.57118,
  "PhilipsRescaleIntercept": 0,
  "PhilipsScaleSlope": 0.00252974,
  "UsePhilipsFloatNotDisplayScaling": 0,
  "SliceThickness": 1.05,
  "SpacingBetweenSlices": 1.05,
  "NumberOfAverages": 2,
  "EchoTime": 0.32818,
  "RepetitionTime": 5,
  "MTState": false,
  "InversionTime": 1.65,
  "FlipAngle": 90,
  "CoilString": "MULTI COIL",
  "PercentPhaseFOV": 100,
  "PercentSampling": 78.5398,
  "EchoTrainLength": 182,
  "PhaseEncodingSteps": 256,
  "AcquisitionMatrixPE": 256,
  "ReconMatrixPE": 256,
  "ParallelReductionFactorInPlane": 2.6,
  "ParallelAcquisitionTechnique": "SENSE",
  "ParallelReductionOutOfPlane": 2,
  "WaterFatShift": 0.453675,
  "EstimatedEffectiveEchoSpacing": 4.0737e-06,
  "EstimatedTotalReadoutTime": 0.00103879,
  "PixelBandwidth": 957.396,
  "PhaseEncodingAxis": "i",
  "ImageOrientationPatientDICOM": [
    0.029604,
    0.999562,
    0.000310324,
    -0.000220262,
    0.000316983,
    -1
  ],
  "InPlanePhaseEncodingDirectionDICOM": "ROW",
  "ConversionSoftware": "dcm2niix",
  "ConversionSoftwareVersion": "v1.0.20211006",
  "TotalReadoutTime": 0.00103879
}