{
    "PhaseEncodingStepsNoPartialFourier": 95,
    "SequenceVariant": "SK",
    "PhaseEncodingAxis": "j",
    "ProcedureStepDescription": "H14082014/47",
    "AcquisitionNumber": 8,
    "ImageType": [
        "ORIGINAL",
        "PRIMARY",
        "M",
        "FFE",
        "M",
        "FFE"
    ],
    "AcquisitionMatrixPE": 95,
    "InstitutionalDepartmentName": "MRI",
    "PhilipsScaleSlope": 0.00202423,
    "ConversionSoftwareVersion": "v1.0.20211006",
    "MRAcquisitionType": "2D",
    "DeviceSerialNumber": "17057",
    "PatientPosition": "HFS",
    "PercentSampling": 100,
    "AcquisitionTime": "11:46:16.160000",
    "PhilipsRescaleIntercept": 0,
    "EstimatedEffectiveEchoSpacing": 0.000615601,
    "BodyPartExamined": "BRAIN",
    "ReconMatrixPE": 96,
    "ImagingFrequency": 127.804,
    "PercentPhaseFOV": 100,
    "SoftwareVersions": "5.3.0\\5.3.0.3",
    "Modality": "MR",
    "PhilipsRescaleSlope": 0.908181,
    "InstitutionName": "SPMMRC Nottingham",
    "PixelBandwidth": 2309,
    "ManufacturersModelName": "Achieva",
    "B0FieldSource": "pepolar_fmap0",
    "ImageOrientationPatientDICOM": [
        0.98678,
        -0.154318,
        0.0495124,
        0.154469,
        0.987997,
        0.000776798
    ],
    "RepetitionTime": 1.15,
    "SeriesNumber": 801,
    "TaskName": "rest",
    "WaterFatShift": 25.68,
    "PartialFourierDirection": "PHASE",
    "SAR": 0.0227829,
    "InPlanePhaseEncodingDirectionDICOM": "COL",
    "EstimatedTotalReadoutTime": 0.0584821,
    "ScanOptions": "FS",
    "SeriesDescription": "rs-fmri_singleMB4_HF0.8",
    "ConversionSoftware": "dcm2niix",
    "StationName": "PHILIPS-T6O3EHP",
    "ProtocolName": "WIP rs-fmri_singleMB4_HF0.8",
    "EffectiveEchoSpacing": 0.000615601,
    "EchoTime": 0.039,
    "SliceThickness": 2.4,
    "ScanningSequence": "GR",
    "EchoTrainLength": 95,
    "MTState": false,
    "Manufacturer": "Philips",
    "ParallelAcquisitionTechnique": "SENSE",
    "FlipAngle": 65,
    "SpacingBetweenSlices": 2.4,
    "UsePhilipsFloatNotDisplayScaling": 1,
    "PhaseEncodingDirection": "j",
    "PartialFourierEnabled": "YES",
    "TotalReadoutTime": 0.0584821,
    "MagneticFieldStrength": 3,
    "CoilString": "MULTI COIL"
}