{
	"Modality": "MR",
	"MagneticFieldStrength": 3,
	"ImagingFrequency": 127.805,
	"Manufacturer": "Philips",
	"ManufacturersModelName": "Achieva",
	"InstitutionName": "SPMMRC Nottingham",
	"InstitutionalDepartmentName": "MRI",
	"DeviceSerialNumber": "17057",
	"StationName": "PHILIPS-T6O3EHP",
	"BodyPartExamined": "BRAIN",
	"PatientPosition": "HFS",
	"ProcedureStepDescription": "H1408201447",
	"SoftwareVersions": "5.6.1\\5.6.1.1",
	"MRAcquisitionType": "3D",
	"SeriesDescription": "SWI_3mm_tra",
	"ProtocolName": "SWI_3mm_tra",
	"ScanningSequence": "GR",
	"SequenceVariant": "SP",
	"ScanOptions": "FC",
	"ImageType": ["ORIGINAL", "PRIMARY", "T1", "MIXED"],
	"SeriesNumber": 2001,
	"AcquisitionTime": "16:27:10.670000",
	"AcquisitionNumber": 20,
	"PhilipsRWVSlope": 1.60098,
	"PhilipsRWVIntercept": 0,
	"PhilipsRescaleSlope": 1.60098,
	"PhilipsRescaleIntercept": 0,
	"PhilipsScaleSlope": 0.00015629,
	"UsePhilipsFloatNotDisplayScaling": 1,
	"SliceThickness": 3,
	"SpacingBetweenSlices": 3,
	"EchoNumber": 2,
	"EchoTime": 0.02,
	"RepetitionTime": 0.027,
	"MTState": false,
	"SpoilingState": true,
	"SpoilingType": "COMBINED",
	"FlipAngle": 15,
	"CoilString": "MULTI COIL",
	"PercentPhaseFOV": 88.8889,
	"PercentSampling": 78.233,
	"EchoTrainLength": 2,
	"PhaseEncodingSteps": 286,
	"AcquisitionMatrixPE": 286,
	"ReconMatrixPE": 288,
	"ParallelReductionFactorInPlane": 2,
	"ParallelAcquisitionTechnique": "SENSE",
	"WaterFatShift": 3.00351,
	"EstimatedEffectiveEchoSpacing": 1.60558e-05,
	"EstimatedTotalReadoutTime": 0.004608,
	"PixelBandwidth": 144.676,
	"PhaseEncodingAxis": "i",
	"ImageOrientationPatientDICOM": [
		0.992692,
		0.00359926,
		-0.12062,
		-0.00338332,
		0.999992,
		0.00199501	],
	"InPlanePhaseEncodingDirectionDICOM": "ROW",
	"ConversionSoftware": "dcm2niix",
	"ConversionSoftwareVersion": "v1.0.20211006"
}
