{
    "ImageOrientationPatientDICOM": [
        -0.0248603,
        0.997303,
        -0.0690589,
        0.00751665,
        -0.0688918,
        -0.997596
    ],
    "SpoilingState": true,
    "BaseResolution": 256,
    "CoilCombinationMethod": "Adaptive Combine",
    "PatientPosition": "HFS",
    "InstitutionalDepartmentName": "Department",
    "PulseSequenceDetails": "%SiemensSeq%\\tse_vfl",
    "PixelBandwidth": 780,
    "StationName": "AWP66050",
    "SoftwareVersions": "syngo MR E11",
    "ConsistencyInfo": "N4_VE11C_LATEST_20160120",
    "AcquisitionTime": "11:53:18.912500",
    "ReconMatrixPE": 256,
    "PercentSampling": 100,
    "ParallelReductionFactorInPlane": 2,
    "EchoTrainLength": 258,
    "PhaseEncodingSteps": 215,
    "EchoTime": 0.397,
    "ImageType": [
        "ORIGINAL",
        "PRIMARY",
        "OTHER",
        "NORM"
    ],
    "ProtocolName": "t2_flair_sag_p2_1mm_FS_ellip_pf78",
    "MRAcquisitionType": "3D",
    "FlipAngle": 120,
    "ScanOptions": "IR\\PFP\\FS",
    "InstitutionAddress": "Headley Way StreetNo,Oxford,District,GB,OX3 9DU",
    "ConversionSoftware": "dcm2niix",
    "DeviceSerialNumber": "66050",
    "ReceiveCoilActiveElements": "HEA;HEP",
    "DwellTime": 2.5e-06,
    "InPlanePhaseEncodingDirectionDICOM": "ROW",
    "SeriesNumber": 10,
    "SeriesDescription": "t2_flair_sag_p2_1mm_FS_ellip_pf78",
    "PartialFourier": 1,
    "SequenceVariant": "SK\\SP\\MP",
    "PhaseEncodingDirection": "i",
    "PhaseResolution": 1,
    "ReceiveCoilName": "Head_32",
    "AcquisitionMatrixPE": 256,
    "Manufacturer": "Siemens",
    "Modality": "MR",
    "InversionTime": 1.8,
    "MagneticFieldStrength": 3,
    "ConversionSoftwareVersion": "v1.0.20211006",
    "TxRefAmp": 235.937,
    "RepetitionTime": 5,
    "ShimSetting": [
        336,
        -11566,
        1650,
        130,
        255,
        -119,
        244,
        10
    ],
    "PercentPhaseFOV": 100,
    "MatrixCoilMode": "GRAPPA",
    "ImagingFrequency": 123.227,
    "SequenceName": "*spcir_284ns",
    "RefLinesPE": 24,
    "InstitutionName": "The John Radcliffe",
    "SliceThickness": 1.05,
    "SAR": 0.0922054,
    "ImageOrientationText": "Sag>Cor(-1.5)>Tra(-0.3)",
    "ManufacturersModelName": "Prisma",
    "ScanningSequence": "SE\\IR",
    "AcquisitionNumber": 1,
    "BodyPartExamined": "HEAD"
}