{
    "SliceThickness": 2.4,
    "ScanOptions": "FS",
    "PercentPhaseFOV": 100,
    "PhilipsRescaleSlope": 0.839072,
    "PhaseEncodingStepsNoPartialFourier": 95,
    "AcquisitionTime": "15:18:29.420000",
    "RepetitionTime": 1.15,
    "UsePhilipsFloatNotDisplayScaling": 1,
    "SeriesDescription": "rs-fmri_singleMB4_HF0.8",
    "ScanningSequence": "GR",
    "WaterFatShift": 25.388,
    "ConversionSoftwareVersion": "v1.0.20211006",
    "EstimatedTotalReadoutTime": 0.057817,
    "MagneticFieldStrength": 3,
    "ConversionSoftware": "dcm2niix",
    "FlipAngle": 65,
    "InstitutionalDepartmentName": "MRI",
    "InPlanePhaseEncodingDirectionDICOM": "COL",
    "ManufacturersModelName": "Achieva",
    "PhaseEncodingDirection": "j",
    "MRAcquisitionType": "2D",
    "PhaseEncodingAxis": "j",
    "ReconMatrixPE": 96,
    "TotalReadoutTime": 0.057817,
    "Modality": "MR",
    "EffectiveEchoSpacing": 0.0006086,
    "EstimatedEffectiveEchoSpacing": 0.0006086,
    "ParallelAcquisitionTechnique": "MBSENSE",
    "InstitutionName": "SPMMRC Nottingham",
    "CoilString": "MULTI COIL",
    "SAR": 0.0227829,
    "ParallelReductionOutOfPlane": 4,
    "MTState": false,
    "PhilipsRWVIntercept": 0,
    "PhilipsRescaleIntercept": 0,
    "Manufacturer": "Philips",
    "ProcedureStepDescription": "H1408201447",
    "ImagingFrequency": 127.805,
    "AcquisitionMatrixPE": 95,
    "PartialFourierEnabled": "YES",
    "DeviceSerialNumber": "17057",
    "ProtocolName": "WIP rs-fmri_singleMB4_HF0.8",
    "TaskName": "rest",
    "B0FieldSource": "pepolar_fmap0",
    "PatientPosition": "HFS",
    "PhilipsRWVSlope": 0.839072,
    "PhilipsScaleSlope": 0.00152801,
    "PartialFourierDirection": "PHASE",
    "StationName": "PHILIPS-T6O3EHP",
    "PercentSampling": 100,
    "PixelBandwidth": 2327,
    "EchoTrainLength": 95,
    "SoftwareVersions": "5.6.1\\5.6.1.1",
    "SeriesNumber": 1401,
    "EchoTime": 0.039001,
    "SequenceVariant": "SK",
    "ImageOrientationPatientDICOM": [
        0.998681,
        0.00359926,
        0.0512233,
        -0.00367507,
        0.999992,
        0.00138591
    ],
    "BodyPartExamined": "BRAIN",
    "AcquisitionNumber": 14,
    "ImageType": [
        "ORIGINAL",
        "PRIMARY",
        "M",
        "FFE",
        "M",
        "FFE"
    ],
    "SpacingBetweenSlices": 2.4
}