{
    "ScanningSequence": "SE\\IR",
    "TxRefAmp": 273.744,
    "SequenceName": "*spcir_284ns",
    "ReceiveCoilActiveElements": "HC1-7",
    "StationName": "AWP66093",
    "BaseResolution": 256,
    "SequenceVariant": "SK\\SP\\MP",
    "PhaseResolution": 1,
    "PulseSequenceDetails": "%SiemensSeq%\\tse_vfl",
    "ImageType": [
        "ORIGINAL",
        "PRIMARY",
        "OTHER",
        "NORM"
    ],
    "InstitutionName": "Warneford Hospital",
    "ConversionSoftware": "dcm2niix",
    "PhaseEncodingSteps": 215,
    "Modality": "MR",
    "AcquisitionTime": "11:41:48.422500",
    "DwellTime": 2.5e-06,
    "SliceThickness": 1.05,
    "InstitutionAddress": "Warneford Lane StreetNo,Oxford,District,GB,OX3 7JX",
    "ReconMatrixPE": 256,
    "FlipAngle": 120,
    "ConsistencyInfo": "N4_VE11C_LATEST_20160120",
    "PixelBandwidth": 780,
    "PatientPosition": "HFS",
    "ProtocolName": "t2_flair_sag_p2_1mm_FS_ellip_pf78",
    "ScanOptions": "IR\\PFP\\FS",
    "DeviceSerialNumber": "66093",
    "Manufacturer": "Siemens",
    "InPlanePhaseEncodingDirectionDICOM": "ROW",
    "ManufacturersModelName": "Prisma",
    "BodyPartExamined": "BRAIN",
    "AcquisitionNumber": 1,
    "ParallelReductionFactorInPlane": 2,
    "PartialFourier": 1,
    "EchoTime": 0.397,
    "ImagingFrequency": 123.259,
    "MRAcquisitionType": "3D",
    "PercentSampling": 100,
    "AcquisitionMatrixPE": 256,
    "ImageOrientationText": "Sag",
    "RefLinesPE": 24,
    "ReceiveCoilName": "HeadNeck_64",
    "SpoilingState": true,
    "MagneticFieldStrength": 3,
    "InversionTime": 1.8,
    "CoilCombinationMethod": "Adaptive Combine",
    "PercentPhaseFOV": 100,
    "PhaseEncodingDirection": "i",
    "EchoTrainLength": 258,
    "RepetitionTime": 5,
    "ConversionSoftwareVersion": "v1.0.20211006",
    "ImageOrientationPatientDICOM": [
        0,
        1,
        0,
        0,
        0,
        -1
    ],
    "SoftwareVersions": "syngo MR E11",
    "SeriesDescription": "t2_flair_sag_p2_1mm_FS_ellip_pf78",
    "ShimSetting": [
        4966,
        -11414,
        -1413,
        342,
        -48,
        -462,
        38,
        -34
    ],
    "InstitutionalDepartmentName": "BE3597",
    "MatrixCoilMode": "GRAPPA",
    "SeriesNumber": 10,
    "SAR": 0.113386
}