{
    "TxRefAmp": 316.507,
    "SeriesNumber": 8,
    "ScanOptions": "IR\\PFP\\FS",
    "PulseSequenceDetails": "%SiemensSeq%\\tse_vfl",
    "BaseResolution": 256,
    "ShimSetting": [
        -1788,
        -11467,
        7539,
        1055,
        -80,
        -123,
        240,
        -239
    ],
    "ConversionSoftware": "dcm2niix",
    "SequenceVariant": "SK\\SP\\MP",
    "Modality": "MR",
    "PatientPosition": "HFS",
    "DwellTime": 2.5e-06,
    "SliceThickness": 1.05,
    "PhaseEncodingSteps": 238,
    "MRAcquisitionType": "3D",
    "PhaseResolution": 1.00781,
    "EchoTrainLength": 141,
    "ProtocolName": "t2_flair_sag_p2_1mm_FS_ellip_pf78",
    "SeriesDescription": "t2_flair_sag_p2_1mm_FS_ellip_pf78",
    "FlipAngle": 120,
    "PartialFourier": 1,
    "ReconMatrixPE": 256,
    "ScanningSequence": "SE\\IR",
    "ParallelReductionFactorInPlane": 2,
    "PixelBandwidth": 781,
    "InstitutionName": "John Radcliffe Hospital",
    "InPlanePhaseEncodingDirectionDICOM": "ROW",
    "InversionTime": 1.8,
    "MatrixCoilMode": "GRAPPA",
    "PercentPhaseFOV": 100,
    "ImageOrientationPatientDICOM": [
        0.0320304,
        0.995978,
        0.0836746,
        -0.00606325,
        0.0839097,
        -0.996455
    ],
    "InstitutionAddress": "Headley Way sfd,Oxford,Southeast,GB,OX3 9UE",
    "PercentSampling": 100.781,
    "StationName": "MRC35031",
    "DeviceSerialNumber": "35031",
    "AcquisitionMatrixPE": 258,
    "ImagingFrequency": 123.173,
    "CoilString": "C:HEA;HEP",
    "SAR": 0.190638,
    "AcquisitionTime": "15:05:38.502500",
    "SpoilingState": true,
    "MagneticFieldStrength": 3,
    "CoilCombinationMethod": "Adaptive Combine",
    "ImageType": [
        "ORIGINAL",
        "PRIMARY",
        "OTHER",
        "NORM"
    ],
    "PhaseEncodingDirection": "i",
    "AcquisitionNumber": 1,
    "InstitutionalDepartmentName": "OCMR2",
    "RefLinesPE": 24,
    "ManufacturersModelName": "TrioTim",
    "Manufacturer": "Siemens",
    "EchoTime": 0.396,
    "ReceiveCoilName": "32Ch_Head",
    "SoftwareVersions": "syngo MR B17",
    "ImageOrientationText": "Sag>Cor(1.8)>Tra(0.5)",
    "ProcedureStepDescription": "neuro^N18",
    "SequenceName": "*spcir3d1_282ns",
    "ConversionSoftwareVersion": "v1.0.20211006",
    "RepetitionTime": 5
}