{
    "SAR": 0.0931943,
    "AcquisitionMatrixPE": 256,
    "InversionTime": 1.8,
    "ConsistencyInfo": "N4_VE11C_LATEST_20160120",
    "ProtocolName": "t2_flair_sag_p2_1mm_FS_ellip_pf78",
    "PixelBandwidth": 780,
    "ShimSetting": [
        4945,
        -11459,
        -1386,
        186,
        -79,
        -552,
        54,
        51
    ],
    "DeviceSerialNumber": "66093",
    "MRAcquisitionType": "3D",
    "InstitutionAddress": "Warneford Lane StreetNo,Oxford,District,GB,OX3 7JX",
    "ConversionSoftware": "dcm2niix",
    "BodyPartExamined": "BRAIN",
    "AcquisitionNumber": 1,
    "ScanningSequence": "SE\\IR",
    "RefLinesPE": 24,
    "ImageOrientationPatientDICOM": [
        0,
        0.999701,
        -0.0244322,
        0,
        -0.0244322,
        -0.999701
    ],
    "CoilCombinationMethod": "Adaptive Combine",
    "ReceiveCoilName": "HeadNeck_64",
    "PartialFourier": 1,
    "ReconMatrixPE": 256,
    "ReceiveCoilActiveElements": "HC1-7",
    "SeriesNumber": 8,
    "SequenceName": "*spcir_284ns",
    "BaseResolution": 256,
    "InstitutionName": "Warneford Hospital",
    "PercentSampling": 100,
    "EchoTrainLength": 258,
    "SequenceVariant": "SK\\SP\\MP",
    "Manufacturer": "Siemens",
    "ImageType": [
        "ORIGINAL",
        "PRIMARY",
        "OTHER",
        "NORM"
    ],
    "PulseSequenceDetails": "%SiemensSeq%\\tse_vfl",
    "InPlanePhaseEncodingDirectionDICOM": "ROW",
    "ScanOptions": "IR\\PFP\\FS",
    "SpoilingState": true,
    "AcquisitionTime": "10:53:13.152500",
    "SliceThickness": 1.05,
    "DwellTime": 2.5e-06,
    "TxRefAmp": 221.878,
    "PatientPosition": "HFS",
    "PhaseResolution": 1,
    "InstitutionalDepartmentName": "BE3597",
    "MagneticFieldStrength": 3,
    "StationName": "AWP66093",
    "FlipAngle": 120,
    "PercentPhaseFOV": 100,
    "PhaseEncodingSteps": 215,
    "EchoTime": 0.397,
    "ParallelReductionFactorInPlane": 2,
    "RepetitionTime": 5,
    "MatrixCoilMode": "GRAPPA",
    "PhaseEncodingDirection": "i",
    "SoftwareVersions": "syngo MR E11",
    "Modality": "MR",
    "SeriesDescription": "t2_flair_sag_p2_1mm_FS_ellip_pf78",
    "ConversionSoftwareVersion": "v1.0.20211006",
    "ImageOrientationText": "Sag",
    "ImagingFrequency": 123.259,
    "ManufacturersModelName": "Prisma"
}