{
  "Modality": "MR",
  "MagneticFieldStrength": 3,
  "ImagingFrequency": 127.804,
  "Manufacturer": "Philips",
  "ManufacturersModelName": "Achieva",
  "InstitutionName": "SPMMRC Nottingham",
  "InstitutionalDepartmentName": "MRI",
  "DeviceSerialNumber": "17057",
  "StationName": "PHILIPS-T6O3EHP",
  "BodyPartExamined": "BRAIN",
  "PatientPosition": "HFS",
  "ProcedureStepDescription": "FMHS4520122",
  "SoftwareVersions": "5.6.1\\5.6.1.1",
  "MRAcquisitionType": "3D",
  "SeriesDescription": "T2_FLAIR_1mm",
  "ProtocolName": "WIP T2_FLAIR_1mm",
  "ScanningSequence": "IR",
  "SequenceVariant": "SK",
  "ScanOptions": "FS",
  "ImageType": [
    "ORIGINAL",
    "PRIMARY",
    "T2",
    "NONE",
    "NORM"
  ],
  "SeriesNumber": 301,
  "AcquisitionTime": "15:59:28.540000",
  "AcquisitionNumber": 3,
  "PhilipsRescaleSlope": 4.51722,
  "PhilipsRescaleIntercept": 0,
  "PhilipsScaleSlope": 0.0001215,
  "UsePhilipsFloatNotDisplayScaling": 0,
  "SliceThickness": 1.05,
  "SpacingBetweenSlices": 1.05,
  "NumberOfAverages": 2,
  "EchoTime": 0.289137,
  "RepetitionTime": 5,
  "MTState": false,
  "InversionTime": 1.65,
  "FlipAngle": 90,
  "CoilString": "MULTI COIL",
  "PercentPhaseFOV": 100,
  "PercentSampling": 78.5398,
  "EchoTrainLength": 182,
  "PhaseEncodingSteps": 256,
  "AcquisitionMatrixPE": 256,
  "ReconMatrixPE": 256,
  "ParallelReductionFactorInPlane": 2.6,
  "ParallelAcquisitionTechnique": "SENSE",
  "ParallelReductionOutOfPlane": 2,
  "WaterFatShift": 0.343282,
  "EstimatedEffectiveEchoSpacing": 3.08111e-06,
  "EstimatedTotalReadoutTime": 0.000785683,
  "PixelBandwidth": 1265.82,
  "PhaseEncodingAxis": "i",
  "ImageOrientationPatientDICOM": [
    -0.0141731,
    0.999899,
    0.00116954,
    0.0108759,
    0.00132375,
    -0.99994
  ],
  "InPlanePhaseEncodingDirectionDICOM": "ROW",
  "ConversionSoftware": "dcm2niix",
  "ConversionSoftwareVersion": "v1.0.20211006",
  "TotalReadoutTime": 0.000785683
}