{
    "PercentSampling": 100,
    "MRAcquisitionType": "3D",
    "DwellTime": 2.5e-06,
    "SequenceVariant": "SK\\SP\\MP",
    "PatientPosition": "HFS",
    "InstitutionalDepartmentName": "Department",
    "CoilCombinationMethod": "Adaptive Combine",
    "ConsistencyInfo": "N4_VE11C_LATEST_20160120",
    "StationName": "AWP66050",
    "MatrixCoilMode": "GRAPPA",
    "Manufacturer": "Siemens",
    "BodyPartExamined": "HEAD",
    "EchoTime": 0.397,
    "ParallelReductionFactorInPlane": 2,
    "Modality": "MR",
    "ImageType": [
        "ORIGINAL",
        "PRIMARY",
        "OTHER",
        "NORM"
    ],
    "FlipAngle": 120,
    "ImagingFrequency": 123.227,
    "InstitutionName": "The John Radcliffe",
    "BaseResolution": 256,
    "MagneticFieldStrength": 3,
    "ImageOrientationText": "Sag>Tra(-1.9)>Cor(-0.4)",
    "SliceThickness": 1.05,
    "SequenceName": "*spcir_284ns",
    "ReconMatrixPE": 256,
    "PulseSequenceDetails": "%SiemensSeq%\\tse_vfl",
    "ConversionSoftwareVersion": "v1.0.20211006",
    "ReceiveCoilActiveElements": "HEA;HEP",
    "ScanOptions": "IR\\PFP\\FS",
    "DeviceSerialNumber": "66050",
    "ProtocolName": "t2_flair_sag_p2_1mm_FS_ellip_pf78",
    "ConversionSoftware": "dcm2niix",
    "TxRefAmp": 239.529,
    "RepetitionTime": 5,
    "InversionTime": 1.8,
    "EchoTrainLength": 258,
    "ShimSetting": [
        332,
        -11572,
        1654,
        170,
        219,
        -58,
        239,
        21
    ],
    "AcquisitionNumber": 1,
    "InstitutionAddress": "Headley Way StreetNo,Oxford,District,GB,OX3 9DU",
    "PhaseEncodingSteps": 215,
    "PartialFourier": 1,
    "AcquisitionMatrixPE": 256,
    "SpoilingState": true,
    "SAR": 0.0954262,
    "SoftwareVersions": "syngo MR E11",
    "PhaseResolution": 1,
    "RefLinesPE": 24,
    "ManufacturersModelName": "Prisma",
    "AcquisitionTime": "12:28:20.910000",
    "SeriesDescription": "t2_flair_sag_p2_1mm_FS_ellip_pf78",
    "SeriesNumber": 10,
    "ScanningSequence": "SE\\IR",
    "PixelBandwidth": 780,
    "PhaseEncodingDirection": "i",
    "PercentPhaseFOV": 100,
    "InPlanePhaseEncodingDirectionDICOM": "ROW",
    "ReceiveCoilName": "Head_32",
    "ImageOrientationPatientDICOM": [
        -0.00752229,
        0.999971,
        -0.00104667,
        0.0323361,
        -0.000802904,
        -0.999477
    ]
}