{
    "ShimSetting": [
        4961,
        -11381,
        -1350,
        459,
        -20,
        19,
        1,
        34
    ],
    "InstitutionalDepartmentName": "BE3597",
    "PixelBandwidth": 2030,
    "PercentSampling": 100,
    "EchoTime": 0.039,
    "MagneticFieldStrength": 3,
    "FlipAngle": 52,
    "ReceiveCoilName": "HeadNeck_64",
    "SAR": 0.0530505,
    "DerivedVendorReportedEchoSpacing": 0.000639989,
    "RepetitionTime": 0.735,
    "ConversionSoftwareVersion": "v1.0.20211006",
    "BandwidthPerPixelPhaseEncode": 17.756,
    "PhaseEncodingSteps": 88,
    "PhaseEncodingDirection": "j-",
    "ProtocolName": "MB8_FMRI_fov210_2.4mm_resting",
    "AcquisitionMatrixPE": 88,
    "ImageComments": "Unaliased MB8/PE3 SENSE1",
    "ImagingFrequency": 123.259,
    "PatientPosition": "HFS",
    "ManufacturersModelName": "Prisma",
    "SeriesDescription": "MB8_FMRI_fov210_2.4mm_resting",
    "DwellTime": 2.8e-06,
    "AcquisitionTime": "12:26:34.465000",
    "ReceiveCoilActiveElements": "HC1-7",
    "SequenceVariant": "SK\\SS",
    "DeviceSerialNumber": "66093",
    "InPlanePhaseEncodingDirectionDICOM": "COL",
    "TotalReadoutTime": 0.055679,
    "AcquisitionNumber": 1,
    "ScanOptions": "FS",
    "InstitutionAddress": "Warneford Lane StreetNo,Oxford,District,GB,OX3 7JX",
    "EffectiveEchoSpacing": 0.000639989,
    "BodyPartExamined": "BRAIN",
    "WipMemBlock": "a80a1ff8-ed34-4a89-a554-f1d5a917d9fd||Sequence: R016 ve11c/master r/e634e98; Dec 19 2017 11:00:25 by eja",
    "TxRefAmp": 240.599,
    "PulseSequenceDetails": "%CustomerSeq%\\cmrr_mbep2d_bold",
    "Manufacturer": "Siemens",
    "EchoTrainLength": 88,
    "Modality": "MR",
    "ConversionSoftware": "dcm2niix",
    "CoilCombinationMethod": "Sum of Squares",
    "SequenceName": "epfid2d1_88",
    "ImageType": [
        "ORIGINAL",
        "PRIMARY",
        "M",
        "MB",
        "ND",
        "MOSAIC"
    ],
    "InstitutionName": "Warneford Hospital",
    "ImageOrientationText": "Tra>Cor(-20.4)>Sag(1.8)",
    "SoftwareVersions": "syngo MR E11",
    "BaseResolution": 88,
    "ImageOrientationPatientDICOM": [
        0.99926,
        -0.0104284,
        0.0370293,
        0.0226764,
        0.937224,
        -0.34799
    ],
    "SliceTiming": [
        0,
        0.27,
        0.5375,
        0.09,
        0.3575,
        0.6275,
        0.18,
        0.4475,
        0,
        0.27,
        0.5375,
        0.09,
        0.3575,
        0.6275,
        0.18,
        0.4475,
        0,
        0.27,
        0.5375,
        0.09,
        0.3575,
        0.6275,
        0.18,
        0.4475,
        0,
        0.27,
        0.5375,
        0.09,
        0.3575,
        0.6275,
        0.18,
        0.4475,
        0,
        0.27,
        0.5375,
        0.09,
        0.3575,
        0.6275,
        0.18,
        0.4475,
        0,
        0.27,
        0.5375,
        0.09,
        0.3575,
        0.6275,
        0.18,
        0.4475,
        0,
        0.27,
        0.5375,
        0.09,
        0.3575,
        0.6275,
        0.18,
        0.4475,
        0,
        0.27,
        0.5375,
        0.09,
        0.3575,
        0.6275,
        0.18,
        0.4475
    ],
    "PartialFourier": 1,
    "TaskName": "rest",
    "SliceThickness": 2.4,
    "ConsistencyInfo": "N4_VE11C_LATEST_20160120",
    "ScanningSequence": "EP",
    "MRAcquisitionType": "2D",
    "ReconMatrixPE": 88,
    "PercentPhaseFOV": 100,
    "StationName": "AWP66093",
    "SeriesNumber": 6,
    "MultibandAccelerationFactor": 8,
    "SpacingBetweenSlices": 2.4,
    "MatrixCoilMode": "SENSE",
    "PhaseResolution": 1
}