{
    "ReconMatrixPE": 256,
    "ReceiveCoilActiveElements": "HEA;HEP",
    "RefLinesPE": 24,
    "SoftwareVersions": "syngo MR E11",
    "AcquisitionMatrixPE": 256,
    "SeriesNumber": 10,
    "InstitutionalDepartmentName": "Department",
    "MagneticFieldStrength": 3,
    "ReceiveCoilName": "Head_32",
    "PercentSampling": 100,
    "ShimSetting": [
        326,
        -11606,
        1645,
        80,
        217,
        -187,
        271,
        11
    ],
    "ConversionSoftwareVersion": "v1.0.20211006",
    "AcquisitionNumber": 1,
    "Manufacturer": "Siemens",
    "SequenceVariant": "SK\\SP\\MP",
    "InstitutionAddress": "Headley Way StreetNo,Oxford,District,GB,OX3 9DU",
    "ImageOrientationPatientDICOM": [
        0.0236524,
        0.999249,
        -0.0306948,
        0.0336863,
        -0.0314825,
        -0.998936
    ],
    "BodyPartExamined": "HEAD",
    "PercentPhaseFOV": 100,
    "ScanOptions": "IR\\PFP\\FS",
    "FlipAngle": 120,
    "ParallelReductionFactorInPlane": 2,
    "PhaseEncodingSteps": 215,
    "SpoilingState": true,
    "Modality": "MR",
    "SliceThickness": 1.05,
    "RepetitionTime": 5,
    "PhaseResolution": 1,
    "InPlanePhaseEncodingDirectionDICOM": "ROW",
    "PhaseEncodingDirection": "i",
    "AcquisitionTime": "10:31:30.970000",
    "PartialFourier": 1,
    "PatientPosition": "HFS",
    "ProtocolName": "t2_flair_sag_p2_1mm_FS_ellip_pf78",
    "MatrixCoilMode": "GRAPPA",
    "InstitutionName": "The John Radcliffe",
    "SeriesDescription": "t2_flair_sag_p2_1mm_FS_ellip_pf78",
    "DwellTime": 2.5e-06,
    "ConsistencyInfo": "N4_VE11C_LATEST_20160120",
    "ScanningSequence": "SE\\IR",
    "EchoTrainLength": 258,
    "TxRefAmp": 243.275,
    "PulseSequenceDetails": "%SiemensSeq%\\tse_vfl",
    "ImagingFrequency": 123.227,
    "ConversionSoftware": "dcm2niix",
    "ImageOrientationText": "Sag>Tra(-2.0)>Cor(1.3)",
    "BaseResolution": 256,
    "StationName": "AWP66050",
    "EchoTime": 0.397,
    "SAR": 0.101381,
    "InversionTime": 1.8,
    "PixelBandwidth": 780,
    "ImageType": [
        "ORIGINAL",
        "PRIMARY",
        "OTHER",
        "NORM"
    ],
    "SequenceName": "*spcir_284ns",
    "MRAcquisitionType": "3D",
    "CoilCombinationMethod": "Adaptive Combine",
    "DeviceSerialNumber": "66050",
    "ManufacturersModelName": "Prisma"
}