{
    "ReconMatrixPE": 96,
    "SoftwareVersions": "5.6.1\\5.6.1.1",
    "PatientPosition": "HFS",
    "InstitutionName": "SPMMRC Nottingham",
    "Manufacturer": "Philips",
    "ManufacturersModelName": "Achieva",
    "AcquisitionMatrixPE": 95,
    "PhaseEncodingStepsNoPartialFourier": 95,
    "ProcedureStepDescription": "H1408201447",
    "EffectiveEchoSpacing": 0.0006098,
    "PhilipsScaleSlope": 0.00218424,
    "BodyPartExamined": "BRAIN",
    "FlipAngle": 65,
    "InPlanePhaseEncodingDirectionDICOM": "COL",
    "RepetitionTime": 1.15,
    "SpacingBetweenSlices": 2.4,
    "EstimatedEffectiveEchoSpacing": 0.0006098,
    "ConversionSoftwareVersion": "v1.0.20211006",
    "B0FieldSource": "pepolar_fmap0",
    "PhaseEncodingAxis": "j",
    "ImagingFrequency": 127.804,
    "AcquisitionNumber": 17,
    "MRAcquisitionType": "2D",
    "SAR": 0.0227829,
    "PhilipsRWVSlope": 0.828083,
    "WaterFatShift": 25.438,
    "PercentPhaseFOV": 100,
    "PhilipsRescaleSlope": 0.828083,
    "ImageOrientationPatientDICOM": [
        0.992692,
        0.00359926,
        -0.12062,
        -0.00338332,
        0.999992,
        0.00199501
    ],
    "ScanOptions": "FS",
    "DeviceSerialNumber": "17057",
    "PhilipsRescaleIntercept": 0,
    "SeriesNumber": 1701,
    "SequenceVariant": "SK",
    "ParallelReductionOutOfPlane": 4,
    "ScanningSequence": "GR",
    "TaskName": "rest",
    "Modality": "MR",
    "PercentSampling": 100,
    "PhaseEncodingDirection": "j",
    "AcquisitionTime": "16:18:44.010000",
    "StationName": "PHILIPS-T6O3EHP",
    "MTState": false,
    "CoilString": "MULTI COIL",
    "EchoTrainLength": 95,
    "PartialFourierDirection": "PHASE",
    "ProtocolName": "WIP rs-fmri_singleMB4_HF0.8",
    "MagneticFieldStrength": 3,
    "ParallelAcquisitionTechnique": "MBSENSE",
    "ConversionSoftware": "dcm2niix",
    "InstitutionalDepartmentName": "MRI",
    "UsePhilipsFloatNotDisplayScaling": 1,
    "PhilipsRWVIntercept": 0,
    "EchoTime": 0.039001,
    "PixelBandwidth": 2320,
    "SeriesDescription": "rs-fmri_singleMB4_HF0.8",
    "ImageType": [
        "ORIGINAL",
        "PRIMARY",
        "M",
        "FFE",
        "M",
        "FFE"
    ],
    "EstimatedTotalReadoutTime": 0.057931,
    "TotalReadoutTime": 0.057931,
    "SliceThickness": 2.4,
    "PartialFourierEnabled": "YES"
}