{
    "ImageType": [
        "ORIGINAL",
        "PRIMARY",
        "OTHER"
    ],
    "ImageOrientationPatientDICOM": [
        0.999925,
        0.00124192,
        -0.0122191,
        0,
        0.994875,
        0.101116
    ],
    "ConversionSoftwareVersion": "v1.0.20211006",
    "MRAcquisitionType": "2D",
    "Modality": "MR",
    "ScanningSequence": "EP\\SE",
    "CoilString": "32Ch Head",
    "SequenceVariant": "NONE",
    "DeviceSerialNumber": "00000000269MRS04",
    "SliceThickness": 2,
    "ScanOptions": "SAT_GEMS\\EDR_GEMS\\EPI_GEMS\\ACC_GEMS\\PFF\\FS",
    "SAR": 1.36215,
    "ProcedureStepDescription": "H1408201447",
    "EchoTime": 0.072,
    "InversionTime": 0.081,
    "ProtocolName": "BioBank v1.2",
    "PercentPhaseFOV": 100,
    "PhaseEncodingDirection": "j-",
    "ImagingFrequency": 127.726,
    "AcquisitionNumber": 1,
    "EffectiveEchoSpacing": 0.00033868,
    "InstitutionName": "Nottingham Medical School",
    "ReconMatrixPE": 104,
    "AcquisitionMatrixPE": 104,
    "InPlanePhaseEncodingDirectionDICOM": "COL",
    "ConversionSoftware": "dcm2niix",
    "SpacingBetweenSlices": 2,
    "ParallelReductionFactorInPlane": 2,
    "SeriesDescription": "diff 60dirs b=1000",
    "PhaseEncodingPolarityGE": "Unflipped",
    "StationName": "MR01DV01",
    "TotalReadoutTime": 0.034884,
    "Manufacturer": "GE",
    "RepetitionTime": 11,
    "InternalPulseSequenceName": "EPI2",
    "FlipAngle": 90,
    "SoftwareVersions": "24\\LX\\MR Software release:DV24.0_R02_1607.b",
    "PixelBandwidth": 4807.69,
    "ManufacturersModelName": "DISCOVERY MR750",
    "PercentSampling": 100,
    "MagneticFieldStrength": 3,
    "AcquisitionTime": "12:09:7.000000",
    "SeriesNumber": 14,
    "PatientPosition": "HFS",
    "PhaseEncodingAxis": "j-"
}