{
  "Modality": "MR",
  "MagneticFieldStrength": 3,
  "ImagingFrequency": 127.716,
  "Manufacturer": "GE",
  "PulseSequenceName": "epi",
  "InternalPulseSequenceName": "EPI",
  "ManufacturersModelName": "SIGNA Premier",
  "InstitutionName": "Nottingham Medical School",
  "DeviceSerialNumber": "00000000269MRS04",
  "StationName": "MR01DV01",
  "BodyPartExamined": "BRAIN",
  "PatientPosition": "HFS",
  "ProcedureStepDescription": "FMHS4520122",
  "SoftwareVersions": "29\\LX\\RX29.1_R02_2131.a",
  "MRAcquisitionType": "2D",
  "SeriesDescription": "RS_fMRI_MB6_TR920",
  "ProtocolName": "SW_NHarmony_v1.2",
  "ScanningSequence": "EP\\RM",
  "SequenceVariant": "NONE",
  "ScanOptions": "SAT_GEMS\\EDR_GEMS\\MP_GEMS\\EPI_GEMS\\HYPERBAND_GEMS\\FS",
  "ImageType": [
    "ORIGINAL",
    "PRIMARY",
    "OTHER"
  ],
  "SeriesNumber": 5,
  "AcquisitionTime": "10:25:36.000000",
  "AcquisitionNumber": 1,
  "TriggerDelayTime": 454213,
  "SliceThickness": 2.4,
  "SpacingBetweenSlices": 2.4,
  "SAR": 0.0790404,
  "EchoTime": 0.039,
  "RepetitionTime": 0.928,
  "FlipAngle": 57,
  "PhaseEncodingPolarityGE": "Unflipped",
  "CoilString": "48HAP",
  "MultibandAccelerationFactor": 6,
  "PercentPhaseFOV": 100,
  "PercentSampling": 100,
  "AcquisitionMatrixPE": 88,
  "ReconMatrixPE": 88,
  "EffectiveEchoSpacing": 0.000636,
  "TotalReadoutTime": 0.055332,
  "PixelBandwidth": 5681.82,
  "PhaseEncodingDirection": "j-",
  "SliceTiming": [
    0,
    0.506182,
    0.0843636,
    0.590545,
    0.168727,
    0.674909,
    0.253091,
    0.759273,
    0.337455,
    0.843636,
    0.421818,
    0,
    0.506182,
    0.0843636,
    0.590545,
    0.168727,
    0.674909,
    0.253091,
    0.759273,
    0.337455,
    0.843636,
    0.421818,
    0,
    0.506182,
    0.0843636,
    0.590545,
    0.168727,
    0.674909,
    0.253091,
    0.759273,
    0.337455,
    0.843636,
    0.421818,
    0,
    0.506182,
    0.0843636,
    0.590545,
    0.168727,
    0.674909,
    0.253091,
    0.759273,
    0.337455,
    0.843636,
    0.421818,
    0,
    0.506182,
    0.0843636,
    0.590545,
    0.168727,
    0.674909,
    0.253091,
    0.759273,
    0.337455,
    0.843636,
    0.421818,
    0,
    0.506182,
    0.0843636,
    0.590545,
    0.168727,
    0.674909,
    0.253091,
    0.759273,
    0.337455,
    0.843636,
    0.421818
  ],
  "ImageOrientationPatientDICOM": [
    0.990922,
    -0.121615,
    0.057296,
    0.114561,
    0.986913,
    0.113485
  ],
  "InPlanePhaseEncodingDirectionDICOM": "COL",
  "ConversionSoftware": "dcm2niix",
  "ConversionSoftwareVersion": "v1.0.20211006",
  "B0FieldSource": "pepolar_fmap0",
  "TaskName": "rest"
}