{
  "Modality": "MR",
  "MagneticFieldStrength": 3,
  "ImagingFrequency": 127.716,
  "Manufacturer": "GE",
  "ManufacturersModelName": "SIGNA Premier",
  "InstitutionName": "Nottingham Medical School",
  "DeviceSerialNumber": "00000000269MRS04",
  "StationName": "MR01DV01",
  "BodyPartExamined": "BRAIN",
  "PatientPosition": "HFS",
  "ProcedureStepDescription": "FMHS4520122",
  "SoftwareVersions": "29\\LX\\RX29.1_R02_2131.a",
  "MRAcquisitionType": "3D",
  "SeriesDescription": "t2_flair_sag_p2_1mm_FS",
  "ProtocolName": "SW_NHarmony_v1.2",
  "ScanningSequence": "SE\\IR",
  "SequenceVariant": "SK",
  "ScanOptions": "SAT_GEMS\\EDR_GEMS\\HYPERSENSE_GEMS\\FILTERED_GEMS\\ACC_GEMS\\FS\\FSS_G",
  "ImageType": [
    "ORIGINAL",
    "PRIMARY",
    "OTHER",
    "NORM"
  ],
  "SeriesNumber": 4,
  "AcquisitionTime": "13:19:3.000000",
  "AcquisitionNumber": 1,
  "SliceThickness": 1,
  "SpacingBetweenSlices": 1,
  "SAR": 0.3261,
  "EchoTime": 0.105432,
  "RepetitionTime": 6.3,
  "InversionTime": 1.836,
  "FlipAngle": 90,
  "CoilString": "48HAP",
  "PercentPhaseFOV": 90,
  "PercentSampling": 100,
  "EchoTrainLength": 220,
  "AcquisitionMatrixPE": 256,
  "ReconMatrixPE": 256,
  "ParallelReductionFactorInPlane": 2,
  "PixelBandwidth": 651.016,
  "PhaseEncodingAxis": "i",
  "ImageOrientationPatientDICOM": [
    -0.00416401,
    0.999157,
    0.0408289,
    -0.00229189,
    0.0408197,
    -0.999164
  ],
  "InPlanePhaseEncodingDirectionDICOM": "ROW",
  "ConversionSoftware": "dcm2niix",
  "ConversionSoftwareVersion": "v1.0.20211006"
}