{
    "DwellTime": 2.7e-06,
    "Manufacturer": "Siemens",
    "ProtocolName": "diff_AP_MPopt_MB3_50b1000_50b2000_8b0_lowflip",
    "MRAcquisitionType": "2D",
    "SliceTiming": [
        0,
        1.64,
        3.2825,
        1.3425,
        2.9825,
        1.045,
        2.685,
        0.745,
        2.3875,
        0.4475,
        2.0875,
        0.15,
        1.79,
        3.43,
        1.4925,
        3.1325,
        1.1925,
        2.835,
        0.895,
        2.535,
        0.5975,
        2.2375,
        0.2975,
        1.94,
        0,
        1.64,
        3.2825,
        1.3425,
        2.9825,
        1.045,
        2.685,
        0.745,
        2.3875,
        0.4475,
        2.0875,
        0.15,
        1.79,
        3.43,
        1.4925,
        3.1325,
        1.1925,
        2.835,
        0.895,
        2.535,
        0.5975,
        2.2375,
        0.2975,
        1.94,
        0,
        1.64,
        3.2825,
        1.3425,
        2.9825,
        1.045,
        2.685,
        0.745,
        2.3875,
        0.4475,
        2.0875,
        0.15,
        1.79,
        3.43,
        1.4925,
        3.1325,
        1.1925,
        2.835,
        0.895,
        2.535,
        0.5975,
        2.2375,
        0.2975,
        1.94
    ],
    "PatientPosition": "HFS",
    "ReconMatrixPE": 104,
    "RepetitionTime": 3.6,
    "ReceiveCoilActiveElements": "HEA;HEP",
    "InstitutionAddress": "Headley Way StreetNo,Oxford,District,GB,OX3 9DU",
    "ImageComments": "Unaliased MB3/PE3 SENSE1",
    "PixelBandwidth": 1780,
    "SequenceName": "ep_b5#1",
    "ScanOptions": "PFP\\FS",
    "SoftwareVersions": "syngo MR E11",
    "StationName": "AWP66050",
    "ScanningSequence": "EP",
    "WipMemBlock": "df48a44f-a6c0-4095-84c8-1a70d8ed90f1||Sequence: R016 ve11c/master r/e634e98; Dec 19 2017 11:11:25 by eja",
    "BaseResolution": 104,
    "ConsistencyInfo": "N4_VE11C_LATEST_20160120",
    "EchoTrainLength": 78,
    "ManufacturersModelName": "Prisma",
    "DeviceSerialNumber": "66050",
    "PartialFourier": 0.75,
    "ReceiveCoilName": "Head_32",
    "BodyPartExamined": "HEAD",
    "PercentSampling": 100,
    "ShimSetting": [
        345,
        -11541,
        1671,
        403,
        356,
        206,
        2,
        53
    ],
    "ImageOrientationText": "Tra>Cor(-17.7)>Sag(-1.0)",
    "InstitutionName": "The John Radcliffe",
    "ConversionSoftware": "dcm2niix",
    "TotalReadoutTime": 0.0690115,
    "DerivedVendorReportedEchoSpacing": 0.000670015,
    "SAR": 0.0919554,
    "Modality": "MR",
    "PhaseResolution": 1,
    "SequenceVariant": "SK\\SS",
    "InstitutionalDepartmentName": "Department",
    "MatrixCoilMode": "SENSE",
    "PercentPhaseFOV": 100,
    "AcquisitionNumber": 1,
    "SliceThickness": 2,
    "MagneticFieldStrength": 3,
    "CoilCombinationMethod": "Sum of Squares",
    "MultibandAccelerationFactor": 3,
    "SeriesNumber": 16,
    "BandwidthPerPixelPhaseEncode": 14.351,
    "ImageType": [
        "ORIGINAL",
        "PRIMARY",
        "DIFFUSION",
        "NONE",
        "MB",
        "ND",
        "MOSAIC"
    ],
    "PhaseEncodingDirection": "j-",
    "SpacingBetweenSlices": 2,
    "AcquisitionMatrixPE": 104,
    "InPlanePhaseEncodingDirectionDICOM": "COL",
    "EffectiveEchoSpacing": 0.000670015,
    "ConversionSoftwareVersion": "v1.0.20211006",
    "EchoTime": 0.092,
    "PulseSequenceDetails": "%CustomerSeq%\\cmrr_mbep2d_diff",
    "TxRefAmp": 275.028,
    "PhaseEncodingSteps": 78,
    "ImagingFrequency": 123.227,
    "AcquisitionTime": "11:02:32.070000",
    "FlipAngle": 78,
    "ImageOrientationPatientDICOM": [
        0.99986,
        -0.00510046,
        -0.0159548,
        2.27474e-08,
        0.952512,
        -0.3045
    ],
    "DiffusionScheme": "Monopolar",
    "SeriesDescription": "diff_AP_MPopt_MB3_50b1000_50b2000_8b0_lowflip"
}