{
    "MRAcquisitionType": "2D",
    "IntendedFor": [
        "ses-NOT2ING001/func/sub-13192_ses-NOT2ING001_task-rest_acq-multiband4_bold.nii.gz",
        "ses-NOT2ING001/func/sub-13192_ses-NOT2ING001_task-rest_acq-multiband6_bold.nii.gz"
    ],
    "ImageOrientationPatientDICOM": [
        0.999902,
        -0.00295135,
        -0.0136844,
        0.00169656,
        0.995866,
        -0.0908156
    ],
    "PatientPosition": "HFS",
    "MTState": false,
    "EchoTrainLength": 63,
    "ProcedureStepDescription": "H14082014/47",
    "PhilipsScaleSlope": 0.0216798,
    "ConversionSoftwareVersion": "v1.0.20211006",
    "SAR": 0.110663,
    "PhaseEncodingDirection": "j",
    "InPlanePhaseEncodingDirectionDICOM": "COL",
    "ConversionSoftware": "dcm2niix",
    "B0FieldIdentifier": "pepolar_fmap0",
    "ParallelAcquisitionTechnique": "SENSE",
    "FlipAngle": 52,
    "UsePhilipsFloatNotDisplayScaling": 1,
    "PhilipsRescaleIntercept": 0,
    "ImagingFrequency": 127.749,
    "DeviceSerialNumber": "71459",
    "WaterFatShift": 20.351,
    "SoftwareVersions": "5.3.1\\5.3.1.0",
    "RepetitionTime": 5.6788,
    "EstimatedTotalReadoutTime": 0.0461223,
    "SpacingBetweenSlices": 2.4,
    "ReconMatrixPE": 96,
    "MagneticFieldStrength": 3,
    "StationName": "HOST-2ADB2S6FDM",
    "BodyPartExamined": "BRAIN",
    "ScanningSequence": "SE",
    "InstitutionName": "Nottingham University",
    "SequenceVariant": "SK",
    "Modality": "MR",
    "InstitutionalDepartmentName": "SPMIC",
    "ManufacturersModelName": "Ingenia",
    "PercentPhaseFOV": 100,
    "InstitutionAddress": "University Park",
    "PixelBandwidth": 1628,
    "AcquisitionNumber": 9,
    "SliceThickness": 2.4,
    "SeriesDescription": "blip_rs-fmri_SErev",
    "EchoTime": 0.08,
    "AcquisitionTime": "11:54:42.180000",
    "EffectiveEchoSpacing": 0.000485498,
    "CoilString": "MULTI COIL",
    "ProtocolName": "blip_rs-fmri_SErev",
    "SeriesNumber": 901,
    "PhaseEncodingSteps": 95,
    "ParallelReductionFactorInPlane": 1.5,
    "AcquisitionMatrixPE": 95,
    "ScanOptions": "FS",
    "PercentSampling": 100,
    "EstimatedEffectiveEchoSpacing": 0.000485498,
    "PhaseEncodingAxis": "j",
    "TotalReadoutTime": 0.0461223,
    "Manufacturer": "Philips",
    "ImageType": [
        "ORIGINAL",
        "PRIMARY",
        "M",
        "SE",
        "M",
        "SE"
    ],
    "PhilipsRescaleSlope": 1.74921
}