{
    "SAR": 0.110693,
    "EffectiveEchoSpacing": 0.000485498,
    "ParallelAcquisitionTechnique": "SENSE",
    "PhilipsScaleSlope": 0.0148819,
    "PhaseEncodingAxis": "j",
    "SpacingBetweenSlices": 2.4,
    "ScanOptions": "FS",
    "FlipAngle": 52,
    "EchoTime": 0.08,
    "SoftwareVersions": "5.3.1\\5.3.1.0",
    "Modality": "MR",
    "ScanningSequence": "SE",
    "B0FieldIdentifier": "pepolar_fmap0",
    "PixelBandwidth": 1628,
    "RepetitionTime": 5.67646,
    "PhaseEncodingSteps": 95,
    "WaterFatShift": 20.3511,
    "PercentSampling": 100,
    "TotalReadoutTime": 0.0461223,
    "PhilipsRescaleIntercept": 0,
    "SequenceVariant": "SK",
    "MagneticFieldStrength": 3,
    "DeviceSerialNumber": "71459",
    "AcquisitionNumber": 9,
    "ConversionSoftwareVersion": "v1.0.20211006",
    "Manufacturer": "Philips",
    "InstitutionName": "Nottingham University",
    "EstimatedTotalReadoutTime": 0.0461223,
    "MRAcquisitionType": "2D",
    "SeriesNumber": 901,
    "ParallelReductionFactorInPlane": 1.5,
    "ImagingFrequency": 127.749,
    "PatientPosition": "HFS",
    "InPlanePhaseEncodingDirectionDICOM": "COL",
    "SeriesDescription": "blip_rs-fmri_SErev",
    "ImageOrientationPatientDICOM": [
        0.99979,
        -0.0204839,
        -0.00022955,
        0.020484,
        0.99979,
        0.000310324
    ],
    "BodyPartExamined": "BRAIN",
    "CoilString": "MULTI COIL",
    "MTState": false,
    "ProcedureStepDescription": "H1408201447",
    "SliceThickness": 2.4,
    "InstitutionAddress": "University Park",
    "EstimatedEffectiveEchoSpacing": 0.000485498,
    "IntendedFor": [
        "ses-NOT2ING001/func/sub-03286_ses-NOT2ING001_task-rest_acq-multiband4_bold.nii.gz",
        "ses-NOT2ING001/func/sub-03286_ses-NOT2ING001_task-rest_acq-multiband6_bold.nii.gz"
    ],
    "StationName": "HOST-2ADB2S6FDM",
    "EchoTrainLength": 63,
    "PhaseEncodingDirection": "j",
    "ReconMatrixPE": 96,
    "ImageType": [
        "ORIGINAL",
        "PRIMARY",
        "M",
        "SE",
        "M",
        "SE"
    ],
    "UsePhilipsFloatNotDisplayScaling": 1,
    "PhilipsRescaleSlope": 1.40806,
    "ConversionSoftware": "dcm2niix",
    "AcquisitionMatrixPE": 95,
    "ProtocolName": "WIP blip_rs-fmri_SErev",
    "AcquisitionTime": "15:57:45.640000",
    "InstitutionalDepartmentName": "SPMIC",
    "PercentPhaseFOV": 100,
    "ManufacturersModelName": "Ingenia"
}