{
	"Modality": "MR",
	"MagneticFieldStrength": 3,
	"ImagingFrequency": 127.716,
	"Manufacturer": "GE",
	"ManufacturersModelName": "SIGNA Premier",
	"InstitutionName": "Nottingham Medical School",
	"DeviceSerialNumber": "00000000269MRS04",
	"StationName": "MR01DV01",
	"BodyPartExamined": "BRAIN",
	"PatientPosition": "HFS",
	"ProcedureStepDescription": "FMHS4520122",
	"SoftwareVersions": "29\\LX\\RX29.1_R02_2131.a",
	"MRAcquisitionType": "3D",
	"SeriesDescription": "ORIG SWI_0.8x0.8x3mm",
	"ProtocolName": "SW_NHarmony_v1.2",
	"ScanningSequence": "RM",
	"SequenceVariant": "NONE",
	"ScanOptions": "EDR_GEMS\\ACC_GEMS\\PFP",
	"ImageType": ["ORIGINAL", "PRIMARY", "OTHER", "IMAGINARY"],
	"SeriesNumber": 40008,
	"AcquisitionTime": "10:44:31.000000",
	"AcquisitionNumber": 1,
	"SliceThickness": 3,
	"SpacingBetweenSlices": 3,
	"SAR": 0.06358,
	"EchoNumber": 3,
	"EchoTime": 0.020432,
	"RepetitionTime": 0.03426,
	"FlipAngle": 15,
	"CoilString": "48HAP",
	"PercentPhaseFOV": 87,
	"PercentSampling": 84.2796,
	"AcquisitionMatrixPE": 288,
	"ReconMatrixPE": 512,
	"ParallelReductionFactorInPlane": 1.98859,
	"PixelBandwidth": 75.1172,
	"ImageOrientationPatientDICOM": [
		0.986614,
		-0.153987,
		0.0536808,
		0.144268,
		0.977653,
		0.152912	],
	"InPlanePhaseEncodingDirectionDICOM": "ROW",
	"ConversionSoftware": "dcm2niix",
	"ConversionSoftwareVersion": "v1.0.20211006"
}
