{
    "InstitutionalDepartmentName": "MRI",
    "ParallelAcquisitionTechnique": "SENSE",
    "EchoTime": 0.07,
    "InstitutionName": "SPMMRC Nottingham",
    "MagneticFieldStrength": 3,
    "ImageOrientationPatientDICOM": [
        0.99983,
        0.00359926,
        0.018105,
        -0.00362714,
        0.999992,
        0.00150692
    ],
    "Modality": "MR",
    "PatientPosition": "HFS",
    "ParallelReductionFactorInPlane": 2,
    "ImageType": [
        "ORIGINAL",
        "PRIMARY",
        "T2",
        "NONE"
    ],
    "ProcedureStepDescription": "H14082014_47",
    "FlipAngle": 90,
    "MRAcquisitionType": "2D",
    "AcquisitionMatrixPE": 110,
    "SoftwareVersions": "5.3.0\\5.3.0.3",
    "EchoTrainLength": 55,
    "SeriesDescription": "blip_DTI_Biobank_2mm_S2_HS0.8_EPI",
    "StationName": "PHILIPS-T6O3EHP",
    "PercentPhaseFOV": 100,
    "PhilipsScaleSlope": 0.00088337,
    "SequenceVariant": "SK",
    "ReconMatrixPE": 112,
    "PhaseEncodingDirection": "j-",
    "SeriesNumber": 401,
    "PartialFourierDirection": "PHASE",
    "SliceThickness": 2,
    "BodyPartExamined": "BRAIN",
    "ConversionSoftwareVersion": "v1.0.20211006",
    "ProtocolName": "WIP blip_DTI_Biobank_2mm_S2_HS0.8_EPI",
    "PhilipsRescaleSlope": 1.76899,
    "WaterFatShift": 17.0362,
    "TotalReadoutTime": 0.0385055,
    "ImagingFrequency": 127.805,
    "PartialFourierEnabled": "YES",
    "AcquisitionNumber": 4,
    "RepetitionTime": 10,
    "DeviceSerialNumber": "17057",
    "PhaseEncodingStepsNoPartialFourier": 110,
    "ManufacturersModelName": "Achieva",
    "SpacingBetweenSlices": 2,
    "MTState": false,
    "ScanOptions": "PFP",
    "InPlanePhaseEncodingDirectionDICOM": "COL",
    "CoilString": "MULTI COIL",
    "ScanningSequence": "SE",
    "PhilipsRescaleIntercept": 0,
    "PixelBandwidth": 2973.1,
    "Manufacturer": "Philips",
    "EstimatedTotalReadoutTime": 0.0385055,
    "EffectiveEchoSpacing": 0.000346897,
    "UsePhilipsFloatNotDisplayScaling": 1,
    "AcquisitionTime": "16:24:32.400000",
    "PhaseEncodingAxis": "j-",
    "ConversionSoftware": "dcm2niix",
    "EstimatedEffectiveEchoSpacing": 0.000346897,
    "PercentSampling": 100
}