{
    "StationName": "AWP66050",
    "PhaseEncodingDirection": "i",
    "InstitutionAddress": "Headley Way StreetNo,Oxford,District,GB,OX3 9DU",
    "SAR": 0.112095,
    "ImageType": [
        "ORIGINAL",
        "PRIMARY",
        "OTHER",
        "NORM"
    ],
    "CoilCombinationMethod": "Adaptive Combine",
    "RefLinesPE": 24,
    "ReceiveCoilActiveElements": "HEA;HEP",
    "BodyPartExamined": "HEAD",
    "MRAcquisitionType": "3D",
    "FlipAngle": 120,
    "ReconMatrixPE": 256,
    "ConversionSoftware": "dcm2niix",
    "MatrixCoilMode": "GRAPPA",
    "InPlanePhaseEncodingDirectionDICOM": "ROW",
    "EchoTime": 0.397,
    "ParallelReductionFactorInPlane": 2,
    "SeriesNumber": 10,
    "ReceiveCoilName": "Head_32",
    "SequenceName": "*spcir_284ns",
    "DeviceSerialNumber": "66050",
    "ShimSetting": [
        344,
        -11571,
        1682,
        274,
        294,
        -42,
        202,
        32
    ],
    "ScanningSequence": "SE\\IR",
    "PulseSequenceDetails": "%SiemensSeq%\\tse_vfl",
    "ImageOrientationPatientDICOM": [
        0.0363419,
        0.997348,
        -0.063053,
        0.0499346,
        -0.0648281,
        -0.996646
    ],
    "ConsistencyInfo": "N4_VE11C_LATEST_20160120",
    "RepetitionTime": 5,
    "ProtocolName": "t2_flair_sag_p2_1mm_FS_ellip_pf78",
    "SequenceVariant": "SK\\SP\\MP",
    "SpoilingState": true,
    "TxRefAmp": 261.879,
    "InversionTime": 1.8,
    "BaseResolution": 256,
    "AcquisitionNumber": 1,
    "SoftwareVersions": "syngo MR E11",
    "SeriesDescription": "t2_flair_sag_p2_1mm_FS_ellip_pf78",
    "PixelBandwidth": 780,
    "Manufacturer": "Siemens",
    "Modality": "MR",
    "DwellTime": 2.5e-06,
    "ConversionSoftwareVersion": "v1.0.20211006",
    "ScanOptions": "IR\\PFP\\FS",
    "AcquisitionMatrixPE": 256,
    "PhaseResolution": 1,
    "InstitutionName": "The John Radcliffe",
    "PercentSampling": 100,
    "MagneticFieldStrength": 3,
    "PercentPhaseFOV": 100,
    "InstitutionalDepartmentName": "Department",
    "ImagingFrequency": 123.228,
    "ManufacturersModelName": "Prisma",
    "PhaseEncodingSteps": 215,
    "ImageOrientationText": "Sag>Tra(-3.0)>Cor(1.9)",
    "EchoTrainLength": 258,
    "SliceThickness": 1.05,
    "PatientPosition": "HFS",
    "PartialFourier": 1,
    "AcquisitionTime": "10:23:58.927500"
}