{
    "AcquisitionMatrixPE": 104,
    "SeriesNumber": 12,
    "StationName": "AWP66093",
    "DwellTime": 2.7e-06,
    "PulseSequenceDetails": "%CustomerSeq%\\cmrr_mbep2d_diff",
    "PercentPhaseFOV": 100,
    "TotalReadoutTime": 0.0690115,
    "FlipAngle": 78,
    "PartialFourier": 0.75,
    "ProtocolName": "diff_PA_MPopt_MB3_3b0_lowflip",
    "CoilCombinationMethod": "Sum of Squares",
    "PhaseResolution": 1,
    "SpacingBetweenSlices": 2,
    "ManufacturersModelName": "Prisma",
    "Manufacturer": "Siemens",
    "MultibandAccelerationFactor": 3,
    "TxRefAmp": 265.864,
    "ReceiveCoilActiveElements": "HC1-7",
    "SequenceVariant": "SK\\SS",
    "EffectiveEchoSpacing": 0.000670015,
    "InstitutionAddress": "Warneford Lane StreetNo,Oxford,District,GB,OX3 7JX",
    "ReconMatrixPE": 104,
    "ConversionSoftwareVersion": "v1.0.20211006",
    "ScanningSequence": "EP",
    "MatrixCoilMode": "SENSE",
    "SeriesDescription": "diff 3dirs b=0 pepolar",
    "WipMemBlock": "af4d0db7-d455-4af6-aab8-8dd72a88003d||Sequence: R016 ve11c/master r/e634e98; Dec 19 2017 11:11:25 by eja",
    "PercentSampling": 100,
    "ScanOptions": "PFP\\FS",
    "PhaseEncodingDirection": "j",
    "AcquisitionTime": "12:20:35.655000",
    "ImageComments": "Unaliased MB3/PE3 SENSE1",
    "ImageType": [
        "ORIGINAL",
        "PRIMARY",
        "DIFFUSION",
        "NONE",
        "MB",
        "ND"
    ],
    "DiffusionScheme": "Monopolar",
    "SoftwareVersions": "syngo MR E11",
    "Modality": "MR",
    "ShimSetting": [
        4965,
        -11399,
        -1386,
        508,
        60,
        -179,
        -58,
        39
    ],
    "ReceiveCoilName": "HeadNeck_64",
    "BandwidthPerPixelPhaseEncode": 14.351,
    "PhaseEncodingSteps": 78,
    "DeviceSerialNumber": "66093",
    "SAR": 0.0729233,
    "SequenceName": "ep_b5#1",
    "BodyPartExamined": "BRAIN",
    "EchoTime": 0.092,
    "PixelBandwidth": 1780,
    "ConversionSoftware": "dcm2niix",
    "DerivedVendorReportedEchoSpacing": 0.000670015,
    "AcquisitionNumber": 1,
    "RepetitionTime": 3.6,
    "InstitutionName": "Warneford Hospital",
    "ImagingFrequency": 123.26,
    "BaseResolution": 104,
    "InstitutionalDepartmentName": "BE3597",
    "InPlanePhaseEncodingDirectionDICOM": "COL",
    "SliceThickness": 2,
    "MagneticFieldStrength": 3,
    "SliceTiming": [
        0,
        1.64062,
        3.28125,
        1.34375,
        2.98438,
        1.04688,
        2.6875,
        0.74219,
        2.38281,
        0.44531,
        2.08594,
        0.14844,
        1.78906,
        3.42969,
        1.49219,
        3.13281,
        1.1875,
        2.83594,
        0.89062,
        2.53125,
        0.59375,
        2.23438,
        0.29688,
        1.9375,
        0,
        1.64062,
        3.28125,
        1.34375,
        2.98438,
        1.04688,
        2.6875,
        0.74219,
        2.38281,
        0.44531,
        2.08594,
        0.14844,
        1.78906,
        3.42969,
        1.49219,
        3.13281,
        1.1875,
        2.83594,
        0.89062,
        2.53125,
        0.59375,
        2.23438,
        0.29688,
        1.9375,
        0,
        1.64062,
        3.28125,
        1.34375,
        2.98438,
        1.04688,
        2.6875,
        0.74219,
        2.38281,
        0.44531,
        2.08594,
        0.14844,
        1.78906,
        3.42969,
        1.49219,
        3.13281,
        1.1875,
        2.83594,
        0.89062,
        2.53125,
        0.59375,
        2.23438,
        0.29688,
        1.9375
    ],
    "ConsistencyInfo": "N4_VE11C_LATEST_20160120",
    "PatientPosition": "HFS",
    "MRAcquisitionType": "2D",
    "ImageOrientationText": "Tra>Cor(-16.5)",
    "EchoTrainLength": 78,
    "ImageOrientationPatientDICOM": [
        1,
        0,
        0,
        0,
        0.95882,
        -0.284015
    ]
}