{
  "Modality": "MR",
  "MagneticFieldStrength": 3,
  "ImagingFrequency": 127.749,
  "Manufacturer": "Philips",
  "ManufacturersModelName": "Ingenia",
  "InstitutionName": "Nottingham University",
  "InstitutionalDepartmentName": "SPMIC",
  "InstitutionAddress": "University Park",
  "DeviceSerialNumber": "71459",
  "StationName": "HOST-2ADB2S6FDM",
  "BodyPartExamined": "BRAIN",
  "PatientPosition": "HFS",
  "ProcedureStepDescription": "FMHS4520122",
  "SoftwareVersions": "5.9.0\\5.9.0.0",
  "MRAcquisitionType": "2D",
  "SeriesDescription": "DTI_Biobank_2mm_MB3S1p5_EPI",
  "ProtocolName": "DTI_Biobank_2mm_MB3S1p5_EPI",
  "ScanningSequence": "SE",
  "SequenceVariant": "SK",
  "ScanOptions": "FS",
  "ImageType": [
    "ORIGINAL",
    "PRIMARY",
    "DIFFUSION",
    "NONE",
    "NORM"
  ],
  "SeriesNumber": 501,
  "AcquisitionTime": "13:22:25.240000",
  "AcquisitionNumber": 5,
  "PhilipsRescaleSlope": 1.07839,
  "PhilipsRescaleIntercept": 0,
  "PhilipsScaleSlope": 0.055584,
  "UsePhilipsFloatNotDisplayScaling": 0,
  "SliceThickness": 2,
  "SpacingBetweenSlices": 2,
  "EchoTime": 0.097967,
  "RepetitionTime": 4.36731,
  "MTState": false,
  "FlipAngle": 90,
  "CoilString": "MULTI COIL",
  "PercentPhaseFOV": 100,
  "PercentSampling": 100,
  "EchoTrainLength": 75,
  "PartialFourierDirection": "PHASE",
  "PartialFourierEnabled": "YES",
  "PhaseEncodingStepsNoPartialFourier": 112,
  "AcquisitionMatrixPE": 112,
  "ReconMatrixPE": 112,
  "ParallelReductionFactorInPlane": 1.5,
  "ParallelAcquisitionTechnique": "MBSENSE",
  "ParallelReductionOutOfPlane": 3,
  "WaterFatShift": 32.6725,
  "EstimatedEffectiveEchoSpacing": 0.000668761,
  "EstimatedTotalReadoutTime": 0.0742325,
  "PixelBandwidth": 1890.54,
  "PhaseEncodingAxis": "j",
  "ImageOrientationPatientDICOM": [
    0.999055,
    0.0391915,
    -0.0187831,
    -0.0399392,
    0.998351,
    -0.0412343
  ],
  "InPlanePhaseEncodingDirectionDICOM": "COL",
  "ConversionSoftware": "dcm2niix",
  "ConversionSoftwareVersion": "v1.0.20211006",
  "PhaseEncodingDirection": "j",
  "EffectiveEchoSpacing": 0.000668761,
  "TotalReadoutTime": 0.0742325
}