{
  "Modality": "MR",
  "MagneticFieldStrength": 3,
  "ImagingFrequency": 127.749,
  "Manufacturer": "Philips",
  "ManufacturersModelName": "Ingenia",
  "InstitutionName": "Nottingham University",
  "InstitutionalDepartmentName": "SPMIC",
  "InstitutionAddress": "University Park",
  "DeviceSerialNumber": "71459",
  "StationName": "HOST-2ADB2S6FDM",
  "BodyPartExamined": "BRAIN",
  "PatientPosition": "HFS",
  "ProcedureStepDescription": "FMHS4520122",
  "SoftwareVersions": "5.9.0\\5.9.0.0",
  "MRAcquisitionType": "3D",
  "SeriesDescription": "SWI_3mm_tra",
  "ProtocolName": "SWI_3mm_tra",
  "ScanningSequence": "GR",
  "SequenceVariant": "SP",
  "ScanOptions": "FC",
  "ImageType": [
    "ORIGINAL",
    "PRIMARY",
    "T1",
    "MIXED",
    "PHASE"
  ],
  "SeriesNumber": 901,
  "AcquisitionTime": "14:37:33.620000",
  "AcquisitionNumber": 9,
  "PhilipsRWVSlope": 1.35018,
  "PhilipsRWVIntercept": 0,
  "SliceThickness": 3,
  "SpacingBetweenSlices": 3,
  "EchoNumber": 1,
  "EchoTime": 0.0094,
  "RepetitionTime": 0.027,
  "MTState": false,
  "SpoilingState": true,
  "SpoilingType": "COMBINED",
  "FlipAngle": 15,
  "CoilString": "MULTI COIL",
  "PercentPhaseFOV": 88.8889,
  "PercentSampling": 78.233,
  "EchoTrainLength": 2,
  "PhaseEncodingSteps": 254,
  "AcquisitionMatrixPE": 254,
  "ReconMatrixPE": 288,
  "ParallelReductionFactorInPlane": 2,
  "ParallelAcquisitionTechnique": "SENSE",
  "WaterFatShift": 2.92214,
  "EstimatedEffectiveEchoSpacing": 1.56276e-05,
  "EstimatedTotalReadoutTime": 0.00448511,
  "PixelBandwidth": 148.639,
  "PhaseEncodingAxis": "i",
  "ImageOrientationPatientDICOM": [
    0.999849,
    0.00955828,
    0.014537,
    -0.00733323,
    0.989247,
    -0.146068
  ],
  "InPlanePhaseEncodingDirectionDICOM": "ROW",
  "ConversionSoftware": "dcm2niix",
  "ConversionSoftwareVersion": "v1.0.20211006",
  "TotalReadoutTime": 0.00448511
}