{
    "MTState": false,
    "PatientPosition": "HFS",
    "B0FieldSource": "pepolar_fmap0",
    "SequenceVariant": "SK",
    "SoftwareVersions": "5.3.0\\5.3.0.3",
    "ScanningSequence": "GR",
    "SAR": 0.0227829,
    "PhilipsScaleSlope": 0.00183817,
    "ScanOptions": "FS",
    "InstitutionalDepartmentName": "MRI",
    "SpacingBetweenSlices": 2.4,
    "InstitutionName": "SPMMRC Nottingham",
    "ImageType": [
        "ORIGINAL",
        "PRIMARY",
        "M",
        "FFE",
        "M",
        "FFE"
    ],
    "EstimatedEffectiveEchoSpacing": 0.0006084,
    "ProtocolName": "WIP rs-fmri_singleMB4_HF0.8",
    "PhilipsRescaleSlope": 0.793895,
    "ImageOrientationPatientDICOM": [
        0.998569,
        0.00408878,
        0.0533178,
        -0.00367802,
        0.999963,
        -0.00779981
    ],
    "StationName": "PHILIPS-T6O3EHP",
    "Modality": "MR",
    "ConversionSoftware": "dcm2niix",
    "ImagingFrequency": 127.805,
    "TaskName": "rest",
    "BodyPartExamined": "BRAIN",
    "UsePhilipsFloatNotDisplayScaling": 1,
    "SeriesNumber": 1101,
    "PercentPhaseFOV": 100,
    "DeviceSerialNumber": "17057",
    "PixelBandwidth": 2328,
    "EchoTime": 0.039,
    "PhaseEncodingStepsNoPartialFourier": 95,
    "SeriesDescription": "rs-fmri_singleMB4_HF0.8",
    "WaterFatShift": 25.3797,
    "PartialFourierDirection": "PHASE",
    "MRAcquisitionType": "2D",
    "ConversionSoftwareVersion": "v1.0.20211006",
    "TotalReadoutTime": 0.057798,
    "EstimatedTotalReadoutTime": 0.057798,
    "AcquisitionTime": "17:06:31.500000",
    "AcquisitionMatrixPE": 95,
    "EffectiveEchoSpacing": 0.0006084,
    "ManufacturersModelName": "Achieva",
    "RepetitionTime": 1.15,
    "InPlanePhaseEncodingDirectionDICOM": "COL",
    "ReconMatrixPE": 96,
    "FlipAngle": 65,
    "PercentSampling": 100,
    "AcquisitionNumber": 11,
    "ProcedureStepDescription": "H14082014_47",
    "ParallelAcquisitionTechnique": "SENSE",
    "CoilString": "MULTI COIL",
    "EchoTrainLength": 95,
    "PhilipsRescaleIntercept": 0,
    "SliceThickness": 2.4,
    "Manufacturer": "Philips",
    "MagneticFieldStrength": 3,
    "PartialFourierEnabled": "YES",
    "PhaseEncodingDirection": "j",
    "PhaseEncodingAxis": "j"
}