{
  "Modality": "MR",
  "MagneticFieldStrength": 3,
  "ImagingFrequency": 127.749,
  "Manufacturer": "Philips",
  "ManufacturersModelName": "Ingenia",
  "InstitutionName": "Nottingham University",
  "InstitutionalDepartmentName": "SPMIC",
  "InstitutionAddress": "University Park",
  "DeviceSerialNumber": "71459",
  "StationName": "HOST-2ADB2S6FDM",
  "BodyPartExamined": "BRAIN",
  "PatientPosition": "HFS",
  "ProcedureStepDescription": "FMHS4520122",
  "SoftwareVersions": "5.6.1\\5.6.1.0",
  "MRAcquisitionType": "3D",
  "SeriesDescription": "SWI_3mm_tra",
  "ProtocolName": "SWI_3mm_tra",
  "ScanningSequence": "GR",
  "SequenceVariant": "SP",
  "ScanOptions": "FC",
  "ImageType": [
    "ORIGINAL",
    "PRIMARY",
    "T1",
    "MIXED"
  ],
  "SeriesNumber": 901,
  "AcquisitionTime": "12:22:39.870000",
  "AcquisitionNumber": 9,
  "PhilipsRWVSlope": 1.59683,
  "PhilipsRWVIntercept": 0,
  "PhilipsRescaleSlope": 1.59683,
  "PhilipsRescaleIntercept": 0,
  "PhilipsScaleSlope": 0.00262229,
  "UsePhilipsFloatNotDisplayScaling": 0,
  "SliceThickness": 3,
  "SpacingBetweenSlices": 3,
  "EchoNumber": 2,
  "EchoTime": 0.02,
  "RepetitionTime": 0.027,
  "MTState": false,
  "SpoilingState": true,
  "SpoilingType": "COMBINED",
  "FlipAngle": 15,
  "CoilString": "MULTI COIL",
  "PercentPhaseFOV": 88.8889,
  "PercentSampling": 78.233,
  "EchoTrainLength": 2,
  "PhaseEncodingSteps": 286,
  "AcquisitionMatrixPE": 286,
  "ReconMatrixPE": 288,
  "ParallelReductionFactorInPlane": 2,
  "ParallelAcquisitionTechnique": "SENSE",
  "WaterFatShift": 2.89714,
  "EstimatedEffectiveEchoSpacing": 1.54938e-05,
  "EstimatedTotalReadoutTime": 0.00444673,
  "PixelBandwidth": 149.923,
  "PhaseEncodingAxis": "i",
  "ImageOrientationPatientDICOM": [
    0.9969,
    -0.0106761,
    -0.0779508,
    0.0287909,
    0.971535,
    0.235141
  ],
  "InPlanePhaseEncodingDirectionDICOM": "ROW",
  "ConversionSoftware": "dcm2niix",
  "ConversionSoftwareVersion": "v1.0.20211006",
  "TotalReadoutTime": 0.00444673
}