{
    "PercentSampling": 100,
    "PercentPhaseFOV": 100,
    "ScanningSequence": "SE",
    "IntendedFor": "ses-NOT1ACH001/func/sub-14482_ses-NOT1ACH001_task-rest_bold.nii.gz",
    "ConversionSoftware": "dcm2niix",
    "MagneticFieldStrength": 3,
    "PhilipsRescaleIntercept": 0,
    "RepetitionTime": 2,
    "SpacingBetweenSlices": 2.4,
    "PhaseEncodingSteps": 95,
    "AcquisitionMatrixPE": 95,
    "EstimatedEffectiveEchoSpacing": 0.000605133,
    "AcquisitionNumber": 19,
    "SAR": 0.0454391,
    "ManufacturersModelName": "Achieva",
    "B0FieldIdentifier": "pepolar_fmap0",
    "SeriesNumber": 1901,
    "SliceThickness": 2.4,
    "MTState": false,
    "ImageOrientationPatientDICOM": [
        0.992692,
        0.00359926,
        -0.12062,
        -0.00338332,
        0.999992,
        0.00199501
    ],
    "UsePhilipsFloatNotDisplayScaling": 1,
    "ParallelReductionOutOfPlane": 4,
    "BodyPartExamined": "BRAIN",
    "PhilipsRWVSlope": 0.842002,
    "Modality": "MR",
    "WaterFatShift": 25.2433,
    "StationName": "PHILIPS-T6O3EHP",
    "InstitutionalDepartmentName": "MRI",
    "MRAcquisitionType": "2D",
    "PhilipsRWVIntercept": 0,
    "EchoTime": 0.09,
    "PhilipsScaleSlope": 0.00445266,
    "PhaseEncodingAxis": "j-",
    "PixelBandwidth": 2339,
    "EstimatedTotalReadoutTime": 0.0574876,
    "ProcedureStepDescription": "H1408201447",
    "InPlanePhaseEncodingDirectionDICOM": "COL",
    "ConversionSoftwareVersion": "v1.0.20211006",
    "CoilString": "MULTI COIL",
    "EchoTrainLength": 95,
    "ProtocolName": "WIP blipA_rs-fmri_singleMB4_HF0.8",
    "TotalReadoutTime": 0.0574876,
    "InstitutionName": "SPMMRC Nottingham",
    "SeriesDescription": "blipA_rs-fmri_singleMB4_HF0.8",
    "SequenceVariant": "SK",
    "ImageType": [
        "ORIGINAL",
        "PRIMARY",
        "M",
        "SE",
        "M",
        "SE"
    ],
    "DeviceSerialNumber": "17057",
    "AcquisitionTime": "16:26:57.250000",
    "Manufacturer": "Philips",
    "ScanOptions": "FS",
    "ParallelAcquisitionTechnique": "MBSENSE",
    "ImagingFrequency": 127.804,
    "PhilipsRescaleSlope": 0.842002,
    "FlipAngle": 80,
    "EffectiveEchoSpacing": 0.000605133,
    "PhaseEncodingDirection": "j-",
    "SoftwareVersions": "5.6.1\\5.6.1.1",
    "ReconMatrixPE": 96,
    "PatientPosition": "HFS"
}