{
    "SeriesNumber": 1801,
    "SAR": 0.0454388,
    "InstitutionName": "SPMMRC Nottingham",
    "EchoTrainLength": 95,
    "Manufacturer": "Philips",
    "AcquisitionNumber": 18,
    "ReconMatrixPE": 96,
    "TotalReadoutTime": 0.0574858,
    "EstimatedEffectiveEchoSpacing": 0.000605113,
    "ScanOptions": "FS",
    "InstitutionalDepartmentName": "MRI",
    "ConversionSoftwareVersion": "v1.0.20211006",
    "UsePhilipsFloatNotDisplayScaling": 1,
    "ImageType": [
        "ORIGINAL",
        "PRIMARY",
        "M",
        "SE",
        "M",
        "SE"
    ],
    "MagneticFieldStrength": 3,
    "SliceThickness": 2.4,
    "PhaseEncodingSteps": 95,
    "PhaseEncodingAxis": "j",
    "PercentPhaseFOV": 100,
    "MRAcquisitionType": "2D",
    "SpacingBetweenSlices": 2.4,
    "DeviceSerialNumber": "17057",
    "AcquisitionTime": "16:26:39.580000",
    "BodyPartExamined": "BRAIN",
    "InPlanePhaseEncodingDirectionDICOM": "COL",
    "PhaseEncodingDirection": "j",
    "PhilipsRWVSlope": 0.818071,
    "ParallelAcquisitionTechnique": "MBSENSE",
    "WaterFatShift": 25.2425,
    "EstimatedTotalReadoutTime": 0.0574858,
    "ParallelReductionOutOfPlane": 4,
    "PhilipsRescaleIntercept": 0,
    "SoftwareVersions": "5.6.1\\5.6.1.1",
    "SeriesDescription": "blipP_rs-fmri_singleMB4_HF0.8",
    "ProtocolName": "WIP blipP_rs-fmri_singleMB4_HF0.8",
    "EchoTime": 0.09,
    "PhilipsRWVIntercept": 0,
    "ConversionSoftware": "dcm2niix",
    "ScanningSequence": "SE",
    "ProcedureStepDescription": "H1408201447",
    "RepetitionTime": 2,
    "MTState": false,
    "AcquisitionMatrixPE": 95,
    "ImageOrientationPatientDICOM": [
        0.992692,
        0.00359926,
        -0.12062,
        -0.00338332,
        0.999992,
        0.00199501
    ],
    "PixelBandwidth": 2392,
    "Modality": "MR",
    "StationName": "PHILIPS-T6O3EHP",
    "FlipAngle": 80,
    "IntendedFor": "ses-NOT1ACH001/func/sub-14482_ses-NOT1ACH001_task-rest_bold.nii.gz",
    "B0FieldIdentifier": "pepolar_fmap0",
    "EffectiveEchoSpacing": 0.000605113,
    "ImagingFrequency": 127.804,
    "PhilipsRescaleSlope": 0.818071,
    "PatientPosition": "HFS",
    "CoilString": "MULTI COIL",
    "PercentSampling": 100,
    "ManufacturersModelName": "Achieva",
    "SequenceVariant": "SK",
    "PhilipsScaleSlope": 0.00267924
}