{
	"Modality": "MR",
	"MagneticFieldStrength": 3,
	"ImagingFrequency": 123.235,
	"Manufacturer": "Siemens",
	"ManufacturersModelName": "Prisma",
	"InstitutionName": "The John Radcliffe",
	"InstitutionalDepartmentName": "Department",
	"InstitutionAddress": "Headley Way StreetNo,Oxford,District,GB,OX3 9DU",
	"DeviceSerialNumber": "66050",
	"StationName": "AWP66050",
	"BodyPartExamined": "HEAD",
	"PatientPosition": "HFS",
	"SoftwareVersions": "syngo MR E11",
	"MRAcquisitionType": "2D",
	"SeriesDescription": "diff_AP_MPopt_MB3_50b1000_50b2000_8b0_lowflip",
	"ProtocolName": "diff_AP_MPopt_MB3_50b1000_50b2000_8b0_lowflip",
	"ScanningSequence": "EP",
	"SequenceVariant": "SK\\SS",
	"ScanOptions": "PFP\\FS",
	"SequenceName": "ep_b5#1",
	"ImageType": ["ORIGINAL", "PRIMARY", "DIFFUSION", "NONE", "MB", "ND", "MOSAIC"],
	"SeriesNumber": 14,
	"AcquisitionTime": "14:56:8.080000",
	"AcquisitionNumber": 1,
	"ImageComments": "Unaliased MB3/PE3 SENSE1",
	"SliceThickness": 2,
	"SpacingBetweenSlices": 2,
	"SAR": 0.109327,
	"EchoTime": 0.092,
	"RepetitionTime": 3.6,
	"FlipAngle": 78,
	"PartialFourier": 0.75,
	"BaseResolution": 104,
	"ShimSetting": [
		345,
		-11455,
		1724,
		463,
		-26,
		-51,
		50,
		-10	],
	"DiffusionScheme": "Monopolar",
	"TxRefAmp": 255.389,
	"PhaseResolution": 1,
	"ReceiveCoilName": "Head_32",
	"ReceiveCoilActiveElements": "HEA;HEP",
	"PulseSequenceDetails": "%CustomerSeq%\\cmrr_mbep2d_diff",
	"WipMemBlock": "0c4bcf4d-9e30-498e-af39-dab68091bd75||Sequence: R016 ve11c/master r/e634e98; Dec 19 2017 11:11:25 by eja",
	"CoilCombinationMethod": "Sum of Squares",
	"ConsistencyInfo": "N4_VE11C_LATEST_20160120",
	"MatrixCoilMode": "SENSE",
	"MultibandAccelerationFactor": 3,
	"PercentPhaseFOV": 100,
	"PercentSampling": 100,
	"EchoTrainLength": 78,
	"PhaseEncodingSteps": 78,
	"AcquisitionMatrixPE": 104,
	"ReconMatrixPE": 104,
	"BandwidthPerPixelPhaseEncode": 14.351,
	"EffectiveEchoSpacing": 0.000670015,
	"DerivedVendorReportedEchoSpacing": 0.000670015,
	"TotalReadoutTime": 0.0690115,
	"PixelBandwidth": 1780,
	"DwellTime": 2.7e-06,
	"PhaseEncodingDirection": "j-",
	"SliceTiming": [
		0,
		1.64,
		3.2825,
		1.3425,
		2.9825,
		1.045,
		2.685,
		0.745,
		2.3875,
		0.4475,
		2.0875,
		0.15,
		1.79,
		3.43,
		1.4925,
		3.1325,
		1.1925,
		2.835,
		0.895,
		2.535,
		0.5975,
		2.2375,
		0.2975,
		1.94,
		0,
		1.64,
		3.2825,
		1.3425,
		2.9825,
		1.045,
		2.685,
		0.745,
		2.3875,
		0.4475,
		2.0875,
		0.15,
		1.79,
		3.43,
		1.4925,
		3.1325,
		1.1925,
		2.835,
		0.895,
		2.535,
		0.5975,
		2.2375,
		0.2975,
		1.94,
		0,
		1.64,
		3.2825,
		1.3425,
		2.9825,
		1.045,
		2.685,
		0.745,
		2.3875,
		0.4475,
		2.0875,
		0.15,
		1.79,
		3.43,
		1.4925,
		3.1325,
		1.1925,
		2.835,
		0.895,
		2.535,
		0.5975,
		2.2375,
		0.2975,
		1.94	],
	"ImageOrientationPatientDICOM": [
		0.999243,
		0.00714388,
		0.0382312,
		0.0101156,
		0.901419,
		-0.43283	],
	"ImageOrientationText": "Tra>Cor(-25.7)>Sag(2.2)",
	"InPlanePhaseEncodingDirectionDICOM": "COL",
	"ConversionSoftware": "dcm2niix",
	"ConversionSoftwareVersion": "v1.0.20211006"
}
