{
    "BodyPartExamined": "HEAD",
    "SAR": 0.100968,
    "AcquisitionMatrixPE": 104,
    "EchoTime": 0.092,
    "ReceiveCoilName": "Head_32",
    "SpacingBetweenSlices": 2,
    "ConversionSoftwareVersion": "v1.0.20211006",
    "CoilCombinationMethod": "Sum of Squares",
    "PartialFourier": 0.75,
    "AcquisitionTime": "12:49:6.075000",
    "ReceiveCoilActiveElements": "HEA;HEP",
    "AcquisitionNumber": 1,
    "ProtocolName": "diff_AP_MPopt_MB3_50b1000_50b2000_8b0_lowflip",
    "BandwidthPerPixelPhaseEncode": 14.351,
    "SequenceName": "ep_b5#1",
    "InstitutionAddress": "Headley Way StreetNo,Oxford,District,GB,OX3 9DU",
    "StationName": "AWP66050",
    "ImageOrientationPatientDICOM": [
        0.999322,
        0.0367928,
        -0.00141674,
        -0.0368181,
        0.998138,
        -0.0486223
    ],
    "SeriesDescription": "diff_AP_MPopt_MB3_50b1000_50b2000_8b0_lowflip",
    "PhaseResolution": 1,
    "ManufacturersModelName": "Prisma",
    "SoftwareVersions": "syngo MR E11",
    "EchoTrainLength": 78,
    "PercentPhaseFOV": 100,
    "PatientPosition": "HFS",
    "ScanningSequence": "EP",
    "Manufacturer": "Siemens",
    "PhaseEncodingSteps": 78,
    "InPlanePhaseEncodingDirectionDICOM": "COL",
    "InstitutionName": "The John Radcliffe",
    "DiffusionScheme": "Monopolar",
    "SeriesNumber": 14,
    "ConversionSoftware": "dcm2niix",
    "BaseResolution": 104,
    "InstitutionalDepartmentName": "Department",
    "PhaseEncodingDirection": "j-",
    "RepetitionTime": 3.6,
    "MRAcquisitionType": "2D",
    "DerivedVendorReportedEchoSpacing": 0.000670015,
    "ImageType": [
        "ORIGINAL",
        "PRIMARY",
        "DIFFUSION",
        "NONE",
        "MB",
        "ND",
        "MOSAIC"
    ],
    "DeviceSerialNumber": "66050",
    "MatrixCoilMode": "SENSE",
    "DwellTime": 2.7e-06,
    "WipMemBlock": "1c524368-db32-4e9f-98ed-b0221aae30c5||Sequence: R016 ve11c/master r/e634e98; Dec 19 2017 11:11:25 by eja",
    "ImageOrientationText": "Tra>Cor(-2.8)>Sag(0.0)",
    "SequenceVariant": "SK\\SS",
    "MagneticFieldStrength": 3,
    "ConsistencyInfo": "N4_VE11C_LATEST_20160120",
    "ScanOptions": "PFP\\FS",
    "ImageComments": "Unaliased MB3/PE3 SENSE1",
    "EffectiveEchoSpacing": 0.000670015,
    "PixelBandwidth": 1780,
    "MultibandAccelerationFactor": 3,
    "ShimSetting": [
        315,
        -11536,
        1696,
        414,
        -26,
        -71,
        81,
        1
    ],
    "TotalReadoutTime": 0.0690115,
    "Modality": "MR",
    "ReconMatrixPE": 104,
    "PercentSampling": 100,
    "SliceThickness": 2,
    "TxRefAmp": 248.273,
    "PulseSequenceDetails": "%CustomerSeq%\\cmrr_mbep2d_diff",
    "ImagingFrequency": 123.256,
    "SliceTiming": [
        0,
        1.64,
        3.2825,
        1.3425,
        2.9825,
        1.045,
        2.685,
        0.745,
        2.3875,
        0.4475,
        2.0875,
        0.15,
        1.79,
        3.43,
        1.4925,
        3.1325,
        1.1925,
        2.835,
        0.895,
        2.535,
        0.5975,
        2.2375,
        0.2975,
        1.94,
        0,
        1.64,
        3.2825,
        1.3425,
        2.9825,
        1.045,
        2.685,
        0.745,
        2.3875,
        0.4475,
        2.0875,
        0.15,
        1.79,
        3.43,
        1.4925,
        3.1325,
        1.1925,
        2.835,
        0.895,
        2.535,
        0.5975,
        2.2375,
        0.2975,
        1.94,
        0,
        1.64,
        3.2825,
        1.3425,
        2.9825,
        1.045,
        2.685,
        0.745,
        2.3875,
        0.4475,
        2.0875,
        0.15,
        1.79,
        3.43,
        1.4925,
        3.1325,
        1.1925,
        2.835,
        0.895,
        2.535,
        0.5975,
        2.2375,
        0.2975,
        1.94
    ],
    "FlipAngle": 78
}