{
  "Modality": "MR",
  "MagneticFieldStrength": 3,
  "ImagingFrequency": 127.749,
  "Manufacturer": "Philips",
  "ManufacturersModelName": "Ingenia",
  "InstitutionName": "Nottingham University",
  "InstitutionalDepartmentName": "SPMIC",
  "InstitutionAddress": "University Park",
  "DeviceSerialNumber": "71459",
  "StationName": "HOST-2ADB2S6FDM",
  "BodyPartExamined": "BRAIN",
  "PatientPosition": "HFS",
  "ProcedureStepDescription": "FMHS4520122",
  "SoftwareVersions": "5.6.1\\5.6.1.0",
  "MRAcquisitionType": "2D",
  "SeriesDescription": "blip_rs-fmri_SE",
  "ProtocolName": "blip_rs-fmri_SE",
  "ScanningSequence": "SE",
  "SequenceVariant": "SK",
  "ScanOptions": "FS",
  "ImageType": [
    "ORIGINAL",
    "PRIMARY",
    "T2",
    "NONE"
  ],
  "SeriesNumber": 601,
  "AcquisitionTime": "10:23:25.160000",
  "AcquisitionNumber": 6,
  "PhilipsRescaleSlope": 1.46227,
  "PhilipsRescaleIntercept": 0,
  "PhilipsScaleSlope": 0.018946,
  "UsePhilipsFloatNotDisplayScaling": 0,
  "SliceThickness": 2.4,
  "SpacingBetweenSlices": 2.4,
  "EchoTime": 0.08,
  "RepetitionTime": 5.67646,
  "MTState": false,
  "FlipAngle": 52,
  "CoilString": "MULTI COIL",
  "PercentPhaseFOV": 100,
  "PercentSampling": 100,
  "EchoTrainLength": 63,
  "PhaseEncodingSteps": 95,
  "AcquisitionMatrixPE": 95,
  "ReconMatrixPE": 96,
  "ParallelReductionFactorInPlane": 1.5,
  "ParallelAcquisitionTechnique": "SENSE",
  "WaterFatShift": 20.3511,
  "EstimatedEffectiveEchoSpacing": 0.000485499,
  "EstimatedTotalReadoutTime": 0.0461224,
  "PixelBandwidth": 1628.46,
  "PhaseEncodingAxis": "j",
  "ImageOrientationPatientDICOM": [
    0.999118,
    0.00735813,
    0.0413354,
    -0.0033498,
    0.995355,
    -0.0962155
  ],
  "InPlanePhaseEncodingDirectionDICOM": "COL",
  "ConversionSoftware": "dcm2niix",
  "ConversionSoftwareVersion": "v1.0.20211006",
  "PhaseEncodingDirection": "j",
  "IntendedFor": "bids::sub-16974/ses-NOT2ING001/func/sub-16974_ses-NOT2ING001_task-rest_bold.nii.gz",
  "B0FieldIdentifier": "pepolar_fmap0",
  "TotalReadoutTime": 0.0461224,
  "EffectiveEchoSpacing": 0.000485499
}