{
    "ConversionSoftwareVersion": "v1.0.20211006",
    "PhilipsRescaleSlope": 1.02613,
    "PatientPosition": "HFS",
    "AcquisitionNumber": 15,
    "PhilipsScaleSlope": 0.00228762,
    "ParallelReductionOutOfPlane": 4,
    "WaterFatShift": 25.2426,
    "EffectiveEchoSpacing": 0.000605113,
    "ImageOrientationPatientDICOM": [
        0.995716,
        0.0706912,
        0.059597,
        -0.0707729,
        0.997492,
        -0.000741491
    ],
    "PercentPhaseFOV": 100,
    "PhaseEncodingDirection": "j",
    "FlipAngle": 80,
    "TotalReadoutTime": 0.0574858,
    "PhaseEncodingSteps": 95,
    "ConversionSoftware": "dcm2niix",
    "ImageType": [
        "ORIGINAL",
        "PRIMARY",
        "T2",
        "NONE"
    ],
    "CoilString": "MULTI COIL",
    "DeviceSerialNumber": "17057",
    "ProcedureStepDescription": "H1408201447",
    "InstitutionName": "SPMMRC Nottingham",
    "SeriesDescription": "blipP_rs-fmri_singleMB4_HF0.8",
    "ImagingFrequency": 127.805,
    "Modality": "MR",
    "SeriesNumber": 1501,
    "AcquisitionMatrixPE": 95,
    "ScanningSequence": "SE",
    "MRAcquisitionType": "2D",
    "ScanOptions": "FS",
    "InstitutionalDepartmentName": "MRI",
    "EchoTime": 0.09,
    "SoftwareVersions": "5.6.1\\5.6.1.1",
    "UsePhilipsFloatNotDisplayScaling": 1,
    "AcquisitionTime": "16:04:27.810000",
    "PhilipsRescaleIntercept": 0,
    "ParallelAcquisitionTechnique": "MBSENSE",
    "SequenceVariant": "SK",
    "PercentSampling": 100,
    "EstimatedEffectiveEchoSpacing": 0.000605113,
    "IntendedFor": "ses-NOT1ACH001/func/sub-10975_ses-NOT1ACH001_task-rest_bold.nii.gz",
    "SpacingBetweenSlices": 2.4,
    "ReconMatrixPE": 96,
    "ManufacturersModelName": "Achieva",
    "MTState": false,
    "B0FieldIdentifier": "pepolar_fmap0",
    "EchoTrainLength": 95,
    "InPlanePhaseEncodingDirectionDICOM": "COL",
    "PixelBandwidth": 2391.73,
    "SliceThickness": 2.4,
    "BodyPartExamined": "BRAIN",
    "PhaseEncodingAxis": "j",
    "StationName": "PHILIPS-T6O3EHP",
    "MagneticFieldStrength": 3,
    "ProtocolName": "WIP blipP_rs-fmri_singleMB4_HF0.8",
    "RepetitionTime": 2,
    "EstimatedTotalReadoutTime": 0.0574858,
    "Manufacturer": "Philips"
}