{
    "CoilString": "MULTI COIL",
    "MagneticFieldStrength": 3,
    "PatientPosition": "HFS",
    "ConversionSoftwareVersion": "v1.0.20211006",
    "EstimatedEffectiveEchoSpacing": 0.000605133,
    "EffectiveEchoSpacing": 0.000605133,
    "SpacingBetweenSlices": 2.4,
    "InstitutionName": "SPMMRC Nottingham",
    "AcquisitionMatrixPE": 95,
    "PixelBandwidth": 2339.41,
    "TotalReadoutTime": 0.0574876,
    "ReconMatrixPE": 96,
    "PercentSampling": 100,
    "DeviceSerialNumber": "17057",
    "InPlanePhaseEncodingDirectionDICOM": "COL",
    "ConversionSoftware": "dcm2niix",
    "BodyPartExamined": "BRAIN",
    "AcquisitionTime": "16:05:7.680000",
    "ProcedureStepDescription": "H1408201447",
    "PhaseEncodingAxis": "j-",
    "SequenceVariant": "SK",
    "PhaseEncodingDirection": "j-",
    "AcquisitionNumber": 16,
    "EchoTime": 0.09,
    "IntendedFor": "ses-NOT1ACH001/func/sub-10975_ses-NOT1ACH001_task-rest_bold.nii.gz",
    "ImageType": [
        "ORIGINAL",
        "PRIMARY",
        "T2",
        "NONE"
    ],
    "EchoTrainLength": 95,
    "ManufacturersModelName": "Achieva",
    "SeriesNumber": 1601,
    "RepetitionTime": 2,
    "InstitutionalDepartmentName": "MRI",
    "Manufacturer": "Philips",
    "PhilipsScaleSlope": 0.00498919,
    "ProtocolName": "WIP blipA_rs-fmri_singleMB4_HF0.8",
    "PercentPhaseFOV": 100,
    "SeriesDescription": "blipA_rs-fmri_singleMB4_HF0.8",
    "Modality": "MR",
    "ScanningSequence": "SE",
    "EstimatedTotalReadoutTime": 0.0574876,
    "MRAcquisitionType": "2D",
    "UsePhilipsFloatNotDisplayScaling": 1,
    "WaterFatShift": 25.2434,
    "ImageOrientationPatientDICOM": [
        0.995716,
        0.0706912,
        0.059597,
        -0.0707729,
        0.997492,
        -0.000741491
    ],
    "StationName": "PHILIPS-T6O3EHP",
    "MTState": false,
    "ImagingFrequency": 127.805,
    "PhaseEncodingSteps": 95,
    "PhilipsRescaleSlope": 0.840049,
    "ScanOptions": "FS",
    "ParallelAcquisitionTechnique": "MBSENSE",
    "FlipAngle": 80,
    "SliceThickness": 2.4,
    "B0FieldIdentifier": "pepolar_fmap0",
    "ParallelReductionOutOfPlane": 4,
    "SoftwareVersions": "5.6.1\\5.6.1.1",
    "PhilipsRescaleIntercept": 0
}