{
    "TotalReadoutTime": 0.0742028,
    "InstitutionalDepartmentName": "SPMIC",
    "ScanningSequence": "SE",
    "PhaseEncodingDirection": "j-",
    "PartialFourierDirection": "PHASE",
    "SliceThickness": 2,
    "EstimatedTotalReadoutTime": 0.0742028,
    "ProcedureStepDescription": "H1408201447",
    "SequenceVariant": "SK",
    "FlipAngle": 90,
    "ConversionSoftware": "dcm2niix",
    "PhaseEncodingAxis": "j-",
    "UsePhilipsFloatNotDisplayScaling": 1,
    "EchoTime": 0.097967,
    "StationName": "HOST-2ADB2S6FDM",
    "DeviceSerialNumber": "71459",
    "ImagingFrequency": 127.749,
    "SoftwareVersions": "5.6.1\\5.6.1.0",
    "SeriesDescription": "DTI_Biobank_2mm_MB3S1p5_EPI",
    "AcquisitionTime": "14:36:33.790000",
    "ParallelReductionFactorInPlane": 1.5,
    "SpacingBetweenSlices": 2,
    "AcquisitionMatrixPE": 112,
    "MTState": false,
    "InstitutionName": "Nottingham University",
    "EstimatedEffectiveEchoSpacing": 0.000668494,
    "PhilipsScaleSlope": 0.0322905,
    "WaterFatShift": 32.6595,
    "AcquisitionNumber": 5,
    "PercentPhaseFOV": 100,
    "SeriesNumber": 501,
    "ParallelReductionOutOfPlane": 3,
    "ImageType": [
        "ORIGINAL",
        "PRIMARY",
        "DIFFUSION",
        "NONE"
    ],
    "InstitutionAddress": "University Park",
    "PercentSampling": 100,
    "ReconMatrixPE": 112,
    "PartialFourierEnabled": "YES",
    "EchoTrainLength": 75,
    "ConversionSoftwareVersion": "v1.0.20211006",
    "CoilString": "MULTI COIL",
    "InPlanePhaseEncodingDirectionDICOM": "COL",
    "PhaseEncodingStepsNoPartialFourier": 112,
    "EffectiveEchoSpacing": 0.000668494,
    "ManufacturersModelName": "Ingenia",
    "PixelBandwidth": 1891.97,
    "BodyPartExamined": "BRAIN",
    "ParallelAcquisitionTechnique": "MBSENSE",
    "ProtocolName": "WIP DTI_Biobank_2mm_MB3S1p5_EPI",
    "ScanOptions": "FS",
    "PatientPosition": "HFS",
    "MagneticFieldStrength": 3,
    "Manufacturer": "Philips",
    "Modality": "MR",
    "ImageOrientationPatientDICOM": [
        0.996094,
        0.0883003,
        -0.00022955,
        -0.0883002,
        0.996094,
        0.000310324
    ],
    "MRAcquisitionType": "2D",
    "PhilipsRescaleSlope": 1.64689,
    "RepetitionTime": 4.36613,
    "PhilipsRescaleIntercept": 0
}