{
    "ProtocolName": "WIP blip_DTI_Biobank_2mm_MB3S1p5_EPI",
    "InPlanePhaseEncodingDirectionDICOM": "COL",
    "PercentSampling": 100,
    "ReconMatrixPE": 112,
    "EchoTrainLength": 75,
    "DeviceSerialNumber": "71459",
    "ManufacturersModelName": "Ingenia",
    "ImageType": [
        "ORIGINAL",
        "PRIMARY",
        "DIFFUSION",
        "NONE"
    ],
    "PercentPhaseFOV": 100,
    "SliceThickness": 2,
    "MRAcquisitionType": "2D",
    "PartialFourierDirection": "PHASE",
    "ProcedureStepDescription": "H1408201447",
    "AcquisitionMatrixPE": 112,
    "CoilString": "MULTI COIL",
    "StationName": "HOST-2ADB2S6FDM",
    "BodyPartExamined": "BRAIN",
    "ConversionSoftware": "dcm2niix",
    "PatientPosition": "HFS",
    "PhilipsScaleSlope": 0.0212031,
    "AcquisitionNumber": 4,
    "ParallelReductionOutOfPlane": 3,
    "MagneticFieldStrength": 3,
    "SeriesDescription": "blip_DTI_Biobank_2mm_MB3S1p5_EPI",
    "MTState": false,
    "EstimatedTotalReadoutTime": 0.0743903,
    "ScanningSequence": "SE",
    "ParallelAcquisitionTechnique": "MBSENSE",
    "AcquisitionTime": "14:36:12.070000",
    "ConversionSoftwareVersion": "v1.0.20211006",
    "Modality": "MR",
    "SequenceVariant": "SK",
    "ImageOrientationPatientDICOM": [
        0.996094,
        0.0883003,
        -0.00022955,
        -0.0883002,
        0.996094,
        0.000310324
    ],
    "ScanOptions": "FS",
    "FlipAngle": 90,
    "PhaseEncodingAxis": "j",
    "RepetitionTime": 4.031,
    "EffectiveEchoSpacing": 0.000670183,
    "PhilipsRescaleIntercept": 0,
    "SoftwareVersions": "5.6.1\\5.6.1.0",
    "SeriesNumber": 401,
    "PhaseEncodingStepsNoPartialFourier": 112,
    "PhaseEncodingDirection": "j",
    "EchoTime": 0.098,
    "UsePhilipsFloatNotDisplayScaling": 1,
    "InstitutionalDepartmentName": "SPMIC",
    "TotalReadoutTime": 0.0743903,
    "InstitutionName": "Nottingham University",
    "PhilipsRescaleSlope": 2.37582,
    "WaterFatShift": 32.742,
    "ParallelReductionFactorInPlane": 1.5,
    "SpacingBetweenSlices": 2,
    "PartialFourierEnabled": "YES",
    "PixelBandwidth": 1882.91,
    "EstimatedEffectiveEchoSpacing": 0.000670183,
    "ImagingFrequency": 127.749,
    "Manufacturer": "Philips",
    "InstitutionAddress": "University Park"
}