{
    "AcquisitionMatrixPE": 104,
    "ScanningSequence": "EP\\SE",
    "Manufacturer": "GE",
    "MagneticFieldStrength": 3,
    "InstitutionName": "Nottingham Medical School",
    "SoftwareVersions": "24\\LX\\MR Software release:DV24.0_R02_1607.b",
    "InversionTime": 0.082,
    "PhaseEncodingPolarityGE": "Flipped",
    "DeviceSerialNumber": "00000000269MRS04",
    "ImageType": [
        "ORIGINAL",
        "PRIMARY",
        "OTHER"
    ],
    "AcquisitionNumber": 1,
    "InternalPulseSequenceName": "EPI2",
    "EffectiveEchoSpacing": 0.00033868,
    "ManufacturersModelName": "DISCOVERY MR750",
    "ProcedureStepDescription": "B1201202-052",
    "ParallelReductionFactorInPlane": 2,
    "SliceThickness": 2,
    "SAR": 1.36948,
    "CoilString": "32Ch Head",
    "ConversionSoftware": "dcm2niix",
    "SpacingBetweenSlices": 2,
    "PixelBandwidth": 4807.69,
    "AcquisitionTime": "15:08:39.000000",
    "ProtocolName": "BioBank v1.2",
    "Modality": "MR",
    "SequenceVariant": "NONE",
    "TotalReadoutTime": 0.034884,
    "PatientPosition": "HFS",
    "ImagingFrequency": 127.726,
    "StationName": "MR01DV01",
    "EchoTime": 0.065,
    "MRAcquisitionType": "2D",
    "SeriesDescription": "diff 60dirs b=1000",
    "ImageOrientationPatientDICOM": [
        0.999351,
        0.0244125,
        0.0264958,
        -0.0285659,
        0.985059,
        0.169829
    ],
    "PhaseEncodingDirection": "j",
    "ReconMatrixPE": 104,
    "SeriesNumber": 10,
    "ScanOptions": "SAT_GEMS\\EDR_GEMS\\EPI_GEMS\\ACC_GEMS\\PFF\\FS",
    "RepetitionTime": 11,
    "PercentSampling": 100,
    "ConversionSoftwareVersion": "v1.0.20211006",
    "FlipAngle": 90,
    "PercentPhaseFOV": 100,
    "InPlanePhaseEncodingDirectionDICOM": "COL",
    "PhaseEncodingAxis": "j"
}