{
    "SequenceVariant": "SK\\SP\\MP",
    "AcquisitionTime": "10:01:40.027500",
    "InPlanePhaseEncodingDirectionDICOM": "ROW",
    "MatrixCoilMode": "GRAPPA",
    "DwellTime": 2.5e-06,
    "SoftwareVersions": "syngo MR E11",
    "ConsistencyInfo": "N4_VE11C_LATEST_20160120",
    "PercentSampling": 100,
    "ConversionSoftwareVersion": "v1.0.20211006",
    "ConversionSoftware": "dcm2niix",
    "PartialFourier": 1,
    "BaseResolution": 256,
    "ProtocolName": "t2_flair_sag_p2_1mm_FS_ellip_pf78",
    "PhaseEncodingSteps": 215,
    "TxRefAmp": 269.232,
    "AcquisitionNumber": 1,
    "ReconMatrixPE": 256,
    "InversionTime": 1.8,
    "MagneticFieldStrength": 3,
    "ImagingFrequency": 123.26,
    "SeriesNumber": 8,
    "InstitutionName": "Warneford Hospital",
    "Manufacturer": "Siemens",
    "SAR": 0.110323,
    "ManufacturersModelName": "Prisma",
    "SequenceName": "*spcir_284ns",
    "BodyPartExamined": "BRAIN",
    "AcquisitionMatrixPE": 256,
    "PixelBandwidth": 780,
    "RefLinesPE": 24,
    "ShimSetting": [
        4964,
        -11459,
        -1384,
        352,
        77,
        -519,
        54,
        52
    ],
    "ImageType": [
        "ORIGINAL",
        "PRIMARY",
        "OTHER",
        "NORM"
    ],
    "SeriesDescription": "t2_flair_sag_p2_1mm_FS_ellip_pf78",
    "ImageOrientationText": "Sag>Tra(2.9)>Cor(-0.8)",
    "ImageOrientationPatientDICOM": [
        -0.0173706,
        0.997539,
        -0.0679282,
        -0.0495212,
        -0.0687134,
        -0.996407
    ],
    "MRAcquisitionType": "3D",
    "StationName": "AWP66093",
    "EchoTrainLength": 258,
    "SpoilingState": true,
    "FlipAngle": 120,
    "RepetitionTime": 5,
    "ScanOptions": "IR\\PFP\\FS",
    "CoilCombinationMethod": "Adaptive Combine",
    "SliceThickness": 1.05,
    "ParallelReductionFactorInPlane": 2,
    "Modality": "MR",
    "InstitutionalDepartmentName": "BE3597",
    "PhaseResolution": 1,
    "DeviceSerialNumber": "66093",
    "ReceiveCoilName": "HeadNeck_64",
    "PatientPosition": "HFS",
    "ScanningSequence": "SE\\IR",
    "InstitutionAddress": "Warneford Lane StreetNo,Oxford,District,GB,OX3 7JX",
    "ReceiveCoilActiveElements": "HC1-7",
    "PulseSequenceDetails": "%SiemensSeq%\\tse_vfl",
    "PhaseEncodingDirection": "i",
    "EchoTime": 0.397,
    "PercentPhaseFOV": 100
}