{
    "Modality": "MR",
    "PercentPhaseFOV": 100,
    "ImageComments": "Unaliased MB3/PE3 SENSE1",
    "AcquisitionMatrixPE": 104,
    "PixelBandwidth": 1780,
    "BandwidthPerPixelPhaseEncode": 14.351,
    "PatientPosition": "HFS",
    "PulseSequenceDetails": "%CustomerSeq%\\cmrr_mbep2d_diff",
    "SAR": 0.0673099,
    "FlipAngle": 78,
    "MagneticFieldStrength": 3,
    "PercentSampling": 100,
    "SoftwareVersions": "syngo MR E11",
    "DeviceSerialNumber": "66093",
    "SequenceName": "ep_b5#1",
    "DiffusionScheme": "Monopolar",
    "DwellTime": 2.7e-06,
    "ReceiveCoilName": "HeadNeck_64",
    "ConversionSoftwareVersion": "v1.0.20211006",
    "ReceiveCoilActiveElements": "HC1-7",
    "AcquisitionNumber": 1,
    "BaseResolution": 104,
    "EchoTrainLength": 78,
    "InPlanePhaseEncodingDirectionDICOM": "COL",
    "ConsistencyInfo": "N4_VE11C_LATEST_20160120",
    "StationName": "AWP66093",
    "EchoTime": 0.092,
    "ManufacturersModelName": "Prisma",
    "InstitutionName": "Warneford Hospital",
    "MultibandAccelerationFactor": 3,
    "PhaseEncodingDirection": "j",
    "RepetitionTime": 3.6,
    "PhaseResolution": 1,
    "SequenceVariant": "SK\\SS",
    "ShimSetting": [
        4959,
        -11418,
        -1280,
        575,
        106,
        -141,
        155,
        16
    ],
    "SliceThickness": 2,
    "WipMemBlock": "0f3a197e-b90a-4df1-8267-100ddb8e44c5||Sequence: R016 ve11c/master r/e634e98; Dec 19 2017 11:11:25 by eja",
    "PhaseEncodingSteps": 78,
    "EffectiveEchoSpacing": 0.000670015,
    "ImagingFrequency": 123.26,
    "ConversionSoftware": "dcm2niix",
    "ScanningSequence": "EP",
    "InstitutionAddress": "Warneford Lane StreetNo,Oxford,District,GB,OX3 7JX",
    "ImageOrientationText": "Tra>Cor(-21.1)>Sag(-2.0)",
    "ProtocolName": "diff_PA_MPopt_MB3_3b0_lowflip",
    "Manufacturer": "Siemens",
    "PartialFourier": 0.75,
    "SeriesDescription": "diff 3dirs b=0 pepolar",
    "TxRefAmp": 219.352,
    "ReconMatrixPE": 104,
    "TotalReadoutTime": 0.0690115,
    "ImageOrientationPatientDICOM": [
        0.999377,
        -0.00417317,
        -0.0350341,
        -0.00872142,
        0.932944,
        -0.359915
    ],
    "SeriesNumber": 10,
    "CoilCombinationMethod": "Sum of Squares",
    "ImageType": [
        "ORIGINAL",
        "PRIMARY",
        "DIFFUSION",
        "NONE",
        "MB",
        "ND"
    ],
    "BodyPartExamined": "BRAIN",
    "DerivedVendorReportedEchoSpacing": 0.000670015,
    "MatrixCoilMode": "SENSE",
    "AcquisitionTime": "09:55:13.495000",
    "SliceTiming": [
        0,
        1.64062,
        3.28125,
        1.34375,
        2.98438,
        1.04688,
        2.6875,
        0.75,
        2.39062,
        0.45312,
        2.09375,
        0.14844,
        1.78906,
        3.42969,
        1.49219,
        3.13281,
        1.19531,
        2.83594,
        0.89844,
        2.53906,
        0.60156,
        2.24219,
        0.29688,
        1.9375,
        0,
        1.64062,
        3.28125,
        1.34375,
        2.98438,
        1.04688,
        2.6875,
        0.75,
        2.39062,
        0.45312,
        2.09375,
        0.14844,
        1.78906,
        3.42969,
        1.49219,
        3.13281,
        1.19531,
        2.83594,
        0.89844,
        2.53906,
        0.60156,
        2.24219,
        0.29688,
        1.9375,
        0,
        1.64062,
        3.28125,
        1.34375,
        2.98438,
        1.04688,
        2.6875,
        0.75,
        2.39062,
        0.45312,
        2.09375,
        0.14844,
        1.78906,
        3.42969,
        1.49219,
        3.13281,
        1.19531,
        2.83594,
        0.89844,
        2.53906,
        0.60156,
        2.24219,
        0.29688,
        1.9375
    ],
    "MRAcquisitionType": "2D",
    "ScanOptions": "PFP\\FS",
    "SpacingBetweenSlices": 2,
    "InstitutionalDepartmentName": "BE3597"
}