{
    "SeriesDescription": "diff_AP_MPopt_MB3_50b1000_50b2000_8b0_lowflip",
    "PhaseResolution": 1,
    "ShimSetting": [
        4959,
        -11418,
        -1280,
        575,
        106,
        -141,
        155,
        16
    ],
    "PulseSequenceDetails": "%CustomerSeq%\\cmrr_mbep2d_diff",
    "FlipAngle": 78,
    "ReceiveCoilName": "HeadNeck_64",
    "ConsistencyInfo": "N4_VE11C_LATEST_20160120",
    "SAR": 0.0810517,
    "BaseResolution": 104,
    "ReconMatrixPE": 104,
    "DeviceSerialNumber": "66093",
    "SliceTiming": [
        0,
        1.6425,
        3.2825,
        1.3425,
        2.985,
        1.045,
        2.685,
        0.7475,
        2.3875,
        0.4475,
        2.09,
        0.15,
        1.79,
        3.4325,
        1.4925,
        3.1325,
        1.195,
        2.835,
        0.895,
        2.5375,
        0.5975,
        2.2375,
        0.3,
        1.94,
        0,
        1.6425,
        3.2825,
        1.3425,
        2.985,
        1.045,
        2.685,
        0.7475,
        2.3875,
        0.4475,
        2.09,
        0.15,
        1.79,
        3.4325,
        1.4925,
        3.1325,
        1.195,
        2.835,
        0.895,
        2.5375,
        0.5975,
        2.2375,
        0.3,
        1.94,
        0,
        1.6425,
        3.2825,
        1.3425,
        2.985,
        1.045,
        2.685,
        0.7475,
        2.3875,
        0.4475,
        2.09,
        0.15,
        1.79,
        3.4325,
        1.4925,
        3.1325,
        1.195,
        2.835,
        0.895,
        2.5375,
        0.5975,
        2.2375,
        0.3,
        1.94
    ],
    "MultibandAccelerationFactor": 3,
    "ImageOrientationPatientDICOM": [
        0.999377,
        -0.00417317,
        -0.0350341,
        -0.00872142,
        0.932944,
        -0.359915
    ],
    "SliceThickness": 2,
    "ScanOptions": "PFP\\FS",
    "DwellTime": 2.7e-06,
    "ImageType": [
        "ORIGINAL",
        "PRIMARY",
        "DIFFUSION",
        "NONE",
        "MB",
        "ND",
        "MOSAIC"
    ],
    "PhaseEncodingSteps": 78,
    "MatrixCoilMode": "SENSE",
    "ManufacturersModelName": "Prisma",
    "EchoTrainLength": 78,
    "TotalReadoutTime": 0.0690115,
    "EchoTime": 0.092,
    "ProtocolName": "diff_AP_MPopt_MB3_50b1000_50b2000_8b0_lowflip",
    "SeriesNumber": 12,
    "Modality": "MR",
    "AcquisitionNumber": 1,
    "SoftwareVersions": "syngo MR E11",
    "MRAcquisitionType": "2D",
    "ImagingFrequency": 123.26,
    "AcquisitionTime": "09:55:57.120000",
    "AcquisitionMatrixPE": 104,
    "EffectiveEchoSpacing": 0.000670015,
    "InstitutionName": "Warneford Hospital",
    "SequenceVariant": "SK\\SS",
    "InPlanePhaseEncodingDirectionDICOM": "COL",
    "PartialFourier": 0.75,
    "ConversionSoftwareVersion": "v1.0.20211006",
    "DiffusionScheme": "Monopolar",
    "ReceiveCoilActiveElements": "HC1-7",
    "Manufacturer": "Siemens",
    "PercentPhaseFOV": 100,
    "TxRefAmp": 219.352,
    "WipMemBlock": "e0e10bcb-b5c2-4037-b6ac-8b34db1a1ec6||Sequence: R016 ve11c/master r/e634e98; Dec 19 2017 11:11:25 by eja",
    "ImageOrientationText": "Tra>Cor(-21.1)>Sag(-2.0)",
    "ConversionSoftware": "dcm2niix",
    "BandwidthPerPixelPhaseEncode": 14.351,
    "CoilCombinationMethod": "Sum of Squares",
    "BodyPartExamined": "BRAIN",
    "PixelBandwidth": 1780,
    "RepetitionTime": 3.6,
    "SpacingBetweenSlices": 2,
    "MagneticFieldStrength": 3,
    "StationName": "AWP66093",
    "PhaseEncodingDirection": "j-",
    "PatientPosition": "HFS",
    "ImageComments": "Unaliased MB3/PE3 SENSE1",
    "DerivedVendorReportedEchoSpacing": 0.000670015,
    "ScanningSequence": "EP",
    "PercentSampling": 100,
    "InstitutionalDepartmentName": "BE3597",
    "SequenceName": "ep_b5#1",
    "InstitutionAddress": "Warneford Lane StreetNo,Oxford,District,GB,OX3 7JX"
}