{
    "ProcedureStepDescription": "H1408201447",
    "Manufacturer": "Philips",
    "ManufacturersModelName": "Ingenia",
    "EffectiveEchoSpacing": 0.0004284,
    "SAR": 0.0722293,
    "AcquisitionMatrixPE": 95,
    "StationName": "HOST-2ADB2S6FDM",
    "EchoTrainLength": 63,
    "ParallelAcquisitionTechnique": "SENSE",
    "ScanningSequence": "GR",
    "Modality": "MR",
    "MagneticFieldStrength": 3,
    "AcquisitionTime": "15:51:35.580000",
    "PercentSampling": 100,
    "WaterFatShift": 17.9576,
    "InstitutionAddress": "University Park",
    "PhaseEncodingAxis": "j-",
    "SliceThickness": 2.4,
    "ImageOrientationPatientDICOM": [
        0.99979,
        -0.0204839,
        -0.00022955,
        0.020484,
        0.99979,
        0.000310324
    ],
    "InPlanePhaseEncodingDirectionDICOM": "COL",
    "PatientPosition": "HFS",
    "InstitutionName": "Nottingham University",
    "DeviceSerialNumber": "71459",
    "InstitutionalDepartmentName": "SPMIC",
    "MRAcquisitionType": "2D",
    "ParallelReductionFactorInPlane": 1.5,
    "TaskName": "rest",
    "AcquisitionNumber": 7,
    "ConversionSoftwareVersion": "v1.0.20211006",
    "SeriesDescription": "rs-fmri_singleMB6",
    "PhilipsRescaleSlope": 0.994872,
    "ProtocolName": "WIP rs-fmri_singleMB6",
    "BodyPartExamined": "BRAIN",
    "TotalReadoutTime": 0.040698,
    "EstimatedTotalReadoutTime": 0.040698,
    "ImagingFrequency": 127.749,
    "RepetitionTime": 0.8,
    "ConversionSoftware": "dcm2niix",
    "SpacingBetweenSlices": 2.4,
    "SequenceVariant": "SK",
    "PercentPhaseFOV": 100,
    "SeriesNumber": 701,
    "PixelBandwidth": 2274,
    "MTState": false,
    "EstimatedEffectiveEchoSpacing": 0.0004284,
    "PhaseEncodingSteps": 95,
    "PhilipsScaleSlope": 0.0509697,
    "EchoTime": 0.039,
    "PhaseEncodingDirection": "j-",
    "PhilipsRescaleIntercept": 0,
    "ImageType": [
        "ORIGINAL",
        "PRIMARY",
        "M",
        "FFE",
        "M",
        "FFE"
    ],
    "B0FieldSource": "pepolar_fmap0",
    "ScanOptions": "FS",
    "FlipAngle": 52,
    "UsePhilipsFloatNotDisplayScaling": 1,
    "SoftwareVersions": "5.3.1\\5.3.1.0",
    "ReconMatrixPE": 96,
    "CoilString": "MULTI COIL"
}