{
	"Modality": "MR",
	"MagneticFieldStrength": 3,
	"ImagingFrequency": 127.716,
	"Manufacturer": "GE",
	"ManufacturersModelName": "SIGNA Premier",
	"InstitutionName": "Nottingham Medical School",
	"DeviceSerialNumber": "00000000269MRS04",
	"StationName": "MR01DV01",
	"BodyPartExamined": "BRAIN",
	"PatientPosition": "HFS",
	"ProcedureStepDescription": "FMHS4520122",
	"SoftwareVersions": "29\\LX\\RX29.1_R02_2131.a",
	"MRAcquisitionType": "3D",
	"SeriesDescription": "SWI_0.8x0.8x3mm",
	"ProtocolName": "SW_NHarmony",
	"ScanningSequence": "RM",
	"SequenceVariant": "NONE",
	"ScanOptions": "EDR_GEMS\\FILTERED_GEMS\\ACC_GEMS\\PFP",
	"ImageType": ["ORIGINAL", "PRIMARY", "OTHER", "REAL"],
	"SeriesNumber": 9,
	"AcquisitionTime": "15:17:5.000000",
	"AcquisitionNumber": 1,
	"SliceThickness": 3,
	"SpacingBetweenSlices": 3,
	"SAR": 0.0663386,
	"EchoNumber": 3,
	"EchoTime": 0.020396,
	"RepetitionTime": 0.034224,
	"FlipAngle": 15,
	"CoilString": "48HAP",
	"PercentPhaseFOV": 87,
	"PercentSampling": 84.2796,
	"AcquisitionMatrixPE": 288,
	"ReconMatrixPE": 512,
	"ParallelReductionFactorInPlane": 1.98859,
	"PixelBandwidth": 75.1172,
	"ImageOrientationPatientDICOM": [
		0.988421,
		-0.151737,
		-0.000398752,
		0.151732,
		0.988403,
		-0.006011	],
	"InPlanePhaseEncodingDirectionDICOM": "ROW",
	"ConversionSoftware": "dcm2niix",
	"ConversionSoftwareVersion": "v1.0.20211006"
}
