{
	"Modality": "MR",
	"MagneticFieldStrength": 3,
	"ImagingFrequency": 123.219,
	"Manufacturer": "Siemens",
	"ManufacturersModelName": "Prisma",
	"InstitutionName": "Warneford Hospital",
	"InstitutionalDepartmentName": "BE3597",
	"InstitutionAddress": "Warneford Lane StreetNo,Oxford,District,GB,OX3 7JX",
	"DeviceSerialNumber": "66093",
	"StationName": "AWP66093",
	"BodyPartExamined": "BRAIN",
	"PatientPosition": "HFS",
	"SoftwareVersions": "syngo MR E11",
	"MRAcquisitionType": "2D",
	"SeriesDescription": "diff_PA_MPopt_MB3_3b0_lowflip",
	"ProtocolName": "diff_PA_MPopt_MB3_3b0_lowflip",
	"ScanningSequence": "EP",
	"SequenceVariant": "SK\\SS",
	"ScanOptions": "PFP\\FS",
	"SequenceName": "ep_b5#1",
	"ImageType": ["ORIGINAL", "PRIMARY", "DIFFUSION", "NONE", "MB", "ND"],
	"SeriesNumber": 10,
	"AcquisitionTime": "14:55:37.220000",
	"AcquisitionNumber": 1,
	"ImageComments": "Unaliased MB3/PE3 SENSE1",
	"SliceThickness": 2,
	"SpacingBetweenSlices": 2,
	"SAR": 0.0673022,
	"EchoTime": 0.092,
	"RepetitionTime": 3.6,
	"FlipAngle": 78,
	"PartialFourier": 0.75,
	"BaseResolution": 104,
	"ShimSetting": [
		4954,
		-11408,
		-1228,
		685,
		-26,
		-312,
		-3,
		70	],
	"DiffusionScheme": "Monopolar",
	"TxRefAmp": 217.141,
	"PhaseResolution": 1,
	"ReceiveCoilName": "HeadNeck_64",
	"ReceiveCoilActiveElements": "HC1-7",
	"PulseSequenceDetails": "%CustomerSeq%\\cmrr_mbep2d_diff",
	"WipMemBlock": "1162fbf5-0bd4-4964-a720-9d9920510df4||Sequence: R016 ve11c/master r/e634e98; Dec 19 2017 11:11:25 by eja",
	"CoilCombinationMethod": "Sum of Squares",
	"ConsistencyInfo": "N4_VE11C_LATEST_20160120",
	"MatrixCoilMode": "SENSE",
	"MultibandAccelerationFactor": 3,
	"PercentPhaseFOV": 100,
	"PercentSampling": 100,
	"EchoTrainLength": 78,
	"PhaseEncodingSteps": 78,
	"AcquisitionMatrixPE": 104,
	"ReconMatrixPE": 104,
	"BandwidthPerPixelPhaseEncode": 14.351,
	"EffectiveEchoSpacing": 0.000670015,
	"DerivedVendorReportedEchoSpacing": 0.000670015,
	"TotalReadoutTime": 0.0690115,
	"PixelBandwidth": 1780,
	"DwellTime": 2.7e-06,
	"PhaseEncodingDirection": "j",
	"SliceTiming": [
		0,
		1.64062,
		3.28125,
		1.34375,
		2.98438,
		1.04688,
		2.6875,
		0.75,
		2.39062,
		0.45312,
		2.09375,
		0.15625,
		1.79688,
		3.4375,
		1.5,
		3.14062,
		1.20312,
		2.84375,
		0.89062,
		2.53125,
		0.59375,
		2.23438,
		0.29688,
		1.9375,
		0,
		1.64062,
		3.28125,
		1.34375,
		2.98438,
		1.04688,
		2.6875,
		0.75,
		2.39062,
		0.45312,
		2.09375,
		0.15625,
		1.79688,
		3.4375,
		1.5,
		3.14062,
		1.20312,
		2.84375,
		0.89062,
		2.53125,
		0.59375,
		2.23438,
		0.29688,
		1.9375,
		0,
		1.64062,
		3.28125,
		1.34375,
		2.98438,
		1.04688,
		2.6875,
		0.75,
		2.39062,
		0.45312,
		2.09375,
		0.15625,
		1.79688,
		3.4375,
		1.5,
		3.14062,
		1.20312,
		2.84375,
		0.89062,
		2.53125,
		0.59375,
		2.23438,
		0.29688,
		1.9375	],
	"ImageOrientationPatientDICOM": [
		1,
		0,
		0,
		0,
		0.968148,
		-0.25038	],
	"ImageOrientationText": "Tra>Cor(-14.5)",
	"InPlanePhaseEncodingDirectionDICOM": "COL",
	"ConversionSoftware": "dcm2niix",
	"ConversionSoftwareVersion": "v1.0.20211006"
}
