{
	"Modality": "MR",
	"MagneticFieldStrength": 3,
	"ImagingFrequency": 123.234,
	"Manufacturer": "Siemens",
	"ManufacturersModelName": "Prisma",
	"InstitutionName": "The John Radcliffe",
	"InstitutionalDepartmentName": "Department",
	"InstitutionAddress": "Headley Way StreetNo,Oxford,District,GB,OX3 9DU",
	"DeviceSerialNumber": "66050",
	"StationName": "AWP66050",
	"BodyPartExamined": "HEAD",
	"PatientPosition": "HFS",
	"SoftwareVersions": "syngo MR E11",
	"MRAcquisitionType": "2D",
	"SeriesDescription": "diff_AP_MPopt_MB3_50b1000_50b2000_8b0_lowflip",
	"ProtocolName": "diff_AP_MPopt_MB3_50b1000_50b2000_8b0_lowflip",
	"ScanningSequence": "EP",
	"SequenceVariant": "SK\\SS",
	"ScanOptions": "PFP\\FS",
	"SequenceName": "ep_b5#1",
	"ImageType": ["ORIGINAL", "PRIMARY", "DIFFUSION", "NONE", "MB", "ND", "MOSAIC"],
	"SeriesNumber": 14,
	"AcquisitionTime": "10:44:57.072500",
	"AcquisitionNumber": 1,
	"ImageComments": "Unaliased MB3/PE3 SENSE1",
	"SliceThickness": 2,
	"SpacingBetweenSlices": 2,
	"SAR": 0.0885785,
	"EchoTime": 0.092,
	"RepetitionTime": 3.6,
	"FlipAngle": 78,
	"PartialFourier": 0.75,
	"BaseResolution": 104,
	"ShimSetting": [
		310,
		-11464,
		1724,
		279,
		-78,
		108,
		-14,
		50	],
	"DiffusionScheme": "Monopolar",
	"TxRefAmp": 238.862,
	"PhaseResolution": 1,
	"ReceiveCoilName": "Head_32",
	"ReceiveCoilActiveElements": "HEA;HEP",
	"PulseSequenceDetails": "%CustomerSeq%\\cmrr_mbep2d_diff",
	"WipMemBlock": "655108ef-2fc9-42b1-bfd8-fcd6b0a4a616||Sequence: R016 ve11c/master r/e634e98; Dec 19 2017 11:11:25 by eja",
	"CoilCombinationMethod": "Sum of Squares",
	"ConsistencyInfo": "N4_VE11C_LATEST_20160120",
	"MatrixCoilMode": "SENSE",
	"MultibandAccelerationFactor": 3,
	"PercentPhaseFOV": 100,
	"PercentSampling": 100,
	"EchoTrainLength": 78,
	"PhaseEncodingSteps": 78,
	"AcquisitionMatrixPE": 104,
	"ReconMatrixPE": 104,
	"BandwidthPerPixelPhaseEncode": 14.351,
	"EffectiveEchoSpacing": 0.000670015,
	"DerivedVendorReportedEchoSpacing": 0.000670015,
	"TotalReadoutTime": 0.0690115,
	"PixelBandwidth": 1780,
	"DwellTime": 2.7e-06,
	"PhaseEncodingDirection": "j-",
	"SliceTiming": [
		0,
		1.64,
		3.28,
		1.3425,
		2.9825,
		1.0425,
		2.685,
		0.745,
		2.385,
		0.4475,
		2.0875,
		0.1475,
		1.79,
		3.43,
		1.49,
		3.1325,
		1.1925,
		2.8325,
		0.895,
		2.535,
		0.595,
		2.2375,
		0.2975,
		1.9375,
		0,
		1.64,
		3.28,
		1.3425,
		2.9825,
		1.0425,
		2.685,
		0.745,
		2.385,
		0.4475,
		2.0875,
		0.1475,
		1.79,
		3.43,
		1.49,
		3.1325,
		1.1925,
		2.8325,
		0.895,
		2.535,
		0.595,
		2.2375,
		0.2975,
		1.9375,
		0,
		1.64,
		3.28,
		1.3425,
		2.9825,
		1.0425,
		2.685,
		0.745,
		2.385,
		0.4475,
		2.0875,
		0.1475,
		1.79,
		3.43,
		1.49,
		3.1325,
		1.1925,
		2.8325,
		0.895,
		2.535,
		0.595,
		2.2375,
		0.2975,
		1.9375	],
	"ImageOrientationPatientDICOM": [
		0.99904,
		0.0251467,
		0.0358603,
		-0.0118575,
		0.943466,
		-0.331257	],
	"ImageOrientationText": "Tra>Cor(-19.3)>Sag(2.4)",
	"InPlanePhaseEncodingDirectionDICOM": "COL",
	"ConversionSoftware": "dcm2niix",
	"ConversionSoftwareVersion": "v1.0.20211006"
}
