{
    "EffectiveEchoSpacing": 0.000605133,
    "EstimatedTotalReadoutTime": 0.0574876,
    "PhaseEncodingAxis": "j",
    "ReconMatrixPE": 96,
    "SeriesNumber": 1201,
    "AcquisitionTime": "17:14:22.190000",
    "PhilipsRescaleIntercept": 0,
    "SpacingBetweenSlices": 2.4,
    "ConversionSoftware": "dcm2niix",
    "ScanOptions": "FS",
    "DeviceSerialNumber": "17057",
    "ParallelAcquisitionTechnique": "SENSE",
    "ScanningSequence": "SE",
    "AcquisitionMatrixPE": 95,
    "PhaseEncodingSteps": 95,
    "SeriesDescription": "blipP_rs-fmri_singleMB4_HF0.8",
    "PatientPosition": "HFS",
    "UsePhilipsFloatNotDisplayScaling": 1,
    "CoilString": "MULTI COIL",
    "SoftwareVersions": "5.3.0\\5.3.0.3",
    "TotalReadoutTime": 0.0574876,
    "IntendedFor": "ses-NOT1ACH001/func/sub-13305_ses-NOT1ACH001_task-rest_bold.nii.gz",
    "ManufacturersModelName": "Achieva",
    "RepetitionTime": 2,
    "ImageType": [
        "ORIGINAL",
        "PRIMARY",
        "T2",
        "NONE"
    ],
    "EchoTime": 0.09,
    "WaterFatShift": 25.2434,
    "BodyPartExamined": "BRAIN",
    "StationName": "PHILIPS-T6O3EHP",
    "PixelBandwidth": 2339.41,
    "ProcedureStepDescription": "H14082014_47",
    "B0FieldIdentifier": "pepolar_fmap0",
    "MagneticFieldStrength": 3,
    "InstitutionalDepartmentName": "MRI",
    "MTState": false,
    "PhilipsScaleSlope": 0.00181018,
    "ImageOrientationPatientDICOM": [
        0.998569,
        0.00408878,
        0.0533178,
        -0.00367802,
        0.999963,
        -0.00779981
    ],
    "PercentSampling": 100,
    "ConversionSoftwareVersion": "v1.0.20211006",
    "PercentPhaseFOV": 100,
    "MRAcquisitionType": "2D",
    "InstitutionName": "SPMMRC Nottingham",
    "Modality": "MR",
    "AcquisitionNumber": 12,
    "EstimatedEffectiveEchoSpacing": 0.000605133,
    "ProtocolName": "WIP blipP_rs-fmri_singleMB4_HF0.8",
    "InPlanePhaseEncodingDirectionDICOM": "COL",
    "PhaseEncodingDirection": "j",
    "FlipAngle": 80,
    "Manufacturer": "Philips",
    "SliceThickness": 2.4,
    "EchoTrainLength": 95,
    "SequenceVariant": "SK",
    "PhilipsRescaleSlope": 0.964347,
    "ImagingFrequency": 127.805
}