{
    "EstimatedTotalReadoutTime": 0.0574876,
    "WaterFatShift": 25.2434,
    "TotalReadoutTime": 0.0574876,
    "MTState": false,
    "ConversionSoftwareVersion": "v1.0.20211006",
    "PhaseEncodingDirection": "j-",
    "Manufacturer": "Philips",
    "ScanningSequence": "SE",
    "StationName": "PHILIPS-T6O3EHP",
    "EffectiveEchoSpacing": 0.000605133,
    "ConversionSoftware": "dcm2niix",
    "SeriesDescription": "blipA_rs-fmri_singleMB4_HF0.8",
    "PhaseEncodingAxis": "j-",
    "PhaseEncodingSteps": 95,
    "B0FieldIdentifier": "pepolar_fmap0",
    "ImageOrientationPatientDICOM": [
        0.998569,
        0.00408878,
        0.0533178,
        -0.00367802,
        0.999963,
        -0.00779981
    ],
    "ImagingFrequency": 127.805,
    "IntendedFor": "ses-NOT1ACH001/func/sub-13305_ses-NOT1ACH001_task-rest_bold.nii.gz",
    "ParallelAcquisitionTechnique": "SENSE",
    "InstitutionalDepartmentName": "MRI",
    "SpacingBetweenSlices": 2.4,
    "InPlanePhaseEncodingDirectionDICOM": "COL",
    "EchoTrainLength": 95,
    "RepetitionTime": 2,
    "ProtocolName": "WIP blipA_rs-fmri_singleMB4_HF0.8",
    "AcquisitionNumber": 13,
    "PatientPosition": "HFS",
    "ManufacturersModelName": "Achieva",
    "EchoTime": 0.09,
    "ImageType": [
        "ORIGINAL",
        "PRIMARY",
        "T2",
        "NONE"
    ],
    "InstitutionName": "SPMMRC Nottingham",
    "FlipAngle": 80,
    "PhilipsRescaleSlope": 0.889866,
    "UsePhilipsFloatNotDisplayScaling": 1,
    "Modality": "MR",
    "SliceThickness": 2.4,
    "MRAcquisitionType": "2D",
    "PixelBandwidth": 2339.41,
    "AcquisitionMatrixPE": 95,
    "PercentPhaseFOV": 100,
    "PhilipsScaleSlope": 0.00406021,
    "SeriesNumber": 1301,
    "SequenceVariant": "SK",
    "DeviceSerialNumber": "17057",
    "BodyPartExamined": "BRAIN",
    "PercentSampling": 100,
    "CoilString": "MULTI COIL",
    "AcquisitionTime": "17:14:43.610000",
    "MagneticFieldStrength": 3,
    "PhilipsRescaleIntercept": 0,
    "ScanOptions": "FS",
    "EstimatedEffectiveEchoSpacing": 0.000605133,
    "SoftwareVersions": "5.3.0\\5.3.0.3",
    "ReconMatrixPE": 96,
    "ProcedureStepDescription": "H14082014_47"
}