{
  "Modality": "MR",
  "MagneticFieldStrength": 3,
  "ImagingFrequency": 127.749,
  "Manufacturer": "Philips",
  "ManufacturersModelName": "Ingenia",
  "InstitutionName": "Nottingham University",
  "InstitutionalDepartmentName": "SPMIC",
  "InstitutionAddress": "University Park",
  "DeviceSerialNumber": "71459",
  "StationName": "HOST-2ADB2S6FDM",
  "BodyPartExamined": "BRAIN",
  "PatientPosition": "HFS",
  "ProcedureStepDescription": "FMHS4520122",
  "SoftwareVersions": "5.9.0\\5.9.0.0",
  "MRAcquisitionType": "2D",
  "SeriesDescription": "rs-fmri_singleMB4",
  "ProtocolName": "rs-fmri_singleMB4",
  "ScanningSequence": "GR",
  "SequenceVariant": "SK",
  "ScanOptions": "FS",
  "ImageType": [
    "ORIGINAL",
    "PRIMARY",
    "M",
    "FFE",
    "M",
    "FFE"
  ],
  "SeriesNumber": 801,
  "AcquisitionTime": "12:03:7.430000",
  "AcquisitionNumber": 8,
  "PhilipsRWVSlope": 0.794628,
  "PhilipsRWVIntercept": 0,
  "PhilipsRescaleSlope": 0.794628,
  "PhilipsRescaleIntercept": 0,
  "PhilipsScaleSlope": 0.0732318,
  "UsePhilipsFloatNotDisplayScaling": 0,
  "SliceThickness": 2.4,
  "SpacingBetweenSlices": 2.4,
  "SAR": 0.0740699,
  "EchoTime": 0.039,
  "RepetitionTime": 1.45,
  "MTState": false,
  "FlipAngle": 71,
  "CoilString": "MULTI COIL",
  "PercentPhaseFOV": 100,
  "PercentSampling": 100,
  "EchoTrainLength": 63,
  "PhaseEncodingSteps": 95,
  "AcquisitionMatrixPE": 95,
  "ReconMatrixPE": 96,
  "ParallelReductionFactorInPlane": 1.5,
  "ParallelAcquisitionTechnique": "MBSENSE",
  "ParallelReductionOutOfPlane": 4,
  "WaterFatShift": 17.1014,
  "EstimatedEffectiveEchoSpacing": 0.000407975,
  "EstimatedTotalReadoutTime": 0.0387576,
  "PixelBandwidth": 2259,
  "PhaseEncodingAxis": "j",
  "ImageOrientationPatientDICOM": [
    0.995818,
    0.0898823,
    -0.0163402,
    -0.0902609,
    0.995626,
    -0.0241339
  ],
  "InPlanePhaseEncodingDirectionDICOM": "COL",
  "ConversionSoftware": "dcm2niix",
  "ConversionSoftwareVersion": "v1.0.20211006",
  "PhaseEncodingDirection": "j",
  "EffectiveEchoSpacing": 0.000407975,
  "B0FieldSource": "pepolar_fmap0",
  "TaskName": "rest",
  "TotalReadoutTime": 0.0387576
}