{
  "Modality": "MR",
  "MagneticFieldStrength": 3,
  "ImagingFrequency": 127.717,
  "Manufacturer": "GE",
  "PulseSequenceName": "epi",
  "InternalPulseSequenceName": "EPI",
  "ManufacturersModelName": "SIGNA Premier",
  "InstitutionName": "Nottingham Medical School",
  "DeviceSerialNumber": "00000000269MRS04",
  "StationName": "MR01DV01",
  "BodyPartExamined": "BRAIN",
  "PatientPosition": "HFS",
  "ProcedureStepDescription": "FMHS4520122",
  "SoftwareVersions": "29\\LX\\RX29.1_R02_2131.a",
  "MRAcquisitionType": "2D",
  "SeriesDescription": "RS_fMRI_MB6_TR920",
  "ProtocolName": "SW_NHarmony_v1.2",
  "ScanningSequence": "EP\\RM",
  "SequenceVariant": "NONE",
  "ScanOptions": "SAT_GEMS\\EDR_GEMS\\MP_GEMS\\EPI_GEMS\\HYPERBAND_GEMS\\FS",
  "ImageType": [
    "ORIGINAL",
    "PRIMARY",
    "OTHER"
  ],
  "SeriesNumber": 5,
  "AcquisitionTime": "10:04:40.000000",
  "AcquisitionNumber": 1,
  "TriggerDelayTime": 464492,
  "SliceThickness": 2.4,
  "SpacingBetweenSlices": 2.4,
  "SAR": 0.0789999,
  "EchoTime": 0.039,
  "RepetitionTime": 0.949,
  "FlipAngle": 57,
  "PhaseEncodingPolarityGE": "Unflipped",
  "CoilString": "48HAP",
  "MultibandAccelerationFactor": 6,
  "PercentPhaseFOV": 100,
  "PercentSampling": 100,
  "AcquisitionMatrixPE": 88,
  "ReconMatrixPE": 88,
  "EffectiveEchoSpacing": 0.000608,
  "TotalReadoutTime": 0.052896,
  "PixelBandwidth": 5681.82,
  "PhaseEncodingDirection": "j-",
  "SliceTiming": [
    0,
    0.517636,
    0.0862727,
    0.603909,
    0.172545,
    0.690182,
    0.258818,
    0.776455,
    0.345091,
    0.862727,
    0.431364,
    0,
    0.517636,
    0.0862727,
    0.603909,
    0.172545,
    0.690182,
    0.258818,
    0.776455,
    0.345091,
    0.862727,
    0.431364,
    0,
    0.517636,
    0.0862727,
    0.603909,
    0.172545,
    0.690182,
    0.258818,
    0.776455,
    0.345091,
    0.862727,
    0.431364,
    0,
    0.517636,
    0.0862727,
    0.603909,
    0.172545,
    0.690182,
    0.258818,
    0.776455,
    0.345091,
    0.862727,
    0.431364,
    0,
    0.517636,
    0.0862727,
    0.603909,
    0.172545,
    0.690182,
    0.258818,
    0.776455,
    0.345091,
    0.862727,
    0.431364,
    0,
    0.517636,
    0.0862727,
    0.603909,
    0.172545,
    0.690182,
    0.258818,
    0.776455,
    0.345091,
    0.862727,
    0.431364
  ],
  "ImageOrientationPatientDICOM": [
    0.999647,
    0.00753261,
    0.0254718,
    -0.00493996,
    0.994939,
    -0.100355
  ],
  "InPlanePhaseEncodingDirectionDICOM": "COL",
  "ConversionSoftware": "dcm2niix",
  "ConversionSoftwareVersion": "v1.0.20211006",
  "B0FieldSource": "pepolar_fmap0",
  "TaskName": "rest"
}