{
    "StationName": "AWP66093",
    "AcquisitionNumber": 1,
    "ProtocolName": "MB8_FMRI_fov210_2.4mm_resting",
    "PixelBandwidth": 2030,
    "Modality": "MR",
    "PhaseResolution": 1,
    "ImageOrientationText": "Tra>Cor(-16.4)",
    "ShimSetting": [
        4969,
        -11434,
        -1288,
        444,
        23,
        -161,
        8,
        56
    ],
    "ProcedureStepDescription": "OHBA Projects VE11C^2018_122 BHP OHBA",
    "EchoTrainLength": 88,
    "SeriesNumber": 6,
    "EffectiveEchoSpacing": 0.000639989,
    "TxRefAmp": 267.904,
    "InstitutionAddress": "Warneford Lane StreetNo,Oxford,District,GB,OX3 7JX",
    "SequenceVariant": "SK\\SS",
    "PercentPhaseFOV": 100,
    "SpacingBetweenSlices": 2.4,
    "ManufacturersModelName": "Prisma",
    "BodyPartExamined": "BRAIN",
    "ConsistencyInfo": "N4_VE11C_LATEST_20160120",
    "ImageType": [
        "ORIGINAL",
        "PRIMARY",
        "M",
        "MB",
        "ND",
        "MOSAIC"
    ],
    "SeriesDescription": "MB8_FMRI_fov210_2.4mm_resting",
    "AcquisitionTime": "14:37:10.765000",
    "ImageComments": "Unaliased MB8/PE3 SENSE1",
    "DwellTime": 2.8e-06,
    "InPlanePhaseEncodingDirectionDICOM": "COL",
    "DeviceSerialNumber": "66093",
    "CoilCombinationMethod": "Sum of Squares",
    "MatrixCoilMode": "SENSE",
    "SAR": 0.059445,
    "Manufacturer": "Siemens",
    "InstitutionName": "Warneford Hospital",
    "FlipAngle": 52,
    "PulseSequenceDetails": "%CustomerSeq%\\cmrr_mbep2d_bold",
    "BandwidthPerPixelPhaseEncode": 17.756,
    "RepetitionTime": 0.735,
    "EchoTime": 0.039,
    "ScanningSequence": "EP",
    "TaskName": "rest",
    "BaseResolution": 88,
    "SliceThickness": 2.4,
    "AcquisitionMatrixPE": 88,
    "PatientPosition": "HFS",
    "PhaseEncodingSteps": 88,
    "ReconMatrixPE": 88,
    "WipMemBlock": "af2b6755-371c-4145-85c4-2d6f42f83ba6||Sequence: R016 ve11c/master r/e634e98; Dec 19 2017 11:00:25 by eja",
    "MultibandAccelerationFactor": 8,
    "ConversionSoftwareVersion": "v1.0.20211006",
    "TotalReadoutTime": 0.055679,
    "SequenceName": "epfid2d1_88",
    "MagneticFieldStrength": 3,
    "SoftwareVersions": "syngo MR E11",
    "ImageOrientationPatientDICOM": [
        1,
        0,
        0,
        0,
        0.959314,
        -0.282341
    ],
    "SliceTiming": [
        0,
        0.27,
        0.5375,
        0.09,
        0.3575,
        0.6275,
        0.18,
        0.4475,
        0,
        0.27,
        0.5375,
        0.09,
        0.3575,
        0.6275,
        0.18,
        0.4475,
        0,
        0.27,
        0.5375,
        0.09,
        0.3575,
        0.6275,
        0.18,
        0.4475,
        0,
        0.27,
        0.5375,
        0.09,
        0.3575,
        0.6275,
        0.18,
        0.4475,
        0,
        0.27,
        0.5375,
        0.09,
        0.3575,
        0.6275,
        0.18,
        0.4475,
        0,
        0.27,
        0.5375,
        0.09,
        0.3575,
        0.6275,
        0.18,
        0.4475,
        0,
        0.27,
        0.5375,
        0.09,
        0.3575,
        0.6275,
        0.18,
        0.4475,
        0,
        0.27,
        0.5375,
        0.09,
        0.3575,
        0.6275,
        0.18,
        0.4475
    ],
    "PhaseEncodingDirection": "j-",
    "ConversionSoftware": "dcm2niix",
    "DerivedVendorReportedEchoSpacing": 0.000639989,
    "InstitutionalDepartmentName": "BE3597",
    "ImagingFrequency": 123.26,
    "ReceiveCoilName": "HeadNeck_64",
    "MRAcquisitionType": "2D",
    "PercentSampling": 100,
    "PartialFourier": 1,
    "ReceiveCoilActiveElements": "HC1-7",
    "ScanOptions": "FS"
}