{
    "ParallelReductionFactorInPlane": 1.5,
    "TaskName": "rest",
    "InstitutionalDepartmentName": "SPMIC",
    "MTState": false,
    "InPlanePhaseEncodingDirectionDICOM": "COL",
    "PercentPhaseFOV": 100,
    "ScanOptions": "FS",
    "ImagingFrequency": 127.749,
    "EffectiveEchoSpacing": 0.000407444,
    "PhaseEncodingAxis": "j-",
    "FlipAngle": 71,
    "DeviceSerialNumber": "71459",
    "Modality": "MR",
    "AcquisitionTime": "14:45:44.050000",
    "PercentSampling": 100,
    "InstitutionAddress": "University Park",
    "ParallelAcquisitionTechnique": "SENSE",
    "EchoTime": 0.039,
    "AcquisitionMatrixPE": 95,
    "AcquisitionNumber": 6,
    "SeriesDescription": "rs-fmri_singleMB4",
    "TotalReadoutTime": 0.0387072,
    "SequenceVariant": "SK",
    "PhilipsScaleSlope": 0.052353,
    "UsePhilipsFloatNotDisplayScaling": 1,
    "Manufacturer": "Philips",
    "EstimatedEffectiveEchoSpacing": 0.000407444,
    "SAR": 0.0601779,
    "ManufacturersModelName": "Ingenia",
    "PatientPosition": "HFS",
    "ScanningSequence": "GR",
    "EstimatedTotalReadoutTime": 0.0387072,
    "SeriesNumber": 601,
    "EchoTrainLength": 63,
    "SoftwareVersions": "5.3.1\\5.3.1.0",
    "InstitutionName": "Nottingham University",
    "BodyPartExamined": "BRAIN",
    "CoilString": "MULTI COIL",
    "B0FieldSource": "pepolar_fmap0",
    "SpacingBetweenSlices": 2.4,
    "RepetitionTime": 1.45,
    "ImageType": [
        "ORIGINAL",
        "PRIMARY",
        "M",
        "FFE",
        "M",
        "FFE"
    ],
    "ImageOrientationPatientDICOM": [
        0.999902,
        -0.00420644,
        -0.0133521,
        0.00169656,
        0.98317,
        -0.182686
    ],
    "PhilipsRescaleIntercept": 0,
    "PhaseEncodingDirection": "j-",
    "WaterFatShift": 17.0792,
    "ConversionSoftwareVersion": "v1.0.20211006",
    "PhaseEncodingSteps": 95,
    "SliceThickness": 2.4,
    "MRAcquisitionType": "2D",
    "PixelBandwidth": 2269,
    "MagneticFieldStrength": 3,
    "PhilipsRescaleSlope": 0.780708,
    "StationName": "HOST-2ADB2S6FDM",
    "ProcedureStepDescription": "H1408201447",
    "ConversionSoftware": "dcm2niix",
    "ProtocolName": "rs-fmri_singleMB4",
    "ReconMatrixPE": 96
}