{
    "SequenceName": "ep_b5#1",
    "SoftwareVersions": "syngo MR E11",
    "ScanOptions": "PFP\\FS",
    "ImageOrientationPatientDICOM": [
        0.999322,
        0.0367928,
        -0.00141674,
        -0.0368181,
        0.998138,
        -0.0486223
    ],
    "SequenceVariant": "SK\\SS",
    "ScanningSequence": "EP",
    "MatrixCoilMode": "SENSE",
    "DwellTime": 2.7e-06,
    "PulseSequenceDetails": "%CustomerSeq%\\cmrr_mbep2d_diff",
    "EchoTrainLength": 78,
    "AcquisitionTime": "12:48:24.040000",
    "ProtocolName": "diff_PA_MPopt_MB3_3b0_lowflip",
    "FlipAngle": 78,
    "Modality": "MR",
    "ConversionSoftware": "dcm2niix",
    "MultibandAccelerationFactor": 3,
    "SpacingBetweenSlices": 2,
    "BandwidthPerPixelPhaseEncode": 14.351,
    "DiffusionScheme": "Monopolar",
    "PercentSampling": 100,
    "InPlanePhaseEncodingDirectionDICOM": "COL",
    "PhaseEncodingSteps": 78,
    "MRAcquisitionType": "2D",
    "InstitutionalDepartmentName": "Department",
    "RepetitionTime": 3.6,
    "PixelBandwidth": 1780,
    "AcquisitionNumber": 1,
    "ReceiveCoilName": "Head_32",
    "SliceTiming": [
        0,
        1.64062,
        3.28125,
        1.34375,
        2.98438,
        1.04688,
        2.6875,
        0.74219,
        2.38281,
        0.44531,
        2.08594,
        0.14844,
        1.78906,
        3.42969,
        1.49219,
        3.13281,
        1.19531,
        2.83594,
        0.89844,
        2.53906,
        0.59375,
        2.24219,
        0.29688,
        1.9375,
        0,
        1.64062,
        3.28125,
        1.34375,
        2.98438,
        1.04688,
        2.6875,
        0.74219,
        2.38281,
        0.44531,
        2.08594,
        0.14844,
        1.78906,
        3.42969,
        1.49219,
        3.13281,
        1.19531,
        2.83594,
        0.89844,
        2.53906,
        0.59375,
        2.24219,
        0.29688,
        1.9375,
        0,
        1.64062,
        3.28125,
        1.34375,
        2.98438,
        1.04688,
        2.6875,
        0.74219,
        2.38281,
        0.44531,
        2.08594,
        0.14844,
        1.78906,
        3.42969,
        1.49219,
        3.13281,
        1.19531,
        2.83594,
        0.89844,
        2.53906,
        0.59375,
        2.24219,
        0.29688,
        1.9375
    ],
    "DerivedVendorReportedEchoSpacing": 0.000670015,
    "SeriesNumber": 12,
    "ManufacturersModelName": "Prisma",
    "InstitutionName": "The John Radcliffe",
    "SAR": 0.0838499,
    "WipMemBlock": "19277bdd-25c9-40dd-b348-90285ca0b261||Sequence: R016 ve11c/master r/e634e98; Dec 19 2017 11:11:25 by eja",
    "ImagingFrequency": 123.256,
    "MagneticFieldStrength": 3,
    "CoilCombinationMethod": "Sum of Squares",
    "BaseResolution": 104,
    "ImageOrientationText": "Tra>Cor(-2.8)>Sag(0.0)",
    "TxRefAmp": 248.273,
    "AcquisitionMatrixPE": 104,
    "TotalReadoutTime": 0.0690115,
    "PartialFourier": 0.75,
    "Manufacturer": "Siemens",
    "SliceThickness": 2,
    "StationName": "AWP66050",
    "EchoTime": 0.092,
    "ShimSetting": [
        315,
        -11536,
        1696,
        414,
        -26,
        -71,
        81,
        1
    ],
    "PercentPhaseFOV": 100,
    "InstitutionAddress": "Headley Way StreetNo,Oxford,District,GB,OX3 9DU",
    "ConversionSoftwareVersion": "v1.0.20211006",
    "PatientPosition": "HFS",
    "PhaseEncodingDirection": "j",
    "ConsistencyInfo": "N4_VE11C_LATEST_20160120",
    "ImageComments": "Unaliased MB3/PE3 SENSE1",
    "ReceiveCoilActiveElements": "HEA;HEP",
    "BodyPartExamined": "HEAD",
    "ImageType": [
        "ORIGINAL",
        "PRIMARY",
        "DIFFUSION",
        "NONE",
        "MB",
        "ND"
    ],
    "ReconMatrixPE": 104,
    "PhaseResolution": 1,
    "EffectiveEchoSpacing": 0.000670015,
    "DeviceSerialNumber": "66050",
    "SeriesDescription": "diff 3dirs b=0 pepolar"
}