{
    "ReconMatrixPE": 96,
    "InstitutionalDepartmentName": "SPMIC",
    "ScanningSequence": "SE",
    "CoilString": "MULTI COIL",
    "ParallelAcquisitionTechnique": "SENSE",
    "RepetitionTime": 5.6788,
    "AcquisitionMatrixPE": 95,
    "SeriesDescription": "blip_rs-fmri_SErev",
    "BodyPartExamined": "BRAIN",
    "MTState": false,
    "SliceThickness": 2.4,
    "PhaseEncodingAxis": "j",
    "ProtocolName": "blip_rs-fmri_SErev",
    "EffectiveEchoSpacing": 0.000485498,
    "SoftwareVersions": "5.3.1\\5.3.1.0",
    "UsePhilipsFloatNotDisplayScaling": 1,
    "Modality": "MR",
    "AcquisitionTime": "17:34:49.720000",
    "PhilipsRescaleSlope": 1.73162,
    "ImageOrientationPatientDICOM": [
        0.995689,
        -0.0134193,
        0.0917799,
        0.0161825,
        0.999436,
        -0.0294301
    ],
    "PhaseEncodingDirection": "j",
    "SpacingBetweenSlices": 2.4,
    "PixelBandwidth": 1628.46,
    "MRAcquisitionType": "2D",
    "AcquisitionNumber": 10,
    "DeviceSerialNumber": "71459",
    "PhaseEncodingSteps": 95,
    "ConversionSoftwareVersion": "v1.0.20211006",
    "EstimatedEffectiveEchoSpacing": 0.000485498,
    "PercentPhaseFOV": 100,
    "PatientPosition": "HFS",
    "EchoTime": 0.08,
    "EstimatedTotalReadoutTime": 0.0461223,
    "B0FieldIdentifier": "pepolar_fmap0",
    "ManufacturersModelName": "Ingenia",
    "ImageType": [
        "ORIGINAL",
        "PRIMARY",
        "T2",
        "NONE"
    ],
    "ImagingFrequency": 127.749,
    "ParallelReductionFactorInPlane": 1.5,
    "InstitutionName": "Nottingham University",
    "ProcedureStepDescription": "H14082014/47",
    "FlipAngle": 52,
    "MagneticFieldStrength": 3,
    "SeriesNumber": 1001,
    "ScanOptions": "FS",
    "IntendedFor": [
        "ses-NOT2ING001/func/sub-03997_ses-NOT2ING001_task-rest_acq-multiband4_bold.nii.gz",
        "ses-NOT2ING001/func/sub-03997_ses-NOT2ING001_task-rest_acq-multiband6_bold.nii.gz"
    ],
    "TotalReadoutTime": 0.0461223,
    "StationName": "HOST-2ADB2S6FDM",
    "PhilipsRescaleIntercept": 0,
    "Manufacturer": "Philips",
    "PhilipsScaleSlope": 0.0162046,
    "InPlanePhaseEncodingDirectionDICOM": "COL",
    "PercentSampling": 100,
    "EchoTrainLength": 63,
    "WaterFatShift": 20.3511,
    "SequenceVariant": "SK",
    "ConversionSoftware": "dcm2niix",
    "InstitutionAddress": "University Park"
}