{
    "Modality": "MR",
    "MagneticFieldStrength": 3,
    "ImagingFrequency": 127.805,
    "Manufacturer": "Philips",
    "ManufacturersModelName": "Achieva",
    "InstitutionName": "SPMMRC Nottingham",
    "InstitutionalDepartmentName": "MRI",
    "DeviceSerialNumber": "17057",
    "StationName": "PHILIPS-T6O3EHP",
    "BodyPartExamined": "BRAIN",
    "PatientPosition": "HFS",
    "ProcedureStepDescription": "H14082014/47",
    "SoftwareVersions": "5.3.0\\5.3.0.3",
    "MRAcquisitionType": "3D",
    "SeriesDescription": "T1_1mm_sag",
    "ProtocolName": "T1_1mm_sag",
    "ScanningSequence": "GR",
    "SequenceVariant": "MP",
    "ScanOptions": "OTHER",
    "ImageType": [
        "ORIGINAL",
        "PRIMARY",
        "OTHER",
        "NORM"
    ],
    "SeriesNumber": 201,
    "AcquisitionTime": "11:07:56.400000",
    "AcquisitionNumber": 2,
    "PhilipsRescaleSlope": 2.71355,
    "PhilipsRescaleIntercept": 0,
    "PhilipsScaleSlope": 0.000375576,
    "UsePhilipsFloatNotDisplayScaling": 1,
    "SliceThickness": 1,
    "SpacingBetweenSlices": 1,
    "SAR": 0.0213113,
    "EchoTime": 0.003262,
    "RepetitionTime": 0.0072195,
    "MTState": false,
    "SpoilingState": true,
    "SpoilingType": "COMBINED",
    "FlipAngle": 8,
    "CoilString": "MULTI COIL",
    "PercentPhaseFOV": 100,
    "PercentSampling": 78.5398,
    "EchoTrainLength": 208,
    "PhaseEncodingSteps": 256,
    "AcquisitionMatrixPE": 256,
    "ReconMatrixPE": 256,
    "ParallelReductionFactorInPlane": 2,
    "ParallelAcquisitionTechnique": "SENSE",
    "WaterFatShift": 1.80211,
    "EstimatedEffectiveEchoSpacing": 1.61857e-05,
    "EstimatedTotalReadoutTime": 0.00412736,
    "PixelBandwidth": 241,
    "PhaseEncodingAxis": "i",
    "ImageOrientationPatientDICOM": [
        0.154469,
        0.987997,
        0.000776798,
        0.049038,
        -0.00688162,
        -0.998773
    ],
    "InPlanePhaseEncodingDirectionDICOM": "ROW",
    "ConversionSoftware": "dcm2niix",
    "ConversionSoftwareVersion": "v1.0.20211006"
}