{
    "CoilString": "MULTI COIL",
    "WaterFatShift": 17.0959,
    "PhilipsRescaleIntercept": 0,
    "ParallelAcquisitionTechnique": "SENSE",
    "Modality": "MR",
    "PhilipsRescaleSlope": 0.841026,
    "MRAcquisitionType": "2D",
    "StationName": "HOST-2ADB2S6FDM",
    "InstitutionalDepartmentName": "SPMIC",
    "SliceThickness": 2.4,
    "PercentPhaseFOV": 100,
    "SequenceVariant": "SK",
    "InstitutionAddress": "University Park",
    "AcquisitionTime": "15:41:40.550000",
    "InstitutionName": "Nottingham University",
    "PhilipsScaleSlope": 0.0374006,
    "PhaseEncodingAxis": "j-",
    "ImageType": [
        "ORIGINAL",
        "PRIMARY",
        "M",
        "FFE",
        "M",
        "FFE"
    ],
    "SoftwareVersions": "5.3.1\\5.3.1.0",
    "PatientPosition": "HFS",
    "UsePhilipsFloatNotDisplayScaling": 1,
    "SeriesDescription": "rs-fmri_singleMB4",
    "DeviceSerialNumber": "71459",
    "ConversionSoftware": "dcm2niix",
    "TaskName": "rest",
    "ConversionSoftwareVersion": "v1.0.20211006",
    "ProtocolName": "WIP rs-fmri_singleMB4",
    "RepetitionTime": 1.45,
    "AcquisitionNumber": 6,
    "ScanningSequence": "GR",
    "ProcedureStepDescription": "H1408201447",
    "EstimatedTotalReadoutTime": 0.038745,
    "EffectiveEchoSpacing": 0.000407842,
    "AcquisitionMatrixPE": 95,
    "EchoTime": 0.039001,
    "TotalReadoutTime": 0.038745,
    "FlipAngle": 71,
    "ManufacturersModelName": "Ingenia",
    "SpacingBetweenSlices": 2.4,
    "B0FieldSource": "pepolar_fmap0",
    "MTState": false,
    "ScanOptions": "FS",
    "ImageOrientationPatientDICOM": [
        0.99979,
        -0.0204839,
        -0.00022955,
        0.020484,
        0.99979,
        0.000310324
    ],
    "PixelBandwidth": 2273,
    "BodyPartExamined": "BRAIN",
    "SAR": 0.0601379,
    "Manufacturer": "Philips",
    "EchoTrainLength": 63,
    "ReconMatrixPE": 96,
    "MagneticFieldStrength": 3,
    "PhaseEncodingSteps": 95,
    "SeriesNumber": 601,
    "InPlanePhaseEncodingDirectionDICOM": "COL",
    "EstimatedEffectiveEchoSpacing": 0.000407842,
    "PercentSampling": 100,
    "PhaseEncodingDirection": "j-",
    "ImagingFrequency": 127.749,
    "ParallelReductionFactorInPlane": 1.5
}