{
    "ScanningSequence": "GR",
    "ReconMatrixPE": 96,
    "TotalReadoutTime": 0.057665,
    "PhilipsRWVIntercept": 0,
    "MRAcquisitionType": "2D",
    "SpacingBetweenSlices": 2.4,
    "ImageType": [
        "ORIGINAL",
        "PRIMARY",
        "M",
        "FFE",
        "M",
        "FFE"
    ],
    "Modality": "MR",
    "PixelBandwidth": 2336,
    "ManufacturersModelName": "Achieva",
    "AcquisitionNumber": 14,
    "PhilipsRescaleIntercept": 0,
    "EstimatedEffectiveEchoSpacing": 0.000607,
    "SAR": 0.0227829,
    "ConversionSoftwareVersion": "v1.0.20211006",
    "TaskName": "rest",
    "PhaseEncodingDirection": "j",
    "RepetitionTime": 1.15,
    "ScanOptions": "FS",
    "AcquisitionTime": "12:51:49.170000",
    "CoilString": "MULTI COIL",
    "MagneticFieldStrength": 3,
    "PartialFourierDirection": "PHASE",
    "PhaseEncodingStepsNoPartialFourier": 95,
    "BodyPartExamined": "BRAIN",
    "SeriesNumber": 1401,
    "WaterFatShift": 25.3212,
    "PercentPhaseFOV": 100,
    "ParallelReductionOutOfPlane": 4,
    "EffectiveEchoSpacing": 0.000607,
    "PhilipsRescaleSlope": 0.910379,
    "InstitutionalDepartmentName": "MRI",
    "SliceThickness": 2.4,
    "PartialFourierEnabled": "YES",
    "ImageOrientationPatientDICOM": [
        1,
        0,
        0,
        0,
        1,
        0
    ],
    "PhaseEncodingAxis": "j",
    "UsePhilipsFloatNotDisplayScaling": 1,
    "PhilipsRWVSlope": 0.910379,
    "SeriesDescription": "rs-fmri_singleMB4_HF0.8",
    "ParallelAcquisitionTechnique": "MBSENSE",
    "FlipAngle": 65,
    "EchoTrainLength": 95,
    "InPlanePhaseEncodingDirectionDICOM": "COL",
    "EstimatedTotalReadoutTime": 0.057665,
    "EchoTime": 0.039,
    "Manufacturer": "Philips",
    "ProcedureStepDescription": "FMHS-36-1220-03",
    "ProtocolName": "WIP rs-fmri_singleMB4_HF0.8",
    "PercentSampling": 100,
    "SoftwareVersions": "5.6.1\\5.6.1.1",
    "ImagingFrequency": 127.804,
    "InstitutionName": "SPMMRC Nottingham",
    "MTState": false,
    "PhilipsScaleSlope": 0.00224716,
    "SequenceVariant": "SK",
    "ConversionSoftware": "dcm2niix",
    "B0FieldSource": "pepolar_fmap0",
    "StationName": "PHILIPS-T6O3EHP",
    "AcquisitionMatrixPE": 95,
    "PatientPosition": "HFS",
    "DeviceSerialNumber": "17057"
}