{
    "ImageOrientationPatientDICOM": [
        1,
        0,
        0,
        0,
        1,
        0
    ],
    "ReconMatrixPE": 112,
    "InPlanePhaseEncodingDirectionDICOM": "COL",
    "PhaseEncodingAxis": "j",
    "SequenceVariant": "SK",
    "MRAcquisitionType": "2D",
    "SeriesDescription": "blip_DTI_Biobank_2mm_MB3S1p5_EPI",
    "Modality": "MR",
    "AcquisitionTime": "16:24:19.110000",
    "PhaseEncodingDirection": "j",
    "AcquisitionMatrixPE": 112,
    "PartialFourierEnabled": "YES",
    "EchoTime": 0.098,
    "InstitutionAddress": "University Park",
    "AcquisitionNumber": 11,
    "SeriesNumber": 1101,
    "PhilipsScaleSlope": 0.0172262,
    "ImagingFrequency": 127.749,
    "MTState": false,
    "EstimatedEffectiveEchoSpacing": 0.000666264,
    "RepetitionTime": 4.031,
    "DeviceSerialNumber": "71459",
    "ConversionSoftwareVersion": "v1.0.20211006",
    "EffectiveEchoSpacing": 0.000666264,
    "ScanningSequence": "SE",
    "PercentPhaseFOV": 100,
    "ConversionSoftware": "dcm2niix",
    "PixelBandwidth": 1903.9,
    "PatientPosition": "HFS",
    "PercentSampling": 100,
    "PartialFourierDirection": "PHASE",
    "Manufacturer": "Philips",
    "InstitutionalDepartmentName": "SPMIC",
    "SpacingBetweenSlices": 2,
    "InstitutionName": "Nottingham University",
    "MagneticFieldStrength": 3,
    "UsePhilipsFloatNotDisplayScaling": 1,
    "ProcedureStepDescription": "B1201202-052",
    "PhilipsRescaleIntercept": 0,
    "ProtocolName": "WIP blip_DTI_Biobank_2mm_MB3S1p5_EPI",
    "PhilipsRescaleSlope": 4.21441,
    "CoilString": "MULTI COIL",
    "BodyPartExamined": "BRAIN",
    "ScanOptions": "FS",
    "EchoTrainLength": 75,
    "EstimatedTotalReadoutTime": 0.0739553,
    "SoftwareVersions": "5.3.1\\5.3.1.0",
    "ManufacturersModelName": "Ingenia",
    "SliceThickness": 2,
    "StationName": "HOST-2ADB2S6FDM",
    "WaterFatShift": 32.5504,
    "TotalReadoutTime": 0.0739553,
    "ParallelAcquisitionTechnique": "SENSE",
    "PhaseEncodingStepsNoPartialFourier": 112,
    "ImageType": [
        "ORIGINAL",
        "PRIMARY",
        "DIFFUSION",
        "NONE"
    ],
    "ParallelReductionFactorInPlane": 1.5,
    "FlipAngle": 90
}