{
    "PixelBandwidth": 780,
    "ConsistencyInfo": "N4_VE11C_LATEST_20160120",
    "EchoTrainLength": 258,
    "RepetitionTime": 5,
    "AcquisitionMatrixPE": 256,
    "SequenceName": "*spcir_284ns",
    "TxRefAmp": 226.382,
    "DwellTime": 2.5e-06,
    "RefLinesPE": 24,
    "PercentPhaseFOV": 100,
    "ShimSetting": [
        4967,
        -11437,
        -1410,
        250,
        40,
        -702,
        105,
        47
    ],
    "ConversionSoftware": "dcm2niix",
    "PulseSequenceDetails": "%SiemensSeq%\\tse_vfl",
    "AcquisitionNumber": 1,
    "ReceiveCoilName": "HeadNeck_64",
    "Modality": "MR",
    "ManufacturersModelName": "Prisma",
    "SoftwareVersions": "syngo MR E11",
    "StationName": "AWP66093",
    "ConversionSoftwareVersion": "v1.0.20211006",
    "ImageOrientationText": "Sag>Cor(4.5)",
    "PatientPosition": "HFS",
    "PartialFourier": 1,
    "DeviceSerialNumber": "66093",
    "InstitutionName": "Warneford Hospital",
    "ReconMatrixPE": 256,
    "PhaseEncodingDirection": "i",
    "MatrixCoilMode": "GRAPPA",
    "MRAcquisitionType": "3D",
    "SAR": 0.0808112,
    "ImageType": [
        "ORIGINAL",
        "PRIMARY",
        "OTHER",
        "NORM"
    ],
    "PhaseEncodingSteps": 215,
    "SequenceVariant": "SK\\SP\\MP",
    "SliceThickness": 1.05,
    "BaseResolution": 256,
    "PercentSampling": 100,
    "ImagingFrequency": 123.26,
    "AcquisitionTime": "14:22:54.382500",
    "MagneticFieldStrength": 3,
    "Manufacturer": "Siemens",
    "ParallelReductionFactorInPlane": 2,
    "PhaseResolution": 1,
    "ScanningSequence": "SE\\IR",
    "EchoTime": 0.397,
    "InstitutionAddress": "Warneford Lane StreetNo,Oxford,District,GB,OX3 7JX",
    "FlipAngle": 120,
    "ScanOptions": "IR\\PFP\\FS",
    "ImageOrientationPatientDICOM": [
        0.0775355,
        0.985182,
        -0.152986,
        -0.0120031,
        -0.152514,
        -0.988228
    ],
    "BodyPartExamined": "BRAIN",
    "ProtocolName": "t2_flair_sag_p2_1mm_FS_ellip_pf78",
    "InversionTime": 1.8,
    "SeriesDescription": "t2_flair_sag_p2_1mm_FS_ellip_pf78",
    "InstitutionalDepartmentName": "BE3597",
    "CoilCombinationMethod": "Adaptive Combine",
    "ReceiveCoilActiveElements": "HC1-7",
    "SpoilingState": true,
    "InPlanePhaseEncodingDirectionDICOM": "ROW",
    "SeriesNumber": 10
}