{
    "EchoTime": 0.089075,
    "InstitutionalDepartmentName": "SPMIC",
    "StationName": "HOST-2ADB2S6FDM",
    "FlipAngle": 90,
    "Manufacturer": "Philips",
    "PhilipsRescaleIntercept": 0,
    "SeriesNumber": 501,
    "TotalReadoutTime": 0.0558949,
    "EffectiveEchoSpacing": 0.000503557,
    "InPlanePhaseEncodingDirectionDICOM": "COL",
    "ConversionSoftwareVersion": "v1.0.20211006",
    "SeriesDescription": "DTI_Biobank_2mm_MB3S2_EPI",
    "EstimatedTotalReadoutTime": 0.0558949,
    "AcquisitionNumber": 5,
    "PhaseEncodingAxis": "j-",
    "PercentSampling": 100,
    "SoftwareVersions": "5.3.1\\5.3.1.0",
    "AcquisitionTime": "11:29:16.250000",
    "PhaseEncodingDirection": "j-",
    "SAR": 0.128032,
    "SequenceVariant": "SK",
    "ConversionSoftware": "dcm2niix",
    "PartialFourierDirection": "PHASE",
    "PatientPosition": "HFS",
    "PhilipsRescaleSlope": 64.9722,
    "DeviceSerialNumber": "71459",
    "ParallelReductionFactorInPlane": 2,
    "ManufacturersModelName": "Ingenia",
    "AcquisitionMatrixPE": 110,
    "CoilString": "MULTI COIL",
    "SliceThickness": 2,
    "RepetitionTime": 4.0309,
    "EstimatedEffectiveEchoSpacing": 0.000503557,
    "PhaseEncodingStepsNoPartialFourier": 110,
    "MagneticFieldStrength": 3,
    "ImagingFrequency": 127.749,
    "ImageType": [
        "ORIGINAL",
        "PRIMARY",
        "M",
        "SE",
        "M",
        "SE"
    ],
    "PartialFourierEnabled": "YES",
    "EchoTrainLength": 55,
    "ParallelAcquisitionTechnique": "SENSE",
    "SpacingBetweenSlices": 2,
    "ProcedureStepDescription": "H14082014/47",
    "InstitutionAddress": "University Park",
    "InstitutionName": "Nottingham University",
    "ImageOrientationPatientDICOM": [
        0.999902,
        -0.00295135,
        -0.0136844,
        0.00169656,
        0.995866,
        -0.0908156
    ],
    "PercentPhaseFOV": 100,
    "MRAcquisitionType": "2D",
    "ReconMatrixPE": 112,
    "WaterFatShift": 24.7191,
    "BodyPartExamined": "BRAIN",
    "PixelBandwidth": 1800,
    "ScanOptions": "PFP",
    "PhilipsScaleSlope": 0.00489434,
    "ScanningSequence": "SE",
    "Modality": "MR",
    "UsePhilipsFloatNotDisplayScaling": 1,
    "MTState": false,
    "ProtocolName": "DTI_Biobank_2mm_MB3S2_EPI"
}