{
    "PhaseEncodingDirection": "j",
    "Modality": "MR",
    "ScanOptions": "PFP\\FS",
    "ImageType": [
        "ORIGINAL",
        "PRIMARY",
        "DIFFUSION",
        "NONE",
        "MB",
        "ND"
    ],
    "InstitutionalDepartmentName": "Department",
    "SequenceVariant": "SK\\SS",
    "CoilCombinationMethod": "Sum of Squares",
    "ScanningSequence": "EP",
    "TxRefAmp": 242.97,
    "WipMemBlock": "20d6278b-2752-46ca-b163-221ebe22664f||Sequence: R016 ve11c/master r/e634e98; Dec 19 2017 11:11:25 by eja",
    "MagneticFieldStrength": 3,
    "DiffusionScheme": "Monopolar",
    "ImageComments": "Unaliased MB3/PE3 SENSE1",
    "SliceThickness": 2,
    "StationName": "AWP66050",
    "EffectiveEchoSpacing": 0.000670015,
    "ImageOrientationText": "Tra>Cor(-15.8)>Sag(2.8)",
    "ConversionSoftwareVersion": "v1.0.20211006",
    "InPlanePhaseEncodingDirectionDICOM": "COL",
    "InstitutionAddress": "Headley Way StreetNo,Oxford,District,GB,OX3 9DU",
    "PulseSequenceDetails": "%CustomerSeq%\\cmrr_mbep2d_diff",
    "SequenceName": "ep_b5#1",
    "PhaseResolution": 1,
    "ShimSetting": [
        351,
        -11524,
        1684,
        300,
        269,
        164,
        183,
        31
    ],
    "DwellTime": 2.7e-06,
    "ManufacturersModelName": "Prisma",
    "BaseResolution": 104,
    "SeriesDescription": "diff 3dirs b=0 pepolar",
    "MatrixCoilMode": "SENSE",
    "ProtocolName": "diff_PA_MPopt_MB3_3b0_lowflip",
    "FlipAngle": 78,
    "ConversionSoftware": "dcm2niix",
    "PatientPosition": "HFS",
    "DeviceSerialNumber": "66050",
    "PercentSampling": 100,
    "AcquisitionMatrixPE": 104,
    "ReconMatrixPE": 104,
    "PhaseEncodingSteps": 78,
    "ImagingFrequency": 123.227,
    "ConsistencyInfo": "N4_VE11C_LATEST_20160120",
    "BandwidthPerPixelPhaseEncode": 14.351,
    "MultibandAccelerationFactor": 3,
    "Manufacturer": "Siemens",
    "DerivedVendorReportedEchoSpacing": 0.000670015,
    "AcquisitionNumber": 1,
    "InstitutionName": "The John Radcliffe",
    "SpacingBetweenSlices": 2,
    "RepetitionTime": 3.6,
    "BodyPartExamined": "HEAD",
    "ImageOrientationPatientDICOM": [
        0.998625,
        -0.00595194,
        0.0520863,
        0.019872,
        0.962367,
        -0.271026
    ],
    "ReceiveCoilActiveElements": "HEA;HEP",
    "ReceiveCoilName": "Head_32",
    "SliceTiming": [
        0,
        1.64062,
        3.28125,
        1.34375,
        2.98438,
        1.03906,
        2.6875,
        0.74219,
        2.38281,
        0.44531,
        2.08594,
        0.14844,
        1.78906,
        3.42969,
        1.49219,
        3.13281,
        1.1875,
        2.82812,
        0.89062,
        2.53125,
        0.59375,
        2.23438,
        0.29688,
        1.9375,
        0,
        1.64062,
        3.28125,
        1.34375,
        2.98438,
        1.03906,
        2.6875,
        0.74219,
        2.38281,
        0.44531,
        2.08594,
        0.14844,
        1.78906,
        3.42969,
        1.49219,
        3.13281,
        1.1875,
        2.82812,
        0.89062,
        2.53125,
        0.59375,
        2.23438,
        0.29688,
        1.9375,
        0,
        1.64062,
        3.28125,
        1.34375,
        2.98438,
        1.03906,
        2.6875,
        0.74219,
        2.38281,
        0.44531,
        2.08594,
        0.14844,
        1.78906,
        3.42969,
        1.49219,
        3.13281,
        1.1875,
        2.82812,
        0.89062,
        2.53125,
        0.59375,
        2.23438,
        0.29688,
        1.9375
    ],
    "PartialFourier": 0.75,
    "EchoTrainLength": 78,
    "SAR": 0.0675246,
    "MRAcquisitionType": "2D",
    "SoftwareVersions": "syngo MR E11",
    "EchoTime": 0.092,
    "PixelBandwidth": 1780,
    "AcquisitionTime": "09:25:47.092500",
    "SeriesNumber": 12,
    "PercentPhaseFOV": 100,
    "TotalReadoutTime": 0.0690115
}