{
    "ConversionSoftwareVersion": "v1.0.20211006",
    "PixelBandwidth": 1780,
    "TotalReadoutTime": 0.0690115,
    "BodyPartExamined": "HEAD",
    "EchoTrainLength": 78,
    "PhaseEncodingDirection": "j-",
    "SpacingBetweenSlices": 2,
    "SequenceName": "ep_b5#1",
    "DerivedVendorReportedEchoSpacing": 0.000670015,
    "MatrixCoilMode": "SENSE",
    "ImageType": [
        "ORIGINAL",
        "PRIMARY",
        "DIFFUSION",
        "NONE",
        "MB",
        "ND",
        "MOSAIC"
    ],
    "ManufacturersModelName": "Prisma",
    "AcquisitionTime": "09:26:29.077500",
    "Modality": "MR",
    "InstitutionalDepartmentName": "Department",
    "ScanningSequence": "EP",
    "ProtocolName": "diff_AP_MPopt_MB3_50b1000_50b2000_8b0_lowflip",
    "InstitutionAddress": "Headley Way StreetNo,Oxford,District,GB,OX3 9DU",
    "SeriesNumber": 14,
    "EffectiveEchoSpacing": 0.000670015,
    "EchoTime": 0.092,
    "ConversionSoftware": "dcm2niix",
    "ScanOptions": "PFP\\FS",
    "StationName": "AWP66050",
    "ReconMatrixPE": 104,
    "ImageComments": "Unaliased MB3/PE3 SENSE1",
    "ConsistencyInfo": "N4_VE11C_LATEST_20160120",
    "MagneticFieldStrength": 3,
    "InstitutionName": "The John Radcliffe",
    "PhaseEncodingSteps": 78,
    "ShimSetting": [
        351,
        -11524,
        1684,
        300,
        269,
        164,
        183,
        31
    ],
    "MRAcquisitionType": "2D",
    "DeviceSerialNumber": "66050",
    "SliceThickness": 2,
    "PatientPosition": "HFS",
    "BandwidthPerPixelPhaseEncode": 14.351,
    "ImageOrientationPatientDICOM": [
        0.998625,
        -0.00595194,
        0.0520863,
        0.019872,
        0.962367,
        -0.271026
    ],
    "PercentPhaseFOV": 100,
    "PulseSequenceDetails": "%CustomerSeq%\\cmrr_mbep2d_diff",
    "PartialFourier": 0.75,
    "PercentSampling": 100,
    "SoftwareVersions": "syngo MR E11",
    "SliceTiming": [
        0,
        1.64,
        3.2825,
        1.3425,
        2.9825,
        1.045,
        2.685,
        0.745,
        2.3875,
        0.4475,
        2.0875,
        0.15,
        1.79,
        3.43,
        1.4925,
        3.1325,
        1.1925,
        2.835,
        0.895,
        2.535,
        0.5975,
        2.2375,
        0.2975,
        1.94,
        0,
        1.64,
        3.2825,
        1.3425,
        2.9825,
        1.045,
        2.685,
        0.745,
        2.3875,
        0.4475,
        2.0875,
        0.15,
        1.79,
        3.43,
        1.4925,
        3.1325,
        1.1925,
        2.835,
        0.895,
        2.535,
        0.5975,
        2.2375,
        0.2975,
        1.94,
        0,
        1.64,
        3.2825,
        1.3425,
        2.9825,
        1.045,
        2.685,
        0.745,
        2.3875,
        0.4475,
        2.0875,
        0.15,
        1.79,
        3.43,
        1.4925,
        3.1325,
        1.1925,
        2.835,
        0.895,
        2.535,
        0.5975,
        2.2375,
        0.2975,
        1.94
    ],
    "PhaseResolution": 1,
    "FlipAngle": 78,
    "SequenceVariant": "SK\\SS",
    "ReceiveCoilName": "Head_32",
    "Manufacturer": "Siemens",
    "RepetitionTime": 3.6,
    "SAR": 0.0813102,
    "WipMemBlock": "2bcb433f-bf9b-44b2-8ed6-66c59bf6db95||Sequence: R016 ve11c/master r/e634e98; Dec 19 2017 11:11:25 by eja",
    "DwellTime": 2.7e-06,
    "MultibandAccelerationFactor": 3,
    "AcquisitionMatrixPE": 104,
    "DiffusionScheme": "Monopolar",
    "CoilCombinationMethod": "Sum of Squares",
    "TxRefAmp": 242.97,
    "ReceiveCoilActiveElements": "HEA;HEP",
    "ImagingFrequency": 123.227,
    "SeriesDescription": "diff_AP_MPopt_MB3_50b1000_50b2000_8b0_lowflip",
    "ImageOrientationText": "Tra>Cor(-15.8)>Sag(2.8)",
    "BaseResolution": 104,
    "AcquisitionNumber": 1,
    "InPlanePhaseEncodingDirectionDICOM": "COL"
}