{
    "MRAcquisitionType": "3D",
    "InstitutionName": "Warneford Hospital",
    "SAR": 0.11146,
    "PercentSampling": 100,
    "ReceiveCoilName": "HeadNeck_64",
    "StationName": "AWP66093",
    "ConversionSoftwareVersion": "v1.0.20211006",
    "PatientPosition": "HFS",
    "ImageOrientationPatientDICOM": [
        0,
        0.994522,
        -0.104529,
        0,
        -0.104529,
        -0.994522
    ],
    "ImageType": [
        "ORIGINAL",
        "PRIMARY",
        "OTHER",
        "NORM"
    ],
    "ManufacturersModelName": "Prisma",
    "SliceThickness": 1.05,
    "PulseSequenceDetails": "%SiemensSeq%\\tse_vfl",
    "ScanningSequence": "SE\\IR",
    "PixelBandwidth": 780,
    "RepetitionTime": 5,
    "DeviceSerialNumber": "66093",
    "SeriesDescription": "t2_flair_sag_p2_1mm_FS_ellip_pf78",
    "TxRefAmp": 262.221,
    "InversionTime": 1.8,
    "InstitutionAddress": "Warneford Lane StreetNo,Oxford,District,GB,OX3 7JX",
    "Manufacturer": "Siemens",
    "ScanOptions": "IR\\PFP\\FS",
    "CoilCombinationMethod": "Adaptive Combine",
    "BodyPartExamined": "BRAIN",
    "PhaseResolution": 1,
    "InPlanePhaseEncodingDirectionDICOM": "ROW",
    "AcquisitionMatrixPE": 256,
    "ReconMatrixPE": 256,
    "InstitutionalDepartmentName": "BE3597",
    "AcquisitionNumber": 1,
    "PhaseEncodingDirection": "i",
    "PercentPhaseFOV": 100,
    "SeriesNumber": 8,
    "ProtocolName": "t2_flair_sag_p2_1mm_FS_ellip_pf78",
    "SequenceVariant": "SK\\SP\\MP",
    "DwellTime": 2.5e-06,
    "SequenceName": "*spcir_284ns",
    "ConsistencyInfo": "N4_VE11C_LATEST_20160120",
    "ParallelReductionFactorInPlane": 2,
    "SoftwareVersions": "syngo MR E11",
    "ConversionSoftware": "dcm2niix",
    "PhaseEncodingSteps": 215,
    "BaseResolution": 256,
    "ImagingFrequency": 123.26,
    "MagneticFieldStrength": 3,
    "MatrixCoilMode": "GRAPPA",
    "ShimSetting": [
        4961,
        -11447,
        -1360,
        311,
        -73,
        -492,
        159,
        26
    ],
    "EchoTrainLength": 258,
    "Modality": "MR",
    "EchoTime": 0.397,
    "RefLinesPE": 24,
    "SpoilingState": true,
    "PartialFourier": 1,
    "FlipAngle": 120,
    "ImageOrientationText": "Sag",
    "AcquisitionTime": "17:01:13.695000",
    "ReceiveCoilActiveElements": "HC1-7"
}