{
    "ShimSetting": [
        319,
        -11463,
        1693,
        488,
        82,
        183,
        132,
        12
    ],
    "ReceiveCoilName": "Head_32",
    "ReconMatrixPE": 104,
    "ProtocolName": "diff_PA_MPopt_MB3_3b0_lowflip",
    "SpacingBetweenSlices": 2,
    "EchoTrainLength": 78,
    "SequenceVariant": "SK\\SS",
    "ScanningSequence": "EP",
    "BaseResolution": 104,
    "PercentSampling": 100,
    "PatientPosition": "HFS",
    "MRAcquisitionType": "2D",
    "ConversionSoftwareVersion": "v1.0.20211006",
    "Manufacturer": "Siemens",
    "PixelBandwidth": 1780,
    "ImageType": [
        "ORIGINAL",
        "PRIMARY",
        "DIFFUSION",
        "NONE",
        "MB",
        "ND"
    ],
    "CoilCombinationMethod": "Sum of Squares",
    "DeviceSerialNumber": "66050",
    "SeriesDescription": "diff 3dirs b=0 pepolar",
    "ConsistencyInfo": "N4_VE11C_LATEST_20160120",
    "SAR": 0.0724067,
    "ScanOptions": "PFP\\FS",
    "MatrixCoilMode": "SENSE",
    "ImageOrientationPatientDICOM": [
        0.999262,
        0.0365963,
        0.0117002,
        -0.0312285,
        0.95102,
        -0.307547
    ],
    "AcquisitionNumber": 1,
    "BodyPartExamined": "HEAD",
    "AcquisitionTime": "10:41:26.132500",
    "ReceiveCoilActiveElements": "HEA;HEP",
    "PulseSequenceDetails": "%CustomerSeq%\\cmrr_mbep2d_diff",
    "InPlanePhaseEncodingDirectionDICOM": "COL",
    "BandwidthPerPixelPhaseEncode": 14.351,
    "EffectiveEchoSpacing": 0.000670015,
    "PhaseResolution": 1,
    "MagneticFieldStrength": 3,
    "DwellTime": 2.7e-06,
    "ImageOrientationText": "Tra>Cor(-17.9)>Sag(1.3)",
    "AcquisitionMatrixPE": 104,
    "StationName": "AWP66050",
    "RepetitionTime": 3.6,
    "SliceTiming": [
        0,
        1.64062,
        3.28125,
        1.34375,
        2.98438,
        1.03906,
        2.6875,
        0.74219,
        2.38281,
        0.44531,
        2.08594,
        0.14844,
        1.78906,
        3.42969,
        1.49219,
        3.13281,
        1.19531,
        2.83594,
        0.89844,
        2.53125,
        0.59375,
        2.23438,
        0.29688,
        1.9375,
        0,
        1.64062,
        3.28125,
        1.34375,
        2.98438,
        1.03906,
        2.6875,
        0.74219,
        2.38281,
        0.44531,
        2.08594,
        0.14844,
        1.78906,
        3.42969,
        1.49219,
        3.13281,
        1.19531,
        2.83594,
        0.89844,
        2.53125,
        0.59375,
        2.23438,
        0.29688,
        1.9375,
        0,
        1.64062,
        3.28125,
        1.34375,
        2.98438,
        1.03906,
        2.6875,
        0.74219,
        2.38281,
        0.44531,
        2.08594,
        0.14844,
        1.78906,
        3.42969,
        1.49219,
        3.13281,
        1.19531,
        2.83594,
        0.89844,
        2.53125,
        0.59375,
        2.23438,
        0.29688,
        1.9375
    ],
    "SeriesNumber": 12,
    "DerivedVendorReportedEchoSpacing": 0.000670015,
    "PhaseEncodingDirection": "j",
    "SoftwareVersions": "syngo MR E11",
    "ImagingFrequency": 123.256,
    "InstitutionalDepartmentName": "Department",
    "Modality": "MR",
    "TxRefAmp": 245.525,
    "SliceThickness": 2,
    "FlipAngle": 78,
    "InstitutionAddress": "Headley Way StreetNo,Oxford,District,GB,OX3 9DU",
    "DiffusionScheme": "Monopolar",
    "WipMemBlock": "14059a12-03b8-43a7-a0e0-cc85920dcc23||Sequence: R016 ve11c/master r/e634e98; Dec 19 2017 11:11:25 by eja",
    "EchoTime": 0.092,
    "ImageComments": "Unaliased MB3/PE3 SENSE1",
    "PhaseEncodingSteps": 78,
    "InstitutionName": "The John Radcliffe",
    "PartialFourier": 0.75,
    "TotalReadoutTime": 0.0690115,
    "MultibandAccelerationFactor": 3,
    "ManufacturersModelName": "Prisma",
    "PercentPhaseFOV": 100,
    "ConversionSoftware": "dcm2niix",
    "SequenceName": "ep_b5#1"
}