{
    "PartialFourierEnabled": "YES",
    "MTState": false,
    "CoilString": "MULTI COIL",
    "PercentPhaseFOV": 100,
    "EchoTrainLength": 95,
    "SAR": 0.0227829,
    "MagneticFieldStrength": 3,
    "ManufacturersModelName": "Achieva",
    "EchoTime": 0.039,
    "PatientPosition": "HFS",
    "PhaseEncodingAxis": "j",
    "PixelBandwidth": 2328,
    "ImageOrientationPatientDICOM": [
        0.998569,
        0.00766079,
        0.0529228,
        -0.00367802,
        0.997181,
        -0.0749475
    ],
    "AcquisitionMatrixPE": 95,
    "InstitutionalDepartmentName": "MRI",
    "ScanningSequence": "GR",
    "ScanOptions": "FS",
    "SpacingBetweenSlices": 2.4,
    "InPlanePhaseEncodingDirectionDICOM": "COL",
    "ProcedureStepDescription": "H1408201447",
    "ReconMatrixPE": 96,
    "ConversionSoftware": "dcm2niix",
    "PhilipsRescaleIntercept": 0,
    "TaskName": "rest",
    "WaterFatShift": 25.3797,
    "SliceThickness": 2.4,
    "UsePhilipsFloatNotDisplayScaling": 1,
    "PhaseEncodingStepsNoPartialFourier": 95,
    "Modality": "MR",
    "SeriesDescription": "rs-fmri_singleMB4_HF0.8",
    "PhilipsScaleSlope": 0.00153639,
    "Manufacturer": "Philips",
    "PhaseEncodingDirection": "j",
    "SoftwareVersions": "5.3.0\\5.3.0.3",
    "PartialFourierDirection": "PHASE",
    "AcquisitionNumber": 8,
    "EstimatedEffectiveEchoSpacing": 0.000608401,
    "AcquisitionTime": "10:15:56.720000",
    "PercentSampling": 100,
    "SequenceVariant": "SK",
    "BodyPartExamined": "BRAIN",
    "InstitutionName": "SPMMRC Nottingham",
    "ImageType": [
        "ORIGINAL",
        "PRIMARY",
        "M",
        "FFE",
        "M",
        "FFE"
    ],
    "B0FieldSource": "pepolar_fmap0",
    "PhilipsRescaleSlope": 0.818071,
    "ImagingFrequency": 127.804,
    "RepetitionTime": 1.15,
    "FlipAngle": 65,
    "ParallelAcquisitionTechnique": "SENSE",
    "MRAcquisitionType": "2D",
    "TotalReadoutTime": 0.0577981,
    "ProtocolName": "WIP rs-fmri_singleMB4_HF0.8",
    "EffectiveEchoSpacing": 0.000608401,
    "StationName": "PHILIPS-T6O3EHP",
    "SeriesNumber": 801,
    "DeviceSerialNumber": "17057",
    "EstimatedTotalReadoutTime": 0.0577981,
    "ConversionSoftwareVersion": "v1.0.20211006"
}