{
    "WaterFatShift": 20.3511,
    "PatientPosition": "HFS",
    "ReconMatrixPE": 96,
    "AcquisitionNumber": 9,
    "MagneticFieldStrength": 3,
    "PhaseEncodingAxis": "j",
    "ProtocolName": "WIP blip_rs-fmri_SErev",
    "EstimatedTotalReadoutTime": 0.0461223,
    "PixelBandwidth": 1628,
    "Manufacturer": "Philips",
    "ParallelReductionFactorInPlane": 1.5,
    "EffectiveEchoSpacing": 0.000485498,
    "InPlanePhaseEncodingDirectionDICOM": "COL",
    "ImagingFrequency": 127.749,
    "ScanOptions": "FS",
    "ScanningSequence": "SE",
    "IntendedFor": [
        "ses-NOT2ING001/func/sub-14221_ses-NOT2ING001_task-rest_acq-multiband4_bold.nii.gz",
        "ses-NOT2ING001/func/sub-14221_ses-NOT2ING001_task-rest_acq-multiband6_bold.nii.gz"
    ],
    "AcquisitionMatrixPE": 95,
    "SoftwareVersions": "5.6.1\\5.6.1.0",
    "PhilipsRWVSlope": 1.56972,
    "Modality": "MR",
    "InstitutionalDepartmentName": "SPMIC",
    "AcquisitionTime": "15:01:57.580000",
    "FlipAngle": 52,
    "EstimatedEffectiveEchoSpacing": 0.000485498,
    "ConversionSoftwareVersion": "v1.0.20211006",
    "ManufacturersModelName": "Ingenia",
    "SeriesNumber": 901,
    "ParallelAcquisitionTechnique": "SENSE",
    "UsePhilipsFloatNotDisplayScaling": 1,
    "InstitutionAddress": "University Park",
    "BodyPartExamined": "BRAIN",
    "EchoTrainLength": 63,
    "RepetitionTime": 5.6788,
    "PhilipsRWVIntercept": 0,
    "ImageType": [
        "ORIGINAL",
        "PRIMARY",
        "M",
        "SE",
        "M",
        "SE"
    ],
    "DeviceSerialNumber": "71459",
    "EchoTime": 0.08,
    "ProcedureStepDescription": "H1408201447",
    "PhaseEncodingSteps": 95,
    "MRAcquisitionType": "2D",
    "PhilipsRescaleIntercept": 0,
    "PhaseEncodingDirection": "j",
    "PhilipsRescaleSlope": 1.56972,
    "ImageOrientationPatientDICOM": [
        0.996094,
        0.0883003,
        -0.00022955,
        -0.0883002,
        0.996094,
        0.000310324
    ],
    "PercentPhaseFOV": 100,
    "B0FieldIdentifier": "pepolar_fmap0",
    "SeriesDescription": "blip_rs-fmri_SErev",
    "SAR": 0.110663,
    "PhilipsScaleSlope": 0.0230678,
    "ConversionSoftware": "dcm2niix",
    "TotalReadoutTime": 0.0461223,
    "SequenceVariant": "SK",
    "CoilString": "MULTI COIL",
    "PercentSampling": 100,
    "SliceThickness": 2.4,
    "StationName": "HOST-2ADB2S6FDM",
    "InstitutionName": "Nottingham University",
    "SpacingBetweenSlices": 2.4,
    "MTState": false
}