{
  "Modality": "MR",
  "MagneticFieldStrength": 3,
  "ImagingFrequency": 127.749,
  "Manufacturer": "Philips",
  "ManufacturersModelName": "Ingenia",
  "InstitutionName": "Nottingham University",
  "InstitutionalDepartmentName": "SPMIC",
  "InstitutionAddress": "University Park",
  "DeviceSerialNumber": "71459",
  "StationName": "HOST-2ADB2S6FDM",
  "BodyPartExamined": "BRAIN",
  "PatientPosition": "HFS",
  "ProcedureStepDescription": "FHMS4520122",
  "SoftwareVersions": "5.6.1\\5.6.1.0",
  "MRAcquisitionType": "2D",
  "SeriesDescription": "blip_DTI_Biobank_2mm_MB3S1p5_EPI",
  "ProtocolName": "blip_DTI_Biobank_2mm_MB3S1p5_EPI",
  "ScanningSequence": "SE",
  "SequenceVariant": "SK",
  "ScanOptions": "FS",
  "ImageType": [
    "ORIGINAL",
    "PRIMARY",
    "DIFFUSION",
    "NONE",
    "NORM"
  ],
  "SeriesNumber": 401,
  "AcquisitionTime": "16:54:17.190000",
  "AcquisitionNumber": 4,
  "PhilipsRescaleSlope": 2.79951,
  "PhilipsRescaleIntercept": 0,
  "PhilipsScaleSlope": 0.019754,
  "UsePhilipsFloatNotDisplayScaling": 0,
  "SliceThickness": 2,
  "SpacingBetweenSlices": 2,
  "EchoTime": 0.098,
  "RepetitionTime": 4.031,
  "MTState": false,
  "FlipAngle": 90,
  "CoilString": "MULTI COIL",
  "PercentPhaseFOV": 100,
  "PercentSampling": 100,
  "EchoTrainLength": 75,
  "PartialFourierDirection": "PHASE",
  "PartialFourierEnabled": "YES",
  "PhaseEncodingStepsNoPartialFourier": 112,
  "AcquisitionMatrixPE": 112,
  "ReconMatrixPE": 112,
  "ParallelReductionFactorInPlane": 1.5,
  "ParallelAcquisitionTechnique": "MBSENSE",
  "ParallelReductionOutOfPlane": 3,
  "WaterFatShift": 32.7421,
  "EstimatedEffectiveEchoSpacing": 0.000670183,
  "EstimatedTotalReadoutTime": 0.0743903,
  "PixelBandwidth": 1882.91,
  "PhaseEncodingAxis": "j",
  "ImageOrientationPatientDICOM": [
    0.995482,
    0.0948229,
    -0.00491574,
    -0.0938613,
    0.974927,
    -0.201761
  ],
  "InPlanePhaseEncodingDirectionDICOM": "COL",
  "ConversionSoftware": "dcm2niix",
  "ConversionSoftwareVersion": "v1.0.20211006",
  "PhaseEncodingDirection": "j-",
  "EffectiveEchoSpacing": 0.000670183,
  "TotalReadoutTime": 0.0743903
}