{
    "BodyPartExamined": "BRAIN",
    "InstitutionName": "SPMMRC Nottingham",
    "ProtocolName": "WIP T2_FLAIR_1mm",
    "SeriesNumber": 301,
    "MagneticFieldStrength": 3,
    "PercentPhaseFOV": 100,
    "ConversionSoftwareVersion": "v1.0.20211006",
    "NumberOfAverages": 2,
    "InstitutionalDepartmentName": "MRI",
    "ImagingFrequency": 127.805,
    "PhilipsRescaleSlope": 5.33797,
    "ConversionSoftware": "dcm2niix",
    "InversionTime": 1.65,
    "PercentSampling": 78.5398,
    "ParallelAcquisitionTechnique": "SENSE",
    "PatientPosition": "HFS",
    "ManufacturersModelName": "Achieva",
    "DeviceSerialNumber": "17057",
    "SpacingBetweenSlices": 1.05,
    "PixelBandwidth": 1242.85,
    "SequenceVariant": "SK",
    "AcquisitionNumber": 3,
    "ParallelReductionOutOfPlane": 2,
    "AcquisitionMatrixPE": 256,
    "SliceThickness": 1.05,
    "PhilipsRescaleIntercept": 0,
    "ScanningSequence": "IR",
    "EstimatedTotalReadoutTime": 0.000800203,
    "StationName": "PHILIPS-T6O3EHP",
    "CoilString": "MULTI COIL",
    "Manufacturer": "Philips",
    "UsePhilipsFloatNotDisplayScaling": 1,
    "WaterFatShift": 0.349627,
    "PhilipsScaleSlope": 0.000123417,
    "ImageType": [
        "ORIGINAL",
        "PRIMARY",
        "OTHER",
        "NORM"
    ],
    "PhaseEncodingAxis": "i",
    "RepetitionTime": 5,
    "AcquisitionTime": "16:17:19.410000",
    "ReconMatrixPE": 256,
    "EstimatedEffectiveEchoSpacing": 3.13805e-06,
    "ProcedureStepDescription": "H14082014_47",
    "MRAcquisitionType": "3D",
    "ParallelReductionFactorInPlane": 2.6,
    "EchoTime": 0.290699,
    "ImageOrientationPatientDICOM": [
        -0.00362714,
        0.999992,
        0.00150692,
        0.0180995,
        0.00157233,
        -0.999835
    ],
    "Modality": "MR",
    "SeriesDescription": "T2_FLAIR_1mm",
    "MTState": false,
    "FlipAngle": 90,
    "EchoTrainLength": 182,
    "ScanOptions": "FS",
    "InPlanePhaseEncodingDirectionDICOM": "ROW",
    "SoftwareVersions": "5.3.0\\5.3.0.3",
    "PhaseEncodingSteps": 256
}