{
    "DwellTime": 2.8e-06,
    "MagneticFieldStrength": 3,
    "StationName": "AWP66093",
    "BodyPartExamined": "BRAIN",
    "ConversionSoftwareVersion": "v1.0.20211006",
    "PatientPosition": "HFS",
    "InPlanePhaseEncodingDirectionDICOM": "COL",
    "AcquisitionNumber": 1,
    "SpacingBetweenSlices": 2.4,
    "SliceTiming": [
        0,
        0.2675,
        0.5375,
        0.09,
        0.3575,
        0.625,
        0.18,
        0.4475,
        0,
        0.2675,
        0.5375,
        0.09,
        0.3575,
        0.625,
        0.18,
        0.4475,
        0,
        0.2675,
        0.5375,
        0.09,
        0.3575,
        0.625,
        0.18,
        0.4475,
        0,
        0.2675,
        0.5375,
        0.09,
        0.3575,
        0.625,
        0.18,
        0.4475,
        0,
        0.2675,
        0.5375,
        0.09,
        0.3575,
        0.625,
        0.18,
        0.4475,
        0,
        0.2675,
        0.5375,
        0.09,
        0.3575,
        0.625,
        0.18,
        0.4475,
        0,
        0.2675,
        0.5375,
        0.09,
        0.3575,
        0.625,
        0.18,
        0.4475,
        0,
        0.2675,
        0.5375,
        0.09,
        0.3575,
        0.625,
        0.18,
        0.4475
    ],
    "Manufacturer": "Siemens",
    "PixelBandwidth": 2030,
    "PartialFourier": 1,
    "BandwidthPerPixelPhaseEncode": 17.756,
    "SequenceVariant": "SK\\SS",
    "PulseSequenceDetails": "%CustomerSeq%\\cmrr_mbep2d_bold",
    "ManufacturersModelName": "Prisma",
    "SeriesDescription": "MB8_FMRI_fov210_2.4mm_resting",
    "DerivedVendorReportedEchoSpacing": 0.000639989,
    "PercentSampling": 100,
    "ImageOrientationPatientDICOM": [
        1,
        0,
        0,
        0,
        0.998719,
        -0.0505929
    ],
    "SAR": 0.0599224,
    "PhaseResolution": 1,
    "PhaseEncodingDirection": "j-",
    "MatrixCoilMode": "SENSE",
    "BaseResolution": 88,
    "ImageType": [
        "ORIGINAL",
        "PRIMARY",
        "M",
        "MB",
        "ND",
        "MOSAIC"
    ],
    "AcquisitionTime": "10:23:6.942500",
    "InstitutionalDepartmentName": "BE3597",
    "SliceThickness": 2.4,
    "ScanOptions": "FS",
    "ConversionSoftware": "dcm2niix",
    "TaskName": "rest",
    "TxRefAmp": 239.668,
    "MRAcquisitionType": "2D",
    "PercentPhaseFOV": 100,
    "ImageOrientationText": "Tra>Cor(-2.9)",
    "ConsistencyInfo": "N4_VE11C_LATEST_20160120",
    "DeviceSerialNumber": "66093",
    "WipMemBlock": "1c17993b-5a76-4686-b088-fef7cef2616a||Sequence: R016 ve11c/master r/e634e98; Dec 19 2017 11:00:25 by eja",
    "ShimSetting": [
        4962,
        -11415,
        -1338,
        466,
        48,
        -116,
        77,
        42
    ],
    "FlipAngle": 52,
    "ImageComments": "Unaliased MB8/PE3 SENSE1",
    "EchoTime": 0.039,
    "MultibandAccelerationFactor": 8,
    "SoftwareVersions": "syngo MR E11",
    "EffectiveEchoSpacing": 0.000639989,
    "ReceiveCoilActiveElements": "HC1-7",
    "InstitutionName": "Warneford Hospital",
    "CoilCombinationMethod": "Sum of Squares",
    "ReceiveCoilName": "HeadNeck_64",
    "AcquisitionMatrixPE": 88,
    "SeriesNumber": 6,
    "ScanningSequence": "EP",
    "SequenceName": "epfid2d1_88",
    "PhaseEncodingSteps": 88,
    "EchoTrainLength": 88,
    "ReconMatrixPE": 88,
    "ImagingFrequency": 123.259,
    "Modality": "MR",
    "ProtocolName": "MB8_FMRI_fov210_2.4mm_resting",
    "InstitutionAddress": "Warneford Lane StreetNo,Oxford,District,GB,OX3 7JX",
    "RepetitionTime": 0.735,
    "TotalReadoutTime": 0.055679
}