{
	"Modality": "MR",
	"MagneticFieldStrength": 3,
	"ImagingFrequency": 123.172,
	"Manufacturer": "Siemens",
	"ManufacturersModelName": "TrioTim",
	"InstitutionName": "John Radcliffe Hospital",
	"InstitutionalDepartmentName": "OCMR2",
	"InstitutionAddress": "Headley Way sfd,Oxford,Southeast,GB,OX3 9UE",
	"DeviceSerialNumber": "35031",
	"StationName": "MRC35031",
	"PatientPosition": "HFS",
	"ProcedureStepDescription": "neuro^N18",
	"SoftwareVersions": "syngo MR B17",
	"MRAcquisitionType": "3D",
	"SeriesDescription": "SWI_3mm_Updated_v1.1",
	"ProtocolName": "SWI_3mm_Updated_v1.1",
	"ScanningSequence": "GR",
	"SequenceVariant": "SP",
	"ScanOptions": "PFP",
	"SequenceName": "*fl3d2r",
	"ImageType": ["ORIGINAL", "PRIMARY", "M", "ND"],
	"SeriesNumber": 13,
	"AcquisitionTime": "17:24:14.142500",
	"AcquisitionNumber": 1,
	"SliceThickness": 3,
	"SAR": 0.0232661,
	"EchoNumber": 2,
	"EchoTime": 0.01671,
	"RepetitionTime": 0.027,
	"FlipAngle": 15,
	"PartialFourier": 0.875,
	"BaseResolution": 320,
	"ShimSetting": [
		-1752,
		-11420,
		7638,
		718,
		94,
		95,
		207,
		-203	],
	"TxRefAmp": 353.991,
	"PhaseResolution": 1,
	"ReceiveCoilName": "32Ch_Head",
	"CoilString": "H16",
	"PulseSequenceDetails": "%SiemensSeq%\\gre",
	"RefLinesPE": 24,
	"CoilCombinationMethod": "Sum of Squares",
	"MatrixCoilMode": "GRAPPA",
	"PercentPhaseFOV": 87.5,
	"PercentSampling": 100,
	"PhaseEncodingSteps": 244,
	"AcquisitionMatrixPE": 280,
	"ReconMatrixPE": 280,
	"ParallelReductionFactorInPlane": 2,
	"PixelBandwidth": 140,
	"DwellTime": 1.12e-05,
	"ImageOrientationPatientDICOM": [
		1,
		-1.83872e-10,
		9.08754e-11,
		2.05103e-10,
		0.896486,
		-0.443071	],
	"ImageOrientationText": "Tra>Cor(-26.3)",
	"InPlanePhaseEncodingDirectionDICOM": "ROW",
	"ConversionSoftware": "dcm2niix",
	"ConversionSoftwareVersion": "v1.0.20211006"
}
