{
    "TxRefAmp": 235.937,
    "InstitutionName": "The John Radcliffe",
    "PartialFourier": 1,
    "DerivedVendorReportedEchoSpacing": 0.000639989,
    "PatientPosition": "HFS",
    "PixelBandwidth": 2030,
    "TaskName": "rest",
    "StationName": "AWP66050",
    "SpacingBetweenSlices": 2.4,
    "ImageType": [
        "ORIGINAL",
        "PRIMARY",
        "M",
        "MB",
        "ND",
        "MOSAIC"
    ],
    "BandwidthPerPixelPhaseEncode": 17.756,
    "SliceThickness": 2.4,
    "ScanningSequence": "EP",
    "InstitutionAddress": "Headley Way StreetNo,Oxford,District,GB,OX3 9DU",
    "ImageOrientationPatientDICOM": [
        0.999663,
        0.0253073,
        0.00578819,
        -0.0218128,
        0.939691,
        -0.341328
    ],
    "AcquisitionNumber": 1,
    "FlipAngle": 52,
    "PercentSampling": 100,
    "SAR": 0.0508919,
    "ShimSetting": [
        343,
        -11529,
        1672,
        275,
        307,
        108,
        174,
        33
    ],
    "ImagingFrequency": 123.227,
    "MultibandAccelerationFactor": 8,
    "Manufacturer": "Siemens",
    "CoilCombinationMethod": "Sum of Squares",
    "WipMemBlock": "1d521f35-f1a0-41d5-b490-14887bec934a||Sequence: R016 ve11c/master r/e634e98; Dec 19 2017 11:00:25 by eja",
    "MRAcquisitionType": "2D",
    "MagneticFieldStrength": 3,
    "SequenceName": "epfid2d1_88",
    "MatrixCoilMode": "SENSE",
    "EffectiveEchoSpacing": 0.000639989,
    "DwellTime": 2.8e-06,
    "PhaseEncodingDirection": "j-",
    "ManufacturersModelName": "Prisma",
    "SeriesNumber": 8,
    "PhaseResolution": 1,
    "ImageComments": "Unaliased MB8/PE3 SENSE1",
    "ReceiveCoilActiveElements": "HEA;HEP",
    "SoftwareVersions": "syngo MR E11",
    "ConversionSoftware": "dcm2niix",
    "PhaseEncodingSteps": 88,
    "RepetitionTime": 0.735,
    "TotalReadoutTime": 0.055679,
    "DeviceSerialNumber": "66050",
    "InstitutionalDepartmentName": "Department",
    "ProtocolName": "MB8_FMRI_fov210_2.4mm_resting",
    "AcquisitionMatrixPE": 88,
    "EchoTrainLength": 88,
    "AcquisitionTime": "11:47:0.405000",
    "SequenceVariant": "SK\\SS",
    "BodyPartExamined": "HEAD",
    "ReceiveCoilName": "Head_32",
    "InPlanePhaseEncodingDirectionDICOM": "COL",
    "ReconMatrixPE": 88,
    "ScanOptions": "FS",
    "PercentPhaseFOV": 100,
    "SeriesDescription": "MB8_FMRI_fov210_2.4mm_resting",
    "ConsistencyInfo": "N4_VE11C_LATEST_20160120",
    "SliceTiming": [
        0,
        0.27,
        0.5375,
        0.09,
        0.3575,
        0.6275,
        0.18,
        0.4475,
        0,
        0.27,
        0.5375,
        0.09,
        0.3575,
        0.6275,
        0.18,
        0.4475,
        0,
        0.27,
        0.5375,
        0.09,
        0.3575,
        0.6275,
        0.18,
        0.4475,
        0,
        0.27,
        0.5375,
        0.09,
        0.3575,
        0.6275,
        0.18,
        0.4475,
        0,
        0.27,
        0.5375,
        0.09,
        0.3575,
        0.6275,
        0.18,
        0.4475,
        0,
        0.27,
        0.5375,
        0.09,
        0.3575,
        0.6275,
        0.18,
        0.4475,
        0,
        0.27,
        0.5375,
        0.09,
        0.3575,
        0.6275,
        0.18,
        0.4475,
        0,
        0.27,
        0.5375,
        0.09,
        0.3575,
        0.6275,
        0.18,
        0.4475
    ],
    "EchoTime": 0.039,
    "Modality": "MR",
    "ImageOrientationText": "Tra>Cor(-19.9)>Sag(0.8)",
    "BaseResolution": 88,
    "ConversionSoftwareVersion": "v1.0.20211006",
    "PulseSequenceDetails": "%CustomerSeq%\\cmrr_mbep2d_bold"
}