{
    "B0FieldIdentifier": "pepolar_fmap0",
    "ImageType": [
        "ORIGINAL",
        "PRIMARY",
        "M",
        "SE",
        "M",
        "SE"
    ],
    "PercentPhaseFOV": 100,
    "AcquisitionTime": "11:54:37.480000",
    "BodyPartExamined": "BRAIN",
    "ScanningSequence": "SE",
    "SeriesDescription": "blipA_rs-fmri_singleMB4_HF0.8",
    "ConversionSoftware": "dcm2niix",
    "MRAcquisitionType": "2D",
    "StationName": "PHILIPS-T6O3EHP",
    "Modality": "MR",
    "EstimatedTotalReadoutTime": 0.0574876,
    "MTState": false,
    "RepetitionTime": 2,
    "SoftwareVersions": "5.3.0\\5.3.0.3",
    "PhilipsScaleSlope": 0.00429413,
    "ProtocolName": "WIP blipA_rs-fmri_singleMB4_HF0.8",
    "DeviceSerialNumber": "17057",
    "EffectiveEchoSpacing": 0.000605133,
    "ImagingFrequency": 127.804,
    "SeriesNumber": 1001,
    "PhaseEncodingSteps": 95,
    "InPlanePhaseEncodingDirectionDICOM": "COL",
    "IntendedFor": "ses-NOT1ACH001/func/sub-03997_ses-NOT1ACH001_task-rest_bold.nii.gz",
    "PhaseEncodingAxis": "j-",
    "PhilipsRescaleIntercept": 0,
    "CoilString": "MULTI COIL",
    "SequenceVariant": "SK",
    "SAR": 0.0454304,
    "UsePhilipsFloatNotDisplayScaling": 1,
    "InstitutionalDepartmentName": "MRI",
    "ReconMatrixPE": 96,
    "ImageOrientationPatientDICOM": [
        0.98678,
        -0.154318,
        0.0495124,
        0.154469,
        0.987997,
        0.000776798
    ],
    "ProcedureStepDescription": "H14082014/47",
    "MagneticFieldStrength": 3,
    "TotalReadoutTime": 0.0574876,
    "FlipAngle": 80,
    "PixelBandwidth": 2339,
    "SpacingBetweenSlices": 2.4,
    "AcquisitionMatrixPE": 95,
    "ScanOptions": "FS",
    "PatientPosition": "HFS",
    "EstimatedEffectiveEchoSpacing": 0.000605133,
    "SliceThickness": 2.4,
    "ConversionSoftwareVersion": "v1.0.20211006",
    "InstitutionName": "SPMMRC Nottingham",
    "PhaseEncodingDirection": "j-",
    "PercentSampling": 100,
    "ManufacturersModelName": "Achieva",
    "Manufacturer": "Philips",
    "EchoTrainLength": 95,
    "WaterFatShift": 25.2433,
    "AcquisitionNumber": 10,
    "PhilipsRescaleSlope": 0.959219,
    "EchoTime": 0.09,
    "ParallelAcquisitionTechnique": "SENSE"
}