{
    "SpacingBetweenSlices": 2.4,
    "RepetitionTime": 2,
    "AcquisitionTime": "11:54:14.890000",
    "PhaseEncodingSteps": 95,
    "ReconMatrixPE": 96,
    "SAR": 0.0454422,
    "B0FieldIdentifier": "pepolar_fmap0",
    "ImagingFrequency": 127.804,
    "MRAcquisitionType": "2D",
    "DeviceSerialNumber": "17057",
    "ManufacturersModelName": "Achieva",
    "StationName": "PHILIPS-T6O3EHP",
    "Modality": "MR",
    "ScanOptions": "FS",
    "PhilipsRescaleSlope": 1.10476,
    "PercentSampling": 100,
    "EchoTrainLength": 95,
    "InstitutionName": "SPMMRC Nottingham",
    "AcquisitionNumber": 9,
    "InPlanePhaseEncodingDirectionDICOM": "COL",
    "Manufacturer": "Philips",
    "PatientPosition": "HFS",
    "ImageType": [
        "ORIGINAL",
        "PRIMARY",
        "M",
        "SE",
        "M",
        "SE"
    ],
    "WaterFatShift": 25.2433,
    "TotalReadoutTime": 0.0574876,
    "SeriesNumber": 901,
    "ProcedureStepDescription": "H14082014/47",
    "PhaseEncodingDirection": "j",
    "EchoTime": 0.09,
    "UsePhilipsFloatNotDisplayScaling": 1,
    "MTState": false,
    "ConversionSoftwareVersion": "v1.0.20211006",
    "MagneticFieldStrength": 3,
    "PhaseEncodingAxis": "j",
    "SliceThickness": 2.4,
    "EffectiveEchoSpacing": 0.000605133,
    "CoilString": "MULTI COIL",
    "ImageOrientationPatientDICOM": [
        0.98678,
        -0.154318,
        0.0495124,
        0.154469,
        0.987997,
        0.000776798
    ],
    "AcquisitionMatrixPE": 95,
    "SequenceVariant": "SK",
    "FlipAngle": 80,
    "InstitutionalDepartmentName": "MRI",
    "PixelBandwidth": 2339,
    "PhilipsRescaleIntercept": 0,
    "EstimatedTotalReadoutTime": 0.0574876,
    "EstimatedEffectiveEchoSpacing": 0.000605133,
    "SeriesDescription": "blipP_rs-fmri_singleMB4_HF0.8",
    "SoftwareVersions": "5.3.0\\5.3.0.3",
    "PhilipsScaleSlope": 0.00220678,
    "BodyPartExamined": "BRAIN",
    "PercentPhaseFOV": 100,
    "ConversionSoftware": "dcm2niix",
    "ScanningSequence": "SE",
    "ParallelAcquisitionTechnique": "SENSE",
    "IntendedFor": "ses-NOT1ACH001/func/sub-03997_ses-NOT1ACH001_task-rest_bold.nii.gz",
    "ProtocolName": "WIP blipP_rs-fmri_singleMB4_HF0.8"
}