{
    "BaseResolution": 104,
    "ReconMatrixPE": 104,
    "Modality": "MR",
    "ImagingFrequency": 123.172,
    "InstitutionAddress": "Headley Way sfd,Oxford,Southeast,GB,OX3 9UE",
    "ScanningSequence": "EP",
    "DerivedVendorReportedEchoSpacing": 0.000690017,
    "PulseSequenceDetails": "%CustomerSeq%\\cmrr_mbep2d_diff",
    "InstitutionName": "John Radcliffe Hospital",
    "AcquisitionTime": "13:41:15.015000",
    "PhaseResolution": 1,
    "FlipAngle": 78,
    "RepetitionTime": 3.6,
    "PhaseEncodingSteps": 78,
    "PercentPhaseFOV": 100,
    "ShimSetting": [
        -1605,
        -11282,
        7719,
        1266,
        305,
        265,
        528,
        -75
    ],
    "SliceTiming": [
        0,
        1.65625,
        3.3125,
        1.35938,
        3.01562,
        1.04688,
        2.70312,
        0.75,
        2.40625,
        0.45312,
        2.10938,
        0.15625,
        1.8125,
        3.46875,
        1.5,
        3.15625,
        1.20312,
        2.85938,
        0.90625,
        2.5625,
        0.60938,
        2.26562,
        0.29688,
        1.95312,
        0,
        1.65625,
        3.3125,
        1.35938,
        3.01562,
        1.04688,
        2.70312,
        0.75,
        2.40625,
        0.45312,
        2.10938,
        0.15625,
        1.8125,
        3.46875,
        1.5,
        3.15625,
        1.20312,
        2.85938,
        0.90625,
        2.5625,
        0.60938,
        2.26562,
        0.29688,
        1.95312,
        0,
        1.65625,
        3.3125,
        1.35938,
        3.01562,
        1.04688,
        2.70312,
        0.75,
        2.40625,
        0.45312,
        2.10938,
        0.15625,
        1.8125,
        3.46875,
        1.5,
        3.15625,
        1.20312,
        2.85938,
        0.90625,
        2.5625,
        0.60938,
        2.26562,
        0.29688,
        1.95312
    ],
    "ProtocolName": "diff_PA_MPopt_MB3_3b0_lowflip",
    "AcquisitionMatrixPE": 104,
    "ConversionSoftwareVersion": "v1.0.20211006",
    "ImageType": [
        "ORIGINAL",
        "PRIMARY",
        "M",
        "MB",
        "ND"
    ],
    "ScanOptions": "PFP\\FS",
    "SAR": 0.130957,
    "AcquisitionNumber": 1,
    "CoilString": "C:HEA;HEP",
    "MatrixCoilMode": "SENSE",
    "PixelBandwidth": 1781,
    "SequenceVariant": "SK\\SS",
    "PatientPosition": "HFS",
    "Manufacturer": "Siemens",
    "InstitutionalDepartmentName": "OCMR2",
    "EchoTime": 0.0964,
    "TxRefAmp": 307.472,
    "MultibandAccelerationFactor": 3,
    "InPlanePhaseEncodingDirectionDICOM": "COL",
    "TotalReadoutTime": 0.0710717,
    "PercentSampling": 100,
    "PhaseEncodingDirection": "j",
    "ImageComments": "Unaliased MB3/PE3 SENSE1",
    "PartialFourier": 0.75,
    "SeriesDescription": "diff 4dirs b=0 pepolar",
    "SoftwareVersions": "syngo MR B17",
    "CoilCombinationMethod": "Sum of Squares",
    "ConversionSoftware": "dcm2niix",
    "BandwidthPerPixelPhaseEncode": 13.935,
    "EffectiveEchoSpacing": 0.000690017,
    "MagneticFieldStrength": 3,
    "SpacingBetweenSlices": 2,
    "SeriesNumber": 10,
    "ManufacturersModelName": "TrioTim",
    "StationName": "MRC35031",
    "ProcedureStepDescription": "neuro^N18",
    "MRAcquisitionType": "2D",
    "SequenceName": "epse2d1_104",
    "ReceiveCoilName": "32Ch_Head",
    "DeviceSerialNumber": "35031",
    "ImageOrientationText": "Tra>Cor(-13.6)",
    "ImageOrientationPatientDICOM": [
        1,
        0,
        0,
        0,
        0.971961,
        -0.235142
    ],
    "DwellTime": 2.7e-06,
    "SliceThickness": 2
}