{
  "Modality": "MR",
  "MagneticFieldStrength": 3,
  "ImagingFrequency": 127.805,
  "Manufacturer": "Philips",
  "ManufacturersModelName": "Achieva",
  "InstitutionName": "SPMMRC Nottingham",
  "InstitutionalDepartmentName": "MRI",
  "DeviceSerialNumber": "17057",
  "StationName": "PHILIPS-T6O3EHP",
  "BodyPartExamined": "BRAIN",
  "PatientPosition": "HFS",
  "ProcedureStepDescription": "FMHS4520122",
  "SoftwareVersions": "5.6.1\\5.6.1.1",
  "MRAcquisitionType": "3D",
  "SeriesDescription": "SWI_3mm_tra",
  "ProtocolName": "WIP SWI_3mm_tra",
  "ScanningSequence": "GR",
  "SequenceVariant": "SP",
  "ScanOptions": "FC",
  "ImageType": [
    "ORIGINAL",
    "PRIMARY",
    "PHASE MAP",
    "P",
    "FFE",
    "PHASE"
  ],
  "SeriesNumber": 1901,
  "AcquisitionTime": "15:13:7.880000",
  "AcquisitionNumber": 19,
  "PhilipsRWVSlope": 1.53455,
  "PhilipsRWVIntercept": -3142,
  "PhilipsRescaleSlope": 1.53455,
  "PhilipsRescaleIntercept": -3142,
  "PhilipsScaleSlope": 651.74,
  "UsePhilipsFloatNotDisplayScaling": 0,
  "SliceThickness": 3,
  "SpacingBetweenSlices": 3,
  "SAR": 0.0152063,
  "EchoNumber": 2,
  "EchoTime": 0.02,
  "RepetitionTime": 0.027,
  "MTState": false,
  "SpoilingState": true,
  "SpoilingType": "COMBINED",
  "FlipAngle": 15,
  "CoilString": "MULTI COIL",
  "PercentPhaseFOV": 88.8889,
  "PercentSampling": 78.233,
  "EchoTrainLength": 2,
  "PhaseEncodingSteps": 286,
  "AcquisitionMatrixPE": 286,
  "ReconMatrixPE": 288,
  "ParallelReductionFactorInPlane": 2,
  "ParallelAcquisitionTechnique": "SENSE",
  "WaterFatShift": 2.88197,
  "EstimatedEffectiveEchoSpacing": 1.5406e-05,
  "EstimatedTotalReadoutTime": 0.00442153,
  "PixelBandwidth": 151,
  "PhaseEncodingAxis": "i",
  "ImageOrientationPatientDICOM": [
    0.999013,
    -0.0402027,
    -0.0188658,
    0.0430744,
    0.980574,
    0.191364
  ],
  "InPlanePhaseEncodingDirectionDICOM": "ROW",
  "ConversionSoftware": "dcm2niix",
  "ConversionSoftwareVersion": "v1.0.20211006",
  "TotalReadoutTime": 0.00442153
}