{
    "PatientPosition": "HFS",
    "EchoTime": 0.072,
    "ImageOrientationPatientDICOM": [
        0.996911,
        -0.017216,
        0.0766242,
        0.0110569,
        0.996726,
        0.0800906
    ],
    "CoilString": "32Ch Head",
    "SequenceVariant": "NONE",
    "EffectiveEchoSpacing": 0.00033868,
    "SpacingBetweenSlices": 2,
    "SeriesDescription": "diff 60dirs b=1000",
    "TotalReadoutTime": 0.034884,
    "PhaseEncodingDirection": "j",
    "AcquisitionNumber": 1,
    "DeviceSerialNumber": "00000000269MRS04",
    "Manufacturer": "GE",
    "SoftwareVersions": "24\\LX\\MR Software release:DV24.0_R02_1607.b",
    "PercentSampling": 100,
    "Modality": "MR",
    "InversionTime": 0.081,
    "ReconMatrixPE": 104,
    "SeriesNumber": 10,
    "ConversionSoftware": "dcm2niix",
    "ScanningSequence": "EP\\SE",
    "ManufacturersModelName": "DISCOVERY MR750",
    "ScanOptions": "SAT_GEMS\\EDR_GEMS\\EPI_GEMS\\ACC_GEMS\\PFF\\FS",
    "InstitutionName": "Nottingham Medical School",
    "RepetitionTime": 11,
    "ProtocolName": "BioBank v1.2",
    "SliceThickness": 2,
    "ProcedureStepDescription": "B12012012-52",
    "ConversionSoftwareVersion": "v1.0.20211006",
    "ParallelReductionFactorInPlane": 2,
    "StationName": "MR01DV01",
    "InternalPulseSequenceName": "EPI2",
    "InPlanePhaseEncodingDirectionDICOM": "COL",
    "MagneticFieldStrength": 3,
    "FlipAngle": 90,
    "AcquisitionMatrixPE": 104,
    "PixelBandwidth": 4807.69,
    "AcquisitionTime": "17:06:34.000000",
    "SAR": 1.39505,
    "PhaseEncodingPolarityGE": "Flipped",
    "MRAcquisitionType": "2D",
    "PercentPhaseFOV": 100,
    "ImageType": [
        "ORIGINAL",
        "PRIMARY",
        "OTHER"
    ],
    "ImagingFrequency": 127.726,
    "PhaseEncodingAxis": "j"
}