{
    "MagneticFieldStrength": 3,
    "ProtocolName": "diff_PA_MPopt_MB3_3b0_lowflip",
    "AcquisitionMatrixPE": 104,
    "InstitutionAddress": "Warneford Lane StreetNo,Oxford,District,GB,OX3 7JX",
    "EffectiveEchoSpacing": 0.000670015,
    "ImageOrientationText": "Tra>Cor(-22.3)",
    "ReconMatrixPE": 104,
    "ReceiveCoilName": "HeadNeck_64",
    "BodyPartExamined": "BRAIN",
    "SequenceName": "ep_b5#1",
    "BandwidthPerPixelPhaseEncode": 14.351,
    "Manufacturer": "Siemens",
    "ReceiveCoilActiveElements": "HC1-7",
    "EchoTime": 0.092,
    "ShimSetting": [
        4955,
        -11405,
        -1322,
        533,
        -48,
        -259,
        37,
        -6
    ],
    "SpacingBetweenSlices": 2,
    "ConversionSoftware": "dcm2niix",
    "SoftwareVersions": "syngo MR E11",
    "SequenceVariant": "SK\\SS",
    "ScanOptions": "PFP\\FS",
    "ImageComments": "Unaliased MB3/PE3 SENSE1",
    "MRAcquisitionType": "2D",
    "FlipAngle": 78,
    "CoilCombinationMethod": "Sum of Squares",
    "DwellTime": 2.7e-06,
    "PhaseResolution": 1,
    "PhaseEncodingSteps": 78,
    "WipMemBlock": "a9a9e2c8-d00b-4b30-81f9-b76eee221023||Sequence: R016 ve11c/master r/e634e98; Dec 19 2017 11:11:25 by eja",
    "RepetitionTime": 3.6,
    "PercentSampling": 100,
    "PartialFourier": 0.75,
    "PixelBandwidth": 1780,
    "AcquisitionNumber": 1,
    "ImagingFrequency": 123.26,
    "SeriesNumber": 12,
    "SliceTiming": [
        0,
        1.65625,
        3.28125,
        1.34375,
        2.98438,
        1.04688,
        2.6875,
        0.75,
        2.39062,
        0.45312,
        2.09375,
        0.15625,
        1.79688,
        3.4375,
        1.5,
        3.14062,
        1.20312,
        2.84375,
        0.90625,
        2.54688,
        0.60938,
        2.25,
        0.3125,
        1.95312,
        0,
        1.65625,
        3.28125,
        1.34375,
        2.98438,
        1.04688,
        2.6875,
        0.75,
        2.39062,
        0.45312,
        2.09375,
        0.15625,
        1.79688,
        3.4375,
        1.5,
        3.14062,
        1.20312,
        2.84375,
        0.90625,
        2.54688,
        0.60938,
        2.25,
        0.3125,
        1.95312,
        0,
        1.65625,
        3.28125,
        1.34375,
        2.98438,
        1.04688,
        2.6875,
        0.75,
        2.39062,
        0.45312,
        2.09375,
        0.15625,
        1.79688,
        3.4375,
        1.5,
        3.14062,
        1.20312,
        2.84375,
        0.90625,
        2.54688,
        0.60938,
        2.25,
        0.3125,
        1.95312
    ],
    "InstitutionName": "Warneford Hospital",
    "AcquisitionTime": "14:29:10.037500",
    "DerivedVendorReportedEchoSpacing": 0.000670015,
    "InstitutionalDepartmentName": "BE3597",
    "SeriesDescription": "diff 3dirs b=0 pepolar",
    "TotalReadoutTime": 0.0690115,
    "PercentPhaseFOV": 100,
    "ManufacturersModelName": "Prisma",
    "TxRefAmp": 226.382,
    "MatrixCoilMode": "SENSE",
    "MultibandAccelerationFactor": 3,
    "DeviceSerialNumber": "66093",
    "ConsistencyInfo": "N4_VE11C_LATEST_20160120",
    "SliceThickness": 2,
    "PatientPosition": "HFS",
    "SAR": 0.0553234,
    "ConversionSoftwareVersion": "v1.0.20211006",
    "DiffusionScheme": "Monopolar",
    "BaseResolution": 104,
    "ScanningSequence": "EP",
    "ImageType": [
        "ORIGINAL",
        "PRIMARY",
        "DIFFUSION",
        "NONE",
        "MB",
        "ND"
    ],
    "StationName": "AWP66093",
    "Modality": "MR",
    "InPlanePhaseEncodingDirectionDICOM": "COL",
    "PulseSequenceDetails": "%CustomerSeq%\\cmrr_mbep2d_diff",
    "ImageOrientationPatientDICOM": [
        1,
        0,
        0,
        0,
        0.92521,
        -0.379456
    ],
    "EchoTrainLength": 78,
    "PhaseEncodingDirection": "j"
}