{
    "MagneticFieldStrength": 3,
    "ReceiveCoilName": "32Ch_Head",
    "PartialFourier": 0.75,
    "SpacingBetweenSlices": 2,
    "AcquisitionMatrixPE": 104,
    "DwellTime": 2.7e-06,
    "SeriesNumber": 12,
    "PixelBandwidth": 1781,
    "InstitutionName": "OCMR",
    "ConversionSoftwareVersion": "v1.0.20211006",
    "SliceTiming": [
        0,
        1.65625,
        3.3125,
        1.35156,
        3.00781,
        1.05469,
        2.71094,
        0.75,
        2.40625,
        0.44531,
        2.10938,
        0.14844,
        1.80469,
        3.46094,
        1.5,
        3.16406,
        1.20312,
        2.85938,
        0.89844,
        2.55469,
        0.60156,
        2.25781,
        0.29688,
        1.95312,
        0,
        1.65625,
        3.3125,
        1.35156,
        3.00781,
        1.05469,
        2.71094,
        0.75,
        2.40625,
        0.44531,
        2.10938,
        0.14844,
        1.80469,
        3.46094,
        1.5,
        3.16406,
        1.20312,
        2.85938,
        0.89844,
        2.55469,
        0.60156,
        2.25781,
        0.29688,
        1.95312,
        0,
        1.65625,
        3.3125,
        1.35156,
        3.00781,
        1.05469,
        2.71094,
        0.75,
        2.40625,
        0.44531,
        2.10938,
        0.14844,
        1.80469,
        3.46094,
        1.5,
        3.16406,
        1.20312,
        2.85938,
        0.89844,
        2.55469,
        0.60156,
        2.25781,
        0.29688,
        1.95312
    ],
    "ImageType": [
        "ORIGINAL",
        "PRIMARY",
        "M",
        "MB",
        "ND"
    ],
    "TxRefAmp": 346.439,
    "PatientPosition": "HFS",
    "CoilCombinationMethod": "Sum of Squares",
    "InPlanePhaseEncodingDirectionDICOM": "COL",
    "PhaseResolution": 1,
    "SliceThickness": 2,
    "ShimSetting": [
        -1693,
        -11201,
        7590,
        963,
        -228,
        80,
        20,
        1
    ],
    "InstitutionalDepartmentName": "OCMR2",
    "TotalReadoutTime": 0.0710717,
    "PercentSampling": 100,
    "AcquisitionNumber": 1,
    "PhaseEncodingSteps": 78,
    "MatrixCoilMode": "SENSE",
    "ReconMatrixPE": 104,
    "CoilString": "C:HEA;HEP",
    "ProcedureStepDescription": "neuro^N18",
    "PercentPhaseFOV": 100,
    "BaseResolution": 104,
    "SequenceVariant": "SK\\SS",
    "DerivedVendorReportedEchoSpacing": 0.000690017,
    "PulseSequenceDetails": "%CustomerSeq%\\cmrr_mbep2d_diff",
    "ScanningSequence": "EP",
    "RepetitionTime": 3.6,
    "SAR": 0.119743,
    "SoftwareVersions": "syngo MR B17",
    "MRAcquisitionType": "2D",
    "ImageOrientationText": "Tra>Cor(-19.6)>Sag(-4.5)",
    "ConversionSoftware": "dcm2niix",
    "ImageOrientationPatientDICOM": [
        0.996884,
        -0.0264124,
        -0.0743247,
        5.81003e-10,
        0.942271,
        -0.33485
    ],
    "AcquisitionTime": "12:59:35.787500",
    "ManufacturersModelName": "TrioTim",
    "FlipAngle": 78,
    "DeviceSerialNumber": "35031",
    "BandwidthPerPixelPhaseEncode": 13.935,
    "ImagingFrequency": 123.172,
    "PhaseEncodingDirection": "j",
    "ImageComments": "Unaliased MB3/PE3 SENSE1",
    "MultibandAccelerationFactor": 3,
    "Manufacturer": "Siemens",
    "EchoTime": 0.0964,
    "SeriesDescription": "diff 4dirs b=0 pepolar",
    "StationName": "MRC35031",
    "ProtocolName": "diff_PA_MPopt_MB3_3b0_lowflip",
    "ScanOptions": "PFP\\FS",
    "EffectiveEchoSpacing": 0.000690017,
    "InstitutionAddress": "Headley Way sfd,Oxford,Southeast,GB,OX3 9UE",
    "Modality": "MR",
    "SequenceName": "epse2d1_104"
}