{
    "SoftwareVersions": "5.3.0\\5.3.0.3",
    "Modality": "MR",
    "ReconMatrixPE": 96,
    "UsePhilipsFloatNotDisplayScaling": 1,
    "PixelBandwidth": 2391.73,
    "Manufacturer": "Philips",
    "SpacingBetweenSlices": 2.4,
    "BodyPartExamined": "BRAIN",
    "ConversionSoftwareVersion": "v1.0.20211006",
    "PhaseEncodingDirection": "j",
    "PhaseEncodingAxis": "j",
    "InPlanePhaseEncodingDirectionDICOM": "COL",
    "PercentSampling": 100,
    "PhilipsRescaleIntercept": 0,
    "ConversionSoftware": "dcm2niix",
    "EchoTime": 0.09,
    "ProtocolName": "WIP blipP_rs-fmri_singleMB4_HF0.8",
    "SeriesNumber": 901,
    "IntendedFor": "ses-NOT1ACH001/func/sub-03286_ses-NOT1ACH001_task-rest_bold.nii.gz",
    "ProcedureStepDescription": "H1408201447",
    "PhilipsRescaleSlope": 0.999023,
    "MTState": false,
    "EstimatedTotalReadoutTime": 0.0574858,
    "EchoTrainLength": 95,
    "AcquisitionMatrixPE": 95,
    "B0FieldIdentifier": "pepolar_fmap0",
    "DeviceSerialNumber": "17057",
    "WaterFatShift": 25.2425,
    "ImagingFrequency": 127.805,
    "ParallelAcquisitionTechnique": "SENSE",
    "PhaseEncodingSteps": 95,
    "ScanningSequence": "SE",
    "MRAcquisitionType": "2D",
    "FlipAngle": 80,
    "AcquisitionTime": "10:23:44.440000",
    "CoilString": "MULTI COIL",
    "EffectiveEchoSpacing": 0.000605113,
    "TotalReadoutTime": 0.0574858,
    "ImageType": [
        "ORIGINAL",
        "PRIMARY",
        "T2",
        "NONE"
    ],
    "ImageOrientationPatientDICOM": [
        0.998569,
        0.00766079,
        0.0529228,
        -0.00367802,
        0.997181,
        -0.0749475
    ],
    "EstimatedEffectiveEchoSpacing": 0.000605113,
    "InstitutionName": "SPMMRC Nottingham",
    "ManufacturersModelName": "Achieva",
    "PercentPhaseFOV": 100,
    "StationName": "PHILIPS-T6O3EHP",
    "ScanOptions": "FS",
    "RepetitionTime": 2,
    "MagneticFieldStrength": 3,
    "SeriesDescription": "blipP_rs-fmri_singleMB4_HF0.8",
    "PatientPosition": "HFS",
    "PhilipsScaleSlope": 0.00155451,
    "SliceThickness": 2.4,
    "SequenceVariant": "SK",
    "AcquisitionNumber": 9,
    "InstitutionalDepartmentName": "MRI"
}