{
    "ManufacturersModelName": "TrioTim",
    "BandwidthPerPixelPhaseEncode": 13.935,
    "Manufacturer": "Siemens",
    "ReceiveCoilName": "32Ch_Head",
    "TotalReadoutTime": 0.0710717,
    "AcquisitionTime": "09:36:39.737500",
    "DwellTime": 2.7e-06,
    "AcquisitionMatrixPE": 104,
    "InstitutionAddress": "Headley Way sfd,Oxford,Southeast,GB,OX3 9UE",
    "PhaseResolution": 1,
    "SeriesNumber": 10,
    "ImageOrientationPatientDICOM": [
        1,
        0,
        0,
        0,
        0.943223,
        -0.332161
    ],
    "AcquisitionNumber": 1,
    "ImageComments": "Unaliased MB3/PE3 SENSE1",
    "InstitutionalDepartmentName": "OCMR2",
    "MRAcquisitionType": "2D",
    "RepetitionTime": 3.6,
    "CoilCombinationMethod": "Sum of Squares",
    "MagneticFieldStrength": 3,
    "PhaseEncodingSteps": 78,
    "InPlanePhaseEncodingDirectionDICOM": "COL",
    "PixelBandwidth": 1781,
    "SpacingBetweenSlices": 2,
    "SequenceName": "epse2d1_104",
    "PulseSequenceDetails": "%CustomerSeq%\\cmrr_mbep2d_diff",
    "SliceThickness": 2,
    "DerivedVendorReportedEchoSpacing": 0.000690017,
    "ScanOptions": "PFP\\FS",
    "ConversionSoftware": "dcm2niix",
    "MatrixCoilMode": "SENSE",
    "SoftwareVersions": "syngo MR B17",
    "PhaseEncodingDirection": "j",
    "PartialFourier": 0.75,
    "SeriesDescription": "diff 4dirs b=0 pepolar",
    "SAR": 0.137196,
    "SliceTiming": [
        0,
        1.66406,
        3.3125,
        1.35938,
        3.01562,
        1.05469,
        2.71094,
        0.75781,
        2.41406,
        0.45312,
        2.10938,
        0.15625,
        1.8125,
        3.46875,
        1.50781,
        3.16406,
        1.21094,
        2.86719,
        0.90625,
        2.5625,
        0.60938,
        2.26562,
        0.30469,
        1.96094,
        0,
        1.66406,
        3.3125,
        1.35938,
        3.01562,
        1.05469,
        2.71094,
        0.75781,
        2.41406,
        0.45312,
        2.10938,
        0.15625,
        1.8125,
        3.46875,
        1.50781,
        3.16406,
        1.21094,
        2.86719,
        0.90625,
        2.5625,
        0.60938,
        2.26562,
        0.30469,
        1.96094,
        0,
        1.66406,
        3.3125,
        1.35938,
        3.01562,
        1.05469,
        2.71094,
        0.75781,
        2.41406,
        0.45312,
        2.10938,
        0.15625,
        1.8125,
        3.46875,
        1.50781,
        3.16406,
        1.21094,
        2.86719,
        0.90625,
        2.5625,
        0.60938,
        2.26562,
        0.30469,
        1.96094
    ],
    "EffectiveEchoSpacing": 0.000690017,
    "Modality": "MR",
    "CoilString": "C:HEA;HEP",
    "SequenceVariant": "SK\\SS",
    "EchoTime": 0.0964,
    "FlipAngle": 78,
    "ConversionSoftwareVersion": "v1.0.20211006",
    "PercentPhaseFOV": 100,
    "ImagingFrequency": 123.172,
    "ProtocolName": "diff_PA_MPopt_MB3_3b0_lowflip",
    "StationName": "MRC35031",
    "BaseResolution": 104,
    "ReconMatrixPE": 104,
    "TxRefAmp": 311.061,
    "ImageType": [
        "ORIGINAL",
        "PRIMARY",
        "M",
        "MB",
        "ND"
    ],
    "DeviceSerialNumber": "35031",
    "PercentSampling": 100,
    "PatientPosition": "HFS",
    "ScanningSequence": "EP",
    "InstitutionName": "ocmr",
    "ImageOrientationText": "Tra>Cor(-19.4)",
    "ProcedureStepDescription": "neuro^N18",
    "ShimSetting": [
        -1651,
        -11251,
        7644,
        1083,
        243,
        387,
        228,
        14
    ],
    "MultibandAccelerationFactor": 3
}