{
    "SpoilingState": true,
    "DeviceSerialNumber": "71459",
    "ProcedureStepDescription": "H1408201447",
    "UsePhilipsFloatNotDisplayScaling": 1,
    "BodyPartExamined": "BRAIN",
    "ConversionSoftwareVersion": "v1.0.20211006",
    "SoftwareVersions": "5.3.1\\5.3.1.0",
    "ParallelReductionFactorInPlane": 2,
    "ImageOrientationPatientDICOM": [
        0.00169656,
        0.999999,
        -0.000218006,
        -0.0138959,
        -0.00019441,
        -0.999903
    ],
    "PhaseEncodingAxis": "i",
    "InPlanePhaseEncodingDirectionDICOM": "ROW",
    "InstitutionalDepartmentName": "SPMIC",
    "ScanOptions": "OTHER",
    "StationName": "HOST-2ADB2S6FDM",
    "EchoTrainLength": 208,
    "PhilipsRescaleSlope": 3.27375,
    "PercentSampling": 78.5398,
    "MTState": false,
    "ConversionSoftware": "dcm2niix",
    "FlipAngle": 8,
    "PhilipsRescaleIntercept": 0,
    "PhilipsScaleSlope": 0.00718386,
    "PatientPosition": "HFS",
    "ImageType": [
        "ORIGINAL",
        "PRIMARY",
        "OTHER",
        "NORM"
    ],
    "InstitutionName": "Nottingham University",
    "EstimatedEffectiveEchoSpacing": 1.61857e-05,
    "ProtocolName": "T1_1mm_sag",
    "SeriesDescription": "T1_1mm_sag",
    "PercentPhaseFOV": 100,
    "Modality": "MR",
    "EchoTime": 0.003171,
    "CoilString": "MULTI COIL",
    "PixelBandwidth": 241.127,
    "AcquisitionNumber": 2,
    "Manufacturer": "Philips",
    "InstitutionAddress": "University Park",
    "ManufacturersModelName": "Ingenia",
    "MRAcquisitionType": "3D",
    "SequenceVariant": "MP",
    "WaterFatShift": 1.80133,
    "ImagingFrequency": 127.749,
    "AcquisitionMatrixPE": 256,
    "SpoilingType": "COMBINED",
    "AcquisitionTime": "15:17:57.980000",
    "SliceThickness": 1,
    "MagneticFieldStrength": 3,
    "ScanningSequence": "GR",
    "PhaseEncodingSteps": 256,
    "ReconMatrixPE": 256,
    "EstimatedTotalReadoutTime": 0.00412736,
    "RepetitionTime": 0.0070118,
    "SpacingBetweenSlices": 1,
    "ParallelAcquisitionTechnique": "SENSE",
    "SeriesNumber": 201
}