{
    "EffectiveEchoSpacing": 0.000639989,
    "DeviceSerialNumber": "66093",
    "TxRefAmp": 247.554,
    "PartialFourier": 1,
    "DwellTime": 2.8e-06,
    "ConversionSoftwareVersion": "v1.0.20211006",
    "PhaseEncodingDirection": "j-",
    "SliceTiming": [
        0,
        0.27,
        0.5375,
        0.09,
        0.3575,
        0.6275,
        0.18,
        0.4475,
        0,
        0.27,
        0.5375,
        0.09,
        0.3575,
        0.6275,
        0.18,
        0.4475,
        0,
        0.27,
        0.5375,
        0.09,
        0.3575,
        0.6275,
        0.18,
        0.4475,
        0,
        0.27,
        0.5375,
        0.09,
        0.3575,
        0.6275,
        0.18,
        0.4475,
        0,
        0.27,
        0.5375,
        0.09,
        0.3575,
        0.6275,
        0.18,
        0.4475,
        0,
        0.27,
        0.5375,
        0.09,
        0.3575,
        0.6275,
        0.18,
        0.4475,
        0,
        0.27,
        0.5375,
        0.09,
        0.3575,
        0.6275,
        0.18,
        0.4475,
        0,
        0.27,
        0.5375,
        0.09,
        0.3575,
        0.6275,
        0.18,
        0.4475
    ],
    "PercentSampling": 100,
    "ImageType": [
        "ORIGINAL",
        "PRIMARY",
        "M",
        "MB",
        "ND",
        "MOSAIC"
    ],
    "MatrixCoilMode": "SENSE",
    "CoilCombinationMethod": "Sum of Squares",
    "PixelBandwidth": 2030,
    "PhaseResolution": 1,
    "ScanningSequence": "EP",
    "Modality": "MR",
    "PhaseEncodingSteps": 88,
    "RepetitionTime": 0.735,
    "PulseSequenceDetails": "%CustomerSeq%\\cmrr_mbep2d_bold",
    "AcquisitionNumber": 1,
    "ScanOptions": "FS",
    "TaskName": "rest",
    "InstitutionalDepartmentName": "BE3597",
    "Manufacturer": "Siemens",
    "BaseResolution": 88,
    "ReceiveCoilActiveElements": "HC1-7",
    "SpacingBetweenSlices": 2.4,
    "BandwidthPerPixelPhaseEncode": 17.756,
    "ConversionSoftware": "dcm2niix",
    "TotalReadoutTime": 0.055679,
    "PercentPhaseFOV": 100,
    "PatientPosition": "HFS",
    "SoftwareVersions": "syngo MR E11",
    "SequenceName": "epfid2d1_88",
    "InstitutionName": "Warneford Hospital",
    "ImagingFrequency": 123.26,
    "EchoTime": 0.039,
    "ImageOrientationText": "Tra>Cor(-21.1)>Sag(-1.7)",
    "ConsistencyInfo": "N4_VE11C_LATEST_20160120",
    "FlipAngle": 52,
    "BodyPartExamined": "BRAIN",
    "ProtocolName": "MB8_FMRI_fov210_2.4mm_resting",
    "EchoTrainLength": 88,
    "StationName": "AWP66093",
    "SliceThickness": 2.4,
    "MultibandAccelerationFactor": 8,
    "ImageComments": "Unaliased MB8/PE3 SENSE1",
    "ReconMatrixPE": 88,
    "AcquisitionMatrixPE": 88,
    "ManufacturersModelName": "Prisma",
    "SAR": 0.0550376,
    "WipMemBlock": "00bd45ec-a6ff-4dc6-81b9-a4eb6d1cc5d6||Sequence: R016 ve11c/master r/e634e98; Dec 19 2017 11:00:25 by eja",
    "ShimSetting": [
        4941,
        -11384,
        -1257,
        418,
        -3,
        -92,
        -171,
        21
    ],
    "DerivedVendorReportedEchoSpacing": 0.000639989,
    "SeriesNumber": 6,
    "AcquisitionTime": "17:35:30.762500",
    "MagneticFieldStrength": 3,
    "ReceiveCoilName": "HeadNeck_64",
    "SequenceVariant": "SK\\SS",
    "SeriesDescription": "MB8_FMRI_fov210_2.4mm_resting",
    "ImageOrientationPatientDICOM": [
        0.99956,
        -0.0106797,
        -0.0276772,
        -6.97981e-08,
        0.932954,
        -0.359997
    ],
    "InstitutionAddress": "Warneford Lane StreetNo,Oxford,District,GB,OX3 7JX",
    "MRAcquisitionType": "2D",
    "InPlanePhaseEncodingDirectionDICOM": "COL"
}