{
    "ScanningSequence": "EP",
    "ImageType": [
        "ORIGINAL",
        "PRIMARY",
        "M",
        "MB",
        "ND",
        "MOSAIC"
    ],
    "PartialFourier": 1,
    "SliceThickness": 2.4,
    "ImageOrientationText": "Tra>Cor(-17.4)>Sag(-1.0)",
    "InstitutionalDepartmentName": "Department",
    "Modality": "MR",
    "InstitutionName": "The John Radcliffe",
    "SequenceVariant": "SK\\SS",
    "StationName": "AWP66050",
    "DeviceSerialNumber": "66050",
    "PixelBandwidth": 2030,
    "InstitutionAddress": "Headley Way StreetNo,Oxford,District,GB,OX3 9DU",
    "ManufacturersModelName": "Prisma",
    "EffectiveEchoSpacing": 0.000639989,
    "ImagingFrequency": 123.228,
    "BodyPartExamined": "HEAD",
    "WipMemBlock": "9fea6d95-e2c8-4c6d-ae3b-059898a08e51||Sequence: R016 ve11c/master r/e634e98; Dec 19 2017 11:00:25 by eja",
    "PhaseResolution": 1,
    "AcquisitionMatrixPE": 88,
    "ReceiveCoilName": "Head_32",
    "MagneticFieldStrength": 3,
    "SeriesNumber": 8,
    "ConsistencyInfo": "N4_VE11C_LATEST_20160120",
    "CoilCombinationMethod": "Sum of Squares",
    "PercentSampling": 100,
    "SoftwareVersions": "syngo MR E11",
    "AcquisitionTime": "11:39:48.642500",
    "TotalReadoutTime": 0.055679,
    "ImageOrientationPatientDICOM": [
        0.999837,
        -0.000172856,
        -0.0180512,
        -0.00523519,
        0.954205,
        -0.299108
    ],
    "ConversionSoftwareVersion": "v1.0.20211006",
    "SequenceName": "epfid2d1_88",
    "PulseSequenceDetails": "%CustomerSeq%\\cmrr_mbep2d_bold",
    "MultibandAccelerationFactor": 8,
    "SliceTiming": [
        0,
        0.27,
        0.5375,
        0.09,
        0.3575,
        0.6275,
        0.18,
        0.4475,
        0,
        0.27,
        0.5375,
        0.09,
        0.3575,
        0.6275,
        0.18,
        0.4475,
        0,
        0.27,
        0.5375,
        0.09,
        0.3575,
        0.6275,
        0.18,
        0.4475,
        0,
        0.27,
        0.5375,
        0.09,
        0.3575,
        0.6275,
        0.18,
        0.4475,
        0,
        0.27,
        0.5375,
        0.09,
        0.3575,
        0.6275,
        0.18,
        0.4475,
        0,
        0.27,
        0.5375,
        0.09,
        0.3575,
        0.6275,
        0.18,
        0.4475,
        0,
        0.27,
        0.5375,
        0.09,
        0.3575,
        0.6275,
        0.18,
        0.4475,
        0,
        0.27,
        0.5375,
        0.09,
        0.3575,
        0.6275,
        0.18,
        0.4475
    ],
    "ReconMatrixPE": 88,
    "ShimSetting": [
        342,
        -11548,
        1679,
        375,
        300,
        1,
        107,
        24
    ],
    "EchoTime": 0.039,
    "SpacingBetweenSlices": 2.4,
    "PatientPosition": "HFS",
    "PhaseEncodingSteps": 88,
    "MRAcquisitionType": "2D",
    "BandwidthPerPixelPhaseEncode": 17.756,
    "ReceiveCoilActiveElements": "HEA;HEP",
    "SeriesDescription": "MB8_FMRI_fov210_2.4mm_resting",
    "BaseResolution": 88,
    "ScanOptions": "FS",
    "PercentPhaseFOV": 100,
    "FlipAngle": 52,
    "Manufacturer": "Siemens",
    "AcquisitionNumber": 1,
    "TaskName": "rest",
    "InPlanePhaseEncodingDirectionDICOM": "COL",
    "MatrixCoilMode": "SENSE",
    "TxRefAmp": 250.084,
    "ConversionSoftware": "dcm2niix",
    "RepetitionTime": 0.735,
    "ImageComments": "Unaliased MB8/PE3 SENSE1",
    "EchoTrainLength": 88,
    "DerivedVendorReportedEchoSpacing": 0.000639989,
    "DwellTime": 2.8e-06,
    "ProtocolName": "MB8_FMRI_fov210_2.4mm_resting",
    "PhaseEncodingDirection": "j-",
    "SAR": 0.0585463
}