{
    "PatientPosition": "HFS",
    "ImagingFrequency": 123.26,
    "DeviceSerialNumber": "66093",
    "PhaseEncodingSteps": 78,
    "PulseSequenceDetails": "%CustomerSeq%\\cmrr_mbep2d_diff",
    "ConversionSoftware": "dcm2niix",
    "SequenceVariant": "SK\\SS",
    "MatrixCoilMode": "SENSE",
    "InPlanePhaseEncodingDirectionDICOM": "COL",
    "SoftwareVersions": "syngo MR E11",
    "SAR": 0.0755274,
    "CoilCombinationMethod": "Sum of Squares",
    "ReceiveCoilActiveElements": "HC1-7",
    "PercentPhaseFOV": 100,
    "EchoTime": 0.092,
    "FlipAngle": 78,
    "PercentSampling": 100,
    "SpacingBetweenSlices": 2,
    "ScanOptions": "PFP\\FS",
    "StationName": "AWP66093",
    "EffectiveEchoSpacing": 0.000670015,
    "TxRefAmp": 269.232,
    "BaseResolution": 104,
    "ImageOrientationPatientDICOM": [
        0.998253,
        -0.0200471,
        -0.0555731,
        -9.5112e-09,
        0.940667,
        -0.339331
    ],
    "RepetitionTime": 3.6,
    "ProtocolName": "diff_PA_MPopt_MB3_3b0_lowflip",
    "ScanningSequence": "EP",
    "ImageType": [
        "ORIGINAL",
        "PRIMARY",
        "DIFFUSION",
        "NONE",
        "MB",
        "ND"
    ],
    "SequenceName": "ep_b5#1",
    "BandwidthPerPixelPhaseEncode": 14.351,
    "InstitutionAddress": "Warneford Lane StreetNo,Oxford,District,GB,OX3 7JX",
    "SeriesNumber": 10,
    "AcquisitionTime": "10:07:51.827500",
    "PixelBandwidth": 1780,
    "ReceiveCoilName": "HeadNeck_64",
    "SliceThickness": 2,
    "EchoTrainLength": 78,
    "ManufacturersModelName": "Prisma",
    "SliceTiming": [
        0,
        1.64062,
        3.28125,
        1.33594,
        2.98438,
        1.03906,
        2.67969,
        0.74219,
        2.38281,
        0.44531,
        2.08594,
        0.14844,
        1.78906,
        3.42969,
        1.49219,
        3.13281,
        1.19531,
        2.82812,
        0.89062,
        2.53125,
        0.59375,
        2.23438,
        0.29688,
        1.9375,
        0,
        1.64062,
        3.28125,
        1.33594,
        2.98438,
        1.03906,
        2.67969,
        0.74219,
        2.38281,
        0.44531,
        2.08594,
        0.14844,
        1.78906,
        3.42969,
        1.49219,
        3.13281,
        1.19531,
        2.82812,
        0.89062,
        2.53125,
        0.59375,
        2.23438,
        0.29688,
        1.9375,
        0,
        1.64062,
        3.28125,
        1.33594,
        2.98438,
        1.03906,
        2.67969,
        0.74219,
        2.38281,
        0.44531,
        2.08594,
        0.14844,
        1.78906,
        3.42969,
        1.49219,
        3.13281,
        1.19531,
        2.82812,
        0.89062,
        2.53125,
        0.59375,
        2.23438,
        0.29688,
        1.9375
    ],
    "TotalReadoutTime": 0.0690115,
    "DiffusionScheme": "Monopolar",
    "AcquisitionMatrixPE": 104,
    "ImageOrientationText": "Tra>Cor(-19.8)>Sag(-3.4)",
    "WipMemBlock": "f7464a62-e668-49c8-899a-e4e04b8b1752||Sequence: R016 ve11c/master r/e634e98; Dec 19 2017 11:11:25 by eja",
    "Manufacturer": "Siemens",
    "BodyPartExamined": "BRAIN",
    "PhaseEncodingDirection": "j",
    "PartialFourier": 0.75,
    "ReconMatrixPE": 104,
    "ImageComments": "Unaliased MB3/PE3 SENSE1",
    "InstitutionName": "Warneford Hospital",
    "AcquisitionNumber": 1,
    "Modality": "MR",
    "MagneticFieldStrength": 3,
    "SeriesDescription": "diff 3dirs b=0 pepolar",
    "DwellTime": 2.7e-06,
    "MultibandAccelerationFactor": 3,
    "ShimSetting": [
        4951,
        -11417,
        -1315,
        537,
        30,
        -166,
        -8,
        13
    ],
    "InstitutionalDepartmentName": "BE3597",
    "MRAcquisitionType": "2D",
    "DerivedVendorReportedEchoSpacing": 0.000670015,
    "ConsistencyInfo": "N4_VE11C_LATEST_20160120",
    "PhaseResolution": 1,
    "ConversionSoftwareVersion": "v1.0.20211006"
}