{
  "Modality": "MR",
  "MagneticFieldStrength": 3,
  "ImagingFrequency": 127.708,
  "Manufacturer": "GE",
  "PulseSequenceName": "epi",
  "InternalPulseSequenceName": "EPI",
  "ManufacturersModelName": "SIGNA Premier",
  "InstitutionName": "OCMR MR6",
  "DeviceSerialNumber": "00000070328MRS06",
  "StationName": "GEMRI",
  "BodyPartExamined": "BRAIN",
  "PatientPosition": "HFS",
  "SoftwareVersions": "29\\LX\\RX29.1_R02_2131.a",
  "MRAcquisitionType": "2D",
  "SeriesDescription": "rsFMRI",
  "ProtocolName": "NeuroHarmony_Stam",
  "ScanningSequence": "EP\\GR",
  "SequenceVariant": "SS",
  "ScanOptions": "EDR_GEMS\\MP_GEMS\\EPI_GEMS\\HYPERBAND_GEMS\\PFF",
  "ImageType": [
    "ORIGINAL",
    "PRIMARY",
    "OTHER"
  ],
  "SeriesNumber": 5,
  "AcquisitionTime": "13:31:12.000000",
  "AcquisitionNumber": 1,
  "TriggerDelayTime": 548203,
  "SliceThickness": 2.4,
  "SpacingBetweenSlices": 2.4,
  "SAR": 0.0984342,
  "EchoTime": 0.03,
  "RepetitionTime": 1.12,
  "FlipAngle": 61,
  "PhaseEncodingPolarityGE": "Unflipped",
  "CoilString": "21HN",
  "MultibandAccelerationFactor": 4,
  "PercentPhaseFOV": 100,
  "PercentSampling": 100,
  "AcquisitionMatrixPE": 88,
  "ReconMatrixPE": 88,
  "EffectiveEchoSpacing": 0.0006,
  "TotalReadoutTime": 0.0522,
  "PixelBandwidth": 5681.82,
  "PhaseEncodingDirection": "j-",
  "SliceTiming": [
    0,
    0.597333,
    0.0746667,
    0.672,
    0.149333,
    0.746667,
    0.224,
    0.821333,
    0.298667,
    0.896,
    0.373333,
    0.970667,
    0.448,
    1.04533,
    0.522667,
    0,
    0.597333,
    0.0746667,
    0.672,
    0.149333,
    0.746667,
    0.224,
    0.821333,
    0.298667,
    0.896,
    0.373333,
    0.970667,
    0.448,
    1.04533,
    0.522667,
    0,
    0.597333,
    0.0746667,
    0.672,
    0.149333,
    0.746667,
    0.224,
    0.821333,
    0.298667,
    0.896,
    0.373333,
    0.970667,
    0.448,
    1.04533,
    0.522667,
    0,
    0.597333,
    0.0746667,
    0.672,
    0.149333,
    0.746667,
    0.224,
    0.821333,
    0.298667,
    0.896,
    0.373333,
    0.970667,
    0.448,
    1.04533,
    0.522667
  ],
  "ImageOrientationPatientDICOM": [
    0.998782,
    0.0114084,
    -0.0480016,
    -0.0127986,
    0.999505,
    -0.0287549
  ],
  "InPlanePhaseEncodingDirectionDICOM": "COL",
  "ConversionSoftware": "dcm2niix",
  "ConversionSoftwareVersion": "v1.0.20211006",
  "B0FieldSource": "pepolar_fmap0",
  "TaskName": "rest"
}