{
    "SeriesNumber": 601,
    "EstimatedEffectiveEchoSpacing": 0.000407842,
    "PixelBandwidth": 2266,
    "SpacingBetweenSlices": 2.4,
    "ProtocolName": "WIP rs-fmri_singleMB4",
    "EchoTrainLength": 63,
    "PhilipsScaleSlope": 0.059935,
    "WaterFatShift": 17.0959,
    "PatientPosition": "HFS",
    "AcquisitionMatrixPE": 95,
    "EstimatedTotalReadoutTime": 0.038745,
    "StationName": "HOST-2ADB2S6FDM",
    "EffectiveEchoSpacing": 0.000407842,
    "TaskName": "rest",
    "InstitutionAddress": "University Park",
    "Modality": "MR",
    "CoilString": "MULTI COIL",
    "Manufacturer": "Philips",
    "MRAcquisitionType": "2D",
    "PhilipsRWVIntercept": 0,
    "BodyPartExamined": "BRAIN",
    "SliceThickness": 2.4,
    "InstitutionalDepartmentName": "SPMIC",
    "FlipAngle": 71,
    "MTState": false,
    "PhilipsRescaleSlope": 0.869353,
    "MagneticFieldStrength": 3,
    "EchoTime": 0.039,
    "ParallelAcquisitionTechnique": "MBSENSE",
    "ConversionSoftwareVersion": "v1.0.20211006",
    "PercentPhaseFOV": 100,
    "ConversionSoftware": "dcm2niix",
    "SeriesDescription": "rs-fmri_singleMB4",
    "TotalReadoutTime": 0.038745,
    "PhaseEncodingAxis": "j-",
    "ReconMatrixPE": 96,
    "RepetitionTime": 1.45,
    "ImagingFrequency": 127.749,
    "SoftwareVersions": "5.6.1\\5.6.1.0",
    "SAR": 0.0601572,
    "SequenceVariant": "SK",
    "ImageOrientationPatientDICOM": [
        0.996094,
        0.0883003,
        -0.00022955,
        -0.0883002,
        0.996094,
        0.000310324
    ],
    "ImageType": [
        "ORIGINAL",
        "PRIMARY",
        "M",
        "FFE",
        "M",
        "FFE"
    ],
    "PhaseEncodingSteps": 95,
    "InstitutionName": "Nottingham University",
    "AcquisitionTime": "14:45:42.980000",
    "DeviceSerialNumber": "71459",
    "ManufacturersModelName": "Ingenia",
    "ScanOptions": "FS",
    "PhilipsRescaleIntercept": 0,
    "PhaseEncodingDirection": "j-",
    "ScanningSequence": "GR",
    "PhilipsRWVSlope": 0.869353,
    "PercentSampling": 100,
    "B0FieldSource": "pepolar_fmap0",
    "UsePhilipsFloatNotDisplayScaling": 1,
    "ParallelReductionFactorInPlane": 1.5,
    "ParallelReductionOutOfPlane": 4,
    "InPlanePhaseEncodingDirectionDICOM": "COL",
    "ProcedureStepDescription": "H1408201447",
    "AcquisitionNumber": 6
}