{
    "SliceThickness": 2.4,
    "PhaseEncodingSteps": 95,
    "SoftwareVersions": "5.6.1\\5.6.1.0",
    "PhilipsRescaleSlope": 1.16508,
    "PatientPosition": "HFS",
    "PhaseEncodingAxis": "j-",
    "SequenceVariant": "SK",
    "UsePhilipsFloatNotDisplayScaling": 1,
    "InstitutionAddress": "University Park",
    "SAR": 0.0722598,
    "AcquisitionMatrixPE": 95,
    "ParallelAcquisitionTechnique": "MBSENSE",
    "EchoTrainLength": 63,
    "TotalReadoutTime": 0.0407232,
    "AcquisitionTime": "14:55:40.740000",
    "ProcedureStepDescription": "H1408201447",
    "ImagingFrequency": 127.749,
    "MRAcquisitionType": "2D",
    "ImageOrientationPatientDICOM": [
        0.996094,
        0.0883003,
        -0.00022955,
        -0.0883002,
        0.996094,
        0.000310324
    ],
    "FlipAngle": 52,
    "ReconMatrixPE": 96,
    "Modality": "MR",
    "WaterFatShift": 17.9688,
    "EchoTime": 0.039,
    "PercentPhaseFOV": 100,
    "TaskName": "rest",
    "MagneticFieldStrength": 3,
    "InstitutionalDepartmentName": "SPMIC",
    "MTState": false,
    "RepetitionTime": 0.8,
    "ConversionSoftware": "dcm2niix",
    "EffectiveEchoSpacing": 0.000428665,
    "EstimatedEffectiveEchoSpacing": 0.000428665,
    "ScanningSequence": "GR",
    "ParallelReductionOutOfPlane": 6,
    "Manufacturer": "Philips",
    "B0FieldSource": "pepolar_fmap0",
    "PhaseEncodingDirection": "j-",
    "BodyPartExamined": "BRAIN",
    "SeriesNumber": 701,
    "PhilipsRWVSlope": 1.16508,
    "StationName": "HOST-2ADB2S6FDM",
    "InstitutionName": "Nottingham University",
    "DeviceSerialNumber": "71459",
    "SeriesDescription": "rs-fmri_singleMB6",
    "SpacingBetweenSlices": 2.4,
    "PhilipsRWVIntercept": 0,
    "PhilipsScaleSlope": 0.060852,
    "PixelBandwidth": 2267,
    "CoilString": "MULTI COIL",
    "AcquisitionNumber": 7,
    "ProtocolName": "WIP rs-fmri_singleMB6",
    "ParallelReductionFactorInPlane": 1.5,
    "PercentSampling": 100,
    "ManufacturersModelName": "Ingenia",
    "PhilipsRescaleIntercept": 0,
    "EstimatedTotalReadoutTime": 0.0407232,
    "ImageType": [
        "ORIGINAL",
        "PRIMARY",
        "M",
        "FFE",
        "M",
        "FFE"
    ],
    "InPlanePhaseEncodingDirectionDICOM": "COL",
    "ConversionSoftwareVersion": "v1.0.20211006",
    "ScanOptions": "FS"
}