{
  "Modality": "MR",
  "MagneticFieldStrength": 3,
  "ImagingFrequency": 123.234,
  "Manufacturer": "Siemens",
  "ManufacturersModelName": "Prisma",
  "InstitutionName": "The John Radcliffe",
  "InstitutionalDepartmentName": "Department",
  "InstitutionAddress": "Headley Way StreetNo,Oxford,District,GB,OX3 9DU",
  "DeviceSerialNumber": "66050",
  "StationName": "AWP66050",
  "BodyPartExamined": "HEAD",
  "PatientPosition": "HFS",
  "SoftwareVersions": "syngo MR E11",
  "MRAcquisitionType": "2D",
  "SeriesDescription": "MB8_FMRI_fov210_2.4mm_resting",
  "ProtocolName": "MB8_FMRI_fov210_2.4mm_resting",
  "ScanningSequence": "EP",
  "SequenceVariant": "SK\\SS",
  "ScanOptions": "FS",
  "SequenceName": "epfid2d1_88",
  "ImageType": [
    "ORIGINAL",
    "PRIMARY",
    "M",
    "MB",
    "ND",
    "MOSAIC"
  ],
  "SeriesNumber": 10,
  "AcquisitionTime": "12:05:24.767500",
  "AcquisitionNumber": 1,
  "ImageComments": "Unaliased MB8/PE3 SENSE1",
  "SliceThickness": 2.4,
  "SpacingBetweenSlices": 2.4,
  "SAR": 0.0736608,
  "EchoTime": 0.039,
  "RepetitionTime": 0.735,
  "FlipAngle": 52,
  "PartialFourier": 1,
  "BaseResolution": 88,
  "ShimSetting": [
    340,
    -11455,
    1721,
    489,
    -35,
    -62,
    62,
    -15
  ],
  "TxRefAmp": 255.595,
  "PhaseResolution": 1,
  "ReceiveCoilName": "Head_32",
  "ReceiveCoilActiveElements": "HEA;HEP",
  "PulseSequenceDetails": "%CustomerSeq%\\cmrr_mbep2d_bold",
  "WipMemBlock": "6ae5871d-8f22-4554-8486-9eabe5b20f14||Sequence: R016 ve11c/master r/e634e98; Dec 19 2017 11:00:25 by eja",
  "CoilCombinationMethod": "Sum of Squares",
  "ConsistencyInfo": "N4_VE11C_LATEST_20160120",
  "MatrixCoilMode": "SENSE",
  "MultibandAccelerationFactor": 8,
  "PercentPhaseFOV": 100,
  "PercentSampling": 100,
  "EchoTrainLength": 88,
  "PhaseEncodingSteps": 88,
  "AcquisitionMatrixPE": 88,
  "ReconMatrixPE": 88,
  "BandwidthPerPixelPhaseEncode": 17.756,
  "EffectiveEchoSpacing": 0.000639989,
  "DerivedVendorReportedEchoSpacing": 0.000639989,
  "TotalReadoutTime": 0.055679,
  "PixelBandwidth": 2030,
  "DwellTime": 2.8e-06,
  "PhaseEncodingDirection": "j-",
  "SliceTiming": [
    0,
    0.2675,
    0.5375,
    0.09,
    0.3575,
    0.625,
    0.18,
    0.4475,
    0,
    0.2675,
    0.5375,
    0.09,
    0.3575,
    0.625,
    0.18,
    0.4475,
    0,
    0.2675,
    0.5375,
    0.09,
    0.3575,
    0.625,
    0.18,
    0.4475,
    0,
    0.2675,
    0.5375,
    0.09,
    0.3575,
    0.625,
    0.18,
    0.4475,
    0,
    0.2675,
    0.5375,
    0.09,
    0.3575,
    0.625,
    0.18,
    0.4475,
    0,
    0.2675,
    0.5375,
    0.09,
    0.3575,
    0.625,
    0.18,
    0.4475,
    0,
    0.2675,
    0.5375,
    0.09,
    0.3575,
    0.625,
    0.18,
    0.4475,
    0,
    0.2675,
    0.5375,
    0.09,
    0.3575,
    0.625,
    0.18,
    0.4475
  ],
  "ImageOrientationPatientDICOM": [
    0.999643,
    0.00649218,
    0.0259337,
    0.00453629,
    0.914807,
    -0.403866
  ],
  "ImageOrientationText": "Tra>Cor(-23.8)>Sag(1.5)",
  "InPlanePhaseEncodingDirectionDICOM": "COL",
  "ConversionSoftware": "dcm2niix",
  "ConversionSoftwareVersion": "v1.0.20211006",
  "B0FieldSource": "pepolar_fmap0",
  "TaskName": "rest"
}