{
    "PatientPosition": "HFS",
    "PartialFourier": 0.75,
    "SeriesDescription": "diff_AP_MPopt_MB3_50b1000_50b2000_8b0_lowflip",
    "TxRefAmp": 314.904,
    "SequenceVariant": "SK\\SS",
    "Manufacturer": "Siemens",
    "MultibandAccelerationFactor": 3,
    "PercentPhaseFOV": 100,
    "SeriesNumber": 12,
    "AcquisitionTime": "16:44:25.765000",
    "InstitutionName": "ocmr",
    "MagneticFieldStrength": 3,
    "ImagingFrequency": 123.172,
    "ManufacturersModelName": "TrioTim",
    "ProtocolName": "diff_AP_MPopt_MB3_50b1000_50b2000_8b0_lowflip",
    "FlipAngle": 78,
    "AcquisitionMatrixPE": 104,
    "InPlanePhaseEncodingDirectionDICOM": "COL",
    "InstitutionAddress": "Headley Way sfd,Oxford,Southeast,GB,OX3 9UE",
    "AcquisitionNumber": 1,
    "ShimSetting": [
        -1640,
        -11249,
        7577,
        740,
        -134,
        -175,
        194,
        -49
    ],
    "ImageOrientationPatientDICOM": [
        1,
        0,
        0,
        0,
        0.894154,
        -0.447759
    ],
    "PhaseEncodingDirection": "j-",
    "RepetitionTime": 3.6,
    "InstitutionalDepartmentName": "OCMR2",
    "MRAcquisitionType": "2D",
    "ScanOptions": "PFP\\FS",
    "ProcedureStepDescription": "neuro^N18",
    "SoftwareVersions": "syngo MR B17",
    "DiffusionScheme": "Monopolar",
    "PixelBandwidth": 1781,
    "SAR": 0.137083,
    "SliceTiming": [
        0,
        1.6575,
        3.315,
        1.3575,
        3.0125,
        1.055,
        2.7125,
        0.755,
        2.41,
        0.4525,
        2.11,
        0.1525,
        1.8075,
        3.465,
        1.5075,
        3.1625,
        1.205,
        2.8625,
        0.905,
        2.56,
        0.6025,
        2.26,
        0.3025,
        1.9575,
        0,
        1.6575,
        3.315,
        1.3575,
        3.0125,
        1.055,
        2.7125,
        0.755,
        2.41,
        0.4525,
        2.11,
        0.1525,
        1.8075,
        3.465,
        1.5075,
        3.1625,
        1.205,
        2.8625,
        0.905,
        2.56,
        0.6025,
        2.26,
        0.3025,
        1.9575,
        0,
        1.6575,
        3.315,
        1.3575,
        3.0125,
        1.055,
        2.7125,
        0.755,
        2.41,
        0.4525,
        2.11,
        0.1525,
        1.8075,
        3.465,
        1.5075,
        3.1625,
        1.205,
        2.8625,
        0.905,
        2.56,
        0.6025,
        2.26,
        0.3025,
        1.9575
    ],
    "TotalReadoutTime": 0.0710717,
    "PercentSampling": 100,
    "BaseResolution": 104,
    "PhaseEncodingSteps": 78,
    "PhaseResolution": 1,
    "SequenceName": "ep_b5#1",
    "ConversionSoftwareVersion": "v1.0.20211006",
    "Modality": "MR",
    "ReceiveCoilName": "32Ch_Head",
    "PulseSequenceDetails": "%CustomerSeq%\\cmrr_mbep2d_diff",
    "CoilCombinationMethod": "Sum of Squares",
    "EffectiveEchoSpacing": 0.000690017,
    "SpacingBetweenSlices": 2,
    "MatrixCoilMode": "SENSE",
    "StationName": "MRC35031",
    "DerivedVendorReportedEchoSpacing": 0.000690017,
    "DeviceSerialNumber": "35031",
    "ConversionSoftware": "dcm2niix",
    "SliceThickness": 2,
    "EchoTime": 0.0964,
    "ImageType": [
        "ORIGINAL",
        "PRIMARY",
        "DIFFUSION",
        "NONE",
        "MB",
        "ND",
        "MOSAIC"
    ],
    "DwellTime": 2.7e-06,
    "ImageOrientationText": "Tra>Cor(-26.6)",
    "ReconMatrixPE": 104,
    "ImageComments": "Unaliased MB3/PE3 SENSE1",
    "CoilString": "C:HEA;HEP",
    "ScanningSequence": "EP",
    "BandwidthPerPixelPhaseEncode": 13.935
}