{
    "CoilCombinationMethod": "Sum of Squares",
    "EchoTime": 0.039,
    "MRAcquisitionType": "2D",
    "InstitutionAddress": "Headley Way sfd,Oxford,Southeast,GB,OX3 9UE",
    "BaseResolution": 88,
    "ReconMatrixPE": 88,
    "SliceThickness": 2.4,
    "TotalReadoutTime": 0.0600301,
    "PartialFourier": 1,
    "PhaseResolution": 1,
    "SpacingBetweenSlices": 2.4,
    "MatrixCoilMode": "SENSE",
    "EffectiveEchoSpacing": 0.000690002,
    "TxRefAmp": 311.061,
    "SequenceVariant": "SK\\SS",
    "CoilString": "C:HEA;HEP",
    "BandwidthPerPixelPhaseEncode": 16.469,
    "ImageOrientationPatientDICOM": [
        1,
        0,
        0,
        0,
        0.943223,
        -0.332161
    ],
    "ShimSetting": [
        -1651,
        -11251,
        7644,
        1083,
        243,
        387,
        228,
        14
    ],
    "ConversionSoftwareVersion": "v1.0.20211006",
    "ManufacturersModelName": "TrioTim",
    "MagneticFieldStrength": 3,
    "InstitutionName": "ocmr",
    "PhaseEncodingDirection": "j-",
    "TaskName": "rest",
    "SequenceName": "epfid2d1_88",
    "InPlanePhaseEncodingDirectionDICOM": "COL",
    "AcquisitionNumber": 1,
    "SAR": 0.106641,
    "SliceTiming": [
        0,
        0.275,
        0.5525,
        0.0925,
        0.3675,
        0.645,
        0.1825,
        0.46,
        0,
        0.275,
        0.5525,
        0.0925,
        0.3675,
        0.645,
        0.1825,
        0.46,
        0,
        0.275,
        0.5525,
        0.0925,
        0.3675,
        0.645,
        0.1825,
        0.46,
        0,
        0.275,
        0.5525,
        0.0925,
        0.3675,
        0.645,
        0.1825,
        0.46,
        0,
        0.275,
        0.5525,
        0.0925,
        0.3675,
        0.645,
        0.1825,
        0.46,
        0,
        0.275,
        0.5525,
        0.0925,
        0.3675,
        0.645,
        0.1825,
        0.46,
        0,
        0.275,
        0.5525,
        0.0925,
        0.3675,
        0.645,
        0.1825,
        0.46,
        0,
        0.275,
        0.5525,
        0.0925,
        0.3675,
        0.645,
        0.1825,
        0.46
    ],
    "Modality": "MR",
    "DerivedVendorReportedEchoSpacing": 0.000690002,
    "AcquisitionTime": "09:22:42.905000",
    "PatientPosition": "HFS",
    "PixelBandwidth": 2029,
    "SoftwareVersions": "syngo MR B17",
    "MultibandAccelerationFactor": 8,
    "FlipAngle": 52,
    "Manufacturer": "Siemens",
    "SeriesNumber": 6,
    "RepetitionTime": 0.735,
    "SeriesDescription": "MB8_FMRI_fov210_2.4mm_resting",
    "ImagingFrequency": 123.172,
    "ScanOptions": "FS",
    "DeviceSerialNumber": "35031",
    "DwellTime": 2.8e-06,
    "PercentSampling": 100,
    "AcquisitionMatrixPE": 88,
    "InstitutionalDepartmentName": "OCMR2",
    "ScanningSequence": "EP",
    "ReceiveCoilName": "32Ch_Head",
    "PulseSequenceDetails": "%CustomerSeq%\\cmrr_mbep2d_bold",
    "StationName": "MRC35031",
    "PercentPhaseFOV": 100,
    "ProcedureStepDescription": "neuro^N18",
    "PhaseEncodingSteps": 88,
    "ImageComments": "Unaliased MB8/PE3 SENSE1",
    "ConversionSoftware": "dcm2niix",
    "ProtocolName": "MB8_FMRI_fov210_2.4mm_resting",
    "ImageType": [
        "ORIGINAL",
        "PRIMARY",
        "M",
        "MB",
        "ND",
        "MOSAIC"
    ],
    "ImageOrientationText": "Tra>Cor(-19.4)"
}