{
  "Modality": "MR",
  "MagneticFieldStrength": 3,
  "ImagingFrequency": 127.716,
  "Manufacturer": "GE",
  "PulseSequenceName": "epi",
  "InternalPulseSequenceName": "EPI",
  "ManufacturersModelName": "SIGNA Premier",
  "InstitutionName": "Nottingham Medical School",
  "DeviceSerialNumber": "00000000269MRS04",
  "StationName": "MR01DV01",
  "BodyPartExamined": "BRAIN",
  "PatientPosition": "HFS",
  "ProcedureStepDescription": "FMHS4520122",
  "SoftwareVersions": "29\\LX\\RX29.1_R02_2131.a",
  "MRAcquisitionType": "2D",
  "SeriesDescription": "RS_fMRI_MB6_TR920",
  "ProtocolName": "SW_NHarmony_v1.2",
  "ScanningSequence": "EP\\RM",
  "SequenceVariant": "NONE",
  "ScanOptions": "SAT_GEMS\\EDR_GEMS\\MP_GEMS\\EPI_GEMS\\HYPERBAND_GEMS\\FS",
  "ImageType": [
    "ORIGINAL",
    "PRIMARY",
    "OTHER"
  ],
  "SeriesNumber": 5,
  "AcquisitionTime": "10:27:17.000000",
  "AcquisitionNumber": 1,
  "TriggerDelayTime": 450298,
  "SliceThickness": 2.4,
  "SpacingBetweenSlices": 2.4,
  "SAR": 0.0813073,
  "EchoTime": 0.039,
  "RepetitionTime": 0.92,
  "FlipAngle": 57,
  "PhaseEncodingPolarityGE": "Unflipped",
  "CoilString": "48HAP",
  "MultibandAccelerationFactor": 6,
  "PercentPhaseFOV": 100,
  "PercentSampling": 100,
  "AcquisitionMatrixPE": 88,
  "ReconMatrixPE": 88,
  "EffectiveEchoSpacing": 0.0006,
  "TotalReadoutTime": 0.0522,
  "PixelBandwidth": 5681.82,
  "PhaseEncodingDirection": "j-",
  "SliceTiming": [
    0,
    0.501818,
    0.0836364,
    0.585455,
    0.167273,
    0.669091,
    0.250909,
    0.752727,
    0.334545,
    0.836364,
    0.418182,
    0,
    0.501818,
    0.0836364,
    0.585455,
    0.167273,
    0.669091,
    0.250909,
    0.752727,
    0.334545,
    0.836364,
    0.418182,
    0,
    0.501818,
    0.0836364,
    0.585455,
    0.167273,
    0.669091,
    0.250909,
    0.752727,
    0.334545,
    0.836364,
    0.418182,
    0,
    0.501818,
    0.0836364,
    0.585455,
    0.167273,
    0.669091,
    0.250909,
    0.752727,
    0.334545,
    0.836364,
    0.418182,
    0,
    0.501818,
    0.0836364,
    0.585455,
    0.167273,
    0.669091,
    0.250909,
    0.752727,
    0.334545,
    0.836364,
    0.418182,
    0,
    0.501818,
    0.0836364,
    0.585455,
    0.167273,
    0.669091,
    0.250909,
    0.752727,
    0.334545,
    0.836364,
    0.418182
  ],
  "ImageOrientationPatientDICOM": [
    0.99959,
    0.00399003,
    0.0283715,
    -0.00580172,
    0.997929,
    0.0640632
  ],
  "InPlanePhaseEncodingDirectionDICOM": "COL",
  "ConversionSoftware": "dcm2niix",
  "ConversionSoftwareVersion": "v1.0.20211006",
  "B0FieldSource": "pepolar_fmap0",
  "TaskName": "rest"
}