{
    "AcquisitionNumber": 4,
    "FlipAngle": 90,
    "ImagingFrequency": 127.749,
    "PartialFourierDirection": "PHASE",
    "PhaseEncodingAxis": "j",
    "SeriesNumber": 401,
    "EchoTrainLength": 55,
    "RepetitionTime": 4.031,
    "DeviceSerialNumber": "71459",
    "InstitutionalDepartmentName": "SPMIC",
    "EstimatedTotalReadoutTime": 0.0558949,
    "ManufacturersModelName": "Ingenia",
    "SoftwareVersions": "5.3.1\\5.3.1.0",
    "PartialFourierEnabled": "YES",
    "TotalReadoutTime": 0.0558949,
    "ParallelReductionFactorInPlane": 2,
    "ReconMatrixPE": 112,
    "AcquisitionTime": "17:44:37.130000",
    "InstitutionAddress": "University Park",
    "StationName": "HOST-2ADB2S6FDM",
    "ImageType": [
        "ORIGINAL",
        "PRIMARY",
        "DIFFUSION",
        "NONE"
    ],
    "PhilipsScaleSlope": 0.0170854,
    "MagneticFieldStrength": 3,
    "PercentPhaseFOV": 100,
    "InPlanePhaseEncodingDirectionDICOM": "COL",
    "ImageOrientationPatientDICOM": [
        0.999902,
        -0.00428265,
        -0.0133279,
        0.00169656,
        0.98211,
        -0.1883
    ],
    "UsePhilipsFloatNotDisplayScaling": 1,
    "SliceThickness": 2,
    "SpacingBetweenSlices": 2,
    "PhaseEncodingStepsNoPartialFourier": 110,
    "PatientPosition": "HFS",
    "AcquisitionMatrixPE": 110,
    "SequenceVariant": "SK",
    "ParallelAcquisitionTechnique": "SENSE",
    "EstimatedEffectiveEchoSpacing": 0.000503557,
    "ScanOptions": "PFP",
    "PhilipsRescaleSlope": 3.03175,
    "PercentSampling": 100,
    "ProcedureStepDescription": "H1408201447",
    "PixelBandwidth": 1800.29,
    "MTState": false,
    "EffectiveEchoSpacing": 0.000503557,
    "SeriesDescription": "blip_DTI_Biobank_2mm_MB3S2_EPI",
    "ProtocolName": "blip_DTI_Biobank_2mm_MB3S2_EPI",
    "PhaseEncodingDirection": "j",
    "ConversionSoftwareVersion": "v1.0.20211006",
    "ScanningSequence": "SE",
    "ConversionSoftware": "dcm2niix",
    "InstitutionName": "Nottingham University",
    "WaterFatShift": 24.7192,
    "Modality": "MR",
    "EchoTime": 0.089,
    "Manufacturer": "Philips",
    "BodyPartExamined": "BRAIN",
    "MRAcquisitionType": "2D",
    "PhilipsRescaleIntercept": 0,
    "CoilString": "MULTI COIL"
}