{
    "SoftwareVersions": "5.3.1\\5.3.1.0",
    "ScanningSequence": "SE",
    "ImagingFrequency": 127.749,
    "MTState": false,
    "ParallelAcquisitionTechnique": "SENSE",
    "SequenceVariant": "SK",
    "ConversionSoftware": "dcm2niix",
    "ReconMatrixPE": 96,
    "ProcedureStepDescription": "B1201202-052",
    "B0FieldIdentifier": "pepolar_fmap0",
    "ManufacturersModelName": "Ingenia",
    "PhilipsRescaleSlope": 1.92088,
    "EstimatedEffectiveEchoSpacing": 0.000535256,
    "AcquisitionMatrixPE": 95,
    "PatientPosition": "HFS",
    "InstitutionName": "Nottingham University",
    "EffectiveEchoSpacing": 0.000535256,
    "EchoTrainLength": 63,
    "FlipAngle": 52,
    "IntendedFor": [
        "ses-NOT2ING001/func/sub-14482_ses-NOT2ING001_task-rest_acq-multiband4_bold.nii.gz"
    ],
    "SpacingBetweenSlices": 2.4,
    "InstitutionAddress": "University Park",
    "ImageOrientationPatientDICOM": [
        1,
        0,
        0,
        0,
        1,
        0
    ],
    "EstimatedTotalReadoutTime": 0.0508493,
    "WaterFatShift": 22.4367,
    "ProtocolName": "WIP blip_rs-fmri_SE",
    "ScanOptions": "FS",
    "DeviceSerialNumber": "71459",
    "PhaseEncodingSteps": 95,
    "PhilipsScaleSlope": 0.0223686,
    "InstitutionalDepartmentName": "SPMIC",
    "Modality": "MR",
    "PercentSampling": 100,
    "PixelBandwidth": 1510.1,
    "SeriesDescription": "blip_rs-fmri_SE",
    "MRAcquisitionType": "2D",
    "StationName": "HOST-2ADB2S6FDM",
    "PhaseEncodingAxis": "j-",
    "EchoTime": 0.08,
    "SeriesNumber": 701,
    "RepetitionTime": 5.79629,
    "CoilString": "MULTI COIL",
    "PhaseEncodingDirection": "j-",
    "SliceThickness": 2.4,
    "PercentPhaseFOV": 100,
    "BodyPartExamined": "BRAIN",
    "ConversionSoftwareVersion": "v1.0.20211006",
    "MagneticFieldStrength": 3,
    "InPlanePhaseEncodingDirectionDICOM": "COL",
    "AcquisitionNumber": 7,
    "AcquisitionTime": "16:12:24.030000",
    "TotalReadoutTime": 0.0508493,
    "ImageType": [
        "ORIGINAL",
        "PRIMARY",
        "T2",
        "NONE"
    ],
    "ParallelReductionFactorInPlane": 1.5,
    "UsePhilipsFloatNotDisplayScaling": 1,
    "PhilipsRescaleIntercept": 0,
    "Manufacturer": "Philips"
}