{
    "PhilipsScaleSlope": 0.0225011,
    "PhaseEncodingAxis": "j",
    "SliceThickness": 2.4,
    "MTState": false,
    "ProtocolName": "WIP blip_rs-fmri_SErev",
    "EstimatedEffectiveEchoSpacing": 0.000485519,
    "AcquisitionTime": "16:12:52.050000",
    "IntendedFor": [
        "ses-NOT2ING001/func/sub-14482_ses-NOT2ING001_task-rest_acq-multiband4_bold.nii.gz"
    ],
    "Manufacturer": "Philips",
    "PhaseEncodingSteps": 95,
    "ParallelAcquisitionTechnique": "SENSE",
    "ParallelReductionFactorInPlane": 1.5,
    "ImageType": [
        "ORIGINAL",
        "PRIMARY",
        "T2",
        "NONE"
    ],
    "ConversionSoftware": "dcm2niix",
    "EchoTime": 0.08,
    "ManufacturersModelName": "Ingenia",
    "ReconMatrixPE": 96,
    "ScanOptions": "FS",
    "PhilipsRescaleIntercept": 0,
    "InstitutionAddress": "University Park",
    "BodyPartExamined": "BRAIN",
    "EstimatedTotalReadoutTime": 0.0461243,
    "UsePhilipsFloatNotDisplayScaling": 1,
    "SeriesDescription": "blip_rs-fmri_SErev",
    "DeviceSerialNumber": "71459",
    "AcquisitionMatrixPE": 95,
    "InstitutionName": "Nottingham University",
    "ProcedureStepDescription": "B1201202-052",
    "ScanningSequence": "SE",
    "ImageOrientationPatientDICOM": [
        1,
        0,
        0,
        0,
        1,
        0
    ],
    "AcquisitionNumber": 8,
    "PercentPhaseFOV": 100,
    "ImagingFrequency": 127.749,
    "MRAcquisitionType": "2D",
    "StationName": "HOST-2ADB2S6FDM",
    "SeriesNumber": 801,
    "SpacingBetweenSlices": 2.4,
    "EchoTrainLength": 63,
    "RepetitionTime": 5.67942,
    "PhaseEncodingDirection": "j",
    "SoftwareVersions": "5.3.1\\5.3.1.0",
    "PercentSampling": 100,
    "ConversionSoftwareVersion": "v1.0.20211006",
    "InPlanePhaseEncodingDirectionDICOM": "COL",
    "B0FieldIdentifier": "pepolar_fmap0",
    "EffectiveEchoSpacing": 0.000485519,
    "FlipAngle": 52,
    "TotalReadoutTime": 0.0461243,
    "CoilString": "MULTI COIL",
    "SequenceVariant": "SK",
    "PixelBandwidth": 1702.91,
    "PhilipsRescaleSlope": 1.52186,
    "PatientPosition": "HFS",
    "Modality": "MR",
    "InstitutionalDepartmentName": "SPMIC",
    "WaterFatShift": 20.3519,
    "MagneticFieldStrength": 3
}