{
    "SpacingBetweenSlices": 2,
    "InPlanePhaseEncodingDirectionDICOM": "COL",
    "SliceThickness": 2,
    "AcquisitionNumber": 1,
    "ImageComments": "Unaliased MB3/PE3 SENSE1",
    "MRAcquisitionType": "2D",
    "DwellTime": 2.7e-06,
    "TxRefAmp": 221.878,
    "ScanOptions": "PFP\\FS",
    "DerivedVendorReportedEchoSpacing": 0.000670015,
    "BodyPartExamined": "BRAIN",
    "ConversionSoftwareVersion": "v1.0.20211006",
    "Manufacturer": "Siemens",
    "ReceiveCoilActiveElements": "HC1-7",
    "DeviceSerialNumber": "66093",
    "ConversionSoftware": "dcm2niix",
    "ReconMatrixPE": 104,
    "SAR": 0.0768263,
    "ImageType": [
        "ORIGINAL",
        "PRIMARY",
        "DIFFUSION",
        "NONE",
        "MB",
        "ND",
        "MOSAIC"
    ],
    "PartialFourier": 0.75,
    "PhaseResolution": 1,
    "MatrixCoilMode": "SENSE",
    "PatientPosition": "HFS",
    "BandwidthPerPixelPhaseEncode": 14.351,
    "SequenceVariant": "SK\\SS",
    "SequenceName": "ep_b5#1",
    "SliceTiming": [
        0,
        1.6425,
        3.2825,
        1.3425,
        2.985,
        1.045,
        2.685,
        0.7475,
        2.3875,
        0.4475,
        2.09,
        0.15,
        1.79,
        3.4325,
        1.4925,
        3.1325,
        1.195,
        2.835,
        0.895,
        2.5375,
        0.5975,
        2.2375,
        0.3,
        1.94,
        0,
        1.6425,
        3.2825,
        1.3425,
        2.985,
        1.045,
        2.685,
        0.7475,
        2.3875,
        0.4475,
        2.09,
        0.15,
        1.79,
        3.4325,
        1.4925,
        3.1325,
        1.195,
        2.835,
        0.895,
        2.5375,
        0.5975,
        2.2375,
        0.3,
        1.94,
        0,
        1.6425,
        3.2825,
        1.3425,
        2.985,
        1.045,
        2.685,
        0.7475,
        2.3875,
        0.4475,
        2.09,
        0.15,
        1.79,
        3.4325,
        1.4925,
        3.1325,
        1.195,
        2.835,
        0.895,
        2.5375,
        0.5975,
        2.2375,
        0.3,
        1.94
    ],
    "PhaseEncodingDirection": "j-",
    "SeriesDescription": "diff_AP_MPopt_MB3_50b1000_50b2000_8b0_lowflip",
    "EchoTime": 0.092,
    "TotalReadoutTime": 0.0690115,
    "ShimSetting": [
        4945,
        -11390,
        -1313,
        487,
        -42,
        -106,
        -7,
        3
    ],
    "InstitutionalDepartmentName": "BE3597",
    "ScanningSequence": "EP",
    "AcquisitionMatrixPE": 104,
    "ImagingFrequency": 123.259,
    "MagneticFieldStrength": 3,
    "StationName": "AWP66093",
    "ImageOrientationPatientDICOM": [
        1,
        0,
        0,
        0,
        0.943801,
        -0.330514
    ],
    "Modality": "MR",
    "AcquisitionTime": "11:00:27.072500",
    "RepetitionTime": 3.6,
    "CoilCombinationMethod": "Sum of Squares",
    "ImageOrientationText": "Tra>Cor(-19.3)",
    "WipMemBlock": "4ef752c8-7d57-4888-9d71-db4c896358d2||Sequence: R016 ve11c/master r/e634e98; Dec 19 2017 11:11:25 by eja",
    "BaseResolution": 104,
    "PhaseEncodingSteps": 78,
    "PulseSequenceDetails": "%CustomerSeq%\\cmrr_mbep2d_diff",
    "MultibandAccelerationFactor": 3,
    "SoftwareVersions": "syngo MR E11",
    "PercentPhaseFOV": 100,
    "ReceiveCoilName": "HeadNeck_64",
    "PercentSampling": 100,
    "SeriesNumber": 12,
    "EchoTrainLength": 78,
    "DiffusionScheme": "Monopolar",
    "ConsistencyInfo": "N4_VE11C_LATEST_20160120",
    "EffectiveEchoSpacing": 0.000670015,
    "InstitutionName": "Warneford Hospital",
    "ManufacturersModelName": "Prisma",
    "FlipAngle": 78,
    "ProtocolName": "diff_AP_MPopt_MB3_50b1000_50b2000_8b0_lowflip",
    "InstitutionAddress": "Warneford Lane StreetNo,Oxford,District,GB,OX3 7JX",
    "PixelBandwidth": 1780
}