{
  "Modality": "MR",
  "MagneticFieldStrength": 3,
  "ImagingFrequency": 127.708,
  "Manufacturer": "GE",
  "ManufacturersModelName": "SIGNA Premier",
  "InstitutionName": "OCMR MR6",
  "DeviceSerialNumber": "00000070328MRS06",
  "StationName": "GEMRI",
  "BodyPartExamined": "BRAIN",
  "PatientPosition": "HFS",
  "SoftwareVersions": "29\\LX\\RX29.1_R02_2131.a",
  "MRAcquisitionType": "3D",
  "SeriesDescription": "3D Ax T1 MP-RAGE",
  "ProtocolName": "NeuroHarmony_Stam",
  "ScanningSequence": "RM\\IR",
  "SequenceVariant": "NONE",
  "ScanOptions": "EDR_GEMS\\FILTERED_GEMS\\ACC_GEMS\\FSP_GEMS\\IR_GEMS",
  "ImageType": [
    "ORIGINAL",
    "PRIMARY",
    "OTHER",
    "NORM"
  ],
  "SeriesNumber": 3,
  "AcquisitionTime": "13:14:40.000000",
  "AcquisitionNumber": 1,
  "SliceThickness": 1,
  "SpacingBetweenSlices": 1,
  "SAR": 0.0647419,
  "EchoTime": 0.002932,
  "RepetitionTime": 2.04095,
  "InversionTime": 0.88,
  "FlipAngle": 8,
  "CoilString": "21HN",
  "PercentPhaseFOV": 100,
  "PercentSampling": 100,
  "AcquisitionMatrixPE": 256,
  "ReconMatrixPE": 256,
  "ParallelReductionFactorInPlane": 2,
  "PixelBandwidth": 244.141,
  "ImageOrientationPatientDICOM": [
    0.998377,
    -0.0262013,
    -0.0505695,
    0.0252535,
    0.999495,
    -0.0192907
  ],
  "InPlanePhaseEncodingDirectionDICOM": "ROW",
  "ConversionSoftware": "dcm2niix",
  "ConversionSoftwareVersion": "v1.0.20211006"
}