{
    "ImageOrientationPatientDICOM": [
        1,
        2e-16,
        0,
        -2e-16,
        0.965926,
        -0.258819
    ],
    "PhaseEncodingDirection": "j-",
    "RepetitionTime": 0.735,
    "SequenceVariant": "SK\\SS",
    "SliceThickness": 2.4,
    "ConversionSoftwareVersion": "v1.0.20211006",
    "PhaseEncodingSteps": 88,
    "SoftwareVersions": "syngo MR B17",
    "PixelBandwidth": 2029,
    "PulseSequenceDetails": "%CustomerSeq%\\cmrr_mbep2d_bold",
    "InstitutionAddress": "Headley Way sfd,Oxford,Southeast,GB,OX3 9UE",
    "TaskName": "rest",
    "ProtocolName": "MB8_FMRI_fov210_2.4mm_resting",
    "CoilCombinationMethod": "Sum of Squares",
    "Modality": "MR",
    "EchoTime": 0.039,
    "MultibandAccelerationFactor": 8,
    "MRAcquisitionType": "2D",
    "DerivedVendorReportedEchoSpacing": 0.000690002,
    "DwellTime": 2.8e-06,
    "CoilString": "C:HEA;HEP",
    "PercentPhaseFOV": 100,
    "ConversionSoftware": "dcm2niix",
    "ReconMatrixPE": 88,
    "SliceTiming": [
        0,
        0.2775,
        0.5525,
        0.0925,
        0.37,
        0.645,
        0.185,
        0.46,
        0,
        0.2775,
        0.5525,
        0.0925,
        0.37,
        0.645,
        0.185,
        0.46,
        0,
        0.2775,
        0.5525,
        0.0925,
        0.37,
        0.645,
        0.185,
        0.46,
        0,
        0.2775,
        0.5525,
        0.0925,
        0.37,
        0.645,
        0.185,
        0.46,
        0,
        0.2775,
        0.5525,
        0.0925,
        0.37,
        0.645,
        0.185,
        0.46,
        0,
        0.2775,
        0.5525,
        0.0925,
        0.37,
        0.645,
        0.185,
        0.46,
        0,
        0.2775,
        0.5525,
        0.0925,
        0.37,
        0.645,
        0.185,
        0.46,
        0,
        0.2775,
        0.5525,
        0.0925,
        0.37,
        0.645,
        0.185,
        0.46
    ],
    "ReceiveCoilName": "32Ch_Head",
    "AcquisitionNumber": 1,
    "SeriesDescription": "MB8_FMRI_fov210_2.4mm_resting",
    "ScanningSequence": "EP",
    "InstitutionalDepartmentName": "OCMR2",
    "InPlanePhaseEncodingDirectionDICOM": "COL",
    "PhaseResolution": 1,
    "PatientPosition": "HFS",
    "ImagingFrequency": 123.172,
    "InstitutionName": "John Radcliffe Hospital",
    "AcquisitionMatrixPE": 88,
    "BaseResolution": 88,
    "ImageType": [
        "ORIGINAL",
        "PRIMARY",
        "M",
        "MB",
        "ND",
        "MOSAIC"
    ],
    "SeriesNumber": 6,
    "StationName": "MRC35031",
    "ScanOptions": "FS",
    "SAR": 0.107057,
    "BandwidthPerPixelPhaseEncode": 16.469,
    "DeviceSerialNumber": "35031",
    "FlipAngle": 52,
    "SpacingBetweenSlices": 2.4,
    "Manufacturer": "Siemens",
    "ImageComments": "Unaliased MB8/PE3 SENSE1",
    "ProcedureStepDescription": "neuro^N18",
    "ShimSetting": [
        -1601,
        -11235,
        7726,
        1193,
        427,
        499,
        392,
        82
    ],
    "EffectiveEchoSpacing": 0.000690002,
    "TxRefAmp": 315.106,
    "MatrixCoilMode": "SENSE",
    "ManufacturersModelName": "TrioTim",
    "TotalReadoutTime": 0.0600301,
    "PartialFourier": 1,
    "SequenceName": "epfid2d1_88",
    "PercentSampling": 100,
    "ImageOrientationText": "Tra>Cor(-15.0)",
    "MagneticFieldStrength": 3,
    "AcquisitionTime": "13:23:29.772500"
}