{
  "Modality": "MR",
  "MagneticFieldStrength": 3,
  "ImagingFrequency": 127.716,
  "Manufacturer": "GE",
  "PulseSequenceName": "epi",
  "InternalPulseSequenceName": "EPI",
  "ManufacturersModelName": "SIGNA Premier",
  "InstitutionName": "Nottingham Medical School",
  "DeviceSerialNumber": "00000000269MRS04",
  "StationName": "MR01DV01",
  "BodyPartExamined": "BRAIN",
  "PatientPosition": "HFS",
  "ProcedureStepDescription": "FMHS4520122",
  "SoftwareVersions": "29\\LX\\RX29.1_R02_2131.a",
  "MRAcquisitionType": "2D",
  "SeriesDescription": "RS_fMRI_MB6_TR920",
  "ProtocolName": "SW_NHarmony_v1.2",
  "ScanningSequence": "EP\\RM",
  "SequenceVariant": "NONE",
  "ScanOptions": "SAT_GEMS\\EDR_GEMS\\MP_GEMS\\EPI_GEMS\\HYPERBAND_GEMS\\FS",
  "ImageType": [
    "ORIGINAL",
    "PRIMARY",
    "OTHER"
  ],
  "SeriesNumber": 5,
  "AcquisitionTime": "15:17:52.000000",
  "AcquisitionNumber": 1,
  "TriggerDelayTime": 453166,
  "SliceThickness": 2.4,
  "SpacingBetweenSlices": 2.4,
  "SAR": 0.0803056,
  "EchoTime": 0.039,
  "RepetitionTime": 0.925,
  "FlipAngle": 57,
  "PhaseEncodingPolarityGE": "Unflipped",
  "CoilString": "48HAP",
  "MultibandAccelerationFactor": 6,
  "PercentPhaseFOV": 100,
  "PercentSampling": 100,
  "AcquisitionMatrixPE": 88,
  "ReconMatrixPE": 88,
  "EffectiveEchoSpacing": 0.000652,
  "TotalReadoutTime": 0.056724,
  "PixelBandwidth": 5681.82,
  "PhaseEncodingDirection": "j-",
  "SliceTiming": [
    0,
    0.504545,
    0.0840909,
    0.588636,
    0.168182,
    0.672727,
    0.252273,
    0.756818,
    0.336364,
    0.840909,
    0.420455,
    0,
    0.504545,
    0.0840909,
    0.588636,
    0.168182,
    0.672727,
    0.252273,
    0.756818,
    0.336364,
    0.840909,
    0.420455,
    0,
    0.504545,
    0.0840909,
    0.588636,
    0.168182,
    0.672727,
    0.252273,
    0.756818,
    0.336364,
    0.840909,
    0.420455,
    0,
    0.504545,
    0.0840909,
    0.588636,
    0.168182,
    0.672727,
    0.252273,
    0.756818,
    0.336364,
    0.840909,
    0.420455,
    0,
    0.504545,
    0.0840909,
    0.588636,
    0.168182,
    0.672727,
    0.252273,
    0.756818,
    0.336364,
    0.840909,
    0.420455,
    0,
    0.504545,
    0.0840909,
    0.588636,
    0.168182,
    0.672727,
    0.252273,
    0.756818,
    0.336364,
    0.840909
  ],
  "ImageOrientationPatientDICOM": [
    0.987446,
    -0.154591,
    0.032427,
    0.146676,
    0.97359,
    0.174955
  ],
  "InPlanePhaseEncodingDirectionDICOM": "COL",
  "ConversionSoftware": "dcm2niix",
  "ConversionSoftwareVersion": "v1.0.20211006",
  "B0FieldSource": "pepolar_fmap0",
  "TaskName": "rest"
}