{
    "RepetitionTime": 5,
    "ProcedureStepDescription": "H1408201447",
    "PhaseEncodingAxis": "i",
    "ConversionSoftwareVersion": "v1.0.20211006",
    "InstitutionAddress": "University Park",
    "SliceThickness": 1.05,
    "PhaseEncodingSteps": 256,
    "WaterFatShift": 0.453676,
    "SeriesDescription": "T2_FLAIR_1mm",
    "DeviceSerialNumber": "71459",
    "PercentSampling": 78.5398,
    "PhilipsScaleSlope": 0.00267188,
    "InPlanePhaseEncodingDirectionDICOM": "ROW",
    "MTState": false,
    "SoftwareVersions": "5.6.1\\5.6.1.0",
    "EchoTime": 0.334037,
    "InstitutionName": "Nottingham University",
    "ReconMatrixPE": 256,
    "ScanningSequence": "IR",
    "ImageType": [
        "ORIGINAL",
        "PRIMARY",
        "OTHER",
        "NORM"
    ],
    "AcquisitionTime": "14:28:7.630000",
    "FlipAngle": 90,
    "ManufacturersModelName": "Ingenia",
    "PhilipsRescaleSlope": 4.96068,
    "ScanOptions": "FS",
    "Manufacturer": "Philips",
    "Modality": "MR",
    "SpacingBetweenSlices": 1.05,
    "PixelBandwidth": 957.396,
    "EchoTrainLength": 182,
    "ImagingFrequency": 127.749,
    "ParallelReductionFactorInPlane": 2.6,
    "PhilipsRescaleIntercept": 0,
    "MRAcquisitionType": "3D",
    "PatientPosition": "HFS",
    "PercentPhaseFOV": 100,
    "UsePhilipsFloatNotDisplayScaling": 1,
    "ParallelAcquisitionTechnique": "SENSE",
    "ProtocolName": "WIP T2_FLAIR_1mm",
    "ConversionSoftware": "dcm2niix",
    "BodyPartExamined": "BRAIN",
    "ImageOrientationPatientDICOM": [
        -0.0883002,
        0.996094,
        0.000310324,
        -0.000256055,
        0.000288842,
        -1
    ],
    "NumberOfAverages": 2,
    "SeriesNumber": 301,
    "EstimatedTotalReadoutTime": 0.00103879,
    "EstimatedEffectiveEchoSpacing": 4.07369e-06,
    "SequenceVariant": "SK",
    "InstitutionalDepartmentName": "SPMIC",
    "ParallelReductionOutOfPlane": 2,
    "InversionTime": 1.65,
    "AcquisitionMatrixPE": 256,
    "StationName": "HOST-2ADB2S6FDM",
    "MagneticFieldStrength": 3,
    "AcquisitionNumber": 3,
    "CoilString": "MULTI COIL"
}