{
    "ProtocolName": "WIP T1_1mm_sag",
    "MagneticFieldStrength": 3,
    "EstimatedEffectiveEchoSpacing": 1.61857e-05,
    "InstitutionalDepartmentName": "SPMIC",
    "WaterFatShift": 1.80133,
    "PercentSampling": 78.5398,
    "UsePhilipsFloatNotDisplayScaling": 1,
    "PhaseEncodingAxis": "i",
    "MRAcquisitionType": "3D",
    "Modality": "MR",
    "SpoilingState": true,
    "PixelBandwidth": 241.127,
    "ImagingFrequency": 127.749,
    "ImageOrientationPatientDICOM": [
        -0.0883002,
        0.996094,
        0.000310324,
        -0.000256055,
        0.000288842,
        -1
    ],
    "ScanOptions": "OTHER",
    "SpacingBetweenSlices": 1,
    "ParallelAcquisitionTechnique": "SENSE",
    "PhilipsScaleSlope": 0.00755688,
    "SpoilingType": "COMBINED",
    "EchoTime": 0.003182,
    "SequenceVariant": "MP",
    "PhilipsRescaleIntercept": 0,
    "ConversionSoftware": "dcm2niix",
    "MTState": false,
    "ReconMatrixPE": 256,
    "InPlanePhaseEncodingDirectionDICOM": "ROW",
    "ParallelReductionFactorInPlane": 2,
    "PatientPosition": "HFS",
    "InstitutionName": "Nottingham University",
    "EstimatedTotalReadoutTime": 0.00412736,
    "PercentPhaseFOV": 100,
    "EchoTrainLength": 208,
    "PhilipsRescaleSlope": 3.14432,
    "PhaseEncodingSteps": 256,
    "AcquisitionTime": "14:23:31.530000",
    "RepetitionTime": 0.0070708,
    "SeriesNumber": 201,
    "DeviceSerialNumber": "71459",
    "ImageType": [
        "ORIGINAL",
        "PRIMARY",
        "OTHER",
        "NORM"
    ],
    "SliceThickness": 1,
    "AcquisitionMatrixPE": 256,
    "ProcedureStepDescription": "H1408201447",
    "SeriesDescription": "T1_1mm_sag",
    "Manufacturer": "Philips",
    "ManufacturersModelName": "Ingenia",
    "StationName": "HOST-2ADB2S6FDM",
    "ConversionSoftwareVersion": "v1.0.20211006",
    "FlipAngle": 8,
    "SoftwareVersions": "5.6.1\\5.6.1.0",
    "ScanningSequence": "GR",
    "BodyPartExamined": "BRAIN",
    "CoilString": "MULTI COIL",
    "InstitutionAddress": "University Park",
    "AcquisitionNumber": 2
}