{
  "Modality": "MR",
  "MagneticFieldStrength": 3,
  "ImagingFrequency": 127.804,
  "Manufacturer": "Philips",
  "ManufacturersModelName": "Achieva",
  "InstitutionName": "SPMMRC Nottingham",
  "InstitutionalDepartmentName": "MRI",
  "DeviceSerialNumber": "17057",
  "StationName": "PHILIPS-T6O3EHP",
  "BodyPartExamined": "BRAIN",
  "PatientPosition": "HFS",
  "ProcedureStepDescription": "FMHS 452 0122",
  "SoftwareVersions": "5.6.1\\5.6.1.1",
  "MRAcquisitionType": "2D",
  "SeriesDescription": "blipP_rs-fmri_singleMB4_HF0.8",
  "ProtocolName": "WIP blipP_rs-fmri_singleMB4_HF0.8",
  "ScanningSequence": "SE",
  "SequenceVariant": "SK",
  "ScanOptions": "FS",
  "ImageType": [
    "ORIGINAL",
    "PRIMARY",
    "M",
    "SE",
    "M",
    "SE"
  ],
  "SeriesNumber": 1601,
  "AcquisitionTime": "15:32:29.700000",
  "AcquisitionNumber": 16,
  "PhilipsRWVSlope": 1.06862,
  "PhilipsRWVIntercept": 0,
  "PhilipsRescaleSlope": 1.06862,
  "PhilipsRescaleIntercept": 0,
  "PhilipsScaleSlope": 0.00131595,
  "UsePhilipsFloatNotDisplayScaling": 0,
  "SliceThickness": 2.4,
  "SpacingBetweenSlices": 2.4,
  "SAR": 0.045432,
  "EchoTime": 0.09,
  "RepetitionTime": 2,
  "MTState": false,
  "FlipAngle": 80,
  "CoilString": "MULTI COIL",
  "PercentPhaseFOV": 100,
  "PercentSampling": 100,
  "EchoTrainLength": 95,
  "PhaseEncodingSteps": 95,
  "AcquisitionMatrixPE": 95,
  "ReconMatrixPE": 96,
  "ParallelAcquisitionTechnique": "MBSENSE",
  "ParallelReductionOutOfPlane": 4,
  "WaterFatShift": 25.2424,
  "EstimatedEffectiveEchoSpacing": 0.000605113,
  "EstimatedTotalReadoutTime": 0.0574858,
  "PixelBandwidth": 2392,
  "PhaseEncodingAxis": "j",
  "ImageOrientationPatientDICOM": [
    0.997215,
    -0.0731377,
    -0.0145722,
    0.0718098,
    0.994444,
    -0.0769646
  ],
  "InPlanePhaseEncodingDirectionDICOM": "COL",
  "ConversionSoftware": "dcm2niix",
  "ConversionSoftwareVersion": "v1.0.20211006",
  "PhaseEncodingDirection": "j-",
  "IntendedFor": "bids::sub-16766/ses-NOT1ACH001/func/sub-16766_ses-NOT1ACH001_task-rest_bold.nii.gz",
  "B0FieldIdentifier": "pepolar_fmap0",
  "TotalReadoutTime": 0.0574858,
  "EffectiveEchoSpacing": 0.000605113
}