{
	"Modality": "MR",
	"MagneticFieldStrength": 3,
	"ImagingFrequency": 123.259,
	"Manufacturer": "Siemens",
	"ManufacturersModelName": "Prisma",
	"InstitutionName": "Warneford Hospital",
	"InstitutionalDepartmentName": "BE3597",
	"InstitutionAddress": "Warneford Lane StreetNo,Oxford,District,GB,OX3 7JX",
	"DeviceSerialNumber": "66093",
	"StationName": "AWP66093",
	"BodyPartExamined": "BRAIN",
	"PatientPosition": "HFS",
	"SoftwareVersions": "syngo MR E11",
	"MRAcquisitionType": "2D",
	"SeriesDescription": "diff_AP_MPopt_MB3_50b1000_50b2000_8b0_lowflip",
	"ProtocolName": "diff_AP_MPopt_MB3_50b1000_50b2000_8b0_lowflip",
	"ScanningSequence": "EP",
	"SequenceVariant": "SK\\SS",
	"ScanOptions": "PFP\\FS",
	"SequenceName": "ep_b5#1",
	"ImageType": ["ORIGINAL", "PRIMARY", "DIFFUSION", "NONE", "MB", "ND", "MOSAIC"],
	"SeriesNumber": 12,
	"AcquisitionTime": "14:02:50.080000",
	"AcquisitionNumber": 1,
	"ImageComments": "Unaliased MB3/PE3 SENSE1",
	"SliceThickness": 2,
	"SpacingBetweenSlices": 2,
	"SAR": 0.0972714,
	"EchoTime": 0.092,
	"RepetitionTime": 3.6,
	"FlipAngle": 78,
	"PartialFourier": 0.75,
	"BaseResolution": 104,
	"ShimSetting": [
		4954,
		-11384,
		-1286,
		566,
		7,
		-84,
		27,
		5	],
	"DiffusionScheme": "Monopolar",
	"TxRefAmp": 245.283,
	"PhaseResolution": 1,
	"ReceiveCoilName": "HeadNeck_64",
	"ReceiveCoilActiveElements": "HC1-7",
	"PulseSequenceDetails": "%CustomerSeq%\\cmrr_mbep2d_diff",
	"WipMemBlock": "64026304-4148-4290-b71d-28c53567fa99||Sequence: R016 ve11c/master r/e634e98; Dec 19 2017 11:11:25 by eja",
	"CoilCombinationMethod": "Sum of Squares",
	"ConsistencyInfo": "N4_VE11C_LATEST_20160120",
	"MatrixCoilMode": "SENSE",
	"MultibandAccelerationFactor": 3,
	"PercentPhaseFOV": 100,
	"PercentSampling": 100,
	"EchoTrainLength": 78,
	"PhaseEncodingSteps": 78,
	"AcquisitionMatrixPE": 104,
	"ReconMatrixPE": 104,
	"BandwidthPerPixelPhaseEncode": 14.351,
	"EffectiveEchoSpacing": 0.000670015,
	"DerivedVendorReportedEchoSpacing": 0.000670015,
	"TotalReadoutTime": 0.0690115,
	"PixelBandwidth": 1780,
	"DwellTime": 2.7e-06,
	"PhaseEncodingDirection": "j-",
	"SliceTiming": [
		0,
		1.6425,
		3.2825,
		1.3425,
		2.985,
		1.045,
		2.685,
		0.7475,
		2.3875,
		0.4475,
		2.09,
		0.15,
		1.79,
		3.4325,
		1.4925,
		3.1325,
		1.195,
		2.835,
		0.895,
		2.5375,
		0.5975,
		2.2375,
		0.3,
		1.94,
		0,
		1.6425,
		3.2825,
		1.3425,
		2.985,
		1.045,
		2.685,
		0.7475,
		2.3875,
		0.4475,
		2.09,
		0.15,
		1.79,
		3.4325,
		1.4925,
		3.1325,
		1.195,
		2.835,
		0.895,
		2.5375,
		0.5975,
		2.2375,
		0.3,
		1.94,
		0,
		1.6425,
		3.2825,
		1.3425,
		2.985,
		1.045,
		2.685,
		0.7475,
		2.3875,
		0.4475,
		2.09,
		0.15,
		1.79,
		3.4325,
		1.4925,
		3.1325,
		1.195,
		2.835,
		0.895,
		2.5375,
		0.5975,
		2.2375,
		0.3,
		1.94	],
	"ImageOrientationPatientDICOM": [
		1,
		0,
		0,
		0,
		0.928486,
		-0.371368	],
	"ImageOrientationText": "Tra>Cor(-21.8)",
	"InPlanePhaseEncodingDirectionDICOM": "COL",
	"ConversionSoftware": "dcm2niix",
	"ConversionSoftwareVersion": "v1.0.20211006"
}
