{
  "Modality": "MR",
  "MagneticFieldStrength": 3,
  "ImagingFrequency": 127.805,
  "Manufacturer": "Philips",
  "ManufacturersModelName": "Achieva",
  "InstitutionName": "SPMMRC Nottingham",
  "InstitutionalDepartmentName": "MRI",
  "DeviceSerialNumber": "17057",
  "StationName": "PHILIPS-T6O3EHP",
  "BodyPartExamined": "BRAIN",
  "PatientPosition": "HFS",
  "ProcedureStepDescription": "FMHS 452 0122",
  "SoftwareVersions": "5.6.1\\5.6.1.1",
  "MRAcquisitionType": "3D",
  "SeriesDescription": "SWI_3mm_tra",
  "ProtocolName": "WIP SWI_3mm_tra",
  "ScanningSequence": "GR",
  "SequenceVariant": "SP",
  "ScanOptions": "FC",
  "ImageType": [
    "ORIGINAL",
    "PRIMARY",
    "PHASE MAP",
    "P",
    "FFE",
    "PHASE"
  ],
  "SeriesNumber": 1801,
  "AcquisitionTime": "15:33:30.440000",
  "AcquisitionNumber": 18,
  "PhilipsRWVSlope": 1.53455,
  "PhilipsRWVIntercept": -3142,
  "PhilipsRescaleSlope": 1.53455,
  "PhilipsRescaleIntercept": -3142,
  "PhilipsScaleSlope": 651.74,
  "UsePhilipsFloatNotDisplayScaling": 0,
  "SliceThickness": 3,
  "SpacingBetweenSlices": 3,
  "SAR": 0.0152063,
  "EchoNumber": 1,
  "EchoTime": 0.0094,
  "RepetitionTime": 0.027,
  "MTState": false,
  "SpoilingState": true,
  "SpoilingType": "COMBINED",
  "FlipAngle": 15,
  "CoilString": "MULTI COIL",
  "PercentPhaseFOV": 88.8889,
  "PercentSampling": 78.233,
  "EchoTrainLength": 2,
  "PhaseEncodingSteps": 286,
  "AcquisitionMatrixPE": 286,
  "ReconMatrixPE": 288,
  "ParallelReductionFactorInPlane": 2,
  "ParallelAcquisitionTechnique": "SENSE",
  "WaterFatShift": 2.93203,
  "EstimatedEffectiveEchoSpacing": 1.56737e-05,
  "EstimatedTotalReadoutTime": 0.00449834,
  "PixelBandwidth": 148,
  "PhaseEncodingAxis": "i",
  "ImageOrientationPatientDICOM": [
    0.997417,
    -0.0718208,
    0.000713451,
    0.0718243,
    0.997368,
    -0.00990762
  ],
  "InPlanePhaseEncodingDirectionDICOM": "ROW",
  "ConversionSoftware": "dcm2niix",
  "ConversionSoftwareVersion": "v1.0.20211006",
  "TotalReadoutTime": 0.00449834
}