{
    "MRAcquisitionType": "2D",
    "ScanOptions": "FS",
    "EstimatedTotalReadoutTime": 0.0743903,
    "SeriesNumber": 401,
    "UsePhilipsFloatNotDisplayScaling": 1,
    "InPlanePhaseEncodingDirectionDICOM": "COL",
    "ConversionSoftware": "dcm2niix",
    "ParallelAcquisitionTechnique": "MBSENSE",
    "BodyPartExamined": "BRAIN",
    "PhilipsScaleSlope": 0.0168477,
    "EstimatedEffectiveEchoSpacing": 0.000670183,
    "InstitutionalDepartmentName": "SPMIC",
    "FlipAngle": 90,
    "AcquisitionNumber": 4,
    "EffectiveEchoSpacing": 0.000670183,
    "ReconMatrixPE": 112,
    "PhaseEncodingDirection": "j",
    "SequenceVariant": "SK",
    "InstitutionAddress": "University Park",
    "ParallelReductionFactorInPlane": 1.5,
    "Modality": "MR",
    "AcquisitionTime": "15:36:46.680000",
    "PhaseEncodingAxis": "j",
    "ProcedureStepDescription": "H14082014/47",
    "StationName": "HOST-2ADB2S6FDM",
    "SliceThickness": 2,
    "SeriesDescription": "blip_DTI_Biobank_2mm_MB3S1p5_EPI",
    "PixelBandwidth": 1882.91,
    "ImageType": [
        "ORIGINAL",
        "PRIMARY",
        "DIFFUSION",
        "NONE"
    ],
    "WaterFatShift": 32.742,
    "PercentPhaseFOV": 100,
    "ProtocolName": "blip_DTI_Biobank_2mm_MB3S1p5_EPI",
    "PhilipsRescaleIntercept": 0,
    "SoftwareVersions": "5.6.1\\5.6.1.0",
    "ImageOrientationPatientDICOM": [
        0.999588,
        0.0202545,
        0.0203556,
        -0.0172328,
        0.990144,
        -0.138988
    ],
    "MTState": false,
    "PatientPosition": "HFS",
    "PercentSampling": 100,
    "ImagingFrequency": 127.749,
    "RepetitionTime": 4.031,
    "Manufacturer": "Philips",
    "DeviceSerialNumber": "71459",
    "EchoTrainLength": 75,
    "CoilString": "MULTI COIL",
    "InstitutionName": "Nottingham University",
    "TotalReadoutTime": 0.0743903,
    "PhaseEncodingStepsNoPartialFourier": 112,
    "ManufacturersModelName": "Ingenia",
    "PhilipsRescaleSlope": 2.30769,
    "ScanningSequence": "SE",
    "MagneticFieldStrength": 3,
    "SpacingBetweenSlices": 2,
    "AcquisitionMatrixPE": 112,
    "PartialFourierEnabled": "YES",
    "PartialFourierDirection": "PHASE",
    "EchoTime": 0.098,
    "ConversionSoftwareVersion": "v1.0.20211006",
    "ParallelReductionOutOfPlane": 3
}