{
    "ReconMatrixPE": 112,
    "PartialFourierDirection": "PHASE",
    "ParallelAcquisitionTechnique": "SENSE",
    "Modality": "MR",
    "EstimatedTotalReadoutTime": 0.0548389,
    "SpacingBetweenSlices": 2,
    "ScanOptions": "PFP",
    "SoftwareVersions": "5.3.1\\5.3.1.0",
    "AcquisitionMatrixPE": 110,
    "AcquisitionTime": "15:31:3.180000",
    "EffectiveEchoSpacing": 0.000494044,
    "MagneticFieldStrength": 3,
    "WaterFatShift": 24.2522,
    "ImageOrientationPatientDICOM": [
        0.999902,
        -0.00169943,
        -0.0138955,
        -0.00172434,
        0.970094,
        -0.242724
    ],
    "InPlanePhaseEncodingDirectionDICOM": "COL",
    "EstimatedEffectiveEchoSpacing": 0.000494044,
    "PhaseEncodingAxis": "j-",
    "UsePhilipsFloatNotDisplayScaling": 1,
    "PartialFourierEnabled": "YES",
    "MTState": false,
    "ConversionSoftwareVersion": "v1.0.20211006",
    "ProcedureStepDescription": "H1408201447",
    "AcquisitionNumber": 5,
    "StationName": "HOST-2ADB2S6FDM",
    "PhilipsRescaleSlope": 116.388,
    "PhaseEncodingDirection": "j-",
    "DeviceSerialNumber": "71459",
    "SeriesDescription": "DTI_Biobank_2mm_MB3S2_EPI",
    "ParallelReductionFactorInPlane": 2,
    "ManufacturersModelName": "Ingenia",
    "InstitutionName": "Nottingham University",
    "Manufacturer": "Philips",
    "PatientPosition": "HFS",
    "ScanningSequence": "SE",
    "PercentSampling": 100,
    "FlipAngle": 90,
    "PhilipsScaleSlope": 0.00508291,
    "ProtocolName": "DTI_Biobank_2mm_MB3S2_EPI",
    "BodyPartExamined": "BRAIN",
    "PhilipsRescaleIntercept": 0,
    "InstitutionalDepartmentName": "SPMIC",
    "EchoTrainLength": 55,
    "InstitutionAddress": "University Park",
    "PixelBandwidth": 1864.73,
    "ConversionSoftware": "dcm2niix",
    "PhaseEncodingStepsNoPartialFourier": 110,
    "ImagingFrequency": 127.749,
    "MRAcquisitionType": "2D",
    "TotalReadoutTime": 0.0548389,
    "SliceThickness": 2,
    "SeriesNumber": 501,
    "CoilString": "MULTI COIL",
    "SequenceVariant": "SK",
    "EchoTime": 0.089075,
    "PercentPhaseFOV": 100,
    "RepetitionTime": 4.00423,
    "ImageType": [
        "ORIGINAL",
        "PRIMARY",
        "DIFFUSION",
        "NONE"
    ]
}