{
    "ConversionSoftware": "dcm2niix",
    "AcquisitionMatrixPE": 95,
    "RepetitionTime": 2,
    "ScanOptions": "FS",
    "ProtocolName": "WIP blipA_rs-fmri_singleMB4_HF0.8",
    "MagneticFieldStrength": 3,
    "MTState": false,
    "WaterFatShift": 25.2426,
    "PhaseEncodingAxis": "j-",
    "SequenceVariant": "SK",
    "SeriesNumber": 1001,
    "ReconMatrixPE": 96,
    "SpacingBetweenSlices": 2.4,
    "MRAcquisitionType": "2D",
    "SliceThickness": 2.4,
    "CoilString": "MULTI COIL",
    "ParallelAcquisitionTechnique": "SENSE",
    "PixelBandwidth": 2391.73,
    "PhilipsRescaleSlope": 1.03199,
    "ManufacturersModelName": "Achieva",
    "ImagingFrequency": 127.805,
    "SoftwareVersions": "5.3.0\\5.3.0.3",
    "PatientPosition": "HFS",
    "PhilipsScaleSlope": 0.00264453,
    "ConversionSoftwareVersion": "v1.0.20211006",
    "EstimatedEffectiveEchoSpacing": 0.000605114,
    "ImageOrientationPatientDICOM": [
        0.999992,
        0.00359926,
        0.00141899,
        -0.00360149,
        0.999992,
        0.00156723
    ],
    "InPlanePhaseEncodingDirectionDICOM": "COL",
    "PhilipsRescaleIntercept": 0,
    "EstimatedTotalReadoutTime": 0.0574858,
    "PhaseEncodingSteps": 95,
    "FlipAngle": 80,
    "DeviceSerialNumber": "17057",
    "AcquisitionTime": "12:00:0.530000",
    "EchoTrainLength": 95,
    "EffectiveEchoSpacing": 0.000605114,
    "StationName": "PHILIPS-T6O3EHP",
    "IntendedFor": "ses-NOT1ACH001/func/sub-13192_ses-NOT1ACH001_task-rest_bold.nii.gz",
    "PercentSampling": 100,
    "EchoTime": 0.09,
    "B0FieldIdentifier": "pepolar_fmap0",
    "ScanningSequence": "SE",
    "SeriesDescription": "blipA_rs-fmri_singleMB4_HF0.8",
    "InstitutionalDepartmentName": "MRI",
    "ImageType": [
        "ORIGINAL",
        "PRIMARY",
        "T2",
        "NONE"
    ],
    "AcquisitionNumber": 10,
    "BodyPartExamined": "BRAIN",
    "PercentPhaseFOV": 100,
    "Manufacturer": "Philips",
    "PhaseEncodingDirection": "j-",
    "Modality": "MR",
    "InstitutionName": "SPMMRC Nottingham",
    "UsePhilipsFloatNotDisplayScaling": 1,
    "ProcedureStepDescription": "H14082014_47",
    "TotalReadoutTime": 0.0574858
}