{
    "MTState": false,
    "AcquisitionNumber": 9,
    "Manufacturer": "Philips",
    "StationName": "PHILIPS-T6O3EHP",
    "InstitutionalDepartmentName": "MRI",
    "SeriesDescription": "blipP_rs-fmri_singleMB4_HF0.8",
    "B0FieldIdentifier": "pepolar_fmap0",
    "ParallelAcquisitionTechnique": "SENSE",
    "PhilipsScaleSlope": 0.00162727,
    "InstitutionName": "SPMMRC Nottingham",
    "PhaseEncodingSteps": 95,
    "EchoTrainLength": 95,
    "UsePhilipsFloatNotDisplayScaling": 1,
    "ImageOrientationPatientDICOM": [
        0.999992,
        0.00359926,
        0.00141899,
        -0.00360149,
        0.999992,
        0.00156723
    ],
    "MRAcquisitionType": "2D",
    "ImageType": [
        "ORIGINAL",
        "PRIMARY",
        "T2",
        "NONE"
    ],
    "ManufacturersModelName": "Achieva",
    "TotalReadoutTime": 0.0574876,
    "ProtocolName": "WIP blipP_rs-fmri_singleMB4_HF0.8",
    "AcquisitionTime": "11:59:24.930000",
    "ReconMatrixPE": 96,
    "ImagingFrequency": 127.805,
    "SpacingBetweenSlices": 2.4,
    "ScanOptions": "FS",
    "BodyPartExamined": "BRAIN",
    "EchoTime": 0.09,
    "AcquisitionMatrixPE": 95,
    "SeriesNumber": 901,
    "PatientPosition": "HFS",
    "InPlanePhaseEncodingDirectionDICOM": "COL",
    "PercentSampling": 100,
    "EstimatedEffectiveEchoSpacing": 0.000605133,
    "PercentPhaseFOV": 100,
    "ProcedureStepDescription": "H14082014_47",
    "SliceThickness": 2.4,
    "PhilipsRescaleIntercept": 0,
    "Modality": "MR",
    "EffectiveEchoSpacing": 0.000605133,
    "EstimatedTotalReadoutTime": 0.0574876,
    "RepetitionTime": 2,
    "PixelBandwidth": 2339.41,
    "PhilipsRescaleSlope": 0.910379,
    "ScanningSequence": "SE",
    "SoftwareVersions": "5.3.0\\5.3.0.3",
    "ConversionSoftwareVersion": "v1.0.20211006",
    "PhaseEncodingDirection": "j",
    "SequenceVariant": "SK",
    "MagneticFieldStrength": 3,
    "IntendedFor": "ses-NOT1ACH001/func/sub-13192_ses-NOT1ACH001_task-rest_bold.nii.gz",
    "PhaseEncodingAxis": "j",
    "ConversionSoftware": "dcm2niix",
    "DeviceSerialNumber": "17057",
    "WaterFatShift": 25.2434,
    "CoilString": "MULTI COIL",
    "FlipAngle": 80
}