{
    "AcquisitionMatrixPE": 88,
    "PatientPosition": "HFS",
    "PhaseResolution": 1,
    "AcquisitionTime": "09:13:14.865000",
    "BandwidthPerPixelPhaseEncode": 17.756,
    "SequenceVariant": "SK\\SS",
    "ImageOrientationPatientDICOM": [
        0.998625,
        -0.00595194,
        0.0520863,
        0.019872,
        0.962367,
        -0.271026
    ],
    "DwellTime": 2.8e-06,
    "Modality": "MR",
    "MagneticFieldStrength": 3,
    "PulseSequenceDetails": "%CustomerSeq%\\cmrr_mbep2d_bold",
    "EchoTime": 0.039,
    "Manufacturer": "Siemens",
    "ReconMatrixPE": 88,
    "ConversionSoftware": "dcm2niix",
    "InstitutionName": "The John Radcliffe",
    "PhaseEncodingSteps": 88,
    "SliceThickness": 2.4,
    "DerivedVendorReportedEchoSpacing": 0.000639989,
    "ImageType": [
        "ORIGINAL",
        "PRIMARY",
        "M",
        "MB",
        "ND",
        "MOSAIC"
    ],
    "PercentPhaseFOV": 100,
    "FlipAngle": 52,
    "BaseResolution": 88,
    "CoilCombinationMethod": "Sum of Squares",
    "InstitutionalDepartmentName": "Department",
    "ReceiveCoilName": "Head_32",
    "PixelBandwidth": 2030,
    "ImageOrientationText": "Tra>Cor(-15.8)>Sag(2.8)",
    "ConversionSoftwareVersion": "v1.0.20211006",
    "TxRefAmp": 242.97,
    "SeriesNumber": 8,
    "TaskName": "rest",
    "SAR": 0.0544398,
    "InPlanePhaseEncodingDirectionDICOM": "COL",
    "MatrixCoilMode": "SENSE",
    "WipMemBlock": "39feda79-018a-45d5-b085-62e0cf7458ac||Sequence: R016 ve11c/master r/e634e98; Dec 19 2017 11:00:25 by eja",
    "RepetitionTime": 0.735,
    "MRAcquisitionType": "2D",
    "ScanningSequence": "EP",
    "SpacingBetweenSlices": 2.4,
    "EffectiveEchoSpacing": 0.000639989,
    "SoftwareVersions": "syngo MR E11",
    "BodyPartExamined": "HEAD",
    "ProtocolName": "MB8_FMRI_fov210_2.4mm_resting",
    "ImageComments": "Unaliased MB8/PE3 SENSE1",
    "InstitutionAddress": "Headley Way StreetNo,Oxford,District,GB,OX3 9DU",
    "SliceTiming": [
        0,
        0.2675,
        0.535,
        0.09,
        0.3575,
        0.625,
        0.1775,
        0.4475,
        0,
        0.2675,
        0.535,
        0.09,
        0.3575,
        0.625,
        0.1775,
        0.4475,
        0,
        0.2675,
        0.535,
        0.09,
        0.3575,
        0.625,
        0.1775,
        0.4475,
        0,
        0.2675,
        0.535,
        0.09,
        0.3575,
        0.625,
        0.1775,
        0.4475,
        0,
        0.2675,
        0.535,
        0.09,
        0.3575,
        0.625,
        0.1775,
        0.4475,
        0,
        0.2675,
        0.535,
        0.09,
        0.3575,
        0.625,
        0.1775,
        0.4475,
        0,
        0.2675,
        0.535,
        0.09,
        0.3575,
        0.625,
        0.1775,
        0.4475,
        0,
        0.2675,
        0.535,
        0.09,
        0.3575,
        0.625,
        0.1775,
        0.4475
    ],
    "ShimSetting": [
        351,
        -11524,
        1684,
        300,
        269,
        164,
        183,
        31
    ],
    "ImagingFrequency": 123.227,
    "TotalReadoutTime": 0.055679,
    "SeriesDescription": "MB8_FMRI_fov210_2.4mm_resting",
    "MultibandAccelerationFactor": 8,
    "PercentSampling": 100,
    "ConsistencyInfo": "N4_VE11C_LATEST_20160120",
    "DeviceSerialNumber": "66050",
    "PartialFourier": 1,
    "AcquisitionNumber": 1,
    "EchoTrainLength": 88,
    "PhaseEncodingDirection": "j-",
    "StationName": "AWP66050",
    "ScanOptions": "FS",
    "ManufacturersModelName": "Prisma",
    "ReceiveCoilActiveElements": "HEA;HEP",
    "SequenceName": "epfid2d1_88"
}