{
    "UsePhilipsFloatNotDisplayScaling": 1,
    "EchoTrainLength": 55,
    "InstitutionName": "SPMMRC Nottingham",
    "ConversionSoftwareVersion": "v1.0.20211006",
    "RepetitionTime": 10.0153,
    "ProtocolName": "WIP DTI_Biobank_2mm_S2_HS0.8_EPI",
    "PercentPhaseFOV": 100,
    "PartialFourierEnabled": "YES",
    "EstimatedEffectiveEchoSpacing": 0.000346897,
    "StationName": "PHILIPS-T6O3EHP",
    "ParallelAcquisitionTechnique": "SENSE",
    "PhaseEncodingAxis": "j",
    "SeriesDescription": "DTI_Biobank_2mm_S2_HS0.8_EPI",
    "ConversionSoftware": "dcm2niix",
    "ReconMatrixPE": 112,
    "EstimatedTotalReadoutTime": 0.0385055,
    "ScanOptions": "PFP",
    "PercentSampling": 100,
    "ImageOrientationPatientDICOM": [
        0.999913,
        0.00324717,
        -0.0128251,
        -0.00357895,
        0.999657,
        -0.0259321
    ],
    "ManufacturersModelName": "Achieva",
    "ProcedureStepDescription": "H14082014_47",
    "InstitutionalDepartmentName": "MRI",
    "ImageType": [
        "ORIGINAL",
        "PRIMARY",
        "DIFFUSION",
        "NONE"
    ],
    "EchoTime": 0.070438,
    "PhaseEncodingStepsNoPartialFourier": 110,
    "Manufacturer": "Philips",
    "SoftwareVersions": "5.3.0\\5.3.0.3",
    "PhaseEncodingDirection": "j",
    "PartialFourierDirection": "PHASE",
    "MRAcquisitionType": "2D",
    "SpacingBetweenSlices": 2,
    "SequenceVariant": "SK",
    "AcquisitionNumber": 5,
    "ParallelReductionFactorInPlane": 2,
    "PhilipsRescaleIntercept": 0,
    "DeviceSerialNumber": "17057",
    "PatientPosition": "HFS",
    "SeriesNumber": 501,
    "TotalReadoutTime": 0.0385055,
    "PhilipsScaleSlope": 0.000430394,
    "FlipAngle": 90,
    "ImagingFrequency": 127.805,
    "EffectiveEchoSpacing": 0.000346897,
    "MagneticFieldStrength": 3,
    "ScanningSequence": "SE",
    "AcquisitionMatrixPE": 110,
    "InPlanePhaseEncodingDirectionDICOM": "COL",
    "MTState": false,
    "WaterFatShift": 17.0362,
    "AcquisitionTime": "17:35:57.200000",
    "SliceThickness": 2,
    "PhilipsRescaleSlope": 6.01197,
    "BodyPartExamined": "BRAIN",
    "Modality": "MR",
    "CoilString": "MULTI COIL",
    "PixelBandwidth": 2973.1
}