{
    "ImageOrientationPatientDICOM": [
        0.999787,
        0.00969392,
        0.018227,
        2.04133e-08,
        0.882898,
        -0.469565
    ],
    "AcquisitionMatrixPE": 88,
    "SpacingBetweenSlices": 2.4,
    "MatrixCoilMode": "SENSE",
    "ImageOrientationText": "Tra>Cor(-28.0)>Sag(1.2)",
    "InstitutionalDepartmentName": "BE3597",
    "ConversionSoftware": "dcm2niix",
    "ImageType": [
        "ORIGINAL",
        "PRIMARY",
        "M",
        "MB",
        "ND",
        "MOSAIC"
    ],
    "SequenceVariant": "SK\\SS",
    "PercentSampling": 100,
    "ReceiveCoilName": "HeadNeck_64",
    "DeviceSerialNumber": "66093",
    "ReconMatrixPE": 88,
    "BaseResolution": 88,
    "DwellTime": 2.8e-06,
    "ShimSetting": [
        4975,
        -11395,
        -1338,
        493,
        31,
        -53,
        -92,
        19
    ],
    "PixelBandwidth": 2030,
    "ImagingFrequency": 123.259,
    "Manufacturer": "Siemens",
    "CoilCombinationMethod": "Sum of Squares",
    "ConversionSoftwareVersion": "v1.0.20211006",
    "DerivedVendorReportedEchoSpacing": 0.000639989,
    "FlipAngle": 52,
    "PartialFourier": 1,
    "PercentPhaseFOV": 100,
    "AcquisitionTime": "16:16:12.375000",
    "SliceTiming": [
        0,
        0.2675,
        0.535,
        0.0875,
        0.3575,
        0.625,
        0.1775,
        0.445,
        0,
        0.2675,
        0.535,
        0.0875,
        0.3575,
        0.625,
        0.1775,
        0.445,
        0,
        0.2675,
        0.535,
        0.0875,
        0.3575,
        0.625,
        0.1775,
        0.445,
        0,
        0.2675,
        0.535,
        0.0875,
        0.3575,
        0.625,
        0.1775,
        0.445,
        0,
        0.2675,
        0.535,
        0.0875,
        0.3575,
        0.625,
        0.1775,
        0.445,
        0,
        0.2675,
        0.535,
        0.0875,
        0.3575,
        0.625,
        0.1775,
        0.445,
        0,
        0.2675,
        0.535,
        0.0875,
        0.3575,
        0.625,
        0.1775,
        0.445,
        0,
        0.2675,
        0.535,
        0.0875,
        0.3575,
        0.625,
        0.1775,
        0.445
    ],
    "ConsistencyInfo": "N4_VE11C_LATEST_20160120",
    "AcquisitionNumber": 1,
    "InPlanePhaseEncodingDirectionDICOM": "COL",
    "StationName": "AWP66093",
    "ReceiveCoilActiveElements": "HC1-7",
    "BandwidthPerPixelPhaseEncode": 17.756,
    "PhaseResolution": 1,
    "SeriesDescription": "MB8_FMRI_fov210_2.4mm_resting",
    "ProtocolName": "MB8_FMRI_fov210_2.4mm_resting",
    "ImageComments": "Unaliased MB8/PE3 SENSE1",
    "TaskName": "rest",
    "SAR": 0.0600466,
    "SoftwareVersions": "syngo MR E11",
    "PhaseEncodingDirection": "j-",
    "PulseSequenceDetails": "%CustomerSeq%\\cmrr_mbep2d_bold",
    "EchoTime": 0.039,
    "Modality": "MR",
    "MagneticFieldStrength": 3,
    "SeriesNumber": 6,
    "BodyPartExamined": "BRAIN",
    "InstitutionAddress": "Warneford Lane StreetNo,Oxford,District,GB,OX3 7JX",
    "ManufacturersModelName": "Prisma",
    "PhaseEncodingSteps": 88,
    "ScanningSequence": "EP",
    "TxRefAmp": 248.808,
    "MRAcquisitionType": "2D",
    "TotalReadoutTime": 0.055679,
    "EffectiveEchoSpacing": 0.000639989,
    "SliceThickness": 2.4,
    "MultibandAccelerationFactor": 8,
    "PatientPosition": "HFS",
    "WipMemBlock": "b76a0729-9b57-417d-b876-c0b0b265af46||Sequence: R016 ve11c/master r/e634e98; Dec 19 2017 11:00:25 by eja",
    "EchoTrainLength": 88,
    "InstitutionName": "Warneford Hospital",
    "SequenceName": "epfid2d1_88",
    "RepetitionTime": 0.735,
    "ScanOptions": "FS"
}