{
	"Modality": "MR",
	"MagneticFieldStrength": 3,
	"ImagingFrequency": 123.172,
	"Manufacturer": "Siemens",
	"ManufacturersModelName": "TrioTim",
	"InstitutionName": "ocmr",
	"InstitutionalDepartmentName": "OCMR2",
	"InstitutionAddress": "Headley Way sfd,Oxford,Southeast,GB,OX3 9UE",
	"DeviceSerialNumber": "35031",
	"StationName": "MRC35031",
	"PatientPosition": "HFS",
	"ProcedureStepDescription": "neuro^N18",
	"SoftwareVersions": "syngo MR B17",
	"MRAcquisitionType": "3D",
	"SeriesDescription": "SWI_3mm_Updated_v1.1",
	"ProtocolName": "SWI_3mm_Updated_v1.1",
	"ScanningSequence": "GR",
	"SequenceVariant": "SP",
	"ScanOptions": "PFP",
	"SequenceName": "*fl3d2r",
	"ImageType": ["ORIGINAL", "PRIMARY", "M", "ND"],
	"SeriesNumber": 13,
	"AcquisitionTime": "09:44:3.387500",
	"AcquisitionNumber": 1,
	"SliceThickness": 3,
	"SAR": 0.0233198,
	"EchoNumber": 1,
	"EchoTime": 0.00942,
	"RepetitionTime": 0.027,
	"FlipAngle": 15,
	"PartialFourier": 0.875,
	"BaseResolution": 320,
	"ShimSetting": [
		-1644,
		-11258,
		7650,
		1080,
		279,
		397,
		279,
		62	],
	"TxRefAmp": 311.061,
	"PhaseResolution": 1,
	"ReceiveCoilName": "32Ch_Head",
	"CoilString": "H4",
	"PulseSequenceDetails": "%SiemensSeq%\\gre",
	"RefLinesPE": 24,
	"CoilCombinationMethod": "Sum of Squares",
	"MatrixCoilMode": "GRAPPA",
	"PercentPhaseFOV": 87.5,
	"PercentSampling": 100,
	"PhaseEncodingSteps": 244,
	"AcquisitionMatrixPE": 280,
	"ReconMatrixPE": 280,
	"ParallelReductionFactorInPlane": 2,
	"PixelBandwidth": 140,
	"DwellTime": 1.12e-05,
	"ImageOrientationPatientDICOM": [
		1,
		-1.93458e-10,
		6.81274e-11,
		2.05103e-10,
		0.943223,
		-0.332161	],
	"ImageOrientationText": "Tra>Cor(-19.4)",
	"InPlanePhaseEncodingDirectionDICOM": "ROW",
	"ConversionSoftware": "dcm2niix",
	"ConversionSoftwareVersion": "v1.0.20211006"
}
