{
	"Modality": "MR",
	"MagneticFieldStrength": 3,
	"ImagingFrequency": 127.716,
	"Manufacturer": "GE",
	"ManufacturersModelName": "SIGNA Premier",
	"InstitutionName": "Nottingham Medical School",
	"DeviceSerialNumber": "00000000269MRS04",
	"StationName": "MR01DV01",
	"BodyPartExamined": "BRAIN",
	"PatientPosition": "HFS",
	"ProcedureStepDescription": "FHMS4520122",
	"SoftwareVersions": "29\\LX\\RX29.1_R02_2131.a",
	"MRAcquisitionType": "3D",
	"SeriesDescription": "SWI_0.8x0.8x3mm",
	"ProtocolName": "SW_NHarmony",
	"ScanningSequence": "RM",
	"SequenceVariant": "NONE",
	"ScanOptions": "EDR_GEMS\\FILTERED_GEMS\\ACC_GEMS\\PFP",
	"ImageType": ["ORIGINAL", "PRIMARY", "OTHER", "REAL"],
	"SeriesNumber": 8,
	"AcquisitionTime": "15:41:26.000000",
	"AcquisitionNumber": 1,
	"SliceThickness": 3,
	"SpacingBetweenSlices": 3,
	"SAR": 0.0645974,
	"EchoNumber": 1,
	"EchoTime": 0.004696,
	"RepetitionTime": 0.034236,
	"FlipAngle": 15,
	"CoilString": "48HAP",
	"PercentPhaseFOV": 87,
	"PercentSampling": 84.2796,
	"AcquisitionMatrixPE": 288,
	"ReconMatrixPE": 512,
	"ParallelReductionFactorInPlane": 1.98859,
	"PixelBandwidth": 75.1172,
	"ImageOrientationPatientDICOM": [
		0.987682,
		0.148922,
		-0.0480187,
		-0.151481,
		0.986932,
		-0.0549528	],
	"InPlanePhaseEncodingDirectionDICOM": "ROW",
	"ConversionSoftware": "dcm2niix",
	"ConversionSoftwareVersion": "v1.0.20211006"
}
