{
  "Modality": "MR",
  "MagneticFieldStrength": 3,
  "ImagingFrequency": 127.749,
  "Manufacturer": "Philips",
  "ManufacturersModelName": "Ingenia",
  "InstitutionName": "Nottingham University",
  "InstitutionalDepartmentName": "SPMIC",
  "InstitutionAddress": "University Park",
  "DeviceSerialNumber": "71459",
  "StationName": "HOST-2ADB2S6FDM",
  "BodyPartExamined": "BRAIN",
  "PatientPosition": "HFS",
  "ProcedureStepDescription": "FMHS4520122",
  "SoftwareVersions": "5.9.0\\5.9.0.0",
  "MRAcquisitionType": "2D",
  "SeriesDescription": "rs-fmri_singleMB4",
  "ProtocolName": "rs-fmri_singleMB4",
  "ScanningSequence": "GR",
  "SequenceVariant": "SK",
  "ScanOptions": "FS",
  "ImageType": [
    "ORIGINAL",
    "PRIMARY",
    "M",
    "FFE",
    "M",
    "FFE"
  ],
  "SeriesNumber": 801,
  "AcquisitionTime": "14:57:34.630000",
  "AcquisitionNumber": 8,
  "PhilipsRWVSlope": 0.7663,
  "PhilipsRWVIntercept": 0,
  "PhilipsRescaleSlope": 0.7663,
  "PhilipsRescaleIntercept": 0,
  "PhilipsScaleSlope": 0.0733291,
  "UsePhilipsFloatNotDisplayScaling": 0,
  "FrameTimesStart": [
    0,
    1.45,
    2.9,
    4.35,
    5.8,
    7.25,
    8.7,
    10.15,
    11.6,
    13.05,
    14.5,
    15.95,
    17.4,
    18.85,
    20.3,
    21.75,
    23.2,
    24.65,
    26.1,
    27.55,
    29,
    30.45,
    31.9,
    33.35,
    34.8,
    36.25,
    37.7,
    39.15,
    40.6,
    42.05,
    43.5,
    44.95,
    46.4,
    47.85,
    49.3,
    50.75,
    52.2,
    53.65,
    55.1,
    56.55,
    58,
    59.45,
    60.9,
    62.35,
    63.8,
    65.25,
    66.7,
    68.15,
    69.6,
    71.05,
    72.5,
    73.95,
    75.4,
    76.85,
    78.3,
    79.75,
    81.2,
    82.65,
    84.1,
    85.55,
    87,
    88.45,
    89.9,
    91.35,
    92.8,
    94.25,
    95.7,
    97.15,
    98.6,
    100.05,
    101.5,
    102.95,
    104.4,
    105.85,
    107.3,
    108.75,
    110.2,
    111.65,
    113.1,
    114.55,
    116,
    117.45,
    118.9,
    120.35,
    121.8,
    123.25,
    124.7,
    126.15,
    127.6,
    129.05,
    130.5,
    131.95,
    133.4,
    134.85,
    136.3,
    137.75,
    139.2,
    140.65,
    142.1,
    143.55,
    145,
    146.45,
    147.9,
    149.35,
    150.8,
    152.25,
    153.7,
    155.15,
    156.6,
    158.05,
    159.5,
    160.95,
    162.4,
    163.85,
    165.3,
    166.75,
    168.2,
    169.65,
    171.1,
    172.55,
    174,
    175.45,
    176.9,
    178.35,
    179.8,
    181.25,
    182.7,
    184.15,
    185.6,
    187.05,
    188.5,
    189.95,
    192.85,
    194.3,
    195.75,
    197.2,
    198.65,
    200.1,
    201.55,
    203,
    204.45,
    205.9,
    207.35,
    208.8,
    210.25,
    211.7,
    213.15,
    214.6,
    216.05,
    217.5,
    218.95,
    220.4,
    221.85,
    223.3,
    224.75,
    226.2,
    227.65,
    229.1,
    230.55,
    232,
    233.45,
    234.9,
    236.35,
    237.8,
    239.25,
    240.7,
    242.15,
    243.6,
    245.05,
    246.5,
    247.95,
    249.4,
    250.85,
    252.3,
    253.75,
    255.2,
    256.65,
    258.1,
    259.55,
    261,
    262.45,
    263.9,
    265.35,
    266.8,
    268.25,
    269.7,
    271.15,
    272.6,
    274.05,
    275.5,
    276.95,
    278.4,
    279.85,
    281.3,
    282.75,
    284.2,
    285.65,
    287.1,
    288.55,
    290,
    291.45,
    292.9,
    294.35,
    295.8,
    297.25,
    298.7,
    300.15,
    301.6,
    303.05,
    304.5,
    305.95,
    307.4,
    308.85,
    310.3,
    311.75,
    313.2,
    314.65,
    316.1,
    317.55,
    319,
    320.45,
    321.9,
    323.35,
    324.8,
    326.25,
    327.7,
    329.15,
    330.6,
    332.05,
    333.5,
    334.95,
    336.4,
    337.85,
    339.3,
    340.75,
    342.2,
    343.65,
    345.1,
    346.55,
    348,
    349.45,
    350.9,
    352.35,
    353.8,
    355.25,
    356.7,
    358.15,
    359.6,
    361.05,
    362.5,
    363.95,
    365.4,
    366.85,
    368.3,
    369.75,
    371.2,
    372.65,
    374.1,
    375.55,
    377,
    378.45,
    379.9,
    381.35,
    382.8,
    384.25,
    385.7,
    387.15,
    388.6,
    390.05,
    391.5,
    392.95,
    394.4,
    395.85,
    397.3,
    398.75,
    400.2,
    401.65,
    403.1,
    404.55,
    406,
    407.45,
    408.9,
    410.35,
    411.8,
    413.25,
    414.7,
    416.15,
    417.6,
    419.05,
    420.5,
    421.95,
    423.4,
    424.85,
    426.3,
    427.75,
    429.2,
    430.65,
    432.1,
    433.55,
    435,
    436.45,
    437.9,
    439.35,
    440.8,
    442.25,
    443.7,
    445.15,
    446.6,
    448.05,
    449.5,
    450.95,
    452.4,
    453.85,
    455.3,
    456.75,
    458.2,
    459.65,
    461.1,
    462.55,
    464,
    465.45,
    466.9,
    468.35,
    469.8,
    471.25,
    472.7,
    474.15,
    475.6,
    477.05,
    478.5,
    479.95,
    481.4,
    482.85,
    484.3,
    485.75,
    487.2,
    488.65,
    490.1,
    491.55,
    493,
    494.45,
    495.9,
    497.35,
    498.8,
    500.25,
    501.7,
    503.15,
    504.6,
    506.05,
    507.5,
    508.95,
    510.4,
    511.85,
    513.3,
    514.75,
    516.2,
    517.65,
    519.1,
    520.55,
    522,
    523.45,
    524.9,
    526.35,
    527.8,
    529.25,
    530.7,
    532.15,
    533.6,
    535.05,
    536.5,
    537.95,
    539.4,
    540.85,
    542.3,
    543.75,
    545.2,
    546.65,
    548.1,
    549.55,
    551,
    552.45,
    553.9,
    555.35,
    556.8,
    558.25,
    559.7,
    561.15,
    562.6,
    564.05,
    565.5,
    566.95,
    568.4,
    569.85,
    571.3,
    572.75,
    574.2,
    575.65,
    577.1,
    578.55
  ],
  "SliceThickness": 2.4,
  "SpacingBetweenSlices": 2.4,
  "SAR": 0.0740899,
  "EchoTime": 0.039,
  "RepetitionTime": 1.45,
  "MTState": false,
  "FlipAngle": 71,
  "CoilString": "MULTI COIL",
  "PercentPhaseFOV": 100,
  "PercentSampling": 100,
  "EchoTrainLength": 63,
  "PhaseEncodingSteps": 95,
  "AcquisitionMatrixPE": 95,
  "ReconMatrixPE": 96,
  "ParallelReductionFactorInPlane": 1.5,
  "ParallelAcquisitionTechnique": "MBSENSE",
  "ParallelReductionOutOfPlane": 4,
  "WaterFatShift": 17.0847,
  "EstimatedEffectiveEchoSpacing": 0.000407577,
  "EstimatedTotalReadoutTime": 0.0387198,
  "PixelBandwidth": 2256,
  "PhaseEncodingAxis": "j",
  "ImageOrientationPatientDICOM": [
    0.998621,
    -0.0429297,
    0.0302078,
    0.0467348,
    0.989155,
    -0.139243
  ],
  "InPlanePhaseEncodingDirectionDICOM": "COL",
  "ConversionSoftware": "dcm2niix",
  "ConversionSoftwareVersion": "v1.0.20211006",
  "PhaseEncodingDirection": "j",
  "EffectiveEchoSpacing": 0.000407577,
  "B0FieldSource": "pepolar_fmap0",
  "TaskName": "rest",
  "TotalReadoutTime": 0.0387198
}