{
    "PulseSequenceDetails": "%CustomerSeq%\\cmrr_mbep2d_diff",
    "InstitutionName": "ocmr",
    "PhaseEncodingSteps": 78,
    "ShimSetting": [
        -1655,
        -11272,
        7707,
        1223,
        236,
        356,
        309,
        16
    ],
    "InstitutionalDepartmentName": "OCMR2",
    "MatrixCoilMode": "SENSE",
    "CoilCombinationMethod": "Sum of Squares",
    "DiffusionScheme": "Monopolar",
    "SeriesDescription": "diff_AP_MPopt_MB3_50b1000_50b2000_8b0_lowflip",
    "AcquisitionMatrixPE": 104,
    "BandwidthPerPixelPhaseEncode": 13.935,
    "DerivedVendorReportedEchoSpacing": 0.000690017,
    "InPlanePhaseEncodingDirectionDICOM": "COL",
    "ConversionSoftware": "dcm2niix",
    "FlipAngle": 78,
    "SliceTiming": [
        0,
        1.655,
        3.3125,
        1.355,
        3.0125,
        1.055,
        2.71,
        0.7525,
        2.41,
        0.4525,
        2.1075,
        0.15,
        1.8075,
        3.4625,
        1.505,
        3.1625,
        1.205,
        2.86,
        0.9025,
        2.56,
        0.6025,
        2.2575,
        0.3,
        1.9575,
        0,
        1.655,
        3.3125,
        1.355,
        3.0125,
        1.055,
        2.71,
        0.7525,
        2.41,
        0.4525,
        2.1075,
        0.15,
        1.8075,
        3.4625,
        1.505,
        3.1625,
        1.205,
        2.86,
        0.9025,
        2.56,
        0.6025,
        2.2575,
        0.3,
        1.9575,
        0,
        1.655,
        3.3125,
        1.355,
        3.0125,
        1.055,
        2.71,
        0.7525,
        2.41,
        0.4525,
        2.1075,
        0.15,
        1.8075,
        3.4625,
        1.505,
        3.1625,
        1.205,
        2.86,
        0.9025,
        2.56,
        0.6025,
        2.2575,
        0.3,
        1.9575
    ],
    "MagneticFieldStrength": 3,
    "ImageOrientationPatientDICOM": [
        0.999246,
        -0.00985781,
        -0.0375456,
        -4.72851e-08,
        0.967218,
        -0.253949
    ],
    "PixelBandwidth": 1781,
    "RepetitionTime": 3.6,
    "SAR": 0.168524,
    "EchoTime": 0.0964,
    "PatientPosition": "HFS",
    "TotalReadoutTime": 0.0710717,
    "ReceiveCoilName": "32Ch_Head",
    "ImageComments": "Unaliased MB3/PE3 SENSE1",
    "ManufacturersModelName": "TrioTim",
    "SoftwareVersions": "syngo MR B17",
    "SequenceVariant": "SK\\SS",
    "CoilString": "C:HEA;HEP",
    "ProcedureStepDescription": "neuro^N18",
    "ImageOrientationText": "Tra>Cor(-14.7)>Sag(-2.2)",
    "PercentSampling": 100,
    "SequenceName": "ep_b5#1",
    "ScanOptions": "PFP\\FS",
    "ScanningSequence": "EP",
    "MRAcquisitionType": "2D",
    "MultibandAccelerationFactor": 3,
    "InstitutionAddress": "Headley Way sfd,Oxford,Southeast,GB,OX3 9UE",
    "EffectiveEchoSpacing": 0.000690017,
    "StationName": "MRC35031",
    "ConversionSoftwareVersion": "v1.0.20211006",
    "AcquisitionNumber": 1,
    "DeviceSerialNumber": "35031",
    "ImagingFrequency": 123.172,
    "PercentPhaseFOV": 100,
    "SeriesNumber": 12,
    "ReconMatrixPE": 104,
    "DwellTime": 2.7e-06,
    "PartialFourier": 0.75,
    "BaseResolution": 104,
    "TxRefAmp": 310.534,
    "ImageType": [
        "ORIGINAL",
        "PRIMARY",
        "DIFFUSION",
        "NONE",
        "MB",
        "ND",
        "MOSAIC"
    ],
    "ProtocolName": "diff_AP_MPopt_MB3_50b1000_50b2000_8b0_lowflip",
    "PhaseEncodingDirection": "j-",
    "AcquisitionTime": "11:14:11.797500",
    "Modality": "MR",
    "PhaseResolution": 1,
    "Manufacturer": "Siemens",
    "SpacingBetweenSlices": 2,
    "SliceThickness": 2
}