{
    "ReceiveCoilActiveElements": "HEA;HEP",
    "EchoTrainLength": 78,
    "BodyPartExamined": "HEAD",
    "MultibandAccelerationFactor": 3,
    "ConsistencyInfo": "N4_VE11C_LATEST_20160120",
    "ConversionSoftware": "dcm2niix",
    "SeriesDescription": "diff_AP_MPopt_MB3_50b1000_50b2000_8b0_lowflip",
    "AcquisitionTime": "10:42:12.075000",
    "MRAcquisitionType": "2D",
    "AcquisitionMatrixPE": 104,
    "MagneticFieldStrength": 3,
    "BandwidthPerPixelPhaseEncode": 14.351,
    "SAR": 0.087189,
    "SeriesNumber": 14,
    "ReceiveCoilName": "Head_32",
    "ImageType": [
        "ORIGINAL",
        "PRIMARY",
        "DIFFUSION",
        "NONE",
        "MB",
        "ND",
        "MOSAIC"
    ],
    "InstitutionName": "The John Radcliffe",
    "InstitutionAddress": "Headley Way StreetNo,Oxford,District,GB,OX3 9DU",
    "RepetitionTime": 3.6,
    "MatrixCoilMode": "SENSE",
    "PatientPosition": "HFS",
    "ProtocolName": "diff_AP_MPopt_MB3_50b1000_50b2000_8b0_lowflip",
    "BaseResolution": 104,
    "StationName": "AWP66050",
    "ImageOrientationText": "Tra>Cor(-17.9)>Sag(1.3)",
    "ImagingFrequency": 123.256,
    "SpacingBetweenSlices": 2,
    "SequenceVariant": "SK\\SS",
    "ImageComments": "Unaliased MB3/PE3 SENSE1",
    "PhaseEncodingDirection": "j-",
    "DeviceSerialNumber": "66050",
    "Modality": "MR",
    "DerivedVendorReportedEchoSpacing": 0.000670015,
    "PartialFourier": 0.75,
    "AcquisitionNumber": 1,
    "PercentPhaseFOV": 100,
    "ShimSetting": [
        319,
        -11463,
        1693,
        488,
        82,
        183,
        132,
        12
    ],
    "FlipAngle": 78,
    "SoftwareVersions": "syngo MR E11",
    "PixelBandwidth": 1780,
    "EffectiveEchoSpacing": 0.000670015,
    "Manufacturer": "Siemens",
    "TxRefAmp": 245.525,
    "CoilCombinationMethod": "Sum of Squares",
    "DwellTime": 2.7e-06,
    "InstitutionalDepartmentName": "Department",
    "PercentSampling": 100,
    "PhaseResolution": 1,
    "DiffusionScheme": "Monopolar",
    "SliceThickness": 2,
    "TotalReadoutTime": 0.0690115,
    "SliceTiming": [
        0,
        1.64,
        3.2825,
        1.3425,
        2.9825,
        1.045,
        2.685,
        0.745,
        2.3875,
        0.4475,
        2.0875,
        0.15,
        1.79,
        3.43,
        1.4925,
        3.1325,
        1.1925,
        2.835,
        0.895,
        2.535,
        0.5975,
        2.2375,
        0.2975,
        1.94,
        0,
        1.64,
        3.2825,
        1.3425,
        2.9825,
        1.045,
        2.685,
        0.745,
        2.3875,
        0.4475,
        2.0875,
        0.15,
        1.79,
        3.43,
        1.4925,
        3.1325,
        1.1925,
        2.835,
        0.895,
        2.535,
        0.5975,
        2.2375,
        0.2975,
        1.94,
        0,
        1.64,
        3.2825,
        1.3425,
        2.9825,
        1.045,
        2.685,
        0.745,
        2.3875,
        0.4475,
        2.0875,
        0.15,
        1.79,
        3.43,
        1.4925,
        3.1325,
        1.1925,
        2.835,
        0.895,
        2.535,
        0.5975,
        2.2375,
        0.2975,
        1.94
    ],
    "WipMemBlock": "d0485555-ec99-418d-97e2-799fc9657f7d||Sequence: R016 ve11c/master r/e634e98; Dec 19 2017 11:11:25 by eja",
    "SequenceName": "ep_b5#1",
    "ConversionSoftwareVersion": "v1.0.20211006",
    "ManufacturersModelName": "Prisma",
    "ScanningSequence": "EP",
    "ImageOrientationPatientDICOM": [
        0.999262,
        0.0365963,
        0.0117002,
        -0.0312285,
        0.95102,
        -0.307547
    ],
    "ScanOptions": "PFP\\FS",
    "ReconMatrixPE": 104,
    "EchoTime": 0.092,
    "PhaseEncodingSteps": 78,
    "PulseSequenceDetails": "%CustomerSeq%\\cmrr_mbep2d_diff",
    "InPlanePhaseEncodingDirectionDICOM": "COL"
}