{
    "PhaseResolution": 1,
    "EchoTime": 0.039,
    "ProtocolName": "MB8_FMRI_fov210_2.4mm_resting",
    "SequenceName": "epfid2d1_88",
    "MagneticFieldStrength": 3,
    "ImagingFrequency": 123.26,
    "InstitutionAddress": "Warneford Lane StreetNo,Oxford,District,GB,OX3 7JX",
    "StationName": "AWP66093",
    "RepetitionTime": 0.735,
    "PatientPosition": "HFS",
    "SeriesNumber": 6,
    "TotalReadoutTime": 0.055679,
    "ReconMatrixPE": 88,
    "PercentPhaseFOV": 100,
    "DerivedVendorReportedEchoSpacing": 0.000639989,
    "TaskName": "rest",
    "DeviceSerialNumber": "66093",
    "PixelBandwidth": 2030,
    "DwellTime": 2.8e-06,
    "ShimSetting": [
        4955,
        -11361,
        -1336,
        481,
        -40,
        -140,
        -19,
        58
    ],
    "ImageOrientationText": "Tra>Cor(-15.8)>Sag(0.2)",
    "AcquisitionMatrixPE": 88,
    "SpacingBetweenSlices": 2.4,
    "FlipAngle": 52,
    "ConsistencyInfo": "N4_VE11C_LATEST_20160120",
    "InPlanePhaseEncodingDirectionDICOM": "COL",
    "MatrixCoilMode": "SENSE",
    "BaseResolution": 88,
    "WipMemBlock": "1a608e6c-b5f2-4e17-a9a3-dd833332378d||Sequence: R016 ve11c/master r/e634e98; Dec 19 2017 11:00:25 by eja",
    "ScanningSequence": "EP",
    "PulseSequenceDetails": "%CustomerSeq%\\cmrr_mbep2d_bold",
    "ImageType": [
        "ORIGINAL",
        "PRIMARY",
        "M",
        "MB",
        "ND",
        "MOSAIC"
    ],
    "TxRefAmp": 269.666,
    "PartialFourier": 1,
    "CoilCombinationMethod": "Sum of Squares",
    "SliceTiming": [
        0,
        0.2675,
        0.535,
        0.0875,
        0.355,
        0.625,
        0.1775,
        0.445,
        0,
        0.2675,
        0.535,
        0.0875,
        0.355,
        0.625,
        0.1775,
        0.445,
        0,
        0.2675,
        0.535,
        0.0875,
        0.355,
        0.625,
        0.1775,
        0.445,
        0,
        0.2675,
        0.535,
        0.0875,
        0.355,
        0.625,
        0.1775,
        0.445,
        0,
        0.2675,
        0.535,
        0.0875,
        0.355,
        0.625,
        0.1775,
        0.445,
        0,
        0.2675,
        0.535,
        0.0875,
        0.355,
        0.625,
        0.1775,
        0.445,
        0,
        0.2675,
        0.535,
        0.0875,
        0.355,
        0.625,
        0.1775,
        0.445,
        0,
        0.2675,
        0.535,
        0.0875,
        0.355,
        0.625,
        0.1775,
        0.445
    ],
    "PhaseEncodingSteps": 88,
    "InstitutionalDepartmentName": "BE3597",
    "EchoTrainLength": 88,
    "MRAcquisitionType": "2D",
    "SoftwareVersions": "syngo MR E11",
    "SeriesDescription": "MB8_FMRI_fov210_2.4mm_resting",
    "AcquisitionTime": "11:21:32.077500",
    "PercentSampling": 100,
    "AcquisitionNumber": 1,
    "ScanOptions": "FS",
    "ManufacturersModelName": "Prisma",
    "ImageComments": "Unaliased MB8/PE3 SENSE1",
    "PhaseEncodingDirection": "j-",
    "Manufacturer": "Siemens",
    "ConversionSoftware": "dcm2niix",
    "MultibandAccelerationFactor": 8,
    "BodyPartExamined": "BRAIN",
    "ConversionSoftwareVersion": "v1.0.20211006",
    "SequenceVariant": "SK\\SS",
    "ReceiveCoilActiveElements": "HC1-7",
    "ReceiveCoilName": "HeadNeck_64",
    "ImageOrientationPatientDICOM": [
        0.999994,
        0.000950379,
        0.00335877,
        5.55778e-08,
        0.962218,
        -0.27228
    ],
    "SAR": 0.061471,
    "BandwidthPerPixelPhaseEncode": 17.756,
    "SliceThickness": 2.4,
    "EffectiveEchoSpacing": 0.000639989,
    "InstitutionName": "Warneford Hospital",
    "Modality": "MR"
}