{
    "ProtocolName": "WIP rs-fmri_singleMB6",
    "PhilipsRWVIntercept": 0,
    "AcquisitionNumber": 7,
    "PercentPhaseFOV": 100,
    "B0FieldSource": "pepolar_fmap0",
    "AcquisitionTime": "15:49:46.490000",
    "ImageOrientationPatientDICOM": [
        0.999538,
        0.0119298,
        0.0279414,
        -0.0119465,
        0.999929,
        0.000430713
    ],
    "ImagingFrequency": 127.749,
    "WaterFatShift": 17.9688,
    "ManufacturersModelName": "Ingenia",
    "SpacingBetweenSlices": 2.4,
    "PhilipsRWVSlope": 0.854457,
    "EffectiveEchoSpacing": 0.000428665,
    "SeriesNumber": 701,
    "PhaseEncodingAxis": "j-",
    "FlipAngle": 52,
    "SoftwareVersions": "5.6.1\\5.6.1.0",
    "MagneticFieldStrength": 3,
    "PhaseEncodingSteps": 95,
    "BodyPartExamined": "BRAIN",
    "InstitutionAddress": "University Park",
    "InstitutionalDepartmentName": "SPMIC",
    "SAR": 0.0722266,
    "Modality": "MR",
    "ConversionSoftwareVersion": "v1.0.20211006",
    "ScanningSequence": "GR",
    "ParallelAcquisitionTechnique": "MBSENSE",
    "MRAcquisitionType": "2D",
    "UsePhilipsFloatNotDisplayScaling": 1,
    "ScanOptions": "FS",
    "TotalReadoutTime": 0.0407232,
    "SequenceVariant": "SK",
    "DeviceSerialNumber": "71459",
    "StationName": "HOST-2ADB2S6FDM",
    "SeriesDescription": "rs-fmri_singleMB6",
    "PercentSampling": 100,
    "ParallelReductionOutOfPlane": 6,
    "CoilString": "MULTI COIL",
    "RepetitionTime": 0.8,
    "Manufacturer": "Philips",
    "PhilipsScaleSlope": 0.0531942,
    "ProcedureStepDescription": "H1408201447",
    "EstimatedEffectiveEchoSpacing": 0.000428665,
    "PixelBandwidth": 2252,
    "PatientPosition": "HFS",
    "InPlanePhaseEncodingDirectionDICOM": "COL",
    "PhaseEncodingDirection": "j-",
    "EstimatedTotalReadoutTime": 0.0407232,
    "InstitutionName": "Nottingham University",
    "ImageType": [
        "ORIGINAL",
        "PRIMARY",
        "M",
        "FFE",
        "M",
        "FFE"
    ],
    "TaskName": "rest",
    "EchoTrainLength": 63,
    "PhilipsRescaleSlope": 0.854457,
    "ConversionSoftware": "dcm2niix",
    "AcquisitionMatrixPE": 95,
    "PhilipsRescaleIntercept": 0,
    "MTState": false,
    "ParallelReductionFactorInPlane": 1.5,
    "ReconMatrixPE": 96,
    "EchoTime": 0.039,
    "SliceThickness": 2.4
}