{
    "ScanningSequence": "GR",
    "ImagingFrequency": 127.749,
    "StationName": "HOST-2ADB2S6FDM",
    "EffectiveEchoSpacing": 0.000407046,
    "RepetitionTime": 1.45,
    "TotalReadoutTime": 0.0386694,
    "PhaseEncodingSteps": 95,
    "PercentPhaseFOV": 100,
    "MRAcquisitionType": "2D",
    "ParallelAcquisitionTechnique": "MBSENSE",
    "SoftwareVersions": "5.6.1\\5.6.1.0",
    "InstitutionalDepartmentName": "SPMIC",
    "EchoTime": 0.039001,
    "PhilipsRWVIntercept": 0,
    "SeriesDescription": "rs-fmri_singleMB4",
    "SequenceVariant": "SK",
    "Modality": "MR",
    "SAR": 0.0601363,
    "BodyPartExamined": "BRAIN",
    "TaskName": "rest",
    "ManufacturersModelName": "Ingenia",
    "Manufacturer": "Philips",
    "PhaseEncodingAxis": "j-",
    "UsePhilipsFloatNotDisplayScaling": 1,
    "SeriesNumber": 601,
    "PhaseEncodingDirection": "j-",
    "ImageType": [
        "ORIGINAL",
        "PRIMARY",
        "M",
        "FFE",
        "M",
        "FFE"
    ],
    "EstimatedTotalReadoutTime": 0.0386694,
    "FlipAngle": 71,
    "PhilipsRescaleSlope": 0.804884,
    "ProcedureStepDescription": "H1408201447",
    "AcquisitionTime": "15:39:47.270000",
    "MTState": false,
    "ImageOrientationPatientDICOM": [
        0.999538,
        0.0119298,
        0.0279414,
        -0.0119465,
        0.999929,
        0.000430713
    ],
    "ScanOptions": "FS",
    "PhilipsRWVSlope": 0.804884,
    "ParallelReductionFactorInPlane": 1.5,
    "PhilipsRescaleIntercept": 0,
    "ReconMatrixPE": 96,
    "ConversionSoftwareVersion": "v1.0.20211006",
    "ParallelReductionOutOfPlane": 4,
    "AcquisitionNumber": 6,
    "B0FieldSource": "pepolar_fmap0",
    "EchoTrainLength": 63,
    "PatientPosition": "HFS",
    "MagneticFieldStrength": 3,
    "InstitutionAddress": "University Park",
    "DeviceSerialNumber": "71459",
    "InstitutionName": "Nottingham University",
    "CoilString": "MULTI COIL",
    "ConversionSoftware": "dcm2niix",
    "PhilipsScaleSlope": 0.0424025,
    "PixelBandwidth": 2260,
    "SpacingBetweenSlices": 2.4,
    "WaterFatShift": 17.0626,
    "InPlanePhaseEncodingDirectionDICOM": "COL",
    "EstimatedEffectiveEchoSpacing": 0.000407046,
    "SliceThickness": 2.4,
    "PercentSampling": 100,
    "AcquisitionMatrixPE": 95,
    "ProtocolName": "WIP rs-fmri_singleMB4"
}