{
    "CoilString": "MULTI COIL",
    "MRAcquisitionType": "2D",
    "AcquisitionTime": "15:55:59.170000",
    "SeriesNumber": 1801,
    "AcquisitionNumber": 18,
    "PartialFourierDirection": "PHASE",
    "EchoTrainLength": 95,
    "TaskName": "rest",
    "PixelBandwidth": 2331,
    "PartialFourierEnabled": "YES",
    "ProcedureStepDescription": "H14082014_47",
    "PhaseEncodingDirection": "j",
    "PhaseEncodingAxis": "j",
    "ScanningSequence": "GR",
    "ImageOrientationPatientDICOM": [
        0.999758,
        0.00359926,
        -0.021708,
        -0.00356428,
        0.999992,
        0.0016501
    ],
    "SAR": 0.0227829,
    "InstitutionalDepartmentName": "MRI",
    "PhilipsRescaleIntercept": 0,
    "ProtocolName": "WIP rs-fmri_singleMB4_HF0.8",
    "SeriesDescription": "rs-fmri_singleMB4_HF0.8",
    "FlipAngle": 65,
    "EstimatedEffectiveEchoSpacing": 0.0006078,
    "PatientPosition": "HFS",
    "BodyPartExamined": "BRAIN",
    "EstimatedTotalReadoutTime": 0.057741,
    "SliceThickness": 2.4,
    "PhilipsRescaleSlope": 0.954335,
    "PercentSampling": 100,
    "ReconMatrixPE": 96,
    "ParallelAcquisitionTechnique": "SENSE",
    "StationName": "PHILIPS-T6O3EHP",
    "MagneticFieldStrength": 3,
    "ImagingFrequency": 127.804,
    "EchoTime": 0.039001,
    "UsePhilipsFloatNotDisplayScaling": 1,
    "PercentPhaseFOV": 100,
    "EffectiveEchoSpacing": 0.0006078,
    "Modality": "MR",
    "TotalReadoutTime": 0.057741,
    "Manufacturer": "Philips",
    "ConversionSoftware": "dcm2niix",
    "ManufacturersModelName": "Achieva",
    "SpacingBetweenSlices": 2.4,
    "MTState": false,
    "PhaseEncodingStepsNoPartialFourier": 95,
    "InstitutionName": "SPMMRC Nottingham",
    "ScanOptions": "FS",
    "RepetitionTime": 1.15,
    "AcquisitionMatrixPE": 95,
    "InPlanePhaseEncodingDirectionDICOM": "COL",
    "DeviceSerialNumber": "17057",
    "WaterFatShift": 25.3546,
    "SoftwareVersions": "5.3.0\\5.3.0.3",
    "ImageType": [
        "ORIGINAL",
        "PRIMARY",
        "M",
        "FFE",
        "M",
        "FFE"
    ],
    "PhilipsScaleSlope": 0.00131853,
    "ConversionSoftwareVersion": "v1.0.20211006",
    "SequenceVariant": "SK",
    "B0FieldSource": "pepolar_fmap0"
}