{
    "ImageComments": "Unaliased MB8/PE3 SENSE1",
    "ShimSetting": [
        -1650,
        -11247,
        7736,
        1144,
        19,
        257,
        142,
        -46
    ],
    "EchoTime": 0.039,
    "PhaseEncodingSteps": 88,
    "PhaseResolution": 1,
    "ImageOrientationText": "Tra>Cor(-22.3)",
    "StationName": "MRC35031",
    "ConversionSoftware": "dcm2niix",
    "ProtocolName": "MB8_FMRI_fov210_2.4mm_resting",
    "DwellTime": 2.8e-06,
    "AcquisitionNumber": 1,
    "MagneticFieldStrength": 3,
    "RepetitionTime": 0.735,
    "AcquisitionTime": "13:05:52.527500",
    "PercentSampling": 100,
    "SliceTiming": [
        0,
        0.2775,
        0.5525,
        0.0925,
        0.37,
        0.645,
        0.185,
        0.4625,
        0,
        0.2775,
        0.5525,
        0.0925,
        0.37,
        0.645,
        0.185,
        0.4625,
        0,
        0.2775,
        0.5525,
        0.0925,
        0.37,
        0.645,
        0.185,
        0.4625,
        0,
        0.2775,
        0.5525,
        0.0925,
        0.37,
        0.645,
        0.185,
        0.4625,
        0,
        0.2775,
        0.5525,
        0.0925,
        0.37,
        0.645,
        0.185,
        0.4625,
        0,
        0.2775,
        0.5525,
        0.0925,
        0.37,
        0.645,
        0.185,
        0.4625,
        0,
        0.2775,
        0.5525,
        0.0925,
        0.37,
        0.645,
        0.185,
        0.4625,
        0,
        0.2775,
        0.5525,
        0.0925,
        0.37,
        0.645,
        0.185,
        0.4625
    ],
    "PartialFourier": 1,
    "EffectiveEchoSpacing": 0.000690002,
    "SAR": 0.117709,
    "Modality": "MR",
    "SeriesDescription": "MB8_FMRI_fov210_2.4mm_resting",
    "Manufacturer": "Siemens",
    "SoftwareVersions": "syngo MR B17",
    "SpacingBetweenSlices": 2.4,
    "InPlanePhaseEncodingDirectionDICOM": "COL",
    "SeriesNumber": 6,
    "ProcedureStepDescription": "neuro^N18",
    "MultibandAccelerationFactor": 8,
    "ImageType": [
        "ORIGINAL",
        "PRIMARY",
        "M",
        "MB",
        "ND",
        "MOSAIC"
    ],
    "PulseSequenceDetails": "%CustomerSeq%\\cmrr_mbep2d_bold",
    "SliceThickness": 2.4,
    "PixelBandwidth": 2029,
    "MRAcquisitionType": "2D",
    "PercentPhaseFOV": 100,
    "SequenceVariant": "SK\\SS",
    "ReceiveCoilName": "32Ch_Head",
    "PhaseEncodingDirection": "j-",
    "ScanningSequence": "EP",
    "ImageOrientationPatientDICOM": [
        1,
        -1e-16,
        0,
        1e-16,
        0.92521,
        -0.379456
    ],
    "AcquisitionMatrixPE": 88,
    "TxRefAmp": 354.354,
    "DeviceSerialNumber": "35031",
    "TaskName": "rest",
    "FlipAngle": 52,
    "PatientPosition": "HFS",
    "BandwidthPerPixelPhaseEncode": 16.469,
    "ConversionSoftwareVersion": "v1.0.20211006",
    "CoilString": "C:HEA;HEP",
    "DerivedVendorReportedEchoSpacing": 0.000690002,
    "ReconMatrixPE": 88,
    "BaseResolution": 88,
    "InstitutionAddress": "Headley Way sfd,Oxford,Southeast,GB,OX3 9UE",
    "InstitutionName": "ocmr",
    "SequenceName": "epfid2d1_88",
    "CoilCombinationMethod": "Sum of Squares",
    "ScanOptions": "FS",
    "MatrixCoilMode": "SENSE",
    "ManufacturersModelName": "TrioTim",
    "TotalReadoutTime": 0.0600301,
    "InstitutionalDepartmentName": "OCMR2",
    "ImagingFrequency": 123.172
}