{
    "PhaseEncodingStepsNoPartialFourier": 110,
    "Modality": "MR",
    "AcquisitionMatrixPE": 110,
    "DeviceSerialNumber": "17057",
    "PixelBandwidth": 2973.1,
    "ImageOrientationPatientDICOM": [
        0.999763,
        0.00359926,
        0.0214692,
        -0.00363219,
        0.999992,
        0.0014947
    ],
    "EchoTime": 0.071204,
    "StationName": "PHILIPS-T6O3EHP",
    "PatientPosition": "HFS",
    "FlipAngle": 90,
    "PhilipsScaleSlope": 0.00206009,
    "PercentPhaseFOV": 100,
    "MRAcquisitionType": "2D",
    "Manufacturer": "Philips",
    "BodyPartExamined": "BRAIN",
    "SpacingBetweenSlices": 2,
    "ProtocolName": "DTI_Biobank_2mm_S2_HS0.8_EPI",
    "MagneticFieldStrength": 3,
    "ManufacturersModelName": "Achieva",
    "InPlanePhaseEncodingDirectionDICOM": "COL",
    "ScanOptions": "FS",
    "CoilString": "MULTI COIL",
    "TotalReadoutTime": 0.0385055,
    "ParallelReductionFactorInPlane": 2,
    "ImageType": [
        "ORIGINAL",
        "PRIMARY",
        "DIFFUSION",
        "NONE"
    ],
    "SliceThickness": 2,
    "WaterFatShift": 17.0362,
    "AcquisitionNumber": 8,
    "PercentSampling": 100,
    "PartialFourierDirection": "PHASE",
    "SeriesDescription": "DTI_Biobank_2mm_S2_HS0.8_EPI",
    "SequenceVariant": "SK",
    "ParallelAcquisitionTechnique": "SENSE",
    "ReconMatrixPE": 112,
    "ProcedureStepDescription": "H1408201447",
    "PhaseEncodingAxis": "j",
    "UsePhilipsFloatNotDisplayScaling": 1,
    "ImagingFrequency": 127.804,
    "PhaseEncodingDirection": "j",
    "SeriesNumber": 801,
    "EchoTrainLength": 55,
    "PhilipsRescaleIntercept": 0,
    "InstitutionalDepartmentName": "MRI",
    "InstitutionName": "SPMMRC Nottingham",
    "MTState": false,
    "EffectiveEchoSpacing": 0.000346897,
    "SoftwareVersions": "5.6.1\\5.6.1.1",
    "PhilipsRescaleSlope": 0.979976,
    "EstimatedEffectiveEchoSpacing": 0.000346897,
    "AcquisitionTime": "16:00:12.480000",
    "ConversionSoftwareVersion": "v1.0.20211006",
    "ConversionSoftware": "dcm2niix",
    "RepetitionTime": 10.3702,
    "EstimatedTotalReadoutTime": 0.0385055,
    "ScanningSequence": "SE",
    "PartialFourierEnabled": "YES"
}