{
    "ConversionSoftwareVersion": "v1.0.20211006",
    "TotalReadoutTime": 0.0690115,
    "SeriesDescription": "diff 3dirs b=0 pepolar",
    "CoilCombinationMethod": "Sum of Squares",
    "InstitutionalDepartmentName": "Department",
    "PercentPhaseFOV": 100,
    "PartialFourier": 0.75,
    "ImagingFrequency": 123.256,
    "DwellTime": 2.7e-06,
    "AcquisitionNumber": 1,
    "ImageOrientationText": "Tra>Cor(-18.7)>Sag(3.2)",
    "BaseResolution": 104,
    "ConversionSoftware": "dcm2niix",
    "ScanningSequence": "EP",
    "RepetitionTime": 3.6,
    "ProtocolName": "diff_PA_MPopt_MB3_3b0_lowflip",
    "SequenceVariant": "SK\\SS",
    "MRAcquisitionType": "2D",
    "EchoTime": 0.092,
    "Modality": "MR",
    "DiffusionScheme": "Monopolar",
    "SeriesNumber": 12,
    "ManufacturersModelName": "Prisma",
    "PhaseEncodingDirection": "j",
    "ReconMatrixPE": 104,
    "SliceTiming": [
        0,
        1.64062,
        3.28125,
        1.34375,
        2.98438,
        1.04688,
        2.6875,
        0.75,
        2.39062,
        0.45312,
        2.09375,
        0.15625,
        1.79688,
        3.4375,
        1.5,
        3.14062,
        1.20312,
        2.84375,
        0.90625,
        2.54688,
        0.59375,
        2.23438,
        0.29688,
        1.9375,
        0,
        1.64062,
        3.28125,
        1.34375,
        2.98438,
        1.04688,
        2.6875,
        0.75,
        2.39062,
        0.45312,
        2.09375,
        0.15625,
        1.79688,
        3.4375,
        1.5,
        3.14062,
        1.20312,
        2.84375,
        0.90625,
        2.54688,
        0.59375,
        2.23438,
        0.29688,
        1.9375,
        0,
        1.64062,
        3.28125,
        1.34375,
        2.98438,
        1.04688,
        2.6875,
        0.75,
        2.39062,
        0.45312,
        2.09375,
        0.15625,
        1.79688,
        3.4375,
        1.5,
        3.14062,
        1.20312,
        2.84375,
        0.90625,
        2.54688,
        0.59375,
        2.23438,
        0.29688,
        1.9375
    ],
    "ReceiveCoilName": "Head_32",
    "PhaseEncodingSteps": 78,
    "InstitutionName": "The John Radcliffe",
    "AcquisitionTime": "13:38:14.082500",
    "SpacingBetweenSlices": 2,
    "ShimSetting": [
        340,
        -11524,
        1697,
        409,
        60,
        -108,
        -17,
        28
    ],
    "DerivedVendorReportedEchoSpacing": 0.000670015,
    "FlipAngle": 78,
    "ImageOrientationPatientDICOM": [
        0.998271,
        0.0333431,
        0.0483974,
        -0.0160306,
        0.946742,
        -0.321594
    ],
    "TxRefAmp": 260.712,
    "ImageComments": "Unaliased MB3/PE3 SENSE1",
    "SAR": 0.0857173,
    "BandwidthPerPixelPhaseEncode": 14.351,
    "DeviceSerialNumber": "66050",
    "Manufacturer": "Siemens",
    "PixelBandwidth": 1780,
    "SequenceName": "ep_b5#1",
    "MultibandAccelerationFactor": 3,
    "PulseSequenceDetails": "%CustomerSeq%\\cmrr_mbep2d_diff",
    "SoftwareVersions": "syngo MR E11",
    "EffectiveEchoSpacing": 0.000670015,
    "StationName": "AWP66050",
    "PercentSampling": 100,
    "InPlanePhaseEncodingDirectionDICOM": "COL",
    "MatrixCoilMode": "SENSE",
    "ConsistencyInfo": "N4_VE11C_LATEST_20160120",
    "WipMemBlock": "12ade1a0-fdb9-4c52-bcd4-5ac52f48906c||Sequence: R016 ve11c/master r/e634e98; Dec 19 2017 11:11:25 by eja",
    "BodyPartExamined": "HEAD",
    "AcquisitionMatrixPE": 104,
    "MagneticFieldStrength": 3,
    "SliceThickness": 2,
    "PhaseResolution": 1,
    "ReceiveCoilActiveElements": "HEA;HEP",
    "ScanOptions": "PFP\\FS",
    "ImageType": [
        "ORIGINAL",
        "PRIMARY",
        "DIFFUSION",
        "NONE",
        "MB",
        "ND"
    ],
    "EchoTrainLength": 78,
    "PatientPosition": "HFS",
    "InstitutionAddress": "Headley Way StreetNo,Oxford,District,GB,OX3 9DU"
}