{
    "SAR": 0.13679,
    "RepetitionTime": 3.6,
    "ImageOrientationText": "Tra>Cor(-15.0)",
    "ConversionSoftwareVersion": "v1.0.20211006",
    "ImageType": [
        "ORIGINAL",
        "PRIMARY",
        "M",
        "MB",
        "ND"
    ],
    "AcquisitionNumber": 1,
    "SliceThickness": 2,
    "Modality": "MR",
    "ImageOrientationPatientDICOM": [
        1,
        -2e-16,
        0,
        2e-16,
        0.965926,
        -0.258819
    ],
    "MatrixCoilMode": "SENSE",
    "PartialFourier": 0.75,
    "DwellTime": 2.7e-06,
    "InstitutionalDepartmentName": "OCMR2",
    "DeviceSerialNumber": "35031",
    "ReconMatrixPE": 104,
    "FlipAngle": 78,
    "PhaseEncodingSteps": 78,
    "Manufacturer": "Siemens",
    "EchoTime": 0.0964,
    "ScanOptions": "PFP\\FS",
    "BandwidthPerPixelPhaseEncode": 13.935,
    "EffectiveEchoSpacing": 0.000690017,
    "MultibandAccelerationFactor": 3,
    "PixelBandwidth": 1781,
    "SliceTiming": [
        0,
        1.65625,
        3.3125,
        1.34375,
        3,
        1.04688,
        2.70312,
        0.75,
        2.40625,
        0.4375,
        2.10938,
        0.14062,
        1.79688,
        3.45312,
        1.5,
        3.15625,
        1.20312,
        2.85938,
        0.89062,
        2.54688,
        0.59375,
        2.25,
        0.29688,
        1.95312,
        0,
        1.65625,
        3.3125,
        1.34375,
        3,
        1.04688,
        2.70312,
        0.75,
        2.40625,
        0.4375,
        2.10938,
        0.14062,
        1.79688,
        3.45312,
        1.5,
        3.15625,
        1.20312,
        2.85938,
        0.89062,
        2.54688,
        0.59375,
        2.25,
        0.29688,
        1.95312,
        0,
        1.65625,
        3.3125,
        1.34375,
        3,
        1.04688,
        2.70312,
        0.75,
        2.40625,
        0.4375,
        2.10938,
        0.14062,
        1.79688,
        3.45312,
        1.5,
        3.15625,
        1.20312,
        2.85938,
        0.89062,
        2.54688,
        0.59375,
        2.25,
        0.29688,
        1.95312
    ],
    "StationName": "MRC35031",
    "ScanningSequence": "EP",
    "ConversionSoftware": "dcm2niix",
    "TotalReadoutTime": 0.0710717,
    "DerivedVendorReportedEchoSpacing": 0.000690017,
    "ManufacturersModelName": "TrioTim",
    "ProcedureStepDescription": "neuro^N18",
    "PercentSampling": 100,
    "PhaseResolution": 1,
    "ProtocolName": "diff_PA_MPopt_MB3_3b0_lowflip",
    "ImagingFrequency": 123.172,
    "SoftwareVersions": "syngo MR B17",
    "PatientPosition": "HFS",
    "SpacingBetweenSlices": 2,
    "BaseResolution": 104,
    "SeriesDescription": "diff 4dirs b=0 pepolar",
    "AcquisitionTime": "13:37:50.197500",
    "CoilCombinationMethod": "Sum of Squares",
    "SeriesNumber": 10,
    "MRAcquisitionType": "2D",
    "TxRefAmp": 315.106,
    "ReceiveCoilName": "32Ch_Head",
    "AcquisitionMatrixPE": 104,
    "ImageComments": "Unaliased MB3/PE3 SENSE1",
    "PercentPhaseFOV": 100,
    "ShimSetting": [
        -1601,
        -11235,
        7726,
        1193,
        427,
        499,
        392,
        82
    ],
    "PulseSequenceDetails": "%CustomerSeq%\\cmrr_mbep2d_diff",
    "MagneticFieldStrength": 3,
    "InPlanePhaseEncodingDirectionDICOM": "COL",
    "SequenceVariant": "SK\\SS",
    "SequenceName": "epse2d1_104",
    "InstitutionName": "John Radcliffe Hospital",
    "InstitutionAddress": "Headley Way sfd,Oxford,Southeast,GB,OX3 9UE",
    "CoilString": "C:HEA;HEP",
    "PhaseEncodingDirection": "j"
}