{
  "Modality": "MR",
  "MagneticFieldStrength": 3,
  "ImagingFrequency": 127.716,
  "Manufacturer": "GE",
  "PulseSequenceName": "epi",
  "InternalPulseSequenceName": "EPI",
  "ManufacturersModelName": "SIGNA Premier",
  "InstitutionName": "Nottingham Medical School",
  "DeviceSerialNumber": "00000000269MRS04",
  "StationName": "MR01DV01",
  "BodyPartExamined": "BRAIN",
  "PatientPosition": "HFS",
  "ProcedureStepDescription": "FHMS4520122",
  "SoftwareVersions": "29\\LX\\RX29.1_R02_2131.a",
  "MRAcquisitionType": "2D",
  "SeriesDescription": "RS_fMRI_MB6_TR920",
  "ProtocolName": "SW_NHarmony",
  "ScanningSequence": "EP\\RM",
  "SequenceVariant": "NONE",
  "ScanOptions": "SAT_GEMS\\EDR_GEMS\\MP_GEMS\\EPI_GEMS\\HYPERBAND_GEMS\\FS",
  "ImageType": [
    "ORIGINAL",
    "PRIMARY",
    "OTHER"
  ],
  "SeriesNumber": 5,
  "AcquisitionTime": "15:23:53.000000",
  "AcquisitionNumber": 1,
  "TriggerDelayTime": 451277,
  "SliceThickness": 2.4,
  "SpacingBetweenSlices": 2.4,
  "SAR": 0.0821488,
  "EchoTime": 0.039,
  "RepetitionTime": 0.922,
  "FlipAngle": 57,
  "PhaseEncodingPolarityGE": "Unflipped",
  "CoilString": "48HAP",
  "MultibandAccelerationFactor": 6,
  "PercentPhaseFOV": 100,
  "PercentSampling": 100,
  "AcquisitionMatrixPE": 88,
  "ReconMatrixPE": 88,
  "EffectiveEchoSpacing": 0.000636,
  "TotalReadoutTime": 0.055332,
  "PixelBandwidth": 5681.82,
  "PhaseEncodingDirection": "j-",
  "SliceTiming": [
    0,
    0.502909,
    0.0838182,
    0.586727,
    0.167636,
    0.670545,
    0.251455,
    0.754364,
    0.335273,
    0.838182,
    0.419091,
    0,
    0.502909,
    0.0838182,
    0.586727,
    0.167636,
    0.670545,
    0.251455,
    0.754364,
    0.335273,
    0.838182,
    0.419091,
    0,
    0.502909,
    0.0838182,
    0.586727,
    0.167636,
    0.670545,
    0.251455,
    0.754364,
    0.335273,
    0.838182,
    0.419091,
    0,
    0.502909,
    0.0838182,
    0.586727,
    0.167636,
    0.670545,
    0.251455,
    0.754364,
    0.335273,
    0.838182,
    0.419091,
    0,
    0.502909,
    0.0838182,
    0.586727,
    0.167636,
    0.670545,
    0.251455,
    0.754364,
    0.335273,
    0.838182,
    0.419091,
    0,
    0.502909,
    0.0838182,
    0.586727,
    0.167636,
    0.670545,
    0.251455,
    0.754364,
    0.335273,
    0.838182,
    0.419091
  ],
  "ImageOrientationPatientDICOM": [
    0.986256,
    0.156605,
    -0.0526663,
    -0.161111,
    0.982217,
    -0.0963967
  ],
  "InPlanePhaseEncodingDirectionDICOM": "COL",
  "ConversionSoftware": "dcm2niix",
  "ConversionSoftwareVersion": "v1.0.20211006",
  "B0FieldSource": "pepolar_fmap0",
  "TaskName": "rest"
}