{
    "AcquisitionTime": "15:30:42.170000",
    "SoftwareVersions": "5.6.1\\5.6.1.0",
    "AcquisitionMatrixPE": 112,
    "PartialFourierEnabled": "YES",
    "WaterFatShift": 32.676,
    "MTState": false,
    "EstimatedTotalReadoutTime": 0.0742403,
    "UsePhilipsFloatNotDisplayScaling": 1,
    "ProcedureStepDescription": "H1408201447",
    "PhilipsRescaleSlope": 1.90256,
    "ParallelReductionOutOfPlane": 3,
    "ScanOptions": "FS",
    "SliceThickness": 2,
    "InPlanePhaseEncodingDirectionDICOM": "COL",
    "Modality": "MR",
    "ImagingFrequency": 127.749,
    "MagneticFieldStrength": 3,
    "Manufacturer": "Philips",
    "InstitutionalDepartmentName": "SPMIC",
    "CoilString": "MULTI COIL",
    "DeviceSerialNumber": "71459",
    "SpacingBetweenSlices": 2,
    "EchoTrainLength": 75,
    "PercentSampling": 100,
    "ReconMatrixPE": 112,
    "ConversionSoftwareVersion": "v1.0.20211006",
    "StationName": "HOST-2ADB2S6FDM",
    "ProtocolName": "WIP DTI_Biobank_2mm_MB3S1p5_EPI",
    "ParallelReductionFactorInPlane": 1.5,
    "PhilipsScaleSlope": 0.0254621,
    "EstimatedEffectiveEchoSpacing": 0.000668831,
    "ManufacturersModelName": "Ingenia",
    "PhaseEncodingAxis": "j-",
    "EffectiveEchoSpacing": 0.000668831,
    "SeriesDescription": "DTI_Biobank_2mm_MB3S1p5_EPI",
    "SeriesNumber": 501,
    "PhaseEncodingStepsNoPartialFourier": 112,
    "TotalReadoutTime": 0.0742403,
    "AcquisitionNumber": 5,
    "ScanningSequence": "SE",
    "RepetitionTime": 4.37375,
    "InstitutionAddress": "University Park",
    "PixelBandwidth": 1890.18,
    "SequenceVariant": "SK",
    "PatientPosition": "HFS",
    "PartialFourierDirection": "PHASE",
    "PhaseEncodingDirection": "j-",
    "InstitutionName": "Nottingham University",
    "ParallelAcquisitionTechnique": "MBSENSE",
    "EchoTime": 0.097967,
    "ImageOrientationPatientDICOM": [
        0.999538,
        0.0119298,
        0.0279414,
        -0.0119465,
        0.999929,
        0.000430713
    ],
    "PercentPhaseFOV": 100,
    "ConversionSoftware": "dcm2niix",
    "PhilipsRescaleIntercept": 0,
    "ImageType": [
        "ORIGINAL",
        "PRIMARY",
        "DIFFUSION",
        "NONE"
    ],
    "MRAcquisitionType": "2D",
    "BodyPartExamined": "BRAIN",
    "FlipAngle": 90
}