{
    "ImageComments": "Unaliased MB8/PE3 SENSE1",
    "ScanOptions": "FS",
    "ImagingFrequency": 123.172,
    "TotalReadoutTime": 0.0600301,
    "PercentPhaseFOV": 100,
    "RepetitionTime": 0.735,
    "InstitutionalDepartmentName": "OCMR2",
    "ManufacturersModelName": "TrioTim",
    "ReconMatrixPE": 88,
    "SliceTiming": [
        0,
        0.2775,
        0.555,
        0.0925,
        0.37,
        0.6475,
        0.185,
        0.4625,
        0,
        0.2775,
        0.555,
        0.0925,
        0.37,
        0.6475,
        0.185,
        0.4625,
        0,
        0.2775,
        0.555,
        0.0925,
        0.37,
        0.6475,
        0.185,
        0.4625,
        0,
        0.2775,
        0.555,
        0.0925,
        0.37,
        0.6475,
        0.185,
        0.4625,
        0,
        0.2775,
        0.555,
        0.0925,
        0.37,
        0.6475,
        0.185,
        0.4625,
        0,
        0.2775,
        0.555,
        0.0925,
        0.37,
        0.6475,
        0.185,
        0.4625,
        0,
        0.2775,
        0.555,
        0.0925,
        0.37,
        0.6475,
        0.185,
        0.4625,
        0,
        0.2775,
        0.555,
        0.0925,
        0.37,
        0.6475,
        0.185,
        0.4625
    ],
    "SAR": 0.113958,
    "MatrixCoilMode": "SENSE",
    "PercentSampling": 100,
    "ImageType": [
        "ORIGINAL",
        "PRIMARY",
        "M",
        "MB",
        "ND",
        "MOSAIC"
    ],
    "BaseResolution": 88,
    "FlipAngle": 52,
    "BandwidthPerPixelPhaseEncode": 16.469,
    "ProcedureStepDescription": "neuro^N18",
    "SequenceName": "epfid2d1_88",
    "SequenceVariant": "SK\\SS",
    "InstitutionName": "OCMR",
    "PhaseEncodingSteps": 88,
    "StationName": "MRC35031",
    "ScanningSequence": "EP",
    "MRAcquisitionType": "2D",
    "InPlanePhaseEncodingDirectionDICOM": "COL",
    "SoftwareVersions": "syngo MR B17",
    "ShimSetting": [
        -1635,
        -11261,
        7690,
        1199,
        274,
        357,
        398,
        21
    ],
    "MagneticFieldStrength": 3,
    "InstitutionAddress": "Headley Way sfd,Oxford,Southeast,GB,OX3 9UE",
    "Modality": "MR",
    "AcquisitionTime": "14:39:44.030000",
    "PixelBandwidth": 2029,
    "SeriesNumber": 6,
    "PatientPosition": "HFS",
    "CoilString": "C:HEA;HEP",
    "EchoTime": 0.039,
    "DeviceSerialNumber": "35031",
    "AcquisitionMatrixPE": 88,
    "ReceiveCoilName": "32Ch_Head",
    "TxRefAmp": 308.526,
    "PartialFourier": 1,
    "AcquisitionNumber": 1,
    "SeriesDescription": "MB8_FMRI_fov210_2.4mm_resting",
    "EffectiveEchoSpacing": 0.000690002,
    "ProtocolName": "MB8_FMRI_fov210_2.4mm_resting",
    "ImageOrientationText": "Tra>Cor(-17.4)",
    "DerivedVendorReportedEchoSpacing": 0.000690002,
    "CoilCombinationMethod": "Sum of Squares",
    "TaskName": "rest",
    "PulseSequenceDetails": "%CustomerSeq%\\cmrr_mbep2d_bold",
    "ImageOrientationPatientDICOM": [
        1,
        0,
        0,
        0,
        0.95424,
        -0.299041
    ],
    "DwellTime": 2.8e-06,
    "MultibandAccelerationFactor": 8,
    "PhaseResolution": 1,
    "Manufacturer": "Siemens",
    "SpacingBetweenSlices": 2.4,
    "PhaseEncodingDirection": "j-",
    "ConversionSoftware": "dcm2niix",
    "SliceThickness": 2.4,
    "ConversionSoftwareVersion": "v1.0.20211006"
}