{
    "AcquisitionMatrixPE": 258,
    "Manufacturer": "Siemens",
    "InstitutionAddress": "Headley Way sfd,Oxford,Southeast,GB,OX3 9UE",
    "MRAcquisitionType": "3D",
    "PercentPhaseFOV": 100,
    "Modality": "MR",
    "PhaseEncodingDirection": "i",
    "ReconMatrixPE": 256,
    "FlipAngle": 120,
    "ReceiveCoilName": "32Ch_Head",
    "SpoilingState": true,
    "ImageOrientationText": "Sag>Tra(0.8)>Cor(0.7)",
    "InPlanePhaseEncodingDirectionDICOM": "ROW",
    "SequenceVariant": "SK\\SP\\MP",
    "ScanningSequence": "SE\\IR",
    "StationName": "MRC35031",
    "RepetitionTime": 5,
    "SeriesNumber": 8,
    "MatrixCoilMode": "GRAPPA",
    "PulseSequenceDetails": "%SiemensSeq%\\tse_vfl",
    "PercentSampling": 100.781,
    "SequenceName": "*spcir3d1_282ns",
    "InstitutionalDepartmentName": "OCMR2",
    "SliceThickness": 1.05,
    "DwellTime": 2.5e-06,
    "MagneticFieldStrength": 3,
    "ShimSetting": [
        -1593,
        -11296,
        7687,
        1116,
        369,
        238,
        558,
        57
    ],
    "ImageOrientationPatientDICOM": [
        0.0123384,
        0.999886,
        0.00872569,
        -0.013854,
        0.00889645,
        -0.999864
    ],
    "ProcedureStepDescription": "neuro^N18",
    "PartialFourier": 1,
    "SoftwareVersions": "syngo MR B17",
    "TxRefAmp": 315.106,
    "ImageType": [
        "ORIGINAL",
        "PRIMARY",
        "OTHER",
        "NORM"
    ],
    "BaseResolution": 256,
    "SAR": 0.197617,
    "AcquisitionTime": "13:30:9.647500",
    "SeriesDescription": "t2_flair_sag_p2_1mm_FS_ellip_pf78",
    "InversionTime": 1.8,
    "ConversionSoftware": "dcm2niix",
    "DeviceSerialNumber": "35031",
    "InstitutionName": "John Radcliffe Hospital",
    "PixelBandwidth": 781,
    "PatientPosition": "HFS",
    "ManufacturersModelName": "TrioTim",
    "EchoTrainLength": 141,
    "ProtocolName": "t2_flair_sag_p2_1mm_FS_ellip_pf78",
    "CoilCombinationMethod": "Adaptive Combine",
    "ScanOptions": "IR\\PFP\\FS",
    "AcquisitionNumber": 1,
    "PhaseResolution": 1.00781,
    "PhaseEncodingSteps": 238,
    "CoilString": "C:HEA;HEP",
    "ConversionSoftwareVersion": "v1.0.20211006",
    "RefLinesPE": 24,
    "ParallelReductionFactorInPlane": 2,
    "EchoTime": 0.396,
    "ImagingFrequency": 123.172
}