{
	"Modality": "MR",
	"MagneticFieldStrength": 3,
	"ImagingFrequency": 123.173,
	"Manufacturer": "Siemens",
	"ManufacturersModelName": "TrioTim",
	"InstitutionName": "John Radcliffe Hospital",
	"InstitutionalDepartmentName": "OCMR2",
	"InstitutionAddress": "Headley Way sfd,Oxford,Southeast,GB,OX3 9UE",
	"DeviceSerialNumber": "35031",
	"StationName": "MRC35031",
	"PatientPosition": "HFS",
	"ProcedureStepDescription": "neuro^N18",
	"SoftwareVersions": "syngo MR B17",
	"MRAcquisitionType": "3D",
	"SeriesDescription": "SWI_3mm_Updated_v1.1",
	"ProtocolName": "SWI_3mm_Updated_v1.1",
	"ScanningSequence": "GR",
	"SequenceVariant": "SP",
	"ScanOptions": "PFP",
	"SequenceName": "*fl3d2r",
	"ImageType": ["ORIGINAL", "PRIMARY", "P", "ND", "PHASE"],
	"SeriesNumber": 16,
	"AcquisitionTime": "15:20:32.420000",
	"AcquisitionNumber": 1,
	"SliceThickness": 3,
	"SAR": 0.0224297,
	"EchoNumber": 2,
	"EchoTime": 0.01671,
	"RepetitionTime": 0.027,
	"FlipAngle": 15,
	"EchoTime1": 0.00942,
	"EchoTime2": 0.01671,
	"PartialFourier": 0.875,
	"BaseResolution": 320,
	"ShimSetting": [
		-1793,
		-11441,
		7554,
		1136,
		-104,
		60,
		208,
		-251	],
	"TxRefAmp": 316.507,
	"PhaseResolution": 1,
	"ReceiveCoilName": "32Ch_Head",
	"CoilString": "H9",
	"PulseSequenceDetails": "%SiemensSeq%\\gre",
	"RefLinesPE": 24,
	"CoilCombinationMethod": "Sum of Squares",
	"MatrixCoilMode": "GRAPPA",
	"PercentPhaseFOV": 87.5,
	"PercentSampling": 100,
	"PhaseEncodingSteps": 244,
	"AcquisitionMatrixPE": 280,
	"ReconMatrixPE": 280,
	"ParallelReductionFactorInPlane": 2,
	"PixelBandwidth": 140,
	"DwellTime": 1.12e-05,
	"ImageOrientationPatientDICOM": [
		1,
		-2.01537e-10,
		3.80809e-11,
		2.05103e-10,
		0.982613,
		-0.185667	],
	"ImageOrientationText": "Tra>Cor(-10.7)",
	"InPlanePhaseEncodingDirectionDICOM": "ROW",
	"ConversionSoftware": "dcm2niix",
	"ConversionSoftwareVersion": "v1.0.20211006"
}
