{
    "MRAcquisitionType": "2D",
    "SeriesDescription": "blipP_rs-fmri_singleMB4_HF0.8",
    "EstimatedEffectiveEchoSpacing": 0.000605133,
    "PhaseEncodingDirection": "j",
    "Manufacturer": "Philips",
    "B0FieldIdentifier": "pepolar_fmap0",
    "UsePhilipsFloatNotDisplayScaling": 1,
    "PhilipsRescaleIntercept": 0,
    "MagneticFieldStrength": 3,
    "CoilString": "MULTI COIL",
    "BodyPartExamined": "BRAIN",
    "ScanOptions": "FS",
    "RepetitionTime": 2,
    "EstimatedTotalReadoutTime": 0.0574876,
    "DeviceSerialNumber": "17057",
    "FlipAngle": 80,
    "ImageOrientationPatientDICOM": [
        0.999758,
        0.00359926,
        -0.021708,
        -0.00356428,
        0.999992,
        0.0016501
    ],
    "InstitutionalDepartmentName": "MRI",
    "ReconMatrixPE": 96,
    "InstitutionName": "SPMMRC Nottingham",
    "EffectiveEchoSpacing": 0.000605133,
    "ProcedureStepDescription": "H14082014_47",
    "AcquisitionTime": "16:03:44.970000",
    "ManufacturersModelName": "Achieva",
    "ParallelAcquisitionTechnique": "SENSE",
    "PercentPhaseFOV": 100,
    "EchoTime": 0.09,
    "ProtocolName": "WIP blipP_rs-fmri_singleMB4_HF0.8",
    "PhaseEncodingSteps": 95,
    "Modality": "MR",
    "ImageType": [
        "ORIGINAL",
        "PRIMARY",
        "T2",
        "NONE"
    ],
    "InPlanePhaseEncodingDirectionDICOM": "COL",
    "ScanningSequence": "SE",
    "EchoTrainLength": 95,
    "PatientPosition": "HFS",
    "SliceThickness": 2.4,
    "ConversionSoftwareVersion": "v1.0.20211006",
    "AcquisitionMatrixPE": 95,
    "PhilipsScaleSlope": 0.00176902,
    "SeriesNumber": 1901,
    "SoftwareVersions": "5.3.0\\5.3.0.3",
    "IntendedFor": "ses-NOT1ACH001/func/sub-14229_ses-NOT1ACH001_task-rest_bold.nii.gz",
    "WaterFatShift": 25.2433,
    "PercentSampling": 100,
    "TotalReadoutTime": 0.0574876,
    "SequenceVariant": "SK",
    "ImagingFrequency": 127.804,
    "MTState": false,
    "SpacingBetweenSlices": 2.4,
    "AcquisitionNumber": 19,
    "ConversionSoftware": "dcm2niix",
    "PixelBandwidth": 2339.4,
    "PhaseEncodingAxis": "j",
    "StationName": "PHILIPS-T6O3EHP",
    "PhilipsRescaleSlope": 0.866178
}