{
    "InstitutionAddress": "Headley Way sfd,Oxford,Southeast,GB,OX3 9UE",
    "MultibandAccelerationFactor": 8,
    "InstitutionalDepartmentName": "OCMR2",
    "ImageOrientationText": "Tra>Cor(-10.7)",
    "PhaseEncodingSteps": 88,
    "PercentSampling": 100,
    "MagneticFieldStrength": 3,
    "ImageOrientationPatientDICOM": [
        1,
        2e-16,
        0,
        -2e-16,
        0.982613,
        -0.185667
    ],
    "Modality": "MR",
    "PercentPhaseFOV": 100,
    "ConversionSoftware": "dcm2niix",
    "BandwidthPerPixelPhaseEncode": 16.469,
    "ProcedureStepDescription": "neuro^N18",
    "AcquisitionMatrixPE": 88,
    "ManufacturersModelName": "TrioTim",
    "StationName": "MRC35031",
    "ImagingFrequency": 123.173,
    "DeviceSerialNumber": "35031",
    "ScanningSequence": "EP",
    "SequenceName": "epfid2d1_88",
    "ShimSetting": [
        -1792,
        -11430,
        7551,
        1148,
        -127,
        128,
        200,
        -237
    ],
    "Manufacturer": "Siemens",
    "PatientPosition": "HFS",
    "MRAcquisitionType": "2D",
    "DwellTime": 2.8e-06,
    "RepetitionTime": 0.735,
    "InPlanePhaseEncodingDirectionDICOM": "COL",
    "EffectiveEchoSpacing": 0.000690002,
    "TxRefAmp": 316.507,
    "ProtocolName": "MB8_FMRI_fov210_2.4mm_resting",
    "CoilString": "C:HEA;HEP",
    "CoilCombinationMethod": "Sum of Squares",
    "FlipAngle": 52,
    "TotalReadoutTime": 0.0600301,
    "ReceiveCoilName": "32Ch_Head",
    "PulseSequenceDetails": "%CustomerSeq%\\cmrr_mbep2d_bold",
    "SliceTiming": [
        0,
        0.2775,
        0.555,
        0.0925,
        0.37,
        0.6475,
        0.185,
        0.4625,
        0,
        0.2775,
        0.555,
        0.0925,
        0.37,
        0.6475,
        0.185,
        0.4625,
        0,
        0.2775,
        0.555,
        0.0925,
        0.37,
        0.6475,
        0.185,
        0.4625,
        0,
        0.2775,
        0.555,
        0.0925,
        0.37,
        0.6475,
        0.185,
        0.4625,
        0,
        0.2775,
        0.555,
        0.0925,
        0.37,
        0.6475,
        0.185,
        0.4625,
        0,
        0.2775,
        0.555,
        0.0925,
        0.37,
        0.6475,
        0.185,
        0.4625,
        0,
        0.2775,
        0.555,
        0.0925,
        0.37,
        0.6475,
        0.185,
        0.4625,
        0,
        0.2775,
        0.555,
        0.0925,
        0.37,
        0.6475,
        0.185,
        0.4625
    ],
    "SeriesDescription": "MB8_FMRI_fov210_2.4mm_resting",
    "SAR": 0.103569,
    "SliceThickness": 2.4,
    "ImageType": [
        "ORIGINAL",
        "PRIMARY",
        "M",
        "MB",
        "ND",
        "MOSAIC"
    ],
    "AcquisitionNumber": 1,
    "SoftwareVersions": "syngo MR B17",
    "SeriesNumber": 6,
    "ScanOptions": "FS",
    "InstitutionName": "John Radcliffe Hospital",
    "BaseResolution": 88,
    "ReconMatrixPE": 88,
    "TaskName": "rest",
    "ConversionSoftwareVersion": "v1.0.20211006",
    "PartialFourier": 1,
    "PixelBandwidth": 2029,
    "SequenceVariant": "SK\\SS",
    "SpacingBetweenSlices": 2.4,
    "PhaseEncodingDirection": "j-",
    "ImageComments": "Unaliased MB8/PE3 SENSE1",
    "DerivedVendorReportedEchoSpacing": 0.000690002,
    "PhaseResolution": 1,
    "MatrixCoilMode": "SENSE",
    "AcquisitionTime": "14:58:55.162500",
    "EchoTime": 0.039
}