{
    "InstitutionName": "Warneford Hospital",
    "ReconMatrixPE": 88,
    "ManufacturersModelName": "Prisma",
    "MRAcquisitionType": "2D",
    "ConsistencyInfo": "N4_VE11C_LATEST_20160120",
    "BaseResolution": 88,
    "ImageOrientationText": "Tra>Cor(-16.5)",
    "EchoTrainLength": 88,
    "ConversionSoftwareVersion": "v1.0.20211006",
    "RepetitionTime": 0.735,
    "PulseSequenceDetails": "%CustomerSeq%\\cmrr_mbep2d_bold",
    "SliceThickness": 2.4,
    "SeriesDescription": "MB8_FMRI_fov210_2.4mm_resting",
    "ScanningSequence": "EP",
    "InPlanePhaseEncodingDirectionDICOM": "COL",
    "InstitutionalDepartmentName": "BE3597",
    "PixelBandwidth": 2030,
    "FlipAngle": 52,
    "PhaseResolution": 1,
    "InstitutionAddress": "Warneford Lane StreetNo,Oxford,District,GB,OX3 7JX",
    "ReceiveCoilName": "HeadNeck_64",
    "SequenceVariant": "SK\\SS",
    "ShimSetting": [
        4965,
        -11399,
        -1386,
        508,
        60,
        -179,
        -58,
        39
    ],
    "ImageType": [
        "ORIGINAL",
        "PRIMARY",
        "M",
        "MB",
        "ND",
        "MOSAIC"
    ],
    "AcquisitionMatrixPE": 88,
    "SequenceName": "epfid2d1_88",
    "SAR": 0.0587923,
    "BandwidthPerPixelPhaseEncode": 17.756,
    "ConversionSoftware": "dcm2niix",
    "ImageComments": "Unaliased MB8/PE3 SENSE1",
    "ProtocolName": "MB8_FMRI_fov210_2.4mm_resting",
    "PatientPosition": "HFS",
    "ImagingFrequency": 123.26,
    "PercentPhaseFOV": 100,
    "SeriesNumber": 8,
    "PhaseEncodingDirection": "j-",
    "CoilCombinationMethod": "Sum of Squares",
    "EchoTime": 0.039,
    "PhaseEncodingSteps": 88,
    "ImageOrientationPatientDICOM": [
        1,
        0,
        0,
        0,
        0.95882,
        -0.284015
    ],
    "Manufacturer": "Siemens",
    "StationName": "AWP66093",
    "MultibandAccelerationFactor": 8,
    "BodyPartExamined": "BRAIN",
    "ReceiveCoilActiveElements": "HC1-7",
    "TaskName": "rest",
    "Modality": "MR",
    "SpacingBetweenSlices": 2.4,
    "WipMemBlock": "729bb3bb-0bd0-4ff7-a419-330167594e19||Sequence: R016 ve11c/master r/e634e98; Dec 19 2017 11:00:25 by eja",
    "SliceTiming": [
        0,
        0.27,
        0.5375,
        0.09,
        0.3575,
        0.6275,
        0.18,
        0.4475,
        0,
        0.27,
        0.5375,
        0.09,
        0.3575,
        0.6275,
        0.18,
        0.4475,
        0,
        0.27,
        0.5375,
        0.09,
        0.3575,
        0.6275,
        0.18,
        0.4475,
        0,
        0.27,
        0.5375,
        0.09,
        0.3575,
        0.6275,
        0.18,
        0.4475,
        0,
        0.27,
        0.5375,
        0.09,
        0.3575,
        0.6275,
        0.18,
        0.4475,
        0,
        0.27,
        0.5375,
        0.09,
        0.3575,
        0.6275,
        0.18,
        0.4475,
        0,
        0.27,
        0.5375,
        0.09,
        0.3575,
        0.6275,
        0.18,
        0.4475,
        0,
        0.27,
        0.5375,
        0.09,
        0.3575,
        0.6275,
        0.18,
        0.4475
    ],
    "DwellTime": 2.8e-06,
    "PercentSampling": 100,
    "EffectiveEchoSpacing": 0.000639989,
    "SoftwareVersions": "syngo MR E11",
    "MatrixCoilMode": "SENSE",
    "DerivedVendorReportedEchoSpacing": 0.000639989,
    "TxRefAmp": 265.864,
    "ScanOptions": "FS",
    "AcquisitionNumber": 1,
    "DeviceSerialNumber": "66093",
    "PartialFourier": 1,
    "MagneticFieldStrength": 3,
    "TotalReadoutTime": 0.055679,
    "AcquisitionTime": "12:07:30.380000"
}