{
    "FlipAngle": 90,
    "PhaseEncodingAxis": "j",
    "AcquisitionMatrixPE": 110,
    "PixelBandwidth": 2973.1,
    "TotalReadoutTime": 0.0385055,
    "MTState": false,
    "ParallelAcquisitionTechnique": "SENSE",
    "EchoTrainLength": 55,
    "ImagingFrequency": 127.805,
    "UsePhilipsFloatNotDisplayScaling": 1,
    "ParallelReductionFactorInPlane": 2,
    "ManufacturersModelName": "Achieva",
    "ScanOptions": "FS",
    "ImageOrientationPatientDICOM": [
        0.999907,
        0.00359926,
        0.0131825,
        -0.00361967,
        0.999992,
        0.00152476
    ],
    "ImageType": [
        "ORIGINAL",
        "PRIMARY",
        "DIFFUSION",
        "NONE"
    ],
    "ReconMatrixPE": 112,
    "WaterFatShift": 17.0363,
    "PhilipsRescaleIntercept": 0,
    "PhilipsScaleSlope": 0.00198447,
    "SeriesDescription": "DTI_Biobank_2mm_S2_HS0.8_EPI",
    "SliceThickness": 2,
    "ConversionSoftware": "dcm2niix",
    "RepetitionTime": 10.6101,
    "PhaseEncodingDirection": "j",
    "PartialFourierDirection": "PHASE",
    "SequenceVariant": "SK",
    "EffectiveEchoSpacing": 0.000346897,
    "AcquisitionTime": "17:04:17.810000",
    "BodyPartExamined": "BRAIN",
    "SoftwareVersions": "5.6.1\\5.6.1.1",
    "PercentPhaseFOV": 100,
    "PatientPosition": "HFS",
    "Modality": "MR",
    "AcquisitionNumber": 6,
    "MRAcquisitionType": "2D",
    "DeviceSerialNumber": "17057",
    "MagneticFieldStrength": 3,
    "PhaseEncodingStepsNoPartialFourier": 110,
    "PercentSampling": 100,
    "SpacingBetweenSlices": 2,
    "Manufacturer": "Philips",
    "ProcedureStepDescription": "H1408201447",
    "ScanningSequence": "SE",
    "PhilipsRescaleSlope": 0.892552,
    "EchoTime": 0.070438,
    "PartialFourierEnabled": "YES",
    "CoilString": "MULTI COIL",
    "InstitutionName": "SPMMRC Nottingham",
    "EstimatedTotalReadoutTime": 0.0385055,
    "InPlanePhaseEncodingDirectionDICOM": "COL",
    "ProtocolName": "DTI_Biobank_2mm_S2_HS0.8_EPI",
    "ConversionSoftwareVersion": "v1.0.20211006",
    "StationName": "PHILIPS-T6O3EHP",
    "SeriesNumber": 601,
    "EstimatedEffectiveEchoSpacing": 0.000346897,
    "InstitutionalDepartmentName": "MRI"
}