{
    "ParallelReductionFactorInPlane": 1.5,
    "SoftwareVersions": "5.3.1\\5.3.1.0",
    "PhilipsScaleSlope": 0.0575276,
    "AcquisitionNumber": 6,
    "InstitutionName": "Nottingham University",
    "TaskName": "rest",
    "RepetitionTime": 1.45,
    "TotalReadoutTime": 0.0387072,
    "BodyPartExamined": "BRAIN",
    "ScanningSequence": "GR",
    "StationName": "HOST-2ADB2S6FDM",
    "InstitutionAddress": "University Park",
    "PhilipsRescaleIntercept": 0,
    "FlipAngle": 71,
    "EchoTrainLength": 63,
    "InstitutionalDepartmentName": "SPMIC",
    "ScanOptions": "FS",
    "PhilipsRescaleSlope": 0.839072,
    "ProtocolName": "rs-fmri_singleMB4",
    "B0FieldSource": "pepolar_fmap0",
    "WaterFatShift": 17.0792,
    "PixelBandwidth": 2269,
    "EchoTime": 0.039,
    "ConversionSoftwareVersion": "v1.0.20211006",
    "AcquisitionTime": "11:38:13.910000",
    "ProcedureStepDescription": "H14082014/47",
    "DeviceSerialNumber": "71459",
    "ManufacturersModelName": "Ingenia",
    "PhaseEncodingSteps": 95,
    "UsePhilipsFloatNotDisplayScaling": 1,
    "AcquisitionMatrixPE": 95,
    "EstimatedTotalReadoutTime": 0.0387072,
    "CoilString": "MULTI COIL",
    "Manufacturer": "Philips",
    "ConversionSoftware": "dcm2niix",
    "ImageType": [
        "ORIGINAL",
        "PRIMARY",
        "M",
        "FFE",
        "M",
        "FFE"
    ],
    "MRAcquisitionType": "2D",
    "InPlanePhaseEncodingDirectionDICOM": "COL",
    "EffectiveEchoSpacing": 0.000407444,
    "PatientPosition": "HFS",
    "ParallelAcquisitionTechnique": "SENSE",
    "PhaseEncodingAxis": "j-",
    "SliceThickness": 2.4,
    "ImagingFrequency": 127.749,
    "ImageOrientationPatientDICOM": [
        0.999902,
        -0.00295135,
        -0.0136844,
        0.00169656,
        0.995866,
        -0.0908156
    ],
    "SAR": 0.0601571,
    "EstimatedEffectiveEchoSpacing": 0.000407444,
    "SpacingBetweenSlices": 2.4,
    "ReconMatrixPE": 96,
    "SeriesNumber": 601,
    "MTState": false,
    "PercentPhaseFOV": 100,
    "PercentSampling": 100,
    "Modality": "MR",
    "PhaseEncodingDirection": "j-",
    "SeriesDescription": "rs-fmri_singleMB4",
    "SequenceVariant": "SK",
    "MagneticFieldStrength": 3
}