{
    "Manufacturer": "Philips",
    "EchoTrainLength": 182,
    "SpacingBetweenSlices": 1.05,
    "AcquisitionNumber": 3,
    "MTState": false,
    "AcquisitionTime": "16:59:4.150000",
    "ScanningSequence": "IR",
    "InPlanePhaseEncodingDirectionDICOM": "ROW",
    "ConversionSoftware": "dcm2niix",
    "BodyPartExamined": "BRAIN",
    "SequenceVariant": "SK",
    "CoilString": "MULTI COIL",
    "ImageType": [
        "ORIGINAL",
        "PRIMARY",
        "OTHER",
        "NORM"
    ],
    "ScanOptions": "FS",
    "DeviceSerialNumber": "71459",
    "PercentPhaseFOV": 100,
    "PhilipsRescaleSlope": 4.92527,
    "SeriesDescription": "T2_FLAIR_1mm",
    "InstitutionalDepartmentName": "SPMIC",
    "FlipAngle": 90,
    "ReconMatrixPE": 256,
    "PhaseEncodingAxis": "i",
    "ConversionSoftwareVersion": "v1.0.20211006",
    "ImageOrientationPatientDICOM": [
        0.0157426,
        0.999876,
        -6.38099e-05,
        0.0765039,
        -0.00126815,
        -0.997068
    ],
    "ParallelAcquisitionTechnique": "SENSE",
    "EstimatedTotalReadoutTime": 0.00103879,
    "UsePhilipsFloatNotDisplayScaling": 1,
    "StationName": "HOST-2ADB2S6FDM",
    "SeriesNumber": 301,
    "PhilipsRescaleIntercept": 0,
    "PhaseEncodingSteps": 256,
    "InversionTime": 1.65,
    "SoftwareVersions": "5.3.1\\5.3.1.0",
    "SliceThickness": 1.05,
    "ManufacturersModelName": "Ingenia",
    "MagneticFieldStrength": 3,
    "ProtocolName": "T2_FLAIR_1mm",
    "RepetitionTime": 5,
    "PhilipsScaleSlope": 0.0022019,
    "AcquisitionMatrixPE": 256,
    "ParallelReductionOutOfPlane": 2,
    "ParallelReductionFactorInPlane": 2.6,
    "InstitutionAddress": "University Park",
    "InstitutionName": "Nottingham University",
    "ImagingFrequency": 127.749,
    "PatientPosition": "HFS",
    "NumberOfAverages": 2,
    "PercentSampling": 78.5398,
    "ProcedureStepDescription": "H14082014/47",
    "PixelBandwidth": 957.396,
    "MRAcquisitionType": "3D",
    "EstimatedEffectiveEchoSpacing": 4.0737e-06,
    "Modality": "MR",
    "EchoTime": 0.32818,
    "WaterFatShift": 0.453676
}