{
  "Modality": "MR",
  "MagneticFieldStrength": 3,
  "ImagingFrequency": 127.804,
  "Manufacturer": "Philips",
  "ManufacturersModelName": "Achieva",
  "InstitutionName": "SPMMRC Nottingham",
  "InstitutionalDepartmentName": "MRI",
  "DeviceSerialNumber": "17057",
  "StationName": "PHILIPS-T6O3EHP",
  "BodyPartExamined": "BRAIN",
  "PatientPosition": "HFS",
  "ProcedureStepDescription": "FMHS4520122",
  "SoftwareVersions": "5.6.1\\5.6.1.1",
  "MRAcquisitionType": "3D",
  "SeriesDescription": "T1_1mm_sag_raw_data",
  "ProtocolName": "T1_1mm_sag_raw_data",
  "ScanningSequence": "GR",
  "SequenceVariant": "MP",
  "ScanOptions": "OTHER",
  "ImageType": [
    "ORIGINAL",
    "PRIMARY",
    "T1",
    "NONE",
    "NORM"
  ],
  "SeriesNumber": 201,
  "AcquisitionTime": "14:11:40.490000",
  "AcquisitionNumber": 2,
  "PhilipsRescaleSlope": 2.84518,
  "PhilipsRescaleIntercept": 0,
  "PhilipsScaleSlope": 0.000352314,
  "UsePhilipsFloatNotDisplayScaling": 0,
  "SliceThickness": 1,
  "SpacingBetweenSlices": 1,
  "EchoTime": 0.003189,
  "RepetitionTime": 0.0070787,
  "MTState": false,
  "SpoilingState": true,
  "SpoilingType": "COMBINED",
  "FlipAngle": 8,
  "CoilString": "MULTI COIL",
  "PercentPhaseFOV": 100,
  "PercentSampling": 78.5398,
  "EchoTrainLength": 208,
  "PhaseEncodingSteps": 256,
  "AcquisitionMatrixPE": 256,
  "ReconMatrixPE": 256,
  "ParallelReductionFactorInPlane": 2,
  "ParallelAcquisitionTechnique": "SENSE",
  "WaterFatShift": 1.8021,
  "EstimatedEffectiveEchoSpacing": 1.61857e-05,
  "EstimatedTotalReadoutTime": 0.00412736,
  "PixelBandwidth": 241.127,
  "PhaseEncodingAxis": "i",
  "ImageOrientationPatientDICOM": [
    -0.05306,
    0.998591,
    0.00086094,
    0.0325502,
    0.00259125,
    -0.999467
  ],
  "InPlanePhaseEncodingDirectionDICOM": "ROW",
  "ConversionSoftware": "dcm2niix",
  "ConversionSoftwareVersion": "v1.0.20211006",
  "TotalReadoutTime": 0.00412736
}