{
    "MatrixCoilMode": "SENSE",
    "CoilCombinationMethod": "Sum of Squares",
    "PhaseResolution": 1,
    "WipMemBlock": "4d845dd0-1415-45d3-8cdc-ec21b17af1ca||Sequence: R016 ve11c/master r/e634e98; Dec 19 2017 11:11:25 by eja",
    "ScanningSequence": "EP",
    "Manufacturer": "Siemens",
    "SeriesDescription": "diff_AP_MPopt_MB3_50b1000_50b2000_8b0_lowflip",
    "ReconMatrixPE": 104,
    "EchoTrainLength": 78,
    "PixelBandwidth": 1780,
    "ProcedureStepDescription": "OHBA Projects VE11C^2018_122 BHP OHBA",
    "ProtocolName": "diff_AP_MPopt_MB3_50b1000_50b2000_8b0_lowflip",
    "SequenceVariant": "SK\\SS",
    "PercentPhaseFOV": 100,
    "SliceThickness": 2,
    "ImageType": [
        "ORIGINAL",
        "PRIMARY",
        "DIFFUSION",
        "NONE",
        "MB",
        "ND",
        "MOSAIC"
    ],
    "ImageOrientationPatientDICOM": [
        1,
        0,
        0,
        0,
        0.959314,
        -0.282341
    ],
    "PartialFourier": 0.75,
    "RepetitionTime": 3.6,
    "AcquisitionNumber": 1,
    "ImagingFrequency": 123.26,
    "StationName": "AWP66093",
    "PhaseEncodingSteps": 78,
    "PhaseEncodingDirection": "j-",
    "DerivedVendorReportedEchoSpacing": 0.000670015,
    "ConversionSoftware": "dcm2niix",
    "SAR": 0.0887858,
    "DiffusionScheme": "Monopolar",
    "EchoTime": 0.092,
    "BaseResolution": 104,
    "MRAcquisitionType": "2D",
    "MultibandAccelerationFactor": 3,
    "ImageOrientationText": "Tra>Cor(-16.4)",
    "TotalReadoutTime": 0.0690115,
    "ConversionSoftwareVersion": "v1.0.20211006",
    "ShimSetting": [
        4969,
        -11434,
        -1288,
        444,
        23,
        -161,
        8,
        56
    ],
    "InstitutionalDepartmentName": "BE3597",
    "PulseSequenceDetails": "%CustomerSeq%\\cmrr_mbep2d_diff",
    "ConsistencyInfo": "N4_VE11C_LATEST_20160120",
    "SpacingBetweenSlices": 2,
    "FlipAngle": 78,
    "DeviceSerialNumber": "66093",
    "ManufacturersModelName": "Prisma",
    "ScanOptions": "PFP\\FS",
    "SequenceName": "ep_b5#1",
    "DwellTime": 2.7e-06,
    "AcquisitionMatrixPE": 104,
    "ReceiveCoilActiveElements": "HC1-7",
    "MagneticFieldStrength": 3,
    "ReceiveCoilName": "HeadNeck_64",
    "SliceTiming": [
        0,
        1.64,
        3.28,
        1.3425,
        2.9825,
        1.045,
        2.685,
        0.745,
        2.3875,
        0.4475,
        2.0875,
        0.15,
        1.79,
        3.43,
        1.4925,
        3.1325,
        1.1925,
        2.835,
        0.895,
        2.535,
        0.5975,
        2.2375,
        0.2975,
        1.94,
        0,
        1.64,
        3.28,
        1.3425,
        2.9825,
        1.045,
        2.685,
        0.745,
        2.3875,
        0.4475,
        2.0875,
        0.15,
        1.79,
        3.43,
        1.4925,
        3.1325,
        1.1925,
        2.835,
        0.895,
        2.535,
        0.5975,
        2.2375,
        0.2975,
        1.94,
        0,
        1.64,
        3.28,
        1.3425,
        2.9825,
        1.045,
        2.685,
        0.745,
        2.3875,
        0.4475,
        2.0875,
        0.15,
        1.79,
        3.43,
        1.4925,
        3.1325,
        1.1925,
        2.835,
        0.895,
        2.535,
        0.5975,
        2.2375,
        0.2975,
        1.94
    ],
    "InstitutionAddress": "Warneford Lane StreetNo,Oxford,District,GB,OX3 7JX",
    "EffectiveEchoSpacing": 0.000670015,
    "BandwidthPerPixelPhaseEncode": 14.351,
    "InPlanePhaseEncodingDirectionDICOM": "COL",
    "TxRefAmp": 267.904,
    "ImageComments": "Unaliased MB3/PE3 SENSE1",
    "AcquisitionTime": "14:50:41.057500",
    "PatientPosition": "HFS",
    "BodyPartExamined": "BRAIN",
    "SoftwareVersions": "syngo MR E11",
    "SeriesNumber": 12,
    "PercentSampling": 100,
    "InstitutionName": "Warneford Hospital",
    "Modality": "MR"
}