{
    "ImageType": [
        "ORIGINAL",
        "PRIMARY",
        "DIFFUSION",
        "NONE",
        "MB",
        "ND"
    ],
    "ReconMatrixPE": 104,
    "DwellTime": 2.7e-06,
    "FlipAngle": 78,
    "SliceThickness": 2,
    "SoftwareVersions": "syngo MR E11",
    "AcquisitionMatrixPE": 104,
    "ProtocolName": "diff_PA_MPopt_MB3_3b0_lowflip",
    "RepetitionTime": 3.6,
    "DiffusionScheme": "Monopolar",
    "ShimSetting": [
        4969,
        -11434,
        -1288,
        444,
        23,
        -161,
        8,
        56
    ],
    "StationName": "AWP66093",
    "ManufacturersModelName": "Prisma",
    "CoilCombinationMethod": "Sum of Squares",
    "MagneticFieldStrength": 3,
    "InPlanePhaseEncodingDirectionDICOM": "COL",
    "Manufacturer": "Siemens",
    "PhaseEncodingDirection": "j",
    "TxRefAmp": 267.904,
    "ScanOptions": "PFP\\FS",
    "EchoTime": 0.092,
    "BaseResolution": 104,
    "PhaseEncodingSteps": 78,
    "TotalReadoutTime": 0.0690115,
    "MRAcquisitionType": "2D",
    "AcquisitionNumber": 1,
    "DerivedVendorReportedEchoSpacing": 0.000670015,
    "ImageComments": "Unaliased MB3/PE3 SENSE1",
    "ImageOrientationText": "Tra>Cor(-16.4)",
    "SeriesNumber": 10,
    "BodyPartExamined": "BRAIN",
    "PulseSequenceDetails": "%CustomerSeq%\\cmrr_mbep2d_diff",
    "InstitutionalDepartmentName": "BE3597",
    "InstitutionAddress": "Warneford Lane StreetNo,Oxford,District,GB,OX3 7JX",
    "Modality": "MR",
    "ScanningSequence": "EP",
    "PhaseResolution": 1,
    "PercentPhaseFOV": 100,
    "ImageOrientationPatientDICOM": [
        1,
        0,
        0,
        0,
        0.959314,
        -0.282341
    ],
    "SequenceName": "ep_b5#1",
    "DeviceSerialNumber": "66093",
    "ConversionSoftwareVersion": "v1.0.20211006",
    "SeriesDescription": "diff 3dirs b=0 pepolar",
    "EchoTrainLength": 78,
    "PartialFourier": 0.75,
    "ProcedureStepDescription": "OHBA Projects VE11C^2018_122 BHP OHBA",
    "PixelBandwidth": 1780,
    "ReceiveCoilActiveElements": "HC1-7",
    "InstitutionName": "Warneford Hospital",
    "ReceiveCoilName": "HeadNeck_64",
    "SAR": 0.0737328,
    "ConversionSoftware": "dcm2niix",
    "MultibandAccelerationFactor": 3,
    "PercentSampling": 100,
    "SpacingBetweenSlices": 2,
    "MatrixCoilMode": "SENSE",
    "PatientPosition": "HFS",
    "AcquisitionTime": "14:49:58.135000",
    "SequenceVariant": "SK\\SS",
    "ImagingFrequency": 123.26,
    "WipMemBlock": "3d3bacc6-933f-4c23-af43-50e86a463a2b||Sequence: R016 ve11c/master r/e634e98; Dec 19 2017 11:11:25 by eja",
    "SliceTiming": [
        0,
        1.64062,
        3.28125,
        1.34375,
        2.98438,
        1.03125,
        2.67188,
        0.73438,
        2.375,
        0.4375,
        2.07812,
        0.14062,
        1.78125,
        3.42188,
        1.48438,
        3.125,
        1.1875,
        2.82812,
        0.89062,
        2.53125,
        0.59375,
        2.23438,
        0.29688,
        1.9375,
        0,
        1.64062,
        3.28125,
        1.34375,
        2.98438,
        1.03125,
        2.67188,
        0.73438,
        2.375,
        0.4375,
        2.07812,
        0.14062,
        1.78125,
        3.42188,
        1.48438,
        3.125,
        1.1875,
        2.82812,
        0.89062,
        2.53125,
        0.59375,
        2.23438,
        0.29688,
        1.9375,
        0,
        1.64062,
        3.28125,
        1.34375,
        2.98438,
        1.03125,
        2.67188,
        0.73438,
        2.375,
        0.4375,
        2.07812,
        0.14062,
        1.78125,
        3.42188,
        1.48438,
        3.125,
        1.1875,
        2.82812,
        0.89062,
        2.53125,
        0.59375,
        2.23438,
        0.29688,
        1.9375
    ],
    "EffectiveEchoSpacing": 0.000670015,
    "ConsistencyInfo": "N4_VE11C_LATEST_20160120",
    "BandwidthPerPixelPhaseEncode": 14.351
}