{
  "Modality": "MR",
  "MagneticFieldStrength": 3,
  "ImagingFrequency": 127.749,
  "Manufacturer": "Philips",
  "ManufacturersModelName": "Ingenia",
  "InstitutionName": "Nottingham University",
  "InstitutionalDepartmentName": "SPMIC",
  "InstitutionAddress": "University Park",
  "DeviceSerialNumber": "71459",
  "StationName": "HOST-2ADB2S6FDM",
  "BodyPartExamined": "BRAIN",
  "PatientPosition": "HFS",
  "ProcedureStepDescription": "FMHS4520122",
  "SoftwareVersions": "5.9.0\\5.9.0.0",
  "MRAcquisitionType": "3D",
  "SeriesDescription": "T2_FLAIR_1mm",
  "ProtocolName": "T2_FLAIR_1mm",
  "ScanningSequence": "IR",
  "SequenceVariant": "SK",
  "ScanOptions": "FS",
  "ImageType": [
    "ORIGINAL",
    "PRIMARY",
    "M",
    "IR",
    "M",
    "IR",
    "NORM"
  ],
  "SeriesNumber": 301,
  "AcquisitionTime": "11:44:10.430000",
  "AcquisitionNumber": 3,
  "PhilipsRWVSlope": 5.46593,
  "PhilipsRWVIntercept": 0,
  "PhilipsRescaleSlope": 5.46593,
  "PhilipsRescaleIntercept": 0,
  "PhilipsScaleSlope": 0.0026935,
  "UsePhilipsFloatNotDisplayScaling": 0,
  "SliceThickness": 1.05,
  "SpacingBetweenSlices": 1.05,
  "SAR": 0.0545337,
  "NumberOfAverages": 2,
  "EchoTime": 0.334037,
  "RepetitionTime": 5,
  "MTState": false,
  "InversionTime": 1.65,
  "FlipAngle": 90,
  "CoilString": "MULTI COIL",
  "PercentPhaseFOV": 100,
  "PercentSampling": 78.5398,
  "EchoTrainLength": 182,
  "PhaseEncodingSteps": 256,
  "AcquisitionMatrixPE": 256,
  "ReconMatrixPE": 256,
  "ParallelReductionFactorInPlane": 2.6,
  "ParallelAcquisitionTechnique": "SENSE",
  "ParallelReductionOutOfPlane": 2,
  "WaterFatShift": 0.453676,
  "EstimatedEffectiveEchoSpacing": 4.0737e-06,
  "EstimatedTotalReadoutTime": 0.00103879,
  "PixelBandwidth": 957,
  "PhaseEncodingAxis": "i",
  "ImageOrientationPatientDICOM": [
    -0.0902609,
    0.995918,
    -0.000433353,
    -0.0140995,
    -0.00171294,
    -0.999899
  ],
  "InPlanePhaseEncodingDirectionDICOM": "ROW",
  "ConversionSoftware": "dcm2niix",
  "ConversionSoftwareVersion": "v1.0.20211006",
  "TotalReadoutTime": 0.00103879
}