{
    "PatientPosition": "HFS",
    "PulseSequenceDetails": "%CustomerSeq%\\cmrr_mbep2d_bold",
    "TotalReadoutTime": 0.0600301,
    "Modality": "MR",
    "ReconMatrixPE": 88,
    "PhaseEncodingSteps": 88,
    "ConversionSoftware": "dcm2niix",
    "ImageOrientationText": "Tra>Cor(-23.3)>Sag(-2.3)",
    "PixelBandwidth": 2029,
    "ImageOrientationPatientDICOM": [
        0.999196,
        -0.0158433,
        -0.0368296,
        -6.79467e-08,
        0.918609,
        -0.395167
    ],
    "ImageComments": "Unaliased MB8/PE3 SENSE1",
    "FlipAngle": 52,
    "SliceThickness": 2.4,
    "StationName": "MRC35031",
    "InPlanePhaseEncodingDirectionDICOM": "COL",
    "SequenceName": "epfid2d1_88",
    "PercentSampling": 100,
    "SpacingBetweenSlices": 2.4,
    "CoilCombinationMethod": "Sum of Squares",
    "ImagingFrequency": 123.172,
    "SeriesDescription": "MB8_FMRI_fov210_2.4mm_resting",
    "ReceiveCoilName": "32Ch_Head",
    "BaseResolution": 88,
    "MultibandAccelerationFactor": 8,
    "ProtocolName": "MB8_FMRI_fov210_2.4mm_resting",
    "InstitutionalDepartmentName": "OCMR2",
    "DwellTime": 2.8e-06,
    "ScanOptions": "FS",
    "DerivedVendorReportedEchoSpacing": 0.000690002,
    "RepetitionTime": 0.735,
    "EchoTime": 0.039,
    "PartialFourier": 1,
    "TxRefAmp": 342.009,
    "BandwidthPerPixelPhaseEncode": 16.469,
    "EffectiveEchoSpacing": 0.000690002,
    "InstitutionName": "ocmr",
    "SAR": 0.122082,
    "ScanningSequence": "EP",
    "PercentPhaseFOV": 100,
    "SeriesNumber": 6,
    "MRAcquisitionType": "2D",
    "MatrixCoilMode": "SENSE",
    "SoftwareVersions": "syngo MR B17",
    "MagneticFieldStrength": 3,
    "AcquisitionTime": "14:42:30.290000",
    "AcquisitionMatrixPE": 88,
    "PhaseEncodingDirection": "j-",
    "ImageType": [
        "ORIGINAL",
        "PRIMARY",
        "M",
        "MB",
        "ND",
        "MOSAIC"
    ],
    "ShimSetting": [
        -1699,
        -11269,
        7588,
        805,
        -55,
        -208,
        136,
        60
    ],
    "ConversionSoftwareVersion": "v1.0.20211006",
    "TaskName": "rest",
    "PhaseResolution": 1,
    "DeviceSerialNumber": "35031",
    "AcquisitionNumber": 1,
    "CoilString": "C:HEA;HEP",
    "ManufacturersModelName": "TrioTim",
    "Manufacturer": "Siemens",
    "ProcedureStepDescription": "neuro^N18",
    "SliceTiming": [
        0,
        0.275,
        0.5525,
        0.0925,
        0.3675,
        0.645,
        0.185,
        0.46,
        0,
        0.275,
        0.5525,
        0.0925,
        0.3675,
        0.645,
        0.185,
        0.46,
        0,
        0.275,
        0.5525,
        0.0925,
        0.3675,
        0.645,
        0.185,
        0.46,
        0,
        0.275,
        0.5525,
        0.0925,
        0.3675,
        0.645,
        0.185,
        0.46,
        0,
        0.275,
        0.5525,
        0.0925,
        0.3675,
        0.645,
        0.185,
        0.46,
        0,
        0.275,
        0.5525,
        0.0925,
        0.3675,
        0.645,
        0.185,
        0.46,
        0,
        0.275,
        0.5525,
        0.0925,
        0.3675,
        0.645,
        0.185,
        0.46,
        0,
        0.275,
        0.5525,
        0.0925,
        0.3675,
        0.645,
        0.185,
        0.46
    ],
    "SequenceVariant": "SK\\SS",
    "InstitutionAddress": "Headley Way sfd,Oxford,Southeast,GB,OX3 9UE"
}