{
  "Modality": "MR",
  "MagneticFieldStrength": 3,
  "ImagingFrequency": 127.804,
  "Manufacturer": "Philips",
  "ManufacturersModelName": "Achieva",
  "InstitutionName": "SPMMRC Nottingham",
  "InstitutionalDepartmentName": "MRI",
  "DeviceSerialNumber": "17057",
  "StationName": "PHILIPS-T6O3EHP",
  "BodyPartExamined": "BRAIN",
  "PatientPosition": "HFS",
  "ProcedureStepDescription": "FMHS 452 0122",
  "SoftwareVersions": "5.6.1\\5.6.1.1",
  "MRAcquisitionType": "2D",
  "SeriesDescription": "rs-fmri_singleMB4_HF0.8",
  "ProtocolName": "WIP rs-fmri_singleMB4_HF0.8",
  "ScanningSequence": "GR",
  "SequenceVariant": "SK",
  "ScanOptions": "FS",
  "ImageType": [
    "ORIGINAL",
    "PRIMARY",
    "M",
    "FFE",
    "M",
    "FFE"
  ],
  "SeriesNumber": 1501,
  "AcquisitionTime": "15:24:35.670000",
  "AcquisitionNumber": 15,
  "PhilipsRWVSlope": 0.785592,
  "PhilipsRWVIntercept": 0,
  "PhilipsRescaleSlope": 0.785592,
  "PhilipsRescaleIntercept": 0,
  "PhilipsScaleSlope": 0.00283318,
  "UsePhilipsFloatNotDisplayScaling": 0,
  "SliceThickness": 2.4,
  "SpacingBetweenSlices": 2.4,
  "SAR": 0.0227829,
  "EchoTime": 0.039001,
  "RepetitionTime": 1.15,
  "MTState": false,
  "FlipAngle": 65,
  "CoilString": "MULTI COIL",
  "PercentPhaseFOV": 100,
  "PercentSampling": 100,
  "EchoTrainLength": 95,
  "PartialFourierDirection": "PHASE",
  "PartialFourierEnabled": "YES",
  "PhaseEncodingStepsNoPartialFourier": 95,
  "AcquisitionMatrixPE": 95,
  "ReconMatrixPE": 96,
  "ParallelAcquisitionTechnique": "MBSENSE",
  "ParallelReductionOutOfPlane": 4,
  "WaterFatShift": 25.538,
  "EstimatedEffectiveEchoSpacing": 0.0006122,
  "EstimatedTotalReadoutTime": 0.058159,
  "PixelBandwidth": 2327,
  "PhaseEncodingAxis": "j",
  "ImageOrientationPatientDICOM": [
    0.997215,
    -0.0731377,
    -0.0145722,
    0.0718098,
    0.994444,
    -0.0769646
  ],
  "InPlanePhaseEncodingDirectionDICOM": "COL",
  "ConversionSoftware": "dcm2niix",
  "ConversionSoftwareVersion": "v1.0.20211006",
  "PhaseEncodingDirection": "j",
  "EffectiveEchoSpacing": 0.0006122,
  "B0FieldSource": "pepolar_fmap0",
  "TaskName": "rest",
  "TotalReadoutTime": 0.058159
}