{
  "Modality": "MR",
  "MagneticFieldStrength": 3,
  "ImagingFrequency": 127.708,
  "Manufacturer": "GE",
  "ManufacturersModelName": "SIGNA Premier",
  "InstitutionName": "OCMR MR6",
  "DeviceSerialNumber": "00000070328MRS06",
  "StationName": "GEMRI",
  "BodyPartExamined": "BRAIN",
  "PatientPosition": "HFS",
  "SoftwareVersions": "29\\LX\\RX29.1_R02_2131.a",
  "MRAcquisitionType": "3D",
  "SeriesDescription": "3D Sag T2 FLAIR Cube",
  "ProtocolName": "NeuroHarmony_Stam",
  "ScanningSequence": "SE\\IR",
  "SequenceVariant": "SK",
  "ScanOptions": "SAT_GEMS\\EDR_GEMS\\HYPERSENSE_GEMS\\FILTERED_GEMS\\ACC_GEMS\\FS\\FSS_G",
  "ImageType": [
    "ORIGINAL",
    "PRIMARY",
    "OTHER",
    "NORM"
  ],
  "SeriesNumber": 4,
  "AcquisitionTime": "11:40:34.000000",
  "AcquisitionNumber": 1,
  "SliceThickness": 1,
  "SpacingBetweenSlices": 1,
  "SAR": 0.315,
  "EchoTime": 0.101067,
  "RepetitionTime": 6.3,
  "InversionTime": 1.864,
  "FlipAngle": 90,
  "CoilString": "21HN",
  "PercentPhaseFOV": 100,
  "PercentSampling": 100,
  "EchoTrainLength": 220,
  "AcquisitionMatrixPE": 256,
  "ReconMatrixPE": 512,
  "ParallelReductionFactorInPlane": 2,
  "PixelBandwidth": 325.508,
  "PhaseEncodingAxis": "i",
  "ImageOrientationPatientDICOM": [
    0,
    1,
    0,
    0,
    0,
    -1
  ],
  "InPlanePhaseEncodingDirectionDICOM": "ROW",
  "ConversionSoftware": "dcm2niix",
  "ConversionSoftwareVersion": "v1.0.20211006"
}