{
    "ManufacturersModelName": "Achieva",
    "BodyPartExamined": "BRAIN",
    "PercentSampling": 100,
    "ImagingFrequency": 127.804,
    "CoilString": "MULTI COIL",
    "ImageOrientationPatientDICOM": [
        1,
        0,
        0,
        0,
        1,
        0
    ],
    "EchoTrainLength": 95,
    "ConversionSoftwareVersion": "v1.0.20211006",
    "PhaseEncodingSteps": 95,
    "PercentPhaseFOV": 100,
    "SequenceVariant": "SK",
    "PhaseEncodingDirection": "j-",
    "EstimatedEffectiveEchoSpacing": 0.000605133,
    "ScanningSequence": "SE",
    "ParallelReductionOutOfPlane": 4,
    "DeviceSerialNumber": "17057",
    "MagneticFieldStrength": 3,
    "ReconMatrixPE": 96,
    "SeriesNumber": 1601,
    "ConversionSoftware": "dcm2niix",
    "WaterFatShift": 25.2433,
    "Manufacturer": "Philips",
    "AcquisitionMatrixPE": 95,
    "SliceThickness": 2.4,
    "InstitutionName": "SPMMRC Nottingham",
    "PhilipsScaleSlope": 0.00426676,
    "ImageType": [
        "ORIGINAL",
        "PRIMARY",
        "T2",
        "NONE"
    ],
    "ProcedureStepDescription": "FMHS-36-1220-03",
    "B0FieldIdentifier": "pepolar_fmap0",
    "FlipAngle": 80,
    "AcquisitionTime": "12:59:58.620000",
    "UsePhilipsFloatNotDisplayScaling": 1,
    "IntendedFor": "ses-NOT1ACH006/func/sub-14482_ses-NOT1ACH006_task-rest_bold.nii.gz",
    "AcquisitionNumber": 16,
    "EffectiveEchoSpacing": 0.000605133,
    "SoftwareVersions": "5.6.1\\5.6.1.1",
    "EchoTime": 0.09,
    "MRAcquisitionType": "2D",
    "ScanOptions": "FS",
    "ParallelAcquisitionTechnique": "MBSENSE",
    "PhilipsRescaleSlope": 0.892063,
    "InPlanePhaseEncodingDirectionDICOM": "COL",
    "InstitutionalDepartmentName": "MRI",
    "StationName": "PHILIPS-T6O3EHP",
    "PixelBandwidth": 2339.4,
    "PatientPosition": "HFS",
    "EstimatedTotalReadoutTime": 0.0574876,
    "PhilipsRescaleIntercept": 0,
    "ProtocolName": "WIP blipA_rs-fmri_singleMB4_HF0.8",
    "PhaseEncodingAxis": "j-",
    "RepetitionTime": 2,
    "Modality": "MR",
    "SpacingBetweenSlices": 2.4,
    "TotalReadoutTime": 0.0574876,
    "SeriesDescription": "blipA_rs-fmri_singleMB4_HF0.8",
    "MTState": false
}