{
    "SliceThickness": 2,
    "ScanningSequence": "SE",
    "AcquisitionMatrixPE": 110,
    "InstitutionalDepartmentName": "MRI",
    "TotalReadoutTime": 0.0385056,
    "PatientPosition": "HFS",
    "PhilipsRescaleSlope": 2.50452,
    "ReconMatrixPE": 112,
    "InPlanePhaseEncodingDirectionDICOM": "COL",
    "ProtocolName": "WIP blip_DTI_Biobank_2mm_S2_HS0.8_EPI",
    "CoilString": "MULTI COIL",
    "EstimatedTotalReadoutTime": 0.0385056,
    "ProcedureStepDescription": "H14082014_47",
    "BodyPartExamined": "BRAIN",
    "ImageType": [
        "ORIGINAL",
        "PRIMARY",
        "T2",
        "NONE"
    ],
    "PhilipsRescaleIntercept": 0,
    "PhilipsScaleSlope": 0.00101602,
    "ParallelAcquisitionTechnique": "SENSE",
    "FlipAngle": 90,
    "AcquisitionTime": "17:34:50.400000",
    "PercentSampling": 100,
    "ParallelReductionFactorInPlane": 2,
    "SpacingBetweenSlices": 2,
    "WaterFatShift": 17.0363,
    "ConversionSoftware": "dcm2niix",
    "MTState": false,
    "RepetitionTime": 10,
    "SeriesDescription": "blip_DTI_Biobank_2mm_S2_HS0.8_EPI",
    "AcquisitionNumber": 4,
    "MagneticFieldStrength": 3,
    "ScanOptions": "PFP",
    "PixelBandwidth": 2973.1,
    "ManufacturersModelName": "Achieva",
    "SeriesNumber": 401,
    "PhaseEncodingDirection": "j-",
    "Modality": "MR",
    "EchoTime": 0.07,
    "PartialFourierDirection": "PHASE",
    "EchoTrainLength": 55,
    "Manufacturer": "Philips",
    "PhaseEncodingAxis": "j-",
    "UsePhilipsFloatNotDisplayScaling": 1,
    "PercentPhaseFOV": 100,
    "ImageOrientationPatientDICOM": [
        0.999913,
        0.00324717,
        -0.0128251,
        -0.00357895,
        0.999657,
        -0.0259321
    ],
    "DeviceSerialNumber": "17057",
    "ImagingFrequency": 127.805,
    "EstimatedEffectiveEchoSpacing": 0.000346897,
    "StationName": "PHILIPS-T6O3EHP",
    "PartialFourierEnabled": "YES",
    "PhaseEncodingStepsNoPartialFourier": 110,
    "EffectiveEchoSpacing": 0.000346897,
    "InstitutionName": "SPMMRC Nottingham",
    "SequenceVariant": "SK",
    "ConversionSoftwareVersion": "v1.0.20211006",
    "MRAcquisitionType": "2D",
    "SoftwareVersions": "5.3.0\\5.3.0.3"
}