{
    "InstitutionalDepartmentName": "OCMR2",
    "ManufacturersModelName": "TrioTim",
    "ReconMatrixPE": 104,
    "SequenceName": "epse2d1_104",
    "CoilString": "C:HEA;HEP",
    "SequenceVariant": "SK\\SS",
    "ProtocolName": "diff_PA_MPopt_MB3_3b0_lowflip",
    "EffectiveEchoSpacing": 0.000690017,
    "DeviceSerialNumber": "35031",
    "ScanOptions": "PFP\\FS",
    "MRAcquisitionType": "2D",
    "PercentPhaseFOV": 100,
    "PhaseEncodingDirection": "j",
    "ShimSetting": [
        -1792,
        -11430,
        7551,
        1148,
        -127,
        128,
        200,
        -237
    ],
    "SliceTiming": [
        0,
        1.65625,
        3.3125,
        1.35938,
        3,
        1.04688,
        2.70312,
        0.75,
        2.40625,
        0.45312,
        2.10938,
        0.14062,
        1.79688,
        3.45312,
        1.5,
        3.15625,
        1.20312,
        2.85938,
        0.90625,
        2.5625,
        0.59375,
        2.25,
        0.29688,
        1.95312,
        0,
        1.65625,
        3.3125,
        1.35938,
        3,
        1.04688,
        2.70312,
        0.75,
        2.40625,
        0.45312,
        2.10938,
        0.14062,
        1.79688,
        3.45312,
        1.5,
        3.15625,
        1.20312,
        2.85938,
        0.90625,
        2.5625,
        0.59375,
        2.25,
        0.29688,
        1.95312,
        0,
        1.65625,
        3.3125,
        1.35938,
        3,
        1.04688,
        2.70312,
        0.75,
        2.40625,
        0.45312,
        2.10938,
        0.14062,
        1.79688,
        3.45312,
        1.5,
        3.15625,
        1.20312,
        2.85938,
        0.90625,
        2.5625,
        0.59375,
        2.25,
        0.29688,
        1.95312
    ],
    "ConversionSoftwareVersion": "v1.0.20211006",
    "AcquisitionMatrixPE": 104,
    "MagneticFieldStrength": 3,
    "SAR": 0.131959,
    "InPlanePhaseEncodingDirectionDICOM": "COL",
    "ImageComments": "Unaliased MB3/PE3 SENSE1",
    "SoftwareVersions": "syngo MR B17",
    "TxRefAmp": 316.507,
    "PulseSequenceDetails": "%CustomerSeq%\\cmrr_mbep2d_diff",
    "InstitutionAddress": "Headley Way sfd,Oxford,Southeast,GB,OX3 9UE",
    "ReceiveCoilName": "32Ch_Head",
    "RepetitionTime": 3.6,
    "PartialFourier": 0.75,
    "InstitutionName": "John Radcliffe Hospital",
    "PhaseEncodingSteps": 78,
    "PhaseResolution": 1,
    "AcquisitionTime": "15:13:10.887500",
    "AcquisitionNumber": 1,
    "BandwidthPerPixelPhaseEncode": 13.935,
    "StationName": "MRC35031",
    "SpacingBetweenSlices": 2,
    "ProcedureStepDescription": "neuro^N18",
    "Manufacturer": "Siemens",
    "DerivedVendorReportedEchoSpacing": 0.000690017,
    "ImageType": [
        "ORIGINAL",
        "PRIMARY",
        "M",
        "MB",
        "ND"
    ],
    "SeriesDescription": "diff 4dirs b=0 pepolar",
    "ImageOrientationText": "Tra>Cor(-10.7)",
    "PercentSampling": 100,
    "ImagingFrequency": 123.173,
    "TotalReadoutTime": 0.0710717,
    "SliceThickness": 2,
    "BaseResolution": 104,
    "ConversionSoftware": "dcm2niix",
    "MultibandAccelerationFactor": 3,
    "CoilCombinationMethod": "Sum of Squares",
    "FlipAngle": 78,
    "MatrixCoilMode": "SENSE",
    "ScanningSequence": "EP",
    "Modality": "MR",
    "SeriesNumber": 10,
    "PatientPosition": "HFS",
    "ImageOrientationPatientDICOM": [
        1,
        -2e-16,
        0,
        2e-16,
        0.982613,
        -0.185667
    ],
    "DwellTime": 2.7e-06,
    "PixelBandwidth": 1781,
    "EchoTime": 0.0964
}