{
    "ScanningSequence": "SE\\IR",
    "SliceThickness": 1.05,
    "Modality": "MR",
    "MRAcquisitionType": "3D",
    "PhaseEncodingSteps": 215,
    "BodyPartExamined": "HEAD",
    "ConversionSoftware": "dcm2niix",
    "EchoTime": 0.397,
    "ConsistencyInfo": "N4_VE11C_LATEST_20160120",
    "InstitutionalDepartmentName": "Department",
    "MatrixCoilMode": "GRAPPA",
    "CoilCombinationMethod": "Adaptive Combine",
    "SeriesDescription": "t2_flair_sag_p2_1mm_FS_ellip_pf78",
    "Manufacturer": "Siemens",
    "RefLinesPE": 24,
    "ParallelReductionFactorInPlane": 2,
    "ImageOrientationText": "Sag>Cor(-2.1)>Tra(-0.7)",
    "DwellTime": 2.5e-06,
    "EchoTrainLength": 258,
    "ProtocolName": "t2_flair_sag_p2_1mm_FS_ellip_pf78",
    "ReceiveCoilName": "Head_32",
    "ManufacturersModelName": "Prisma",
    "TxRefAmp": 245.525,
    "FlipAngle": 120,
    "BaseResolution": 256,
    "ImagingFrequency": 123.256,
    "ShimSetting": [
        314,
        -11502,
        1672,
        335,
        52,
        -50,
        119,
        17
    ],
    "ConversionSoftwareVersion": "v1.0.20211006",
    "PhaseEncodingDirection": "i",
    "SequenceName": "*spcir_284ns",
    "SAR": 0.105765,
    "PartialFourier": 1,
    "PatientPosition": "HFS",
    "ImageType": [
        "ORIGINAL",
        "PRIMARY",
        "OTHER",
        "NORM"
    ],
    "PercentSampling": 100,
    "StationName": "AWP66050",
    "ScanOptions": "IR\\PFP\\FS",
    "SeriesNumber": 10,
    "InPlanePhaseEncodingDirectionDICOM": "ROW",
    "AcquisitionNumber": 1,
    "ReconMatrixPE": 256,
    "ImageOrientationPatientDICOM": [
        -0.0362125,
        0.998788,
        -0.0333274,
        0.0128989,
        -0.0328793,
        -0.999376
    ],
    "AcquisitionTime": "10:34:59.035000",
    "SoftwareVersions": "syngo MR E11",
    "PixelBandwidth": 780,
    "SequenceVariant": "SK\\SP\\MP",
    "MagneticFieldStrength": 3,
    "PercentPhaseFOV": 100,
    "PhaseResolution": 1,
    "InstitutionName": "The John Radcliffe",
    "AcquisitionMatrixPE": 256,
    "InstitutionAddress": "Headley Way StreetNo,Oxford,District,GB,OX3 9DU",
    "DeviceSerialNumber": "66050",
    "InversionTime": 1.8,
    "ReceiveCoilActiveElements": "HEA;HEP",
    "SpoilingState": true,
    "PulseSequenceDetails": "%SiemensSeq%\\tse_vfl",
    "RepetitionTime": 5
}