{
    "ImageType": [
        "ORIGINAL",
        "PRIMARY",
        "OTHER",
        "NORM"
    ],
    "MRAcquisitionType": "2D",
    "ProtocolName": "BioBank v1.2",
    "ConversionSoftware": "dcm2niix",
    "AcquisitionMatrixPE": 160,
    "StationName": "MR01DV01",
    "ImageOrientationPatientDICOM": [
        0,
        1,
        0,
        0,
        0,
        -1
    ],
    "SequenceVariant": "SK",
    "SAR": 0.7588,
    "PixelBandwidth": 390.625,
    "CoilString": "32Ch Head",
    "PhaseEncodingAxis": "i",
    "ParallelReductionFactorInPlane": 2,
    "InversionTime": 2.71337,
    "ConversionSoftwareVersion": "v1.0.20211006",
    "ProcedureStepDescription": "B12012012-52",
    "ImagingFrequency": 127.726,
    "ReconMatrixPE": 160,
    "ManufacturersModelName": "DISCOVERY MR750",
    "DeviceSerialNumber": "00000000269MRS04",
    "SeriesDescription": "T2_FLAIR_2D_1.5mm3",
    "SoftwareVersions": "24\\LX\\MR Software release:DV24.0_R02_1607.b",
    "SliceThickness": 1.5,
    "MagneticFieldStrength": 3,
    "Manufacturer": "GE",
    "FlipAngle": 160,
    "AcquisitionNumber": 1,
    "SpacingBetweenSlices": 1.5,
    "PercentPhaseFOV": 100,
    "EchoTime": 0.093184,
    "ScanOptions": "FAST_GEMS\\SAT_GEMS\\EDR_GEMS\\TRF_GEMS\\FILTERED_GEMS\\ACC_GEMS\\FS",
    "PercentSampling": 100,
    "Modality": "MR",
    "EchoTrainLength": 14,
    "AcquisitionTime": "17:23:39.000000",
    "SeriesNumber": 12,
    "ScanningSequence": "SE\\IR",
    "InstitutionName": "Nottingham Medical School",
    "PatientPosition": "HFS",
    "InPlanePhaseEncodingDirectionDICOM": "ROW",
    "RepetitionTime": 12
}