{
	"Modality": "MR",
	"MagneticFieldStrength": 3,
	"ImagingFrequency": 127.726,
	"Manufacturer": "GE",
	"ManufacturersModelName": "DISCOVERY MR750",
	"InstitutionName": "Nottingham Medical School",
	"DeviceSerialNumber": "00000000269MRS04",
	"StationName": "MR01DV01",
	"PatientPosition": "HFS",
	"ProcedureStepDescription": "B12012012-52",
	"SoftwareVersions": "24\\LX\\MR Software release:DV24.0_R02_1607.b",
	"MRAcquisitionType": "2D",
	"SeriesDescription": "T2_FLAIR_2D_1x1x2mm",
	"ProtocolName": "BioBank v1.2",
	"ScanningSequence": "SE\\IR",
	"SequenceVariant": "SK",
	"ScanOptions": "FAST_GEMS\\SAT_GEMS\\EDR_GEMS\\TRF_GEMS\\FILTERED_GEMS\\ACC_GEMS\\FS",
	"PulseSequenceName": "fse",
	"ImageType": ["ORIGINAL", "PRIMARY", "OTHER"],
	"SeriesNumber": 5,
	"AcquisitionTime": "16:28:11.000000",
	"AcquisitionNumber": 1,
	"SliceThickness": 2,
	"SpacingBetweenSlices": 2,
	"SAR": 0.5688,
	"EchoTime": 0.09548,
	"RepetitionTime": 12,
	"InversionTime": 2.71219,
	"FlipAngle": 160,
	"ShimSetting": [
		-4,
		-3,
		-18	],
	"PrescanReuseString": "TG/s1",
	"CoilString": "32Ch Head",
	"PercentPhaseFOV": 100,
	"PercentSampling": 100,
	"EchoTrainLength": 14,
	"AcquisitionMatrixPE": 256,
	"ReconMatrixPE": 256,
	"ParallelReductionFactorInPlane": 2,
	"PixelBandwidth": 244.141,
	"PhaseEncodingAxis": "i",
	"ImageOrientationPatientDICOM": [
		-0,
		1,
		0,
		-0,
		-0,
		-1	],
	"InPlanePhaseEncodingDirectionDICOM": "ROW",
	"ConversionSoftware": "dcm2niix",
	"ConversionSoftwareVersion": "v1.0.20220720"
}
