{
    "SeriesNumber": 9,
    "RepetitionTime": 11,
    "PatientPosition": "HFS",
    "PercentSampling": 100,
    "ConversionSoftware": "dcm2niix",
    "FlipAngle": 90,
    "AcquisitionTime": "15:45:4.000000",
    "ManufacturersModelName": "DISCOVERY MR750",
    "ParallelReductionFactorInPlane": 2,
    "ConversionSoftwareVersion": "v1.0.20211006",
    "SequenceVariant": "NONE",
    "MRAcquisitionType": "2D",
    "CoilString": "32Ch Head",
    "InversionTime": 0.081,
    "AcquisitionMatrixPE": 104,
    "ImageOrientationPatientDICOM": [
        0.99626,
        0.0743312,
        0.0440491,
        -0.067884,
        0.988766,
        -0.133171
    ],
    "AcquisitionNumber": 1,
    "SAR": 1.39764,
    "PixelBandwidth": 4807.69,
    "SoftwareVersions": "24\\LX\\MR Software release:DV24.0_R02_1607.b",
    "ImageType": [
        "ORIGINAL",
        "PRIMARY",
        "OTHER"
    ],
    "PhaseEncodingPolarityGE": "Unflipped",
    "ProcedureStepDescription": "H14082014_47",
    "Modality": "MR",
    "InPlanePhaseEncodingDirectionDICOM": "COL",
    "SliceThickness": 2,
    "EchoTime": 0.072,
    "SeriesDescription": "diff 2dirs b=0 pepolar",
    "ScanningSequence": "EP\\SE",
    "ImagingFrequency": 127.726,
    "PhaseEncodingDirection": "j-",
    "EffectiveEchoSpacing": 0.00033868,
    "Manufacturer": "GE",
    "SpacingBetweenSlices": 2,
    "InstitutionName": "Nottingham Medical School",
    "PercentPhaseFOV": 100,
    "StationName": "MR01DV01",
    "InternalPulseSequenceName": "EPI2",
    "ProtocolName": "BioBank v1.2",
    "ScanOptions": "SAT_GEMS\\EDR_GEMS\\EPI_GEMS\\ACC_GEMS\\PFF\\FS",
    "MagneticFieldStrength": 3,
    "DeviceSerialNumber": "00000000269MRS04",
    "TotalReadoutTime": 0.034884,
    "ReconMatrixPE": 104,
    "PhaseEncodingAxis": "j-"
}