{
    "SAR": 0.0573692,
    "ReconMatrixPE": 88,
    "BodyPartExamined": "HEAD",
    "ProtocolName": "MB8_FMRI_fov210_2.4mm_resting",
    "ImageType": [
        "ORIGINAL",
        "PRIMARY",
        "M",
        "MB",
        "ND",
        "MOSAIC"
    ],
    "StationName": "AWP66050",
    "TxRefAmp": 230.925,
    "SpacingBetweenSlices": 2.4,
    "SliceTiming": [
        0,
        0.2675,
        0.535,
        0.0875,
        0.3575,
        0.625,
        0.1775,
        0.445,
        0,
        0.2675,
        0.535,
        0.0875,
        0.3575,
        0.625,
        0.1775,
        0.445,
        0,
        0.2675,
        0.535,
        0.0875,
        0.3575,
        0.625,
        0.1775,
        0.445,
        0,
        0.2675,
        0.535,
        0.0875,
        0.3575,
        0.625,
        0.1775,
        0.445,
        0,
        0.2675,
        0.535,
        0.0875,
        0.3575,
        0.625,
        0.1775,
        0.445,
        0,
        0.2675,
        0.535,
        0.0875,
        0.3575,
        0.625,
        0.1775,
        0.445,
        0,
        0.2675,
        0.535,
        0.0875,
        0.3575,
        0.625,
        0.1775,
        0.445,
        0,
        0.2675,
        0.535,
        0.0875,
        0.3575,
        0.625,
        0.1775,
        0.445
    ],
    "PhaseResolution": 1,
    "MagneticFieldStrength": 3,
    "SeriesNumber": 8,
    "DwellTime": 2.8e-06,
    "CoilCombinationMethod": "Sum of Squares",
    "MultibandAccelerationFactor": 8,
    "Manufacturer": "Siemens",
    "TaskName": "rest",
    "MRAcquisitionType": "2D",
    "ShimSetting": [
        305,
        -11502,
        1696,
        468,
        -71,
        -95,
        87,
        4
    ],
    "PercentSampling": 100,
    "EffectiveEchoSpacing": 0.000639989,
    "WipMemBlock": "ee4a8069-311c-4b53-8f9c-fdca2a90d90e||Sequence: R016 ve11c/master r/e634e98; Dec 19 2017 11:00:25 by eja",
    "ImageComments": "Unaliased MB8/PE3 SENSE1",
    "DeviceSerialNumber": "66050",
    "ConsistencyInfo": "N4_VE11C_LATEST_20160120",
    "RepetitionTime": 0.735,
    "InstitutionAddress": "Headley Way StreetNo,Oxford,District,GB,OX3 9DU",
    "SoftwareVersions": "syngo MR E11",
    "BandwidthPerPixelPhaseEncode": 17.756,
    "ImagingFrequency": 123.256,
    "EchoTime": 0.039,
    "PercentPhaseFOV": 100,
    "ConversionSoftwareVersion": "v1.0.20211006",
    "PhaseEncodingDirection": "j-",
    "EchoTrainLength": 88,
    "FlipAngle": 52,
    "ScanOptions": "FS",
    "PartialFourier": 1,
    "PulseSequenceDetails": "%CustomerSeq%\\cmrr_mbep2d_bold",
    "ReceiveCoilActiveElements": "HEA;HEP",
    "Modality": "MR",
    "BaseResolution": 88,
    "DerivedVendorReportedEchoSpacing": 0.000639989,
    "ImageOrientationPatientDICOM": [
        0.99806,
        0.05271,
        0.0331442,
        -0.0372949,
        0.932335,
        -0.359666
    ],
    "ReceiveCoilName": "Head_32",
    "InstitutionalDepartmentName": "Department",
    "AcquisitionMatrixPE": 88,
    "MatrixCoilMode": "SENSE",
    "AcquisitionNumber": 1,
    "AcquisitionTime": "12:27:2.497500",
    "InPlanePhaseEncodingDirectionDICOM": "COL",
    "SliceThickness": 2.4,
    "ConversionSoftware": "dcm2niix",
    "TotalReadoutTime": 0.055679,
    "ImageOrientationText": "Tra>Cor(-21.0)>Sag(2.9)",
    "SequenceVariant": "SK\\SS",
    "ManufacturersModelName": "Prisma",
    "PixelBandwidth": 2030,
    "SeriesDescription": "MB8_FMRI_fov210_2.4mm_resting",
    "InstitutionName": "The John Radcliffe",
    "PhaseEncodingSteps": 88,
    "PatientPosition": "HFS",
    "SequenceName": "epfid2d1_88",
    "ScanningSequence": "EP"
}