{
    "SliceTiming": [
        0,
        1.64062,
        3.28125,
        1.34375,
        2.98438,
        1.04688,
        2.6875,
        0.75,
        2.39062,
        0.45312,
        2.08594,
        0.14844,
        1.78906,
        3.42969,
        1.49219,
        3.13281,
        1.19531,
        2.83594,
        0.89844,
        2.53906,
        0.59375,
        2.24219,
        0.29688,
        1.9375,
        0,
        1.64062,
        3.28125,
        1.34375,
        2.98438,
        1.04688,
        2.6875,
        0.75,
        2.39062,
        0.45312,
        2.08594,
        0.14844,
        1.78906,
        3.42969,
        1.49219,
        3.13281,
        1.19531,
        2.83594,
        0.89844,
        2.53906,
        0.59375,
        2.24219,
        0.29688,
        1.9375,
        0,
        1.64062,
        3.28125,
        1.34375,
        2.98438,
        1.04688,
        2.6875,
        0.75,
        2.39062,
        0.45312,
        2.08594,
        0.14844,
        1.78906,
        3.42969,
        1.49219,
        3.13281,
        1.19531,
        2.83594,
        0.89844,
        2.53906,
        0.59375,
        2.24219,
        0.29688,
        1.9375
    ],
    "DiffusionScheme": "Monopolar",
    "TxRefAmp": 273.744,
    "EffectiveEchoSpacing": 0.000670015,
    "BandwidthPerPixelPhaseEncode": 14.351,
    "DwellTime": 2.7e-06,
    "InstitutionAddress": "Warneford Lane StreetNo,Oxford,District,GB,OX3 7JX",
    "PhaseResolution": 1,
    "ConversionSoftwareVersion": "v1.0.20211006",
    "MRAcquisitionType": "2D",
    "ReceiveCoilName": "HeadNeck_64",
    "ImagingFrequency": 123.259,
    "PatientPosition": "HFS",
    "SpacingBetweenSlices": 2,
    "InstitutionalDepartmentName": "BE3597",
    "ShimSetting": [
        4972,
        -11405,
        -1373,
        532,
        30,
        -122,
        -38,
        7
    ],
    "ImageOrientationText": "Tra>Cor(-18.0)",
    "ImageComments": "Unaliased MB3/PE3 SENSE1",
    "MatrixCoilMode": "SENSE",
    "PulseSequenceDetails": "%CustomerSeq%\\cmrr_mbep2d_diff",
    "PhaseEncodingDirection": "j",
    "WipMemBlock": "c4513b49-7ac9-460e-a2dc-a8bc7a0a94e9||Sequence: R016 ve11c/master r/e634e98; Dec 19 2017 11:11:25 by eja",
    "MagneticFieldStrength": 3,
    "DeviceSerialNumber": "66093",
    "SliceThickness": 2,
    "SeriesDescription": "diff 3dirs b=0 pepolar",
    "BaseResolution": 104,
    "ReconMatrixPE": 104,
    "Manufacturer": "Siemens",
    "ImageType": [
        "ORIGINAL",
        "PRIMARY",
        "DIFFUSION",
        "NONE",
        "MB",
        "ND"
    ],
    "ImageOrientationPatientDICOM": [
        1,
        0,
        0,
        0,
        0.951057,
        -0.309017
    ],
    "ManufacturersModelName": "Prisma",
    "ReceiveCoilActiveElements": "HC1-7",
    "SequenceVariant": "SK\\SS",
    "SequenceName": "ep_b5#1",
    "EchoTime": 0.092,
    "ProtocolName": "diff_PA_MPopt_MB3_3b0_lowflip",
    "AcquisitionTime": "11:47:57.455000",
    "DerivedVendorReportedEchoSpacing": 0.000670015,
    "CoilCombinationMethod": "Sum of Squares",
    "RepetitionTime": 3.6,
    "Modality": "MR",
    "StationName": "AWP66093",
    "PartialFourier": 0.75,
    "ScanOptions": "PFP\\FS",
    "MultibandAccelerationFactor": 3,
    "AcquisitionNumber": 1,
    "SeriesNumber": 12,
    "ConsistencyInfo": "N4_VE11C_LATEST_20160120",
    "PhaseEncodingSteps": 78,
    "InstitutionName": "Warneford Hospital",
    "SoftwareVersions": "syngo MR E11",
    "InPlanePhaseEncodingDirectionDICOM": "COL",
    "TotalReadoutTime": 0.0690115,
    "ScanningSequence": "EP",
    "PercentSampling": 100,
    "SAR": 0.0776244,
    "EchoTrainLength": 78,
    "BodyPartExamined": "BRAIN",
    "PercentPhaseFOV": 100,
    "PixelBandwidth": 1780,
    "FlipAngle": 78,
    "AcquisitionMatrixPE": 104,
    "ConversionSoftware": "dcm2niix"
}