{
  "Modality": "MR",
  "MagneticFieldStrength": 3,
  "ImagingFrequency": 127.708,
  "Manufacturer": "GE",
  "InternalPulseSequenceName": "EPI2",
  "ManufacturersModelName": "SIGNA Premier",
  "InstitutionName": "OCMR MR6",
  "DeviceSerialNumber": "00000070328MRS06",
  "StationName": "GEMRI",
  "BodyPartExamined": "BRAIN",
  "PatientPosition": "HFS",
  "SoftwareVersions": "29\\LX\\RX29.1_R02_2131.a",
  "MRAcquisitionType": "2D",
  "SeriesDescription": "DW EPI_pol",
  "ProtocolName": "NeuroHarmony_Stam",
  "ScanningSequence": "EP\\SE",
  "SequenceVariant": "NONE",
  "ScanOptions": "CL_GEMS\\SAT_GEMS\\EDR_GEMS\\EPI_GEMS\\HYPERBAND_GEMS\\ACC_GEMS\\PFF\\FS",
  "ImageType": [
    "ORIGINAL",
    "PRIMARY",
    "OTHER",
    "NORM"
  ],
  "SeriesNumber": 9,
  "AcquisitionTime": "13:44:28.000000",
  "AcquisitionNumber": 1,
  "SliceThickness": 2.4,
  "SpacingBetweenSlices": 2.4,
  "SAR": 0.0846183,
  "EchoTime": 0.0703,
  "RepetitionTime": 8,
  "FlipAngle": 90,
  "PhaseEncodingPolarityGE": "Unflipped",
  "CoilString": "21HN",
  "MultibandAccelerationFactor": 2,
  "PercentPhaseFOV": 100,
  "PercentSampling": 100,
  "AcquisitionMatrixPE": 104,
  "ReconMatrixPE": 104,
  "ParallelReductionFactorInPlane": 2,
  "EffectiveEchoSpacing": 0.000330757,
  "TotalReadoutTime": 0.034068,
  "PixelBandwidth": 4807.69,
  "PhaseEncodingDirection": "j-",
  "ImageOrientationPatientDICOM": [
    0.999796,
    -0.0150334,
    -0.0134755,
    0.015032,
    0.999887,
    -0.000202996
  ],
  "InPlanePhaseEncodingDirectionDICOM": "COL",
  "ConversionSoftware": "dcm2niix",
  "ConversionSoftwareVersion": "v1.0.20211006"
}