{
    "RepetitionTime": 10,
    "AcquisitionTime": "14:45:56.590000",
    "UsePhilipsFloatNotDisplayScaling": 1,
    "ManufacturersModelName": "Achieva",
    "ImagingFrequency": 127.804,
    "ConversionSoftware": "dcm2niix",
    "SeriesNumber": 401,
    "EchoTrainLength": 55,
    "ScanOptions": "PFP",
    "PartialFourierDirection": "PHASE",
    "SeriesDescription": "blip_DTI_Biobank_2mm_S2_HS0.8_EPI",
    "Modality": "MR",
    "ImageOrientationPatientDICOM": [
        0.999758,
        0.00437181,
        -0.0215657,
        -0.00356428,
        0.999296,
        0.0373423
    ],
    "Manufacturer": "Philips",
    "PhaseEncodingAxis": "j-",
    "PhilipsScaleSlope": 0.000854592,
    "MTState": false,
    "EffectiveEchoSpacing": 0.000346897,
    "ScanningSequence": "SE",
    "SpacingBetweenSlices": 2,
    "StationName": "PHILIPS-T6O3EHP",
    "SequenceVariant": "SK",
    "InstitutionalDepartmentName": "MRI",
    "PhilipsRescaleIntercept": 0,
    "FlipAngle": 90,
    "MRAcquisitionType": "2D",
    "WaterFatShift": 17.0362,
    "CoilString": "MULTI COIL",
    "ParallelAcquisitionTechnique": "SENSE",
    "AcquisitionNumber": 4,
    "DeviceSerialNumber": "17057",
    "SliceThickness": 2,
    "ReconMatrixPE": 112,
    "ConversionSoftwareVersion": "v1.0.20211006",
    "PartialFourierEnabled": "YES",
    "ParallelReductionFactorInPlane": 2,
    "BodyPartExamined": "BRAIN",
    "PhilipsRescaleSlope": 1.51648,
    "EstimatedTotalReadoutTime": 0.0385056,
    "TotalReadoutTime": 0.0385056,
    "PercentPhaseFOV": 100,
    "ProtocolName": "WIP blip_DTI_Biobank_2mm_S2_HS0.8_EPI",
    "PixelBandwidth": 2973.1,
    "InPlanePhaseEncodingDirectionDICOM": "COL",
    "PercentSampling": 100,
    "PhaseEncodingDirection": "j-",
    "PatientPosition": "HFS",
    "EchoTime": 0.07,
    "SoftwareVersions": "5.3.0\\5.3.0.3",
    "InstitutionName": "SPMMRC Nottingham",
    "PhaseEncodingStepsNoPartialFourier": 110,
    "MagneticFieldStrength": 3,
    "ProcedureStepDescription": "H14082014_47",
    "ImageType": [
        "ORIGINAL",
        "PRIMARY",
        "T2",
        "NONE"
    ],
    "AcquisitionMatrixPE": 110,
    "EstimatedEffectiveEchoSpacing": 0.000346897
}