{
    "PixelBandwidth": 2973.1,
    "PercentSampling": 100,
    "ScanOptions": "PFP",
    "SliceThickness": 2,
    "CoilString": "MULTI COIL",
    "PercentPhaseFOV": 100,
    "AcquisitionMatrixPE": 110,
    "FlipAngle": 90,
    "ScanningSequence": "SE",
    "ProtocolName": "WIP DTI_Biobank_2mm_S2_HS0.8_EPI",
    "ProcedureStepDescription": "H14082014_47",
    "ParallelReductionFactorInPlane": 2,
    "Manufacturer": "Philips",
    "MRAcquisitionType": "2D",
    "EstimatedTotalReadoutTime": 0.0385055,
    "EstimatedEffectiveEchoSpacing": 0.000346897,
    "DeviceSerialNumber": "17057",
    "PartialFourierDirection": "PHASE",
    "ConversionSoftware": "dcm2niix",
    "PhaseEncodingStepsNoPartialFourier": 110,
    "MTState": false,
    "BodyPartExamined": "BRAIN",
    "PatientPosition": "HFS",
    "PhilipsScaleSlope": 0.000362014,
    "PhaseEncodingDirection": "j",
    "ReconMatrixPE": 112,
    "EffectiveEchoSpacing": 0.000346897,
    "ImageOrientationPatientDICOM": [
        0.999758,
        0.00437181,
        -0.0215657,
        -0.00356428,
        0.999296,
        0.0373423
    ],
    "InstitutionName": "SPMMRC Nottingham",
    "InstitutionalDepartmentName": "MRI",
    "RepetitionTime": 10.0196,
    "UsePhilipsFloatNotDisplayScaling": 1,
    "EchoTime": 0.070438,
    "PhaseEncodingAxis": "j",
    "ParallelAcquisitionTechnique": "SENSE",
    "PhilipsRescaleSlope": 5.10867,
    "Modality": "MR",
    "ImagingFrequency": 127.804,
    "SpacingBetweenSlices": 2,
    "EchoTrainLength": 55,
    "StationName": "PHILIPS-T6O3EHP",
    "PartialFourierEnabled": "YES",
    "SoftwareVersions": "5.3.0\\5.3.0.3",
    "SeriesDescription": "DTI_Biobank_2mm_S2_HS0.8_EPI",
    "ConversionSoftwareVersion": "v1.0.20211006",
    "WaterFatShift": 17.0362,
    "ImageType": [
        "ORIGINAL",
        "PRIMARY",
        "DIFFUSION",
        "NONE"
    ],
    "ManufacturersModelName": "Achieva",
    "PhilipsRescaleIntercept": 0,
    "SeriesNumber": 501,
    "InPlanePhaseEncodingDirectionDICOM": "COL",
    "AcquisitionNumber": 5,
    "AcquisitionTime": "14:47:9.750000",
    "SequenceVariant": "SK",
    "TotalReadoutTime": 0.0385055,
    "MagneticFieldStrength": 3
}