{
	"Modality": "MR",
	"MagneticFieldStrength": 3,
	"ImagingFrequency": 127.805,
	"Manufacturer": "Philips",
	"ManufacturersModelName": "Achieva",
	"InstitutionName": "SPMMRC Nottingham",
	"InstitutionalDepartmentName": "MRI",
	"DeviceSerialNumber": "17057",
	"StationName": "PHILIPS-T6O3EHP",
	"BodyPartExamined": "BRAIN",
	"PatientPosition": "HFS",
	"ProcedureStepDescription": "H14082014/47",
	"SoftwareVersions": "5.3.0\\5.3.0.3",
	"MRAcquisitionType": "3D",
	"SeriesDescription": "SWI_3mm_tra",
	"ProtocolName": "SWI_3mm_tra",
	"ScanningSequence": "GR",
	"SequenceVariant": "SP",
	"ScanOptions": "FC",
	"ImageType": ["ORIGINAL", "PRIMARY", "PHASE MAP", "P", "FFE", "PHASE"],
	"SeriesNumber": 1201,
	"AcquisitionTime": "11:55:54.120000",
	"AcquisitionNumber": 12,
	"PhilipsRescaleSlope": 1.53455,
	"PhilipsRescaleIntercept": -3142,
	"PhilipsScaleSlope": 651.74,
	"UsePhilipsFloatNotDisplayScaling": 1,
	"SliceThickness": 3,
	"SpacingBetweenSlices": 3,
	"SAR": 0.0152063,
	"EchoNumber": 1,
	"EchoTime": 0.0094,
	"RepetitionTime": 0.027,
	"MTState": false,
	"SpoilingState": true,
	"SpoilingType": "COMBINED",
	"FlipAngle": 15,
	"CoilString": "MULTI COIL",
	"PercentPhaseFOV": 88.8889,
	"PercentSampling": 78.233,
	"EchoTrainLength": 2,
	"PhaseEncodingSteps": 286,
	"AcquisitionMatrixPE": 286,
	"ReconMatrixPE": 288,
	"ParallelReductionFactorInPlane": 2,
	"ParallelAcquisitionTechnique": "SENSE",
	"WaterFatShift": 2.8748,
	"EstimatedEffectiveEchoSpacing": 1.53677e-05,
	"EstimatedTotalReadoutTime": 0.00441053,
	"PixelBandwidth": 151,
	"PhaseEncodingAxis": "i",
	"ImageOrientationPatientDICOM": [
		0.990925,
		-0.124968,
		0.0495124,
		0.125083,
		0.992146,
		0.000776798	],
	"InPlanePhaseEncodingDirectionDICOM": "ROW",
	"ConversionSoftware": "dcm2niix",
	"ConversionSoftwareVersion": "v1.0.20211006"
}
