{
  "Modality": "MR",
  "MagneticFieldStrength": 3,
  "ImagingFrequency": 123.259,
  "Manufacturer": "Siemens",
  "ManufacturersModelName": "Prisma",
  "InstitutionName": "Warneford Hospital",
  "InstitutionalDepartmentName": "BE3597",
  "InstitutionAddress": "Warneford Lane StreetNo,Oxford,District,GB,OX3 7JX",
  "DeviceSerialNumber": "66093",
  "StationName": "AWP66093",
  "BodyPartExamined": "BRAIN",
  "PatientPosition": "HFS",
  "SoftwareVersions": "syngo MR E11",
  "MRAcquisitionType": "2D",
  "SeriesDescription": "MB8_FMRI_fov210_2.4mm_resting",
  "ProtocolName": "MB8_FMRI_fov210_2.4mm_resting",
  "ScanningSequence": "EP",
  "SequenceVariant": "SK\\SS",
  "ScanOptions": "FS",
  "SequenceName": "epfid2d1_88",
  "ImageType": [
    "ORIGINAL",
    "PRIMARY",
    "M",
    "MB",
    "ND",
    "MOSAIC"
  ],
  "SeriesNumber": 6,
  "AcquisitionTime": "14:32:54.812500",
  "AcquisitionNumber": 1,
  "ImageComments": "Unaliased MB8/PE3 SENSE1",
  "SliceThickness": 2.4,
  "SpacingBetweenSlices": 2.4,
  "SAR": 0.0502836,
  "EchoTime": 0.039,
  "RepetitionTime": 0.735,
  "FlipAngle": 52,
  "PartialFourier": 1,
  "BaseResolution": 88,
  "ShimSetting": [
    4939,
    -11352,
    -1330,
    417,
    -78,
    -98,
    -71,
    -37
  ],
  "TxRefAmp": 225.783,
  "PhaseResolution": 1,
  "ReceiveCoilName": "HeadNeck_64",
  "ReceiveCoilActiveElements": "HC1-7",
  "PulseSequenceDetails": "%CustomerSeq%\\cmrr_mbep2d_bold",
  "WipMemBlock": "80744801-a4e8-4625-b02e-45764b285c12||Sequence: R016 ve11c/master r/e634e98; Dec 19 2017 11:00:25 by eja",
  "CoilCombinationMethod": "Sum of Squares",
  "ConsistencyInfo": "N4_VE11C_LATEST_20160120",
  "MatrixCoilMode": "SENSE",
  "MultibandAccelerationFactor": 8,
  "PercentPhaseFOV": 100,
  "PercentSampling": 100,
  "EchoTrainLength": 88,
  "PhaseEncodingSteps": 88,
  "AcquisitionMatrixPE": 88,
  "ReconMatrixPE": 88,
  "BandwidthPerPixelPhaseEncode": 17.756,
  "EffectiveEchoSpacing": 0.000639989,
  "DerivedVendorReportedEchoSpacing": 0.000639989,
  "TotalReadoutTime": 0.055679,
  "PixelBandwidth": 2030,
  "DwellTime": 2.8e-06,
  "PhaseEncodingDirection": "j-",
  "SliceTiming": [
    0,
    0.2675,
    0.535,
    0.0875,
    0.3575,
    0.625,
    0.1775,
    0.445,
    0,
    0.2675,
    0.535,
    0.0875,
    0.3575,
    0.625,
    0.1775,
    0.445,
    0,
    0.2675,
    0.535,
    0.0875,
    0.3575,
    0.625,
    0.1775,
    0.445,
    0,
    0.2675,
    0.535,
    0.0875,
    0.3575,
    0.625,
    0.1775,
    0.445,
    0,
    0.2675,
    0.535,
    0.0875,
    0.3575,
    0.625,
    0.1775,
    0.445,
    0,
    0.2675,
    0.535,
    0.0875,
    0.3575,
    0.625,
    0.1775,
    0.445,
    0,
    0.2675,
    0.535,
    0.0875,
    0.3575,
    0.625,
    0.1775,
    0.445,
    0,
    0.2675,
    0.535,
    0.0875,
    0.3575,
    0.625,
    0.1775,
    0.445
  ],
  "ImageOrientationPatientDICOM": [
    0.999466,
    -0.0115001,
    -0.0305769,
    -2.37349e-08,
    0.935989,
    -0.35203
  ],
  "ImageOrientationText": "Tra>Cor(-20.6)>Sag(-1.9)",
  "InPlanePhaseEncodingDirectionDICOM": "COL",
  "ConversionSoftware": "dcm2niix",
  "ConversionSoftwareVersion": "v1.0.20211006",
  "B0FieldSource": "pepolar_fmap0",
  "TaskName": "rest"
}