{
    "EffectiveEchoSpacing": 0.000639989,
    "ImageOrientationPatientDICOM": [
        0.999449,
        0.00749088,
        0.0323469,
        0.00174438,
        0.961026,
        -0.276452
    ],
    "InPlanePhaseEncodingDirectionDICOM": "COL",
    "SpacingBetweenSlices": 2.4,
    "ScanOptions": "FS",
    "Modality": "MR",
    "TaskName": "rest",
    "EchoTrainLength": 88,
    "PercentSampling": 100,
    "InstitutionName": "The John Radcliffe",
    "WipMemBlock": "7bd77a58-5e5b-40d1-8ab1-c24f97ccf114||Sequence: R016 ve11c/master r/e634e98; Dec 19 2017 11:00:25 by eja",
    "RepetitionTime": 0.735,
    "ImageComments": "Unaliased MB8/PE3 SENSE1",
    "ScanningSequence": "EP",
    "AcquisitionMatrixPE": 88,
    "PhaseEncodingDirection": "j-",
    "ManufacturersModelName": "Prisma",
    "SeriesDescription": "MB8_FMRI_fov210_2.4mm_resting",
    "ImagingFrequency": 123.227,
    "ConsistencyInfo": "N4_VE11C_LATEST_20160120",
    "PhaseResolution": 1,
    "EchoTime": 0.039,
    "PhaseEncodingSteps": 88,
    "MagneticFieldStrength": 3,
    "ReceiveCoilActiveElements": "HEA;HEP",
    "BandwidthPerPixelPhaseEncode": 17.756,
    "SliceThickness": 2.4,
    "SequenceName": "epfid2d1_88",
    "StationName": "AWP66050",
    "SeriesNumber": 8,
    "ProtocolName": "MB8_FMRI_fov210_2.4mm_resting",
    "ConversionSoftware": "dcm2niix",
    "TotalReadoutTime": 0.055679,
    "BaseResolution": 88,
    "PatientPosition": "HFS",
    "ShimSetting": [
        337,
        -11519,
        1683,
        305,
        266,
        187,
        208,
        31
    ],
    "SliceTiming": [
        0,
        0.2675,
        0.5375,
        0.09,
        0.3575,
        0.625,
        0.18,
        0.4475,
        0,
        0.2675,
        0.5375,
        0.09,
        0.3575,
        0.625,
        0.18,
        0.4475,
        0,
        0.2675,
        0.5375,
        0.09,
        0.3575,
        0.625,
        0.18,
        0.4475,
        0,
        0.2675,
        0.5375,
        0.09,
        0.3575,
        0.625,
        0.18,
        0.4475,
        0,
        0.2675,
        0.5375,
        0.09,
        0.3575,
        0.625,
        0.18,
        0.4475,
        0,
        0.2675,
        0.5375,
        0.09,
        0.3575,
        0.625,
        0.18,
        0.4475,
        0,
        0.2675,
        0.5375,
        0.09,
        0.3575,
        0.625,
        0.18,
        0.4475,
        0,
        0.2675,
        0.5375,
        0.09,
        0.3575,
        0.625,
        0.18,
        0.4475
    ],
    "ReceiveCoilName": "Head_32",
    "SoftwareVersions": "syngo MR E11",
    "BodyPartExamined": "HEAD",
    "InstitutionalDepartmentName": "Department",
    "PercentPhaseFOV": 100,
    "CoilCombinationMethod": "Sum of Squares",
    "Manufacturer": "Siemens",
    "AcquisitionTime": "12:22:1.595000",
    "MatrixCoilMode": "SENSE",
    "FlipAngle": 52,
    "DeviceSerialNumber": "66050",
    "SequenceVariant": "SK\\SS",
    "PixelBandwidth": 2030,
    "MRAcquisitionType": "2D",
    "SAR": 0.0526696,
    "ReconMatrixPE": 88,
    "ImageOrientationText": "Tra>Cor(-16.1)>Sag(1.9)",
    "InstitutionAddress": "Headley Way StreetNo,Oxford,District,GB,OX3 9DU",
    "PartialFourier": 1,
    "MultibandAccelerationFactor": 8,
    "TxRefAmp": 239.529,
    "PulseSequenceDetails": "%CustomerSeq%\\cmrr_mbep2d_bold",
    "ConversionSoftwareVersion": "v1.0.20211006",
    "ImageType": [
        "ORIGINAL",
        "PRIMARY",
        "M",
        "MB",
        "ND",
        "MOSAIC"
    ],
    "DerivedVendorReportedEchoSpacing": 0.000639989,
    "DwellTime": 2.8e-06,
    "AcquisitionNumber": 1
}