{
    "EstimatedEffectiveEchoSpacing": 0.000346897,
    "SequenceVariant": "SK",
    "PhilipsRescaleIntercept": 0,
    "EchoTime": 0.070438,
    "PercentPhaseFOV": 100,
    "SliceThickness": 2,
    "MTState": false,
    "ReconMatrixPE": 112,
    "Modality": "MR",
    "PhaseEncodingAxis": "j",
    "RepetitionTime": 10.6225,
    "ManufacturersModelName": "Achieva",
    "PatientPosition": "HFS",
    "AcquisitionTime": "10:37:57.200000",
    "ImageOrientationPatientDICOM": [
        1,
        0,
        0,
        0,
        1,
        0
    ],
    "AcquisitionNumber": 8,
    "AcquisitionMatrixPE": 110,
    "ProtocolName": "WIP DTI_Biobank_2mm_S2_HS0.8_EPI",
    "ParallelReductionFactorInPlane": 2,
    "ScanOptions": "FS",
    "PhilipsScaleSlope": 0.00192589,
    "WaterFatShift": 17.0362,
    "FlipAngle": 90,
    "DeviceSerialNumber": "17057",
    "PixelBandwidth": 2973.09,
    "EffectiveEchoSpacing": 0.000346897,
    "EstimatedTotalReadoutTime": 0.0385055,
    "InstitutionName": "SPMMRC Nottingham",
    "PartialFourierDirection": "PHASE",
    "BodyPartExamined": "BRAIN",
    "CoilString": "MULTI COIL",
    "UsePhilipsFloatNotDisplayScaling": 1,
    "InPlanePhaseEncodingDirectionDICOM": "COL",
    "ProcedureStepDescription": "H14082014_047",
    "InstitutionalDepartmentName": "MRI",
    "ParallelAcquisitionTechnique": "SENSE",
    "SeriesNumber": 801,
    "PartialFourierEnabled": "YES",
    "PhaseEncodingDirection": "j",
    "ImageType": [
        "ORIGINAL",
        "PRIMARY",
        "DIFFUSION",
        "NONE"
    ],
    "PercentSampling": 100,
    "ScanningSequence": "SE",
    "ImagingFrequency": 127.804,
    "SeriesDescription": "DTI_Biobank_2mm_S2_HS0.8_EPI",
    "SoftwareVersions": "5.6.1\\5.6.1.1",
    "EchoTrainLength": 55,
    "ConversionSoftware": "dcm2niix",
    "MagneticFieldStrength": 3,
    "SpacingBetweenSlices": 2,
    "PhilipsRescaleSlope": 1.02247,
    "Manufacturer": "Philips",
    "TotalReadoutTime": 0.0385055,
    "MRAcquisitionType": "2D",
    "StationName": "PHILIPS-T6O3EHP",
    "PhaseEncodingStepsNoPartialFourier": 110,
    "ConversionSoftwareVersion": "v1.0.20211006"
}