{
	"Modality": "MR",
	"MagneticFieldStrength": 3,
	"ImagingFrequency": 127.805,
	"Manufacturer": "Philips",
	"ManufacturersModelName": "Achieva",
	"InstitutionName": "SPMMRC Nottingham",
	"InstitutionalDepartmentName": "MRI",
	"DeviceSerialNumber": "17057",
	"StationName": "PHILIPS-T6O3EHP",
	"BodyPartExamined": "BRAIN",
	"PatientPosition": "HFS",
	"ProcedureStepDescription": "H14082014_47",
	"SoftwareVersions": "5.3.0\\5.3.0.3",
	"MRAcquisitionType": "3D",
	"SeriesDescription": "SWI_3mm_tra",
	"ProtocolName": "WIP SWI_3mm_tra",
	"ScanningSequence": "GR",
	"SequenceVariant": "SP",
	"ScanOptions": "FC",
	"ImageType": ["ORIGINAL", "PRIMARY", "T1", "MIXED", "PHASE"],
	"SeriesNumber": 1101,
	"AcquisitionTime": "12:00:19.480000",
	"AcquisitionNumber": 11,
	"PhilipsRWVSlope": 1.53455,
	"PhilipsRWVIntercept": -3142,
	"PhilipsRescaleSlope": 1.53455,
	"PhilipsRescaleIntercept": -3142,
	"PhilipsScaleSlope": 651.74,
	"UsePhilipsFloatNotDisplayScaling": 1,
	"SliceThickness": 3,
	"SpacingBetweenSlices": 3,
	"EchoNumber": 1,
	"EchoTime": 0.009401,
	"RepetitionTime": 0.027,
	"MTState": false,
	"SpoilingState": true,
	"SpoilingType": "COMBINED",
	"FlipAngle": 15,
	"CoilString": "MULTI COIL",
	"PercentPhaseFOV": 88.8889,
	"PercentSampling": 78.233,
	"EchoTrainLength": 2,
	"PhaseEncodingSteps": 286,
	"AcquisitionMatrixPE": 286,
	"ReconMatrixPE": 288,
	"ParallelReductionFactorInPlane": 2,
	"ParallelAcquisitionTechnique": "SENSE",
	"WaterFatShift": 3.02498,
	"EstimatedEffectiveEchoSpacing": 1.61705e-05,
	"EstimatedTotalReadoutTime": 0.00464093,
	"PixelBandwidth": 143.649,
	"PhaseEncodingAxis": "i",
	"ImageOrientationPatientDICOM": [
		0.999992,
		0.00359926,
		0.00141899,
		-0.00360149,
		0.999992,
		0.00156723	],
	"InPlanePhaseEncodingDirectionDICOM": "ROW",
	"ConversionSoftware": "dcm2niix",
	"ConversionSoftwareVersion": "v1.0.20211006"
}
