{
	"Modality": "MR",
	"MagneticFieldStrength": 3,
	"ImagingFrequency": 123.219,
	"Manufacturer": "Siemens",
	"ManufacturersModelName": "Prisma",
	"InstitutionName": "Warneford Hospital",
	"InstitutionalDepartmentName": "BE3597",
	"InstitutionAddress": "Warneford Lane StreetNo,Oxford,District,GB,OX3 7JX",
	"DeviceSerialNumber": "66093",
	"StationName": "AWP66093",
	"BodyPartExamined": "BRAIN",
	"PatientPosition": "HFS",
	"SoftwareVersions": "syngo MR E11",
	"MRAcquisitionType": "2D",
	"SeriesDescription": "diff_PA_MPopt_MB3_3b0_lowflip",
	"ProtocolName": "diff_PA_MPopt_MB3_3b0_lowflip",
	"ScanningSequence": "EP",
	"SequenceVariant": "SK\\SS",
	"ScanOptions": "PFP\\FS",
	"SequenceName": "ep_b5#1",
	"ImageType": ["ORIGINAL", "PRIMARY", "DIFFUSION", "NONE", "MB", "ND"],
	"SeriesNumber": 10,
	"AcquisitionTime": "10:39:13.085000",
	"AcquisitionNumber": 1,
	"ImageComments": "Unaliased MB3/PE3 SENSE1",
	"SliceThickness": 2,
	"SpacingBetweenSlices": 2,
	"SAR": 0.067038,
	"EchoTime": 0.092,
	"RepetitionTime": 3.6,
	"FlipAngle": 78,
	"PartialFourier": 0.75,
	"BaseResolution": 104,
	"ShimSetting": [
		4946,
		-11417,
		-1229,
		689,
		-61,
		-349,
		45,
		94	],
	"DiffusionScheme": "Monopolar",
	"TxRefAmp": 217.481,
	"PhaseResolution": 1,
	"ReceiveCoilName": "HeadNeck_64",
	"ReceiveCoilActiveElements": "HC1-7",
	"PulseSequenceDetails": "%CustomerSeq%\\cmrr_mbep2d_diff",
	"WipMemBlock": "943df601-37ca-4975-a2eb-9b18253a6357||Sequence: R016 ve11c/master r/e634e98; Dec 19 2017 11:11:25 by eja",
	"CoilCombinationMethod": "Sum of Squares",
	"ConsistencyInfo": "N4_VE11C_LATEST_20160120",
	"MatrixCoilMode": "SENSE",
	"MultibandAccelerationFactor": 3,
	"PercentPhaseFOV": 100,
	"PercentSampling": 100,
	"EchoTrainLength": 78,
	"PhaseEncodingSteps": 78,
	"AcquisitionMatrixPE": 104,
	"ReconMatrixPE": 104,
	"BandwidthPerPixelPhaseEncode": 14.351,
	"EffectiveEchoSpacing": 0.000670015,
	"DerivedVendorReportedEchoSpacing": 0.000670015,
	"TotalReadoutTime": 0.0690115,
	"PixelBandwidth": 1780,
	"DwellTime": 2.7e-06,
	"PhaseEncodingDirection": "j",
	"SliceTiming": [
		0,
		1.64062,
		3.28125,
		1.33594,
		2.98438,
		1.03906,
		2.67969,
		0.74219,
		2.38281,
		0.44531,
		2.08594,
		0.14844,
		1.78906,
		3.42969,
		1.49219,
		3.13281,
		1.19531,
		2.82812,
		0.89062,
		2.53125,
		0.59375,
		2.23438,
		0.29688,
		1.9375,
		0,
		1.64062,
		3.28125,
		1.33594,
		2.98438,
		1.03906,
		2.67969,
		0.74219,
		2.38281,
		0.44531,
		2.08594,
		0.14844,
		1.78906,
		3.42969,
		1.49219,
		3.13281,
		1.19531,
		2.82812,
		0.89062,
		2.53125,
		0.59375,
		2.23438,
		0.29688,
		1.9375,
		0,
		1.64062,
		3.28125,
		1.33594,
		2.98438,
		1.03906,
		2.67969,
		0.74219,
		2.38281,
		0.44531,
		2.08594,
		0.14844,
		1.78906,
		3.42969,
		1.49219,
		3.13281,
		1.19531,
		2.82812,
		0.89062,
		2.53125,
		0.59375,
		2.23438,
		0.29688,
		1.9375	],
	"ImageOrientationPatientDICOM": [
		1,
		0,
		0,
		0,
		0.979575,
		-0.201078	],
	"ImageOrientationText": "Tra>Cor(-11.6)",
	"InPlanePhaseEncodingDirectionDICOM": "COL",
	"ConversionSoftware": "dcm2niix",
	"ConversionSoftwareVersion": "v1.0.20211006"
}
