{
  "Modality": "MR",
  "MagneticFieldStrength": 3,
  "ImagingFrequency": 127.749,
  "Manufacturer": "Philips",
  "ManufacturersModelName": "Ingenia",
  "InstitutionName": "Nottingham University",
  "InstitutionalDepartmentName": "SPMIC",
  "InstitutionAddress": "University Park",
  "DeviceSerialNumber": "71459",
  "StationName": "HOST-2ADB2S6FDM",
  "BodyPartExamined": "BRAIN",
  "PatientPosition": "HFS",
  "ProcedureStepDescription": "FHMS4520122",
  "SoftwareVersions": "5.6.1\\5.6.1.0",
  "MRAcquisitionType": "2D",
  "SeriesDescription": "DTI_Biobank_2mm_MB3S1p5_EPI",
  "ProtocolName": "DTI_Biobank_2mm_MB3S1p5_EPI",
  "ScanningSequence": "SE",
  "SequenceVariant": "SK",
  "ScanOptions": "FS",
  "ImageType": [
    "ORIGINAL",
    "PRIMARY",
    "DIFFUSION",
    "NONE",
    "NORM"
  ],
  "SeriesNumber": 501,
  "AcquisitionTime": "13:44:59.410000",
  "AcquisitionNumber": 5,
  "PhilipsRescaleSlope": 2.49109,
  "PhilipsRescaleIntercept": 0,
  "PhilipsScaleSlope": 0.0259495,
  "UsePhilipsFloatNotDisplayScaling": 0,
  "SliceThickness": 2,
  "SpacingBetweenSlices": 2,
  "EchoTime": 0.097967,
  "RepetitionTime": 4.36462,
  "MTState": false,
  "FlipAngle": 90,
  "CoilString": "MULTI COIL",
  "PercentPhaseFOV": 100,
  "PercentSampling": 100,
  "EchoTrainLength": 75,
  "PartialFourierDirection": "PHASE",
  "PartialFourierEnabled": "YES",
  "PhaseEncodingStepsNoPartialFourier": 112,
  "AcquisitionMatrixPE": 112,
  "ReconMatrixPE": 112,
  "ParallelReductionFactorInPlane": 1.5,
  "ParallelAcquisitionTechnique": "MBSENSE",
  "ParallelReductionOutOfPlane": 3,
  "WaterFatShift": 32.6595,
  "EstimatedEffectiveEchoSpacing": 0.000668493,
  "EstimatedTotalReadoutTime": 0.0742028,
  "PixelBandwidth": 1891.97,
  "PhaseEncodingAxis": "j",
  "ImageOrientationPatientDICOM": [
    0.997439,
    -0.0701014,
    -0.0142159,
    0.0706263,
    0.996677,
    0.0405875
  ],
  "InPlanePhaseEncodingDirectionDICOM": "COL",
  "ConversionSoftware": "dcm2niix",
  "ConversionSoftwareVersion": "v1.0.20211006",
  "PhaseEncodingDirection": "j",
  "EffectiveEchoSpacing": 0.000668493,
  "TotalReadoutTime": 0.0742028
}