{
    "ProcedureStepDescription": "FMHS-36-1220-03",
    "SeriesNumber": 1501,
    "PhilipsRescaleSlope": 0.919414,
    "DeviceSerialNumber": "17057",
    "ProtocolName": "WIP blipP_rs-fmri_singleMB4_HF0.8",
    "SpacingBetweenSlices": 2.4,
    "EchoTime": 0.09,
    "AcquisitionMatrixPE": 95,
    "MagneticFieldStrength": 3,
    "InstitutionalDepartmentName": "MRI",
    "ManufacturersModelName": "Achieva",
    "ParallelAcquisitionTechnique": "MBSENSE",
    "PercentPhaseFOV": 100,
    "FlipAngle": 80,
    "ParallelReductionOutOfPlane": 4,
    "PhaseEncodingSteps": 95,
    "Manufacturer": "Philips",
    "ConversionSoftware": "dcm2niix",
    "StationName": "PHILIPS-T6O3EHP",
    "UsePhilipsFloatNotDisplayScaling": 1,
    "SoftwareVersions": "5.6.1\\5.6.1.1",
    "InPlanePhaseEncodingDirectionDICOM": "COL",
    "ConversionSoftwareVersion": "v1.0.20211006",
    "AcquisitionTime": "11:43:24.510000",
    "CoilString": "MULTI COIL",
    "PhaseEncodingDirection": "j",
    "ImageType": [
        "ORIGINAL",
        "PRIMARY",
        "T2",
        "NONE"
    ],
    "InstitutionName": "SPMMRC Nottingham",
    "PatientPosition": "HFS",
    "MTState": false,
    "EstimatedEffectiveEchoSpacing": 0.000605133,
    "ImagingFrequency": 127.804,
    "PixelBandwidth": 2339.39,
    "AcquisitionNumber": 15,
    "EchoTrainLength": 95,
    "IntendedFor": "ses-NOT1ACH005/func/sub-14482_ses-NOT1ACH005_task-rest_bold.nii.gz",
    "B0FieldIdentifier": "pepolar_fmap0",
    "WaterFatShift": 25.2432,
    "PhaseEncodingAxis": "j",
    "PhilipsRescaleIntercept": 0,
    "MRAcquisitionType": "2D",
    "RepetitionTime": 2,
    "ImageOrientationPatientDICOM": [
        1,
        0,
        0,
        0,
        1,
        0
    ],
    "SequenceVariant": "SK",
    "TotalReadoutTime": 0.0574876,
    "SliceThickness": 2.4,
    "BodyPartExamined": "BRAIN",
    "ReconMatrixPE": 96,
    "EffectiveEchoSpacing": 0.000605133,
    "SeriesDescription": "blipP_rs-fmri_singleMB4_HF0.8",
    "EstimatedTotalReadoutTime": 0.0574876,
    "PhilipsScaleSlope": 0.00258589,
    "Modality": "MR",
    "PercentSampling": 100,
    "ScanningSequence": "SE",
    "ScanOptions": "FS"
}