{
    "Modality": "MR",
    "WaterFatShift": 17.0362,
    "BodyPartExamined": "BRAIN",
    "PhilipsScaleSlope": 0.00203782,
    "ImageType": [
        "ORIGINAL",
        "PRIMARY",
        "DIFFUSION",
        "NONE"
    ],
    "EstimatedTotalReadoutTime": 0.0385055,
    "PartialFourierEnabled": "YES",
    "ImagingFrequency": 127.805,
    "PercentPhaseFOV": 100,
    "MagneticFieldStrength": 3,
    "PhaseEncodingAxis": "j",
    "ConversionSoftwareVersion": "v1.0.20211006",
    "PercentSampling": 100,
    "ScanningSequence": "SE",
    "Manufacturer": "Philips",
    "SeriesNumber": 801,
    "ParallelAcquisitionTechnique": "SENSE",
    "PhilipsRescaleSlope": 0.928205,
    "EchoTrainLength": 55,
    "PixelBandwidth": 2973.1,
    "AcquisitionMatrixPE": 110,
    "SoftwareVersions": "5.6.1\\5.6.1.1",
    "SpacingBetweenSlices": 2,
    "SequenceVariant": "SK",
    "PartialFourierDirection": "PHASE",
    "ManufacturersModelName": "Achieva",
    "MRAcquisitionType": "2D",
    "RepetitionTime": 10.3684,
    "TotalReadoutTime": 0.0385055,
    "UsePhilipsFloatNotDisplayScaling": 1,
    "EffectiveEchoSpacing": 0.000346897,
    "InstitutionalDepartmentName": "MRI",
    "StationName": "PHILIPS-T6O3EHP",
    "InstitutionName": "SPMMRC Nottingham",
    "ConversionSoftware": "dcm2niix",
    "PhaseEncodingStepsNoPartialFourier": 110,
    "AcquisitionTime": "14:51:37.710000",
    "PatientPosition": "HFS",
    "PhaseEncodingDirection": "j",
    "ProcedureStepDescription": "H1408201447",
    "PhilipsRescaleIntercept": 0,
    "InPlanePhaseEncodingDirectionDICOM": "COL",
    "ProtocolName": "DTI_Biobank_2mm_S2_HS0.8_EPI",
    "SliceThickness": 2,
    "ImageOrientationPatientDICOM": [
        0.998681,
        0.00359926,
        0.0512233,
        -0.00367507,
        0.999992,
        0.00138591
    ],
    "AcquisitionNumber": 8,
    "FlipAngle": 90,
    "DeviceSerialNumber": "17057",
    "ParallelReductionFactorInPlane": 2,
    "ScanOptions": "FS",
    "SeriesDescription": "DTI_Biobank_2mm_S2_HS0.8_EPI",
    "CoilString": "MULTI COIL",
    "EchoTime": 0.071204,
    "ReconMatrixPE": 112,
    "MTState": false,
    "EstimatedEffectiveEchoSpacing": 0.000346897
}