{
    "SeriesDescription": "blip_DTI_Biobank_2mm_S2_HS0.8_EPI",
    "MagneticFieldStrength": 3,
    "InstitutionName": "SPMMRC Nottingham",
    "FlipAngle": 90,
    "PatientPosition": "HFS",
    "MTState": false,
    "RepetitionTime": 10,
    "BodyPartExamined": "BRAIN",
    "InPlanePhaseEncodingDirectionDICOM": "COL",
    "PartialFourierDirection": "PHASE",
    "ScanningSequence": "SE",
    "SoftwareVersions": "5.6.1\\5.6.1.1",
    "ConversionSoftwareVersion": "v1.0.20211006",
    "EchoTime": 0.07,
    "Manufacturer": "Philips",
    "AcquisitionNumber": 4,
    "PixelBandwidth": 2973.1,
    "EstimatedEffectiveEchoSpacing": 0.000346897,
    "ImageOrientationPatientDICOM": [
        0.998681,
        0.00359926,
        0.0512233,
        -0.00367507,
        0.999992,
        0.00138591
    ],
    "ProcedureStepDescription": "H1408201447",
    "WaterFatShift": 17.0362,
    "ManufacturersModelName": "Achieva",
    "SequenceVariant": "SK",
    "Modality": "MR",
    "PhaseEncodingAxis": "j-",
    "ParallelReductionFactorInPlane": 2,
    "PhaseEncodingDirection": "j-",
    "ReconMatrixPE": 112,
    "InstitutionalDepartmentName": "MRI",
    "SpacingBetweenSlices": 2,
    "ImageType": [
        "ORIGINAL",
        "PRIMARY",
        "T2",
        "NONE"
    ],
    "StationName": "PHILIPS-T6O3EHP",
    "PhilipsRescaleIntercept": 0,
    "MRAcquisitionType": "2D",
    "AcquisitionTime": "14:49:11.160000",
    "UsePhilipsFloatNotDisplayScaling": 1,
    "SeriesNumber": 401,
    "SliceThickness": 2,
    "PartialFourierEnabled": "YES",
    "PhilipsScaleSlope": 0.000881477,
    "AcquisitionMatrixPE": 110,
    "DeviceSerialNumber": "17057",
    "ProtocolName": "WIP blip_DTI_Biobank_2mm_S2_HS0.8_EPI",
    "PhilipsRescaleSlope": 2.16386,
    "PercentSampling": 100,
    "CoilString": "MULTI COIL",
    "ParallelAcquisitionTechnique": "SENSE",
    "TotalReadoutTime": 0.0385055,
    "PercentPhaseFOV": 100,
    "PhaseEncodingStepsNoPartialFourier": 110,
    "ScanOptions": "FS",
    "EchoTrainLength": 55,
    "ImagingFrequency": 127.805,
    "ConversionSoftware": "dcm2niix",
    "EstimatedTotalReadoutTime": 0.0385055,
    "EffectiveEchoSpacing": 0.000346897
}