{
    "BodyPartExamined": "BRAIN",
    "PatientPosition": "HFS",
    "PhilipsScaleSlope": 0.00193884,
    "PhaseEncodingAxis": "j",
    "PhaseEncodingDirection": "j",
    "SpacingBetweenSlices": 2,
    "RepetitionTime": 10.6225,
    "ParallelReductionFactorInPlane": 2,
    "ConversionSoftware": "dcm2niix",
    "ProtocolName": "WIP DTI_Biobank_2mm_S2_HS0.8_EPI",
    "CoilString": "MULTI COIL",
    "AcquisitionMatrixPE": 110,
    "ImageType": [
        "ORIGINAL",
        "PRIMARY",
        "DIFFUSION",
        "NONE"
    ],
    "UsePhilipsFloatNotDisplayScaling": 1,
    "SeriesDescription": "DTI_Biobank_2mm_S2_HS0.8_EPI",
    "ConversionSoftwareVersion": "v1.0.20211006",
    "PhaseEncodingStepsNoPartialFourier": 110,
    "EchoTrainLength": 55,
    "ImageOrientationPatientDICOM": [
        1,
        0,
        0,
        0,
        1,
        0
    ],
    "MagneticFieldStrength": 3,
    "ScanningSequence": "SE",
    "EstimatedEffectiveEchoSpacing": 0.000346897,
    "FlipAngle": 90,
    "SliceThickness": 2,
    "EffectiveEchoSpacing": 0.000346897,
    "ProcedureStepDescription": "FMHS-36-1220-03",
    "WaterFatShift": 17.0361,
    "SeriesNumber": 801,
    "DeviceSerialNumber": "17057",
    "PercentPhaseFOV": 100,
    "ImagingFrequency": 127.804,
    "InPlanePhaseEncodingDirectionDICOM": "COL",
    "ScanOptions": "FS",
    "MTState": false,
    "InstitutionName": "SPMMRC Nottingham",
    "TotalReadoutTime": 0.0385055,
    "InstitutionalDepartmentName": "MRI",
    "MRAcquisitionType": "2D",
    "PhilipsRescaleIntercept": 0,
    "PercentSampling": 100,
    "Modality": "MR",
    "AcquisitionTime": "12:24:55.280000",
    "EchoTime": 0.070438,
    "SequenceVariant": "SK",
    "PartialFourierEnabled": "YES",
    "ReconMatrixPE": 112,
    "SoftwareVersions": "5.6.1\\5.6.1.1",
    "StationName": "PHILIPS-T6O3EHP",
    "PixelBandwidth": 2973.09,
    "Manufacturer": "Philips",
    "ManufacturersModelName": "Achieva",
    "PartialFourierDirection": "PHASE",
    "ParallelAcquisitionTechnique": "SENSE",
    "EstimatedTotalReadoutTime": 0.0385055,
    "AcquisitionNumber": 8,
    "PhilipsRescaleSlope": 0.940904
}