{
	"Modality": "MR",
	"MagneticFieldStrength": 3,
	"ImagingFrequency": 127.726,
	"Manufacturer": "GE",
	"ManufacturersModelName": "DISCOVERY MR750",
	"InstitutionName": "Nottingham Medical School",
	"DeviceSerialNumber": "00000000269MRS04",
	"StationName": "MR01DV01",
	"PatientPosition": "HFS",
	"ProcedureStepDescription": "H14082014_47",
	"SoftwareVersions": "24\\LX\\MR Software release:DV24.0_R02_1607.b",
	"MRAcquisitionType": "3D",
	"SeriesDescription": "FILT_PHA: SWI SWAN",
	"ProtocolName": "BioBank v1.2",
	"ScanningSequence": "GR",
	"SequenceVariant": "SS\\SP\\SK",
	"ScanOptions": "FAST_GEMS\\FC\\ACC_GEMS\\PFP",
	"ImageType": ["ORIGINAL", "PRIMARY", "OTHER", "PHASE"],
	"SeriesNumber": 1200,
	"AcquisitionTime": "16:04:56.000000",
	"AcquisitionNumber": 1,
	"SliceThickness": 3,
	"SpacingBetweenSlices": 3,
	"SAR": 0.200901,
	"EchoNumber": 4,
	"EchoTime": 0.021432,
	"RepetitionTime": 0.0421,
	"SpoilingState": true,
	"FlipAngle": 15,
	"CoilString": "32Ch Head",
	"PercentPhaseFOV": 90,
	"PercentSampling": 69.1667,
	"EchoTrainLength": 8,
	"AcquisitionMatrixPE": 288,
	"ReconMatrixPE": 288,
	"ParallelReductionFactorInPlane": 2,
	"PixelBandwidth": 347.222,
	"PhaseEncodingAxis": "i",
	"ImageOrientationPatientDICOM": [
		0.998764,
		0.0432693,
		0.0244614,
		-0.0393746,
		0.989095,
		-0.141918	],
	"InPlanePhaseEncodingDirectionDICOM": "ROW",
	"ConversionSoftware": "dcm2niix",
	"ConversionSoftwareVersion": "v1.0.20211006"
}
