{
  "Modality": "MR",
  "MagneticFieldStrength": 3,
  "ImagingFrequency": 127.716,
  "Manufacturer": "GE",
  "PulseSequenceName": "epi",
  "InternalPulseSequenceName": "EPI",
  "ManufacturersModelName": "SIGNA Premier",
  "InstitutionName": "Nottingham Medical School",
  "DeviceSerialNumber": "00000000269MRS04",
  "StationName": "MR01DV01",
  "BodyPartExamined": "BRAIN",
  "PatientPosition": "HFS",
  "ProcedureStepDescription": "FMHS4520122",
  "SoftwareVersions": "29\\LX\\RX29.1_R02_2131.a",
  "MRAcquisitionType": "2D",
  "SeriesDescription": "RS_fMRI_MB6_TR920",
  "ProtocolName": "SW_NHarmony_v1.2",
  "ScanningSequence": "EP\\RM",
  "SequenceVariant": "NONE",
  "ScanOptions": "SAT_GEMS\\EDR_GEMS\\MP_GEMS\\EPI_GEMS\\HYPERBAND_GEMS\\FS",
  "ImageType": [
    "ORIGINAL",
    "PRIMARY",
    "OTHER"
  ],
  "SeriesNumber": 6,
  "AcquisitionTime": "14:41:45.000000",
  "AcquisitionNumber": 1,
  "TriggerDelayTime": 458619,
  "SliceThickness": 2.4,
  "SpacingBetweenSlices": 2.4,
  "SAR": 0.0827888,
  "EchoTime": 0.039,
  "RepetitionTime": 0.937,
  "FlipAngle": 57,
  "PhaseEncodingPolarityGE": "Unflipped",
  "CoilString": "48HAP",
  "MultibandAccelerationFactor": 6,
  "PercentPhaseFOV": 100,
  "PercentSampling": 100,
  "AcquisitionMatrixPE": 88,
  "ReconMatrixPE": 88,
  "EffectiveEchoSpacing": 0.000628,
  "TotalReadoutTime": 0.054636,
  "PixelBandwidth": 5681.82,
  "PhaseEncodingDirection": "j-",
  "SliceTiming": [
    0,
    0.511091,
    0.0851818,
    0.596273,
    0.170364,
    0.681455,
    0.255545,
    0.766636,
    0.340727,
    0.851818,
    0.425909,
    0,
    0.511091,
    0.0851818,
    0.596273,
    0.170364,
    0.681455,
    0.255545,
    0.766636,
    0.340727,
    0.851818,
    0.425909,
    0,
    0.511091,
    0.0851818,
    0.596273,
    0.170364,
    0.681455,
    0.255545,
    0.766636,
    0.340727,
    0.851818,
    0.425909,
    0,
    0.511091,
    0.0851818,
    0.596273,
    0.170364,
    0.681455,
    0.255545,
    0.766636,
    0.340727,
    0.851818,
    0.425909,
    0,
    0.511091,
    0.0851818,
    0.596273,
    0.170364,
    0.681455,
    0.255545,
    0.766636,
    0.340727,
    0.851818,
    0.425909,
    0,
    0.511091,
    0.0851818,
    0.596273,
    0.170364,
    0.681455,
    0.255545,
    0.766636,
    0.340727,
    0.851818,
    0.425909
  ],
  "ImageOrientationPatientDICOM": [
    0.998374,
    -0.0497363,
    0.0278348,
    0.0532272,
    0.988245,
    -0.143312
  ],
  "InPlanePhaseEncodingDirectionDICOM": "COL",
  "ConversionSoftware": "dcm2niix",
  "ConversionSoftwareVersion": "v1.0.20211006",
  "B0FieldSource": "pepolar_fmap0",
  "TaskName": "rest"
}