{
    "Modality": "MR",
    "MagneticFieldStrength": 3,
    "ImagingFrequency": 127.726,
    "Manufacturer": "GE",
    "ManufacturersModelName": "DISCOVERY MR750",
    "InstitutionName": "Nottingham Medical School",
    "DeviceSerialNumber": "00000000269MRS04",
    "StationName": "MR01DV01",
    "PatientPosition": "HFS",
    "ProcedureStepDescription": "H1408201447",
    "SoftwareVersions": "24\\LX\\MR Software release:DV24.0_R02_1607.b",
    "MRAcquisitionType": "3D",
    "SeriesDescription": "T1_1mm_sag",
    "ProtocolName": "BioBank v1.2",
    "ScanningSequence": "GR",
    "SequenceVariant": "SS\\SP\\SK",
    "ScanOptions": "FAST_GEMS\\EDR_GEMS\\FILTERED_GEMS\\ACC_GEMS",
    "ImageType": [
        "ORIGINAL",
        "PRIMARY",
        "OTHER",
        "NORM"
    ],
    "SeriesNumber": 3,
    "AcquisitionTime": "11:00:21.000000",
    "AcquisitionNumber": 1,
    "SliceThickness": 1,
    "SpacingBetweenSlices": 1,
    "SAR": 0.233573,
    "EchoTime": 0.002928,
    "RepetitionTime": 0.006652,
    "SpoilingState": true,
    "InversionTime": 0.45,
    "FlipAngle": 8,
    "CoilString": "32Ch Head",
    "PercentPhaseFOV": 100,
    "PercentSampling": 100,
    "AcquisitionMatrixPE": 256,
    "ReconMatrixPE": 256,
    "ParallelReductionFactorInPlane": 2,
    "PixelBandwidth": 244.141,
    "ImageOrientationPatientDICOM": [
        0,
        1,
        0,
        0,
        0,
        -1
    ],
    "InPlanePhaseEncodingDirectionDICOM": "ROW",
    "ConversionSoftware": "dcm2niix",
    "ConversionSoftwareVersion": "v1.0.20211006"
}