{
    "TxRefAmp": 305.447,
    "SequenceName": "epse2d1_104",
    "TotalReadoutTime": 0.0710717,
    "PhaseEncodingDirection": "j",
    "ManufacturersModelName": "TrioTim",
    "SliceTiming": [
        0,
        1.65625,
        3.3125,
        1.35938,
        3.01562,
        1.04688,
        2.71875,
        0.75,
        2.40625,
        0.45312,
        2.10938,
        0.15625,
        1.8125,
        3.46875,
        1.5,
        3.15625,
        1.20312,
        2.85938,
        0.90625,
        2.5625,
        0.59375,
        2.26562,
        0.29688,
        1.95312,
        0,
        1.65625,
        3.3125,
        1.35938,
        3.01562,
        1.04688,
        2.71875,
        0.75,
        2.40625,
        0.45312,
        2.10938,
        0.15625,
        1.8125,
        3.46875,
        1.5,
        3.15625,
        1.20312,
        2.85938,
        0.90625,
        2.5625,
        0.59375,
        2.26562,
        0.29688,
        1.95312,
        0,
        1.65625,
        3.3125,
        1.35938,
        3.01562,
        1.04688,
        2.71875,
        0.75,
        2.40625,
        0.45312,
        2.10938,
        0.15625,
        1.8125,
        3.46875,
        1.5,
        3.15625,
        1.20312,
        2.85938,
        0.90625,
        2.5625,
        0.59375,
        2.26562,
        0.29688,
        1.95312
    ],
    "CoilString": "C:HEA;HEP",
    "ProtocolName": "diff_PA_MPopt_MB3_3b0_lowflip",
    "Modality": "MR",
    "PulseSequenceDetails": "%CustomerSeq%\\cmrr_mbep2d_diff",
    "ImageType": [
        "ORIGINAL",
        "PRIMARY",
        "M",
        "MB",
        "ND"
    ],
    "PercentPhaseFOV": 100,
    "BandwidthPerPixelPhaseEncode": 13.935,
    "PatientPosition": "HFS",
    "ShimSetting": [
        -1798,
        -11417,
        7662,
        859,
        -144,
        181,
        427,
        -313
    ],
    "EchoTime": 0.0964,
    "PhaseEncodingSteps": 78,
    "FlipAngle": 78,
    "PixelBandwidth": 1781,
    "DwellTime": 2.7e-06,
    "PhaseResolution": 1,
    "Manufacturer": "Siemens",
    "DeviceSerialNumber": "35031",
    "InstitutionName": "OCMR",
    "PercentSampling": 100,
    "RepetitionTime": 3.6,
    "SpacingBetweenSlices": 2,
    "PartialFourier": 0.75,
    "ImagingFrequency": 123.172,
    "ImageOrientationText": "Tra>Cor(-24.3)",
    "AcquisitionNumber": 1,
    "InPlanePhaseEncodingDirectionDICOM": "COL",
    "InstitutionalDepartmentName": "OCMR2",
    "ProcedureStepDescription": "neuro^N18",
    "InstitutionAddress": "Headley Way sfd,Oxford,Southeast,GB,OX3 9UE",
    "ImageOrientationPatientDICOM": [
        1,
        0,
        0,
        0,
        0.911403,
        -0.411514
    ],
    "ScanningSequence": "EP",
    "MultibandAccelerationFactor": 3,
    "ConversionSoftwareVersion": "v1.0.20211006",
    "MRAcquisitionType": "2D",
    "SoftwareVersions": "syngo MR B17",
    "ReconMatrixPE": 104,
    "StationName": "MRC35031",
    "DerivedVendorReportedEchoSpacing": 0.000690017,
    "ScanOptions": "PFP\\FS",
    "ReceiveCoilName": "32Ch_Head",
    "SAR": 0.132341,
    "SliceThickness": 2,
    "ConversionSoftware": "dcm2niix",
    "SeriesDescription": "diff 4dirs b=0 pepolar",
    "CoilCombinationMethod": "Sum of Squares",
    "AcquisitionMatrixPE": 104,
    "MagneticFieldStrength": 3,
    "ImageComments": "Unaliased MB3/PE3 SENSE1",
    "MatrixCoilMode": "SENSE",
    "SeriesNumber": 10,
    "AcquisitionTime": "14:35:26.217500",
    "EffectiveEchoSpacing": 0.000690017,
    "BaseResolution": 104,
    "SequenceVariant": "SK\\SS"
}