{
	"Modality": "MR",
	"MagneticFieldStrength": 3,
	"ImagingFrequency": 123.26,
	"Manufacturer": "Siemens",
	"ManufacturersModelName": "Prisma",
	"InstitutionName": "Warneford Hospital",
	"InstitutionalDepartmentName": "BE3597",
	"InstitutionAddress": "Warneford Lane StreetNo,Oxford,District,GB,OX3 7JX",
	"DeviceSerialNumber": "66093",
	"StationName": "AWP66093",
	"BodyPartExamined": "BRAIN",
	"PatientPosition": "HFS",
	"SoftwareVersions": "syngo MR E11",
	"MRAcquisitionType": "3D",
	"SeriesDescription": "SWI_3mm_Updated_v1.1",
	"ProtocolName": "SWI_3mm_Updated_v1.1",
	"ScanningSequence": "GR",
	"SequenceVariant": "SP\\OSP",
	"ScanOptions": "PFP",
	"SequenceName": "*fl3d2r",
	"ImageType": ["ORIGINAL", "PRIMARY", "M", "ND"],
	"SeriesNumber": 13,
	"AcquisitionTime": "10:02:33.247500",
	"AcquisitionNumber": 1,
	"SliceThickness": 3,
	"SAR": 0.0114318,
	"EchoNumber": 1,
	"EchoTime": 0.00942,
	"RepetitionTime": 0.027,
	"FlipAngle": 15,
	"PartialFourier": 0.875,
	"BaseResolution": 288,
	"ShimSetting": [
		4959,
		-11418,
		-1280,
		575,
		106,
		-141,
		155,
		16	],
	"TxRefAmp": 219.352,
	"PhaseResolution": 1,
	"ReceiveCoilName": "HeadNeck_64",
	"ReceiveCoilActiveElements": "HC1-7",
	"CoilString": "H67",
	"PulseSequenceDetails": "%SiemensSeq%\\gre",
	"RefLinesPE": 24,
	"CoilCombinationMethod": "Sum of Squares",
	"ConsistencyInfo": "N4_VE11C_LATEST_20160120",
	"MatrixCoilMode": "GRAPPA",
	"PercentPhaseFOV": 88.8889,
	"PercentSampling": 100,
	"EchoTrainLength": 2,
	"PhaseEncodingSteps": 223,
	"AcquisitionMatrixPE": 256,
	"ReconMatrixPE": 256,
	"ParallelReductionFactorInPlane": 2,
	"PixelBandwidth": 140,
	"DwellTime": 1.24e-05,
	"PhaseEncodingDirection": "i",
	"ImageOrientationPatientDICOM": [
		0.999377,
		-0.00417315,
		-0.0350341,
		-0.00872143,
		0.932944,
		-0.359915	],
	"ImageOrientationText": "Tra>Cor(-21.1)>Sag(-2.0)",
	"InPlanePhaseEncodingDirectionDICOM": "ROW",
	"ConversionSoftware": "dcm2niix",
	"ConversionSoftwareVersion": "v1.0.20211006"
}
