{
	"Modality": "MR",
	"MagneticFieldStrength": 3,
	"ImagingFrequency": 123.235,
	"Manufacturer": "Siemens",
	"ManufacturersModelName": "Prisma",
	"InstitutionName": "The John Radcliffe",
	"InstitutionalDepartmentName": "Department",
	"InstitutionAddress": "Headley Way StreetNo,Oxford,District,GB,OX3 9DU",
	"DeviceSerialNumber": "66050",
	"StationName": "AWP66050",
	"BodyPartExamined": "HEAD",
	"PatientPosition": "HFS",
	"SoftwareVersions": "syngo MR E11",
	"MRAcquisitionType": "2D",
	"SeriesDescription": "diff_PA_MPopt_MB3_3b0_lowflip",
	"ProtocolName": "diff_PA_MPopt_MB3_3b0_lowflip",
	"ScanningSequence": "EP",
	"SequenceVariant": "SK\\SS",
	"ScanOptions": "PFP\\FS",
	"SequenceName": "ep_b5#1",
	"ImageType": ["ORIGINAL", "PRIMARY", "DIFFUSION", "NONE", "MB", "ND"],
	"SeriesNumber": 12,
	"AcquisitionTime": "14:07:19.095000",
	"AcquisitionNumber": 1,
	"ImageComments": "Unaliased MB3/PE3 SENSE1",
	"SliceThickness": 2,
	"SpacingBetweenSlices": 2,
	"SAR": 0.0908611,
	"EchoTime": 0.092,
	"RepetitionTime": 3.6,
	"FlipAngle": 78,
	"PartialFourier": 0.75,
	"BaseResolution": 104,
	"ShimSetting": [
		334,
		-11454,
		1715,
		468,
		-53,
		-34,
		41,
		-1	],
	"DiffusionScheme": "Monopolar",
	"TxRefAmp": 255.647,
	"PhaseResolution": 1,
	"ReceiveCoilName": "Head_32",
	"ReceiveCoilActiveElements": "HEA;HEP",
	"PulseSequenceDetails": "%CustomerSeq%\\cmrr_mbep2d_diff",
	"WipMemBlock": "f58a0ee2-e18d-4fc2-9c6c-3e65fb3f15b3||Sequence: R016 ve11c/master r/e634e98; Dec 19 2017 11:11:25 by eja",
	"CoilCombinationMethod": "Sum of Squares",
	"ConsistencyInfo": "N4_VE11C_LATEST_20160120",
	"MatrixCoilMode": "SENSE",
	"MultibandAccelerationFactor": 3,
	"PercentPhaseFOV": 100,
	"PercentSampling": 100,
	"EchoTrainLength": 78,
	"PhaseEncodingSteps": 78,
	"AcquisitionMatrixPE": 104,
	"ReconMatrixPE": 104,
	"BandwidthPerPixelPhaseEncode": 14.351,
	"EffectiveEchoSpacing": 0.000670015,
	"DerivedVendorReportedEchoSpacing": 0.000670015,
	"TotalReadoutTime": 0.0690115,
	"PixelBandwidth": 1780,
	"DwellTime": 2.7e-06,
	"PhaseEncodingDirection": "j",
	"SliceTiming": [
		0,
		1.64062,
		3.28125,
		1.34375,
		2.98438,
		1.04688,
		2.6875,
		0.75,
		2.39062,
		0.45312,
		2.09375,
		0.15625,
		1.79688,
		3.4375,
		1.48438,
		3.14062,
		1.1875,
		2.82812,
		0.89062,
		2.53125,
		0.59375,
		2.23438,
		0.29688,
		1.9375,
		0,
		1.64062,
		3.28125,
		1.34375,
		2.98438,
		1.04688,
		2.6875,
		0.75,
		2.39062,
		0.45312,
		2.09375,
		0.15625,
		1.79688,
		3.4375,
		1.48438,
		3.14062,
		1.1875,
		2.82812,
		0.89062,
		2.53125,
		0.59375,
		2.23438,
		0.29688,
		1.9375,
		0,
		1.64062,
		3.28125,
		1.34375,
		2.98438,
		1.04688,
		2.6875,
		0.75,
		2.39062,
		0.45312,
		2.09375,
		0.15625,
		1.79688,
		3.4375,
		1.48438,
		3.14062,
		1.1875,
		2.82812,
		0.89062,
		2.53125,
		0.59375,
		2.23438,
		0.29688,
		1.9375	],
	"ImageOrientationPatientDICOM": [
		0.999387,
		0.0161609,
		0.0310428,
		-0.00226754,
		0.915035,
		-0.403367	],
	"ImageOrientationText": "Tra>Cor(-23.8)>Sag(2.0)",
	"InPlanePhaseEncodingDirectionDICOM": "COL",
	"ConversionSoftware": "dcm2niix",
	"ConversionSoftwareVersion": "v1.0.20211006"
}
