{
	"Modality": "MR",
	"MagneticFieldStrength": 3,
	"ImagingFrequency": 127.726,
	"Manufacturer": "GE",
	"ManufacturersModelName": "DISCOVERY MR750",
	"InstitutionName": "Nottingham Medical School",
	"DeviceSerialNumber": "00000000269MRS04",
	"StationName": "MR01DV01",
	"PatientPosition": "HFS",
	"ProcedureStepDescription": "h1408201447",
	"SoftwareVersions": "24\\LX\\MR Software release:DV24.0_R02_1607.b",
	"MRAcquisitionType": "3D",
	"SeriesDescription": "SWI SWAN",
	"ProtocolName": "BioBank v1.2",
	"ScanningSequence": "GR",
	"SequenceVariant": "SS\\SP\\SK",
	"ScanOptions": "FAST_GEMS\\FC\\FILTERED_GEMS\\ACC_GEMS\\PFP",
	"ImageType": ["ORIGINAL", "PRIMARY", "OTHER"],
	"SeriesNumber": 11,
	"AcquisitionTime": "19:13:18.000000",
	"AcquisitionNumber": 1,
	"SliceThickness": 3,
	"SpacingBetweenSlices": 3,
	"SAR": 0.19901,
	"EchoNumber": 1,
	"EchoTime": 0.009,
	"RepetitionTime": 0.0425,
	"SpoilingState": true,
	"FlipAngle": 15,
	"CoilString": "32Ch Head",
	"PercentPhaseFOV": 90,
	"PercentSampling": 69.1667,
	"EchoTrainLength": 8,
	"AcquisitionMatrixPE": 288,
	"ReconMatrixPE": 288,
	"ParallelReductionFactorInPlane": 2,
	"PixelBandwidth": 347.222,
	"PhaseEncodingAxis": "i",
	"ImageOrientationPatientDICOM": [
		0.999787,
		-0.02049,
		-0.00247199,
		0.020496,
		0.999787,
		0.00244287	],
	"InPlanePhaseEncodingDirectionDICOM": "ROW",
	"ConversionSoftware": "dcm2niix",
	"ConversionSoftwareVersion": "v1.0.20211006"
}
