{
    "SAR": 0.174752,
    "DeviceSerialNumber": "35031",
    "MRAcquisitionType": "2D",
    "PhaseEncodingDirection": "j-",
    "SeriesNumber": 12,
    "DiffusionScheme": "Monopolar",
    "PartialFourier": 0.75,
    "RepetitionTime": 3.6,
    "ProcedureStepDescription": "neuro^N18",
    "ScanningSequence": "EP",
    "PatientPosition": "HFS",
    "SliceThickness": 2,
    "DwellTime": 2.7e-06,
    "InstitutionName": "ocmr",
    "ShimSetting": [
        -1720,
        -11207,
        7649,
        917,
        -118,
        269,
        -273,
        -36
    ],
    "AcquisitionMatrixPE": 104,
    "PhaseEncodingSteps": 78,
    "MagneticFieldStrength": 3,
    "AcquisitionTime": "14:07:3.815000",
    "MatrixCoilMode": "SENSE",
    "CoilCombinationMethod": "Sum of Squares",
    "ProtocolName": "diff_AP_MPopt_MB3_50b1000_50b2000_8b0_lowflip",
    "EffectiveEchoSpacing": 0.000690017,
    "SeriesDescription": "diff_AP_MPopt_MB3_50b1000_50b2000_8b0_lowflip",
    "MultibandAccelerationFactor": 3,
    "PulseSequenceDetails": "%CustomerSeq%\\cmrr_mbep2d_diff",
    "ConversionSoftwareVersion": "v1.0.20211006",
    "PercentPhaseFOV": 100,
    "PercentSampling": 100,
    "SpacingBetweenSlices": 2,
    "TotalReadoutTime": 0.0710717,
    "BaseResolution": 104,
    "PixelBandwidth": 1781,
    "FlipAngle": 78,
    "SequenceVariant": "SK\\SS",
    "SequenceName": "ep_b5#1",
    "ImagingFrequency": 123.172,
    "PhaseResolution": 1,
    "ScanOptions": "PFP\\FS",
    "TxRefAmp": 345.115,
    "SoftwareVersions": "syngo MR B17",
    "InstitutionAddress": "Headley Way sfd,Oxford,Southeast,GB,OX3 9UE",
    "ManufacturersModelName": "TrioTim",
    "StationName": "MRC35031",
    "ReconMatrixPE": 104,
    "ReceiveCoilName": "32Ch_Head",
    "ImageType": [
        "ORIGINAL",
        "PRIMARY",
        "DIFFUSION",
        "NONE",
        "MB",
        "ND",
        "MOSAIC"
    ],
    "ImageComments": "Unaliased MB3/PE3 SENSE1",
    "BandwidthPerPixelPhaseEncode": 13.935,
    "InstitutionalDepartmentName": "OCMR2",
    "CoilString": "C:HEA;HEP",
    "ImageOrientationPatientDICOM": [
        1,
        0,
        0,
        0,
        0.958323,
        -0.285688
    ],
    "EchoTime": 0.0964,
    "Manufacturer": "Siemens",
    "AcquisitionNumber": 1,
    "ConversionSoftware": "dcm2niix",
    "InPlanePhaseEncodingDirectionDICOM": "COL",
    "DerivedVendorReportedEchoSpacing": 0.000690017,
    "Modality": "MR",
    "SliceTiming": [
        0,
        1.6575,
        3.3125,
        1.355,
        3.0125,
        1.055,
        2.71,
        0.7525,
        2.41,
        0.4525,
        2.1075,
        0.15,
        1.8075,
        3.4625,
        1.505,
        3.1625,
        1.205,
        2.86,
        0.9025,
        2.56,
        0.6025,
        2.2575,
        0.3,
        1.9575,
        0,
        1.6575,
        3.3125,
        1.355,
        3.0125,
        1.055,
        2.71,
        0.7525,
        2.41,
        0.4525,
        2.1075,
        0.15,
        1.8075,
        3.4625,
        1.505,
        3.1625,
        1.205,
        2.86,
        0.9025,
        2.56,
        0.6025,
        2.2575,
        0.3,
        1.9575,
        0,
        1.6575,
        3.3125,
        1.355,
        3.0125,
        1.055,
        2.71,
        0.7525,
        2.41,
        0.4525,
        2.1075,
        0.15,
        1.8075,
        3.4625,
        1.505,
        3.1625,
        1.205,
        2.86,
        0.9025,
        2.56,
        0.6025,
        2.2575,
        0.3,
        1.9575
    ],
    "ImageOrientationText": "Tra>Cor(-16.6)"
}