{
    "SoftwareVersions": "5.6.1\\5.6.1.1",
    "EstimatedTotalReadoutTime": 0.0385056,
    "PercentPhaseFOV": 100,
    "AcquisitionMatrixPE": 110,
    "AcquisitionTime": "17:01:51.080000",
    "AcquisitionNumber": 2,
    "ProcedureStepDescription": "H1408201447",
    "ReconMatrixPE": 112,
    "MagneticFieldStrength": 3,
    "ConversionSoftware": "dcm2niix",
    "RepetitionTime": 10,
    "ParallelReductionFactorInPlane": 2,
    "CoilString": "MULTI COIL",
    "Manufacturer": "Philips",
    "EchoTime": 0.07,
    "SpacingBetweenSlices": 2,
    "EchoTrainLength": 55,
    "PartialFourierEnabled": "YES",
    "InstitutionalDepartmentName": "MRI",
    "ScanOptions": "FS",
    "TotalReadoutTime": 0.0385056,
    "SliceThickness": 2,
    "MTState": false,
    "PhilipsRescaleSlope": 1.80513,
    "InstitutionName": "SPMMRC Nottingham",
    "PixelBandwidth": 2973.1,
    "PhilipsRescaleIntercept": 0,
    "WaterFatShift": 17.0363,
    "ImageOrientationPatientDICOM": [
        0.999907,
        0.00359926,
        0.0131825,
        -0.00361967,
        0.999992,
        0.00152476
    ],
    "SequenceVariant": "SK",
    "StationName": "PHILIPS-T6O3EHP",
    "MRAcquisitionType": "2D",
    "InPlanePhaseEncodingDirectionDICOM": "COL",
    "ProtocolName": "WIP blip_DTI_Biobank_2mm_S2_HS0.8_EPI",
    "PartialFourierDirection": "PHASE",
    "ManufacturersModelName": "Achieva",
    "PhaseEncodingDirection": "j-",
    "Modality": "MR",
    "ConversionSoftwareVersion": "v1.0.20211006",
    "UsePhilipsFloatNotDisplayScaling": 1,
    "FlipAngle": 90,
    "SeriesDescription": "blip_DTI_Biobank_2mm_S2_HS0.8_EPI",
    "PhaseEncodingAxis": "j-",
    "PhaseEncodingStepsNoPartialFourier": 110,
    "ImagingFrequency": 127.805,
    "PhilipsScaleSlope": 0.000858399,
    "BodyPartExamined": "BRAIN",
    "PatientPosition": "HFS",
    "ImageType": [
        "ORIGINAL",
        "PRIMARY",
        "T2",
        "NONE"
    ],
    "SeriesNumber": 201,
    "DeviceSerialNumber": "17057",
    "ScanningSequence": "SE",
    "EstimatedEffectiveEchoSpacing": 0.000346897,
    "EffectiveEchoSpacing": 0.000346897,
    "ParallelAcquisitionTechnique": "SENSE",
    "PercentSampling": 100
}