{
    "ManufacturersModelName": "DISCOVERY MR750",
    "SequenceVariant": "SS",
    "InPlanePhaseEncodingDirectionDICOM": "COL",
    "PhaseEncodingDirection": "j-",
    "DeviceSerialNumber": "00000000269MRS04",
    "EchoTime": 0.034,
    "AcquisitionNumber": 1,
    "PhaseEncodingPolarityGE": "Unflipped",
    "StationName": "MR01DV01",
    "ProtocolName": "BioBank v1.1",
    "ReconMatrixPE": 64,
    "SeriesNumber": 7,
    "SoftwareVersions": "24\\LX\\MR Software release:DV24.0_R02_1607.b",
    "ImageType": [
        "ORIGINAL",
        "PRIMARY",
        "EPI",
        "NONE"
    ],
    "ImagingFrequency": 127.726,
    "SliceTiming": [
        2.14211,
        2.08421,
        2.02632,
        1.96842,
        1.91053,
        1.85263,
        1.79474,
        1.73684,
        1.67895,
        1.62105,
        1.56316,
        1.50526,
        1.44737,
        1.38947,
        1.33158,
        1.27368,
        1.21579,
        1.15789,
        1.1,
        1.04211,
        0.984211,
        0.926316,
        0.868421,
        0.810526,
        0.752632,
        0.694737,
        0.636842,
        0.578947,
        0.521053,
        0.463158,
        0.405263,
        0.347368,
        0.289474,
        0.231579,
        0.173684,
        0.115789,
        0.0578947,
        0
    ],
    "CoilString": "32Ch Head",
    "FlipAngle": 80,
    "EffectiveEchoSpacing": 0.000216508,
    "MRAcquisitionType": "2D",
    "SeriesDescription": "resting state fMRI 64x3.3mm",
    "ParallelReductionFactorInPlane": 2,
    "AcquisitionTime": "16:13:36.000000",
    "SAR": 0.205776,
    "PercentPhaseFOV": 100,
    "Manufacturer": "GE",
    "MagneticFieldStrength": 3,
    "AcquisitionMatrixPE": 64,
    "TaskName": "rest",
    "PatientPosition": "HFS",
    "ScanOptions": "SAT_GEMS\\EPI_GEMS\\ACC_GEMS\\FS",
    "ConversionSoftwareVersion": "v1.0.20211006",
    "Modality": "MR",
    "InternalPulseSequenceName": "EPI",
    "RepetitionTime": 2.2,
    "PercentSampling": 100,
    "PixelBandwidth": 7812.5,
    "ImageOrientationPatientDICOM": [
        0.999908,
        0.00231539,
        0.0133551,
        -0.00137897,
        0.997567,
        -0.069702
    ],
    "ConversionSoftware": "dcm2niix",
    "B0FieldSource": "pepolar_fmap0",
    "ScanningSequence": "EP\\GR",
    "PulseSequenceName": "epiRT",
    "SliceThickness": 3.3,
    "SpacingBetweenSlices": 3.3,
    "TotalReadoutTime": 0.01364,
    "InstitutionName": "Nottingham Medical School",
    "ProcedureStepDescription": "B12012012-052",
    "PhaseEncodingAxis": "j-"
}