{
    "SpacingBetweenSlices": 2.4,
    "ImageType": [
        "ORIGINAL",
        "PRIMARY",
        "M",
        "MB",
        "ND",
        "MOSAIC"
    ],
    "AcquisitionNumber": 1,
    "PhaseEncodingDirection": "j-",
    "ImageComments": "Unaliased MB8/PE3 SENSE1",
    "SequenceName": "epfid2d1_88",
    "PercentSampling": 100,
    "CoilCombinationMethod": "Sum of Squares",
    "SequenceVariant": "SK\\SS",
    "TxRefAmp": 314.904,
    "SAR": 0.0886311,
    "ShimSetting": [
        -1640,
        -11249,
        7577,
        740,
        -134,
        -175,
        194,
        -49
    ],
    "EffectiveEchoSpacing": 0.000690002,
    "ConversionSoftware": "dcm2niix",
    "BaseResolution": 88,
    "ImageOrientationText": "Tra>Cor(-26.6)",
    "Modality": "MR",
    "ImagingFrequency": 123.172,
    "PartialFourier": 1,
    "ReconMatrixPE": 88,
    "ScanningSequence": "EP",
    "SliceThickness": 2.4,
    "ManufacturersModelName": "TrioTim",
    "FlipAngle": 52,
    "AcquisitionTime": "16:29:26.327500",
    "BandwidthPerPixelPhaseEncode": 16.469,
    "SoftwareVersions": "syngo MR B17",
    "ReceiveCoilName": "32Ch_Head",
    "ScanOptions": "FS",
    "SliceTiming": [
        0,
        0.2775,
        0.555,
        0.0925,
        0.37,
        0.6475,
        0.185,
        0.4625,
        0,
        0.2775,
        0.555,
        0.0925,
        0.37,
        0.6475,
        0.185,
        0.4625,
        0,
        0.2775,
        0.555,
        0.0925,
        0.37,
        0.6475,
        0.185,
        0.4625,
        0,
        0.2775,
        0.555,
        0.0925,
        0.37,
        0.6475,
        0.185,
        0.4625,
        0,
        0.2775,
        0.555,
        0.0925,
        0.37,
        0.6475,
        0.185,
        0.4625,
        0,
        0.2775,
        0.555,
        0.0925,
        0.37,
        0.6475,
        0.185,
        0.4625,
        0,
        0.2775,
        0.555,
        0.0925,
        0.37,
        0.6475,
        0.185,
        0.4625,
        0,
        0.2775,
        0.555,
        0.0925,
        0.37,
        0.6475,
        0.185,
        0.4625
    ],
    "PhaseResolution": 1,
    "SeriesNumber": 6,
    "InstitutionName": "ocmr",
    "PercentPhaseFOV": 100,
    "ProcedureStepDescription": "neuro^N18",
    "MRAcquisitionType": "2D",
    "PatientPosition": "HFS",
    "DeviceSerialNumber": "35031",
    "AcquisitionMatrixPE": 88,
    "MultibandAccelerationFactor": 8,
    "MatrixCoilMode": "SENSE",
    "InPlanePhaseEncodingDirectionDICOM": "COL",
    "ProtocolName": "MB8_FMRI_fov210_2.4mm_resting",
    "PulseSequenceDetails": "%CustomerSeq%\\cmrr_mbep2d_bold",
    "ImageOrientationPatientDICOM": [
        1,
        0,
        0,
        0,
        0.894154,
        -0.447759
    ],
    "InstitutionAddress": "Headley Way sfd,Oxford,Southeast,GB,OX3 9UE",
    "MagneticFieldStrength": 3,
    "SeriesDescription": "MB8_FMRI_fov210_2.4mm_resting",
    "CoilString": "C:HEA;HEP",
    "StationName": "MRC35031",
    "RepetitionTime": 0.735,
    "TaskName": "rest",
    "PhaseEncodingSteps": 88,
    "TotalReadoutTime": 0.0600301,
    "PixelBandwidth": 2029,
    "DerivedVendorReportedEchoSpacing": 0.000690002,
    "ConversionSoftwareVersion": "v1.0.20211006",
    "DwellTime": 2.8e-06,
    "Manufacturer": "Siemens",
    "InstitutionalDepartmentName": "OCMR2",
    "EchoTime": 0.039
}