{
    "ImageType": [
        "ORIGINAL",
        "PRIMARY",
        "OTHER",
        "NORM"
    ],
    "ProtocolName": "T2_FLAIR_1mm",
    "EstimatedTotalReadoutTime": 0.00103879,
    "PatientPosition": "HFS",
    "AcquisitionTime": "11:20:52.160000",
    "ScanOptions": "FS",
    "SliceThickness": 1.05,
    "ParallelReductionOutOfPlane": 2,
    "PhaseEncodingAxis": "i",
    "SAR": 0.0545333,
    "ScanningSequence": "IR",
    "SoftwareVersions": "5.3.1\\5.3.1.0",
    "ConversionSoftwareVersion": "v1.0.20211006",
    "AcquisitionNumber": 3,
    "ImagingFrequency": 127.749,
    "MagneticFieldStrength": 3,
    "EchoTrainLength": 182,
    "EstimatedEffectiveEchoSpacing": 4.0737e-06,
    "SequenceVariant": "SK",
    "ConversionSoftware": "dcm2niix",
    "EchoTime": 0.321807,
    "NumberOfAverages": 2,
    "InPlanePhaseEncodingDirectionDICOM": "ROW",
    "ProcedureStepDescription": "H14082014/47",
    "ManufacturersModelName": "Ingenia",
    "SeriesDescription": "T2_FLAIR_1mm",
    "StationName": "HOST-2ADB2S6FDM",
    "CoilString": "MULTI COIL",
    "InstitutionName": "Nottingham University",
    "BodyPartExamined": "BRAIN",
    "SpacingBetweenSlices": 1.05,
    "RepetitionTime": 5,
    "InstitutionAddress": "University Park",
    "PixelBandwidth": 957,
    "Manufacturer": "Philips",
    "WaterFatShift": 0.453675,
    "MRAcquisitionType": "3D",
    "PhilipsRescaleSlope": 5.50549,
    "DeviceSerialNumber": "71459",
    "PercentSampling": 78.5398,
    "ReconMatrixPE": 256,
    "FlipAngle": 90,
    "UsePhilipsFloatNotDisplayScaling": 1,
    "MTState": false,
    "InversionTime": 1.65,
    "PhilipsRescaleIntercept": 0,
    "ParallelReductionFactorInPlane": 2.6,
    "InstitutionalDepartmentName": "SPMIC",
    "PhilipsScaleSlope": 0.00246456,
    "PercentPhaseFOV": 100,
    "ImageOrientationPatientDICOM": [
        0.00169656,
        0.999999,
        -0.000218006,
        -0.0138959,
        -0.00019441,
        -0.999903
    ],
    "SeriesNumber": 301,
    "Modality": "MR",
    "PhaseEncodingSteps": 256,
    "ParallelAcquisitionTechnique": "SENSE",
    "AcquisitionMatrixPE": 256
}