{
  "Modality": "MR",
  "MagneticFieldStrength": 3,
  "ImagingFrequency": 127.804,
  "Manufacturer": "Philips",
  "ManufacturersModelName": "Achieva",
  "InstitutionName": "SPMMRC Nottingham",
  "InstitutionalDepartmentName": "MRI",
  "DeviceSerialNumber": "17057",
  "StationName": "PHILIPS-T6O3EHP",
  "BodyPartExamined": "BRAIN",
  "PatientPosition": "HFS",
  "ProcedureStepDescription": "FMHS 452 0122",
  "SoftwareVersions": "5.6.1\\5.6.1.1",
  "MRAcquisitionType": "3D",
  "SeriesDescription": "T1_1mm_sag_raw_data",
  "ProtocolName": "WIP T1_1mm_sag_raw_data",
  "ScanningSequence": "GR",
  "SequenceVariant": "MP",
  "ScanOptions": "OTHER",
  "ImageType": [
    "ORIGINAL",
    "PRIMARY",
    "M",
    "FFE",
    "M",
    "FFE",
    "NORM"
  ],
  "SeriesNumber": 301,
  "AcquisitionTime": "14:43:3.160000",
  "AcquisitionNumber": 3,
  "PhilipsRWVSlope": 3.24957,
  "PhilipsRWVIntercept": 0,
  "PhilipsRescaleSlope": 3.24957,
  "PhilipsRescaleIntercept": 0,
  "PhilipsScaleSlope": 0.000332056,
  "UsePhilipsFloatNotDisplayScaling": 0,
  "SliceThickness": 1,
  "SpacingBetweenSlices": 1,
  "SAR": 0.0213112,
  "EchoTime": 0.00319,
  "RepetitionTime": 0.0070827,
  "MTState": false,
  "SpoilingState": true,
  "SpoilingType": "COMBINED",
  "FlipAngle": 8,
  "CoilString": "MULTI COIL",
  "PercentPhaseFOV": 100,
  "PercentSampling": 78.5398,
  "EchoTrainLength": 208,
  "PhaseEncodingSteps": 256,
  "AcquisitionMatrixPE": 256,
  "ReconMatrixPE": 256,
  "ParallelReductionFactorInPlane": 2,
  "ParallelAcquisitionTechnique": "SENSE",
  "WaterFatShift": 1.8021,
  "EstimatedEffectiveEchoSpacing": 1.61857e-05,
  "EstimatedTotalReadoutTime": 0.00412736,
  "PixelBandwidth": 241,
  "PhaseEncodingAxis": "i",
  "ImageOrientationPatientDICOM": [
    0.0718098,
    0.997417,
    0.00164505,
    -0.0201203,
    0.00309754,
    -0.999793
  ],
  "InPlanePhaseEncodingDirectionDICOM": "ROW",
  "ConversionSoftware": "dcm2niix",
  "ConversionSoftwareVersion": "v1.0.20211006",
  "TotalReadoutTime": 0.00412736
}