{
  "Modality": "MR",
  "MagneticFieldStrength": 3,
  "ImagingFrequency": 127.804,
  "Manufacturer": "Philips",
  "ManufacturersModelName": "Achieva",
  "InstitutionName": "SPMMRC Nottingham",
  "InstitutionalDepartmentName": "MRI",
  "DeviceSerialNumber": "17057",
  "StationName": "PHILIPS-T6O3EHP",
  "BodyPartExamined": "BRAIN",
  "PatientPosition": "HFS",
  "ProcedureStepDescription": "FMHS 452 0122",
  "SoftwareVersions": "5.6.1\\5.6.1.1",
  "MRAcquisitionType": "3D",
  "SeriesDescription": "T2_FLAIR_1mm",
  "ProtocolName": "WIP T2_FLAIR_1mm",
  "ScanningSequence": "IR",
  "SequenceVariant": "SK",
  "ScanOptions": "FS",
  "ImageType": [
    "ORIGINAL",
    "PRIMARY",
    "M",
    "IR",
    "M",
    "IR",
    "NORM"
  ],
  "SeriesNumber": 401,
  "AcquisitionTime": "14:47:41.200000",
  "AcquisitionNumber": 4,
  "PhilipsRWVSlope": 4.8486,
  "PhilipsRWVIntercept": 0,
  "PhilipsRescaleSlope": 4.8486,
  "PhilipsRescaleIntercept": 0,
  "PhilipsScaleSlope": 0.000105767,
  "UsePhilipsFloatNotDisplayScaling": 0,
  "SliceThickness": 1.05,
  "SpacingBetweenSlices": 1.05,
  "SAR": 0.0320336,
  "NumberOfAverages": 2,
  "EchoTime": 0.288356,
  "RepetitionTime": 5,
  "MTState": false,
  "InversionTime": 1.65,
  "FlipAngle": 90,
  "CoilString": "MULTI COIL",
  "PercentPhaseFOV": 100,
  "PercentSampling": 78.5398,
  "EchoTrainLength": 182,
  "PhaseEncodingSteps": 256,
  "AcquisitionMatrixPE": 256,
  "ReconMatrixPE": 256,
  "ParallelReductionFactorInPlane": 2.6,
  "ParallelAcquisitionTechnique": "SENSE",
  "ParallelReductionOutOfPlane": 2,
  "WaterFatShift": 0.333723,
  "EstimatedEffectiveEchoSpacing": 2.99531e-06,
  "EstimatedTotalReadoutTime": 0.000763803,
  "PixelBandwidth": 1302,
  "PhaseEncodingAxis": "i",
  "ImageOrientationPatientDICOM": [
    0.0718098,
    0.997417,
    0.00164505,
    -0.0201203,
    0.00309754,
    -0.999793
  ],
  "InPlanePhaseEncodingDirectionDICOM": "ROW",
  "ConversionSoftware": "dcm2niix",
  "ConversionSoftwareVersion": "v1.0.20211006",
  "TotalReadoutTime": 0.000763803
}