{
    "ParallelAcquisitionTechnique": "SENSE",
    "SpacingBetweenSlices": 2.4,
    "SoftwareVersions": "5.3.1\\5.3.1.0",
    "AcquisitionTime": "18:09:24.530000",
    "PixelBandwidth": 1628.46,
    "EstimatedTotalReadoutTime": 0.0461223,
    "WaterFatShift": 20.3511,
    "PhilipsScaleSlope": 0.0207595,
    "Manufacturer": "Philips",
    "ScanOptions": "FS",
    "ScanningSequence": "SE",
    "PhilipsRescaleIntercept": 0,
    "AcquisitionMatrixPE": 95,
    "SeriesDescription": "blip_rs-fmri_SE",
    "CoilString": "MULTI COIL",
    "PhaseEncodingSteps": 95,
    "BodyPartExamined": "BRAIN",
    "InPlanePhaseEncodingDirectionDICOM": "COL",
    "FlipAngle": 52,
    "ReconMatrixPE": 96,
    "RepetitionTime": 5.68385,
    "Modality": "MR",
    "ImageOrientationPatientDICOM": [
        0.999902,
        -0.00428265,
        -0.0133279,
        0.00169656,
        0.98211,
        -0.1883
    ],
    "ImagingFrequency": 127.749,
    "PatientPosition": "HFS",
    "MagneticFieldStrength": 3,
    "MTState": false,
    "PercentSampling": 100,
    "PhilipsRescaleSlope": 1.71038,
    "EstimatedEffectiveEchoSpacing": 0.000485498,
    "PhaseEncodingAxis": "j-",
    "StationName": "HOST-2ADB2S6FDM",
    "InstitutionName": "Nottingham University",
    "PhaseEncodingDirection": "j-",
    "SequenceVariant": "SK",
    "TotalReadoutTime": 0.0461223,
    "ProcedureStepDescription": "H1408201447",
    "ParallelReductionFactorInPlane": 1.5,
    "ImageType": [
        "ORIGINAL",
        "PRIMARY",
        "T2",
        "NONE"
    ],
    "InstitutionalDepartmentName": "SPMIC",
    "EchoTrainLength": 63,
    "InstitutionAddress": "University Park",
    "DeviceSerialNumber": "71459",
    "EffectiveEchoSpacing": 0.000485498,
    "ManufacturersModelName": "Ingenia",
    "AcquisitionNumber": 8,
    "ConversionSoftware": "dcm2niix",
    "UsePhilipsFloatNotDisplayScaling": 1,
    "MRAcquisitionType": "2D",
    "ConversionSoftwareVersion": "v1.0.20211006",
    "EchoTime": 0.08,
    "SliceThickness": 2.4,
    "B0FieldIdentifier": "pepolar_fmap0",
    "IntendedFor": [
        "ses-NOT2ING001/func/sub-14229_ses-NOT2ING001_task-rest_acq-multiband4_bold.nii.gz"
    ],
    "SeriesNumber": 801,
    "ProtocolName": "blip_rs-fmri_SE",
    "PercentPhaseFOV": 100
}