{
  "Modality": "MR",
  "MagneticFieldStrength": 3,
  "ImagingFrequency": 127.805,
  "Manufacturer": "Philips",
  "ManufacturersModelName": "Achieva",
  "InstitutionName": "SPMMRC Nottingham",
  "InstitutionalDepartmentName": "MRI",
  "DeviceSerialNumber": "17057",
  "StationName": "PHILIPS-T6O3EHP",
  "BodyPartExamined": "BRAIN",
  "PatientPosition": "HFS",
  "ProcedureStepDescription": "FMHS4520122",
  "SoftwareVersions": "5.6.1\\5.6.1.1",
  "MRAcquisitionType": "3D",
  "SeriesDescription": "SWI_3mm_tra",
  "ProtocolName": "WIP SWI_3mm_tra",
  "ScanningSequence": "GR",
  "SequenceVariant": "SP",
  "ScanOptions": "FC",
  "ImageType": [
    "ORIGINAL",
    "PRIMARY",
    "T1",
    "MIXED"
  ],
  "SeriesNumber": 2001,
  "AcquisitionTime": "12:17:18.240000",
  "AcquisitionNumber": 20,
  "SliceThickness": 3,
  "SpacingBetweenSlices": 3,
  "EchoNumber": 1,
  "EchoTime": 0.0094,
  "RepetitionTime": 0.027,
  "MTState": false,
  "SpoilingState": true,
  "SpoilingType": "COMBINED",
  "FlipAngle": 15,
  "CoilString": "MULTI COIL",
  "PercentPhaseFOV": 88.8889,
  "PercentSampling": 78.233,
  "EchoTrainLength": 2,
  "PhaseEncodingSteps": 286,
  "AcquisitionMatrixPE": 286,
  "ReconMatrixPE": 288,
  "ParallelReductionFactorInPlane": 2,
  "ParallelAcquisitionTechnique": "SENSE",
  "WaterFatShift": 2.88197,
  "EstimatedEffectiveEchoSpacing": 1.5406e-05,
  "EstimatedTotalReadoutTime": 0.00442154,
  "PixelBandwidth": 150.777,
  "PhaseEncodingAxis": "i",
  "ImageOrientationPatientDICOM": [
    0.993798,
    -0.11117,
    0.00261745,
    0.111052,
    0.99341,
    0.028351
  ],
  "InPlanePhaseEncodingDirectionDICOM": "ROW",
  "ConversionSoftware": "dcm2niix",
  "ConversionSoftwareVersion": "v1.0.20211006",
  "TotalReadoutTime": 0.00442154
}