{
    "MultibandAccelerationFactor": 3,
    "PixelBandwidth": 1780,
    "ReceiveCoilName": "HeadNeck_64",
    "SpacingBetweenSlices": 2,
    "SeriesDescription": "diff 3dirs b=0 pepolar",
    "PartialFourier": 0.75,
    "PercentSampling": 100,
    "ScanOptions": "PFP\\FS",
    "ReconMatrixPE": 104,
    "ImageOrientationPatientDICOM": [
        0.99926,
        -0.0104284,
        0.0370293,
        0.0226764,
        0.937224,
        -0.34799
    ],
    "RepetitionTime": 3.6,
    "PhaseEncodingSteps": 78,
    "ScanningSequence": "EP",
    "InstitutionName": "Warneford Hospital",
    "SliceThickness": 2,
    "ProtocolName": "diff_PA_MPopt_MB3_3b0_lowflip",
    "AcquisitionMatrixPE": 104,
    "WipMemBlock": "9a25ab1d-fdfe-40c6-bcb7-0051b63dd584||Sequence: R016 ve11c/master r/e634e98; Dec 19 2017 11:11:25 by eja",
    "ImagingFrequency": 123.259,
    "AcquisitionTime": "12:39:27.905000",
    "StationName": "AWP66093",
    "BodyPartExamined": "BRAIN",
    "MatrixCoilMode": "SENSE",
    "EffectiveEchoSpacing": 0.000670015,
    "PhaseEncodingDirection": "j",
    "Modality": "MR",
    "InPlanePhaseEncodingDirectionDICOM": "COL",
    "DwellTime": 2.7e-06,
    "SoftwareVersions": "syngo MR E11",
    "DiffusionScheme": "Monopolar",
    "ImageType": [
        "ORIGINAL",
        "PRIMARY",
        "DIFFUSION",
        "NONE",
        "MB",
        "ND"
    ],
    "InstitutionalDepartmentName": "BE3597",
    "EchoTrainLength": 78,
    "TxRefAmp": 240.599,
    "SequenceName": "ep_b5#1",
    "ShimSetting": [
        4961,
        -11381,
        -1350,
        459,
        -20,
        19,
        1,
        34
    ],
    "ConversionSoftwareVersion": "v1.0.20211006",
    "BaseResolution": 104,
    "SeriesNumber": 10,
    "PatientPosition": "HFS",
    "CoilCombinationMethod": "Sum of Squares",
    "TotalReadoutTime": 0.0690115,
    "PhaseResolution": 1,
    "ReceiveCoilActiveElements": "HC1-7",
    "MRAcquisitionType": "2D",
    "BandwidthPerPixelPhaseEncode": 14.351,
    "SliceTiming": [
        0,
        1.64062,
        3.28125,
        1.34375,
        2.98438,
        1.04688,
        2.6875,
        0.74219,
        2.38281,
        0.44531,
        2.08594,
        0.14844,
        1.78906,
        3.42969,
        1.49219,
        3.13281,
        1.1875,
        2.83594,
        0.89062,
        2.53125,
        0.59375,
        2.23438,
        0.29688,
        1.9375,
        0,
        1.64062,
        3.28125,
        1.34375,
        2.98438,
        1.04688,
        2.6875,
        0.74219,
        2.38281,
        0.44531,
        2.08594,
        0.14844,
        1.78906,
        3.42969,
        1.49219,
        3.13281,
        1.1875,
        2.83594,
        0.89062,
        2.53125,
        0.59375,
        2.23438,
        0.29688,
        1.9375,
        0,
        1.64062,
        3.28125,
        1.34375,
        2.98438,
        1.04688,
        2.6875,
        0.74219,
        2.38281,
        0.44531,
        2.08594,
        0.14844,
        1.78906,
        3.42969,
        1.49219,
        3.13281,
        1.1875,
        2.83594,
        0.89062,
        2.53125,
        0.59375,
        2.23438,
        0.29688,
        1.9375
    ],
    "ImageComments": "Unaliased MB3/PE3 SENSE1",
    "DerivedVendorReportedEchoSpacing": 0.000670015,
    "EchoTime": 0.092,
    "ManufacturersModelName": "Prisma",
    "PulseSequenceDetails": "%CustomerSeq%\\cmrr_mbep2d_diff",
    "AcquisitionNumber": 1,
    "PercentPhaseFOV": 100,
    "Manufacturer": "Siemens",
    "InstitutionAddress": "Warneford Lane StreetNo,Oxford,District,GB,OX3 7JX",
    "ConsistencyInfo": "N4_VE11C_LATEST_20160120",
    "ImageOrientationText": "Tra>Cor(-20.4)>Sag(1.8)",
    "SequenceVariant": "SK\\SS",
    "SAR": 0.0658013,
    "MagneticFieldStrength": 3,
    "ConversionSoftware": "dcm2niix",
    "FlipAngle": 78,
    "DeviceSerialNumber": "66093"
}