{
    "CoilCombinationMethod": "Sum of Squares",
    "InstitutionAddress": "Warneford Lane StreetNo,Oxford,District,GB,OX3 7JX",
    "StationName": "AWP66093",
    "SoftwareVersions": "syngo MR E11",
    "PatientPosition": "HFS",
    "DwellTime": 2.7e-06,
    "ProtocolName": "diff_AP_MPopt_MB3_50b1000_50b2000_8b0_lowflip",
    "ImageOrientationText": "Tra>Cor(-20.4)>Sag(1.8)",
    "EchoTime": 0.092,
    "InstitutionName": "Warneford Hospital",
    "ReconMatrixPE": 104,
    "EffectiveEchoSpacing": 0.000670015,
    "AcquisitionNumber": 1,
    "ReceiveCoilName": "HeadNeck_64",
    "SAR": 0.0792351,
    "ShimSetting": [
        4961,
        -11381,
        -1350,
        459,
        -20,
        19,
        1,
        34
    ],
    "ScanOptions": "PFP\\FS",
    "RepetitionTime": 3.6,
    "ManufacturersModelName": "Prisma",
    "SliceTiming": [
        0,
        1.6425,
        3.2825,
        1.3425,
        2.985,
        1.045,
        2.685,
        0.7475,
        2.3875,
        0.4475,
        2.09,
        0.15,
        1.79,
        3.4325,
        1.4925,
        3.1325,
        1.195,
        2.835,
        0.895,
        2.5375,
        0.5975,
        2.2375,
        0.3,
        1.94,
        0,
        1.6425,
        3.2825,
        1.3425,
        2.985,
        1.045,
        2.685,
        0.7475,
        2.3875,
        0.4475,
        2.09,
        0.15,
        1.79,
        3.4325,
        1.4925,
        3.1325,
        1.195,
        2.835,
        0.895,
        2.5375,
        0.5975,
        2.2375,
        0.3,
        1.94,
        0,
        1.6425,
        3.2825,
        1.3425,
        2.985,
        1.045,
        2.685,
        0.7475,
        2.3875,
        0.4475,
        2.09,
        0.15,
        1.79,
        3.4325,
        1.4925,
        3.1325,
        1.195,
        2.835,
        0.895,
        2.5375,
        0.5975,
        2.2375,
        0.3,
        1.94
    ],
    "MultibandAccelerationFactor": 3,
    "PulseSequenceDetails": "%CustomerSeq%\\cmrr_mbep2d_diff",
    "SeriesNumber": 12,
    "FlipAngle": 78,
    "Modality": "MR",
    "Manufacturer": "Siemens",
    "PercentSampling": 100,
    "ImageComments": "Unaliased MB3/PE3 SENSE1",
    "BandwidthPerPixelPhaseEncode": 14.351,
    "ReceiveCoilActiveElements": "HC1-7",
    "PartialFourier": 0.75,
    "ImageType": [
        "ORIGINAL",
        "PRIMARY",
        "DIFFUSION",
        "NONE",
        "MB",
        "ND",
        "MOSAIC"
    ],
    "TxRefAmp": 240.599,
    "SeriesDescription": "diff_AP_MPopt_MB3_50b1000_50b2000_8b0_lowflip",
    "DeviceSerialNumber": "66093",
    "MagneticFieldStrength": 3,
    "DerivedVendorReportedEchoSpacing": 0.000670015,
    "AcquisitionTime": "12:40:16.085000",
    "SequenceName": "ep_b5#1",
    "MRAcquisitionType": "2D",
    "BaseResolution": 104,
    "PhaseEncodingDirection": "j-",
    "SequenceVariant": "SK\\SS",
    "InstitutionalDepartmentName": "BE3597",
    "InPlanePhaseEncodingDirectionDICOM": "COL",
    "ConversionSoftware": "dcm2niix",
    "WipMemBlock": "df41d0d8-8a44-41bf-aaf2-24a4560feb2f||Sequence: R016 ve11c/master r/e634e98; Dec 19 2017 11:11:25 by eja",
    "PercentPhaseFOV": 100,
    "ScanningSequence": "EP",
    "ImageOrientationPatientDICOM": [
        0.99926,
        -0.0104284,
        0.0370293,
        0.0226764,
        0.937224,
        -0.34799
    ],
    "PixelBandwidth": 1780,
    "PhaseEncodingSteps": 78,
    "ConsistencyInfo": "N4_VE11C_LATEST_20160120",
    "SliceThickness": 2,
    "BodyPartExamined": "BRAIN",
    "SpacingBetweenSlices": 2,
    "ImagingFrequency": 123.259,
    "PhaseResolution": 1,
    "TotalReadoutTime": 0.0690115,
    "DiffusionScheme": "Monopolar",
    "MatrixCoilMode": "SENSE",
    "EchoTrainLength": 78,
    "AcquisitionMatrixPE": 104,
    "ConversionSoftwareVersion": "v1.0.20211006"
}