{
    "Modality": "MR",
    "AcquisitionNumber": 1,
    "FlipAngle": 160,
    "ProtocolName": "BioBank v1.1",
    "StationName": "MR01DV01",
    "ImageOrientationPatientDICOM": [
        0,
        1,
        0,
        0,
        0,
        -1
    ],
    "Manufacturer": "GE",
    "ConversionSoftware": "dcm2niix",
    "PatientPosition": "HFS",
    "SoftwareVersions": "24\\LX\\MR Software release:DV24.0_R02_1607.b",
    "EchoTrainLength": 14,
    "ManufacturersModelName": "DISCOVERY MR750",
    "InstitutionName": "Nottingham Medical School",
    "SeriesNumber": 11,
    "ScanningSequence": "SE\\IR",
    "ScanOptions": "FAST_GEMS\\SAT_GEMS\\EDR_GEMS\\TRF_GEMS\\FILTERED_GEMS\\ACC_GEMS\\FS",
    "MRAcquisitionType": "2D",
    "PercentPhaseFOV": 100,
    "AcquisitionTime": "16:42:51.000000",
    "SequenceVariant": "SK",
    "ProcedureStepDescription": "B12012012-052",
    "ReconMatrixPE": 256,
    "ImageType": [
        "ORIGINAL",
        "PRIMARY",
        "OTHER",
        "NORM"
    ],
    "DeviceSerialNumber": "00000000269MRS04",
    "PercentSampling": 100,
    "InPlanePhaseEncodingDirectionDICOM": "ROW",
    "CoilString": "32Ch Head",
    "SeriesDescription": "T2_FLAIR_2D_1.5mm3",
    "ImagingFrequency": 127.726,
    "PixelBandwidth": 244.141,
    "AcquisitionMatrixPE": 160,
    "ConversionSoftwareVersion": "v1.0.20211006",
    "MagneticFieldStrength": 3,
    "RepetitionTime": 12,
    "SpacingBetweenSlices": 1.5,
    "InversionTime": 2.71337,
    "ParallelReductionFactorInPlane": 2,
    "SAR": 0.7626,
    "EchoTime": 0.093184,
    "SliceThickness": 1.5,
    "PhaseEncodingAxis": "i"
}