{
    "Modality": "MR",
    "MagneticFieldStrength": 3,
    "ImagingFrequency": 123.173,
    "Manufacturer": "Siemens",
    "ManufacturersModelName": "TrioTim",
    "InstitutionName": "John Radcliffe Hospital",
    "InstitutionalDepartmentName": "OCMR2",
    "InstitutionAddress": "Headley Way sfd,Oxford,Southeast,GB,OX3 9UE",
    "DeviceSerialNumber": "35031",
    "StationName": "MRC35031",
    "PatientPosition": "HFS",
    "ProcedureStepDescription": "neuro^N18",
    "SoftwareVersions": "syngo MR B17",
    "MRAcquisitionType": "3D",
    "SeriesDescription": "T1_p2_1mm_fov256_sag_TI_880_TE1.97",
    "ProtocolName": "T1_p2_1mm_fov256_sag_TI_880_TE1.97",
    "ScanningSequence": "GR\\IR",
    "SequenceVariant": "SP\\MP\\OSP",
    "ScanOptions": "IR",
    "SequenceName": "*tfl3d1_ns",
    "ImageType": [
        "ORIGINAL",
        "PRIMARY",
        "OTHER",
        "NORM"
    ],
    "SeriesNumber": 4,
    "AcquisitionTime": "14:51:11.260000",
    "AcquisitionNumber": 1,
    "SliceThickness": 1,
    "SAR": 0.0984248,
    "EchoTime": 0.00197,
    "RepetitionTime": 2,
    "InversionTime": 0.88,
    "FlipAngle": 8,
    "PartialFourier": 1,
    "BaseResolution": 256,
    "ShimSetting": [
        -1788,
        -11467,
        7539,
        1055,
        -80,
        -123,
        240,
        -239
    ],
    "TxRefAmp": 316.507,
    "PhaseResolution": 1,
    "PhaseOversampling": 0.05,
    "ReceiveCoilName": "32Ch_Head",
    "CoilString": "C:HEA;HEP",
    "PulseSequenceDetails": "%SiemensSeq%\\tfl",
    "RefLinesPE": 24,
    "CoilCombinationMethod": "Adaptive Combine",
    "MatrixCoilMode": "GRAPPA",
    "PercentPhaseFOV": 100,
    "PercentSampling": 100,
    "PhaseEncodingSteps": 269,
    "AcquisitionMatrixPE": 256,
    "ReconMatrixPE": 256,
    "ParallelReductionFactorInPlane": 2,
    "PixelBandwidth": 241,
    "DwellTime": 8.1e-06,
    "ImageOrientationPatientDICOM": [
        0.0320304,
        0.995978,
        0.0836746,
        -0.00606325,
        0.0839097,
        -0.996455
    ],
    "ImageOrientationText": "Sag>Cor(1.8)>Tra(0.5)",
    "InPlanePhaseEncodingDirectionDICOM": "ROW",
    "ConversionSoftware": "dcm2niix",
    "ConversionSoftwareVersion": "v1.0.20211006"
}