{
  "Modality": "MR",
  "MagneticFieldStrength": 3,
  "ImagingFrequency": 127.804,
  "Manufacturer": "Philips",
  "ManufacturersModelName": "Achieva",
  "InstitutionName": "SPMMRC Nottingham",
  "InstitutionalDepartmentName": "MRI",
  "DeviceSerialNumber": "17057",
  "StationName": "PHILIPS-T6O3EHP",
  "BodyPartExamined": "BRAIN",
  "PatientPosition": "HFS",
  "ProcedureStepDescription": "FMHS 452 0122",
  "SoftwareVersions": "5.6.1\\5.6.1.1",
  "MRAcquisitionType": "2D",
  "SeriesDescription": "blip_DTI_Biobank_2mm_S2_HS0.8_EPI",
  "ProtocolName": "WIP blip_DTI_Biobank_2mm_S2_HS0.8_EPI",
  "ScanningSequence": "SE",
  "SequenceVariant": "SK",
  "ScanOptions": "FS",
  "ImageType": [
    "ORIGINAL",
    "PRIMARY",
    "M",
    "SE",
    "M",
    "SE",
    "NORM"
  ],
  "SeriesNumber": 601,
  "AcquisitionTime": "13:39:36.560000",
  "AcquisitionNumber": 6,
  "PhilipsRWVSlope": 2.58144,
  "PhilipsRWVIntercept": 0,
  "PhilipsRescaleSlope": 2.58144,
  "PhilipsRescaleIntercept": 0,
  "PhilipsScaleSlope": 0.000831729,
  "UsePhilipsFloatNotDisplayScaling": 0,
  "SliceThickness": 2,
  "SpacingBetweenSlices": 2,
  "SAR": 0.0451272,
  "EchoTime": 0.07,
  "RepetitionTime": 10,
  "MTState": false,
  "FlipAngle": 90,
  "CoilString": "MULTI COIL",
  "PercentPhaseFOV": 100,
  "PercentSampling": 100,
  "EchoTrainLength": 55,
  "PartialFourierDirection": "PHASE",
  "PartialFourierEnabled": "YES",
  "PhaseEncodingStepsNoPartialFourier": 110,
  "AcquisitionMatrixPE": 110,
  "ReconMatrixPE": 112,
  "ParallelReductionFactorInPlane": 2,
  "ParallelAcquisitionTechnique": "SENSE",
  "WaterFatShift": 17.0362,
  "EstimatedEffectiveEchoSpacing": 0.000346898,
  "EstimatedTotalReadoutTime": 0.0385056,
  "PixelBandwidth": 2973,
  "PhaseEncodingAxis": "j",
  "ImageOrientationPatientDICOM": [
    0.99881,
    -0.0148237,
    0.0464584,
    0.0179258,
    0.997586,
    -0.067083
  ],
  "InPlanePhaseEncodingDirectionDICOM": "COL",
  "ConversionSoftware": "dcm2niix",
  "ConversionSoftwareVersion": "v1.0.20211006",
  "PhaseEncodingDirection": "j-",
  "EffectiveEchoSpacing": 0.000346898,
  "TotalReadoutTime": 0.0385056
}