{
    "AcquisitionTime": "16:26:48.910000",
    "PhilipsScaleSlope": 0.00228771,
    "SeriesDescription": "rs-fmri_singleMB4_HF0.8",
    "ParallelAcquisitionTechnique": "MBSENSE",
    "EstimatedEffectiveEchoSpacing": 0.0006076,
    "EchoTrainLength": 95,
    "PatientPosition": "HFS",
    "SeriesNumber": 1401,
    "PhaseEncodingAxis": "j",
    "B0FieldSource": "pepolar_fmap0",
    "ConversionSoftwareVersion": "v1.0.20211006",
    "UsePhilipsFloatNotDisplayScaling": 1,
    "InstitutionalDepartmentName": "MRI",
    "AcquisitionMatrixPE": 95,
    "WaterFatShift": 25.3463,
    "AcquisitionNumber": 14,
    "InPlanePhaseEncodingDirectionDICOM": "COL",
    "EffectiveEchoSpacing": 0.0006076,
    "InstitutionName": "SPMMRC Nottingham",
    "PhaseEncodingDirection": "j",
    "SoftwareVersions": "5.6.1\\5.6.1.1",
    "PhilipsRescaleSlope": 0.85348,
    "PercentSampling": 100,
    "StationName": "PHILIPS-T6O3EHP",
    "ScanOptions": "FS",
    "SAR": 0.0227829,
    "ReconMatrixPE": 96,
    "MRAcquisitionType": "2D",
    "MTState": false,
    "ImageOrientationPatientDICOM": [
        0.999763,
        0.00359926,
        0.0214692,
        -0.00363219,
        0.999992,
        0.0014947
    ],
    "PhilipsRWVIntercept": 0,
    "BodyPartExamined": "BRAIN",
    "ProcedureStepDescription": "H1408201447",
    "PixelBandwidth": 2332,
    "ImagingFrequency": 127.805,
    "SequenceVariant": "SK",
    "EchoTime": 0.039001,
    "TotalReadoutTime": 0.057722,
    "ConversionSoftware": "dcm2niix",
    "PartialFourierEnabled": "YES",
    "PartialFourierDirection": "PHASE",
    "ManufacturersModelName": "Achieva",
    "EstimatedTotalReadoutTime": 0.057722,
    "ImageType": [
        "ORIGINAL",
        "PRIMARY",
        "M",
        "FFE",
        "M",
        "FFE"
    ],
    "Manufacturer": "Philips",
    "MagneticFieldStrength": 3,
    "PhilipsRescaleIntercept": 0,
    "CoilString": "MULTI COIL",
    "PhilipsRWVSlope": 0.85348,
    "TaskName": "rest",
    "ParallelReductionOutOfPlane": 4,
    "SpacingBetweenSlices": 2.4,
    "RepetitionTime": 1.15,
    "PercentPhaseFOV": 100,
    "SliceThickness": 2.4,
    "ScanningSequence": "GR",
    "PhaseEncodingStepsNoPartialFourier": 95,
    "DeviceSerialNumber": "17057",
    "Modality": "MR",
    "FlipAngle": 65,
    "ProtocolName": "WIP rs-fmri_singleMB4_HF0.8"
}