{
    "ConversionSoftware": "dcm2niix",
    "SoftwareVersions": "5.6.1\\5.6.1.0",
    "SeriesNumber": 201,
    "TotalReadoutTime": 0.0743903,
    "ScanOptions": "FS",
    "MagneticFieldStrength": 3,
    "WaterFatShift": 32.742,
    "PixelBandwidth": 1882.91,
    "AcquisitionMatrixPE": 112,
    "FlipAngle": 90,
    "MTState": false,
    "UsePhilipsFloatNotDisplayScaling": 1,
    "ProtocolName": "blip_DTI_Biobank_2mm_MB3S1p5_EPI",
    "BodyPartExamined": "BRAIN",
    "PhaseEncodingStepsNoPartialFourier": 112,
    "SeriesDescription": "blip_DTI_Biobank_2mm_MB3S1p5_EPI",
    "ManufacturersModelName": "Ingenia",
    "AcquisitionTime": "17:12:22.100000",
    "SliceThickness": 2,
    "AcquisitionNumber": 2,
    "EchoTime": 0.098,
    "InstitutionAddress": "University Park",
    "EstimatedEffectiveEchoSpacing": 0.000670183,
    "InPlanePhaseEncodingDirectionDICOM": "COL",
    "PartialFourierEnabled": "YES",
    "Manufacturer": "Philips",
    "ScanningSequence": "SE",
    "PartialFourierDirection": "PHASE",
    "PatientPosition": "HFS",
    "ParallelAcquisitionTechnique": "MBSENSE",
    "ImageOrientationPatientDICOM": [
        1,
        0,
        0,
        0,
        1,
        0
    ],
    "ProcedureStepDescription": "H1408201447",
    "SpacingBetweenSlices": 2,
    "ConversionSoftwareVersion": "v1.0.20211006",
    "PercentPhaseFOV": 100,
    "EstimatedTotalReadoutTime": 0.0743903,
    "ParallelReductionOutOfPlane": 3,
    "InstitutionalDepartmentName": "SPMIC",
    "ParallelReductionFactorInPlane": 1.5,
    "PhilipsScaleSlope": 0.0194124,
    "MRAcquisitionType": "2D",
    "PhaseEncodingAxis": "j",
    "StationName": "HOST-2ADB2S6FDM",
    "EchoTrainLength": 75,
    "PhilipsRescaleIntercept": 0,
    "InstitutionName": "Nottingham University",
    "PercentSampling": 100,
    "SequenceVariant": "SK",
    "DeviceSerialNumber": "71459",
    "PhilipsRescaleSlope": 2.89426,
    "RepetitionTime": 4.031,
    "CoilString": "MULTI COIL",
    "ReconMatrixPE": 112,
    "EffectiveEchoSpacing": 0.000670183,
    "Modality": "MR",
    "PhaseEncodingDirection": "j",
    "ImagingFrequency": 127.749,
    "ImageType": [
        "ORIGINAL",
        "PRIMARY",
        "DIFFUSION",
        "NONE"
    ]
}