{
    "InstitutionName": "Nottingham University",
    "InstitutionAddress": "University Park",
    "UsePhilipsFloatNotDisplayScaling": 1,
    "SliceThickness": 2,
    "ReconMatrixPE": 112,
    "ProtocolName": "DTI_Biobank_2mm_MB3S1p5_EPI",
    "EchoTrainLength": 75,
    "ScanOptions": "FS",
    "StationName": "HOST-2ADB2S6FDM",
    "SoftwareVersions": "5.6.1\\5.6.1.0",
    "PartialFourierEnabled": "YES",
    "PhilipsScaleSlope": 0.0234808,
    "PixelBandwidth": 1891.61,
    "ProcedureStepDescription": "H1408201447",
    "EchoTime": 0.097967,
    "CoilString": "MULTI COIL",
    "WaterFatShift": 32.6627,
    "SequenceVariant": "SK",
    "ParallelAcquisitionTechnique": "MBSENSE",
    "Modality": "MR",
    "BodyPartExamined": "BRAIN",
    "EstimatedEffectiveEchoSpacing": 0.000668561,
    "PhaseEncodingStepsNoPartialFourier": 112,
    "EffectiveEchoSpacing": 0.000668561,
    "ImagingFrequency": 127.749,
    "PhilipsRescaleSlope": 2.4906,
    "AcquisitionTime": "17:12:41.690000",
    "RepetitionTime": 4.37844,
    "MTState": false,
    "AcquisitionNumber": 3,
    "PhaseEncodingAxis": "j-",
    "PercentSampling": 100,
    "ParallelReductionFactorInPlane": 1.5,
    "ScanningSequence": "SE",
    "MagneticFieldStrength": 3,
    "SeriesNumber": 301,
    "ManufacturersModelName": "Ingenia",
    "ImageType": [
        "ORIGINAL",
        "PRIMARY",
        "DIFFUSION",
        "NONE"
    ],
    "AcquisitionMatrixPE": 112,
    "ConversionSoftwareVersion": "v1.0.20211006",
    "ParallelReductionOutOfPlane": 3,
    "ImageOrientationPatientDICOM": [
        1,
        0,
        0,
        0,
        1,
        0
    ],
    "FlipAngle": 90,
    "MRAcquisitionType": "2D",
    "TotalReadoutTime": 0.0742103,
    "InPlanePhaseEncodingDirectionDICOM": "COL",
    "SeriesDescription": "DTI_Biobank_2mm_MB3S1p5_EPI",
    "Manufacturer": "Philips",
    "PhilipsRescaleIntercept": 0,
    "SpacingBetweenSlices": 2,
    "InstitutionalDepartmentName": "SPMIC",
    "PhaseEncodingDirection": "j-",
    "DeviceSerialNumber": "71459",
    "PartialFourierDirection": "PHASE",
    "PatientPosition": "HFS",
    "ConversionSoftware": "dcm2niix",
    "EstimatedTotalReadoutTime": 0.0742103,
    "PercentPhaseFOV": 100
}