{
	"Modality": "MR",
	"MagneticFieldStrength": 3,
	"ImagingFrequency": 123.234,
	"Manufacturer": "Siemens",
	"ManufacturersModelName": "Prisma",
	"InstitutionName": "The John Radcliffe",
	"InstitutionalDepartmentName": "Department",
	"InstitutionAddress": "Headley Way StreetNo,Oxford,District,GB,OX3 9DU",
	"DeviceSerialNumber": "66050",
	"StationName": "AWP66050",
	"BodyPartExamined": "HEAD",
	"PatientPosition": "HFS",
	"SoftwareVersions": "syngo MR E11",
	"MRAcquisitionType": "3D",
	"SeriesDescription": "SWI_3mm_Updated_v1.1",
	"ProtocolName": "SWI_3mm_Updated_v1.1",
	"ScanningSequence": "GR",
	"SequenceVariant": "SP\\OSP",
	"ScanOptions": "PFP",
	"SequenceName": "*fl3d2r",
	"ImageType": ["ORIGINAL", "PRIMARY", "M", "ND", "NORM", "FM", "FIL"],
	"SeriesNumber": 17,
	"AcquisitionTime": "14:13:45.995000",
	"AcquisitionNumber": 1,
	"SliceThickness": 3,
	"SAR": 0.0157915,
	"EchoNumber": 2,
	"EchoTime": 0.0197,
	"RepetitionTime": 0.027,
	"FlipAngle": 15,
	"PartialFourier": 0.875,
	"BaseResolution": 288,
	"ShimSetting": [
		329,
		-11472,
		1707,
		470,
		-109,
		-69,
		31,
		-11	],
	"TxRefAmp": 258.036,
	"PhaseResolution": 1,
	"ReceiveCoilName": "Head_32",
	"ReceiveCoilActiveElements": "HEA;HEP",
	"PulseSequenceDetails": "%SiemensSeq%\\gre",
	"RefLinesPE": 24,
	"CoilCombinationMethod": "Sum of Squares",
	"ConsistencyInfo": "N4_VE11C_LATEST_20160120",
	"MatrixCoilMode": "GRAPPA",
	"PercentPhaseFOV": 88.8889,
	"PercentSampling": 100,
	"EchoTrainLength": 2,
	"PhaseEncodingSteps": 223,
	"AcquisitionMatrixPE": 256,
	"ReconMatrixPE": 256,
	"ParallelReductionFactorInPlane": 2,
	"PixelBandwidth": 140,
	"DwellTime": 1.24e-05,
	"PhaseEncodingDirection": "i",
	"ImageOrientationPatientDICOM": [
		0.997419,
		0.00270048,
		0.071743,
		0.0254216,
		0.921265,
		-0.388105	],
	"ImageOrientationText": "Tra>Cor(-22.9)>Sag(3.8)",
	"InPlanePhaseEncodingDirectionDICOM": "ROW",
	"ConversionSoftware": "dcm2niix",
	"ConversionSoftwareVersion": "v1.0.20211006"
}
