{
    "ScanOptions": "IR\\PFP\\FS",
    "ParallelReductionFactorInPlane": 2,
    "PatientPosition": "HFS",
    "ReconMatrixPE": 256,
    "InstitutionName": "The John Radcliffe",
    "ScanningSequence": "SE\\IR",
    "ImageOrientationText": "Sag>Cor(-3.0)>Tra(-1.9)",
    "ImageType": [
        "ORIGINAL",
        "PRIMARY",
        "OTHER",
        "NORM"
    ],
    "ImageOrientationPatientDICOM": [
        -0.0495781,
        0.994826,
        -0.0886716,
        0.0376513,
        -0.0868561,
        -0.995509
    ],
    "CoilCombinationMethod": "Adaptive Combine",
    "PercentSampling": 100,
    "FlipAngle": 120,
    "SeriesDescription": "t2_flair_sag_p2_1mm_FS_ellip_pf78",
    "SequenceName": "*spcir_284ns",
    "PartialFourier": 1,
    "InstitutionAddress": "Headley Way StreetNo,Oxford,District,GB,OX3 9DU",
    "InstitutionalDepartmentName": "Department",
    "AcquisitionNumber": 1,
    "PercentPhaseFOV": 100,
    "ProtocolName": "t2_flair_sag_p2_1mm_FS_ellip_pf78",
    "ConsistencyInfo": "N4_VE11C_LATEST_20160120",
    "MatrixCoilMode": "GRAPPA",
    "PhaseEncodingDirection": "i",
    "ImagingFrequency": 123.256,
    "ConversionSoftwareVersion": "v1.0.20211006",
    "PulseSequenceDetails": "%SiemensSeq%\\tse_vfl",
    "AcquisitionTime": "12:33:36.005000",
    "DeviceSerialNumber": "66050",
    "RefLinesPE": 24,
    "MRAcquisitionType": "3D",
    "BaseResolution": 256,
    "ReceiveCoilActiveElements": "HEA;HEP",
    "SAR": 0.103941,
    "PhaseResolution": 1,
    "TxRefAmp": 230.925,
    "SoftwareVersions": "syngo MR E11",
    "SpoilingState": true,
    "Modality": "MR",
    "ManufacturersModelName": "Prisma",
    "StationName": "AWP66050",
    "MagneticFieldStrength": 3,
    "PhaseEncodingSteps": 215,
    "PixelBandwidth": 780,
    "ShimSetting": [
        308,
        -11575,
        1655,
        310,
        -47,
        -399,
        131,
        -2
    ],
    "InversionTime": 1.8,
    "ReceiveCoilName": "Head_32",
    "DwellTime": 2.5e-06,
    "AcquisitionMatrixPE": 256,
    "SliceThickness": 1.05,
    "ConversionSoftware": "dcm2niix",
    "EchoTrainLength": 258,
    "SequenceVariant": "SK\\SP\\MP",
    "InPlanePhaseEncodingDirectionDICOM": "ROW",
    "RepetitionTime": 5,
    "Manufacturer": "Siemens",
    "BodyPartExamined": "HEAD",
    "EchoTime": 0.397,
    "SeriesNumber": 10
}