{
    "PixelBandwidth": 2029,
    "MagneticFieldStrength": 3,
    "ImageOrientationPatientDICOM": [
        1,
        0,
        0,
        0,
        0.911403,
        -0.411514
    ],
    "MRAcquisitionType": "2D",
    "EchoTime": 0.039,
    "PhaseEncodingDirection": "j-",
    "ConversionSoftware": "dcm2niix",
    "DeviceSerialNumber": "35031",
    "SliceThickness": 2.4,
    "ScanOptions": "FS",
    "PhaseEncodingSteps": 88,
    "ShimSetting": [
        -1798,
        -11417,
        7662,
        859,
        -144,
        181,
        427,
        -313
    ],
    "PulseSequenceDetails": "%CustomerSeq%\\cmrr_mbep2d_bold",
    "PatientPosition": "HFS",
    "BandwidthPerPixelPhaseEncode": 16.469,
    "ProtocolName": "MB8_FMRI_fov210_2.4mm_resting",
    "DerivedVendorReportedEchoSpacing": 0.000690002,
    "FlipAngle": 52,
    "EffectiveEchoSpacing": 0.000690002,
    "Modality": "MR",
    "ImageComments": "Unaliased MB8/PE3 SENSE1",
    "ImageOrientationText": "Tra>Cor(-24.3)",
    "InstitutionName": "OCMR",
    "SliceTiming": [
        0,
        0.275,
        0.5525,
        0.0925,
        0.3675,
        0.645,
        0.1825,
        0.46,
        0,
        0.275,
        0.5525,
        0.0925,
        0.3675,
        0.645,
        0.1825,
        0.46,
        0,
        0.275,
        0.5525,
        0.0925,
        0.3675,
        0.645,
        0.1825,
        0.46,
        0,
        0.275,
        0.5525,
        0.0925,
        0.3675,
        0.645,
        0.1825,
        0.46,
        0,
        0.275,
        0.5525,
        0.0925,
        0.3675,
        0.645,
        0.1825,
        0.46,
        0,
        0.275,
        0.5525,
        0.0925,
        0.3675,
        0.645,
        0.1825,
        0.46,
        0,
        0.275,
        0.5525,
        0.0925,
        0.3675,
        0.645,
        0.1825,
        0.46,
        0,
        0.275,
        0.5525,
        0.0925,
        0.3675,
        0.645,
        0.1825,
        0.46
    ],
    "SeriesDescription": "MB8_FMRI_fov210_2.4mm_resting",
    "InstitutionAddress": "Headley Way sfd,Oxford,Southeast,GB,OX3 9UE",
    "SpacingBetweenSlices": 2.4,
    "StationName": "MRC35031",
    "MultibandAccelerationFactor": 8,
    "SeriesNumber": 6,
    "InPlanePhaseEncodingDirectionDICOM": "COL",
    "ConversionSoftwareVersion": "v1.0.20211006",
    "ImagingFrequency": 123.172,
    "CoilCombinationMethod": "Sum of Squares",
    "SequenceName": "epfid2d1_88",
    "ReconMatrixPE": 88,
    "TaskName": "rest",
    "PercentPhaseFOV": 100,
    "AcquisitionNumber": 1,
    "PhaseResolution": 1,
    "PartialFourier": 1,
    "Manufacturer": "Siemens",
    "CoilString": "C:HEA;HEP",
    "TotalReadoutTime": 0.0600301,
    "AcquisitionTime": "14:21:5.567500",
    "DwellTime": 2.8e-06,
    "ImageType": [
        "ORIGINAL",
        "PRIMARY",
        "M",
        "MB",
        "ND",
        "MOSAIC"
    ],
    "TxRefAmp": 305.447,
    "SequenceVariant": "SK\\SS",
    "AcquisitionMatrixPE": 88,
    "ReceiveCoilName": "32Ch_Head",
    "ProcedureStepDescription": "neuro^N18",
    "RepetitionTime": 0.735,
    "ScanningSequence": "EP",
    "BaseResolution": 88,
    "InstitutionalDepartmentName": "OCMR2",
    "PercentSampling": 100,
    "ManufacturersModelName": "TrioTim",
    "SAR": 0.104968,
    "SoftwareVersions": "syngo MR B17",
    "MatrixCoilMode": "SENSE"
}