{
    "PatientPosition": "HFS",
    "ProtocolName": "t2_flair_sag_p2_1mm_FS_ellip_pf78",
    "DwellTime": 2.5e-06,
    "PartialFourier": 1,
    "FlipAngle": 120,
    "MatrixCoilMode": "GRAPPA",
    "PixelBandwidth": 781,
    "InversionTime": 1.8,
    "ConversionSoftware": "dcm2niix",
    "Modality": "MR",
    "PhaseEncodingSteps": 236,
    "ImageOrientationPatientDICOM": [
        -0.110007,
        0.993434,
        0.031409,
        0.00695654,
        0.0323696,
        -0.999452
    ],
    "AcquisitionNumber": 1,
    "SpoilingState": true,
    "TxRefAmp": 307.472,
    "ConversionSoftwareVersion": "v1.0.20211006",
    "PhaseResolution": 1.00781,
    "PercentSampling": 100.781,
    "PulseSequenceDetails": "%SiemensSeq%\\tse_vfl",
    "ImageOrientationText": "Sag>Cor(-6.3)>Tra(-0.6)",
    "InPlanePhaseEncodingDirectionDICOM": "ROW",
    "SequenceVariant": "SK\\SP\\MP",
    "ImagingFrequency": 123.172,
    "Manufacturer": "Siemens",
    "CoilString": "C:HEA;HEP",
    "BaseResolution": 256,
    "MagneticFieldStrength": 3,
    "ShimSetting": [
        -1606,
        -11344,
        7689,
        1162,
        277,
        0,
        581,
        -65
    ],
    "PercentPhaseFOV": 100,
    "ParallelReductionFactorInPlane": 2,
    "InstitutionAddress": "Headley Way sfd,Oxford,Southeast,GB,OX3 9UE",
    "ProcedureStepDescription": "neuro^N18",
    "SeriesNumber": 8,
    "CoilCombinationMethod": "Adaptive Combine",
    "ReconMatrixPE": 256,
    "DeviceSerialNumber": "35031",
    "ManufacturersModelName": "TrioTim",
    "ScanningSequence": "SE\\IR",
    "RepetitionTime": 5,
    "ReceiveCoilName": "32Ch_Head",
    "AcquisitionTime": "13:33:39.420000",
    "SoftwareVersions": "syngo MR B17",
    "InstitutionName": "John Radcliffe Hospital",
    "SeriesDescription": "t2_flair_sag_p2_1mm_FS_ellip_pf78",
    "MRAcquisitionType": "3D",
    "EchoTrainLength": 141,
    "RefLinesPE": 24,
    "InstitutionalDepartmentName": "OCMR2",
    "PhaseEncodingDirection": "i",
    "SliceThickness": 1.05,
    "StationName": "MRC35031",
    "SequenceName": "*spcir3d1_282ns",
    "EchoTime": 0.397,
    "ScanOptions": "IR\\PFP\\FS",
    "SAR": 0.179473,
    "ImageType": [
        "ORIGINAL",
        "PRIMARY",
        "OTHER",
        "NORM"
    ],
    "AcquisitionMatrixPE": 258
}