{
    "Modality": "MR",
    "MagneticFieldStrength": 3,
    "ImagingFrequency": 123.172,
    "Manufacturer": "Siemens",
    "ManufacturersModelName": "TrioTim",
    "InstitutionName": "John Radcliffe Hospital",
    "InstitutionalDepartmentName": "OCMR2",
    "InstitutionAddress": "Headley Way sfd,Oxford,Southeast,GB,OX3 9UE",
    "DeviceSerialNumber": "35031",
    "StationName": "MRC35031",
    "PatientPosition": "HFS",
    "ProcedureStepDescription": "neuro^N18",
    "SoftwareVersions": "syngo MR B17",
    "MRAcquisitionType": "3D",
    "SeriesDescription": "T1_p2_1mm_fov256_sag_TI_880_TE1.97",
    "ProtocolName": "T1_p2_1mm_fov256_sag_TI_880_TE1.97",
    "ScanningSequence": "GR\\IR",
    "SequenceVariant": "SP\\MP\\OSP",
    "ScanOptions": "IR",
    "SequenceName": "*tfl3d1_ns",
    "ImageType": [
        "ORIGINAL",
        "PRIMARY",
        "OTHER",
        "NORM"
    ],
    "SeriesNumber": 4,
    "AcquisitionTime": "13:18:45.495000",
    "AcquisitionNumber": 1,
    "SliceThickness": 1,
    "SAR": 0.0979374,
    "EchoTime": 0.00197,
    "RepetitionTime": 2,
    "InversionTime": 0.88,
    "FlipAngle": 8,
    "PartialFourier": 1,
    "BaseResolution": 256,
    "ShimSetting": [
        -1606,
        -11344,
        7689,
        1162,
        277,
        0,
        581,
        -65
    ],
    "TxRefAmp": 307.472,
    "PhaseResolution": 1,
    "PhaseOversampling": 0.05,
    "ReceiveCoilName": "32Ch_Head",
    "CoilString": "C:HEA;HEP",
    "PulseSequenceDetails": "%SiemensSeq%\\tfl",
    "RefLinesPE": 24,
    "CoilCombinationMethod": "Adaptive Combine",
    "MatrixCoilMode": "GRAPPA",
    "PercentPhaseFOV": 100,
    "PercentSampling": 100,
    "PhaseEncodingSteps": 269,
    "AcquisitionMatrixPE": 256,
    "ReconMatrixPE": 256,
    "ParallelReductionFactorInPlane": 2,
    "PixelBandwidth": 241,
    "DwellTime": 8.1e-06,
    "ImageOrientationPatientDICOM": [
        -0.110007,
        0.993434,
        0.031409,
        0.00695654,
        0.0323696,
        -0.999452
    ],
    "ImageOrientationText": "Sag>Cor(-6.3)>Tra(-0.6)",
    "InPlanePhaseEncodingDirectionDICOM": "ROW",
    "ConversionSoftware": "dcm2niix",
    "ConversionSoftwareVersion": "v1.0.20211006"
}