{
    "StationName": "PHILIPS-T6O3EHP",
    "EstimatedEffectiveEchoSpacing": 3.08111e-06,
    "MagneticFieldStrength": 3,
    "EstimatedTotalReadoutTime": 0.000785683,
    "SliceThickness": 1.05,
    "ImagingFrequency": 127.804,
    "EchoTime": 0.289136,
    "PhilipsRescaleSlope": 5.20391,
    "InstitutionalDepartmentName": "MRI",
    "ScanOptions": "FS",
    "ProtocolName": "WIP T2_FLAIR_1mm",
    "ReconMatrixPE": 256,
    "ImageType": [
        "ORIGINAL",
        "PRIMARY",
        "OTHER",
        "NORM"
    ],
    "PercentPhaseFOV": 100,
    "Modality": "MR",
    "InversionTime": 1.65,
    "WaterFatShift": 0.343283,
    "UsePhilipsFloatNotDisplayScaling": 1,
    "CoilString": "MULTI COIL",
    "AcquisitionMatrixPE": 256,
    "DeviceSerialNumber": "17057",
    "SeriesDescription": "T2_FLAIR_1mm",
    "AcquisitionTime": "11:16:56.890000",
    "SequenceVariant": "SK",
    "ParallelAcquisitionTechnique": "SENSE",
    "EchoTrainLength": 182,
    "ScanningSequence": "IR",
    "ParallelReductionOutOfPlane": 2,
    "MRAcquisitionType": "3D",
    "PatientPosition": "HFS",
    "AcquisitionNumber": 3,
    "ManufacturersModelName": "Achieva",
    "InstitutionName": "SPMMRC Nottingham",
    "PhilipsScaleSlope": 0.000130194,
    "ParallelReductionFactorInPlane": 2.6,
    "SeriesNumber": 301,
    "PercentSampling": 78.5398,
    "ConversionSoftware": "dcm2niix",
    "MTState": false,
    "InPlanePhaseEncodingDirectionDICOM": "ROW",
    "RepetitionTime": 5,
    "ImageOrientationPatientDICOM": [
        -0.00360149,
        0.999992,
        0.00156723,
        0.00141334,
        0.00157233,
        -0.999998
    ],
    "NumberOfAverages": 2,
    "ConversionSoftwareVersion": "v1.0.20211006",
    "SpacingBetweenSlices": 1.05,
    "PixelBandwidth": 1265.82,
    "ProcedureStepDescription": "H14082014_47",
    "SoftwareVersions": "5.3.0\\5.3.0.3",
    "PhilipsRescaleIntercept": 0,
    "Manufacturer": "Philips",
    "BodyPartExamined": "BRAIN",
    "PhaseEncodingSteps": 256,
    "PhaseEncodingAxis": "i",
    "FlipAngle": 90
}