{
    "Modality": "MR",
    "MagneticFieldStrength": 3,
    "ImagingFrequency": 127.804,
    "Manufacturer": "Philips",
    "ManufacturersModelName": "Achieva",
    "InstitutionName": "SPMMRC Nottingham",
    "InstitutionalDepartmentName": "MRI",
    "DeviceSerialNumber": "17057",
    "StationName": "PHILIPS-T6O3EHP",
    "BodyPartExamined": "BRAIN",
    "PatientPosition": "HFS",
    "ProcedureStepDescription": "H14082014_47",
    "SoftwareVersions": "5.3.0\\5.3.0.3",
    "MRAcquisitionType": "3D",
    "SeriesDescription": "T1_1mm_sag",
    "ProtocolName": "WIP T1_1mm_sag",
    "ScanningSequence": "GR",
    "SequenceVariant": "MP",
    "ScanOptions": "OTHER",
    "ImageType": [
        "ORIGINAL",
        "PRIMARY",
        "OTHER",
        "NORM"
    ],
    "SeriesNumber": 201,
    "AcquisitionTime": "11:12:8.240000",
    "AcquisitionNumber": 2,
    "PhilipsRescaleSlope": 3.37656,
    "PhilipsRescaleIntercept": 0,
    "PhilipsScaleSlope": 0.000409344,
    "UsePhilipsFloatNotDisplayScaling": 1,
    "SliceThickness": 1,
    "SpacingBetweenSlices": 1,
    "EchoTime": 0.003162,
    "RepetitionTime": 0.0069978,
    "MTState": false,
    "SpoilingState": true,
    "SpoilingType": "COMBINED",
    "FlipAngle": 8,
    "CoilString": "MULTI COIL",
    "PercentPhaseFOV": 100,
    "PercentSampling": 78.5398,
    "EchoTrainLength": 208,
    "PhaseEncodingSteps": 256,
    "AcquisitionMatrixPE": 256,
    "ReconMatrixPE": 256,
    "ParallelReductionFactorInPlane": 2,
    "ParallelAcquisitionTechnique": "SENSE",
    "WaterFatShift": 1.8021,
    "EstimatedEffectiveEchoSpacing": 1.61857e-05,
    "EstimatedTotalReadoutTime": 0.00412736,
    "PixelBandwidth": 241.127,
    "PhaseEncodingAxis": "i",
    "ImageOrientationPatientDICOM": [
        -0.00360149,
        0.999992,
        0.00156723,
        0.00141334,
        0.00157233,
        -0.999998
    ],
    "InPlanePhaseEncodingDirectionDICOM": "ROW",
    "ConversionSoftware": "dcm2niix",
    "ConversionSoftwareVersion": "v1.0.20211006"
}