{
    "PhaseEncodingDirection": "j-",
    "B0FieldIdentifier": "pepolar_fmap0",
    "DeviceSerialNumber": "71459",
    "PercentSampling": 100,
    "ConversionSoftware": "dcm2niix",
    "UsePhilipsFloatNotDisplayScaling": 1,
    "ConversionSoftwareVersion": "v1.0.20211006",
    "ImagingFrequency": 127.749,
    "WaterFatShift": 20.3511,
    "ScanningSequence": "SE",
    "BodyPartExamined": "BRAIN",
    "PhaseEncodingSteps": 95,
    "PercentPhaseFOV": 100,
    "PhilipsRWVIntercept": 0,
    "InstitutionalDepartmentName": "SPMIC",
    "PhilipsScaleSlope": 0.0204073,
    "AcquisitionMatrixPE": 95,
    "AcquisitionNumber": 8,
    "CoilString": "MULTI COIL",
    "PhaseEncodingAxis": "j-",
    "ReconMatrixPE": 96,
    "IntendedFor": [
        "ses-NOT2ING001/func/sub-12813_ses-NOT2ING001_task-rest_acq-multiband4_bold.nii.gz"
    ],
    "AcquisitionTime": "15:55:35.400000",
    "TotalReadoutTime": 0.0461224,
    "PixelBandwidth": 1628,
    "SeriesDescription": "blip_rs-fmri_SE",
    "SpacingBetweenSlices": 2.4,
    "FlipAngle": 52,
    "ImageType": [
        "ORIGINAL",
        "PRIMARY",
        "M",
        "SE",
        "M",
        "SE"
    ],
    "ParallelReductionFactorInPlane": 1.5,
    "ParallelAcquisitionTechnique": "SENSE",
    "SAR": 0.110693,
    "MagneticFieldStrength": 3,
    "EstimatedTotalReadoutTime": 0.0461224,
    "SoftwareVersions": "5.6.1\\5.6.1.0",
    "ImageOrientationPatientDICOM": [
        0.999538,
        0.0119298,
        0.0279414,
        -0.0119465,
        0.999929,
        0.000430713
    ],
    "EffectiveEchoSpacing": 0.000485499,
    "PhilipsRWVSlope": 1.77778,
    "SliceThickness": 2.4,
    "PhilipsRescaleSlope": 1.77778,
    "PhilipsRescaleIntercept": 0,
    "EstimatedEffectiveEchoSpacing": 0.000485499,
    "SeriesNumber": 801,
    "ProtocolName": "WIP blip_rs-fmri_SE",
    "MTState": false,
    "InPlanePhaseEncodingDirectionDICOM": "COL",
    "StationName": "HOST-2ADB2S6FDM",
    "InstitutionName": "Nottingham University",
    "MRAcquisitionType": "2D",
    "ScanOptions": "FS",
    "InstitutionAddress": "University Park",
    "EchoTrainLength": 63,
    "ManufacturersModelName": "Ingenia",
    "SequenceVariant": "SK",
    "EchoTime": 0.08,
    "ProcedureStepDescription": "H1408201447",
    "Manufacturer": "Philips",
    "Modality": "MR",
    "PatientPosition": "HFS",
    "RepetitionTime": 5.67646
}