{
    "PhaseEncodingDirection": "j-",
    "SeriesDescription": "MB8_FMRI_fov210_2.4mm_resting",
    "ManufacturersModelName": "Prisma",
    "ReceiveCoilActiveElements": "HC1-7",
    "ScanOptions": "FS",
    "ScanningSequence": "EP",
    "TxRefAmp": 262.221,
    "ConsistencyInfo": "N4_VE11C_LATEST_20160120",
    "BandwidthPerPixelPhaseEncode": 17.756,
    "ConversionSoftware": "dcm2niix",
    "TotalReadoutTime": 0.055679,
    "ConversionSoftwareVersion": "v1.0.20211006",
    "EffectiveEchoSpacing": 0.000639989,
    "SliceTiming": [
        0,
        0.2675,
        0.535,
        0.0875,
        0.3575,
        0.625,
        0.1775,
        0.445,
        0,
        0.2675,
        0.535,
        0.0875,
        0.3575,
        0.625,
        0.1775,
        0.445,
        0,
        0.2675,
        0.535,
        0.0875,
        0.3575,
        0.625,
        0.1775,
        0.445,
        0,
        0.2675,
        0.535,
        0.0875,
        0.3575,
        0.625,
        0.1775,
        0.445,
        0,
        0.2675,
        0.535,
        0.0875,
        0.3575,
        0.625,
        0.1775,
        0.445,
        0,
        0.2675,
        0.535,
        0.0875,
        0.3575,
        0.625,
        0.1775,
        0.445,
        0,
        0.2675,
        0.535,
        0.0875,
        0.3575,
        0.625,
        0.1775,
        0.445,
        0,
        0.2675,
        0.535,
        0.0875,
        0.3575,
        0.625,
        0.1775,
        0.445
    ],
    "PulseSequenceDetails": "%CustomerSeq%\\cmrr_mbep2d_bold",
    "MagneticFieldStrength": 3,
    "MultibandAccelerationFactor": 8,
    "ImagingFrequency": 123.26,
    "ImageOrientationText": "Tra>Cor(-22.2)",
    "EchoTime": 0.039,
    "PhaseResolution": 1,
    "PercentPhaseFOV": 100,
    "AcquisitionMatrixPE": 88,
    "BaseResolution": 88,
    "MRAcquisitionType": "2D",
    "SoftwareVersions": "syngo MR E11",
    "WipMemBlock": "3de24d33-9845-462c-9467-d40ada631225||Sequence: R016 ve11c/master r/e634e98; Dec 19 2017 11:00:25 by eja",
    "InstitutionAddress": "Warneford Lane StreetNo,Oxford,District,GB,OX3 7JX",
    "SeriesNumber": 6,
    "ImageType": [
        "ORIGINAL",
        "PRIMARY",
        "M",
        "MB",
        "ND",
        "MOSAIC"
    ],
    "ReconMatrixPE": 88,
    "TaskName": "rest",
    "MatrixCoilMode": "SENSE",
    "ReceiveCoilName": "HeadNeck_64",
    "CoilCombinationMethod": "Sum of Squares",
    "SequenceVariant": "SK\\SS",
    "Manufacturer": "Siemens",
    "DwellTime": 2.8e-06,
    "SpacingBetweenSlices": 2.4,
    "BodyPartExamined": "BRAIN",
    "ShimSetting": [
        4960,
        -11400,
        -1266,
        585,
        -9,
        -37,
        13,
        -20
    ],
    "ProtocolName": "MB8_FMRI_fov210_2.4mm_resting",
    "SAR": 0.0615192,
    "PixelBandwidth": 2030,
    "ImageOrientationPatientDICOM": [
        1,
        0,
        0,
        0,
        0.925871,
        -0.377841
    ],
    "PartialFourier": 1,
    "PatientPosition": "HFS",
    "PhaseEncodingSteps": 88,
    "RepetitionTime": 0.735,
    "InstitutionName": "Warneford Hospital",
    "PercentSampling": 100,
    "InPlanePhaseEncodingDirectionDICOM": "COL",
    "AcquisitionNumber": 1,
    "DeviceSerialNumber": "66093",
    "StationName": "AWP66093",
    "ImageComments": "Unaliased MB8/PE3 SENSE1",
    "InstitutionalDepartmentName": "BE3597",
    "FlipAngle": 52,
    "SequenceName": "epfid2d1_88",
    "AcquisitionTime": "16:54:43.675000",
    "Modality": "MR",
    "SliceThickness": 2.4,
    "EchoTrainLength": 88,
    "DerivedVendorReportedEchoSpacing": 0.000639989
}