{
    "ScanningSequence": "EP",
    "ImageComments": "Unaliased MB3/PE3 SENSE1",
    "ProcedureStepDescription": "neuro^N18",
    "ScanOptions": "PFP\\FS",
    "EchoTime": 0.0964,
    "MatrixCoilMode": "SENSE",
    "DerivedVendorReportedEchoSpacing": 0.000690017,
    "DeviceSerialNumber": "35031",
    "ManufacturersModelName": "TrioTim",
    "CoilString": "C:HEA;HEP",
    "ConversionSoftwareVersion": "v1.0.20211006",
    "Modality": "MR",
    "PatientPosition": "HFS",
    "StationName": "MRC35031",
    "InstitutionalDepartmentName": "OCMR2",
    "InstitutionName": "John Radcliffe Hospital",
    "SeriesDescription": "diff_AP_MPopt_MB3_50b1000_50b2000_8b0_lowflip",
    "PercentPhaseFOV": 100,
    "MultibandAccelerationFactor": 3,
    "TxRefAmp": 316.507,
    "ReceiveCoilName": "32Ch_Head",
    "ConversionSoftware": "dcm2niix",
    "PartialFourier": 0.75,
    "ImageType": [
        "ORIGINAL",
        "PRIMARY",
        "DIFFUSION",
        "NONE",
        "MB",
        "ND",
        "MOSAIC"
    ],
    "PercentSampling": 100,
    "BaseResolution": 104,
    "SequenceVariant": "SK\\SS",
    "SeriesNumber": 12,
    "InPlanePhaseEncodingDirectionDICOM": "COL",
    "SpacingBetweenSlices": 2,
    "AcquisitionNumber": 1,
    "SoftwareVersions": "syngo MR B17",
    "PhaseEncodingDirection": "j-",
    "FlipAngle": 78,
    "PulseSequenceDetails": "%CustomerSeq%\\cmrr_mbep2d_diff",
    "DwellTime": 2.7e-06,
    "BandwidthPerPixelPhaseEncode": 13.935,
    "ProtocolName": "diff_AP_MPopt_MB3_50b1000_50b2000_8b0_lowflip",
    "Manufacturer": "Siemens",
    "ImageOrientationPatientDICOM": [
        1,
        2e-16,
        0,
        -2e-16,
        0.982613,
        -0.185667
    ],
    "ShimSetting": [
        -1792,
        -11430,
        7551,
        1148,
        -127,
        128,
        200,
        -237
    ],
    "RepetitionTime": 3.6,
    "TotalReadoutTime": 0.0710717,
    "MRAcquisitionType": "2D",
    "CoilCombinationMethod": "Sum of Squares",
    "PixelBandwidth": 1781,
    "InstitutionAddress": "Headley Way sfd,Oxford,Southeast,GB,OX3 9UE",
    "PhaseResolution": 1,
    "AcquisitionMatrixPE": 104,
    "DiffusionScheme": "Monopolar",
    "SliceThickness": 2,
    "ReconMatrixPE": 104,
    "AcquisitionTime": "15:13:57.792500",
    "SequenceName": "ep_b5#1",
    "MagneticFieldStrength": 3,
    "SAR": 0.158899,
    "ImageOrientationText": "Tra>Cor(-10.7)",
    "EffectiveEchoSpacing": 0.000690017,
    "PhaseEncodingSteps": 78,
    "ImagingFrequency": 123.173,
    "SliceTiming": [
        0,
        1.655,
        3.3125,
        1.355,
        3.01,
        1.0525,
        2.71,
        0.7525,
        2.4075,
        0.45,
        2.1075,
        0.15,
        1.8075,
        3.4625,
        1.505,
        3.1625,
        1.205,
        2.86,
        0.9025,
        2.56,
        0.6025,
        2.2575,
        0.3,
        1.9575,
        0,
        1.655,
        3.3125,
        1.355,
        3.01,
        1.0525,
        2.71,
        0.7525,
        2.4075,
        0.45,
        2.1075,
        0.15,
        1.8075,
        3.4625,
        1.505,
        3.1625,
        1.205,
        2.86,
        0.9025,
        2.56,
        0.6025,
        2.2575,
        0.3,
        1.9575,
        0,
        1.655,
        3.3125,
        1.355,
        3.01,
        1.0525,
        2.71,
        0.7525,
        2.4075,
        0.45,
        2.1075,
        0.15,
        1.8075,
        3.4625,
        1.505,
        3.1625,
        1.205,
        2.86,
        0.9025,
        2.56,
        0.6025,
        2.2575,
        0.3,
        1.9575
    ]
}