{
    "SliceThickness": 2,
    "SoftwareVersions": "syngo MR E11",
    "AcquisitionNumber": 1,
    "MultibandAccelerationFactor": 3,
    "InstitutionName": "Warneford Hospital",
    "Manufacturer": "Siemens",
    "DiffusionScheme": "Monopolar",
    "ReceiveCoilActiveElements": "HC1-7",
    "ScanOptions": "PFP\\FS",
    "TxRefAmp": 268.252,
    "BandwidthPerPixelPhaseEncode": 14.351,
    "PercentPhaseFOV": 100,
    "ManufacturersModelName": "Prisma",
    "InPlanePhaseEncodingDirectionDICOM": "COL",
    "SequenceVariant": "SK\\SS",
    "DerivedVendorReportedEchoSpacing": 0.000670015,
    "ImageType": [
        "ORIGINAL",
        "PRIMARY",
        "DIFFUSION",
        "NONE",
        "MB",
        "ND"
    ],
    "ConversionSoftware": "dcm2niix",
    "SliceTiming": [
        0,
        1.64062,
        3.28125,
        1.34375,
        2.98438,
        1.04688,
        2.6875,
        0.75,
        2.39062,
        0.45312,
        2.09375,
        0.15625,
        1.79688,
        3.4375,
        1.5,
        3.14062,
        1.20312,
        2.82812,
        0.89062,
        2.53125,
        0.59375,
        2.23438,
        0.29688,
        1.9375,
        0,
        1.64062,
        3.28125,
        1.34375,
        2.98438,
        1.04688,
        2.6875,
        0.75,
        2.39062,
        0.45312,
        2.09375,
        0.15625,
        1.79688,
        3.4375,
        1.5,
        3.14062,
        1.20312,
        2.82812,
        0.89062,
        2.53125,
        0.59375,
        2.23438,
        0.29688,
        1.9375,
        0,
        1.64062,
        3.28125,
        1.34375,
        2.98438,
        1.04688,
        2.6875,
        0.75,
        2.39062,
        0.45312,
        2.09375,
        0.15625,
        1.79688,
        3.4375,
        1.5,
        3.14062,
        1.20312,
        2.82812,
        0.89062,
        2.53125,
        0.59375,
        2.23438,
        0.29688,
        1.9375
    ],
    "TotalReadoutTime": 0.0690115,
    "PercentSampling": 100,
    "PhaseEncodingSteps": 78,
    "EchoTime": 0.092,
    "PixelBandwidth": 1780,
    "MRAcquisitionType": "2D",
    "AcquisitionMatrixPE": 104,
    "WipMemBlock": "cddedad7-dd39-4471-9e6f-cf3afd83c523||Sequence: R016 ve11c/master r/e634e98; Dec 19 2017 11:11:25 by eja",
    "InstitutionAddress": "Warneford Lane StreetNo,Oxford,District,GB,OX3 7JX",
    "DwellTime": 2.7e-06,
    "SeriesDescription": "diff 3dirs b=0 pepolar",
    "PatientPosition": "HFS",
    "PhaseResolution": 1,
    "ImageComments": "Unaliased MB3/PE3 SENSE1",
    "ConversionSoftwareVersion": "v1.0.20211006",
    "ImageOrientationPatientDICOM": [
        1,
        0,
        0,
        0,
        0.949972,
        -0.312335
    ],
    "PhaseEncodingDirection": "j",
    "StationName": "AWP66093",
    "MatrixCoilMode": "SENSE",
    "AcquisitionTime": "19:07:21.050000",
    "CoilCombinationMethod": "Sum of Squares",
    "InstitutionalDepartmentName": "BE3597",
    "PartialFourier": 0.75,
    "PulseSequenceDetails": "%CustomerSeq%\\cmrr_mbep2d_diff",
    "ReconMatrixPE": 104,
    "EchoTrainLength": 78,
    "ReceiveCoilName": "HeadNeck_64",
    "SequenceName": "ep_b5#1",
    "EffectiveEchoSpacing": 0.000670015,
    "MagneticFieldStrength": 3,
    "DeviceSerialNumber": "66093",
    "ConsistencyInfo": "N4_VE11C_LATEST_20160120",
    "Modality": "MR",
    "SAR": 0.0722437,
    "ShimSetting": [
        4956,
        -11420,
        -1308,
        480,
        21,
        -142,
        -22,
        49
    ],
    "RepetitionTime": 3.6,
    "ScanningSequence": "EP",
    "SpacingBetweenSlices": 2,
    "ImagingFrequency": 123.26,
    "ProtocolName": "diff_PA_MPopt_MB3_3b0_lowflip",
    "BaseResolution": 104,
    "ImageOrientationText": "Tra>Cor(-18.2)",
    "BodyPartExamined": "BRAIN",
    "SeriesNumber": 10,
    "FlipAngle": 78
}