{
    "InstitutionName": "SPMMRC Nottingham",
    "SpacingBetweenSlices": 1.05,
    "PercentPhaseFOV": 100,
    "PatientPosition": "HFS",
    "EstimatedEffectiveEchoSpacing": 3.19499e-06,
    "MTState": false,
    "DeviceSerialNumber": "17057",
    "PercentSampling": 78.5398,
    "EstimatedTotalReadoutTime": 0.000814724,
    "ImageType": [
        "ORIGINAL",
        "PRIMARY",
        "OTHER",
        "NORM"
    ],
    "WaterFatShift": 0.355972,
    "ScanningSequence": "IR",
    "InstitutionalDepartmentName": "MRI",
    "AcquisitionNumber": 3,
    "AcquisitionMatrixPE": 256,
    "ProcedureStepDescription": "H1408201447",
    "InPlanePhaseEncodingDirectionDICOM": "ROW",
    "StationName": "PHILIPS-T6O3EHP",
    "MagneticFieldStrength": 3,
    "PhilipsRescaleSlope": 4.73968,
    "InversionTime": 1.65,
    "PhaseEncodingSteps": 256,
    "AcquisitionTime": "15:50:34.600000",
    "PixelBandwidth": 1220.7,
    "ProtocolName": "T2_FLAIR_1mm",
    "ManufacturersModelName": "Achieva",
    "UsePhilipsFloatNotDisplayScaling": 1,
    "ParallelReductionFactorInPlane": 2.6,
    "SliceThickness": 1.05,
    "ConversionSoftware": "dcm2niix",
    "ImagingFrequency": 127.805,
    "ParallelReductionOutOfPlane": 2,
    "EchoTime": 0.291089,
    "EchoTrainLength": 182,
    "SoftwareVersions": "5.6.1\\5.6.1.1",
    "FlipAngle": 90,
    "SeriesDescription": "T2_FLAIR_1mm",
    "CoilString": "MULTI COIL",
    "SequenceVariant": "SK",
    "PhilipsScaleSlope": 0.0001274,
    "ReconMatrixPE": 256,
    "MRAcquisitionType": "3D",
    "PhilipsRescaleIntercept": 0,
    "SeriesNumber": 301,
    "PhaseEncodingAxis": "i",
    "BodyPartExamined": "BRAIN",
    "NumberOfAverages": 2,
    "Modality": "MR",
    "ConversionSoftwareVersion": "v1.0.20211006",
    "ImageOrientationPatientDICOM": [
        -0.00363219,
        0.999992,
        0.0014947,
        0.0214637,
        0.00157233,
        -0.999768
    ],
    "Manufacturer": "Philips",
    "ScanOptions": "FS",
    "RepetitionTime": 5,
    "ParallelAcquisitionTechnique": "SENSE"
}