{
    "ShimSetting": [
        -1621,
        -11272,
        7682,
        1168,
        228,
        276,
        368,
        10
    ],
    "InPlanePhaseEncodingDirectionDICOM": "COL",
    "FlipAngle": 78,
    "DerivedVendorReportedEchoSpacing": 0.000690017,
    "PulseSequenceDetails": "%CustomerSeq%\\cmrr_mbep2d_diff",
    "MatrixCoilMode": "SENSE",
    "SeriesNumber": 10,
    "CoilCombinationMethod": "Sum of Squares",
    "AcquisitionTime": "13:32:51.697500",
    "MRAcquisitionType": "2D",
    "SpacingBetweenSlices": 2,
    "SequenceVariant": "SK\\SS",
    "ImageType": [
        "ORIGINAL",
        "PRIMARY",
        "M",
        "MB",
        "ND"
    ],
    "ImageComments": "Unaliased MB3/PE3 SENSE1",
    "AcquisitionNumber": 1,
    "ProtocolName": "diff_PA_MPopt_MB3_3b0_lowflip",
    "Manufacturer": "Siemens",
    "ImagingFrequency": 123.172,
    "ManufacturersModelName": "TrioTim",
    "PhaseEncodingDirection": "j",
    "EchoTime": 0.0964,
    "SeriesDescription": "diff 4dirs b=0 pepolar",
    "ReconMatrixPE": 104,
    "ImageOrientationText": "Tra>Cor(-16.1)",
    "ImageOrientationPatientDICOM": [
        1,
        0,
        0,
        0,
        0.960779,
        -0.277315
    ],
    "ConversionSoftware": "dcm2niix",
    "SequenceName": "epse2d1_104",
    "PixelBandwidth": 1781,
    "PartialFourier": 0.75,
    "PhaseEncodingSteps": 78,
    "MultibandAccelerationFactor": 3,
    "ProcedureStepDescription": "neuro^N18",
    "SAR": 0.135458,
    "EffectiveEchoSpacing": 0.000690017,
    "ScanningSequence": "EP",
    "TotalReadoutTime": 0.0710717,
    "PercentSampling": 100,
    "TxRefAmp": 310.882,
    "SoftwareVersions": "syngo MR B17",
    "DeviceSerialNumber": "35031",
    "MagneticFieldStrength": 3,
    "PhaseResolution": 1,
    "AcquisitionMatrixPE": 104,
    "SliceTiming": [
        0,
        1.65625,
        3.3125,
        1.34375,
        3,
        1.04688,
        2.70312,
        0.75,
        2.40625,
        0.4375,
        2.10938,
        0.14062,
        1.79688,
        3.45312,
        1.5,
        3.15625,
        1.20312,
        2.85938,
        0.89062,
        2.54688,
        0.59375,
        2.25,
        0.29688,
        1.95312,
        0,
        1.65625,
        3.3125,
        1.34375,
        3,
        1.04688,
        2.70312,
        0.75,
        2.40625,
        0.4375,
        2.10938,
        0.14062,
        1.79688,
        3.45312,
        1.5,
        3.15625,
        1.20312,
        2.85938,
        0.89062,
        2.54688,
        0.59375,
        2.25,
        0.29688,
        1.95312,
        0,
        1.65625,
        3.3125,
        1.34375,
        3,
        1.04688,
        2.70312,
        0.75,
        2.40625,
        0.4375,
        2.10938,
        0.14062,
        1.79688,
        3.45312,
        1.5,
        3.15625,
        1.20312,
        2.85938,
        0.89062,
        2.54688,
        0.59375,
        2.25,
        0.29688,
        1.95312
    ],
    "BaseResolution": 104,
    "InstitutionAddress": "Headley Way sfd,Oxford,Southeast,GB,OX3 9UE",
    "Modality": "MR",
    "PercentPhaseFOV": 100,
    "PatientPosition": "HFS",
    "StationName": "MRC35031",
    "RepetitionTime": 3.6,
    "ScanOptions": "PFP\\FS",
    "BandwidthPerPixelPhaseEncode": 13.935,
    "InstitutionalDepartmentName": "OCMR2",
    "ConversionSoftwareVersion": "v1.0.20211006",
    "InstitutionName": "OCMR",
    "ReceiveCoilName": "32Ch_Head",
    "SliceThickness": 2,
    "CoilString": "C:HEA;HEP",
    "DwellTime": 2.7e-06
}