{
    "PercentPhaseFOV": 100,
    "MultibandAccelerationFactor": 3,
    "AcquisitionTime": "13:33:33.282500",
    "BaseResolution": 104,
    "TotalReadoutTime": 0.0710717,
    "PixelBandwidth": 1781,
    "PercentSampling": 100,
    "AcquisitionMatrixPE": 104,
    "StationName": "MRC35031",
    "MatrixCoilMode": "SENSE",
    "ProtocolName": "diff_AP_MPopt_MB3_50b1000_50b2000_8b0_lowflip",
    "ConversionSoftware": "dcm2niix",
    "ReceiveCoilName": "32Ch_Head",
    "CoilCombinationMethod": "Sum of Squares",
    "SliceThickness": 2,
    "TxRefAmp": 310.882,
    "Manufacturer": "Siemens",
    "SequenceName": "ep_b5#1",
    "ImageType": [
        "ORIGINAL",
        "PRIMARY",
        "DIFFUSION",
        "NONE",
        "MB",
        "ND",
        "MOSAIC"
    ],
    "PatientPosition": "HFS",
    "InstitutionalDepartmentName": "OCMR2",
    "PhaseEncodingDirection": "j-",
    "EchoTime": 0.0964,
    "SliceTiming": [
        0,
        1.6575,
        3.315,
        1.3575,
        3.0125,
        1.055,
        2.7125,
        0.755,
        2.41,
        0.4525,
        2.11,
        0.1525,
        1.8075,
        3.465,
        1.5075,
        3.1625,
        1.205,
        2.8625,
        0.905,
        2.56,
        0.6025,
        2.26,
        0.3025,
        1.9575,
        0,
        1.6575,
        3.315,
        1.3575,
        3.0125,
        1.055,
        2.7125,
        0.755,
        2.41,
        0.4525,
        2.11,
        0.1525,
        1.8075,
        3.465,
        1.5075,
        3.1625,
        1.205,
        2.8625,
        0.905,
        2.56,
        0.6025,
        2.26,
        0.3025,
        1.9575,
        0,
        1.6575,
        3.315,
        1.3575,
        3.0125,
        1.055,
        2.7125,
        0.755,
        2.41,
        0.4525,
        2.11,
        0.1525,
        1.8075,
        3.465,
        1.5075,
        3.1625,
        1.205,
        2.8625,
        0.905,
        2.56,
        0.6025,
        2.26,
        0.3025,
        1.9575
    ],
    "ScanOptions": "PFP\\FS",
    "SeriesNumber": 12,
    "ImageComments": "Unaliased MB3/PE3 SENSE1",
    "SAR": 0.163113,
    "RepetitionTime": 3.6,
    "AcquisitionNumber": 1,
    "SpacingBetweenSlices": 2,
    "PartialFourier": 0.75,
    "MRAcquisitionType": "2D",
    "ReconMatrixPE": 104,
    "ManufacturersModelName": "TrioTim",
    "ShimSetting": [
        -1621,
        -11272,
        7682,
        1168,
        228,
        276,
        368,
        10
    ],
    "CoilString": "C:HEA;HEP",
    "InstitutionName": "OCMR",
    "EffectiveEchoSpacing": 0.000690017,
    "ConversionSoftwareVersion": "v1.0.20211006",
    "PulseSequenceDetails": "%CustomerSeq%\\cmrr_mbep2d_diff",
    "SeriesDescription": "diff_AP_MPopt_MB3_50b1000_50b2000_8b0_lowflip",
    "PhaseResolution": 1,
    "InstitutionAddress": "Headley Way sfd,Oxford,Southeast,GB,OX3 9UE",
    "MagneticFieldStrength": 3,
    "ScanningSequence": "EP",
    "SoftwareVersions": "syngo MR B17",
    "DiffusionScheme": "Monopolar",
    "ImagingFrequency": 123.172,
    "Modality": "MR",
    "DeviceSerialNumber": "35031",
    "PhaseEncodingSteps": 78,
    "InPlanePhaseEncodingDirectionDICOM": "COL",
    "ImageOrientationPatientDICOM": [
        1,
        0,
        0,
        0,
        0.960779,
        -0.277315
    ],
    "BandwidthPerPixelPhaseEncode": 13.935,
    "FlipAngle": 78,
    "ProcedureStepDescription": "neuro^N18",
    "DerivedVendorReportedEchoSpacing": 0.000690017,
    "DwellTime": 2.7e-06,
    "ImageOrientationText": "Tra>Cor(-16.1)",
    "SequenceVariant": "SK\\SS"
}