{
    "MRAcquisitionType": "2D",
    "UsePhilipsFloatNotDisplayScaling": 1,
    "EstimatedTotalReadoutTime": 0.0386946,
    "EchoTrainLength": 63,
    "PhaseEncodingDirection": "j-",
    "ConversionSoftwareVersion": "v1.0.20211006",
    "InPlanePhaseEncodingDirectionDICOM": "COL",
    "AcquisitionMatrixPE": 95,
    "ImagingFrequency": 127.749,
    "MTState": false,
    "B0FieldSource": "pepolar_fmap0",
    "StationName": "HOST-2ADB2S6FDM",
    "PhilipsRescaleSlope": 0.791209,
    "InstitutionAddress": "University Park",
    "RepetitionTime": 1.45,
    "TaskName": "rest",
    "EstimatedEffectiveEchoSpacing": 0.000407312,
    "ReconMatrixPE": 96,
    "AcquisitionNumber": 6,
    "TotalReadoutTime": 0.0386946,
    "ProtocolName": "WIP rs-fmri_singleMB4",
    "EffectiveEchoSpacing": 0.000407312,
    "PhaseEncodingSteps": 95,
    "PercentSampling": 100,
    "PixelBandwidth": 2277,
    "SeriesDescription": "rs-fmri_singleMB4",
    "BodyPartExamined": "BRAIN",
    "ImageOrientationPatientDICOM": [
        1,
        0,
        0,
        0,
        1,
        0
    ],
    "ParallelReductionFactorInPlane": 1.5,
    "PercentPhaseFOV": 100,
    "InstitutionName": "Nottingham University",
    "DeviceSerialNumber": "71459",
    "ConversionSoftware": "dcm2niix",
    "PhaseEncodingAxis": "j-",
    "InstitutionalDepartmentName": "SPMIC",
    "SliceThickness": 2.4,
    "ScanningSequence": "GR",
    "Manufacturer": "Philips",
    "SpacingBetweenSlices": 2.4,
    "AcquisitionTime": "16:02:40.170000",
    "ParallelAcquisitionTechnique": "SENSE",
    "SeriesNumber": 601,
    "Modality": "MR",
    "PatientPosition": "HFS",
    "PhilipsScaleSlope": 0.0526808,
    "MagneticFieldStrength": 3,
    "ImageType": [
        "ORIGINAL",
        "PRIMARY",
        "M",
        "FFE",
        "M",
        "FFE"
    ],
    "EchoTime": 0.039,
    "SAR": 0.0601193,
    "SequenceVariant": "SK",
    "FlipAngle": 71,
    "SoftwareVersions": "5.3.1\\5.3.1.0",
    "ScanOptions": "FS",
    "ManufacturersModelName": "Ingenia",
    "CoilString": "MULTI COIL",
    "PhilipsRescaleIntercept": 0,
    "ProcedureStepDescription": "B1201202-052",
    "WaterFatShift": 17.0736
}