{
    "SliceThickness": 2,
    "MultibandAccelerationFactor": 3,
    "SliceTiming": [
        0,
        1.64,
        3.28,
        1.3425,
        2.9825,
        1.0425,
        2.685,
        0.745,
        2.385,
        0.4475,
        2.0875,
        0.1475,
        1.79,
        3.43,
        1.49,
        3.1325,
        1.1925,
        2.8325,
        0.895,
        2.535,
        0.595,
        2.2375,
        0.2975,
        1.9375,
        0,
        1.64,
        3.28,
        1.3425,
        2.9825,
        1.0425,
        2.685,
        0.745,
        2.385,
        0.4475,
        2.0875,
        0.1475,
        1.79,
        3.43,
        1.49,
        3.1325,
        1.1925,
        2.8325,
        0.895,
        2.535,
        0.595,
        2.2375,
        0.2975,
        1.9375,
        0,
        1.64,
        3.28,
        1.3425,
        2.9825,
        1.0425,
        2.685,
        0.745,
        2.385,
        0.4475,
        2.0875,
        0.1475,
        1.79,
        3.43,
        1.49,
        3.1325,
        1.1925,
        2.8325,
        0.895,
        2.535,
        0.595,
        2.2375,
        0.2975,
        1.9375
    ],
    "MagneticFieldStrength": 3,
    "ScanningSequence": "EP",
    "EchoTime": 0.092,
    "BaseResolution": 104,
    "ShimSetting": [
        4955,
        -11361,
        -1336,
        481,
        -40,
        -140,
        -19,
        58
    ],
    "AcquisitionNumber": 1,
    "StationName": "AWP66093",
    "Manufacturer": "Siemens",
    "FlipAngle": 78,
    "ProtocolName": "diff_AP_MPopt_MB3_50b1000_50b2000_8b0_lowflip",
    "ManufacturersModelName": "Prisma",
    "PatientPosition": "HFS",
    "ConsistencyInfo": "N4_VE11C_LATEST_20160120",
    "PixelBandwidth": 1780,
    "ImageOrientationPatientDICOM": [
        0.999994,
        0.000950379,
        0.00335877,
        5.55778e-08,
        0.962218,
        -0.27228
    ],
    "PercentPhaseFOV": 100,
    "ConversionSoftwareVersion": "v1.0.20211006",
    "PhaseEncodingSteps": 78,
    "ReceiveCoilName": "HeadNeck_64",
    "EchoTrainLength": 78,
    "InstitutionalDepartmentName": "BE3597",
    "SequenceName": "ep_b5#1",
    "InstitutionAddress": "Warneford Lane StreetNo,Oxford,District,GB,OX3 7JX",
    "DwellTime": 2.7e-06,
    "WipMemBlock": "987c4566-53d8-41a9-ba32-6c0daa828deb||Sequence: R016 ve11c/master r/e634e98; Dec 19 2017 11:11:25 by eja",
    "ImageComments": "Unaliased MB3/PE3 SENSE1",
    "EffectiveEchoSpacing": 0.000670015,
    "SeriesDescription": "diff_AP_MPopt_MB3_50b1000_50b2000_8b0_lowflip",
    "PhaseResolution": 1,
    "MatrixCoilMode": "SENSE",
    "BandwidthPerPixelPhaseEncode": 14.351,
    "ReceiveCoilActiveElements": "HC1-7",
    "BodyPartExamined": "BRAIN",
    "PulseSequenceDetails": "%CustomerSeq%\\cmrr_mbep2d_diff",
    "DerivedVendorReportedEchoSpacing": 0.000670015,
    "MRAcquisitionType": "2D",
    "PhaseEncodingDirection": "j-",
    "InPlanePhaseEncodingDirectionDICOM": "COL",
    "ImageType": [
        "ORIGINAL",
        "PRIMARY",
        "DIFFUSION",
        "NONE",
        "MB",
        "ND",
        "MOSAIC"
    ],
    "AcquisitionMatrixPE": 104,
    "ReconMatrixPE": 104,
    "CoilCombinationMethod": "Sum of Squares",
    "ImagingFrequency": 123.26,
    "SpacingBetweenSlices": 2,
    "SequenceVariant": "SK\\SS",
    "AcquisitionTime": "11:35:7.155000",
    "DiffusionScheme": "Monopolar",
    "PartialFourier": 0.75,
    "RepetitionTime": 3.6,
    "SeriesNumber": 12,
    "TxRefAmp": 269.666,
    "SoftwareVersions": "syngo MR E11",
    "SAR": 0.0918119,
    "DeviceSerialNumber": "66093",
    "InstitutionName": "Warneford Hospital",
    "Modality": "MR",
    "TotalReadoutTime": 0.0690115,
    "PercentSampling": 100,
    "ScanOptions": "PFP\\FS",
    "ImageOrientationText": "Tra>Cor(-15.8)>Sag(0.2)",
    "ConversionSoftware": "dcm2niix"
}