{
    "ScanOptions": "PFP\\FS",
    "ImageType": [
        "ORIGINAL",
        "PRIMARY",
        "DIFFUSION",
        "NONE",
        "MB",
        "ND"
    ],
    "ProtocolName": "diff_PA_MPopt_MB3_3b0_lowflip",
    "ReceiveCoilName": "HeadNeck_64",
    "SliceThickness": 2,
    "SeriesDescription": "diff 3dirs b=0 pepolar",
    "ScanningSequence": "EP",
    "DiffusionScheme": "Monopolar",
    "ConversionSoftware": "dcm2niix",
    "ImageComments": "Unaliased MB3/PE3 SENSE1",
    "SoftwareVersions": "syngo MR E11",
    "InPlanePhaseEncodingDirectionDICOM": "COL",
    "AcquisitionTime": "11:34:22.777500",
    "SequenceName": "ep_b5#1",
    "ReceiveCoilActiveElements": "HC1-7",
    "DwellTime": 2.7e-06,
    "SAR": 0.0762458,
    "MagneticFieldStrength": 3,
    "PatientPosition": "HFS",
    "WipMemBlock": "d3984300-51d0-4212-b946-0e733920e8cb||Sequence: R016 ve11c/master r/e634e98; Dec 19 2017 11:11:25 by eja",
    "FlipAngle": 78,
    "SeriesNumber": 10,
    "InstitutionAddress": "Warneford Lane StreetNo,Oxford,District,GB,OX3 7JX",
    "SliceTiming": [
        0,
        1.63281,
        3.27344,
        1.33594,
        2.97656,
        1.03906,
        2.67969,
        0.74219,
        2.38281,
        0.44531,
        2.08594,
        0.14062,
        1.78906,
        3.42969,
        1.48438,
        3.125,
        1.1875,
        2.82812,
        0.89062,
        2.53125,
        0.59375,
        2.23438,
        0.29688,
        1.9375,
        0,
        1.63281,
        3.27344,
        1.33594,
        2.97656,
        1.03906,
        2.67969,
        0.74219,
        2.38281,
        0.44531,
        2.08594,
        0.14062,
        1.78906,
        3.42969,
        1.48438,
        3.125,
        1.1875,
        2.82812,
        0.89062,
        2.53125,
        0.59375,
        2.23438,
        0.29688,
        1.9375,
        0,
        1.63281,
        3.27344,
        1.33594,
        2.97656,
        1.03906,
        2.67969,
        0.74219,
        2.38281,
        0.44531,
        2.08594,
        0.14062,
        1.78906,
        3.42969,
        1.48438,
        3.125,
        1.1875,
        2.82812,
        0.89062,
        2.53125,
        0.59375,
        2.23438,
        0.29688,
        1.9375
    ],
    "MRAcquisitionType": "2D",
    "TxRefAmp": 269.666,
    "PhaseEncodingSteps": 78,
    "DerivedVendorReportedEchoSpacing": 0.000670015,
    "ReconMatrixPE": 104,
    "PhaseEncodingDirection": "j",
    "StationName": "AWP66093",
    "SequenceVariant": "SK\\SS",
    "ManufacturersModelName": "Prisma",
    "MultibandAccelerationFactor": 3,
    "ImageOrientationPatientDICOM": [
        0.999994,
        0.000950379,
        0.00335877,
        5.55778e-08,
        0.962218,
        -0.27228
    ],
    "PulseSequenceDetails": "%CustomerSeq%\\cmrr_mbep2d_diff",
    "EchoTrainLength": 78,
    "PhaseResolution": 1,
    "InstitutionalDepartmentName": "BE3597",
    "BodyPartExamined": "BRAIN",
    "MatrixCoilMode": "SENSE",
    "ConversionSoftwareVersion": "v1.0.20211006",
    "PercentPhaseFOV": 100,
    "PixelBandwidth": 1780,
    "SpacingBetweenSlices": 2,
    "TotalReadoutTime": 0.0690115,
    "ShimSetting": [
        4955,
        -11361,
        -1336,
        481,
        -40,
        -140,
        -19,
        58
    ],
    "AcquisitionNumber": 1,
    "InstitutionName": "Warneford Hospital",
    "PartialFourier": 0.75,
    "ImagingFrequency": 123.26,
    "BaseResolution": 104,
    "RepetitionTime": 3.6,
    "PercentSampling": 100,
    "DeviceSerialNumber": "66093",
    "ConsistencyInfo": "N4_VE11C_LATEST_20160120",
    "ImageOrientationText": "Tra>Cor(-15.8)>Sag(0.2)",
    "BandwidthPerPixelPhaseEncode": 14.351,
    "Modality": "MR",
    "AcquisitionMatrixPE": 104,
    "EffectiveEchoSpacing": 0.000670015,
    "CoilCombinationMethod": "Sum of Squares",
    "Manufacturer": "Siemens",
    "EchoTime": 0.092
}