{
  "Modality": "MR",
  "MagneticFieldStrength": 3,
  "ImagingFrequency": 123.219,
  "Manufacturer": "Siemens",
  "ManufacturersModelName": "Prisma",
  "InstitutionName": "Warneford Hospital",
  "InstitutionalDepartmentName": "BE3597",
  "InstitutionAddress": "Warneford Lane StreetNo,Oxford,District,GB,OX3 7JX",
  "DeviceSerialNumber": "66093",
  "StationName": "AWP66093",
  "BodyPartExamined": "BRAIN",
  "PatientPosition": "HFS",
  "SoftwareVersions": "syngo MR E11",
  "MRAcquisitionType": "2D",
  "SeriesDescription": "MB8_FMRI_fov210_2.4mm_resting",
  "ProtocolName": "MB8_FMRI_fov210_2.4mm_resting",
  "ScanningSequence": "EP",
  "SequenceVariant": "SK\\SS",
  "ScanOptions": "FS",
  "SequenceName": "epfid2d1_88",
  "ImageType": [
    "ORIGINAL",
    "PRIMARY",
    "M",
    "MB",
    "ND",
    "MOSAIC"
  ],
  "SeriesNumber": 6,
  "AcquisitionTime": "10:26:16.900000",
  "AcquisitionNumber": 1,
  "ImageComments": "Unaliased MB8/PE3 SENSE1",
  "SliceThickness": 2.4,
  "SpacingBetweenSlices": 2.4,
  "SAR": 0.0540475,
  "EchoTime": 0.039,
  "RepetitionTime": 0.735,
  "FlipAngle": 52,
  "PartialFourier": 1,
  "BaseResolution": 88,
  "ShimSetting": [
    4946,
    -11417,
    -1229,
    689,
    -61,
    -349,
    45,
    94
  ],
  "TxRefAmp": 217.481,
  "PhaseResolution": 1,
  "ReceiveCoilName": "HeadNeck_64",
  "ReceiveCoilActiveElements": "HC1-7",
  "PulseSequenceDetails": "%CustomerSeq%\\cmrr_mbep2d_bold",
  "WipMemBlock": "66ee57a9-ef5d-4354-a660-ff96cf472324||Sequence: R016 ve11c/master r/e634e98; Dec 19 2017 11:00:25 by eja",
  "CoilCombinationMethod": "Sum of Squares",
  "ConsistencyInfo": "N4_VE11C_LATEST_20160120",
  "MatrixCoilMode": "SENSE",
  "MultibandAccelerationFactor": 8,
  "PercentPhaseFOV": 100,
  "PercentSampling": 100,
  "EchoTrainLength": 88,
  "PhaseEncodingSteps": 88,
  "AcquisitionMatrixPE": 88,
  "ReconMatrixPE": 88,
  "BandwidthPerPixelPhaseEncode": 17.756,
  "EffectiveEchoSpacing": 0.000639989,
  "DerivedVendorReportedEchoSpacing": 0.000639989,
  "TotalReadoutTime": 0.055679,
  "PixelBandwidth": 2030,
  "DwellTime": 2.8e-06,
  "PhaseEncodingDirection": "j-",
  "SliceTiming": [
    0,
    0.27,
    0.5375,
    0.09,
    0.3575,
    0.6275,
    0.18,
    0.4475,
    0,
    0.27,
    0.5375,
    0.09,
    0.3575,
    0.6275,
    0.18,
    0.4475,
    0,
    0.27,
    0.5375,
    0.09,
    0.3575,
    0.6275,
    0.18,
    0.4475,
    0,
    0.27,
    0.5375,
    0.09,
    0.3575,
    0.6275,
    0.18,
    0.4475,
    0,
    0.27,
    0.5375,
    0.09,
    0.3575,
    0.6275,
    0.18,
    0.4475,
    0,
    0.27,
    0.5375,
    0.09,
    0.3575,
    0.6275,
    0.18,
    0.4475,
    0,
    0.27,
    0.5375,
    0.09,
    0.3575,
    0.6275,
    0.18,
    0.4475,
    0,
    0.27,
    0.5375,
    0.09,
    0.3575,
    0.6275,
    0.18,
    0.4475
  ],
  "ImageOrientationPatientDICOM": [
    1,
    0,
    0,
    0,
    0.979575,
    -0.201078
  ],
  "ImageOrientationText": "Tra>Cor(-11.6)",
  "InPlanePhaseEncodingDirectionDICOM": "COL",
  "ConversionSoftware": "dcm2niix",
  "ConversionSoftwareVersion": "v1.0.20211006",
  "B0FieldSource": "pepolar_fmap0",
  "TaskName": "rest"
}