{
    "ImageType": [
        "ORIGINAL",
        "PRIMARY",
        "M",
        "MB",
        "ND",
        "MOSAIC"
    ],
    "PartialFourier": 1,
    "MagneticFieldStrength": 3,
    "ImagingFrequency": 123.228,
    "ScanningSequence": "EP",
    "ConsistencyInfo": "N4_VE11C_LATEST_20160120",
    "SAR": 0.0662652,
    "PulseSequenceDetails": "%CustomerSeq%\\cmrr_mbep2d_bold",
    "RepetitionTime": 0.735,
    "DwellTime": 2.8e-06,
    "InPlanePhaseEncodingDirectionDICOM": "COL",
    "InstitutionalDepartmentName": "Department",
    "InstitutionAddress": "Headley Way StreetNo,Oxford,District,GB,OX3 9DU",
    "SoftwareVersions": "syngo MR E11",
    "PhaseEncodingDirection": "j-",
    "PixelBandwidth": 2030,
    "ReceiveCoilName": "Head_32",
    "EffectiveEchoSpacing": 0.000639989,
    "SliceThickness": 2.4,
    "TaskName": "rest",
    "StationName": "AWP66050",
    "Modality": "MR",
    "AcquisitionNumber": 1,
    "MultibandAccelerationFactor": 8,
    "SpacingBetweenSlices": 2.4,
    "InstitutionName": "The John Radcliffe",
    "ConversionSoftware": "dcm2niix",
    "EchoTime": 0.039,
    "BaseResolution": 88,
    "SequenceName": "epfid2d1_88",
    "BandwidthPerPixelPhaseEncode": 17.756,
    "PhaseEncodingSteps": 88,
    "WipMemBlock": "fb50b9e3-0de5-4195-a840-89c0967b03f2||Sequence: R016 ve11c/master r/e634e98; Dec 19 2017 11:00:25 by eja",
    "CoilCombinationMethod": "Sum of Squares",
    "ImageOrientationText": "Tra>Cor(-17.5)>Sag(1.4)",
    "PercentPhaseFOV": 100,
    "MRAcquisitionType": "2D",
    "FlipAngle": 52,
    "TotalReadoutTime": 0.055679,
    "AcquisitionMatrixPE": 88,
    "ReconMatrixPE": 88,
    "ReceiveCoilActiveElements": "HEA;HEP",
    "SequenceVariant": "SK\\SS",
    "SliceTiming": [
        0,
        0.2675,
        0.5375,
        0.09,
        0.3575,
        0.625,
        0.18,
        0.4475,
        0,
        0.2675,
        0.5375,
        0.09,
        0.3575,
        0.625,
        0.18,
        0.4475,
        0,
        0.2675,
        0.5375,
        0.09,
        0.3575,
        0.625,
        0.18,
        0.4475,
        0,
        0.2675,
        0.5375,
        0.09,
        0.3575,
        0.625,
        0.18,
        0.4475,
        0,
        0.2675,
        0.5375,
        0.09,
        0.3575,
        0.625,
        0.18,
        0.4475,
        0,
        0.2675,
        0.5375,
        0.09,
        0.3575,
        0.625,
        0.18,
        0.4475,
        0,
        0.2675,
        0.5375,
        0.09,
        0.3575,
        0.625,
        0.18,
        0.4475,
        0,
        0.2675,
        0.5375,
        0.09,
        0.3575,
        0.625,
        0.18,
        0.4475
    ],
    "SeriesDescription": "MB8_FMRI_fov210_2.4mm_resting",
    "EchoTrainLength": 88,
    "ConversionSoftwareVersion": "v1.0.20211006",
    "Manufacturer": "Siemens",
    "TxRefAmp": 266.611,
    "AcquisitionTime": "10:58:1.612500",
    "PhaseResolution": 1,
    "ProtocolName": "MB8_FMRI_fov210_2.4mm_resting",
    "DeviceSerialNumber": "66050",
    "SeriesNumber": 8,
    "MatrixCoilMode": "SENSE",
    "BodyPartExamined": "HEAD",
    "ImageOrientationPatientDICOM": [
        0.999683,
        0.00553029,
        0.0245627,
        0.00209372,
        0.953939,
        -0.299993
    ],
    "ImageComments": "Unaliased MB8/PE3 SENSE1",
    "ManufacturersModelName": "Prisma",
    "DerivedVendorReportedEchoSpacing": 0.000639989,
    "PatientPosition": "HFS",
    "ScanOptions": "FS",
    "ShimSetting": [
        325,
        -11528,
        1745,
        303,
        289,
        236,
        38,
        64
    ],
    "PercentSampling": 100
}