{
  "Modality": "MR",
  "MagneticFieldStrength": 3,
  "ImagingFrequency": 127.804,
  "Manufacturer": "Philips",
  "ManufacturersModelName": "Achieva",
  "InstitutionName": "SPMMRC Nottingham",
  "InstitutionalDepartmentName": "MRI",
  "DeviceSerialNumber": "17057",
  "StationName": "PHILIPS-T6O3EHP",
  "BodyPartExamined": "BRAIN",
  "PatientPosition": "HFS",
  "ProcedureStepDescription": "FMHS4520122",
  "SoftwareVersions": "5.6.1\\5.6.1.1",
  "MRAcquisitionType": "2D",
  "SeriesDescription": "blipP_rs-fmri_singleMB4_HF0.8",
  "ProtocolName": "WIP blipP_rs-fmri_singleMB4_HF0.8",
  "ScanningSequence": "SE",
  "SequenceVariant": "SK",
  "ScanOptions": "FS",
  "ImageType": [
    "ORIGINAL",
    "PRIMARY",
    "T2",
    "NONE"
  ],
  "SeriesNumber": 1801,
  "AcquisitionTime": "12:16:31.800000",
  "AcquisitionNumber": 18,
  "PhilipsRescaleSlope": 0.775092,
  "PhilipsRescaleIntercept": 0,
  "PhilipsScaleSlope": 0.00313137,
  "UsePhilipsFloatNotDisplayScaling": 0,
  "SliceThickness": 2.4,
  "SpacingBetweenSlices": 2.4,
  "EchoTime": 0.09,
  "RepetitionTime": 2,
  "MTState": false,
  "FlipAngle": 80,
  "CoilString": "MULTI COIL",
  "PercentPhaseFOV": 100,
  "PercentSampling": 100,
  "EchoTrainLength": 95,
  "PhaseEncodingSteps": 95,
  "AcquisitionMatrixPE": 95,
  "ReconMatrixPE": 96,
  "ParallelAcquisitionTechnique": "MBSENSE",
  "ParallelReductionOutOfPlane": 4,
  "WaterFatShift": 25.2433,
  "EstimatedEffectiveEchoSpacing": 0.000605133,
  "EstimatedTotalReadoutTime": 0.0574876,
  "PixelBandwidth": 2339.4,
  "PhaseEncodingAxis": "j",
  "ImageOrientationPatientDICOM": [
    0.993798,
    -0.11117,
    0.00261745,
    0.111052,
    0.99341,
    0.028351
  ],
  "InPlanePhaseEncodingDirectionDICOM": "COL",
  "ConversionSoftware": "dcm2niix",
  "ConversionSoftwareVersion": "v1.0.20211006",
  "PhaseEncodingDirection": "j-",
  "IntendedFor": "bids::sub-16975/ses-NOT1ACH001/func/sub-16975_ses-NOT1ACH001_task-rest_bold.nii.gz",
  "B0FieldIdentifier": "pepolar_fmap0",
  "TotalReadoutTime": 0.0574876,
  "EffectiveEchoSpacing": 0.000605133
}