{
    "PhilipsRescaleIntercept": 0,
    "ScanOptions": "FS",
    "DeviceSerialNumber": "17057",
    "ImagingFrequency": 127.804,
    "ImageType": [
        "ORIGINAL",
        "PRIMARY",
        "OTHER",
        "NORM"
    ],
    "EchoTime": 0.285623,
    "AcquisitionMatrixPE": 256,
    "EchoTrainLength": 182,
    "SoftwareVersions": "5.6.1\\5.6.1.1",
    "InstitutionalDepartmentName": "MRI",
    "PhaseEncodingSteps": 256,
    "PhilipsScaleSlope": 0.000113441,
    "PatientPosition": "HFS",
    "EstimatedEffectiveEchoSpacing": 2.99531e-06,
    "ConversionSoftwareVersion": "v1.0.20211006",
    "InPlanePhaseEncodingDirectionDICOM": "ROW",
    "BodyPartExamined": "BRAIN",
    "UsePhilipsFloatNotDisplayScaling": 1,
    "ConversionSoftware": "dcm2niix",
    "ImageOrientationPatientDICOM": [
        -0.116715,
        0.993164,
        0.00163686,
        -0.0180631,
        -0.00047489,
        -0.999837
    ],
    "PercentSampling": 78.5398,
    "RepetitionTime": 5,
    "MRAcquisitionType": "3D",
    "ManufacturersModelName": "Achieva",
    "PhilipsRescaleSlope": 4.96044,
    "NumberOfAverages": 2,
    "EstimatedTotalReadoutTime": 0.000763803,
    "AcquisitionNumber": 3,
    "WaterFatShift": 0.333723,
    "StationName": "PHILIPS-T6O3EHP",
    "ParallelReductionFactorInPlane": 2.6,
    "ReconMatrixPE": 256,
    "SeriesDescription": "T2_FLAIR_1mm",
    "InversionTime": 1.65,
    "ProcedureStepDescription": "H14082014_047",
    "PixelBandwidth": 1302.08,
    "InstitutionName": "SPMMRC Nottingham",
    "CoilString": "MULTI COIL",
    "SpacingBetweenSlices": 1.05,
    "MagneticFieldStrength": 3,
    "SliceThickness": 1.05,
    "ParallelReductionOutOfPlane": 2,
    "ScanningSequence": "IR",
    "SequenceVariant": "SK",
    "Manufacturer": "Philips",
    "MTState": false,
    "FlipAngle": 90,
    "SeriesNumber": 301,
    "ParallelAcquisitionTechnique": "SENSE",
    "ProtocolName": "WIP T2_FLAIR_1mm",
    "PhaseEncodingAxis": "i",
    "PercentPhaseFOV": 100,
    "AcquisitionTime": "10:28:22.460000",
    "Modality": "MR"
}