{
  "Modality": "MR",
  "MagneticFieldStrength": 3,
  "ImagingFrequency": 127.708,
  "Manufacturer": "GE",
  "InternalPulseSequenceName": "EPI2",
  "ManufacturersModelName": "SIGNA Premier",
  "InstitutionName": "OCMR MR6",
  "DeviceSerialNumber": "00000070328MRS06",
  "StationName": "GEMRI",
  "BodyPartExamined": "BRAIN",
  "PatientPosition": "HFS",
  "SoftwareVersions": "29\\LX\\RX29.1_R02_2131.a",
  "MRAcquisitionType": "2D",
  "SeriesDescription": "DW EPI_pol",
  "ProtocolName": "NeuroHarmony_Stam",
  "ScanningSequence": "EP\\SE",
  "SequenceVariant": "NONE",
  "ScanOptions": "CL_GEMS\\SAT_GEMS\\EDR_GEMS\\EPI_GEMS\\HYPERBAND_GEMS\\ACC_GEMS\\PFF\\FS",
  "ImageType": [
    "ORIGINAL",
    "PRIMARY",
    "OTHER",
    "NORM"
  ],
  "SeriesNumber": 7,
  "AcquisitionTime": "13:52:5.000000",
  "AcquisitionNumber": 1,
  "SliceThickness": 2,
  "SpacingBetweenSlices": 2,
  "SAR": 0.149194,
  "EchoTime": 0.0698,
  "RepetitionTime": 8,
  "FlipAngle": 90,
  "PhaseEncodingPolarityGE": "Unflipped",
  "CoilString": "21HN",
  "MultibandAccelerationFactor": 2,
  "PercentPhaseFOV": 100,
  "PercentSampling": 100,
  "AcquisitionMatrixPE": 104,
  "ReconMatrixPE": 104,
  "ParallelReductionFactorInPlane": 2,
  "EffectiveEchoSpacing": 0.000352544,
  "TotalReadoutTime": 0.036312,
  "PixelBandwidth": 4807.69,
  "PhaseEncodingDirection": "j-",
  "ImageOrientationPatientDICOM": [
    0.998937,
    -0.0297788,
    -0.0351724,
    0.024617,
    0.989984,
    -0.13902
  ],
  "InPlanePhaseEncodingDirectionDICOM": "COL",
  "ConversionSoftware": "dcm2niix",
  "ConversionSoftwareVersion": "v1.0.20211006"
}