{
    "ReconMatrixPE": 256,
    "ImageOrientationText": "Sag>Tra(2.9)",
    "PhaseResolution": 1.00781,
    "AcquisitionNumber": 1,
    "SequenceName": "*spcir3d1_282ns",
    "SeriesNumber": 8,
    "ImageType": [
        "ORIGINAL",
        "PRIMARY",
        "OTHER",
        "NORM"
    ],
    "ProcedureStepDescription": "neuro^N18",
    "SpoilingState": true,
    "ShimSetting": [
        -1690,
        -11328,
        7538,
        604,
        14,
        -574,
        341,
        104
    ],
    "ImageOrientationPatientDICOM": [
        -0.00220683,
        0.999048,
        -0.0435635,
        -0.0505447,
        -0.0436194,
        -0.997769
    ],
    "PhaseEncodingDirection": "i",
    "ScanningSequence": "SE\\IR",
    "CoilString": "C:HEA;HEP",
    "ConversionSoftware": "dcm2niix",
    "PartialFourier": 1,
    "PatientPosition": "HFS",
    "AcquisitionTime": "14:48:58.357500",
    "DeviceSerialNumber": "35031",
    "MRAcquisitionType": "3D",
    "EchoTime": 0.396,
    "AcquisitionMatrixPE": 258,
    "StationName": "MRC35031",
    "PixelBandwidth": 781,
    "FlipAngle": 120,
    "ProtocolName": "t2_flair_sag_p2_1mm_FS_ellip_pf78",
    "ScanOptions": "IR\\PFP\\FS",
    "Manufacturer": "Siemens",
    "MagneticFieldStrength": 3,
    "ParallelReductionFactorInPlane": 2,
    "ConversionSoftwareVersion": "v1.0.20211006",
    "EchoTrainLength": 141,
    "PercentSampling": 100.781,
    "SliceThickness": 1.05,
    "SoftwareVersions": "syngo MR B17",
    "InstitutionName": "ocmr",
    "ReceiveCoilName": "32Ch_Head",
    "PhaseEncodingSteps": 238,
    "ManufacturersModelName": "TrioTim",
    "RefLinesPE": 24,
    "RepetitionTime": 5,
    "SAR": 0.223527,
    "PercentPhaseFOV": 100,
    "Modality": "MR",
    "DwellTime": 2.5e-06,
    "MatrixCoilMode": "GRAPPA",
    "TxRefAmp": 342.009,
    "SequenceVariant": "SK\\SP\\MP",
    "InPlanePhaseEncodingDirectionDICOM": "ROW",
    "InstitutionAddress": "Headley Way sfd,Oxford,Southeast,GB,OX3 9UE",
    "SeriesDescription": "t2_flair_sag_p2_1mm_FS_ellip_pf78",
    "PulseSequenceDetails": "%SiemensSeq%\\tse_vfl",
    "InstitutionalDepartmentName": "OCMR2",
    "CoilCombinationMethod": "Adaptive Combine",
    "InversionTime": 1.8,
    "BaseResolution": 256,
    "ImagingFrequency": 123.172
}