{
    "AcquisitionMatrixPE": 104,
    "CoilString": "32Ch Head",
    "InversionTime": 0.081,
    "Manufacturer": "GE",
    "SeriesDescription": "diff 2dirs b=0 pepolar",
    "AcquisitionNumber": 1,
    "InPlanePhaseEncodingDirectionDICOM": "COL",
    "MagneticFieldStrength": 3,
    "ImageOrientationPatientDICOM": [
        0.999925,
        -0.000457691,
        -0.0122735,
        0,
        0.999305,
        -0.0372642
    ],
    "FlipAngle": 90,
    "ImageType": [
        "ORIGINAL",
        "PRIMARY",
        "OTHER"
    ],
    "ParallelReductionFactorInPlane": 2,
    "SoftwareVersions": "24\\LX\\MR Software release:DV24.0_R02_1607.b",
    "ManufacturersModelName": "DISCOVERY MR750",
    "ConversionSoftwareVersion": "v1.0.20211006",
    "ConversionSoftware": "dcm2niix",
    "EffectiveEchoSpacing": 0.00033868,
    "SpacingBetweenSlices": 2,
    "PatientPosition": "HFS",
    "ProtocolName": "BioBank v1.2",
    "StationName": "MR01DV01",
    "DeviceSerialNumber": "00000000269MRS04",
    "InstitutionName": "Nottingham Medical School",
    "PercentSampling": 100,
    "Modality": "MR",
    "ReconMatrixPE": 104,
    "ProcedureStepDescription": "h1408201447",
    "SequenceVariant": "NONE",
    "TotalReadoutTime": 0.034884,
    "PixelBandwidth": 4807.69,
    "ScanningSequence": "EP\\SE",
    "EchoTime": 0.072,
    "ImagingFrequency": 127.726,
    "RepetitionTime": 11,
    "PercentPhaseFOV": 100,
    "SeriesNumber": 9,
    "AcquisitionTime": "18:57:57.000000",
    "PhaseEncodingPolarityGE": "Flipped",
    "InternalPulseSequenceName": "EPI2",
    "PhaseEncodingDirection": "j",
    "ScanOptions": "SAT_GEMS\\EDR_GEMS\\EPI_GEMS\\ACC_GEMS\\PFF\\FS",
    "MRAcquisitionType": "2D",
    "SAR": 1.39764,
    "SliceThickness": 2,
    "PhaseEncodingAxis": "j"
}