{
    "SpacingBetweenSlices": 2.4,
    "PhaseEncodingAxis": "j",
    "ImageOrientationPatientDICOM": [
        0.999902,
        -0.00420644,
        -0.0133521,
        0.00169656,
        0.98317,
        -0.182686
    ],
    "ProtocolName": "blip_rs-fmri_SErev",
    "EchoTime": 0.08,
    "EstimatedTotalReadoutTime": 0.0461223,
    "ImageType": [
        "ORIGINAL",
        "PRIMARY",
        "T2",
        "NONE"
    ],
    "InPlanePhaseEncodingDirectionDICOM": "COL",
    "PatientPosition": "HFS",
    "MagneticFieldStrength": 3,
    "AcquisitionMatrixPE": 95,
    "PercentSampling": 100,
    "MTState": false,
    "BodyPartExamined": "BRAIN",
    "SequenceVariant": "SK",
    "InstitutionName": "Nottingham University",
    "ScanOptions": "FS",
    "ProcedureStepDescription": "H1408201447",
    "SliceThickness": 2.4,
    "ReconMatrixPE": 96,
    "DeviceSerialNumber": "71459",
    "AcquisitionTime": "15:01:28.900000",
    "CoilString": "MULTI COIL",
    "Modality": "MR",
    "ImagingFrequency": 127.749,
    "AcquisitionNumber": 9,
    "SeriesDescription": "blip_rs-fmri_SErev",
    "EffectiveEchoSpacing": 0.000485498,
    "RepetitionTime": 5.68126,
    "PhilipsScaleSlope": 0.0216314,
    "EchoTrainLength": 63,
    "PhaseEncodingDirection": "j",
    "InstitutionAddress": "University Park",
    "B0FieldIdentifier": "pepolar_fmap0",
    "PhilipsRescaleSlope": 1.41856,
    "IntendedFor": [
        "ses-NOT2ING001/func/sub-13305_ses-NOT2ING001_task-rest_acq-multiband4_bold.nii.gz",
        "ses-NOT2ING001/func/sub-13305_ses-NOT2ING001_task-rest_acq-multiband6_bold.nii.gz"
    ],
    "ConversionSoftware": "dcm2niix",
    "ParallelReductionFactorInPlane": 1.5,
    "PixelBandwidth": 1628.46,
    "TotalReadoutTime": 0.0461223,
    "PhilipsRescaleIntercept": 0,
    "MRAcquisitionType": "2D",
    "ManufacturersModelName": "Ingenia",
    "SeriesNumber": 901,
    "UsePhilipsFloatNotDisplayScaling": 1,
    "InstitutionalDepartmentName": "SPMIC",
    "WaterFatShift": 20.351,
    "StationName": "HOST-2ADB2S6FDM",
    "SoftwareVersions": "5.3.1\\5.3.1.0",
    "PercentPhaseFOV": 100,
    "ScanningSequence": "SE",
    "PhaseEncodingSteps": 95,
    "ConversionSoftwareVersion": "v1.0.20211006",
    "FlipAngle": 52,
    "ParallelAcquisitionTechnique": "SENSE",
    "Manufacturer": "Philips",
    "EstimatedEffectiveEchoSpacing": 0.000485498
}