{
    "DwellTime": 2.8e-06,
    "ReconMatrixPE": 88,
    "ProtocolName": "MB8_FMRI_fov210_2.4mm_resting",
    "SliceThickness": 2.4,
    "ImageOrientationText": "Tra>Cor(-17.9)>Sag(1.3)",
    "PercentSampling": 100,
    "SeriesDescription": "MB8_FMRI_fov210_2.4mm_resting",
    "TxRefAmp": 245.525,
    "EffectiveEchoSpacing": 0.000639989,
    "PhaseResolution": 1,
    "ShimSetting": [
        319,
        -11463,
        1693,
        488,
        82,
        183,
        132,
        12
    ],
    "CoilCombinationMethod": "Sum of Squares",
    "PhaseEncodingSteps": 88,
    "ScanningSequence": "EP",
    "ImagingFrequency": 123.256,
    "SAR": 0.0583759,
    "ReceiveCoilActiveElements": "HEA;HEP",
    "ConversionSoftwareVersion": "v1.0.20211006",
    "StationName": "AWP66050",
    "Modality": "MR",
    "SpacingBetweenSlices": 2.4,
    "ConsistencyInfo": "N4_VE11C_LATEST_20160120",
    "PhaseEncodingDirection": "j-",
    "TaskName": "rest",
    "EchoTrainLength": 88,
    "DerivedVendorReportedEchoSpacing": 0.000639989,
    "AcquisitionNumber": 1,
    "InPlanePhaseEncodingDirectionDICOM": "COL",
    "MagneticFieldStrength": 3,
    "ManufacturersModelName": "Prisma",
    "RepetitionTime": 0.735,
    "ImageComments": "Unaliased MB8/PE3 SENSE1",
    "ScanOptions": "FS",
    "FlipAngle": 52,
    "InstitutionAddress": "Headley Way StreetNo,Oxford,District,GB,OX3 9DU",
    "MultibandAccelerationFactor": 8,
    "InstitutionName": "The John Radcliffe",
    "BandwidthPerPixelPhaseEncode": 17.756,
    "SoftwareVersions": "syngo MR E11",
    "WipMemBlock": "17c5befe-d185-4222-8dca-c8fbb38e5153||Sequence: R016 ve11c/master r/e634e98; Dec 19 2017 11:00:25 by eja",
    "ReceiveCoilName": "Head_32",
    "TotalReadoutTime": 0.055679,
    "AcquisitionMatrixPE": 88,
    "Manufacturer": "Siemens",
    "SeriesNumber": 8,
    "AcquisitionTime": "10:28:31.062500",
    "InstitutionalDepartmentName": "Department",
    "PercentPhaseFOV": 100,
    "SequenceVariant": "SK\\SS",
    "ImageOrientationPatientDICOM": [
        0.999262,
        0.0365963,
        0.0117002,
        -0.0312285,
        0.95102,
        -0.307547
    ],
    "EchoTime": 0.039,
    "BodyPartExamined": "HEAD",
    "BaseResolution": 88,
    "ImageType": [
        "ORIGINAL",
        "PRIMARY",
        "M",
        "MB",
        "ND",
        "MOSAIC"
    ],
    "SequenceName": "epfid2d1_88",
    "PatientPosition": "HFS",
    "PulseSequenceDetails": "%CustomerSeq%\\cmrr_mbep2d_bold",
    "PixelBandwidth": 2030,
    "DeviceSerialNumber": "66050",
    "PartialFourier": 1,
    "ConversionSoftware": "dcm2niix",
    "SliceTiming": [
        0,
        0.2675,
        0.535,
        0.09,
        0.3575,
        0.625,
        0.1775,
        0.4475,
        0,
        0.2675,
        0.535,
        0.09,
        0.3575,
        0.625,
        0.1775,
        0.4475,
        0,
        0.2675,
        0.535,
        0.09,
        0.3575,
        0.625,
        0.1775,
        0.4475,
        0,
        0.2675,
        0.535,
        0.09,
        0.3575,
        0.625,
        0.1775,
        0.4475,
        0,
        0.2675,
        0.535,
        0.09,
        0.3575,
        0.625,
        0.1775,
        0.4475,
        0,
        0.2675,
        0.535,
        0.09,
        0.3575,
        0.625,
        0.1775,
        0.4475,
        0,
        0.2675,
        0.535,
        0.09,
        0.3575,
        0.625,
        0.1775,
        0.4475,
        0,
        0.2675,
        0.535,
        0.09,
        0.3575,
        0.625,
        0.1775,
        0.4475
    ],
    "MatrixCoilMode": "SENSE",
    "MRAcquisitionType": "2D"
}