{
	"Modality": "MR",
	"MagneticFieldStrength": 3,
	"ImagingFrequency": 127.805,
	"Manufacturer": "Philips",
	"ManufacturersModelName": "Achieva",
	"InstitutionName": "SPMMRC Nottingham",
	"InstitutionalDepartmentName": "MRI",
	"DeviceSerialNumber": "17057",
	"StationName": "PHILIPS-T6O3EHP",
	"BodyPartExamined": "BRAIN",
	"PatientPosition": "HFS",
	"ProcedureStepDescription": "H1408201447",
	"SoftwareVersions": "5.6.1\\5.6.1.1",
	"MRAcquisitionType": "3D",
	"SeriesDescription": "SWI_3mm_tra",
	"ProtocolName": "SWI_3mm_tra",
	"ScanningSequence": "GR",
	"SequenceVariant": "SP",
	"ScanOptions": "FC",
	"ImageType": ["ORIGINAL", "PRIMARY", "T1", "MIXED", "PHASE"],
	"SeriesNumber": 1701,
	"AcquisitionTime": "16:35:29.700000",
	"AcquisitionNumber": 17,
	"PhilipsRWVSlope": 1.53455,
	"PhilipsRWVIntercept": -3142,
	"PhilipsRescaleSlope": 1.53455,
	"PhilipsRescaleIntercept": -3142,
	"PhilipsScaleSlope": 651.74,
	"UsePhilipsFloatNotDisplayScaling": 1,
	"SliceThickness": 3,
	"SpacingBetweenSlices": 3,
	"EchoNumber": 1,
	"EchoTime": 0.009422,
	"RepetitionTime": 0.027,
	"MTState": false,
	"SpoilingState": true,
	"SpoilingType": "COMBINED",
	"FlipAngle": 15,
	"CoilString": "MULTI COIL",
	"PercentPhaseFOV": 88.8889,
	"PercentSampling": 78.233,
	"EchoTrainLength": 2,
	"PhaseEncodingSteps": 286,
	"AcquisitionMatrixPE": 286,
	"ReconMatrixPE": 288,
	"ParallelReductionFactorInPlane": 2,
	"ParallelAcquisitionTechnique": "SENSE",
	"WaterFatShift": 3.00352,
	"EstimatedEffectiveEchoSpacing": 1.60558e-05,
	"EstimatedTotalReadoutTime": 0.004608,
	"PixelBandwidth": 144.676,
	"PhaseEncodingAxis": "i",
	"ImageOrientationPatientDICOM": [
		0.999763,
		0.00359926,
		0.0214692,
		-0.00363219,
		0.999992,
		0.0014947	],
	"InPlanePhaseEncodingDirectionDICOM": "ROW",
	"ConversionSoftware": "dcm2niix",
	"ConversionSoftwareVersion": "v1.0.20211006"
}
