{
	"Modality": "MR",
	"MagneticFieldStrength": 3,
	"ImagingFrequency": 123.235,
	"Manufacturer": "Siemens",
	"ManufacturersModelName": "Prisma",
	"InstitutionName": "The John Radcliffe",
	"InstitutionalDepartmentName": "Department",
	"InstitutionAddress": "Headley Way StreetNo,Oxford,District,GB,OX3 9DU",
	"DeviceSerialNumber": "66050",
	"StationName": "AWP66050",
	"BodyPartExamined": "HEAD",
	"PatientPosition": "HFS",
	"SoftwareVersions": "syngo MR E11",
	"MRAcquisitionType": "3D",
	"SeriesDescription": "SWI_3mm_Updated_v1.1",
	"ProtocolName": "SWI_3mm_Updated_v1.1",
	"ScanningSequence": "GR",
	"SequenceVariant": "SP\\OSP",
	"ScanOptions": "PFP",
	"SequenceName": "*fl3d2r",
	"ImageType": ["ORIGINAL", "PRIMARY", "P", "ND", "PHASE"],
	"SeriesNumber": 18,
	"AcquisitionTime": "14:14:24.092500",
	"AcquisitionNumber": 1,
	"SliceThickness": 3,
	"SAR": 0.0154317,
	"EchoNumber": 2,
	"EchoTime": 0.0197,
	"RepetitionTime": 0.027,
	"FlipAngle": 15,
	"EchoTime1": 0.00942,
	"EchoTime2": 0.0197,
	"PartialFourier": 0.875,
	"BaseResolution": 288,
	"ShimSetting": [
		334,
		-11454,
		1715,
		468,
		-53,
		-34,
		41,
		-1	],
	"TxRefAmp": 255.647,
	"PhaseResolution": 1,
	"ReceiveCoilName": "Head_32",
	"ReceiveCoilActiveElements": "HEA;HEP",
	"CoilString": "H7",
	"PulseSequenceDetails": "%SiemensSeq%\\gre",
	"RefLinesPE": 24,
	"CoilCombinationMethod": "Sum of Squares",
	"ConsistencyInfo": "N4_VE11C_LATEST_20160120",
	"MatrixCoilMode": "GRAPPA",
	"PercentPhaseFOV": 88.8889,
	"PercentSampling": 100,
	"EchoTrainLength": 2,
	"PhaseEncodingSteps": 223,
	"AcquisitionMatrixPE": 256,
	"ReconMatrixPE": 256,
	"ParallelReductionFactorInPlane": 2,
	"PixelBandwidth": 140,
	"DwellTime": 1.24e-05,
	"PhaseEncodingDirection": "i",
	"ImageOrientationPatientDICOM": [
		0.999387,
		0.0161609,
		0.0310428,
		-0.00226754,
		0.915035,
		-0.403367	],
	"ImageOrientationText": "Tra>Cor(-23.8)>Sag(2.0)",
	"InPlanePhaseEncodingDirectionDICOM": "ROW",
	"ConversionSoftware": "dcm2niix",
	"ConversionSoftwareVersion": "v1.0.20211006"
}
