{
  "Modality": "MR",
  "MagneticFieldStrength": 3,
  "ImagingFrequency": 127.804,
  "Manufacturer": "Philips",
  "ManufacturersModelName": "Achieva",
  "InstitutionName": "SPMMRC Nottingham",
  "InstitutionalDepartmentName": "MRI",
  "DeviceSerialNumber": "17057",
  "StationName": "PHILIPS-T6O3EHP",
  "BodyPartExamined": "BRAIN",
  "PatientPosition": "HFS",
  "ProcedureStepDescription": "FMHS 452 0122",
  "SoftwareVersions": "5.6.1\\5.6.1.1",
  "MRAcquisitionType": "2D",
  "SeriesDescription": "blipP_rs-fmri_singleMB4_HF0.8",
  "ProtocolName": "WIP blipP_rs-fmri_singleMB4_HF0.8",
  "ScanningSequence": "SE",
  "SequenceVariant": "SK",
  "ScanOptions": "FS",
  "ImageType": [
    "ORIGINAL",
    "PRIMARY",
    "M",
    "SE",
    "M",
    "SE"
  ],
  "SeriesNumber": 1701,
  "AcquisitionTime": "14:16:48.600000",
  "AcquisitionNumber": 17,
  "PhilipsRWVSlope": 0.920391,
  "PhilipsRWVIntercept": 0,
  "PhilipsRescaleSlope": 0.920391,
  "PhilipsRescaleIntercept": 0,
  "PhilipsScaleSlope": 0.00271749,
  "UsePhilipsFloatNotDisplayScaling": 0,
  "SliceThickness": 2.4,
  "SpacingBetweenSlices": 2.4,
  "SAR": 0.0454329,
  "EchoTime": 0.09,
  "RepetitionTime": 2,
  "MTState": false,
  "FlipAngle": 80,
  "CoilString": "MULTI COIL",
  "PercentPhaseFOV": 100,
  "PercentSampling": 100,
  "EchoTrainLength": 95,
  "PhaseEncodingSteps": 95,
  "AcquisitionMatrixPE": 95,
  "ReconMatrixPE": 96,
  "ParallelAcquisitionTechnique": "MBSENSE",
  "ParallelReductionOutOfPlane": 4,
  "WaterFatShift": 25.2433,
  "EstimatedEffectiveEchoSpacing": 0.000605133,
  "EstimatedTotalReadoutTime": 0.0574876,
  "PixelBandwidth": 2339,
  "PhaseEncodingAxis": "j",
  "ImageOrientationPatientDICOM": [
    0.99881,
    -0.0148237,
    0.0464584,
    0.0179258,
    0.997586,
    -0.067083
  ],
  "InPlanePhaseEncodingDirectionDICOM": "COL",
  "ConversionSoftware": "dcm2niix",
  "ConversionSoftwareVersion": "v1.0.20211006",
  "PhaseEncodingDirection": "j-",
  "IntendedFor": "bids::sub-15320/ses-NOT1ACH001/func/sub-15320_ses-NOT1ACH001_task-rest_bold.nii.gz",
  "B0FieldIdentifier": "pepolar_fmap0",
  "TotalReadoutTime": 0.0574876,
  "EffectiveEchoSpacing": 0.000605133
}