{
    "BandwidthPerPixelPhaseEncode": 17.756,
    "PercentSampling": 100,
    "PhaseEncodingDirection": "j-",
    "ManufacturersModelName": "Prisma",
    "EchoTime": 0.039,
    "BaseResolution": 88,
    "ImageComments": "Unaliased MB8/PE3 SENSE1",
    "InPlanePhaseEncodingDirectionDICOM": "COL",
    "TxRefAmp": 223.027,
    "FlipAngle": 52,
    "SpacingBetweenSlices": 2.4,
    "ConversionSoftwareVersion": "v1.0.20211006",
    "InstitutionName": "The John Radcliffe",
    "BodyPartExamined": "HEAD",
    "InstitutionAddress": "Headley Way StreetNo,Oxford,District,GB,OX3 9DU",
    "SAR": 0.0551312,
    "ImageOrientationPatientDICOM": [
        0.997764,
        0.013931,
        -0.0653605,
        -0.0285672,
        0.97308,
        -0.228692
    ],
    "PulseSequenceDetails": "%CustomerSeq%\\cmrr_mbep2d_bold",
    "MRAcquisitionType": "2D",
    "EffectiveEchoSpacing": 0.000639989,
    "SliceTiming": [
        0,
        0.2675,
        0.535,
        0.0875,
        0.3575,
        0.625,
        0.1775,
        0.445,
        0,
        0.2675,
        0.535,
        0.0875,
        0.3575,
        0.625,
        0.1775,
        0.445,
        0,
        0.2675,
        0.535,
        0.0875,
        0.3575,
        0.625,
        0.1775,
        0.445,
        0,
        0.2675,
        0.535,
        0.0875,
        0.3575,
        0.625,
        0.1775,
        0.445,
        0,
        0.2675,
        0.535,
        0.0875,
        0.3575,
        0.625,
        0.1775,
        0.445,
        0,
        0.2675,
        0.535,
        0.0875,
        0.3575,
        0.625,
        0.1775,
        0.445,
        0,
        0.2675,
        0.535,
        0.0875,
        0.3575,
        0.625,
        0.1775,
        0.445,
        0,
        0.2675,
        0.535,
        0.0875,
        0.3575,
        0.625,
        0.1775,
        0.445
    ],
    "ShimSetting": [
        332,
        -11558,
        1717,
        396,
        426,
        48,
        305,
        24
    ],
    "SeriesNumber": 8,
    "AcquisitionTime": "12:45:44.182500",
    "PercentPhaseFOV": 100,
    "SeriesDescription": "MB8_FMRI_fov210_2.4mm_resting",
    "ReconMatrixPE": 88,
    "ImageOrientationText": "Tra>Cor(-13.3)>Sag(-3.5)",
    "TaskName": "rest",
    "ConversionSoftware": "dcm2niix",
    "PhaseResolution": 1,
    "EchoTrainLength": 88,
    "DwellTime": 2.8e-06,
    "MagneticFieldStrength": 3,
    "MultibandAccelerationFactor": 8,
    "Modality": "MR",
    "ReceiveCoilName": "Head_32",
    "ProtocolName": "MB8_FMRI_fov210_2.4mm_resting",
    "AcquisitionMatrixPE": 88,
    "InstitutionalDepartmentName": "Department",
    "SequenceName": "epfid2d1_88",
    "PhaseEncodingSteps": 88,
    "ImagingFrequency": 123.227,
    "TotalReadoutTime": 0.055679,
    "MatrixCoilMode": "SENSE",
    "DerivedVendorReportedEchoSpacing": 0.000639989,
    "ScanningSequence": "EP",
    "RepetitionTime": 0.735,
    "SoftwareVersions": "syngo MR E11",
    "PixelBandwidth": 2030,
    "ReceiveCoilActiveElements": "HEA;HEP",
    "ConsistencyInfo": "N4_VE11C_LATEST_20160120",
    "AcquisitionNumber": 1,
    "WipMemBlock": "bdd37d52-f303-4c4f-af1a-b980211bd972||Sequence: R016 ve11c/master r/e634e98; Dec 19 2017 11:00:25 by eja",
    "ImageType": [
        "ORIGINAL",
        "PRIMARY",
        "M",
        "MB",
        "ND",
        "MOSAIC"
    ],
    "ScanOptions": "FS",
    "SliceThickness": 2.4,
    "PartialFourier": 1,
    "PatientPosition": "HFS",
    "Manufacturer": "Siemens",
    "SequenceVariant": "SK\\SS",
    "StationName": "AWP66050",
    "CoilCombinationMethod": "Sum of Squares",
    "DeviceSerialNumber": "66050"
}