{
    "EchoTime": 0.397,
    "DeviceSerialNumber": "66093",
    "AcquisitionNumber": 1,
    "ImagingFrequency": 123.26,
    "MagneticFieldStrength": 3,
    "ManufacturersModelName": "Prisma",
    "InversionTime": 1.8,
    "ConversionSoftware": "dcm2niix",
    "PatientPosition": "HFS",
    "ReceiveCoilName": "HeadNeck_64",
    "SpoilingState": true,
    "InstitutionName": "Warneford Hospital",
    "EchoTrainLength": 258,
    "BodyPartExamined": "BRAIN",
    "SequenceVariant": "SK\\SP\\MP",
    "ProtocolName": "t2_flair_sag_p2_1mm_FS_ellip_pf78",
    "RefLinesPE": 24,
    "TxRefAmp": 268.252,
    "ScanOptions": "IR\\PFP\\FS",
    "ImageOrientationPatientDICOM": [
        -0.0557398,
        0.99698,
        -0.0540788,
        0.00301877,
        -0.0539945,
        -0.998537
    ],
    "AcquisitionTime": "19:01:1.675000",
    "InstitutionAddress": "Warneford Lane StreetNo,Oxford,District,GB,OX3 7JX",
    "MRAcquisitionType": "3D",
    "MatrixCoilMode": "GRAPPA",
    "ShimSetting": [
        4940,
        -11475,
        -1377,
        277,
        -60,
        -534,
        72,
        30
    ],
    "ReconMatrixPE": 256,
    "ImageType": [
        "ORIGINAL",
        "PRIMARY",
        "OTHER",
        "NORM"
    ],
    "ConversionSoftwareVersion": "v1.0.20211006",
    "StationName": "AWP66093",
    "PartialFourier": 1,
    "SoftwareVersions": "syngo MR E11",
    "PhaseEncodingSteps": 215,
    "PercentSampling": 100,
    "SAR": 0.105527,
    "InPlanePhaseEncodingDirectionDICOM": "ROW",
    "SliceThickness": 1.05,
    "ScanningSequence": "SE\\IR",
    "PulseSequenceDetails": "%SiemensSeq%\\tse_vfl",
    "InstitutionalDepartmentName": "BE3597",
    "DwellTime": 2.5e-06,
    "AcquisitionMatrixPE": 256,
    "CoilCombinationMethod": "Adaptive Combine",
    "PhaseEncodingDirection": "i",
    "BaseResolution": 256,
    "PhaseResolution": 1,
    "ReceiveCoilActiveElements": "HC1-7",
    "SequenceName": "*spcir_284ns",
    "ParallelReductionFactorInPlane": 2,
    "Modality": "MR",
    "ConsistencyInfo": "N4_VE11C_LATEST_20160120",
    "ImageOrientationText": "Sag>Cor(-3.2)",
    "SeriesDescription": "t2_flair_sag_p2_1mm_FS_ellip_pf78",
    "RepetitionTime": 5,
    "Manufacturer": "Siemens",
    "PixelBandwidth": 780,
    "PercentPhaseFOV": 100,
    "SeriesNumber": 8,
    "FlipAngle": 120
}