{
    "ProtocolName": "diff_AP_MPopt_MB3_50b1000_50b2000_8b0_lowflip",
    "InstitutionalDepartmentName": "Department",
    "ImageOrientationText": "Tra>Cor(-19.9)>Sag(0.8)",
    "MagneticFieldStrength": 3,
    "SAR": 0.0760112,
    "StationName": "AWP66050",
    "ImageType": [
        "ORIGINAL",
        "PRIMARY",
        "DIFFUSION",
        "NONE",
        "MB",
        "ND",
        "MOSAIC"
    ],
    "Manufacturer": "Siemens",
    "CoilCombinationMethod": "Sum of Squares",
    "SoftwareVersions": "syngo MR E11",
    "ReceiveCoilActiveElements": "HEA;HEP",
    "SequenceName": "ep_b5#1",
    "Modality": "MR",
    "TotalReadoutTime": 0.0690115,
    "ConversionSoftware": "dcm2niix",
    "ReceiveCoilName": "Head_32",
    "SliceThickness": 2,
    "ManufacturersModelName": "Prisma",
    "TxRefAmp": 235.937,
    "PhaseResolution": 1,
    "DeviceSerialNumber": "66050",
    "AcquisitionNumber": 1,
    "DwellTime": 2.7e-06,
    "RepetitionTime": 3.6,
    "SpacingBetweenSlices": 2,
    "MultibandAccelerationFactor": 3,
    "PatientPosition": "HFS",
    "ScanOptions": "PFP\\FS",
    "PixelBandwidth": 1780,
    "BodyPartExamined": "HEAD",
    "ConversionSoftwareVersion": "v1.0.20211006",
    "InPlanePhaseEncodingDirectionDICOM": "COL",
    "PercentSampling": 100,
    "ReconMatrixPE": 104,
    "SequenceVariant": "SK\\SS",
    "PartialFourier": 0.75,
    "PulseSequenceDetails": "%CustomerSeq%\\cmrr_mbep2d_diff",
    "FlipAngle": 78,
    "ImageOrientationPatientDICOM": [
        0.999663,
        0.0253073,
        0.00578819,
        -0.0218128,
        0.939691,
        -0.341328
    ],
    "InstitutionAddress": "Headley Way StreetNo,Oxford,District,GB,OX3 9DU",
    "ScanningSequence": "EP",
    "PhaseEncodingSteps": 78,
    "ConsistencyInfo": "N4_VE11C_LATEST_20160120",
    "EchoTrainLength": 78,
    "BandwidthPerPixelPhaseEncode": 14.351,
    "DiffusionScheme": "Monopolar",
    "ImagingFrequency": 123.227,
    "AcquisitionMatrixPE": 104,
    "PhaseEncodingDirection": "j-",
    "SliceTiming": [
        0,
        1.6425,
        3.2825,
        1.3425,
        2.985,
        1.045,
        2.685,
        0.7475,
        2.3875,
        0.4475,
        2.09,
        0.15,
        1.79,
        3.4325,
        1.4925,
        3.1325,
        1.195,
        2.835,
        0.895,
        2.5375,
        0.5975,
        2.2375,
        0.3,
        1.94,
        0,
        1.6425,
        3.2825,
        1.3425,
        2.985,
        1.045,
        2.685,
        0.7475,
        2.3875,
        0.4475,
        2.09,
        0.15,
        1.79,
        3.4325,
        1.4925,
        3.1325,
        1.195,
        2.835,
        0.895,
        2.5375,
        0.5975,
        2.2375,
        0.3,
        1.94,
        0,
        1.6425,
        3.2825,
        1.3425,
        2.985,
        1.045,
        2.685,
        0.7475,
        2.3875,
        0.4475,
        2.09,
        0.15,
        1.79,
        3.4325,
        1.4925,
        3.1325,
        1.195,
        2.835,
        0.895,
        2.5375,
        0.5975,
        2.2375,
        0.3,
        1.94
    ],
    "PercentPhaseFOV": 100,
    "WipMemBlock": "72bc8690-7966-4059-a688-412cf65afe66||Sequence: R016 ve11c/master r/e634e98; Dec 19 2017 11:11:25 by eja",
    "MRAcquisitionType": "2D",
    "DerivedVendorReportedEchoSpacing": 0.000670015,
    "SeriesNumber": 14,
    "EffectiveEchoSpacing": 0.000670015,
    "InstitutionName": "The John Radcliffe",
    "BaseResolution": 104,
    "ShimSetting": [
        343,
        -11529,
        1672,
        275,
        307,
        108,
        174,
        33
    ],
    "EchoTime": 0.092,
    "ImageComments": "Unaliased MB3/PE3 SENSE1",
    "AcquisitionTime": "12:00:9.087500",
    "SeriesDescription": "diff_AP_MPopt_MB3_50b1000_50b2000_8b0_lowflip",
    "MatrixCoilMode": "SENSE"
}