{
    "InstitutionAddress": "Headley Way StreetNo,Oxford,District,GB,OX3 9DU",
    "DerivedVendorReportedEchoSpacing": 0.000639989,
    "MRAcquisitionType": "2D",
    "SeriesNumber": 8,
    "ImageOrientationText": "Tra>Cor(-17.4)>Sag(0.3)",
    "MultibandAccelerationFactor": 8,
    "TotalReadoutTime": 0.055679,
    "SequenceVariant": "SK\\SS",
    "SpacingBetweenSlices": 2.4,
    "BodyPartExamined": "HEAD",
    "InstitutionName": "The John Radcliffe",
    "ConversionSoftware": "dcm2niix",
    "ReceiveCoilActiveElements": "HEA;HEP",
    "BandwidthPerPixelPhaseEncode": 17.756,
    "ImageType": [
        "ORIGINAL",
        "PRIMARY",
        "M",
        "MB",
        "ND",
        "MOSAIC"
    ],
    "SeriesDescription": "MB8_FMRI_fov210_2.4mm_resting",
    "BaseResolution": 88,
    "EchoTrainLength": 88,
    "AcquisitionTime": "14:54:29.455000",
    "TxRefAmp": 245.531,
    "WipMemBlock": "487d6b86-9597-4fa2-84f1-5b60293932b7||Sequence: R016 ve11c/master r/e634e98; Dec 19 2017 11:00:25 by eja",
    "PhaseEncodingDirection": "j-",
    "InstitutionalDepartmentName": "Department",
    "ConsistencyInfo": "N4_VE11C_LATEST_20160120",
    "ScanOptions": "FS",
    "MagneticFieldStrength": 3,
    "ImageOrientationPatientDICOM": [
        0.999885,
        0.0151233,
        0.000989514,
        -0.0141365,
        0.954194,
        -0.298853
    ],
    "SliceTiming": [
        0,
        0.27,
        0.5375,
        0.09,
        0.3575,
        0.6275,
        0.18,
        0.4475,
        0,
        0.27,
        0.5375,
        0.09,
        0.3575,
        0.6275,
        0.18,
        0.4475,
        0,
        0.27,
        0.5375,
        0.09,
        0.3575,
        0.6275,
        0.18,
        0.4475,
        0,
        0.27,
        0.5375,
        0.09,
        0.3575,
        0.6275,
        0.18,
        0.4475,
        0,
        0.27,
        0.5375,
        0.09,
        0.3575,
        0.6275,
        0.18,
        0.4475,
        0,
        0.27,
        0.5375,
        0.09,
        0.3575,
        0.6275,
        0.18,
        0.4475,
        0,
        0.27,
        0.5375,
        0.09,
        0.3575,
        0.6275,
        0.18,
        0.4475,
        0,
        0.27,
        0.5375,
        0.09,
        0.3575,
        0.6275,
        0.18,
        0.4475
    ],
    "DwellTime": 2.8e-06,
    "DeviceSerialNumber": "66050",
    "SoftwareVersions": "syngo MR E11",
    "Manufacturer": "Siemens",
    "FlipAngle": 52,
    "Modality": "MR",
    "PixelBandwidth": 2030,
    "PartialFourier": 1,
    "InPlanePhaseEncodingDirectionDICOM": "COL",
    "ProtocolName": "MB8_FMRI_fov210_2.4mm_resting",
    "ImageComments": "Unaliased MB8/PE3 SENSE1",
    "ReceiveCoilName": "Head_32",
    "PhaseEncodingSteps": 88,
    "ShimSetting": [
        348,
        -11532,
        1689,
        282,
        322,
        122,
        195,
        25
    ],
    "ImagingFrequency": 123.227,
    "ManufacturersModelName": "Prisma",
    "SequenceName": "epfid2d1_88",
    "SliceThickness": 2.4,
    "PercentPhaseFOV": 100,
    "ConversionSoftwareVersion": "v1.0.20211006",
    "MatrixCoilMode": "SENSE",
    "TaskName": "rest",
    "ReconMatrixPE": 88,
    "PatientPosition": "HFS",
    "StationName": "AWP66050",
    "EffectiveEchoSpacing": 0.000639989,
    "RepetitionTime": 0.735,
    "AcquisitionNumber": 1,
    "PhaseResolution": 1,
    "PercentSampling": 100,
    "PulseSequenceDetails": "%CustomerSeq%\\cmrr_mbep2d_bold",
    "EchoTime": 0.039,
    "ScanningSequence": "EP",
    "AcquisitionMatrixPE": 88,
    "SAR": 0.057284,
    "CoilCombinationMethod": "Sum of Squares"
}