{
    "Modality": "MR",
    "PhilipsScaleSlope": 0.0200292,
    "MTState": false,
    "AcquisitionNumber": 8,
    "MRAcquisitionType": "2D",
    "SoftwareVersions": "5.6.1\\5.6.1.0",
    "PatientPosition": "HFS",
    "ConversionSoftwareVersion": "v1.0.20211006",
    "ParallelReductionFactorInPlane": 1.5,
    "ConversionSoftware": "dcm2niix",
    "B0FieldIdentifier": "pepolar_fmap0",
    "ParallelAcquisitionTechnique": "SENSE",
    "InstitutionName": "Nottingham University",
    "TotalReadoutTime": 0.0461224,
    "ImageType": [
        "ORIGINAL",
        "PRIMARY",
        "T2",
        "NONE"
    ],
    "FlipAngle": 52,
    "ReconMatrixPE": 96,
    "DeviceSerialNumber": "71459",
    "PhilipsRescaleIntercept": 0,
    "EstimatedTotalReadoutTime": 0.0461224,
    "PixelBandwidth": 1628.46,
    "StationName": "HOST-2ADB2S6FDM",
    "EchoTime": 0.08,
    "WaterFatShift": 20.3511,
    "EchoTrainLength": 63,
    "IntendedFor": [
        "ses-NOT2ING001/func/sub-10975_ses-NOT2ING001_task-rest_acq-multiband4_bold.nii.gz"
    ],
    "SeriesDescription": "blip_rs-fmri_SE",
    "PhilipsRescaleSlope": 46.8733,
    "ScanningSequence": "SE",
    "Manufacturer": "Philips",
    "SliceThickness": 2.4,
    "PhaseEncodingSteps": 95,
    "UsePhilipsFloatNotDisplayScaling": 1,
    "PhaseEncodingAxis": "j-",
    "BodyPartExamined": "BRAIN",
    "EffectiveEchoSpacing": 0.000485499,
    "SequenceVariant": "SK",
    "InPlanePhaseEncodingDirectionDICOM": "COL",
    "AcquisitionMatrixPE": 95,
    "PercentPhaseFOV": 100,
    "ProtocolName": "blip_rs-fmri_SE",
    "ProcedureStepDescription": "H14082014/47",
    "EstimatedEffectiveEchoSpacing": 0.000485499,
    "ImagingFrequency": 127.749,
    "SeriesNumber": 801,
    "InstitutionAddress": "University Park",
    "MagneticFieldStrength": 3,
    "PercentSampling": 100,
    "CoilString": "MULTI COIL",
    "AcquisitionTime": "15:47:51.320000",
    "ImageOrientationPatientDICOM": [
        0.999588,
        0.0202545,
        0.0203556,
        -0.0172328,
        0.990144,
        -0.138988
    ],
    "InstitutionalDepartmentName": "SPMIC",
    "PhaseEncodingDirection": "j-",
    "ManufacturersModelName": "Ingenia",
    "ScanOptions": "FS",
    "SpacingBetweenSlices": 2.4,
    "RepetitionTime": 5.6788
}