{
    "CoilString": "MULTI COIL",
    "SliceThickness": 2.4,
    "ConversionSoftwareVersion": "v1.0.20211006",
    "ParallelReductionFactorInPlane": 1.5,
    "AcquisitionMatrixPE": 95,
    "EstimatedTotalReadoutTime": 0.0461223,
    "RepetitionTime": 5.68126,
    "PatientPosition": "HFS",
    "ScanningSequence": "SE",
    "ScanOptions": "FS",
    "ProcedureStepDescription": "H14082014/47",
    "EffectiveEchoSpacing": 0.000485498,
    "ReconMatrixPE": 96,
    "PercentPhaseFOV": 100,
    "PhilipsScaleSlope": 0.0200292,
    "ProtocolName": "blip_rs-fmri_SErev",
    "ManufacturersModelName": "Ingenia",
    "UsePhilipsFloatNotDisplayScaling": 1,
    "SequenceVariant": "SK",
    "ImagingFrequency": 127.749,
    "EchoTime": 0.08,
    "ImageOrientationPatientDICOM": [
        0.999588,
        0.0202545,
        0.0203556,
        -0.0172328,
        0.990144,
        -0.138988
    ],
    "AcquisitionNumber": 9,
    "InstitutionName": "Nottingham University",
    "FlipAngle": 52,
    "PhilipsRescaleIntercept": 0,
    "PercentSampling": 100,
    "InstitutionAddress": "University Park",
    "InstitutionalDepartmentName": "SPMIC",
    "EchoTrainLength": 63,
    "ConversionSoftware": "dcm2niix",
    "AcquisitionTime": "15:48:45.150000",
    "ImageType": [
        "ORIGINAL",
        "PRIMARY",
        "T2",
        "NONE"
    ],
    "MTState": false,
    "DeviceSerialNumber": "71459",
    "PhaseEncodingSteps": 95,
    "TotalReadoutTime": 0.0461223,
    "SpacingBetweenSlices": 2.4,
    "InPlanePhaseEncodingDirectionDICOM": "COL",
    "WaterFatShift": 20.3511,
    "SeriesNumber": 901,
    "PhilipsRescaleSlope": 2.55092,
    "SoftwareVersions": "5.6.1\\5.6.1.0",
    "Modality": "MR",
    "PhaseEncodingDirection": "j",
    "Manufacturer": "Philips",
    "SeriesDescription": "blip_rs-fmri_SErev",
    "StationName": "HOST-2ADB2S6FDM",
    "PhaseEncodingAxis": "j",
    "EstimatedEffectiveEchoSpacing": 0.000485498,
    "PixelBandwidth": 1628.46,
    "ParallelAcquisitionTechnique": "SENSE",
    "MRAcquisitionType": "2D",
    "IntendedFor": [
        "ses-NOT2ING001/func/sub-10975_ses-NOT2ING001_task-rest_acq-multiband4_bold.nii.gz",
        "ses-NOT2ING001/func/sub-10975_ses-NOT2ING001_task-rest_acq-multiband6_bold.nii.gz"
    ],
    "B0FieldIdentifier": "pepolar_fmap0",
    "MagneticFieldStrength": 3,
    "BodyPartExamined": "BRAIN"
}