{
    "PhaseEncodingDirection": "j-",
    "MRAcquisitionType": "2D",
    "SeriesDescription": "diff 60dirs b=1000",
    "InstitutionName": "Nottingham Medical School",
    "InversionTime": 0.078,
    "CoilString": "32Ch Head",
    "InternalPulseSequenceName": "EPI2",
    "MagneticFieldStrength": 3,
    "ManufacturersModelName": "DISCOVERY MR750",
    "SAR": 1.44562,
    "Manufacturer": "GE",
    "ProcedureStepDescription": "B12012012-052",
    "TotalReadoutTime": 0.034884,
    "ParallelReductionFactorInPlane": 2,
    "StationName": "MR01DV01",
    "SeriesNumber": 9,
    "DeviceSerialNumber": "00000000269MRS04",
    "PercentSampling": 100,
    "RepetitionTime": 11,
    "ImageType": [
        "ORIGINAL",
        "PRIMARY",
        "OTHER"
    ],
    "PixelBandwidth": 4807.69,
    "PatientPosition": "HFS",
    "AcquisitionTime": "16:26:2.000000",
    "Modality": "MR",
    "ConversionSoftware": "dcm2niix",
    "InPlanePhaseEncodingDirectionDICOM": "COL",
    "ScanningSequence": "EP\\SE",
    "SoftwareVersions": "24\\LX\\MR Software release:DV24.0_R02_1607.b",
    "ImageOrientationPatientDICOM": [
        0.999981,
        -0.00163818,
        0.00600615,
        0.00242455,
        0.991065,
        -0.13336
    ],
    "ProtocolName": "BioBank v1.1",
    "ConversionSoftwareVersion": "v1.0.20211006",
    "FlipAngle": 90,
    "PhaseEncodingPolarityGE": "Unflipped",
    "SequenceVariant": "NONE",
    "SpacingBetweenSlices": 2,
    "ReconMatrixPE": 104,
    "EffectiveEchoSpacing": 0.00033868,
    "ImagingFrequency": 127.726,
    "SliceThickness": 2,
    "ScanOptions": "SAT_GEMS\\EDR_GEMS\\EPI_GEMS\\ACC_GEMS\\PFF\\FS",
    "AcquisitionNumber": 1,
    "AcquisitionMatrixPE": 104,
    "PercentPhaseFOV": 100,
    "EchoTime": 0.0637,
    "PhaseEncodingAxis": "j-"
}