{
    "CoilString": "MULTI COIL",
    "InstitutionalDepartmentName": "SPMIC",
    "PhaseEncodingStepsNoPartialFourier": 110,
    "SliceThickness": 2,
    "PartialFourierEnabled": "YES",
    "MagneticFieldStrength": 3,
    "MRAcquisitionType": "2D",
    "FlipAngle": 90,
    "PixelBandwidth": 1800.27,
    "PhilipsRescaleIntercept": 0,
    "Manufacturer": "Philips",
    "ParallelReductionFactorInPlane": 2,
    "ImageType": [
        "ORIGINAL",
        "PRIMARY",
        "DIFFUSION",
        "NONE"
    ],
    "ProtocolName": "DTI_Biobank_2mm_MB3S2_EPI",
    "ManufacturersModelName": "Ingenia",
    "BodyPartExamined": "BRAIN",
    "PartialFourierDirection": "PHASE",
    "MTState": false,
    "ImageOrientationPatientDICOM": [
        0.999902,
        -0.00420644,
        -0.0133521,
        0.00169656,
        0.98317,
        -0.182686
    ],
    "ScanOptions": "PFP",
    "SeriesDescription": "DTI_Biobank_2mm_MB3S2_EPI",
    "WaterFatShift": 24.7191,
    "EstimatedEffectiveEchoSpacing": 0.000503557,
    "SpacingBetweenSlices": 2,
    "EchoTrainLength": 55,
    "InPlanePhaseEncodingDirectionDICOM": "COL",
    "PhilipsRescaleSlope": 67.0374,
    "Modality": "MR",
    "AcquisitionNumber": 5,
    "RepetitionTime": 4.0306,
    "ConversionSoftware": "dcm2niix",
    "ImagingFrequency": 127.749,
    "ConversionSoftwareVersion": "v1.0.20211006",
    "PatientPosition": "HFS",
    "PhaseEncodingAxis": "j-",
    "ReconMatrixPE": 112,
    "EffectiveEchoSpacing": 0.000503557,
    "InstitutionName": "Nottingham University",
    "EstimatedTotalReadoutTime": 0.0558949,
    "AcquisitionMatrixPE": 110,
    "SeriesNumber": 501,
    "ScanningSequence": "SE",
    "DeviceSerialNumber": "71459",
    "InstitutionAddress": "University Park",
    "PhaseEncodingDirection": "j-",
    "StationName": "HOST-2ADB2S6FDM",
    "ParallelAcquisitionTechnique": "SENSE",
    "AcquisitionTime": "14:36:35.370000",
    "SequenceVariant": "SK",
    "PhilipsScaleSlope": 0.00492562,
    "PercentPhaseFOV": 100,
    "TotalReadoutTime": 0.0558949,
    "ProcedureStepDescription": "H1408201447",
    "UsePhilipsFloatNotDisplayScaling": 1,
    "SoftwareVersions": "5.3.1\\5.3.1.0",
    "PercentSampling": 100,
    "EchoTime": 0.089075
}