{
    "EffectiveEchoSpacing": 0.000216508,
    "ImageOrientationPatientDICOM": [
        0.999929,
        -0.00106298,
        0.0118675,
        0.000618017,
        0.999299,
        0.037434
    ],
    "SequenceVariant": "SS",
    "InPlanePhaseEncodingDirectionDICOM": "COL",
    "SeriesDescription": "resting state fMRI 64x3.3mm",
    "ImageType": [
        "ORIGINAL",
        "PRIMARY",
        "EPI",
        "NONE"
    ],
    "ProtocolName": "BioBank v1.2",
    "PixelBandwidth": 7812.5,
    "CoilString": "32Ch Head",
    "SpacingBetweenSlices": 3.3,
    "SeriesNumber": 8,
    "MagneticFieldStrength": 3,
    "ScanOptions": "SAT_GEMS\\EPI_GEMS\\ACC_GEMS\\FS",
    "ConversionSoftwareVersion": "v1.0.20211006",
    "TotalReadoutTime": 0.01364,
    "InstitutionName": "Nottingham Medical School",
    "PulseSequenceName": "epiRT",
    "AcquisitionNumber": 1,
    "ImagingFrequency": 127.726,
    "PhaseEncodingDirection": "j-",
    "AcquisitionTime": "16:56:53.000000",
    "SliceTiming": [
        2.13889,
        2.07778,
        2.01667,
        1.95556,
        1.89444,
        1.83333,
        1.77222,
        1.71111,
        1.65,
        1.58889,
        1.52778,
        1.46667,
        1.40556,
        1.34444,
        1.28333,
        1.22222,
        1.16111,
        1.1,
        1.03889,
        0.977778,
        0.916667,
        0.855556,
        0.794444,
        0.733333,
        0.672222,
        0.611111,
        0.55,
        0.488889,
        0.427778,
        0.366667,
        0.305556,
        0.244444,
        0.183333,
        0.122222,
        0.0611111,
        0
    ],
    "ManufacturersModelName": "DISCOVERY MR750",
    "Modality": "MR",
    "TaskName": "rest",
    "EchoTime": 0.034,
    "ScanningSequence": "EP\\GR",
    "PercentPhaseFOV": 100,
    "PatientPosition": "HFS",
    "SliceThickness": 3.3,
    "PhaseEncodingPolarityGE": "Unflipped",
    "ProcedureStepDescription": "B12012012-052",
    "SoftwareVersions": "24\\LX\\MR Software release:DV24.0_R02_1607.b",
    "Manufacturer": "GE",
    "InternalPulseSequenceName": "EPI",
    "RepetitionTime": 2.2,
    "MRAcquisitionType": "2D",
    "DeviceSerialNumber": "00000000269MRS04",
    "FlipAngle": 80,
    "PercentSampling": 100,
    "ConversionSoftware": "dcm2niix",
    "StationName": "MR01DV01",
    "SAR": 0.19739,
    "ParallelReductionFactorInPlane": 2,
    "ReconMatrixPE": 64,
    "AcquisitionMatrixPE": 64,
    "B0FieldSource": "pepolar_fmap0",
    "PhaseEncodingAxis": "j-"
}