{
    "DwellTime": 2.8e-06,
    "SequenceName": "epfid2d1_88",
    "SliceTiming": [
        0,
        0.275,
        0.5525,
        0.0925,
        0.3675,
        0.645,
        0.1825,
        0.46,
        0,
        0.275,
        0.5525,
        0.0925,
        0.3675,
        0.645,
        0.1825,
        0.46,
        0,
        0.275,
        0.5525,
        0.0925,
        0.3675,
        0.645,
        0.1825,
        0.46,
        0,
        0.275,
        0.5525,
        0.0925,
        0.3675,
        0.645,
        0.1825,
        0.46,
        0,
        0.275,
        0.5525,
        0.0925,
        0.3675,
        0.645,
        0.1825,
        0.46,
        0,
        0.275,
        0.5525,
        0.0925,
        0.3675,
        0.645,
        0.1825,
        0.46,
        0,
        0.275,
        0.5525,
        0.0925,
        0.3675,
        0.645,
        0.1825,
        0.46,
        0,
        0.275,
        0.5525,
        0.0925,
        0.3675,
        0.645,
        0.1825,
        0.46
    ],
    "SeriesDescription": "MB8_FMRI_fov210_2.4mm_resting",
    "PhaseResolution": 1,
    "ConversionSoftware": "dcm2niix",
    "ImageType": [
        "ORIGINAL",
        "PRIMARY",
        "M",
        "MB",
        "ND",
        "MOSAIC"
    ],
    "FlipAngle": 52,
    "MRAcquisitionType": "2D",
    "PixelBandwidth": 2029,
    "ImageOrientationPatientDICOM": [
        0.996884,
        -0.0264124,
        -0.0743247,
        5.81003e-10,
        0.942271,
        -0.33485
    ],
    "Manufacturer": "Siemens",
    "PatientPosition": "HFS",
    "AcquisitionTime": "12:45:1.520000",
    "AcquisitionMatrixPE": 88,
    "ShimSetting": [
        -1691,
        -11206,
        7586,
        959,
        -216,
        81,
        15,
        5
    ],
    "PulseSequenceDetails": "%CustomerSeq%\\cmrr_mbep2d_bold",
    "ImageOrientationText": "Tra>Cor(-19.6)>Sag(-4.5)",
    "ScanningSequence": "EP",
    "MagneticFieldStrength": 3,
    "MatrixCoilMode": "SENSE",
    "MultibandAccelerationFactor": 8,
    "CoilCombinationMethod": "Sum of Squares",
    "PartialFourier": 1,
    "ScanOptions": "FS",
    "ManufacturersModelName": "TrioTim",
    "StationName": "MRC35031",
    "EffectiveEchoSpacing": 0.000690002,
    "BaseResolution": 88,
    "InPlanePhaseEncodingDirectionDICOM": "COL",
    "InstitutionAddress": "Headley Way sfd,Oxford,Southeast,GB,OX3 9UE",
    "ReceiveCoilName": "32Ch_Head",
    "ImageComments": "Unaliased MB8/PE3 SENSE1",
    "DeviceSerialNumber": "35031",
    "TotalReadoutTime": 0.0600301,
    "Modality": "MR",
    "EchoTime": 0.039,
    "DerivedVendorReportedEchoSpacing": 0.000690002,
    "RepetitionTime": 0.735,
    "ProtocolName": "MB8_FMRI_fov210_2.4mm_resting",
    "SpacingBetweenSlices": 2.4,
    "ImagingFrequency": 123.172,
    "BandwidthPerPixelPhaseEncode": 16.469,
    "ProcedureStepDescription": "neuro^N18",
    "SequenceVariant": "SK\\SS",
    "SoftwareVersions": "syngo MR B17",
    "PercentSampling": 100,
    "ConversionSoftwareVersion": "v1.0.20211006",
    "TxRefAmp": 346.439,
    "AcquisitionNumber": 1,
    "InstitutionalDepartmentName": "OCMR2",
    "PercentPhaseFOV": 100,
    "InstitutionName": "OCMR",
    "PhaseEncodingSteps": 88,
    "CoilString": "C:HEA;HEP",
    "SliceThickness": 2.4,
    "TaskName": "rest",
    "SeriesNumber": 8,
    "SAR": 0.0971923,
    "PhaseEncodingDirection": "j-",
    "ReconMatrixPE": 88
}