{
    "InPlanePhaseEncodingDirectionDICOM": "COL",
    "PartialFourier": 0.75,
    "ImageOrientationPatientDICOM": [
        0.997764,
        0.013931,
        -0.0653605,
        -0.0285672,
        0.97308,
        -0.228692
    ],
    "BaseResolution": 104,
    "PhaseEncodingSteps": 78,
    "TotalReadoutTime": 0.0690115,
    "AcquisitionMatrixPE": 104,
    "ReceiveCoilActiveElements": "HEA;HEP",
    "PixelBandwidth": 1780,
    "SliceThickness": 2,
    "MultibandAccelerationFactor": 3,
    "EchoTime": 0.092,
    "Manufacturer": "Siemens",
    "PatientPosition": "HFS",
    "InstitutionName": "The John Radcliffe",
    "ImagingFrequency": 123.227,
    "EchoTrainLength": 78,
    "ReceiveCoilName": "Head_32",
    "SequenceVariant": "SK\\SS",
    "Modality": "MR",
    "ScanOptions": "PFP\\FS",
    "ImageType": [
        "ORIGINAL",
        "PRIMARY",
        "DIFFUSION",
        "NONE",
        "MB",
        "ND"
    ],
    "ConversionSoftware": "dcm2niix",
    "SpacingBetweenSlices": 2,
    "PercentPhaseFOV": 100,
    "WipMemBlock": "9d47a542-c404-49d7-8889-a5d3284cd86e||Sequence: R016 ve11c/master r/e634e98; Dec 19 2017 11:11:25 by eja",
    "ReconMatrixPE": 104,
    "FlipAngle": 78,
    "ScanningSequence": "EP",
    "PhaseEncodingDirection": "j",
    "ProtocolName": "diff_PA_MPopt_MB3_3b0_lowflip",
    "InstitutionAddress": "Headley Way StreetNo,Oxford,District,GB,OX3 9DU",
    "RepetitionTime": 3.6,
    "EffectiveEchoSpacing": 0.000670015,
    "MagneticFieldStrength": 3,
    "SequenceName": "ep_b5#1",
    "SAR": 0.0683822,
    "ShimSetting": [
        332,
        -11558,
        1717,
        396,
        426,
        48,
        305,
        24
    ],
    "SliceTiming": [
        0,
        1.64062,
        3.28125,
        1.34375,
        2.98438,
        1.04688,
        2.6875,
        0.75,
        2.39062,
        0.45312,
        2.08594,
        0.14844,
        1.78906,
        3.42969,
        1.49219,
        3.13281,
        1.19531,
        2.83594,
        0.89844,
        2.53906,
        0.60156,
        2.24219,
        0.30469,
        1.94531,
        0,
        1.64062,
        3.28125,
        1.34375,
        2.98438,
        1.04688,
        2.6875,
        0.75,
        2.39062,
        0.45312,
        2.08594,
        0.14844,
        1.78906,
        3.42969,
        1.49219,
        3.13281,
        1.19531,
        2.83594,
        0.89844,
        2.53906,
        0.60156,
        2.24219,
        0.30469,
        1.94531,
        0,
        1.64062,
        3.28125,
        1.34375,
        2.98438,
        1.04688,
        2.6875,
        0.75,
        2.39062,
        0.45312,
        2.08594,
        0.14844,
        1.78906,
        3.42969,
        1.49219,
        3.13281,
        1.19531,
        2.83594,
        0.89844,
        2.53906,
        0.60156,
        2.24219,
        0.30469,
        1.94531
    ],
    "SeriesDescription": "diff 3dirs b=0 pepolar",
    "TxRefAmp": 223.027,
    "ConsistencyInfo": "N4_VE11C_LATEST_20160120",
    "ManufacturersModelName": "Prisma",
    "SoftwareVersions": "syngo MR E11",
    "StationName": "AWP66050",
    "CoilCombinationMethod": "Sum of Squares",
    "AcquisitionTime": "12:58:21.080000",
    "DerivedVendorReportedEchoSpacing": 0.000670015,
    "AcquisitionNumber": 1,
    "BodyPartExamined": "HEAD",
    "ConversionSoftwareVersion": "v1.0.20211006",
    "PhaseResolution": 1,
    "ImageComments": "Unaliased MB3/PE3 SENSE1",
    "SeriesNumber": 12,
    "MRAcquisitionType": "2D",
    "DwellTime": 2.7e-06,
    "PulseSequenceDetails": "%CustomerSeq%\\cmrr_mbep2d_diff",
    "BandwidthPerPixelPhaseEncode": 14.351,
    "DiffusionScheme": "Monopolar",
    "DeviceSerialNumber": "66050",
    "MatrixCoilMode": "SENSE",
    "PercentSampling": 100,
    "ImageOrientationText": "Tra>Cor(-13.3)>Sag(-3.5)",
    "InstitutionalDepartmentName": "Department"
}