{
    "PhaseResolution": 1,
    "SliceTiming": [
        0,
        1.64062,
        3.28125,
        1.34375,
        2.97656,
        1.03906,
        2.67969,
        0.74219,
        2.38281,
        0.44531,
        2.08594,
        0.14844,
        1.78906,
        3.42969,
        1.49219,
        3.13281,
        1.1875,
        2.83594,
        0.89062,
        2.53125,
        0.59375,
        2.23438,
        0.29688,
        1.9375,
        0,
        1.64062,
        3.28125,
        1.34375,
        2.97656,
        1.03906,
        2.67969,
        0.74219,
        2.38281,
        0.44531,
        2.08594,
        0.14844,
        1.78906,
        3.42969,
        1.49219,
        3.13281,
        1.1875,
        2.83594,
        0.89062,
        2.53125,
        0.59375,
        2.23438,
        0.29688,
        1.9375,
        0,
        1.64062,
        3.28125,
        1.34375,
        2.97656,
        1.03906,
        2.67969,
        0.74219,
        2.38281,
        0.44531,
        2.08594,
        0.14844,
        1.78906,
        3.42969,
        1.49219,
        3.13281,
        1.1875,
        2.83594,
        0.89062,
        2.53125,
        0.59375,
        2.23438,
        0.29688,
        1.9375
    ],
    "SoftwareVersions": "syngo MR E11",
    "MRAcquisitionType": "2D",
    "ImageOrientationPatientDICOM": [
        0.999683,
        0.00553029,
        0.0245627,
        0.00209372,
        0.953939,
        -0.299993
    ],
    "ScanningSequence": "EP",
    "MatrixCoilMode": "SENSE",
    "TotalReadoutTime": 0.0690115,
    "SequenceName": "ep_b5#1",
    "Modality": "MR",
    "InstitutionAddress": "Headley Way StreetNo,Oxford,District,GB,OX3 9DU",
    "BandwidthPerPixelPhaseEncode": 14.351,
    "DerivedVendorReportedEchoSpacing": 0.000670015,
    "BodyPartExamined": "HEAD",
    "AcquisitionTime": "11:10:33.060000",
    "CoilCombinationMethod": "Sum of Squares",
    "ScanOptions": "PFP\\FS",
    "WipMemBlock": "24c75183-f004-4f6a-86be-d1d26ae99e2c||Sequence: R016 ve11c/master r/e634e98; Dec 19 2017 11:11:25 by eja",
    "SeriesNumber": 12,
    "ConversionSoftwareVersion": "v1.0.20211006",
    "ImageComments": "Unaliased MB3/PE3 SENSE1",
    "ReconMatrixPE": 104,
    "ProtocolName": "diff_PA_MPopt_MB3_3b0_lowflip",
    "ImagingFrequency": 123.228,
    "ReceiveCoilActiveElements": "HEA;HEP",
    "ConversionSoftware": "dcm2niix",
    "PercentPhaseFOV": 100,
    "DeviceSerialNumber": "66050",
    "PhaseEncodingDirection": "j",
    "SAR": 0.0821922,
    "ReceiveCoilName": "Head_32",
    "SliceThickness": 2,
    "TxRefAmp": 266.611,
    "ConsistencyInfo": "N4_VE11C_LATEST_20160120",
    "EchoTime": 0.092,
    "ImageOrientationText": "Tra>Cor(-17.5)>Sag(1.4)",
    "ImageType": [
        "ORIGINAL",
        "PRIMARY",
        "DIFFUSION",
        "NONE",
        "MB",
        "ND"
    ],
    "StationName": "AWP66050",
    "InPlanePhaseEncodingDirectionDICOM": "COL",
    "AcquisitionNumber": 1,
    "InstitutionalDepartmentName": "Department",
    "BaseResolution": 104,
    "PatientPosition": "HFS",
    "PhaseEncodingSteps": 78,
    "DwellTime": 2.7e-06,
    "InstitutionName": "The John Radcliffe",
    "EffectiveEchoSpacing": 0.000670015,
    "FlipAngle": 78,
    "PercentSampling": 100,
    "Manufacturer": "Siemens",
    "SeriesDescription": "diff 3dirs b=0 pepolar",
    "SequenceVariant": "SK\\SS",
    "ManufacturersModelName": "Prisma",
    "RepetitionTime": 3.6,
    "ShimSetting": [
        325,
        -11528,
        1745,
        303,
        289,
        236,
        38,
        64
    ],
    "PulseSequenceDetails": "%CustomerSeq%\\cmrr_mbep2d_diff",
    "DiffusionScheme": "Monopolar",
    "PartialFourier": 0.75,
    "AcquisitionMatrixPE": 104,
    "PixelBandwidth": 1780,
    "SpacingBetweenSlices": 2,
    "MagneticFieldStrength": 3,
    "EchoTrainLength": 78,
    "MultibandAccelerationFactor": 3
}