{
    "StationName": "MRC35031",
    "ReconMatrixPE": 88,
    "TxRefAmp": 353.991,
    "PhaseEncodingSteps": 88,
    "BandwidthPerPixelPhaseEncode": 16.469,
    "CoilCombinationMethod": "Sum of Squares",
    "SpacingBetweenSlices": 2.4,
    "SAR": 0.109743,
    "ImageOrientationText": "Tra>Cor(-26.3)",
    "RepetitionTime": 0.735,
    "BaseResolution": 88,
    "ConversionSoftware": "dcm2niix",
    "SeriesNumber": 6,
    "PartialFourier": 1,
    "EffectiveEchoSpacing": 0.000690002,
    "SliceTiming": [
        0,
        0.2775,
        0.555,
        0.0925,
        0.37,
        0.6475,
        0.185,
        0.4625,
        0,
        0.2775,
        0.555,
        0.0925,
        0.37,
        0.6475,
        0.185,
        0.4625,
        0,
        0.2775,
        0.555,
        0.0925,
        0.37,
        0.6475,
        0.185,
        0.4625,
        0,
        0.2775,
        0.555,
        0.0925,
        0.37,
        0.6475,
        0.185,
        0.4625,
        0,
        0.2775,
        0.555,
        0.0925,
        0.37,
        0.6475,
        0.185,
        0.4625,
        0,
        0.2775,
        0.555,
        0.0925,
        0.37,
        0.6475,
        0.185,
        0.4625,
        0,
        0.2775,
        0.555,
        0.0925,
        0.37,
        0.6475,
        0.185,
        0.4625,
        0,
        0.2775,
        0.555,
        0.0925,
        0.37,
        0.6475,
        0.185,
        0.4625
    ],
    "Manufacturer": "Siemens",
    "DeviceSerialNumber": "35031",
    "InstitutionAddress": "Headley Way sfd,Oxford,Southeast,GB,OX3 9UE",
    "AcquisitionNumber": 1,
    "SeriesDescription": "MB8_FMRI_fov210_2.4mm_resting",
    "InstitutionalDepartmentName": "OCMR2",
    "DerivedVendorReportedEchoSpacing": 0.000690002,
    "SoftwareVersions": "syngo MR B17",
    "MRAcquisitionType": "2D",
    "InPlanePhaseEncodingDirectionDICOM": "COL",
    "MagneticFieldStrength": 3,
    "PatientPosition": "HFS",
    "PixelBandwidth": 2029,
    "ReceiveCoilName": "32Ch_Head",
    "ShimSetting": [
        -1752,
        -11424,
        7634,
        731,
        86,
        99,
        183,
        -203
    ],
    "DwellTime": 2.8e-06,
    "MultibandAccelerationFactor": 8,
    "SliceThickness": 2.4,
    "TotalReadoutTime": 0.0600301,
    "ProtocolName": "MB8_FMRI_fov210_2.4mm_resting",
    "ScanOptions": "FS",
    "PercentPhaseFOV": 100,
    "CoilString": "C:HEA;HEP",
    "SequenceVariant": "SK\\SS",
    "ImagingFrequency": 123.172,
    "AcquisitionMatrixPE": 88,
    "ScanningSequence": "EP",
    "FlipAngle": 52,
    "MatrixCoilMode": "SENSE",
    "PulseSequenceDetails": "%CustomerSeq%\\cmrr_mbep2d_bold",
    "ImageComments": "Unaliased MB8/PE3 SENSE1",
    "ImageType": [
        "ORIGINAL",
        "PRIMARY",
        "M",
        "MB",
        "ND",
        "MOSAIC"
    ],
    "ImageOrientationPatientDICOM": [
        1,
        2e-16,
        0,
        -2e-16,
        0.896486,
        -0.443071
    ],
    "InstitutionName": "John Radcliffe Hospital",
    "EchoTime": 0.039,
    "PercentSampling": 100,
    "PhaseResolution": 1,
    "SequenceName": "epfid2d1_88",
    "ManufacturersModelName": "TrioTim",
    "TaskName": "rest",
    "Modality": "MR",
    "ProcedureStepDescription": "neuro^N18",
    "ConversionSoftwareVersion": "v1.0.20211006",
    "AcquisitionTime": "17:02:13.412500",
    "PhaseEncodingDirection": "j-"
}