{
    "ScanningSequence": "EP",
    "BandwidthPerPixelPhaseEncode": 16.469,
    "AcquisitionTime": "15:49:20.697500",
    "SeriesDescription": "MB8_FMRI_fov210_2.4mm_resting",
    "DwellTime": 2.8e-06,
    "StationName": "MRC35031",
    "MultibandAccelerationFactor": 8,
    "SAR": 0.093992,
    "Manufacturer": "Siemens",
    "SequenceName": "epfid2d1_88",
    "ScanOptions": "FS",
    "InstitutionalDepartmentName": "OCMR2",
    "PercentPhaseFOV": 100,
    "SequenceVariant": "SK\\SS",
    "TotalReadoutTime": 0.0600301,
    "PercentSampling": 100,
    "InstitutionName": "John Radcliffe Hospital",
    "BaseResolution": 88,
    "AcquisitionNumber": 1,
    "SoftwareVersions": "syngo MR B17",
    "SeriesNumber": 6,
    "ImageComments": "Unaliased MB8/PE3 SENSE1",
    "ProcedureStepDescription": "neuro^N18",
    "ImageOrientationText": "Tra>Cor(-24.1)",
    "PhaseResolution": 1,
    "MatrixCoilMode": "SENSE",
    "DerivedVendorReportedEchoSpacing": 0.000690002,
    "AcquisitionMatrixPE": 88,
    "EchoTime": 0.039,
    "PatientPosition": "HFS",
    "CoilCombinationMethod": "Sum of Squares",
    "ImagingFrequency": 123.173,
    "PartialFourier": 1,
    "ReconMatrixPE": 88,
    "InPlanePhaseEncodingDirectionDICOM": "COL",
    "FlipAngle": 52,
    "ReceiveCoilName": "32Ch_Head",
    "TxRefAmp": 312.027,
    "ImageOrientationPatientDICOM": [
        1,
        0,
        0,
        0,
        0.912834,
        -0.40833
    ],
    "ShimSetting": [
        -1773,
        -11382,
        7596,
        1037,
        136,
        811,
        41,
        -230
    ],
    "InstitutionAddress": "Headley Way sfd,Oxford,Southeast,GB,OX3 9UE",
    "SpacingBetweenSlices": 2.4,
    "ManufacturersModelName": "TrioTim",
    "PhaseEncodingSteps": 88,
    "Modality": "MR",
    "PhaseEncodingDirection": "j-",
    "PulseSequenceDetails": "%CustomerSeq%\\cmrr_mbep2d_bold",
    "ImageType": [
        "ORIGINAL",
        "PRIMARY",
        "M",
        "MB",
        "ND",
        "MOSAIC"
    ],
    "DeviceSerialNumber": "35031",
    "MRAcquisitionType": "2D",
    "PixelBandwidth": 2029,
    "ProtocolName": "MB8_FMRI_fov210_2.4mm_resting",
    "RepetitionTime": 0.735,
    "TaskName": "rest",
    "MagneticFieldStrength": 3,
    "ConversionSoftwareVersion": "v1.0.20211006",
    "CoilString": "C:HEA;HEP",
    "SliceThickness": 2.4,
    "ConversionSoftware": "dcm2niix",
    "EffectiveEchoSpacing": 0.000690002,
    "SliceTiming": [
        0,
        0.275,
        0.5525,
        0.09,
        0.3675,
        0.645,
        0.1825,
        0.46,
        0,
        0.275,
        0.5525,
        0.09,
        0.3675,
        0.645,
        0.1825,
        0.46,
        0,
        0.275,
        0.5525,
        0.09,
        0.3675,
        0.645,
        0.1825,
        0.46,
        0,
        0.275,
        0.5525,
        0.09,
        0.3675,
        0.645,
        0.1825,
        0.46,
        0,
        0.275,
        0.5525,
        0.09,
        0.3675,
        0.645,
        0.1825,
        0.46,
        0,
        0.275,
        0.5525,
        0.09,
        0.3675,
        0.645,
        0.1825,
        0.46,
        0,
        0.275,
        0.5525,
        0.09,
        0.3675,
        0.645,
        0.1825,
        0.46,
        0,
        0.275,
        0.5525,
        0.09,
        0.3675,
        0.645,
        0.1825,
        0.46
    ]
}