{
    "InstitutionalDepartmentName": "BE3597",
    "InstitutionAddress": "Warneford Lane StreetNo,Oxford,District,GB,OX3 7JX",
    "ImageComments": "Unaliased MB3/PE3 SENSE1",
    "FlipAngle": 78,
    "BaseResolution": 104,
    "ConversionSoftwareVersion": "v1.0.20211006",
    "PhaseEncodingDirection": "j-",
    "SpacingBetweenSlices": 2,
    "PhaseEncodingSteps": 78,
    "WipMemBlock": "4d34a737-bee7-4a9e-aca8-57f980563fb4||Sequence: R016 ve11c/master r/e634e98; Dec 19 2017 11:11:25 by eja",
    "InstitutionName": "Warneford Hospital",
    "ShimSetting": [
        4960,
        -11400,
        -1266,
        585,
        -9,
        -37,
        13,
        -20
    ],
    "MultibandAccelerationFactor": 3,
    "PercentPhaseFOV": 100,
    "ReceiveCoilActiveElements": "HC1-7",
    "ProtocolName": "diff_AP_MPopt_MB3_50b1000_50b2000_8b0_lowflip",
    "Manufacturer": "Siemens",
    "EffectiveEchoSpacing": 0.000670015,
    "SliceThickness": 2,
    "DwellTime": 2.7e-06,
    "PartialFourier": 0.75,
    "MatrixCoilMode": "SENSE",
    "ImageOrientationPatientDICOM": [
        1,
        0,
        0,
        0,
        0.925871,
        -0.377841
    ],
    "DiffusionScheme": "Monopolar",
    "Modality": "MR",
    "PhaseResolution": 1,
    "SequenceName": "ep_b5#1",
    "ReceiveCoilName": "HeadNeck_64",
    "MagneticFieldStrength": 3,
    "BodyPartExamined": "BRAIN",
    "CoilCombinationMethod": "Sum of Squares",
    "BandwidthPerPixelPhaseEncode": 14.351,
    "ScanningSequence": "EP",
    "PixelBandwidth": 1780,
    "AcquisitionNumber": 1,
    "ScanOptions": "PFP\\FS",
    "TxRefAmp": 262.221,
    "ConsistencyInfo": "N4_VE11C_LATEST_20160120",
    "AcquisitionMatrixPE": 104,
    "MRAcquisitionType": "2D",
    "PulseSequenceDetails": "%CustomerSeq%\\cmrr_mbep2d_diff",
    "ImagingFrequency": 123.26,
    "StationName": "AWP66093",
    "SeriesDescription": "diff_AP_MPopt_MB3_50b1000_50b2000_8b0_lowflip",
    "ReconMatrixPE": 104,
    "EchoTrainLength": 78,
    "PatientPosition": "HFS",
    "PercentSampling": 100,
    "SeriesNumber": 12,
    "AcquisitionTime": "17:08:23.117500",
    "TotalReadoutTime": 0.0690115,
    "ImageOrientationText": "Tra>Cor(-22.2)",
    "DerivedVendorReportedEchoSpacing": 0.000670015,
    "ImageType": [
        "ORIGINAL",
        "PRIMARY",
        "DIFFUSION",
        "NONE",
        "MB",
        "ND",
        "MOSAIC"
    ],
    "DeviceSerialNumber": "66093",
    "SoftwareVersions": "syngo MR E11",
    "InPlanePhaseEncodingDirectionDICOM": "COL",
    "RepetitionTime": 3.6,
    "SliceTiming": [
        0,
        1.6425,
        3.2825,
        1.3425,
        2.985,
        1.045,
        2.685,
        0.7475,
        2.3875,
        0.4475,
        2.09,
        0.15,
        1.79,
        3.4325,
        1.4925,
        3.1325,
        1.195,
        2.835,
        0.895,
        2.5375,
        0.5975,
        2.2375,
        0.3,
        1.94,
        0,
        1.6425,
        3.2825,
        1.3425,
        2.985,
        1.045,
        2.685,
        0.7475,
        2.3875,
        0.4475,
        2.09,
        0.15,
        1.79,
        3.4325,
        1.4925,
        3.1325,
        1.195,
        2.835,
        0.895,
        2.5375,
        0.5975,
        2.2375,
        0.3,
        1.94,
        0,
        1.6425,
        3.2825,
        1.3425,
        2.985,
        1.045,
        2.685,
        0.7475,
        2.3875,
        0.4475,
        2.09,
        0.15,
        1.79,
        3.4325,
        1.4925,
        3.1325,
        1.195,
        2.835,
        0.895,
        2.5375,
        0.5975,
        2.2375,
        0.3,
        1.94
    ],
    "ConversionSoftware": "dcm2niix",
    "SequenceVariant": "SK\\SS",
    "EchoTime": 0.092,
    "ManufacturersModelName": "Prisma",
    "SAR": 0.0918839
}