{
  "Modality": "MR",
  "MagneticFieldStrength": 3,
  "ImagingFrequency": 127.749,
  "Manufacturer": "Philips",
  "ManufacturersModelName": "Ingenia",
  "InstitutionName": "Nottingham University",
  "InstitutionalDepartmentName": "SPMIC",
  "InstitutionAddress": "University Park",
  "DeviceSerialNumber": "71459",
  "StationName": "HOST-2ADB2S6FDM",
  "BodyPartExamined": "BRAIN",
  "PatientPosition": "HFS",
  "ProcedureStepDescription": "FMHS4520122",
  "SoftwareVersions": "5.6.1\\5.6.1.0",
  "MRAcquisitionType": "3D",
  "SeriesDescription": "SWI_3mm_tra",
  "ProtocolName": "SWI_3mm_tra",
  "ScanningSequence": "GR",
  "SequenceVariant": "SP",
  "ScanOptions": "FC",
  "ImageType": [
    "ORIGINAL",
    "PRIMARY",
    "T1",
    "MIXED",
    "PHASE"
  ],
  "SeriesNumber": 1001,
  "AcquisitionTime": "13:53:6.590000",
  "AcquisitionNumber": 10,
  "PhilipsRWVSlope": 1.73895,
  "PhilipsRWVIntercept": 0,
  "SliceThickness": 3,
  "SpacingBetweenSlices": 3,
  "EchoNumber": 1,
  "EchoTime": 0.009382,
  "RepetitionTime": 0.027,
  "MTState": false,
  "SpoilingState": true,
  "SpoilingType": "COMBINED",
  "FlipAngle": 15,
  "CoilString": "MULTI COIL",
  "PercentPhaseFOV": 88.8889,
  "PercentSampling": 78.233,
  "EchoTrainLength": 2,
  "PhaseEncodingSteps": 286,
  "AcquisitionMatrixPE": 286,
  "ReconMatrixPE": 288,
  "ParallelReductionFactorInPlane": 2,
  "ParallelAcquisitionTechnique": "SENSE",
  "WaterFatShift": 2.98722,
  "EstimatedEffectiveEchoSpacing": 1.59756e-05,
  "EstimatedTotalReadoutTime": 0.004585,
  "PixelBandwidth": 145.402,
  "PhaseEncodingAxis": "i",
  "ImageOrientationPatientDICOM": [
    0.99985,
    -0.0127768,
    -0.0117219,
    0.0130346,
    0.999669,
    0.0221856
  ],
  "InPlanePhaseEncodingDirectionDICOM": "ROW",
  "ConversionSoftware": "dcm2niix",
  "ConversionSoftwareVersion": "v1.0.20211006",
  "TotalReadoutTime": 0.004585
}