{
	"Modality": "MR",
	"MagneticFieldStrength": 3,
	"ImagingFrequency": 127.75,
	"Manufacturer": "Philips",
	"ManufacturersModelName": "Ingenia",
	"InstitutionName": "Nottingham University",
	"InstitutionalDepartmentName": "SPMIC",
	"InstitutionAddress": "University Park",
	"DeviceSerialNumber": "71459",
	"StationName": "HOST-2ADB2S6FDM",
	"BodyPartExamined": "BRAIN",
	"PatientPosition": "HFS",
	"ProcedureStepDescription": "H1408201447",
	"SoftwareVersions": "5.6.1\\5.6.1.0",
	"MRAcquisitionType": "3D",
	"SeriesDescription": "SWI_3mm_tra",
	"ProtocolName": "WIP SWI_3mm_tra",
	"ScanningSequence": "GR",
	"SequenceVariant": "SP",
	"ScanOptions": "FC",
	"ImageType": ["ORIGINAL", "PRIMARY", "T1", "MIXED", "PHASE"],
	"SeriesNumber": 1001,
	"AcquisitionTime": "15:56:11.650000",
	"AcquisitionNumber": 10,
	"PhilipsRWVSlope": 1.53455,
	"PhilipsRWVIntercept": -3142,
	"PhilipsRescaleSlope": 1.53455,
	"PhilipsRescaleIntercept": -3142,
	"PhilipsScaleSlope": 651.74,
	"UsePhilipsFloatNotDisplayScaling": 1,
	"SliceThickness": 3,
	"SpacingBetweenSlices": 3,
	"EchoNumber": 2,
	"EchoTime": 0.02,
	"RepetitionTime": 0.027,
	"MTState": false,
	"SpoilingState": true,
	"SpoilingType": "COMBINED",
	"FlipAngle": 15,
	"CoilString": "MULTI COIL",
	"PercentPhaseFOV": 88.8889,
	"PercentSampling": 78.233,
	"EchoTrainLength": 2,
	"PhaseEncodingSteps": 286,
	"AcquisitionMatrixPE": 286,
	"ReconMatrixPE": 288,
	"ParallelReductionFactorInPlane": 2,
	"ParallelAcquisitionTechnique": "SENSE",
	"WaterFatShift": 3.00222,
	"EstimatedEffectiveEchoSpacing": 1.60558e-05,
	"EstimatedTotalReadoutTime": 0.004608,
	"PixelBandwidth": 144.676,
	"PhaseEncodingAxis": "i",
	"ImageOrientationPatientDICOM": [
		0.999538,
		0.0119298,
		0.0279414,
		-0.0119465,
		0.999929,
		0.000430713	],
	"InPlanePhaseEncodingDirectionDICOM": "ROW",
	"ConversionSoftware": "dcm2niix",
	"ConversionSoftwareVersion": "v1.0.20211006"
}
