{
    "CoilCombinationMethod": "Sum of Squares",
    "TotalReadoutTime": 0.055679,
    "SeriesDescription": "MB8_FMRI_fov210_2.4mm_resting",
    "ImageType": [
        "ORIGINAL",
        "PRIMARY",
        "M",
        "MB",
        "ND",
        "MOSAIC"
    ],
    "Manufacturer": "Siemens",
    "ManufacturersModelName": "Prisma",
    "SequenceName": "epfid2d1_88",
    "SAR": 0.0691071,
    "Modality": "MR",
    "PercentSampling": 100,
    "AcquisitionMatrixPE": 88,
    "ConversionSoftwareVersion": "v1.0.20211006",
    "SoftwareVersions": "syngo MR E11",
    "StationName": "AWP66050",
    "InstitutionAddress": "Headley Way StreetNo,Oxford,District,GB,OX3 9DU",
    "PhaseEncodingDirection": "j-",
    "ImagingFrequency": 123.256,
    "PhaseResolution": 1,
    "DeviceSerialNumber": "66050",
    "PatientPosition": "HFS",
    "PulseSequenceDetails": "%CustomerSeq%\\cmrr_mbep2d_bold",
    "PhaseEncodingSteps": 88,
    "MagneticFieldStrength": 3,
    "SpacingBetweenSlices": 2.4,
    "InstitutionName": "The John Radcliffe",
    "SliceTiming": [
        0,
        0.2675,
        0.535,
        0.0875,
        0.3575,
        0.625,
        0.1775,
        0.445,
        0,
        0.2675,
        0.535,
        0.0875,
        0.3575,
        0.625,
        0.1775,
        0.445,
        0,
        0.2675,
        0.535,
        0.0875,
        0.3575,
        0.625,
        0.1775,
        0.445,
        0,
        0.2675,
        0.535,
        0.0875,
        0.3575,
        0.625,
        0.1775,
        0.445,
        0,
        0.2675,
        0.535,
        0.0875,
        0.3575,
        0.625,
        0.1775,
        0.445,
        0,
        0.2675,
        0.535,
        0.0875,
        0.3575,
        0.625,
        0.1775,
        0.445,
        0,
        0.2675,
        0.535,
        0.0875,
        0.3575,
        0.625,
        0.1775,
        0.445,
        0,
        0.2675,
        0.535,
        0.0875,
        0.3575,
        0.625,
        0.1775,
        0.445
    ],
    "BandwidthPerPixelPhaseEncode": 17.756,
    "ConversionSoftware": "dcm2niix",
    "DerivedVendorReportedEchoSpacing": 0.000639989,
    "RepetitionTime": 0.735,
    "PixelBandwidth": 2030,
    "BaseResolution": 88,
    "SequenceVariant": "SK\\SS",
    "EchoTrainLength": 88,
    "AcquisitionTime": "13:25:22.702500",
    "ShimSetting": [
        340,
        -11524,
        1697,
        409,
        60,
        -108,
        -17,
        28
    ],
    "ScanOptions": "FS",
    "SeriesNumber": 8,
    "ReceiveCoilActiveElements": "HEA;HEP",
    "DwellTime": 2.8e-06,
    "MatrixCoilMode": "SENSE",
    "InstitutionalDepartmentName": "Department",
    "MultibandAccelerationFactor": 8,
    "TaskName": "rest",
    "InPlanePhaseEncodingDirectionDICOM": "COL",
    "ImageOrientationPatientDICOM": [
        0.998271,
        0.0333431,
        0.0483974,
        -0.0160306,
        0.946742,
        -0.321594
    ],
    "ProtocolName": "MB8_FMRI_fov210_2.4mm_resting",
    "PercentPhaseFOV": 100,
    "WipMemBlock": "c650db6e-c050-41b6-8546-fa05fb3b6764||Sequence: R016 ve11c/master r/e634e98; Dec 19 2017 11:00:25 by eja",
    "ScanningSequence": "EP",
    "SliceThickness": 2.4,
    "FlipAngle": 52,
    "ImageComments": "Unaliased MB8/PE3 SENSE1",
    "PartialFourier": 1,
    "ReconMatrixPE": 88,
    "BodyPartExamined": "HEAD",
    "AcquisitionNumber": 1,
    "EchoTime": 0.039,
    "TxRefAmp": 260.712,
    "ConsistencyInfo": "N4_VE11C_LATEST_20160120",
    "ReceiveCoilName": "Head_32",
    "EffectiveEchoSpacing": 0.000639989,
    "ImageOrientationText": "Tra>Cor(-18.7)>Sag(3.2)",
    "MRAcquisitionType": "2D"
}