{
    "Manufacturer": "Siemens",
    "InstitutionName": "The John Radcliffe",
    "ConversionSoftware": "dcm2niix",
    "InstitutionAddress": "Headley Way StreetNo,Oxford,District,GB,OX3 9DU",
    "AcquisitionNumber": 1,
    "EchoTrainLength": 78,
    "SequenceName": "ep_b5#1",
    "InPlanePhaseEncodingDirectionDICOM": "COL",
    "ReceiveCoilName": "Head_32",
    "BaseResolution": 104,
    "WipMemBlock": "8ed50c3c-4547-4b9d-af44-3a69a124214f||Sequence: R016 ve11c/master r/e634e98; Dec 19 2017 11:11:25 by eja",
    "ScanningSequence": "EP",
    "BandwidthPerPixelPhaseEncode": 14.351,
    "EchoTime": 0.092,
    "PercentSampling": 100,
    "SliceTiming": [
        0,
        1.64,
        3.28,
        1.3425,
        2.9825,
        1.0425,
        2.685,
        0.745,
        2.385,
        0.4475,
        2.0875,
        0.1475,
        1.79,
        3.43,
        1.49,
        3.1325,
        1.1925,
        2.8325,
        0.895,
        2.535,
        0.595,
        2.2375,
        0.2975,
        1.9375,
        0,
        1.64,
        3.28,
        1.3425,
        2.9825,
        1.0425,
        2.685,
        0.745,
        2.385,
        0.4475,
        2.0875,
        0.1475,
        1.79,
        3.43,
        1.49,
        3.1325,
        1.1925,
        2.8325,
        0.895,
        2.535,
        0.595,
        2.2375,
        0.2975,
        1.9375,
        0,
        1.64,
        3.28,
        1.3425,
        2.9825,
        1.0425,
        2.685,
        0.745,
        2.385,
        0.4475,
        2.0875,
        0.1475,
        1.79,
        3.43,
        1.49,
        3.1325,
        1.1925,
        2.8325,
        0.895,
        2.535,
        0.595,
        2.2375,
        0.2975,
        1.9375
    ],
    "PatientPosition": "HFS",
    "ConversionSoftwareVersion": "v1.0.20211006",
    "SeriesNumber": 14,
    "SAR": 0.0989724,
    "DwellTime": 2.7e-06,
    "SliceThickness": 2,
    "ImageType": [
        "ORIGINAL",
        "PRIMARY",
        "DIFFUSION",
        "NONE",
        "MB",
        "ND",
        "MOSAIC"
    ],
    "BodyPartExamined": "HEAD",
    "TotalReadoutTime": 0.0690115,
    "DerivedVendorReportedEchoSpacing": 0.000670015,
    "ReceiveCoilActiveElements": "HEA;HEP",
    "CoilCombinationMethod": "Sum of Squares",
    "InstitutionalDepartmentName": "Department",
    "StationName": "AWP66050",
    "MatrixCoilMode": "SENSE",
    "DiffusionScheme": "Monopolar",
    "ProtocolName": "diff_AP_MPopt_MB3_50b1000_50b2000_8b0_lowflip",
    "AcquisitionMatrixPE": 104,
    "SeriesDescription": "diff_AP_MPopt_MB3_50b1000_50b2000_8b0_lowflip",
    "AcquisitionTime": "11:11:17.067500",
    "FlipAngle": 78,
    "ImageComments": "Unaliased MB3/PE3 SENSE1",
    "SoftwareVersions": "syngo MR E11",
    "PhaseResolution": 1,
    "ShimSetting": [
        325,
        -11528,
        1745,
        303,
        289,
        236,
        38,
        64
    ],
    "MRAcquisitionType": "2D",
    "PhaseEncodingDirection": "j-",
    "ImageOrientationPatientDICOM": [
        0.999683,
        0.00553029,
        0.0245627,
        0.00209372,
        0.953939,
        -0.299993
    ],
    "TxRefAmp": 266.611,
    "ConsistencyInfo": "N4_VE11C_LATEST_20160120",
    "PulseSequenceDetails": "%CustomerSeq%\\cmrr_mbep2d_diff",
    "DeviceSerialNumber": "66050",
    "ScanOptions": "PFP\\FS",
    "ReconMatrixPE": 104,
    "PhaseEncodingSteps": 78,
    "EffectiveEchoSpacing": 0.000670015,
    "Modality": "MR",
    "ImageOrientationText": "Tra>Cor(-17.5)>Sag(1.4)",
    "RepetitionTime": 3.6,
    "ImagingFrequency": 123.228,
    "PartialFourier": 0.75,
    "MagneticFieldStrength": 3,
    "PixelBandwidth": 1780,
    "PercentPhaseFOV": 100,
    "SequenceVariant": "SK\\SS",
    "SpacingBetweenSlices": 2,
    "ManufacturersModelName": "Prisma",
    "MultibandAccelerationFactor": 3
}