{
  "Modality": "MR",
  "MagneticFieldStrength": 3,
  "ImagingFrequency": 127.749,
  "Manufacturer": "Philips",
  "ManufacturersModelName": "Ingenia",
  "InstitutionName": "Nottingham University",
  "InstitutionalDepartmentName": "SPMIC",
  "InstitutionAddress": "University Park",
  "DeviceSerialNumber": "71459",
  "StationName": "HOST-2ADB2S6FDM",
  "BodyPartExamined": "BRAIN",
  "PatientPosition": "HFS",
  "ProcedureStepDescription": "FMHS4520122",
  "SoftwareVersions": "5.6.1\\5.6.1.0",
  "MRAcquisitionType": "3D",
  "SeriesDescription": "SWI_3mm_tra",
  "ProtocolName": "SWI_3mm_tra",
  "ScanningSequence": "GR",
  "SequenceVariant": "SP",
  "ScanOptions": "FC",
  "ImageType": [
    "ORIGINAL",
    "PRIMARY",
    "M",
    "FFE",
    "M",
    "FFE"
  ],
  "SeriesNumber": 901,
  "AcquisitionTime": "13:15:7.830000",
  "AcquisitionNumber": 9,
  "PhilipsRWVSlope": 1.47619,
  "PhilipsRWVIntercept": 0,
  "PhilipsRescaleSlope": 1.47619,
  "PhilipsRescaleIntercept": 0,
  "PhilipsScaleSlope": 0.00292315,
  "UsePhilipsFloatNotDisplayScaling": 0,
  "SliceThickness": 3,
  "SpacingBetweenSlices": 3,
  "SAR": 0.0259946,
  "EchoNumber": 2,
  "EchoTime": 0.02,
  "RepetitionTime": 0.027,
  "MTState": false,
  "SpoilingState": true,
  "SpoilingType": "COMBINED",
  "FlipAngle": 15,
  "CoilString": "MULTI COIL",
  "PercentPhaseFOV": 88.8889,
  "PercentSampling": 78.233,
  "EchoTrainLength": 2,
  "PhaseEncodingSteps": 286,
  "AcquisitionMatrixPE": 286,
  "ReconMatrixPE": 288,
  "ParallelReductionFactorInPlane": 2,
  "ParallelAcquisitionTechnique": "SENSE",
  "WaterFatShift": 2.94218,
  "EstimatedEffectiveEchoSpacing": 1.57347e-05,
  "EstimatedTotalReadoutTime": 0.00451587,
  "PixelBandwidth": 148,
  "PhaseEncodingAxis": "i",
  "ImageOrientationPatientDICOM": [
    0.997818,
    -0.0618179,
    0.0232044,
    0.0617876,
    0.998087,
    0.00202114
  ],
  "InPlanePhaseEncodingDirectionDICOM": "ROW",
  "ConversionSoftware": "dcm2niix",
  "ConversionSoftwareVersion": "v1.0.20211006",
  "TotalReadoutTime": 0.00451587
}