{
  "Modality": "MR",
  "MagneticFieldStrength": 3,
  "ImagingFrequency": 127.749,
  "Manufacturer": "Philips",
  "ManufacturersModelName": "Ingenia",
  "InstitutionName": "Nottingham University",
  "InstitutionalDepartmentName": "SPMIC",
  "InstitutionAddress": "University Park",
  "DeviceSerialNumber": "71459",
  "StationName": "HOST-2ADB2S6FDM",
  "BodyPartExamined": "BRAIN",
  "PatientPosition": "HFS",
  "ProcedureStepDescription": "FMHS4520122",
  "SoftwareVersions": "5.6.1\\5.6.1.0",
  "MRAcquisitionType": "3D",
  "SeriesDescription": "T1_1mm_sag",
  "ProtocolName": "T1_1mm_sag",
  "ScanningSequence": "GR",
  "SequenceVariant": "MP",
  "ScanOptions": "OTHER",
  "ImageType": [
    "ORIGINAL",
    "PRIMARY",
    "T1",
    "NONE",
    "NORM"
  ],
  "SeriesNumber": 201,
  "AcquisitionTime": "11:49:40.980000",
  "AcquisitionNumber": 2,
  "PhilipsRescaleSlope": 2.88449,
  "PhilipsRescaleIntercept": 0,
  "PhilipsScaleSlope": 0.00695236,
  "UsePhilipsFloatNotDisplayScaling": 0,
  "SliceThickness": 1,
  "SpacingBetweenSlices": 1,
  "EchoTime": 0.003188,
  "RepetitionTime": 0.0070578,
  "MTState": false,
  "SpoilingState": true,
  "SpoilingType": "COMBINED",
  "FlipAngle": 8,
  "CoilString": "MULTI COIL",
  "PercentPhaseFOV": 100,
  "PercentSampling": 78.5398,
  "EchoTrainLength": 208,
  "PhaseEncodingSteps": 256,
  "AcquisitionMatrixPE": 256,
  "ReconMatrixPE": 256,
  "ParallelReductionFactorInPlane": 2,
  "ParallelAcquisitionTechnique": "SENSE",
  "WaterFatShift": 1.80133,
  "EstimatedEffectiveEchoSpacing": 1.61857e-05,
  "EstimatedTotalReadoutTime": 0.00412736,
  "PixelBandwidth": 241.127,
  "PhaseEncodingAxis": "i",
  "ImageOrientationPatientDICOM": [
    0.0201374,
    0.999795,
    -0.00201658,
    -0.0375979,
    -0.00125829,
    -0.999292
  ],
  "InPlanePhaseEncodingDirectionDICOM": "ROW",
  "ConversionSoftware": "dcm2niix",
  "ConversionSoftwareVersion": "v1.0.20211006",
  "TotalReadoutTime": 0.00412736
}