{
    "Modality": "MR",
    "PhaseResolution": 1,
    "PhaseEncodingSteps": 88,
    "PartialFourier": 1,
    "SAR": 0.114487,
    "TxRefAmp": 345.115,
    "MagneticFieldStrength": 3,
    "BaseResolution": 88,
    "ScanOptions": "FS",
    "SpacingBetweenSlices": 2.4,
    "EchoTime": 0.039,
    "EffectiveEchoSpacing": 0.000690002,
    "InstitutionAddress": "Headley Way sfd,Oxford,Southeast,GB,OX3 9UE",
    "TaskName": "rest",
    "SoftwareVersions": "syngo MR B17",
    "BandwidthPerPixelPhaseEncode": 16.469,
    "CoilString": "C:HEA;HEP",
    "MatrixCoilMode": "SENSE",
    "PixelBandwidth": 2029,
    "TotalReadoutTime": 0.0600301,
    "SequenceName": "epfid2d1_88",
    "ReceiveCoilName": "32Ch_Head",
    "ConversionSoftware": "dcm2niix",
    "ConversionSoftwareVersion": "v1.0.20211006",
    "ImageOrientationPatientDICOM": [
        1,
        0,
        0,
        0,
        0.958323,
        -0.285688
    ],
    "SequenceVariant": "SK\\SS",
    "ImageComments": "Unaliased MB8/PE3 SENSE1",
    "PatientPosition": "HFS",
    "SeriesDescription": "MB8_FMRI_fov210_2.4mm_resting",
    "FlipAngle": 52,
    "PulseSequenceDetails": "%CustomerSeq%\\cmrr_mbep2d_bold",
    "MRAcquisitionType": "2D",
    "DerivedVendorReportedEchoSpacing": 0.000690002,
    "PhaseEncodingDirection": "j-",
    "AcquisitionMatrixPE": 88,
    "ImageOrientationText": "Tra>Cor(-16.6)",
    "ReconMatrixPE": 88,
    "DwellTime": 2.8e-06,
    "AcquisitionTime": "13:52:5.675000",
    "SeriesNumber": 6,
    "InPlanePhaseEncodingDirectionDICOM": "COL",
    "ScanningSequence": "EP",
    "InstitutionName": "ocmr",
    "PercentPhaseFOV": 100,
    "StationName": "MRC35031",
    "Manufacturer": "Siemens",
    "ImageType": [
        "ORIGINAL",
        "PRIMARY",
        "M",
        "MB",
        "ND",
        "MOSAIC"
    ],
    "ProtocolName": "MB8_FMRI_fov210_2.4mm_resting",
    "SliceThickness": 2.4,
    "ShimSetting": [
        -1720,
        -11207,
        7649,
        917,
        -118,
        269,
        -273,
        -36
    ],
    "ProcedureStepDescription": "neuro^N18",
    "RepetitionTime": 0.735,
    "InstitutionalDepartmentName": "OCMR2",
    "PercentSampling": 100,
    "ManufacturersModelName": "TrioTim",
    "AcquisitionNumber": 1,
    "MultibandAccelerationFactor": 8,
    "ImagingFrequency": 123.172,
    "CoilCombinationMethod": "Sum of Squares",
    "DeviceSerialNumber": "35031",
    "SliceTiming": [
        0,
        0.2775,
        0.555,
        0.0925,
        0.37,
        0.645,
        0.185,
        0.4625,
        0,
        0.2775,
        0.555,
        0.0925,
        0.37,
        0.645,
        0.185,
        0.4625,
        0,
        0.2775,
        0.555,
        0.0925,
        0.37,
        0.645,
        0.185,
        0.4625,
        0,
        0.2775,
        0.555,
        0.0925,
        0.37,
        0.645,
        0.185,
        0.4625,
        0,
        0.2775,
        0.555,
        0.0925,
        0.37,
        0.645,
        0.185,
        0.4625,
        0,
        0.2775,
        0.555,
        0.0925,
        0.37,
        0.645,
        0.185,
        0.4625,
        0,
        0.2775,
        0.555,
        0.0925,
        0.37,
        0.645,
        0.185,
        0.4625,
        0,
        0.2775,
        0.555,
        0.0925,
        0.37,
        0.645,
        0.185,
        0.4625
    ]
}