{
  "Modality": "MR",
  "MagneticFieldStrength": 3,
  "ImagingFrequency": 127.716,
  "Manufacturer": "GE",
  "ManufacturersModelName": "SIGNA Premier",
  "InstitutionName": "Nottingham Medical School",
  "DeviceSerialNumber": "00000000269MRS04",
  "StationName": "MR01DV01",
  "BodyPartExamined": "BRAIN",
  "PatientPosition": "HFS",
  "ProcedureStepDescription": "FMHS4520122",
  "SoftwareVersions": "29\\LX\\RX29.1_R02_2131.a",
  "MRAcquisitionType": "3D",
  "SeriesDescription": "T1_p2_1mm_fov256_sag_TI_880",
  "ProtocolName": "SW_NHarmony_v1.2",
  "ScanningSequence": "RM\\IR",
  "SequenceVariant": "NONE",
  "ScanOptions": "EDR_GEMS\\FILTERED_GEMS\\ACC_GEMS\\FSI_GEMS\\IR_GEMS",
  "ImageType": [
    "ORIGINAL",
    "PRIMARY",
    "OTHER",
    "NORM"
  ],
  "SeriesNumber": 3,
  "AcquisitionTime": "10:15:0.000000",
  "AcquisitionNumber": 1,
  "SliceThickness": 1,
  "SpacingBetweenSlices": 1,
  "SAR": 0.0671036,
  "EchoTime": 0.00296,
  "RepetitionTime": 2.05078,
  "InversionTime": 0.88,
  "FlipAngle": 8,
  "CoilString": "48HAP",
  "PercentPhaseFOV": 90,
  "PercentSampling": 100,
  "AcquisitionMatrixPE": 256,
  "ReconMatrixPE": 256,
  "ParallelReductionFactorInPlane": 2,
  "PixelBandwidth": 244.141,
  "ImageOrientationPatientDICOM": [
    -0.00517359,
    0.998817,
    0.048358,
    0.018538,
    0.0484461,
    -0.998654
  ],
  "InPlanePhaseEncodingDirectionDICOM": "ROW",
  "ConversionSoftware": "dcm2niix",
  "ConversionSoftwareVersion": "v1.0.20211006"
}