{
    "EchoTime": 0.071204,
    "BodyPartExamined": "BRAIN",
    "InPlanePhaseEncodingDirectionDICOM": "COL",
    "SliceThickness": 2,
    "ConversionSoftwareVersion": "v1.0.20211006",
    "InstitutionalDepartmentName": "MRI",
    "RepetitionTime": 10.355,
    "ManufacturersModelName": "Achieva",
    "ScanOptions": "FS",
    "SoftwareVersions": "5.6.1\\5.6.1.1",
    "PhilipsScaleSlope": 0.00220063,
    "ParallelReductionFactorInPlane": 2,
    "EstimatedEffectiveEchoSpacing": 0.000346897,
    "PhaseEncodingDirection": "j",
    "DeviceSerialNumber": "17057",
    "PhilipsRescaleSlope": 0.939194,
    "PatientPosition": "HFS",
    "MRAcquisitionType": "2D",
    "WaterFatShift": 17.0362,
    "EstimatedTotalReadoutTime": 0.0385055,
    "SpacingBetweenSlices": 2,
    "PartialFourierEnabled": "YES",
    "StationName": "PHILIPS-T6O3EHP",
    "EchoTrainLength": 55,
    "ImagingFrequency": 127.804,
    "PercentPhaseFOV": 100,
    "ImageOrientationPatientDICOM": [
        0.995716,
        0.0706912,
        0.059597,
        -0.0707729,
        0.997492,
        -0.000741491
    ],
    "UsePhilipsFloatNotDisplayScaling": 1,
    "ReconMatrixPE": 112,
    "TotalReadoutTime": 0.0385055,
    "ProtocolName": "DTI_Biobank_2mm_S2_HS0.8_EPI",
    "ScanningSequence": "SE",
    "InstitutionName": "SPMMRC Nottingham",
    "MTState": false,
    "FlipAngle": 90,
    "PercentSampling": 100,
    "MagneticFieldStrength": 3,
    "Manufacturer": "Philips",
    "PhilipsRescaleIntercept": 0,
    "ProcedureStepDescription": "H1408201447",
    "AcquisitionNumber": 8,
    "SeriesNumber": 801,
    "ConversionSoftware": "dcm2niix",
    "Modality": "MR",
    "AcquisitionMatrixPE": 110,
    "PhaseEncodingStepsNoPartialFourier": 110,
    "AcquisitionTime": "15:30:7.030000",
    "PhaseEncodingAxis": "j",
    "SequenceVariant": "SK",
    "SeriesDescription": "DTI_Biobank_2mm_S2_HS0.8_EPI",
    "CoilString": "MULTI COIL",
    "ParallelAcquisitionTechnique": "SENSE",
    "EffectiveEchoSpacing": 0.000346897,
    "ImageType": [
        "ORIGINAL",
        "PRIMARY",
        "DIFFUSION",
        "NONE"
    ],
    "PixelBandwidth": 2973.1,
    "PartialFourierDirection": "PHASE"
}