{
    "EchoTrainLength": 63,
    "ParallelReductionFactorInPlane": 1.5,
    "ParallelAcquisitionTechnique": "SENSE",
    "Manufacturer": "Philips",
    "UsePhilipsFloatNotDisplayScaling": 1,
    "RepetitionTime": 5.79601,
    "PercentSampling": 100,
    "ProtocolName": "blip_rs-fmri_SE",
    "MRAcquisitionType": "2D",
    "SpacingBetweenSlices": 2.4,
    "EchoTime": 0.08,
    "PhaseEncodingDirection": "j-",
    "SliceThickness": 2.4,
    "ImageType": [
        "ORIGINAL",
        "PRIMARY",
        "T2",
        "NONE"
    ],
    "PhilipsRescaleSlope": 1.81978,
    "ImageOrientationPatientDICOM": [
        0.995689,
        -0.0134193,
        0.0917799,
        0.0161825,
        0.999436,
        -0.0294301
    ],
    "InstitutionAddress": "University Park",
    "WaterFatShift": 22.4387,
    "DeviceSerialNumber": "71459",
    "SeriesNumber": 901,
    "Modality": "MR",
    "InPlanePhaseEncodingDirectionDICOM": "COL",
    "SeriesDescription": "blip_rs-fmri_SE",
    "TotalReadoutTime": 0.0508536,
    "SequenceVariant": "SK",
    "ScanOptions": "FS",
    "AcquisitionMatrixPE": 95,
    "ProcedureStepDescription": "H14082014/47",
    "ConversionSoftwareVersion": "v1.0.20211006",
    "StationName": "HOST-2ADB2S6FDM",
    "MagneticFieldStrength": 3,
    "ImagingFrequency": 127.749,
    "ConversionSoftware": "dcm2niix",
    "SoftwareVersions": "5.3.1\\5.3.1.0",
    "ManufacturersModelName": "Ingenia",
    "ScanningSequence": "SE",
    "EstimatedTotalReadoutTime": 0.0508536,
    "MTState": false,
    "EstimatedEffectiveEchoSpacing": 0.000535301,
    "PhilipsRescaleIntercept": 0,
    "InstitutionalDepartmentName": "SPMIC",
    "PhaseEncodingSteps": 95,
    "PixelBandwidth": 1451.17,
    "PatientPosition": "HFS",
    "CoilString": "MULTI COIL",
    "IntendedFor": [
        "ses-NOT2ING001/func/sub-03997_ses-NOT2ING001_task-rest_acq-multiband4_bold.nii.gz"
    ],
    "B0FieldIdentifier": "pepolar_fmap0",
    "FlipAngle": 52,
    "AcquisitionTime": "17:34:21.730000",
    "ReconMatrixPE": 96,
    "PercentPhaseFOV": 100,
    "BodyPartExamined": "BRAIN",
    "PhaseEncodingAxis": "j-",
    "AcquisitionNumber": 9,
    "PhilipsScaleSlope": 0.0196102,
    "EffectiveEchoSpacing": 0.000535301,
    "InstitutionName": "Nottingham University"
}