{
    "EchoTrainLength": 141,
    "PhaseEncodingDirection": "i",
    "ManufacturersModelName": "TrioTim",
    "RepetitionTime": 5,
    "TxRefAmp": 345.115,
    "StationName": "MRC35031",
    "ParallelReductionFactorInPlane": 2,
    "Modality": "MR",
    "SeriesDescription": "t2_flair_sag_p2_1mm_FS_ellip_pf78",
    "PercentPhaseFOV": 100,
    "ReceiveCoilName": "32Ch_Head",
    "MagneticFieldStrength": 3,
    "ConversionSoftwareVersion": "v1.0.20211006",
    "MRAcquisitionType": "3D",
    "InstitutionAddress": "Headley Way sfd,Oxford,Southeast,GB,OX3 9UE",
    "DwellTime": 2.5e-06,
    "SoftwareVersions": "syngo MR B17",
    "InstitutionName": "ocmr",
    "SAR": 0.209658,
    "AcquisitionTime": "13:58:38.280000",
    "DeviceSerialNumber": "35031",
    "ImageOrientationPatientDICOM": [
        0.000255855,
        0.999945,
        -0.0104687,
        0.0244308,
        -0.0104718,
        -0.999647
    ],
    "PercentSampling": 100.781,
    "AcquisitionMatrixPE": 258,
    "BaseResolution": 256,
    "PatientPosition": "HFS",
    "PhaseEncodingSteps": 238,
    "PartialFourier": 1,
    "SpoilingState": true,
    "AcquisitionNumber": 1,
    "PulseSequenceDetails": "%SiemensSeq%\\tse_vfl",
    "CoilString": "C:HEA;HEP",
    "InPlanePhaseEncodingDirectionDICOM": "ROW",
    "ImagingFrequency": 123.172,
    "ScanningSequence": "SE\\IR",
    "CoilCombinationMethod": "Adaptive Combine",
    "PixelBandwidth": 781,
    "InstitutionalDepartmentName": "OCMR2",
    "ReconMatrixPE": 256,
    "SeriesNumber": 8,
    "ImageType": [
        "ORIGINAL",
        "PRIMARY",
        "OTHER",
        "NORM"
    ],
    "EchoTime": 0.396,
    "SliceThickness": 1.05,
    "ImageOrientationText": "Sag>Tra(-1.4)",
    "PhaseResolution": 1.00781,
    "InversionTime": 1.8,
    "SequenceName": "*spcir3d1_282ns",
    "ShimSetting": [
        -1701,
        -11267,
        7621,
        848,
        -83,
        30,
        -175,
        -33
    ],
    "ConversionSoftware": "dcm2niix",
    "SequenceVariant": "SK\\SP\\MP",
    "FlipAngle": 120,
    "RefLinesPE": 24,
    "Manufacturer": "Siemens",
    "ProtocolName": "t2_flair_sag_p2_1mm_FS_ellip_pf78",
    "MatrixCoilMode": "GRAPPA",
    "ProcedureStepDescription": "neuro^N18",
    "ScanOptions": "IR\\PFP\\FS"
}