{
	"Modality": "MR",
	"MagneticFieldStrength": 3,
	"ImagingFrequency": 127.749,
	"Manufacturer": "Philips",
	"ManufacturersModelName": "Ingenia",
	"InstitutionName": "Nottingham University",
	"InstitutionalDepartmentName": "SPMIC",
	"InstitutionAddress": "University Park",
	"DeviceSerialNumber": "71459",
	"StationName": "HOST-2ADB2S6FDM",
	"BodyPartExamined": "BRAIN",
	"PatientPosition": "HFS",
	"ProcedureStepDescription": "H14082014/47",
	"SoftwareVersions": "5.6.1\\5.6.1.0",
	"MRAcquisitionType": "3D",
	"SeriesDescription": "SWI_3mm_tra",
	"ProtocolName": "SWI_3mm_tra",
	"ScanningSequence": "GR",
	"SequenceVariant": "SP",
	"ScanOptions": "FC",
	"ImageType": ["ORIGINAL", "PRIMARY", "T1", "MIXED"],
	"SeriesNumber": 1201,
	"AcquisitionTime": "16:05:28.510000",
	"AcquisitionNumber": 12,
	"PhilipsRWVSlope": 1.62173,
	"PhilipsRWVIntercept": 0,
	"PhilipsRescaleSlope": 1.62173,
	"PhilipsRescaleIntercept": 0,
	"PhilipsScaleSlope": 0.00222526,
	"UsePhilipsFloatNotDisplayScaling": 1,
	"SliceThickness": 3,
	"SpacingBetweenSlices": 3,
	"EchoNumber": 2,
	"EchoTime": 0.02,
	"RepetitionTime": 0.027,
	"MTState": false,
	"SpoilingState": true,
	"SpoilingType": "COMBINED",
	"FlipAngle": 15,
	"CoilString": "MULTI COIL",
	"PercentPhaseFOV": 88.8889,
	"PercentSampling": 78.233,
	"EchoTrainLength": 2,
	"PhaseEncodingSteps": 286,
	"AcquisitionMatrixPE": 286,
	"ReconMatrixPE": 288,
	"ParallelReductionFactorInPlane": 2,
	"ParallelAcquisitionTechnique": "SENSE",
	"WaterFatShift": 2.91217,
	"EstimatedEffectiveEchoSpacing": 1.55742e-05,
	"EstimatedTotalReadoutTime": 0.0044698,
	"PixelBandwidth": 149.149,
	"PhaseEncodingAxis": "i",
	"ImageOrientationPatientDICOM": [
		0.999588,
		0.0202545,
		0.0203556,
		-0.0172328,
		0.990144,
		-0.138988	],
	"InPlanePhaseEncodingDirectionDICOM": "ROW",
	"ConversionSoftware": "dcm2niix",
	"ConversionSoftwareVersion": "v1.0.20211006"
}
