{
    "PhaseEncodingSteps": 78,
    "SequenceName": "ep_b5#1",
    "BaseResolution": 104,
    "ManufacturersModelName": "Prisma",
    "DiffusionScheme": "Monopolar",
    "EffectiveEchoSpacing": 0.000670015,
    "InstitutionAddress": "Headley Way StreetNo,Oxford,District,GB,OX3 9DU",
    "MagneticFieldStrength": 3,
    "PatientPosition": "HFS",
    "ScanningSequence": "EP",
    "MultibandAccelerationFactor": 3,
    "Modality": "MR",
    "CoilCombinationMethod": "Sum of Squares",
    "ReconMatrixPE": 104,
    "PhaseResolution": 1,
    "ImageType": [
        "ORIGINAL",
        "PRIMARY",
        "DIFFUSION",
        "NONE",
        "MB",
        "ND",
        "MOSAIC"
    ],
    "SliceTiming": [
        0,
        1.6425,
        3.2825,
        1.3425,
        2.985,
        1.045,
        2.685,
        0.7475,
        2.3875,
        0.4475,
        2.09,
        0.15,
        1.79,
        3.4325,
        1.4925,
        3.1325,
        1.195,
        2.835,
        0.895,
        2.5375,
        0.5975,
        2.2375,
        0.3,
        1.94,
        0,
        1.6425,
        3.2825,
        1.3425,
        2.985,
        1.045,
        2.685,
        0.7475,
        2.3875,
        0.4475,
        2.09,
        0.15,
        1.79,
        3.4325,
        1.4925,
        3.1325,
        1.195,
        2.835,
        0.895,
        2.5375,
        0.5975,
        2.2375,
        0.3,
        1.94,
        0,
        1.6425,
        3.2825,
        1.3425,
        2.985,
        1.045,
        2.685,
        0.7475,
        2.3875,
        0.4475,
        2.09,
        0.15,
        1.79,
        3.4325,
        1.4925,
        3.1325,
        1.195,
        2.835,
        0.895,
        2.5375,
        0.5975,
        2.2375,
        0.3,
        1.94
    ],
    "InstitutionalDepartmentName": "Department",
    "ReceiveCoilActiveElements": "HEA;HEP",
    "DerivedVendorReportedEchoSpacing": 0.000670015,
    "RepetitionTime": 3.6,
    "Manufacturer": "Siemens",
    "PhaseEncodingDirection": "j-",
    "EchoTime": 0.092,
    "DwellTime": 2.7e-06,
    "ReceiveCoilName": "Head_32",
    "SequenceVariant": "SK\\SS",
    "SpacingBetweenSlices": 2,
    "PartialFourier": 0.75,
    "FlipAngle": 78,
    "StationName": "AWP66050",
    "SeriesDescription": "diff_AP_MPopt_MB3_50b1000_50b2000_8b0_lowflip",
    "ImageComments": "Unaliased MB3/PE3 SENSE1",
    "MatrixCoilMode": "SENSE",
    "ConsistencyInfo": "N4_VE11C_LATEST_20160120",
    "TxRefAmp": 223.027,
    "EchoTrainLength": 78,
    "WipMemBlock": "5f8cd1c1-153e-489f-a69b-e00e6424b1b3||Sequence: R016 ve11c/master r/e634e98; Dec 19 2017 11:11:25 by eja",
    "PixelBandwidth": 1780,
    "InPlanePhaseEncodingDirectionDICOM": "COL",
    "SeriesNumber": 14,
    "DeviceSerialNumber": "66050",
    "AcquisitionNumber": 1,
    "BandwidthPerPixelPhaseEncode": 14.351,
    "SoftwareVersions": "syngo MR E11",
    "PercentSampling": 100,
    "MRAcquisitionType": "2D",
    "ProtocolName": "diff_AP_MPopt_MB3_50b1000_50b2000_8b0_lowflip",
    "ConversionSoftware": "dcm2niix",
    "InstitutionName": "The John Radcliffe",
    "ShimSetting": [
        332,
        -11558,
        1717,
        396,
        426,
        48,
        305,
        24
    ],
    "ImagingFrequency": 123.227,
    "SliceThickness": 2,
    "AcquisitionTime": "12:59:3.097500",
    "TotalReadoutTime": 0.0690115,
    "BodyPartExamined": "HEAD",
    "ScanOptions": "PFP\\FS",
    "PulseSequenceDetails": "%CustomerSeq%\\cmrr_mbep2d_diff",
    "PercentPhaseFOV": 100,
    "AcquisitionMatrixPE": 104,
    "SAR": 0.0823429,
    "ImageOrientationPatientDICOM": [
        0.997764,
        0.013931,
        -0.0653605,
        -0.0285672,
        0.97308,
        -0.228692
    ],
    "ImageOrientationText": "Tra>Cor(-13.3)>Sag(-3.5)",
    "ConversionSoftwareVersion": "v1.0.20211006"
}