{
    "MRAcquisitionType": "2D",
    "PhaseEncodingDirection": "j-",
    "SeriesNumber": 14,
    "ConversionSoftwareVersion": "v1.0.20211006",
    "ManufacturersModelName": "Prisma",
    "EchoTime": 0.092,
    "ImageOrientationPatientDICOM": [
        0.99806,
        0.05271,
        0.0331442,
        -0.0372949,
        0.932335,
        -0.359666
    ],
    "PercentPhaseFOV": 100,
    "RepetitionTime": 3.6,
    "BaseResolution": 104,
    "ImageType": [
        "ORIGINAL",
        "PRIMARY",
        "DIFFUSION",
        "NONE",
        "MB",
        "ND",
        "MOSAIC"
    ],
    "BandwidthPerPixelPhaseEncode": 14.351,
    "DiffusionScheme": "Monopolar",
    "CoilCombinationMethod": "Sum of Squares",
    "SpacingBetweenSlices": 2,
    "ProtocolName": "diff_AP_MPopt_MB3_50b1000_50b2000_8b0_lowflip",
    "PercentSampling": 100,
    "SoftwareVersions": "syngo MR E11",
    "PartialFourier": 0.75,
    "SliceTiming": [
        0,
        1.64,
        3.2825,
        1.3425,
        2.9825,
        1.045,
        2.685,
        0.745,
        2.3875,
        0.4475,
        2.0875,
        0.15,
        1.79,
        3.43,
        1.4925,
        3.1325,
        1.1925,
        2.835,
        0.895,
        2.535,
        0.5975,
        2.2375,
        0.2975,
        1.94,
        0,
        1.64,
        3.2825,
        1.3425,
        2.9825,
        1.045,
        2.685,
        0.745,
        2.3875,
        0.4475,
        2.0875,
        0.15,
        1.79,
        3.43,
        1.4925,
        3.1325,
        1.1925,
        2.835,
        0.895,
        2.535,
        0.5975,
        2.2375,
        0.2975,
        1.94,
        0,
        1.64,
        3.2825,
        1.3425,
        2.9825,
        1.045,
        2.685,
        0.745,
        2.3875,
        0.4475,
        2.0875,
        0.15,
        1.79,
        3.43,
        1.4925,
        3.1325,
        1.1925,
        2.835,
        0.895,
        2.535,
        0.5975,
        2.2375,
        0.2975,
        1.94
    ],
    "StationName": "AWP66050",
    "WipMemBlock": "3a195408-9d9a-435d-b361-c60e91a6da37||Sequence: R016 ve11c/master r/e634e98; Dec 19 2017 11:11:25 by eja",
    "BodyPartExamined": "HEAD",
    "SliceThickness": 2,
    "AcquisitionNumber": 1,
    "SeriesDescription": "diff_AP_MPopt_MB3_50b1000_50b2000_8b0_lowflip",
    "EffectiveEchoSpacing": 0.000670015,
    "DerivedVendorReportedEchoSpacing": 0.000670015,
    "ConsistencyInfo": "N4_VE11C_LATEST_20160120",
    "ReconMatrixPE": 104,
    "ImageComments": "Unaliased MB3/PE3 SENSE1",
    "DeviceSerialNumber": "66050",
    "SequenceVariant": "SK\\SS",
    "ImageOrientationText": "Tra>Cor(-21.0)>Sag(2.9)",
    "ScanningSequence": "EP",
    "PhaseResolution": 1,
    "InstitutionName": "The John Radcliffe",
    "PhaseEncodingSteps": 78,
    "ConversionSoftware": "dcm2niix",
    "ScanOptions": "PFP\\FS",
    "DwellTime": 2.7e-06,
    "MultibandAccelerationFactor": 3,
    "EchoTrainLength": 78,
    "TotalReadoutTime": 0.0690115,
    "PatientPosition": "HFS",
    "InPlanePhaseEncodingDirectionDICOM": "COL",
    "ReceiveCoilName": "Head_32",
    "PixelBandwidth": 1780,
    "FlipAngle": 78,
    "TxRefAmp": 230.925,
    "MatrixCoilMode": "SENSE",
    "InstitutionAddress": "Headley Way StreetNo,Oxford,District,GB,OX3 9DU",
    "InstitutionalDepartmentName": "Department",
    "Manufacturer": "Siemens",
    "SAR": 0.0856855,
    "ImagingFrequency": 123.256,
    "ShimSetting": [
        305,
        -11502,
        1696,
        468,
        -71,
        -95,
        87,
        4
    ],
    "PulseSequenceDetails": "%CustomerSeq%\\cmrr_mbep2d_diff",
    "AcquisitionTime": "12:40:45.542500",
    "SequenceName": "ep_b5#1",
    "Modality": "MR",
    "AcquisitionMatrixPE": 104,
    "ReceiveCoilActiveElements": "HEA;HEP",
    "MagneticFieldStrength": 3
}