{
    "MagneticFieldStrength": 3,
    "ReceiveCoilName": "Head_32",
    "BodyPartExamined": "HEAD",
    "TotalReadoutTime": 0.0690115,
    "ScanningSequence": "EP",
    "RepetitionTime": 3.6,
    "AcquisitionTime": "12:40:2.055000",
    "DerivedVendorReportedEchoSpacing": 0.000670015,
    "BandwidthPerPixelPhaseEncode": 14.351,
    "PhaseEncodingSteps": 78,
    "ProtocolName": "diff_PA_MPopt_MB3_3b0_lowflip",
    "SoftwareVersions": "syngo MR E11",
    "MRAcquisitionType": "2D",
    "DwellTime": 2.7e-06,
    "AcquisitionNumber": 1,
    "StationName": "AWP66050",
    "ReconMatrixPE": 104,
    "SAR": 0.0711581,
    "SequenceVariant": "SK\\SS",
    "PartialFourier": 0.75,
    "DeviceSerialNumber": "66050",
    "MatrixCoilMode": "SENSE",
    "PulseSequenceDetails": "%CustomerSeq%\\cmrr_mbep2d_diff",
    "SeriesNumber": 12,
    "PhaseEncodingDirection": "j",
    "ImageOrientationPatientDICOM": [
        0.99806,
        0.05271,
        0.0331442,
        -0.0372949,
        0.932335,
        -0.359666
    ],
    "EchoTrainLength": 78,
    "ReceiveCoilActiveElements": "HEA;HEP",
    "Manufacturer": "Siemens",
    "WipMemBlock": "1b9938e3-3a97-4aba-b4dc-55c57fc30b2a||Sequence: R016 ve11c/master r/e634e98; Dec 19 2017 11:11:25 by eja",
    "ImageType": [
        "ORIGINAL",
        "PRIMARY",
        "DIFFUSION",
        "NONE",
        "MB",
        "ND"
    ],
    "ConversionSoftware": "dcm2niix",
    "InstitutionalDepartmentName": "Department",
    "ImageOrientationText": "Tra>Cor(-21.0)>Sag(2.9)",
    "PercentPhaseFOV": 100,
    "ManufacturersModelName": "Prisma",
    "BaseResolution": 104,
    "SequenceName": "ep_b5#1",
    "EffectiveEchoSpacing": 0.000670015,
    "AcquisitionMatrixPE": 104,
    "SeriesDescription": "diff 3dirs b=0 pepolar",
    "InstitutionAddress": "Headley Way StreetNo,Oxford,District,GB,OX3 9DU",
    "SliceTiming": [
        0,
        1.64062,
        3.28125,
        1.34375,
        2.98438,
        1.04688,
        2.6875,
        0.75,
        2.39062,
        0.44531,
        2.09375,
        0.14844,
        1.78906,
        3.42969,
        1.49219,
        3.13281,
        1.19531,
        2.83594,
        0.89844,
        2.53906,
        0.60156,
        2.23438,
        0.29688,
        1.9375,
        0,
        1.64062,
        3.28125,
        1.34375,
        2.98438,
        1.04688,
        2.6875,
        0.75,
        2.39062,
        0.44531,
        2.09375,
        0.14844,
        1.78906,
        3.42969,
        1.49219,
        3.13281,
        1.19531,
        2.83594,
        0.89844,
        2.53906,
        0.60156,
        2.23438,
        0.29688,
        1.9375,
        0,
        1.64062,
        3.28125,
        1.34375,
        2.98438,
        1.04688,
        2.6875,
        0.75,
        2.39062,
        0.44531,
        2.09375,
        0.14844,
        1.78906,
        3.42969,
        1.49219,
        3.13281,
        1.19531,
        2.83594,
        0.89844,
        2.53906,
        0.60156,
        2.23438,
        0.29688,
        1.9375
    ],
    "ConsistencyInfo": "N4_VE11C_LATEST_20160120",
    "MultibandAccelerationFactor": 3,
    "TxRefAmp": 230.925,
    "PixelBandwidth": 1780,
    "Modality": "MR",
    "InstitutionName": "The John Radcliffe",
    "ScanOptions": "PFP\\FS",
    "PhaseResolution": 1,
    "ImagingFrequency": 123.256,
    "SliceThickness": 2,
    "PatientPosition": "HFS",
    "DiffusionScheme": "Monopolar",
    "ImageComments": "Unaliased MB3/PE3 SENSE1",
    "SpacingBetweenSlices": 2,
    "ShimSetting": [
        305,
        -11502,
        1696,
        468,
        -71,
        -95,
        87,
        4
    ],
    "CoilCombinationMethod": "Sum of Squares",
    "InPlanePhaseEncodingDirectionDICOM": "COL",
    "ConversionSoftwareVersion": "v1.0.20211006",
    "EchoTime": 0.092,
    "FlipAngle": 78,
    "PercentSampling": 100
}