{
    "ManufacturersModelName": "TrioTim",
    "MagneticFieldStrength": 3,
    "TxRefAmp": 342.009,
    "ProtocolName": "diff_AP_MPopt_MB3_50b1000_50b2000_8b0_lowflip",
    "SeriesDescription": "diff_AP_MPopt_MB3_50b1000_50b2000_8b0_lowflip",
    "ConversionSoftwareVersion": "v1.0.20211006",
    "PatientPosition": "HFS",
    "SoftwareVersions": "syngo MR B17",
    "MRAcquisitionType": "2D",
    "EchoTime": 0.0964,
    "InstitutionalDepartmentName": "OCMR2",
    "PercentPhaseFOV": 100,
    "AcquisitionNumber": 1,
    "ImagingFrequency": 123.172,
    "PhaseEncodingSteps": 78,
    "PulseSequenceDetails": "%CustomerSeq%\\cmrr_mbep2d_diff",
    "RepetitionTime": 3.6,
    "Manufacturer": "Siemens",
    "PercentSampling": 100,
    "AcquisitionMatrixPE": 104,
    "PixelBandwidth": 1781,
    "SAR": 0.186312,
    "SeriesNumber": 12,
    "PhaseResolution": 1,
    "InstitutionAddress": "Headley Way sfd,Oxford,Southeast,GB,OX3 9UE",
    "CoilString": "C:HEA;HEP",
    "CoilCombinationMethod": "Sum of Squares",
    "ReceiveCoilName": "32Ch_Head",
    "MultibandAccelerationFactor": 3,
    "DwellTime": 2.7e-06,
    "AcquisitionTime": "14:57:17.790000",
    "ScanOptions": "PFP\\FS",
    "SequenceName": "ep_b5#1",
    "EffectiveEchoSpacing": 0.000690017,
    "PartialFourier": 0.75,
    "SliceThickness": 2,
    "ImageType": [
        "ORIGINAL",
        "PRIMARY",
        "DIFFUSION",
        "NONE",
        "MB",
        "ND",
        "MOSAIC"
    ],
    "SpacingBetweenSlices": 2,
    "TotalReadoutTime": 0.0710717,
    "ReconMatrixPE": 104,
    "InstitutionName": "ocmr",
    "Modality": "MR",
    "ImageOrientationText": "Tra>Cor(-23.3)>Sag(-2.3)",
    "SequenceVariant": "SK\\SS",
    "ImageComments": "Unaliased MB3/PE3 SENSE1",
    "MatrixCoilMode": "SENSE",
    "PhaseEncodingDirection": "j-",
    "ShimSetting": [
        -1699,
        -11269,
        7588,
        805,
        -55,
        -208,
        136,
        60
    ],
    "BandwidthPerPixelPhaseEncode": 13.935,
    "InPlanePhaseEncodingDirectionDICOM": "COL",
    "SliceTiming": [
        0,
        1.655,
        3.3125,
        1.355,
        3.01,
        1.0525,
        2.71,
        0.7525,
        2.41,
        0.4525,
        2.1075,
        0.15,
        1.8075,
        3.4625,
        1.505,
        3.1625,
        1.205,
        2.86,
        0.9025,
        2.56,
        0.6025,
        2.2575,
        0.3,
        1.9575,
        0,
        1.655,
        3.3125,
        1.355,
        3.01,
        1.0525,
        2.71,
        0.7525,
        2.41,
        0.4525,
        2.1075,
        0.15,
        1.8075,
        3.4625,
        1.505,
        3.1625,
        1.205,
        2.86,
        0.9025,
        2.56,
        0.6025,
        2.2575,
        0.3,
        1.9575,
        0,
        1.655,
        3.3125,
        1.355,
        3.01,
        1.0525,
        2.71,
        0.7525,
        2.41,
        0.4525,
        2.1075,
        0.15,
        1.8075,
        3.4625,
        1.505,
        3.1625,
        1.205,
        2.86,
        0.9025,
        2.56,
        0.6025,
        2.2575,
        0.3,
        1.9575
    ],
    "BaseResolution": 104,
    "ConversionSoftware": "dcm2niix",
    "StationName": "MRC35031",
    "FlipAngle": 78,
    "ProcedureStepDescription": "neuro^N18",
    "DiffusionScheme": "Monopolar",
    "ScanningSequence": "EP",
    "ImageOrientationPatientDICOM": [
        0.999196,
        -0.0158433,
        -0.0368296,
        -6.79467e-08,
        0.918609,
        -0.395167
    ],
    "DeviceSerialNumber": "35031",
    "DerivedVendorReportedEchoSpacing": 0.000690017
}