{
    "SequenceName": "epse2d1_104",
    "PhaseEncodingDirection": "j",
    "InstitutionAddress": "Headley Way sfd,Oxford,Southeast,GB,OX3 9UE",
    "CoilString": "C:HEA;HEP",
    "PercentPhaseFOV": 100,
    "SeriesDescription": "diff 4dirs b=0 pepolar",
    "ImageOrientationText": "Tra>Cor(-23.3)>Sag(-2.3)",
    "SeriesNumber": 10,
    "PatientPosition": "HFS",
    "AcquisitionTime": "14:56:31.807500",
    "ProcedureStepDescription": "neuro^N18",
    "SpacingBetweenSlices": 2,
    "ProtocolName": "diff_PA_MPopt_MB3_3b0_lowflip",
    "InstitutionName": "ocmr",
    "CoilCombinationMethod": "Sum of Squares",
    "PercentSampling": 100,
    "DwellTime": 2.7e-06,
    "AcquisitionNumber": 1,
    "EchoTime": 0.0964,
    "ConversionSoftwareVersion": "v1.0.20211006",
    "StationName": "MRC35031",
    "MRAcquisitionType": "2D",
    "PixelBandwidth": 1781,
    "BandwidthPerPixelPhaseEncode": 13.935,
    "ConversionSoftware": "dcm2niix",
    "ImageType": [
        "ORIGINAL",
        "PRIMARY",
        "M",
        "MB",
        "ND"
    ],
    "PhaseResolution": 1,
    "MatrixCoilMode": "SENSE",
    "DerivedVendorReportedEchoSpacing": 0.000690017,
    "Modality": "MR",
    "ManufacturersModelName": "TrioTim",
    "ImageComments": "Unaliased MB3/PE3 SENSE1",
    "SAR": 0.154725,
    "PulseSequenceDetails": "%CustomerSeq%\\cmrr_mbep2d_diff",
    "SoftwareVersions": "syngo MR B17",
    "ImagingFrequency": 123.172,
    "FlipAngle": 78,
    "AcquisitionMatrixPE": 104,
    "TotalReadoutTime": 0.0710717,
    "ImageOrientationPatientDICOM": [
        0.999196,
        -0.0158433,
        -0.0368296,
        -6.79467e-08,
        0.918609,
        -0.395167
    ],
    "ReceiveCoilName": "32Ch_Head",
    "DeviceSerialNumber": "35031",
    "MultibandAccelerationFactor": 3,
    "SequenceVariant": "SK\\SS",
    "ScanOptions": "PFP\\FS",
    "Manufacturer": "Siemens",
    "MagneticFieldStrength": 3,
    "SliceThickness": 2,
    "SliceTiming": [
        0,
        1.65625,
        3.3125,
        1.34375,
        3,
        1.04688,
        2.70312,
        0.75,
        2.40625,
        0.4375,
        2.10938,
        0.14062,
        1.79688,
        3.45312,
        1.5,
        3.15625,
        1.20312,
        2.85938,
        0.89062,
        2.5625,
        0.59375,
        2.25,
        0.29688,
        1.95312,
        0,
        1.65625,
        3.3125,
        1.34375,
        3,
        1.04688,
        2.70312,
        0.75,
        2.40625,
        0.4375,
        2.10938,
        0.14062,
        1.79688,
        3.45312,
        1.5,
        3.15625,
        1.20312,
        2.85938,
        0.89062,
        2.5625,
        0.59375,
        2.25,
        0.29688,
        1.95312,
        0,
        1.65625,
        3.3125,
        1.34375,
        3,
        1.04688,
        2.70312,
        0.75,
        2.40625,
        0.4375,
        2.10938,
        0.14062,
        1.79688,
        3.45312,
        1.5,
        3.15625,
        1.20312,
        2.85938,
        0.89062,
        2.5625,
        0.59375,
        2.25,
        0.29688,
        1.95312
    ],
    "InstitutionalDepartmentName": "OCMR2",
    "ScanningSequence": "EP",
    "PartialFourier": 0.75,
    "ShimSetting": [
        -1699,
        -11269,
        7588,
        805,
        -55,
        -208,
        136,
        60
    ],
    "EffectiveEchoSpacing": 0.000690017,
    "PhaseEncodingSteps": 78,
    "InPlanePhaseEncodingDirectionDICOM": "COL",
    "BaseResolution": 104,
    "ReconMatrixPE": 104,
    "RepetitionTime": 3.6,
    "TxRefAmp": 342.009
}