{
    "SoftwareVersions": "5.3.1\\5.3.1.0",
    "TaskName": "rest",
    "InPlanePhaseEncodingDirectionDICOM": "COL",
    "ScanOptions": "FS",
    "ParallelReductionFactorInPlane": 1.5,
    "PhilipsScaleSlope": 0.0594386,
    "AcquisitionNumber": 7,
    "ConversionSoftwareVersion": "v1.0.20211006",
    "SeriesNumber": 701,
    "AcquisitionMatrixPE": 95,
    "AcquisitionTime": "18:04:0.600000",
    "PhaseEncodingSteps": 95,
    "CoilString": "MULTI COIL",
    "ImageOrientationPatientDICOM": [
        0.999902,
        -0.00428265,
        -0.0133279,
        0.00169656,
        0.98211,
        -0.1883
    ],
    "EchoTrainLength": 63,
    "SeriesDescription": "rs-fmri_singleMB6",
    "SAR": 0.0722918,
    "EchoTime": 0.039001,
    "PhilipsRescaleIntercept": 0,
    "ConversionSoftware": "dcm2niix",
    "DeviceSerialNumber": "71459",
    "ProtocolName": "rs-fmri_singleMB6",
    "PhilipsRescaleSlope": 0.898657,
    "ImagingFrequency": 127.749,
    "SequenceVariant": "SK",
    "ScanningSequence": "GR",
    "SliceThickness": 2.4,
    "PhaseEncodingDirection": "j-",
    "PhaseEncodingAxis": "j-",
    "TotalReadoutTime": 0.0406728,
    "UsePhilipsFloatNotDisplayScaling": 1,
    "InstitutionAddress": "University Park",
    "B0FieldSource": "pepolar_fmap0",
    "MRAcquisitionType": "2D",
    "EffectiveEchoSpacing": 0.000428135,
    "MTState": false,
    "InstitutionalDepartmentName": "SPMIC",
    "BodyPartExamined": "BRAIN",
    "ManufacturersModelName": "Ingenia",
    "MagneticFieldStrength": 3,
    "RepetitionTime": 0.8,
    "InstitutionName": "Nottingham University",
    "PixelBandwidth": 2265,
    "PercentPhaseFOV": 100,
    "SpacingBetweenSlices": 2.4,
    "EstimatedEffectiveEchoSpacing": 0.000428135,
    "ImageType": [
        "ORIGINAL",
        "PRIMARY",
        "M",
        "FFE",
        "M",
        "FFE"
    ],
    "Manufacturer": "Philips",
    "FlipAngle": 52,
    "ParallelAcquisitionTechnique": "SENSE",
    "PatientPosition": "HFS",
    "EstimatedTotalReadoutTime": 0.0406728,
    "ReconMatrixPE": 96,
    "PercentSampling": 100,
    "WaterFatShift": 17.9465,
    "Modality": "MR",
    "ProcedureStepDescription": "H1408201447",
    "StationName": "HOST-2ADB2S6FDM"
}