{
  "Modality": "MR",
  "MagneticFieldStrength": 3,
  "ImagingFrequency": 127.804,
  "Manufacturer": "Philips",
  "ManufacturersModelName": "Achieva",
  "InstitutionName": "SPMMRC Nottingham",
  "InstitutionalDepartmentName": "MRI",
  "DeviceSerialNumber": "17057",
  "StationName": "PHILIPS-T6O3EHP",
  "BodyPartExamined": "BRAIN",
  "PatientPosition": "HFS",
  "ProcedureStepDescription": "FMHS4520122",
  "SoftwareVersions": "5.6.1\\5.6.1.1",
  "MRAcquisitionType": "2D",
  "SeriesDescription": "rs-fmri_singleMB4_HF0.8",
  "ProtocolName": "WIP rs-fmri_singleMB4_HF0.8",
  "ScanningSequence": "GR",
  "SequenceVariant": "SK",
  "ScanOptions": "FS",
  "ImageType": [
    "ORIGINAL",
    "PRIMARY",
    "M",
    "FFE",
    "M",
    "FFE"
  ],
  "SeriesNumber": 1401,
  "AcquisitionTime": "16:03:35.710000",
  "AcquisitionNumber": 14,
  "PhilipsRWVSlope": 0.849573,
  "PhilipsRWVIntercept": 0,
  "PhilipsRescaleSlope": 0.849573,
  "PhilipsRescaleIntercept": 0,
  "PhilipsScaleSlope": 0.00249255,
  "UsePhilipsFloatNotDisplayScaling": 0,
  "SliceThickness": 2.4,
  "SpacingBetweenSlices": 2.4,
  "SAR": 0.0227829,
  "EchoTime": 0.039,
  "RepetitionTime": 1.15,
  "MTState": false,
  "FlipAngle": 65,
  "CoilString": "MULTI COIL",
  "PercentPhaseFOV": 100,
  "PercentSampling": 100,
  "EchoTrainLength": 95,
  "PartialFourierDirection": "PHASE",
  "PartialFourierEnabled": "YES",
  "PhaseEncodingStepsNoPartialFourier": 95,
  "AcquisitionMatrixPE": 95,
  "ReconMatrixPE": 96,
  "ParallelAcquisitionTechnique": "MBSENSE",
  "ParallelReductionOutOfPlane": 4,
  "WaterFatShift": 25.4464,
  "EstimatedEffectiveEchoSpacing": 0.00061,
  "EstimatedTotalReadoutTime": 0.05795,
  "PixelBandwidth": 2319,
  "PhaseEncodingAxis": "j",
  "ImageOrientationPatientDICOM": [
    0.99482,
    -0.0339043,
    -0.0958278,
    0.0498371,
    0.984336,
    0.169114
  ],
  "InPlanePhaseEncodingDirectionDICOM": "COL",
  "ConversionSoftware": "dcm2niix",
  "ConversionSoftwareVersion": "v1.0.20211006",
  "PhaseEncodingDirection": "j",
  "EffectiveEchoSpacing": 0.00061,
  "B0FieldSource": "pepolar_fmap0",
  "TaskName": "rest",
  "TotalReadoutTime": 0.05795
}