{
    "EstimatedTotalReadoutTime": 0.058007,
    "StationName": "PHILIPS-T6O3EHP",
    "InPlanePhaseEncodingDirectionDICOM": "COL",
    "InstitutionalDepartmentName": "MRI",
    "SliceThickness": 2.4,
    "TaskName": "rest",
    "InstitutionName": "SPMMRC Nottingham",
    "PixelBandwidth": 2336,
    "EffectiveEchoSpacing": 0.0006106,
    "TotalReadoutTime": 0.058007,
    "Modality": "MR",
    "PatientPosition": "HFS",
    "PhaseEncodingDirection": "j",
    "SeriesNumber": 801,
    "PartialFourierEnabled": "YES",
    "ReconMatrixPE": 96,
    "UsePhilipsFloatNotDisplayScaling": 1,
    "FlipAngle": 65,
    "AcquisitionTime": "11:51:39.830000",
    "ProcedureStepDescription": "H14082014_47",
    "PhilipsScaleSlope": 0.00311815,
    "MRAcquisitionType": "2D",
    "ScanningSequence": "GR",
    "PartialFourierDirection": "PHASE",
    "Manufacturer": "Philips",
    "SpacingBetweenSlices": 2.4,
    "PercentPhaseFOV": 100,
    "ManufacturersModelName": "Achieva",
    "PercentSampling": 100,
    "MTState": false,
    "MagneticFieldStrength": 3,
    "ImageOrientationPatientDICOM": [
        0.999992,
        0.00359926,
        0.00141899,
        -0.00360149,
        0.999992,
        0.00156723
    ],
    "BodyPartExamined": "BRAIN",
    "EchoTime": 0.039,
    "ConversionSoftwareVersion": "v1.0.20211006",
    "ImageType": [
        "ORIGINAL",
        "PRIMARY",
        "M",
        "FFE",
        "M",
        "FFE"
    ],
    "PhilipsRescaleSlope": 0.844689,
    "EstimatedEffectiveEchoSpacing": 0.0006106,
    "SeriesDescription": "rs-fmri_singleMB4_HF0.8",
    "EchoTrainLength": 95,
    "DeviceSerialNumber": "17057",
    "ConversionSoftware": "dcm2niix",
    "ParallelAcquisitionTechnique": "SENSE",
    "PhaseEncodingAxis": "j",
    "PhaseEncodingStepsNoPartialFourier": 95,
    "ImagingFrequency": 127.805,
    "RepetitionTime": 1.15,
    "SAR": 0.0227829,
    "PhilipsRescaleIntercept": 0,
    "B0FieldSource": "pepolar_fmap0",
    "ProtocolName": "WIP rs-fmri_singleMB4_HF0.8",
    "CoilString": "MULTI COIL",
    "WaterFatShift": 25.4714,
    "SequenceVariant": "SK",
    "SoftwareVersions": "5.3.0\\5.3.0.3",
    "AcquisitionMatrixPE": 95,
    "ScanOptions": "FS",
    "AcquisitionNumber": 8
}