{
    "TaskName": "rest",
    "Manufacturer": "Siemens",
    "ReceiveCoilActiveElements": "HC1-7",
    "InstitutionAddress": "Warneford Lane StreetNo,Oxford,District,GB,OX3 7JX",
    "PhaseResolution": 1,
    "EchoTime": 0.039,
    "TotalReadoutTime": 0.055679,
    "BandwidthPerPixelPhaseEncode": 17.756,
    "ScanOptions": "FS",
    "ReceiveCoilName": "HeadNeck_64",
    "AcquisitionTime": "14:52:21.157500",
    "ConversionSoftware": "dcm2niix",
    "SpacingBetweenSlices": 2.4,
    "InstitutionalDepartmentName": "BE3597",
    "SliceThickness": 2.4,
    "ReconMatrixPE": 88,
    "PatientPosition": "HFS",
    "ImageOrientationPatientDICOM": [
        1,
        0,
        0,
        0,
        0.92521,
        -0.379456
    ],
    "EffectiveEchoSpacing": 0.000639989,
    "PhaseEncodingDirection": "j-",
    "MRAcquisitionType": "2D",
    "SoftwareVersions": "syngo MR E11",
    "ShimSetting": [
        4955,
        -11405,
        -1322,
        533,
        -48,
        -259,
        37,
        -6
    ],
    "ImageComments": "Unaliased MB8/PE3 SENSE1",
    "ScanningSequence": "EP",
    "BodyPartExamined": "BRAIN",
    "SequenceVariant": "SK\\SS",
    "FlipAngle": 52,
    "PartialFourier": 1,
    "ProtocolName": "MB8_FMRI_fov210_2.4mm_resting",
    "PulseSequenceDetails": "%CustomerSeq%\\cmrr_mbep2d_bold",
    "PercentSampling": 100,
    "SeriesNumber": 21,
    "EchoTrainLength": 88,
    "ConversionSoftwareVersion": "v1.0.20211006",
    "ImageType": [
        "ORIGINAL",
        "PRIMARY",
        "M",
        "MB",
        "ND",
        "MOSAIC"
    ],
    "CoilCombinationMethod": "Sum of Squares",
    "DeviceSerialNumber": "66093",
    "PercentPhaseFOV": 100,
    "InstitutionName": "Warneford Hospital",
    "PixelBandwidth": 2030,
    "ConsistencyInfo": "N4_VE11C_LATEST_20160120",
    "ImagingFrequency": 123.26,
    "AcquisitionNumber": 1,
    "MagneticFieldStrength": 3,
    "ImageOrientationText": "Tra>Cor(-22.3)",
    "BaseResolution": 88,
    "DwellTime": 2.8e-06,
    "TxRefAmp": 226.382,
    "PhaseEncodingSteps": 88,
    "MatrixCoilMode": "SENSE",
    "StationName": "AWP66093",
    "SAR": 0.044603,
    "SequenceName": "epfid2d1_88",
    "RepetitionTime": 0.735,
    "SeriesDescription": "MB8_FMRI_fov210_2.4mm_resting",
    "SliceTiming": [
        0,
        0.2675,
        0.535,
        0.0875,
        0.3575,
        0.625,
        0.1775,
        0.445,
        0,
        0.2675,
        0.535,
        0.0875,
        0.3575,
        0.625,
        0.1775,
        0.445,
        0,
        0.2675,
        0.535,
        0.0875,
        0.3575,
        0.625,
        0.1775,
        0.445,
        0,
        0.2675,
        0.535,
        0.0875,
        0.3575,
        0.625,
        0.1775,
        0.445,
        0,
        0.2675,
        0.535,
        0.0875,
        0.3575,
        0.625,
        0.1775,
        0.445,
        0,
        0.2675,
        0.535,
        0.0875,
        0.3575,
        0.625,
        0.1775,
        0.445,
        0,
        0.2675,
        0.535,
        0.0875,
        0.3575,
        0.625,
        0.1775,
        0.445,
        0,
        0.2675,
        0.535,
        0.0875,
        0.3575,
        0.625,
        0.1775,
        0.445
    ],
    "InPlanePhaseEncodingDirectionDICOM": "COL",
    "ManufacturersModelName": "Prisma",
    "Modality": "MR",
    "WipMemBlock": "47b9a2a4-1908-4cfb-84b0-d4931837cc8d||Sequence: R016 ve11c/master r/e634e98; Dec 19 2017 11:00:25 by eja",
    "AcquisitionMatrixPE": 88,
    "MultibandAccelerationFactor": 8,
    "DerivedVendorReportedEchoSpacing": 0.000639989
}