{
    "InstitutionName": "Warneford Hospital",
    "PhaseEncodingSteps": 78,
    "Modality": "MR",
    "ReceiveCoilName": "HeadNeck_64",
    "ReconMatrixPE": 104,
    "EffectiveEchoSpacing": 0.000670015,
    "DwellTime": 2.7e-06,
    "PixelBandwidth": 1780,
    "PulseSequenceDetails": "%CustomerSeq%\\cmrr_mbep2d_diff",
    "ImageType": [
        "ORIGINAL",
        "PRIMARY",
        "DIFFUSION",
        "NONE",
        "MB",
        "ND"
    ],
    "SAR": 0.0790539,
    "TxRefAmp": 250.393,
    "TotalReadoutTime": 0.0690115,
    "AcquisitionNumber": 1,
    "SequenceName": "ep_b5#1",
    "BaseResolution": 104,
    "PartialFourier": 0.75,
    "WipMemBlock": "eea750c4-57b4-40b4-b7b4-23b9f7f14e25||Sequence: R016 ve11c/master r/e634e98; Dec 19 2017 11:11:25 by eja",
    "BandwidthPerPixelPhaseEncode": 14.351,
    "PercentSampling": 100,
    "MultibandAccelerationFactor": 3,
    "ProtocolName": "diff_PA_MPopt_MB3_3b0_lowflip",
    "EchoTrainLength": 78,
    "EchoTime": 0.092,
    "InPlanePhaseEncodingDirectionDICOM": "COL",
    "InstitutionalDepartmentName": "BE3597",
    "PhaseResolution": 1,
    "PercentPhaseFOV": 100,
    "SequenceVariant": "SK\\SS",
    "ScanningSequence": "EP",
    "StationName": "AWP66093",
    "PhaseEncodingDirection": "j",
    "ManufacturersModelName": "Prisma",
    "CoilCombinationMethod": "Sum of Squares",
    "ImageOrientationText": "Tra>Cor(-18.3)",
    "ConversionSoftware": "dcm2niix",
    "DerivedVendorReportedEchoSpacing": 0.000670015,
    "SliceTiming": [
        0,
        1.625,
        3.26562,
        1.32812,
        2.96875,
        1.03125,
        2.67188,
        0.73438,
        2.375,
        0.4375,
        2.07812,
        0.14062,
        1.78125,
        3.42188,
        1.48438,
        3.125,
        1.1875,
        2.82812,
        0.89062,
        2.53125,
        0.59375,
        2.23438,
        0.29688,
        1.9375,
        0,
        1.625,
        3.26562,
        1.32812,
        2.96875,
        1.03125,
        2.67188,
        0.73438,
        2.375,
        0.4375,
        2.07812,
        0.14062,
        1.78125,
        3.42188,
        1.48438,
        3.125,
        1.1875,
        2.82812,
        0.89062,
        2.53125,
        0.59375,
        2.23438,
        0.29688,
        1.9375,
        0,
        1.625,
        3.26562,
        1.32812,
        2.96875,
        1.03125,
        2.67188,
        0.73438,
        2.375,
        0.4375,
        2.07812,
        0.14062,
        1.78125,
        3.42188,
        1.48438,
        3.125,
        1.1875,
        2.82812,
        0.89062,
        2.53125,
        0.59375,
        2.23438,
        0.29688,
        1.9375
    ],
    "InstitutionAddress": "Warneford Lane StreetNo,Oxford,District,GB,OX3 7JX",
    "AcquisitionMatrixPE": 104,
    "DeviceSerialNumber": "66093",
    "PatientPosition": "HFS",
    "ImagingFrequency": 123.26,
    "MatrixCoilMode": "SENSE",
    "FlipAngle": 78,
    "SliceThickness": 2,
    "MagneticFieldStrength": 3,
    "MRAcquisitionType": "2D",
    "AcquisitionTime": "16:19:35.492500",
    "ImageComments": "Unaliased MB3/PE3 SENSE1",
    "SpacingBetweenSlices": 2,
    "SoftwareVersions": "syngo MR E11",
    "RepetitionTime": 3.6,
    "BodyPartExamined": "BRAIN",
    "Manufacturer": "Siemens",
    "SeriesNumber": 10,
    "ConsistencyInfo": "N4_VE11C_LATEST_20160120",
    "SeriesDescription": "diff 3dirs b=0 pepolar",
    "ConversionSoftwareVersion": "v1.0.20211006",
    "ShimSetting": [
        4969,
        -11423,
        -1323,
        479,
        72,
        -254,
        38,
        -20
    ],
    "DiffusionScheme": "Monopolar",
    "ScanOptions": "PFP\\FS",
    "ImageOrientationPatientDICOM": [
        1,
        0,
        0,
        0,
        0.949425,
        -0.313992
    ],
    "ReceiveCoilActiveElements": "HC1-7"
}