{
    "ReceiveCoilName": "32Ch_Head",
    "EchoTrainLength": 141,
    "PartialFourier": 1,
    "SAR": 0.169857,
    "SeriesNumber": 8,
    "MatrixCoilMode": "GRAPPA",
    "ImageOrientationText": "Sag>Tra(-1.6)",
    "InstitutionAddress": "Headley Way sfd,Oxford,Southeast,GB,OX3 9UE",
    "PhaseEncodingSteps": 238,
    "AcquisitionTime": "15:56:15.125000",
    "AcquisitionNumber": 1,
    "ConversionSoftware": "dcm2niix",
    "MagneticFieldStrength": 3,
    "DeviceSerialNumber": "35031",
    "ProtocolName": "t2_flair_sag_p2_1mm_FS_ellip_pf78",
    "SoftwareVersions": "syngo MR B17",
    "MRAcquisitionType": "3D",
    "ManufacturersModelName": "TrioTim",
    "SequenceVariant": "SK\\SP\\MP",
    "ReconMatrixPE": 256,
    "ImageOrientationPatientDICOM": [
        0.00398243,
        0.989776,
        -0.142573,
        0.0276362,
        -0.142629,
        -0.98939
    ],
    "ShimSetting": [
        -1770,
        -11393,
        7594,
        989,
        122,
        665,
        121,
        -184
    ],
    "CoilCombinationMethod": "Adaptive Combine",
    "PhaseResolution": 1.00781,
    "Modality": "MR",
    "RepetitionTime": 5,
    "AcquisitionMatrixPE": 258,
    "PixelBandwidth": 781,
    "EchoTime": 0.396,
    "BaseResolution": 256,
    "ProcedureStepDescription": "neuro^N18",
    "Manufacturer": "Siemens",
    "PercentPhaseFOV": 100,
    "ScanOptions": "IR\\PFP\\FS",
    "SliceThickness": 1.05,
    "SequenceName": "*spcir3d1_282ns",
    "PhaseEncodingDirection": "i",
    "SpoilingState": true,
    "RefLinesPE": 24,
    "InPlanePhaseEncodingDirectionDICOM": "ROW",
    "SeriesDescription": "t2_flair_sag_p2_1mm_FS_ellip_pf78",
    "ImageType": [
        "ORIGINAL",
        "PRIMARY",
        "OTHER",
        "NORM"
    ],
    "ImagingFrequency": 123.173,
    "InstitutionalDepartmentName": "OCMR2",
    "StationName": "MRC35031",
    "CoilString": "C:HEA;HEP",
    "InversionTime": 1.8,
    "ConversionSoftwareVersion": "v1.0.20211006",
    "InstitutionName": "John Radcliffe Hospital",
    "FlipAngle": 120,
    "PatientPosition": "HFS",
    "TxRefAmp": 312.027,
    "PulseSequenceDetails": "%SiemensSeq%\\tse_vfl",
    "ParallelReductionFactorInPlane": 2,
    "PercentSampling": 100.781,
    "DwellTime": 2.5e-06,
    "ScanningSequence": "SE\\IR"
}