{
  "Modality": "MR",
  "MagneticFieldStrength": 3,
  "ImagingFrequency": 127.805,
  "Manufacturer": "Philips",
  "ManufacturersModelName": "Achieva",
  "InstitutionName": "SPMMRC Nottingham",
  "InstitutionalDepartmentName": "MRI",
  "DeviceSerialNumber": "17057",
  "StationName": "PHILIPS-T6O3EHP",
  "BodyPartExamined": "BRAIN",
  "PatientPosition": "HFS",
  "ProcedureStepDescription": "FMHS4520122",
  "SoftwareVersions": "5.6.1\\5.6.1.1",
  "MRAcquisitionType": "3D",
  "SeriesDescription": "SWI_3mm_tra",
  "ProtocolName": "SWI_3mm_tra",
  "ScanningSequence": "GR",
  "SequenceVariant": "SP",
  "ScanOptions": "FC",
  "ImageType": [
    "ORIGINAL",
    "PRIMARY",
    "T1",
    "MIXED",
    "PHASE"
  ],
  "SeriesNumber": 1701,
  "AcquisitionTime": "15:04:57.310000",
  "AcquisitionNumber": 17,
  "PhilipsRWVSlope": 1.55311,
  "PhilipsRWVIntercept": 0,
  "SliceThickness": 3,
  "SpacingBetweenSlices": 3,
  "EchoNumber": 1,
  "EchoTime": 0.009401,
  "RepetitionTime": 0.027,
  "MTState": false,
  "SpoilingState": true,
  "SpoilingType": "COMBINED",
  "FlipAngle": 15,
  "CoilString": "MULTI COIL",
  "PercentPhaseFOV": 88.8889,
  "PercentSampling": 78.233,
  "EchoTrainLength": 2,
  "PhaseEncodingSteps": 286,
  "AcquisitionMatrixPE": 286,
  "ReconMatrixPE": 288,
  "ParallelReductionFactorInPlane": 2,
  "ParallelAcquisitionTechnique": "SENSE",
  "WaterFatShift": 2.8891,
  "EstimatedEffectiveEchoSpacing": 1.54441e-05,
  "EstimatedTotalReadoutTime": 0.00443247,
  "PixelBandwidth": 150.405,
  "PhaseEncodingAxis": "i",
  "ImageOrientationPatientDICOM": [
    0.996737,
    0.0570631,
    0.0570963,
    -0.0485475,
    0.98885,
    -0.140777
  ],
  "InPlanePhaseEncodingDirectionDICOM": "ROW",
  "ConversionSoftware": "dcm2niix",
  "ConversionSoftwareVersion": "v1.0.20211006",
  "TotalReadoutTime": 0.00443247
}