{
	"Modality": "MR",
	"MagneticFieldStrength": 3,
	"ImagingFrequency": 127.805,
	"Manufacturer": "Philips",
	"ManufacturersModelName": "Achieva",
	"InstitutionName": "SPMMRC Nottingham",
	"InstitutionalDepartmentName": "MRI",
	"DeviceSerialNumber": "17057",
	"StationName": "PHILIPS-T6O3EHP",
	"BodyPartExamined": "BRAIN",
	"PatientPosition": "HFS",
	"ProcedureStepDescription": "H14082014_47",
	"SoftwareVersions": "5.3.0\\5.3.0.3",
	"MRAcquisitionType": "3D",
	"SeriesDescription": "SWI_3mm_tra",
	"ProtocolName": "WIP SWI_3mm_tra",
	"ScanningSequence": "GR",
	"SequenceVariant": "SP",
	"ScanOptions": "FC",
	"ImageType": ["ORIGINAL", "PRIMARY", "T1", "MIXED", "PHASE"],
	"SeriesNumber": 601,
	"AcquisitionTime": "17:58:23.910000",
	"AcquisitionNumber": 6,
	"PhilipsRWVSlope": 1.53455,
	"PhilipsRWVIntercept": -3142,
	"PhilipsRescaleSlope": 1.53455,
	"PhilipsRescaleIntercept": -3142,
	"PhilipsScaleSlope": 651.74,
	"UsePhilipsFloatNotDisplayScaling": 1,
	"SliceThickness": 3,
	"SpacingBetweenSlices": 3,
	"EchoNumber": 1,
	"EchoTime": 0.0094,
	"RepetitionTime": 0.027,
	"MTState": false,
	"SpoilingState": true,
	"SpoilingType": "COMBINED",
	"FlipAngle": 15,
	"CoilString": "MULTI COIL",
	"PercentPhaseFOV": 88.8889,
	"PercentSampling": 78.233,
	"EchoTrainLength": 2,
	"PhaseEncodingSteps": 286,
	"AcquisitionMatrixPE": 286,
	"ReconMatrixPE": 288,
	"ParallelReductionFactorInPlane": 2,
	"ParallelAcquisitionTechnique": "SENSE",
	"WaterFatShift": 2.99282,
	"EstimatedEffectiveEchoSpacing": 1.59986e-05,
	"EstimatedTotalReadoutTime": 0.00459159,
	"PixelBandwidth": 145.193,
	"PhaseEncodingAxis": "i",
	"ImageOrientationPatientDICOM": [
		0.999913,
		0.00324717,
		-0.0128251,
		-0.00357895,
		0.999657,
		-0.0259321	],
	"InPlanePhaseEncodingDirectionDICOM": "ROW",
	"ConversionSoftware": "dcm2niix",
	"ConversionSoftwareVersion": "v1.0.20211006"
}
