{
    "MRAcquisitionType": "3D",
    "SeriesDescription": "t2_flair_sag_p2_1mm_FS_ellip_pf78",
    "ReceiveCoilName": "HeadNeck_64",
    "ScanningSequence": "SE\\IR",
    "TxRefAmp": 248.808,
    "ScanOptions": "IR\\PFP\\FS",
    "ConsistencyInfo": "N4_VE11C_LATEST_20160120",
    "MatrixCoilMode": "GRAPPA",
    "AcquisitionTime": "16:23:1.152500",
    "RefLinesPE": 24,
    "ConversionSoftware": "dcm2niix",
    "ImageOrientationText": "Sag>Tra(-4.0)",
    "SeriesNumber": 8,
    "FlipAngle": 120,
    "PercentSampling": 100,
    "AcquisitionMatrixPE": 256,
    "StationName": "AWP66093",
    "ImageType": [
        "ORIGINAL",
        "PRIMARY",
        "OTHER",
        "NORM"
    ],
    "MagneticFieldStrength": 3,
    "SequenceName": "*spcir_284ns",
    "InstitutionalDepartmentName": "BE3597",
    "AcquisitionNumber": 1,
    "PatientPosition": "HFS",
    "ManufacturersModelName": "Prisma",
    "ConversionSoftwareVersion": "v1.0.20211006",
    "ReconMatrixPE": 256,
    "RepetitionTime": 5,
    "DeviceSerialNumber": "66093",
    "BaseResolution": 256,
    "PixelBandwidth": 780,
    "SpoilingState": true,
    "DwellTime": 2.5e-06,
    "EchoTime": 0.397,
    "ImageOrientationPatientDICOM": [
        0.012233,
        0.984503,
        -0.17494,
        0.0686755,
        -0.175367,
        -0.982105
    ],
    "SequenceVariant": "SK\\SP\\MP",
    "EchoTrainLength": 258,
    "SAR": 0.108792,
    "InstitutionName": "Warneford Hospital",
    "PulseSequenceDetails": "%SiemensSeq%\\tse_vfl",
    "PhaseResolution": 1,
    "SliceThickness": 1.05,
    "PhaseEncodingSteps": 215,
    "Modality": "MR",
    "ImagingFrequency": 123.259,
    "CoilCombinationMethod": "Adaptive Combine",
    "SoftwareVersions": "syngo MR E11",
    "ParallelReductionFactorInPlane": 2,
    "PartialFourier": 1,
    "PercentPhaseFOV": 100,
    "Manufacturer": "Siemens",
    "InstitutionAddress": "Warneford Lane StreetNo,Oxford,District,GB,OX3 7JX",
    "PhaseEncodingDirection": "i",
    "ProtocolName": "t2_flair_sag_p2_1mm_FS_ellip_pf78",
    "InversionTime": 1.8,
    "ShimSetting": [
        4969,
        -11438,
        -1397,
        353,
        -6,
        -446,
        17,
        -28
    ],
    "ReceiveCoilActiveElements": "HC1-7",
    "BodyPartExamined": "BRAIN",
    "InPlanePhaseEncodingDirectionDICOM": "ROW"
}