{
    "ConversionSoftware": "dcm2niix",
    "TaskName": "rest",
    "AcquisitionTime": "15:39:49.890000",
    "PhilipsRescaleIntercept": 0,
    "ParallelAcquisitionTechnique": "SENSE",
    "ScanOptions": "FS",
    "PhaseEncodingDirection": "j-",
    "ConversionSoftwareVersion": "v1.0.20211006",
    "Modality": "MR",
    "SequenceVariant": "SK",
    "FlipAngle": 71,
    "MRAcquisitionType": "2D",
    "PhilipsScaleSlope": 0.0713977,
    "StationName": "HOST-2ADB2S6FDM",
    "EffectiveEchoSpacing": 0.000407444,
    "MTState": false,
    "PhilipsRescaleSlope": 0.823932,
    "ImagingFrequency": 127.749,
    "PercentPhaseFOV": 100,
    "SAR": 0.0601998,
    "AcquisitionNumber": 6,
    "ProtocolName": "rs-fmri_singleMB4",
    "ReconMatrixPE": 96,
    "SeriesNumber": 601,
    "EchoTrainLength": 63,
    "DeviceSerialNumber": "71459",
    "EstimatedTotalReadoutTime": 0.0387072,
    "EchoTime": 0.039,
    "BodyPartExamined": "BRAIN",
    "ParallelReductionFactorInPlane": 1.5,
    "InstitutionAddress": "University Park",
    "WaterFatShift": 17.0792,
    "ImageOrientationPatientDICOM": [
        0.999902,
        -0.00169943,
        -0.0138955,
        -0.00172434,
        0.970094,
        -0.242724
    ],
    "B0FieldSource": "pepolar_fmap0",
    "RepetitionTime": 1.45,
    "CoilString": "MULTI COIL",
    "SeriesDescription": "rs-fmri_singleMB4",
    "ScanningSequence": "GR",
    "InstitutionName": "Nottingham University",
    "SliceThickness": 2.4,
    "AcquisitionMatrixPE": 95,
    "PhaseEncodingAxis": "j-",
    "TotalReadoutTime": 0.0387072,
    "PixelBandwidth": 2269,
    "ImageType": [
        "ORIGINAL",
        "PRIMARY",
        "M",
        "FFE",
        "M",
        "FFE"
    ],
    "InPlanePhaseEncodingDirectionDICOM": "COL",
    "UsePhilipsFloatNotDisplayScaling": 1,
    "MagneticFieldStrength": 3,
    "PatientPosition": "HFS",
    "PercentSampling": 100,
    "InstitutionalDepartmentName": "SPMIC",
    "PhaseEncodingSteps": 95,
    "Manufacturer": "Philips",
    "EstimatedEffectiveEchoSpacing": 0.000407444,
    "ProcedureStepDescription": "H1408201447",
    "SpacingBetweenSlices": 2.4,
    "ManufacturersModelName": "Ingenia",
    "SoftwareVersions": "5.3.1\\5.3.1.0"
}