{
    "InstitutionalDepartmentName": "Department",
    "PercentPhaseFOV": 100,
    "PixelBandwidth": 1780,
    "MatrixCoilMode": "SENSE",
    "PatientPosition": "HFS",
    "MRAcquisitionType": "2D",
    "DwellTime": 2.7e-06,
    "CoilCombinationMethod": "Sum of Squares",
    "SoftwareVersions": "syngo MR E11",
    "ManufacturersModelName": "Prisma",
    "SpacingBetweenSlices": 2,
    "InstitutionName": "The John Radcliffe",
    "SeriesNumber": 14,
    "AcquisitionMatrixPE": 104,
    "PulseSequenceDetails": "%CustomerSeq%\\cmrr_mbep2d_diff",
    "Manufacturer": "Siemens",
    "WipMemBlock": "8270443c-6ced-434f-9cc9-857dac489d19||Sequence: R016 ve11c/master r/e634e98; Dec 19 2017 11:11:25 by eja",
    "DeviceSerialNumber": "66050",
    "PhaseResolution": 1,
    "ReceiveCoilName": "Head_32",
    "TotalReadoutTime": 0.0690115,
    "Modality": "MR",
    "PhaseEncodingSteps": 78,
    "RepetitionTime": 3.6,
    "MagneticFieldStrength": 3,
    "ProtocolName": "diff_AP_MPopt_MB3_50b1000_50b2000_8b0_lowflip",
    "SAR": 0.0855583,
    "MultibandAccelerationFactor": 3,
    "DiffusionScheme": "Monopolar",
    "SliceTiming": [
        0,
        1.6425,
        3.2825,
        1.3425,
        2.985,
        1.045,
        2.685,
        0.7475,
        2.3875,
        0.4475,
        2.09,
        0.15,
        1.79,
        3.4325,
        1.4925,
        3.1325,
        1.195,
        2.835,
        0.895,
        2.5375,
        0.5975,
        2.2375,
        0.3,
        1.94,
        0,
        1.6425,
        3.2825,
        1.3425,
        2.985,
        1.045,
        2.685,
        0.7475,
        2.3875,
        0.4475,
        2.09,
        0.15,
        1.79,
        3.4325,
        1.4925,
        3.1325,
        1.195,
        2.835,
        0.895,
        2.5375,
        0.5975,
        2.2375,
        0.3,
        1.94,
        0,
        1.6425,
        3.2825,
        1.3425,
        2.985,
        1.045,
        2.685,
        0.7475,
        2.3875,
        0.4475,
        2.09,
        0.15,
        1.79,
        3.4325,
        1.4925,
        3.1325,
        1.195,
        2.835,
        0.895,
        2.5375,
        0.5975,
        2.2375,
        0.3,
        1.94
    ],
    "ScanOptions": "PFP\\FS",
    "ConsistencyInfo": "N4_VE11C_LATEST_20160120",
    "FlipAngle": 78,
    "SequenceVariant": "SK\\SS",
    "EffectiveEchoSpacing": 0.000670015,
    "DerivedVendorReportedEchoSpacing": 0.000670015,
    "ImageType": [
        "ORIGINAL",
        "PRIMARY",
        "DIFFUSION",
        "NONE",
        "MB",
        "ND",
        "MOSAIC"
    ],
    "PhaseEncodingDirection": "j-",
    "InPlanePhaseEncodingDirectionDICOM": "COL",
    "TxRefAmp": 245.531,
    "ImageOrientationPatientDICOM": [
        0.999885,
        0.0151233,
        0.000989514,
        -0.0141365,
        0.954194,
        -0.298853
    ],
    "ShimSetting": [
        348,
        -11532,
        1689,
        282,
        322,
        122,
        195,
        25
    ],
    "ReconMatrixPE": 104,
    "ImageOrientationText": "Tra>Cor(-17.4)>Sag(0.3)",
    "InstitutionAddress": "Headley Way StreetNo,Oxford,District,GB,OX3 9DU",
    "AcquisitionNumber": 1,
    "StationName": "AWP66050",
    "PartialFourier": 0.75,
    "ReceiveCoilActiveElements": "HEA;HEP",
    "ImagingFrequency": 123.227,
    "BodyPartExamined": "HEAD",
    "AcquisitionTime": "15:07:42.080000",
    "BandwidthPerPixelPhaseEncode": 14.351,
    "SeriesDescription": "diff_AP_MPopt_MB3_50b1000_50b2000_8b0_lowflip",
    "ImageComments": "Unaliased MB3/PE3 SENSE1",
    "BaseResolution": 104,
    "SliceThickness": 2,
    "ConversionSoftwareVersion": "v1.0.20211006",
    "ScanningSequence": "EP",
    "SequenceName": "ep_b5#1",
    "EchoTrainLength": 78,
    "ConversionSoftware": "dcm2niix",
    "PercentSampling": 100,
    "EchoTime": 0.092
}