{
	"Modality": "MR",
	"MagneticFieldStrength": 3,
	"ImagingFrequency": 127.726,
	"Manufacturer": "GE",
	"ManufacturersModelName": "DISCOVERY MR750",
	"InstitutionName": "Nottingham Medical School",
	"DeviceSerialNumber": "00000000269MRS04",
	"StationName": "MR01DV01",
	"PatientPosition": "HFS",
	"ProcedureStepDescription": "B12012012-052",
	"SoftwareVersions": "24\\LX\\MR Software release:DV24.0_R02_1607.b",
	"MRAcquisitionType": "3D",
	"SeriesDescription": "FLAIR_sag_1mm",
	"ProtocolName": "BioBank v1.2",
	"ScanningSequence": "SE\\IR",
	"SequenceVariant": "SK",
	"ScanOptions": "SAT_GEMS\\EDR_GEMS\\FILTERED_GEMS\\ACC_GEMS\\FS",
	"PulseSequenceName": "CubeT2flair",
	"ImageType": ["ORIGINAL", "PRIMARY", "OTHER"],
	"SeriesNumber": 4,
	"AcquisitionTime": "16:16:52.000000",
	"AcquisitionNumber": 1,
	"SliceThickness": 1,
	"SpacingBetweenSlices": 1,
	"SAR": 0.484739,
	"EchoTime": 0.089875,
	"RepetitionTime": 5,
	"InversionTime": 1.605,
	"FlipAngle": 90,
	"ShimSetting": [
		-1,
		1,
		-20	],
	"PrescanReuseString": "TG/s1",
	"CoilString": "32Ch Head",
	"PercentPhaseFOV": 100,
	"PercentSampling": 100,
	"EchoTrainLength": 140,
	"AcquisitionMatrixPE": 256,
	"ReconMatrixPE": 256,
	"ParallelReductionFactorInPlane": 2,
	"ParallelReductionOutOfPlane": 2,
	"PixelBandwidth": 244.141,
	"PhaseEncodingAxis": "i",
	"ImageOrientationPatientDICOM": [
		-0,
		1,
		0,
		-0,
		-0,
		-1	],
	"InPlanePhaseEncodingDirectionDICOM": "ROW",
	"ConversionSoftware": "dcm2niix",
	"ConversionSoftwareVersion": "v1.0.20220720"
}
