{
    "EstimatedEffectiveEchoSpacing": 0.000346898,
    "SeriesDescription": "blip_DTI_Biobank_2mm_S2_HS0.8_EPI",
    "ConversionSoftware": "dcm2niix",
    "CoilString": "MULTI COIL",
    "DeviceSerialNumber": "17057",
    "ProtocolName": "WIP blip_DTI_Biobank_2mm_S2_HS0.8_EPI",
    "ImagingFrequency": 127.804,
    "ReconMatrixPE": 112,
    "ScanningSequence": "SE",
    "EchoTrainLength": 55,
    "FlipAngle": 90,
    "PixelBandwidth": 2973.09,
    "StationName": "PHILIPS-T6O3EHP",
    "PartialFourierDirection": "PHASE",
    "PhilipsRescaleSlope": 2.43028,
    "PartialFourierEnabled": "YES",
    "PhaseEncodingStepsNoPartialFourier": 110,
    "AcquisitionNumber": 4,
    "PhaseEncodingDirection": "j-",
    "SliceThickness": 2,
    "ManufacturersModelName": "Achieva",
    "SequenceVariant": "SK",
    "SpacingBetweenSlices": 2,
    "MTState": false,
    "ImageType": [
        "ORIGINAL",
        "PRIMARY",
        "T2",
        "NONE"
    ],
    "AcquisitionMatrixPE": 110,
    "AcquisitionTime": "10:32:44.320000",
    "WaterFatShift": 17.0362,
    "InstitutionalDepartmentName": "MRI",
    "MRAcquisitionType": "2D",
    "InPlanePhaseEncodingDirectionDICOM": "COL",
    "EffectiveEchoSpacing": 0.000346898,
    "ImageOrientationPatientDICOM": [
        1,
        0,
        0,
        0,
        1,
        0
    ],
    "ScanOptions": "FS",
    "Manufacturer": "Philips",
    "ConversionSoftwareVersion": "v1.0.20211006",
    "ParallelAcquisitionTechnique": "SENSE",
    "PercentPhaseFOV": 100,
    "EchoTime": 0.07,
    "PhaseEncodingAxis": "j-",
    "SeriesNumber": 401,
    "TotalReadoutTime": 0.0385056,
    "PhilipsScaleSlope": 0.000859555,
    "RepetitionTime": 10,
    "Modality": "MR",
    "PhilipsRescaleIntercept": 0,
    "UsePhilipsFloatNotDisplayScaling": 1,
    "InstitutionName": "SPMMRC Nottingham",
    "EstimatedTotalReadoutTime": 0.0385056,
    "ProcedureStepDescription": "FMHS-36-1220-03",
    "PercentSampling": 100,
    "PatientPosition": "HFS",
    "ParallelReductionFactorInPlane": 2,
    "BodyPartExamined": "BRAIN",
    "SoftwareVersions": "5.6.1\\5.6.1.1",
    "MagneticFieldStrength": 3
}