{
    "PhaseEncodingDirection": "j-",
    "AcquisitionMatrixPE": 104,
    "ImageComments": "Unaliased MB3/PE3 SENSE1",
    "EchoTime": 0.092,
    "StationName": "AWP66093",
    "PhaseResolution": 1,
    "MRAcquisitionType": "2D",
    "InstitutionName": "Warneford Hospital",
    "SequenceName": "ep_b5#1",
    "SoftwareVersions": "syngo MR E11",
    "DeviceSerialNumber": "66093",
    "ImageOrientationText": "Tra>Cor(-19.8)>Sag(-3.4)",
    "TxRefAmp": 269.232,
    "PercentPhaseFOV": 100,
    "ReceiveCoilName": "HeadNeck_64",
    "SeriesNumber": 12,
    "SliceThickness": 2,
    "InstitutionAddress": "Warneford Lane StreetNo,Oxford,District,GB,OX3 7JX",
    "BodyPartExamined": "BRAIN",
    "MatrixCoilMode": "SENSE",
    "SAR": 0.0909468,
    "TotalReadoutTime": 0.0690115,
    "ShimSetting": [
        4951,
        -11417,
        -1315,
        537,
        30,
        -166,
        -8,
        13
    ],
    "RepetitionTime": 3.6,
    "DiffusionScheme": "Monopolar",
    "FlipAngle": 78,
    "ImagingFrequency": 123.26,
    "EffectiveEchoSpacing": 0.000670015,
    "AcquisitionNumber": 1,
    "ProtocolName": "diff_AP_MPopt_MB3_50b1000_50b2000_8b0_lowflip",
    "DwellTime": 2.7e-06,
    "BaseResolution": 104,
    "EchoTrainLength": 78,
    "AcquisitionTime": "10:08:34.122500",
    "SpacingBetweenSlices": 2,
    "BandwidthPerPixelPhaseEncode": 14.351,
    "PixelBandwidth": 1780,
    "InPlanePhaseEncodingDirectionDICOM": "COL",
    "ScanOptions": "PFP\\FS",
    "ConsistencyInfo": "N4_VE11C_LATEST_20160120",
    "ReceiveCoilActiveElements": "HC1-7",
    "ImageType": [
        "ORIGINAL",
        "PRIMARY",
        "DIFFUSION",
        "NONE",
        "MB",
        "ND",
        "MOSAIC"
    ],
    "ManufacturersModelName": "Prisma",
    "ConversionSoftware": "dcm2niix",
    "ScanningSequence": "EP",
    "Modality": "MR",
    "PulseSequenceDetails": "%CustomerSeq%\\cmrr_mbep2d_diff",
    "InstitutionalDepartmentName": "BE3597",
    "PatientPosition": "HFS",
    "DerivedVendorReportedEchoSpacing": 0.000670015,
    "SequenceVariant": "SK\\SS",
    "MagneticFieldStrength": 3,
    "ReconMatrixPE": 104,
    "SliceTiming": [
        0,
        1.64,
        3.2825,
        1.3425,
        2.9825,
        1.045,
        2.685,
        0.745,
        2.3875,
        0.4475,
        2.0875,
        0.15,
        1.79,
        3.43,
        1.4925,
        3.1325,
        1.1925,
        2.835,
        0.895,
        2.535,
        0.5975,
        2.2375,
        0.2975,
        1.94,
        0,
        1.64,
        3.2825,
        1.3425,
        2.9825,
        1.045,
        2.685,
        0.745,
        2.3875,
        0.4475,
        2.0875,
        0.15,
        1.79,
        3.43,
        1.4925,
        3.1325,
        1.1925,
        2.835,
        0.895,
        2.535,
        0.5975,
        2.2375,
        0.2975,
        1.94,
        0,
        1.64,
        3.2825,
        1.3425,
        2.9825,
        1.045,
        2.685,
        0.745,
        2.3875,
        0.4475,
        2.0875,
        0.15,
        1.79,
        3.43,
        1.4925,
        3.1325,
        1.1925,
        2.835,
        0.895,
        2.535,
        0.5975,
        2.2375,
        0.2975,
        1.94
    ],
    "WipMemBlock": "f26afc3b-0ff6-4c78-b0cc-9a6620c47773||Sequence: R016 ve11c/master r/e634e98; Dec 19 2017 11:11:25 by eja",
    "SeriesDescription": "diff_AP_MPopt_MB3_50b1000_50b2000_8b0_lowflip",
    "Manufacturer": "Siemens",
    "PhaseEncodingSteps": 78,
    "PercentSampling": 100,
    "ConversionSoftwareVersion": "v1.0.20211006",
    "PartialFourier": 0.75,
    "ImageOrientationPatientDICOM": [
        0.998253,
        -0.0200471,
        -0.0555731,
        -9.5112e-09,
        0.940667,
        -0.339331
    ],
    "CoilCombinationMethod": "Sum of Squares",
    "MultibandAccelerationFactor": 3
}