{
  "Modality": "MR",
  "MagneticFieldStrength": 3,
  "ImagingFrequency": 127.708,
  "Manufacturer": "GE",
  "ManufacturersModelName": "SIGNA Premier",
  "InstitutionName": "OCMR MR6",
  "DeviceSerialNumber": "00000070328MRS06",
  "StationName": "GEMRI",
  "BodyPartExamined": "BRAIN",
  "PatientPosition": "HFS",
  "SoftwareVersions": "29\\LX\\RX29.1_R02_2131.a",
  "MRAcquisitionType": "3D",
  "SeriesDescription": "3D Sag T1 MP-RAGE",
  "ProtocolName": "NeuroHarmony_Stam",
  "ScanningSequence": "RM\\IR",
  "SequenceVariant": "NONE",
  "ScanOptions": "EDR_GEMS\\FILTERED_GEMS\\ACC_GEMS\\FSI_GEMS\\IR_GEMS",
  "ImageType": [
    "ORIGINAL",
    "PRIMARY",
    "OTHER",
    "NORM"
  ],
  "SeriesNumber": 3,
  "AcquisitionTime": "14:51:31.000000",
  "AcquisitionNumber": 1,
  "SliceThickness": 1,
  "SpacingBetweenSlices": 1,
  "SAR": 0.0678206,
  "EchoTime": 0.002912,
  "RepetitionTime": 2.03883,
  "InversionTime": 0.88,
  "FlipAngle": 8,
  "CoilString": "21HN",
  "PercentPhaseFOV": 100,
  "PercentSampling": 100,
  "AcquisitionMatrixPE": 256,
  "ReconMatrixPE": 256,
  "ParallelReductionFactorInPlane": 2,
  "PixelBandwidth": 244.141,
  "ImageOrientationPatientDICOM": [
    0.0474479,
    0.998874,
    0,
    0,
    0,
    -1
  ],
  "InPlanePhaseEncodingDirectionDICOM": "ROW",
  "ConversionSoftware": "dcm2niix",
  "ConversionSoftwareVersion": "v1.0.20211006"
}