{
    "EchoTime": 0.092,
    "BodyPartExamined": "BRAIN",
    "Manufacturer": "Siemens",
    "ReceiveCoilActiveElements": "HC1-7",
    "ConversionSoftware": "dcm2niix",
    "ScanOptions": "PFP\\FS",
    "PhaseResolution": 1,
    "AcquisitionMatrixPE": 104,
    "PatientPosition": "HFS",
    "SliceThickness": 2,
    "ImageType": [
        "ORIGINAL",
        "PRIMARY",
        "DIFFUSION",
        "NONE",
        "MB",
        "ND",
        "MOSAIC"
    ],
    "SequenceName": "ep_b5#1",
    "PixelBandwidth": 1780,
    "SeriesNumber": 12,
    "WipMemBlock": "38852454-b493-485a-b4fc-933444e1c3a7||Sequence: R016 ve11c/master r/e634e98; Dec 19 2017 11:11:25 by eja",
    "AcquisitionTime": "17:49:45.120000",
    "ScanningSequence": "EP",
    "ImageComments": "Unaliased MB3/PE3 SENSE1",
    "PulseSequenceDetails": "%CustomerSeq%\\cmrr_mbep2d_diff",
    "DiffusionScheme": "Monopolar",
    "InstitutionAddress": "Warneford Lane StreetNo,Oxford,District,GB,OX3 7JX",
    "SpacingBetweenSlices": 2,
    "RepetitionTime": 3.6,
    "Modality": "MR",
    "PhaseEncodingSteps": 78,
    "MagneticFieldStrength": 3,
    "ConsistencyInfo": "N4_VE11C_LATEST_20160120",
    "ReconMatrixPE": 104,
    "FlipAngle": 78,
    "TxRefAmp": 247.554,
    "StationName": "AWP66093",
    "BaseResolution": 104,
    "ImageOrientationPatientDICOM": [
        0.99956,
        -0.0106797,
        -0.0276772,
        -6.97981e-08,
        0.932954,
        -0.359997
    ],
    "InstitutionName": "Warneford Hospital",
    "SAR": 0.0822031,
    "InstitutionalDepartmentName": "BE3597",
    "SliceTiming": [
        0,
        1.64,
        3.28,
        1.3425,
        2.9825,
        1.0425,
        2.6825,
        0.745,
        2.385,
        0.4475,
        2.0875,
        0.1475,
        1.79,
        3.43,
        1.49,
        3.13,
        1.1925,
        2.8325,
        0.895,
        2.535,
        0.595,
        2.235,
        0.2975,
        1.9375,
        0,
        1.64,
        3.28,
        1.3425,
        2.9825,
        1.0425,
        2.6825,
        0.745,
        2.385,
        0.4475,
        2.0875,
        0.1475,
        1.79,
        3.43,
        1.49,
        3.13,
        1.1925,
        2.8325,
        0.895,
        2.535,
        0.595,
        2.235,
        0.2975,
        1.9375,
        0,
        1.64,
        3.28,
        1.3425,
        2.9825,
        1.0425,
        2.6825,
        0.745,
        2.385,
        0.4475,
        2.0875,
        0.1475,
        1.79,
        3.43,
        1.49,
        3.13,
        1.1925,
        2.8325,
        0.895,
        2.535,
        0.595,
        2.235,
        0.2975,
        1.9375
    ],
    "MRAcquisitionType": "2D",
    "DeviceSerialNumber": "66093",
    "InPlanePhaseEncodingDirectionDICOM": "COL",
    "ConversionSoftwareVersion": "v1.0.20211006",
    "DwellTime": 2.7e-06,
    "PhaseEncodingDirection": "j-",
    "EffectiveEchoSpacing": 0.000670015,
    "AcquisitionNumber": 1,
    "BandwidthPerPixelPhaseEncode": 14.351,
    "TotalReadoutTime": 0.0690115,
    "ProtocolName": "diff_AP_MPopt_MB3_50b1000_50b2000_8b0_lowflip",
    "SoftwareVersions": "syngo MR E11",
    "ImagingFrequency": 123.26,
    "EchoTrainLength": 78,
    "MatrixCoilMode": "SENSE",
    "ShimSetting": [
        4941,
        -11384,
        -1257,
        418,
        -3,
        -92,
        -171,
        21
    ],
    "PartialFourier": 0.75,
    "PercentSampling": 100,
    "SeriesDescription": "diff_AP_MPopt_MB3_50b1000_50b2000_8b0_lowflip",
    "ReceiveCoilName": "HeadNeck_64",
    "CoilCombinationMethod": "Sum of Squares",
    "ImageOrientationText": "Tra>Cor(-21.1)>Sag(-1.7)",
    "MultibandAccelerationFactor": 3,
    "ManufacturersModelName": "Prisma",
    "DerivedVendorReportedEchoSpacing": 0.000670015,
    "PercentPhaseFOV": 100,
    "SequenceVariant": "SK\\SS"
}