{
    "AcquisitionMatrixPE": 104,
    "InstitutionalDepartmentName": "BE3597",
    "ImageComments": "Unaliased MB3/PE3 SENSE1",
    "WipMemBlock": "f91091a8-a654-4d44-8ba0-b610c38f9af8||Sequence: R016 ve11c/master r/e634e98; Dec 19 2017 11:11:25 by eja",
    "Modality": "MR",
    "ReceiveCoilName": "HeadNeck_64",
    "ConversionSoftware": "dcm2niix",
    "DerivedVendorReportedEchoSpacing": 0.000670015,
    "ScanOptions": "PFP\\FS",
    "BaseResolution": 104,
    "TotalReadoutTime": 0.0690115,
    "ImageOrientationPatientDICOM": [
        0.99956,
        -0.0106797,
        -0.0276772,
        -6.97981e-08,
        0.932954,
        -0.359997
    ],
    "ScanningSequence": "EP",
    "StationName": "AWP66093",
    "FlipAngle": 78,
    "PixelBandwidth": 1780,
    "InstitutionName": "Warneford Hospital",
    "ImageOrientationText": "Tra>Cor(-21.1)>Sag(-1.7)",
    "ImageType": [
        "ORIGINAL",
        "PRIMARY",
        "DIFFUSION",
        "NONE",
        "MB",
        "ND"
    ],
    "AcquisitionNumber": 1,
    "TxRefAmp": 247.554,
    "SAR": 0.0682661,
    "SequenceVariant": "SK\\SS",
    "AcquisitionTime": "17:49:4.167500",
    "SoftwareVersions": "syngo MR E11",
    "DeviceSerialNumber": "66093",
    "SliceTiming": [
        0,
        1.64062,
        3.28125,
        1.34375,
        2.98438,
        1.04688,
        2.6875,
        0.73438,
        2.39062,
        0.4375,
        2.07812,
        0.14062,
        1.78125,
        3.42188,
        1.48438,
        3.125,
        1.1875,
        2.82812,
        0.89062,
        2.53125,
        0.59375,
        2.23438,
        0.29688,
        1.9375,
        0,
        1.64062,
        3.28125,
        1.34375,
        2.98438,
        1.04688,
        2.6875,
        0.73438,
        2.39062,
        0.4375,
        2.07812,
        0.14062,
        1.78125,
        3.42188,
        1.48438,
        3.125,
        1.1875,
        2.82812,
        0.89062,
        2.53125,
        0.59375,
        2.23438,
        0.29688,
        1.9375,
        0,
        1.64062,
        3.28125,
        1.34375,
        2.98438,
        1.04688,
        2.6875,
        0.73438,
        2.39062,
        0.4375,
        2.07812,
        0.14062,
        1.78125,
        3.42188,
        1.48438,
        3.125,
        1.1875,
        2.82812,
        0.89062,
        2.53125,
        0.59375,
        2.23438,
        0.29688,
        1.9375
    ],
    "PercentSampling": 100,
    "PatientPosition": "HFS",
    "CoilCombinationMethod": "Sum of Squares",
    "DwellTime": 2.7e-06,
    "SequenceName": "ep_b5#1",
    "SliceThickness": 2,
    "ReceiveCoilActiveElements": "HC1-7",
    "EffectiveEchoSpacing": 0.000670015,
    "PhaseEncodingSteps": 78,
    "PulseSequenceDetails": "%CustomerSeq%\\cmrr_mbep2d_diff",
    "MatrixCoilMode": "SENSE",
    "ImagingFrequency": 123.26,
    "MRAcquisitionType": "2D",
    "BandwidthPerPixelPhaseEncode": 14.351,
    "MultibandAccelerationFactor": 3,
    "PartialFourier": 0.75,
    "SeriesNumber": 10,
    "ShimSetting": [
        4941,
        -11384,
        -1257,
        418,
        -3,
        -92,
        -171,
        21
    ],
    "InPlanePhaseEncodingDirectionDICOM": "COL",
    "EchoTrainLength": 78,
    "RepetitionTime": 3.6,
    "SpacingBetweenSlices": 2,
    "PhaseEncodingDirection": "j",
    "EchoTime": 0.092,
    "ManufacturersModelName": "Prisma",
    "ConversionSoftwareVersion": "v1.0.20211006",
    "SeriesDescription": "diff 3dirs b=0 pepolar",
    "ProtocolName": "diff_PA_MPopt_MB3_3b0_lowflip",
    "ConsistencyInfo": "N4_VE11C_LATEST_20160120",
    "ReconMatrixPE": 104,
    "BodyPartExamined": "BRAIN",
    "MagneticFieldStrength": 3,
    "InstitutionAddress": "Warneford Lane StreetNo,Oxford,District,GB,OX3 7JX",
    "Manufacturer": "Siemens",
    "DiffusionScheme": "Monopolar",
    "PhaseResolution": 1,
    "PercentPhaseFOV": 100
}