{
  "Modality": "MR",
  "MagneticFieldStrength": 3,
  "ImagingFrequency": 123.234,
  "Manufacturer": "Siemens",
  "ManufacturersModelName": "Prisma",
  "InstitutionName": "The John Radcliffe",
  "InstitutionalDepartmentName": "Department",
  "InstitutionAddress": "Headley Way StreetNo,Oxford,District,GB,OX3 9DU",
  "DeviceSerialNumber": "66050",
  "StationName": "AWP66050",
  "BodyPartExamined": "HEAD",
  "PatientPosition": "HFS",
  "SoftwareVersions": "syngo MR E11",
  "MRAcquisitionType": "2D",
  "SeriesDescription": "MB8_FMRI_fov210_2.4mm_resting",
  "ProtocolName": "MB8_FMRI_fov210_2.4mm_resting",
  "ScanningSequence": "EP",
  "SequenceVariant": "SK\\SS",
  "ScanOptions": "FS",
  "SequenceName": "epfid2d1_88",
  "ImageType": [
    "ORIGINAL",
    "PRIMARY",
    "M",
    "MB",
    "ND",
    "MOSAIC"
  ],
  "SeriesNumber": 8,
  "AcquisitionTime": "14:43:26.280000",
  "AcquisitionNumber": 1,
  "ImageComments": "Unaliased MB8/PE3 SENSE1",
  "SliceThickness": 2.4,
  "SpacingBetweenSlices": 2.4,
  "SAR": 0.0740841,
  "EchoTime": 0.039,
  "RepetitionTime": 0.735,
  "FlipAngle": 52,
  "PartialFourier": 1,
  "BaseResolution": 88,
  "ShimSetting": [
    333,
    -11493,
    1741,
    425,
    -73,
    -64,
    146,
    5
  ],
  "TxRefAmp": 253.532,
  "PhaseResolution": 1,
  "ReceiveCoilName": "Head_32",
  "ReceiveCoilActiveElements": "HEA;HEP",
  "PulseSequenceDetails": "%CustomerSeq%\\cmrr_mbep2d_bold",
  "WipMemBlock": "a80c4c0b-a3ca-4181-90ae-9b9490ac4a4d||Sequence: R016 ve11c/master r/e634e98; Dec 19 2017 11:00:25 by eja",
  "CoilCombinationMethod": "Sum of Squares",
  "ConsistencyInfo": "N4_VE11C_LATEST_20160120",
  "MatrixCoilMode": "SENSE",
  "MultibandAccelerationFactor": 8,
  "PercentPhaseFOV": 100,
  "PercentSampling": 100,
  "EchoTrainLength": 88,
  "PhaseEncodingSteps": 88,
  "AcquisitionMatrixPE": 88,
  "ReconMatrixPE": 88,
  "BandwidthPerPixelPhaseEncode": 17.756,
  "EffectiveEchoSpacing": 0.000639989,
  "DerivedVendorReportedEchoSpacing": 0.000639989,
  "TotalReadoutTime": 0.055679,
  "PixelBandwidth": 2030,
  "DwellTime": 2.8e-06,
  "PhaseEncodingDirection": "j-",
  "SliceTiming": [
    0,
    0.2675,
    0.535,
    0.0875,
    0.3575,
    0.625,
    0.1775,
    0.445,
    0,
    0.2675,
    0.535,
    0.0875,
    0.3575,
    0.625,
    0.1775,
    0.445,
    0,
    0.2675,
    0.535,
    0.0875,
    0.3575,
    0.625,
    0.1775,
    0.445,
    0,
    0.2675,
    0.535,
    0.0875,
    0.3575,
    0.625,
    0.1775,
    0.445,
    0,
    0.2675,
    0.535,
    0.0875,
    0.3575,
    0.625,
    0.1775,
    0.445,
    0,
    0.2675,
    0.535,
    0.0875,
    0.3575,
    0.625,
    0.1775,
    0.445,
    0,
    0.2675,
    0.535,
    0.0875,
    0.3575,
    0.625,
    0.1775,
    0.445,
    0,
    0.2675,
    0.535,
    0.0875,
    0.3575,
    0.625,
    0.1775,
    0.445
  ],
  "ImageOrientationPatientDICOM": [
    0.996232,
    0.0699096,
    0.0513232,
    -0.0502926,
    0.947814,
    -0.314832
  ],
  "ImageOrientationText": "Tra>Cor(-18.2)>Sag(4.1)",
  "InPlanePhaseEncodingDirectionDICOM": "COL",
  "ConversionSoftware": "dcm2niix",
  "ConversionSoftwareVersion": "v1.0.20211006",
  "B0FieldSource": "pepolar_fmap0",
  "TaskName": "rest"
}