{
    "AcquisitionTime": "17:13:15.000000",
    "PhaseEncodingPolarityGE": "Flipped",
    "TotalReadoutTime": 0.034884,
    "MRAcquisitionType": "2D",
    "PatientPosition": "HFS",
    "SeriesDescription": "diff 60dirs b=1000",
    "FlipAngle": 90,
    "EffectiveEchoSpacing": 0.00033868,
    "InstitutionName": "Nottingham Medical School",
    "PixelBandwidth": 4807.69,
    "SpacingBetweenSlices": 2,
    "ProtocolName": "BioBank v1.2",
    "ImageType": [
        "ORIGINAL",
        "PRIMARY",
        "OTHER"
    ],
    "PercentSampling": 100,
    "ConversionSoftwareVersion": "v1.0.20211006",
    "InversionTime": 0.081,
    "SAR": 1.37905,
    "ManufacturersModelName": "DISCOVERY MR750",
    "MagneticFieldStrength": 3,
    "StationName": "MR01DV01",
    "CoilString": "32Ch Head",
    "ProcedureStepDescription": "H14082014_47",
    "AcquisitionMatrixPE": 104,
    "ScanningSequence": "EP\\SE",
    "RepetitionTime": 11,
    "Manufacturer": "GE",
    "ScanOptions": "SAT_GEMS\\EDR_GEMS\\EPI_GEMS\\ACC_GEMS\\FS",
    "Modality": "MR",
    "SeriesNumber": 10,
    "ImagingFrequency": 127.726,
    "InternalPulseSequenceName": "EPI2",
    "DeviceSerialNumber": "00000000269MRS04",
    "ParallelReductionFactorInPlane": 2,
    "AcquisitionNumber": 1,
    "ImageOrientationPatientDICOM": [
        0.999718,
        -2.26702e-05,
        0.0237441,
        6.69934e-05,
        0.999998,
        -0.00186597
    ],
    "ReconMatrixPE": 104,
    "SliceThickness": 2,
    "InPlanePhaseEncodingDirectionDICOM": "COL",
    "PhaseEncodingDirection": "j",
    "ConversionSoftware": "dcm2niix",
    "PercentPhaseFOV": 100,
    "SequenceVariant": "NONE",
    "SoftwareVersions": "24\\LX\\MR Software release:DV24.0_R02_1607.b",
    "EchoTime": 0.072,
    "PhaseEncodingAxis": "j"
}