{
    "PhaseEncodingSteps": 88,
    "EffectiveEchoSpacing": 0.000639989,
    "ScanOptions": "FS",
    "MRAcquisitionType": "2D",
    "BandwidthPerPixelPhaseEncode": 17.756,
    "ManufacturersModelName": "Prisma",
    "ReconMatrixPE": 88,
    "PatientPosition": "HFS",
    "InstitutionalDepartmentName": "Department",
    "DerivedVendorReportedEchoSpacing": 0.000639989,
    "DwellTime": 2.8e-06,
    "PhaseEncodingDirection": "j-",
    "Manufacturer": "Siemens",
    "PartialFourier": 1,
    "Modality": "MR",
    "AcquisitionMatrixPE": 88,
    "ImageType": [
        "ORIGINAL",
        "PRIMARY",
        "M",
        "MB",
        "ND",
        "MOSAIC"
    ],
    "ReceiveCoilActiveElements": "HEA;HEP",
    "SliceThickness": 2.4,
    "SeriesDescription": "MB8_FMRI_fov210_2.4mm_resting",
    "PhaseResolution": 1,
    "ReceiveCoilName": "Head_32",
    "RepetitionTime": 0.735,
    "ConsistencyInfo": "N4_VE11C_LATEST_20160120",
    "SequenceVariant": "SK\\SS",
    "BaseResolution": 88,
    "BodyPartExamined": "HEAD",
    "SAR": 0.0559564,
    "PercentSampling": 100,
    "ImageOrientationText": "Tra>Cor(-17.8)>Sag(1.5)",
    "ScanningSequence": "EP",
    "SequenceName": "epfid2d1_88",
    "StationName": "AWP66050",
    "AcquisitionTime": "10:25:14.392500",
    "SliceTiming": [
        0,
        0.2675,
        0.535,
        0.0875,
        0.3575,
        0.625,
        0.1775,
        0.445,
        0,
        0.2675,
        0.535,
        0.0875,
        0.3575,
        0.625,
        0.1775,
        0.445,
        0,
        0.2675,
        0.535,
        0.0875,
        0.3575,
        0.625,
        0.1775,
        0.445,
        0,
        0.2675,
        0.535,
        0.0875,
        0.3575,
        0.625,
        0.1775,
        0.445,
        0,
        0.2675,
        0.535,
        0.0875,
        0.3575,
        0.625,
        0.1775,
        0.445,
        0,
        0.2675,
        0.535,
        0.0875,
        0.3575,
        0.625,
        0.1775,
        0.445,
        0,
        0.2675,
        0.535,
        0.0875,
        0.3575,
        0.625,
        0.1775,
        0.445,
        0,
        0.2675,
        0.535,
        0.0875,
        0.3575,
        0.625,
        0.1775,
        0.445
    ],
    "CoilCombinationMethod": "Sum of Squares",
    "EchoTrainLength": 88,
    "ConversionSoftware": "dcm2niix",
    "ConversionSoftwareVersion": "v1.0.20211006",
    "EchoTime": 0.039,
    "InstitutionName": "The John Radcliffe",
    "TxRefAmp": 243.275,
    "DeviceSerialNumber": "66050",
    "ImageComments": "Unaliased MB8/PE3 SENSE1",
    "ProtocolName": "MB8_FMRI_fov210_2.4mm_resting",
    "InstitutionAddress": "Headley Way StreetNo,Oxford,District,GB,OX3 9DU",
    "TotalReadoutTime": 0.055679,
    "WipMemBlock": "c25f7c3e-6585-4dc2-8406-f942be317dfd||Sequence: R016 ve11c/master r/e634e98; Dec 19 2017 11:00:25 by eja",
    "SpacingBetweenSlices": 2.4,
    "ShimSetting": [
        341,
        -11529,
        1693,
        293,
        275,
        120,
        203,
        23
    ],
    "AcquisitionNumber": 1,
    "PercentPhaseFOV": 100,
    "TaskName": "rest",
    "PixelBandwidth": 2030,
    "ImagingFrequency": 123.227,
    "ImageOrientationPatientDICOM": [
        0.99915,
        -0.0226652,
        0.0344286,
        0.0320978,
        0.951849,
        -0.304883
    ],
    "MultibandAccelerationFactor": 8,
    "FlipAngle": 52,
    "InPlanePhaseEncodingDirectionDICOM": "COL",
    "MagneticFieldStrength": 3,
    "SoftwareVersions": "syngo MR E11",
    "PulseSequenceDetails": "%CustomerSeq%\\cmrr_mbep2d_bold",
    "MatrixCoilMode": "SENSE",
    "SeriesNumber": 8
}