{
  "Modality": "MR",
  "MagneticFieldStrength": 3,
  "ImagingFrequency": 127.716,
  "Manufacturer": "GE",
  "InternalPulseSequenceName": "EPI2",
  "ManufacturersModelName": "SIGNA Premier",
  "InstitutionName": "Nottingham Medical School",
  "DeviceSerialNumber": "00000000269MRS04",
  "StationName": "MR01DV01",
  "BodyPartExamined": "BRAIN",
  "PatientPosition": "HFS",
  "ProcedureStepDescription": "FMHS4520122",
  "SoftwareVersions": "29\\LX\\RX29.1_R02_2131.a",
  "MRAcquisitionType": "2D",
  "SeriesDescription": "DTI_MB2_2x2x2mm_ARC2_pepolar",
  "ProtocolName": "SW_NHarmony_v1.2",
  "ScanningSequence": "EP\\RM",
  "SequenceVariant": "NONE",
  "ScanOptions": "CL_GEMS\\SAT_GEMS\\EDR_GEMS\\EPI_GEMS\\HYPERBAND_GEMS\\ACC_GEMS\\PFF\\FS",
  "ImageType": [
    "ORIGINAL",
    "PRIMARY",
    "OTHER",
    "NORM"
  ],
  "SeriesNumber": 6,
  "AcquisitionTime": "14:02:48.000000",
  "AcquisitionNumber": 1,
  "SliceThickness": 2,
  "SpacingBetweenSlices": 2,
  "SAR": 0.148101,
  "EchoTime": 0.068,
  "RepetitionTime": 4.9,
  "FlipAngle": 90,
  "PhaseEncodingPolarityGE": "Flipped",
  "CoilString": "48HAP",
  "MultibandAccelerationFactor": 2,
  "PercentPhaseFOV": 100,
  "PercentSampling": 100,
  "AcquisitionMatrixPE": 104,
  "ReconMatrixPE": 104,
  "ParallelReductionFactorInPlane": 2,
  "EffectiveEchoSpacing": 0.000328777,
  "TotalReadoutTime": 0.033864,
  "PixelBandwidth": 2403.85,
  "PhaseEncodingDirection": "j",
  "ImageOrientationPatientDICOM": [
    1,
    0,
    0,
    0,
    1,
    0
  ],
  "InPlanePhaseEncodingDirectionDICOM": "COL",
  "ConversionSoftware": "dcm2niix",
  "ConversionSoftwareVersion": "v1.0.20211006"
}