{
    "TaskName": "rest",
    "PhaseEncodingDirection": "j-",
    "ScanningSequence": "EP\\GR",
    "ImageType": [
        "ORIGINAL",
        "PRIMARY",
        "EPI",
        "NONE"
    ],
    "ImageOrientationPatientDICOM": [
        0.997555,
        0.0536831,
        0.0447439,
        -0.05721,
        0.995016,
        0.0816772
    ],
    "AcquisitionNumber": 1,
    "ConversionSoftwareVersion": "v1.0.20211006",
    "SAR": 0.182251,
    "CoilString": "32Ch Head",
    "PercentPhaseFOV": 100,
    "SeriesNumber": 8,
    "EchoTime": 0.039,
    "PulseSequenceName": "epiRT",
    "SliceThickness": 2.4,
    "AcquisitionTime": "14:45:39.000000",
    "SeriesDescription": "resting state fMRI 96x2.4mm",
    "TotalReadoutTime": 0.02538,
    "InPlanePhaseEncodingDirectionDICOM": "COL",
    "ConversionSoftware": "dcm2niix",
    "ProcedureStepDescription": "B1201202-052",
    "SpacingBetweenSlices": 2.4,
    "FlipAngle": 86,
    "RepetitionTime": 3.5,
    "PatientPosition": "HFS",
    "ParallelReductionFactorInPlane": 2,
    "ManufacturersModelName": "DISCOVERY MR750",
    "AcquisitionMatrixPE": 96,
    "MRAcquisitionType": "2D",
    "DeviceSerialNumber": "00000000269MRS04",
    "ProtocolName": "BioBank v1.2",
    "ImagingFrequency": 127.726,
    "SequenceVariant": "SS",
    "ScanOptions": "SAT_GEMS\\EPI_GEMS\\ACC_GEMS\\PFF\\FS",
    "Modality": "MR",
    "B0FieldSource": "pepolar_fmap0",
    "PhaseEncodingPolarityGE": "Unflipped",
    "InternalPulseSequenceName": "EPI",
    "Manufacturer": "GE",
    "SliceTiming": [
        3.43,
        3.36,
        3.29,
        3.22,
        3.15,
        3.08,
        3.01,
        2.94,
        2.87,
        2.8,
        2.73,
        2.66,
        2.59,
        2.52,
        2.45,
        2.38,
        2.31,
        2.24,
        2.17,
        2.1,
        2.03,
        1.96,
        1.89,
        1.82,
        1.75,
        1.68,
        1.61,
        1.54,
        1.47,
        1.4,
        1.33,
        1.26,
        1.19,
        1.12,
        1.05,
        0.98,
        0.91,
        0.84,
        0.77,
        0.7,
        0.63,
        0.56,
        0.49,
        0.42,
        0.35,
        0.28,
        0.21,
        0.14,
        0.07,
        0
    ],
    "StationName": "MR01DV01",
    "EffectiveEchoSpacing": 0.000267158,
    "MagneticFieldStrength": 3,
    "ReconMatrixPE": 96,
    "PixelBandwidth": 5208.33,
    "InstitutionName": "Nottingham Medical School",
    "SoftwareVersions": "24\\LX\\MR Software release:DV24.0_R02_1607.b",
    "PercentSampling": 100,
    "PhaseEncodingAxis": "j-"
}