{
    "ConversionSoftwareVersion": "v1.0.20211006",
    "SeriesNumber": 12,
    "DiffusionScheme": "Monopolar",
    "InstitutionalDepartmentName": "BE3597",
    "ProtocolName": "diff_AP_MPopt_MB3_50b1000_50b2000_8b0_lowflip",
    "SAR": 0.0894989,
    "ReceiveCoilName": "HeadNeck_64",
    "ShimSetting": [
        4962,
        -11415,
        -1338,
        466,
        48,
        -116,
        77,
        42
    ],
    "Manufacturer": "Siemens",
    "EchoTrainLength": 78,
    "ImagingFrequency": 123.259,
    "MagneticFieldStrength": 3,
    "InstitutionAddress": "Warneford Lane StreetNo,Oxford,District,GB,OX3 7JX",
    "SpacingBetweenSlices": 2,
    "DwellTime": 2.7e-06,
    "ScanOptions": "PFP\\FS",
    "SeriesDescription": "diff_AP_MPopt_MB3_50b1000_50b2000_8b0_lowflip",
    "PhaseResolution": 1,
    "MatrixCoilMode": "SENSE",
    "StationName": "AWP66093",
    "EchoTime": 0.092,
    "SoftwareVersions": "syngo MR E11",
    "WipMemBlock": "76c67e36-53b5-485a-a1b0-c1a4cacaab46||Sequence: R016 ve11c/master r/e634e98; Dec 19 2017 11:11:25 by eja",
    "PixelBandwidth": 1780,
    "PhaseEncodingDirection": "j-",
    "AcquisitionTime": "10:36:40.082500",
    "MultibandAccelerationFactor": 3,
    "ImageOrientationText": "Tra>Cor(-2.9)",
    "AcquisitionNumber": 1,
    "SliceTiming": [
        0,
        1.64,
        3.28,
        1.3425,
        2.9825,
        1.0425,
        2.685,
        0.745,
        2.385,
        0.4475,
        2.0875,
        0.1475,
        1.79,
        3.43,
        1.49,
        3.1325,
        1.1925,
        2.8325,
        0.895,
        2.535,
        0.595,
        2.2375,
        0.2975,
        1.9375,
        0,
        1.64,
        3.28,
        1.3425,
        2.9825,
        1.0425,
        2.685,
        0.745,
        2.385,
        0.4475,
        2.0875,
        0.1475,
        1.79,
        3.43,
        1.49,
        3.1325,
        1.1925,
        2.8325,
        0.895,
        2.535,
        0.595,
        2.2375,
        0.2975,
        1.9375,
        0,
        1.64,
        3.28,
        1.3425,
        2.9825,
        1.0425,
        2.685,
        0.745,
        2.385,
        0.4475,
        2.0875,
        0.1475,
        1.79,
        3.43,
        1.49,
        3.1325,
        1.1925,
        2.8325,
        0.895,
        2.535,
        0.595,
        2.2375,
        0.2975,
        1.9375
    ],
    "PercentSampling": 100,
    "ImageComments": "Unaliased MB3/PE3 SENSE1",
    "BandwidthPerPixelPhaseEncode": 14.351,
    "AcquisitionMatrixPE": 104,
    "BaseResolution": 104,
    "DerivedVendorReportedEchoSpacing": 0.000670015,
    "ReconMatrixPE": 104,
    "PercentPhaseFOV": 100,
    "RepetitionTime": 3.6,
    "InstitutionName": "Warneford Hospital",
    "FlipAngle": 78,
    "Modality": "MR",
    "ScanningSequence": "EP",
    "MRAcquisitionType": "2D",
    "SequenceVariant": "SK\\SS",
    "ImageOrientationPatientDICOM": [
        1,
        0,
        0,
        0,
        0.998719,
        -0.0505929
    ],
    "InPlanePhaseEncodingDirectionDICOM": "COL",
    "PartialFourier": 0.75,
    "ImageType": [
        "ORIGINAL",
        "PRIMARY",
        "DIFFUSION",
        "NONE",
        "MB",
        "ND",
        "MOSAIC"
    ],
    "ManufacturersModelName": "Prisma",
    "CoilCombinationMethod": "Sum of Squares",
    "PhaseEncodingSteps": 78,
    "PatientPosition": "HFS",
    "TotalReadoutTime": 0.0690115,
    "DeviceSerialNumber": "66093",
    "SequenceName": "ep_b5#1",
    "ConsistencyInfo": "N4_VE11C_LATEST_20160120",
    "ReceiveCoilActiveElements": "HC1-7",
    "BodyPartExamined": "BRAIN",
    "PulseSequenceDetails": "%CustomerSeq%\\cmrr_mbep2d_diff",
    "TxRefAmp": 239.668,
    "EffectiveEchoSpacing": 0.000670015,
    "ConversionSoftware": "dcm2niix",
    "SliceThickness": 2
}