{
    "FlipAngle": 78,
    "SequenceVariant": "SK\\SS",
    "ScanningSequence": "EP",
    "InPlanePhaseEncodingDirectionDICOM": "COL",
    "SeriesNumber": 10,
    "ConsistencyInfo": "N4_VE11C_LATEST_20160120",
    "InstitutionAddress": "Warneford Lane StreetNo,Oxford,District,GB,OX3 7JX",
    "InstitutionName": "Warneford Hospital",
    "MatrixCoilMode": "SENSE",
    "ScanOptions": "PFP\\FS",
    "ConversionSoftwareVersion": "v1.0.20211006",
    "EffectiveEchoSpacing": 0.000670015,
    "PhaseEncodingDirection": "j",
    "ImageOrientationText": "Tra>Cor(-2.9)",
    "BodyPartExamined": "BRAIN",
    "PartialFourier": 0.75,
    "AcquisitionMatrixPE": 104,
    "ImageComments": "Unaliased MB3/PE3 SENSE1",
    "PercentPhaseFOV": 100,
    "SoftwareVersions": "syngo MR E11",
    "SliceTiming": [
        0,
        1.64062,
        3.28125,
        1.34375,
        2.98438,
        1.04688,
        2.6875,
        0.75,
        2.39062,
        0.45312,
        2.08594,
        0.14844,
        1.78906,
        3.42969,
        1.49219,
        3.13281,
        1.19531,
        2.83594,
        0.89844,
        2.53906,
        0.60156,
        2.24219,
        0.29688,
        1.94531,
        0,
        1.64062,
        3.28125,
        1.34375,
        2.98438,
        1.04688,
        2.6875,
        0.75,
        2.39062,
        0.45312,
        2.08594,
        0.14844,
        1.78906,
        3.42969,
        1.49219,
        3.13281,
        1.19531,
        2.83594,
        0.89844,
        2.53906,
        0.60156,
        2.24219,
        0.29688,
        1.94531,
        0,
        1.64062,
        3.28125,
        1.34375,
        2.98438,
        1.04688,
        2.6875,
        0.75,
        2.39062,
        0.45312,
        2.08594,
        0.14844,
        1.78906,
        3.42969,
        1.49219,
        3.13281,
        1.19531,
        2.83594,
        0.89844,
        2.53906,
        0.60156,
        2.24219,
        0.29688,
        1.94531
    ],
    "DerivedVendorReportedEchoSpacing": 0.000670015,
    "PulseSequenceDetails": "%CustomerSeq%\\cmrr_mbep2d_diff",
    "WipMemBlock": "470ed864-222f-4f4e-8f9f-83464bbb5e30||Sequence: R016 ve11c/master r/e634e98; Dec 19 2017 11:11:25 by eja",
    "SAR": 0.0743249,
    "EchoTime": 0.092,
    "StationName": "AWP66093",
    "CoilCombinationMethod": "Sum of Squares",
    "DeviceSerialNumber": "66093",
    "ProtocolName": "diff_PA_MPopt_MB3_3b0_lowflip",
    "ManufacturersModelName": "Prisma",
    "SequenceName": "ep_b5#1",
    "AcquisitionTime": "10:35:57.010000",
    "SeriesDescription": "diff 3dirs b=0 pepolar",
    "DwellTime": 2.7e-06,
    "MultibandAccelerationFactor": 3,
    "TxRefAmp": 239.668,
    "ShimSetting": [
        4962,
        -11415,
        -1338,
        466,
        48,
        -116,
        77,
        42
    ],
    "PhaseResolution": 1,
    "DiffusionScheme": "Monopolar",
    "SliceThickness": 2,
    "ReceiveCoilActiveElements": "HC1-7",
    "ReconMatrixPE": 104,
    "InstitutionalDepartmentName": "BE3597",
    "EchoTrainLength": 78,
    "AcquisitionNumber": 1,
    "ImageType": [
        "ORIGINAL",
        "PRIMARY",
        "DIFFUSION",
        "NONE",
        "MB",
        "ND"
    ],
    "PatientPosition": "HFS",
    "PhaseEncodingSteps": 78,
    "RepetitionTime": 3.6,
    "BaseResolution": 104,
    "Modality": "MR",
    "MagneticFieldStrength": 3,
    "TotalReadoutTime": 0.0690115,
    "ImageOrientationPatientDICOM": [
        1,
        0,
        0,
        0,
        0.998719,
        -0.0505929
    ],
    "ImagingFrequency": 123.259,
    "MRAcquisitionType": "2D",
    "ReceiveCoilName": "HeadNeck_64",
    "PixelBandwidth": 1780,
    "Manufacturer": "Siemens",
    "ConversionSoftware": "dcm2niix",
    "BandwidthPerPixelPhaseEncode": 14.351,
    "PercentSampling": 100,
    "SpacingBetweenSlices": 2
}