{
	"Modality": "MR",
	"MagneticFieldStrength": 3,
	"ImagingFrequency": 127.804,
	"Manufacturer": "Philips",
	"ManufacturersModelName": "Achieva",
	"InstitutionName": "SPMMRC Nottingham",
	"InstitutionalDepartmentName": "MRI",
	"DeviceSerialNumber": "17057",
	"StationName": "PHILIPS-T6O3EHP",
	"BodyPartExamined": "BRAIN",
	"PatientPosition": "HFS",
	"ProcedureStepDescription": "FMHS-36-1220-03",
	"SoftwareVersions": "5.6.1\\5.6.1.1",
	"MRAcquisitionType": "3D",
	"SeriesDescription": "SWI_3mm_tra",
	"ProtocolName": "WIP SWI_3mm_tra",
	"ScanningSequence": "GR",
	"SequenceVariant": "SP",
	"ScanOptions": "FC",
	"ImageType": ["ORIGINAL", "PRIMARY", "T1", "MIXED", "PHASE"],
	"SeriesNumber": 1701,
	"AcquisitionTime": "13:00:31.070000",
	"AcquisitionNumber": 17,
	"PhilipsRWVSlope": 1.53455,
	"PhilipsRWVIntercept": -3142,
	"PhilipsRescaleSlope": 1.53455,
	"PhilipsRescaleIntercept": -3142,
	"PhilipsScaleSlope": 651.74,
	"UsePhilipsFloatNotDisplayScaling": 1,
	"SliceThickness": 3,
	"SpacingBetweenSlices": 3,
	"EchoNumber": 1,
	"EchoTime": 0.0094,
	"RepetitionTime": 0.027,
	"MTState": false,
	"SpoilingState": true,
	"SpoilingType": "COMBINED",
	"FlipAngle": 15,
	"CoilString": "MULTI COIL",
	"PercentPhaseFOV": 88.8889,
	"PercentSampling": 78.233,
	"EchoTrainLength": 2,
	"PhaseEncodingSteps": 286,
	"AcquisitionMatrixPE": 286,
	"ReconMatrixPE": 288,
	"ParallelReductionFactorInPlane": 2,
	"ParallelAcquisitionTechnique": "SENSE",
	"WaterFatShift": 3.02497,
	"EstimatedEffectiveEchoSpacing": 1.61705e-05,
	"EstimatedTotalReadoutTime": 0.00464094,
	"PixelBandwidth": 143.649,
	"PhaseEncodingAxis": "i",
	"ImageOrientationPatientDICOM": [
		1,
		0,
		0,
		0,
		1,
		0	],
	"InPlanePhaseEncodingDirectionDICOM": "ROW",
	"ConversionSoftware": "dcm2niix",
	"ConversionSoftwareVersion": "v1.0.20211006"
}
