{
    "InversionTime": 1.65,
    "FlipAngle": 90,
    "PixelBandwidth": 1265.82,
    "SpacingBetweenSlices": 1.05,
    "AcquisitionNumber": 3,
    "CoilString": "MULTI COIL",
    "ImageType": [
        "ORIGINAL",
        "PRIMARY",
        "OTHER",
        "NORM"
    ],
    "PercentPhaseFOV": 100,
    "EchoTime": 0.288747,
    "PhaseEncodingAxis": "i",
    "PhaseEncodingSteps": 256,
    "UsePhilipsFloatNotDisplayScaling": 1,
    "ConversionSoftware": "dcm2niix",
    "SliceThickness": 1.05,
    "SequenceVariant": "SK",
    "InstitutionalDepartmentName": "MRI",
    "MRAcquisitionType": "3D",
    "BodyPartExamined": "BRAIN",
    "EchoTrainLength": 182,
    "MagneticFieldStrength": 3,
    "ImageOrientationPatientDICOM": [
        -0.0141485,
        0.999899,
        0.00143647,
        -0.00797258,
        0.00132375,
        -0.999967
    ],
    "ReconMatrixPE": 256,
    "ParallelReductionFactorInPlane": 2.6,
    "StationName": "PHILIPS-T6O3EHP",
    "InPlanePhaseEncodingDirectionDICOM": "ROW",
    "PatientPosition": "HFS",
    "PhilipsScaleSlope": 0.000115584,
    "ConversionSoftwareVersion": "v1.0.20211006",
    "Modality": "MR",
    "RepetitionTime": 5,
    "AcquisitionTime": "12:15:16.620000",
    "SeriesDescription": "T2_FLAIR_1mm",
    "WaterFatShift": 0.343282,
    "ManufacturersModelName": "Achieva",
    "ScanOptions": "FS",
    "Manufacturer": "Philips",
    "EstimatedEffectiveEchoSpacing": 3.08111e-06,
    "SeriesNumber": 301,
    "PercentSampling": 78.5398,
    "EstimatedTotalReadoutTime": 0.000785683,
    "AcquisitionMatrixPE": 256,
    "MTState": false,
    "ScanningSequence": "IR",
    "ProcedureStepDescription": "FMHS-36-1220-03",
    "ParallelReductionOutOfPlane": 2,
    "ProtocolName": "WIP T2_FLAIR_1mm",
    "ImagingFrequency": 127.804,
    "PhilipsRescaleIntercept": 0,
    "PhilipsRescaleSlope": 4.32308,
    "InstitutionName": "SPMMRC Nottingham",
    "NumberOfAverages": 2,
    "ParallelAcquisitionTechnique": "SENSE",
    "DeviceSerialNumber": "17057",
    "SoftwareVersions": "5.6.1\\5.6.1.1"
}