{
  "Modality": "MR",
  "MagneticFieldStrength": 3,
  "ImagingFrequency": 127.749,
  "Manufacturer": "Philips",
  "ManufacturersModelName": "Ingenia",
  "InstitutionName": "Nottingham University",
  "InstitutionalDepartmentName": "SPMIC",
  "InstitutionAddress": "University Park",
  "DeviceSerialNumber": "71459",
  "StationName": "HOST-2ADB2S6FDM",
  "BodyPartExamined": "BRAIN",
  "PatientPosition": "HFS",
  "ProcedureStepDescription": "FMHS4520122",
  "SoftwareVersions": "5.9.0\\5.9.0.0",
  "MRAcquisitionType": "3D",
  "SeriesDescription": "T2_FLAIR_1mm",
  "ProtocolName": "T2_FLAIR_1mm",
  "ScanningSequence": "IR",
  "SequenceVariant": "SK",
  "ScanOptions": "FS",
  "ImageType": [
    "ORIGINAL",
    "PRIMARY",
    "T2",
    "NONE",
    "NORM"
  ],
  "SeriesNumber": 301,
  "AcquisitionTime": "13:46:19.760000",
  "AcquisitionNumber": 3,
  "PhilipsRescaleSlope": 4.77729,
  "PhilipsRescaleIntercept": 0,
  "PhilipsScaleSlope": 0.00277857,
  "UsePhilipsFloatNotDisplayScaling": 0,
  "SliceThickness": 1.05,
  "SpacingBetweenSlices": 1.05,
  "NumberOfAverages": 2,
  "EchoTime": 0.327399,
  "RepetitionTime": 5,
  "MTState": false,
  "InversionTime": 1.65,
  "FlipAngle": 90,
  "CoilString": "MULTI COIL",
  "PercentPhaseFOV": 100,
  "PercentSampling": 78.5398,
  "EchoTrainLength": 182,
  "PhaseEncodingSteps": 256,
  "AcquisitionMatrixPE": 256,
  "ReconMatrixPE": 256,
  "ParallelReductionFactorInPlane": 2.6,
  "ParallelAcquisitionTechnique": "SENSE",
  "ParallelReductionOutOfPlane": 2,
  "WaterFatShift": 0.471484,
  "EstimatedEffectiveEchoSpacing": 4.2336e-06,
  "EstimatedTotalReadoutTime": 0.00107957,
  "PixelBandwidth": 921.234,
  "PhaseEncodingAxis": "i",
  "ImageOrientationPatientDICOM": [
    -0.0128933,
    0.999916,
    -0.00106446,
    -0.0234965,
    -0.00136723,
    -0.999723
  ],
  "InPlanePhaseEncodingDirectionDICOM": "ROW",
  "ConversionSoftware": "dcm2niix",
  "ConversionSoftwareVersion": "v1.0.20211006",
  "TotalReadoutTime": 0.00107957
}