{
    "RefLinesPE": 24,
    "Manufacturer": "Siemens",
    "ScanOptions": "IR\\PFP\\FS",
    "TxRefAmp": 266.611,
    "SeriesNumber": 10,
    "ShimSetting": [
        329,
        -11598,
        1681,
        202,
        274,
        -81,
        139,
        76
    ],
    "PhaseResolution": 1,
    "MatrixCoilMode": "GRAPPA",
    "ConsistencyInfo": "N4_VE11C_LATEST_20160120",
    "PixelBandwidth": 780,
    "PhaseEncodingSteps": 215,
    "AcquisitionNumber": 1,
    "InstitutionName": "The John Radcliffe",
    "ProtocolName": "t2_flair_sag_p2_1mm_FS_ellip_pf78",
    "PulseSequenceDetails": "%SiemensSeq%\\tse_vfl",
    "ReceiveCoilName": "Head_32",
    "MRAcquisitionType": "3D",
    "AcquisitionTime": "11:04:24.937500",
    "PhaseEncodingDirection": "i",
    "ConversionSoftwareVersion": "v1.0.20211006",
    "PercentPhaseFOV": 100,
    "InversionTime": 1.8,
    "RepetitionTime": 5,
    "ConversionSoftware": "dcm2niix",
    "PatientPosition": "HFS",
    "SAR": 0.120059,
    "ParallelReductionFactorInPlane": 2,
    "SeriesDescription": "t2_flair_sag_p2_1mm_FS_ellip_pf78",
    "InPlanePhaseEncodingDirectionDICOM": "ROW",
    "BodyPartExamined": "HEAD",
    "ImageOrientationPatientDICOM": [
        -0.00483179,
        0.999664,
        -0.0254714,
        0.024716,
        -0.0253446,
        -0.999373
    ],
    "PercentSampling": 100,
    "SpoilingState": true,
    "InstitutionAddress": "Headley Way StreetNo,Oxford,District,GB,OX3 9DU",
    "EchoTime": 0.397,
    "SoftwareVersions": "syngo MR E11",
    "ImagingFrequency": 123.228,
    "SequenceName": "*spcir_284ns",
    "ReconMatrixPE": 256,
    "DwellTime": 2.5e-06,
    "SliceThickness": 1.05,
    "DeviceSerialNumber": "66050",
    "BaseResolution": 256,
    "ManufacturersModelName": "Prisma",
    "Modality": "MR",
    "FlipAngle": 120,
    "SequenceVariant": "SK\\SP\\MP",
    "ScanningSequence": "SE\\IR",
    "ImageOrientationText": "Sag>Tra(-1.4)>Cor(-0.3)",
    "StationName": "AWP66050",
    "EchoTrainLength": 258,
    "PartialFourier": 1,
    "CoilCombinationMethod": "Adaptive Combine",
    "InstitutionalDepartmentName": "Department",
    "ReceiveCoilActiveElements": "HEA;HEP",
    "MagneticFieldStrength": 3,
    "AcquisitionMatrixPE": 256,
    "ImageType": [
        "ORIGINAL",
        "PRIMARY",
        "OTHER",
        "NORM"
    ]
}