{
    "MTState": false,
    "B0FieldSource": "pepolar_fmap0",
    "Manufacturer": "Philips",
    "CoilString": "MULTI COIL",
    "ScanningSequence": "GR",
    "MRAcquisitionType": "2D",
    "InstitutionName": "Nottingham University",
    "ParallelReductionFactorInPlane": 1.5,
    "PhilipsScaleSlope": 0.0370892,
    "WaterFatShift": 17.0903,
    "RepetitionTime": 1.45,
    "FlipAngle": 71,
    "PhaseEncodingAxis": "j-",
    "StationName": "HOST-2ADB2S6FDM",
    "PhilipsRescaleSlope": 0.792186,
    "SoftwareVersions": "5.6.1\\5.6.1.0",
    "AcquisitionTime": "15:50:10.000000",
    "InstitutionalDepartmentName": "SPMIC",
    "ProcedureStepDescription": "H14082014/47",
    "AcquisitionMatrixPE": 95,
    "EchoTrainLength": 63,
    "EffectiveEchoSpacing": 0.000407709,
    "InstitutionAddress": "University Park",
    "PhilipsRWVIntercept": 0,
    "InPlanePhaseEncodingDirectionDICOM": "COL",
    "ConversionSoftware": "dcm2niix",
    "PercentPhaseFOV": 100,
    "ReconMatrixPE": 96,
    "MagneticFieldStrength": 3,
    "SequenceVariant": "SK",
    "ImagingFrequency": 127.749,
    "ParallelAcquisitionTechnique": "MBSENSE",
    "PercentSampling": 100,
    "PhilipsRescaleIntercept": 0,
    "DeviceSerialNumber": "71459",
    "PixelBandwidth": 2261,
    "SAR": 0.0601773,
    "TaskName": "rest",
    "EstimatedEffectiveEchoSpacing": 0.000407709,
    "EchoTime": 0.039,
    "UsePhilipsFloatNotDisplayScaling": 1,
    "AcquisitionNumber": 10,
    "ImageType": [
        "ORIGINAL",
        "PRIMARY",
        "M",
        "FFE",
        "M",
        "FFE"
    ],
    "ParallelReductionOutOfPlane": 4,
    "PhaseEncodingSteps": 95,
    "PhilipsRWVSlope": 0.792186,
    "ScanOptions": "FS",
    "SeriesDescription": "rs-fmri_singleMB4",
    "ImageOrientationPatientDICOM": [
        0.999588,
        0.0202545,
        0.0203556,
        -0.0172328,
        0.990144,
        -0.138988
    ],
    "PhaseEncodingDirection": "j-",
    "ConversionSoftwareVersion": "v1.0.20211006",
    "EstimatedTotalReadoutTime": 0.0387324,
    "TotalReadoutTime": 0.0387324,
    "SpacingBetweenSlices": 2.4,
    "Modality": "MR",
    "BodyPartExamined": "BRAIN",
    "SliceThickness": 2.4,
    "SeriesNumber": 1001,
    "PatientPosition": "HFS",
    "ManufacturersModelName": "Ingenia",
    "ProtocolName": "rs-fmri_singleMB4"
}