{
    "PatientPosition": "HFS",
    "ScanningSequence": "GR",
    "MTState": false,
    "EffectiveEchoSpacing": 0.000428267,
    "Modality": "MR",
    "MagneticFieldStrength": 3,
    "SliceThickness": 2.4,
    "MRAcquisitionType": "2D",
    "EstimatedEffectiveEchoSpacing": 0.000428267,
    "FlipAngle": 52,
    "B0FieldSource": "pepolar_fmap0",
    "ReconMatrixPE": 96,
    "ImagingFrequency": 127.749,
    "InstitutionalDepartmentName": "SPMIC",
    "ImageType": [
        "ORIGINAL",
        "PRIMARY",
        "M",
        "FFE",
        "M",
        "FFE"
    ],
    "ImageOrientationPatientDICOM": [
        0.999588,
        0.0202545,
        0.0203556,
        -0.0172328,
        0.990144,
        -0.138988
    ],
    "PhilipsRWVSlope": 0.815385,
    "PhilipsRWVIntercept": 0,
    "PercentPhaseFOV": 100,
    "ParallelReductionOutOfPlane": 6,
    "AcquisitionMatrixPE": 95,
    "ScanOptions": "FS",
    "TotalReadoutTime": 0.0406854,
    "PhaseEncodingDirection": "j-",
    "EstimatedTotalReadoutTime": 0.0406854,
    "EchoTrainLength": 63,
    "InPlanePhaseEncodingDirectionDICOM": "COL",
    "ProcedureStepDescription": "H14082014/47",
    "AcquisitionTime": "16:00:5.850000",
    "SequenceVariant": "SK",
    "SpacingBetweenSlices": 2.4,
    "PhilipsRescaleSlope": 0.815385,
    "ProtocolName": "rs-fmri_singleMB6",
    "ParallelReductionFactorInPlane": 1.5,
    "TaskName": "rest",
    "PhaseEncodingSteps": 95,
    "PixelBandwidth": 2255,
    "PhaseEncodingAxis": "j-",
    "EchoTime": 0.039001,
    "DeviceSerialNumber": "71459",
    "WaterFatShift": 17.9521,
    "SeriesNumber": 1101,
    "ManufacturersModelName": "Ingenia",
    "ConversionSoftware": "dcm2niix",
    "RepetitionTime": 0.8,
    "ConversionSoftwareVersion": "v1.0.20211006",
    "SAR": 0.0722908,
    "CoilString": "MULTI COIL",
    "BodyPartExamined": "BRAIN",
    "PhilipsRescaleIntercept": 0,
    "SoftwareVersions": "5.6.1\\5.6.1.0",
    "PhilipsScaleSlope": 0.0462729,
    "Manufacturer": "Philips",
    "InstitutionName": "Nottingham University",
    "StationName": "HOST-2ADB2S6FDM",
    "SeriesDescription": "rs-fmri_singleMB6",
    "PercentSampling": 100,
    "AcquisitionNumber": 11,
    "ParallelAcquisitionTechnique": "MBSENSE",
    "InstitutionAddress": "University Park",
    "UsePhilipsFloatNotDisplayScaling": 1
}