{
    "MatrixCoilMode": "SENSE",
    "MagneticFieldStrength": 3,
    "ShimSetting": [
        342,
        -11548,
        1679,
        375,
        300,
        1,
        107,
        24
    ],
    "EffectiveEchoSpacing": 0.000670015,
    "PulseSequenceDetails": "%CustomerSeq%\\cmrr_mbep2d_diff",
    "ImageType": [
        "ORIGINAL",
        "PRIMARY",
        "DIFFUSION",
        "NONE",
        "MB",
        "ND"
    ],
    "ScanOptions": "PFP\\FS",
    "InstitutionAddress": "Headley Way StreetNo,Oxford,District,GB,OX3 9DU",
    "EchoTime": 0.092,
    "FlipAngle": 78,
    "PixelBandwidth": 1780,
    "ConsistencyInfo": "N4_VE11C_LATEST_20160120",
    "PartialFourier": 0.75,
    "ReceiveCoilActiveElements": "HEA;HEP",
    "MultibandAccelerationFactor": 3,
    "ImagingFrequency": 123.228,
    "PercentPhaseFOV": 100,
    "RepetitionTime": 3.6,
    "PhaseEncodingDirection": "j",
    "StationName": "AWP66050",
    "Modality": "MR",
    "SequenceName": "ep_b5#1",
    "AcquisitionTime": "11:52:38.085000",
    "BaseResolution": 104,
    "AcquisitionMatrixPE": 104,
    "TotalReadoutTime": 0.0690115,
    "ImageOrientationPatientDICOM": [
        0.999837,
        -0.000172856,
        -0.0180512,
        -0.00523519,
        0.954205,
        -0.299108
    ],
    "EchoTrainLength": 78,
    "BodyPartExamined": "HEAD",
    "PatientPosition": "HFS",
    "SoftwareVersions": "syngo MR E11",
    "PercentSampling": 100,
    "ConversionSoftware": "dcm2niix",
    "AcquisitionNumber": 1,
    "SequenceVariant": "SK\\SS",
    "InstitutionName": "The John Radcliffe",
    "ScanningSequence": "EP",
    "DerivedVendorReportedEchoSpacing": 0.000670015,
    "InPlanePhaseEncodingDirectionDICOM": "COL",
    "SAR": 0.0726181,
    "ManufacturersModelName": "Prisma",
    "SliceThickness": 2,
    "PhaseEncodingSteps": 78,
    "SeriesDescription": "diff 3dirs b=0 pepolar",
    "ProtocolName": "diff_PA_MPopt_MB3_3b0_lowflip",
    "SeriesNumber": 12,
    "ReconMatrixPE": 104,
    "WipMemBlock": "e7f315e6-875c-4f9e-aec5-b9f60c1907d9||Sequence: R016 ve11c/master r/e634e98; Dec 19 2017 11:11:25 by eja",
    "InstitutionalDepartmentName": "Department",
    "DeviceSerialNumber": "66050",
    "SpacingBetweenSlices": 2,
    "ImageOrientationText": "Tra>Cor(-17.4)>Sag(-1.0)",
    "DiffusionScheme": "Monopolar",
    "SliceTiming": [
        0,
        1.64062,
        3.28125,
        1.34375,
        2.98438,
        1.04688,
        2.6875,
        0.75,
        2.38281,
        0.44531,
        2.08594,
        0.14844,
        1.78906,
        3.42969,
        1.49219,
        3.13281,
        1.19531,
        2.83594,
        0.89062,
        2.53906,
        0.59375,
        2.23438,
        0.29688,
        1.9375,
        0,
        1.64062,
        3.28125,
        1.34375,
        2.98438,
        1.04688,
        2.6875,
        0.75,
        2.38281,
        0.44531,
        2.08594,
        0.14844,
        1.78906,
        3.42969,
        1.49219,
        3.13281,
        1.19531,
        2.83594,
        0.89062,
        2.53906,
        0.59375,
        2.23438,
        0.29688,
        1.9375,
        0,
        1.64062,
        3.28125,
        1.34375,
        2.98438,
        1.04688,
        2.6875,
        0.75,
        2.38281,
        0.44531,
        2.08594,
        0.14844,
        1.78906,
        3.42969,
        1.49219,
        3.13281,
        1.19531,
        2.83594,
        0.89062,
        2.53906,
        0.59375,
        2.23438,
        0.29688,
        1.9375
    ],
    "MRAcquisitionType": "2D",
    "CoilCombinationMethod": "Sum of Squares",
    "ImageComments": "Unaliased MB3/PE3 SENSE1",
    "PhaseResolution": 1,
    "Manufacturer": "Siemens",
    "BandwidthPerPixelPhaseEncode": 14.351,
    "DwellTime": 2.7e-06,
    "TxRefAmp": 250.084,
    "ConversionSoftwareVersion": "v1.0.20211006",
    "ReceiveCoilName": "Head_32"
}