{
    "ImageType": [
        "ORIGINAL",
        "PRIMARY",
        "DIFFUSION",
        "NONE",
        "MB",
        "ND",
        "MOSAIC"
    ],
    "SliceTiming": [
        0,
        1.6425,
        3.2825,
        1.3425,
        2.985,
        1.045,
        2.685,
        0.7475,
        2.3875,
        0.4475,
        2.09,
        0.15,
        1.79,
        3.4325,
        1.4925,
        3.1325,
        1.195,
        2.835,
        0.895,
        2.5375,
        0.5975,
        2.2375,
        0.3,
        1.94,
        0,
        1.6425,
        3.2825,
        1.3425,
        2.985,
        1.045,
        2.685,
        0.7475,
        2.3875,
        0.4475,
        2.09,
        0.15,
        1.79,
        3.4325,
        1.4925,
        3.1325,
        1.195,
        2.835,
        0.895,
        2.5375,
        0.5975,
        2.2375,
        0.3,
        1.94,
        0,
        1.6425,
        3.2825,
        1.3425,
        2.985,
        1.045,
        2.685,
        0.7475,
        2.3875,
        0.4475,
        2.09,
        0.15,
        1.79,
        3.4325,
        1.4925,
        3.1325,
        1.195,
        2.835,
        0.895,
        2.5375,
        0.5975,
        2.2375,
        0.3,
        1.94
    ],
    "ReceiveCoilName": "Head_32",
    "PercentPhaseFOV": 100,
    "FlipAngle": 78,
    "InstitutionName": "The John Radcliffe",
    "ShimSetting": [
        342,
        -11548,
        1679,
        375,
        300,
        1,
        107,
        24
    ],
    "SequenceName": "ep_b5#1",
    "InstitutionAddress": "Headley Way StreetNo,Oxford,District,GB,OX3 9DU",
    "PartialFourier": 0.75,
    "DeviceSerialNumber": "66050",
    "ScanningSequence": "EP",
    "EchoTime": 0.092,
    "DwellTime": 2.7e-06,
    "SAR": 0.0874436,
    "EffectiveEchoSpacing": 0.000670015,
    "ReceiveCoilActiveElements": "HEA;HEP",
    "ImageOrientationText": "Tra>Cor(-17.4)>Sag(-1.0)",
    "MagneticFieldStrength": 3,
    "AcquisitionNumber": 1,
    "CoilCombinationMethod": "Sum of Squares",
    "ScanOptions": "PFP\\FS",
    "ConsistencyInfo": "N4_VE11C_LATEST_20160120",
    "ImageOrientationPatientDICOM": [
        0.999837,
        -0.000172856,
        -0.0180512,
        -0.00523519,
        0.954205,
        -0.299108
    ],
    "SpacingBetweenSlices": 2,
    "ProtocolName": "diff_AP_MPopt_MB3_50b1000_50b2000_8b0_lowflip",
    "TxRefAmp": 250.084,
    "SliceThickness": 2,
    "PhaseEncodingDirection": "j-",
    "PixelBandwidth": 1780,
    "MultibandAccelerationFactor": 3,
    "ImageComments": "Unaliased MB3/PE3 SENSE1",
    "SoftwareVersions": "syngo MR E11",
    "InPlanePhaseEncodingDirectionDICOM": "COL",
    "EchoTrainLength": 78,
    "BaseResolution": 104,
    "AcquisitionTime": "11:53:20.070000",
    "ImagingFrequency": 123.228,
    "BandwidthPerPixelPhaseEncode": 14.351,
    "SeriesNumber": 14,
    "PulseSequenceDetails": "%CustomerSeq%\\cmrr_mbep2d_diff",
    "StationName": "AWP66050",
    "SequenceVariant": "SK\\SS",
    "ConversionSoftwareVersion": "v1.0.20211006",
    "Modality": "MR",
    "DiffusionScheme": "Monopolar",
    "BodyPartExamined": "HEAD",
    "DerivedVendorReportedEchoSpacing": 0.000670015,
    "PercentSampling": 100,
    "Manufacturer": "Siemens",
    "RepetitionTime": 3.6,
    "PatientPosition": "HFS",
    "PhaseEncodingSteps": 78,
    "PhaseResolution": 1,
    "TotalReadoutTime": 0.0690115,
    "ReconMatrixPE": 104,
    "SeriesDescription": "diff_AP_MPopt_MB3_50b1000_50b2000_8b0_lowflip",
    "AcquisitionMatrixPE": 104,
    "MatrixCoilMode": "SENSE",
    "ManufacturersModelName": "Prisma",
    "WipMemBlock": "34870df4-fd30-471b-93bb-4034f8838fd0||Sequence: R016 ve11c/master r/e634e98; Dec 19 2017 11:11:25 by eja",
    "ConversionSoftware": "dcm2niix",
    "MRAcquisitionType": "2D",
    "InstitutionalDepartmentName": "Department"
}