{
    "RepetitionTime": 4.36352,
    "Modality": "MR",
    "ConversionSoftware": "dcm2niix",
    "EchoTrainLength": 75,
    "CoilString": "MULTI COIL",
    "ImagingFrequency": 127.749,
    "ConversionSoftwareVersion": "v1.0.20211006",
    "ReconMatrixPE": 112,
    "SeriesNumber": 501,
    "UsePhilipsFloatNotDisplayScaling": 1,
    "PartialFourierEnabled": "YES",
    "PercentSampling": 100,
    "ImageOrientationPatientDICOM": [
        0.999588,
        0.0202545,
        0.0203556,
        -0.0172328,
        0.990144,
        -0.138988
    ],
    "ParallelReductionOutOfPlane": 3,
    "MagneticFieldStrength": 3,
    "ParallelReductionFactorInPlane": 1.5,
    "SeriesDescription": "DTI_Biobank_2mm_MB3S1p5_EPI",
    "FlipAngle": 90,
    "PatientPosition": "HFS",
    "PartialFourierDirection": "PHASE",
    "EstimatedTotalReadoutTime": 0.0742328,
    "ScanningSequence": "SE",
    "Manufacturer": "Philips",
    "MRAcquisitionType": "2D",
    "ScanOptions": "FS",
    "SoftwareVersions": "5.6.1\\5.6.1.0",
    "SequenceVariant": "SK",
    "WaterFatShift": 32.6726,
    "InstitutionName": "Nottingham University",
    "ParallelAcquisitionTechnique": "MBSENSE",
    "MTState": false,
    "ImageType": [
        "ORIGINAL",
        "PRIMARY",
        "DIFFUSION",
        "NONE"
    ],
    "SliceThickness": 2,
    "EchoTime": 0.097967,
    "DeviceSerialNumber": "71459",
    "PhaseEncodingDirection": "j-",
    "TotalReadoutTime": 0.0742328,
    "PhaseEncodingStepsNoPartialFourier": 112,
    "SpacingBetweenSlices": 2,
    "InPlanePhaseEncodingDirectionDICOM": "COL",
    "InstitutionAddress": "University Park",
    "PhilipsRescaleIntercept": 0,
    "PhaseEncodingAxis": "j-",
    "BodyPartExamined": "BRAIN",
    "ProtocolName": "DTI_Biobank_2mm_MB3S1p5_EPI",
    "ProcedureStepDescription": "H14082014/47",
    "EffectiveEchoSpacing": 0.000668764,
    "EstimatedEffectiveEchoSpacing": 0.000668764,
    "ManufacturersModelName": "Ingenia",
    "PhilipsRescaleSlope": 3.16996,
    "AcquisitionNumber": 5,
    "AcquisitionTime": "15:37:7.280000",
    "PhilipsScaleSlope": 0.0147412,
    "PercentPhaseFOV": 100,
    "AcquisitionMatrixPE": 112,
    "StationName": "HOST-2ADB2S6FDM",
    "PixelBandwidth": 1890.54,
    "InstitutionalDepartmentName": "SPMIC"
}