{
	"Modality": "MR",
	"MagneticFieldStrength": 3,
	"ImagingFrequency": 123.227,
	"Manufacturer": "Siemens",
	"ManufacturersModelName": "Prisma",
	"InstitutionName": "The John Radcliffe",
	"InstitutionalDepartmentName": "Department",
	"InstitutionAddress": "Headley Way StreetNo,Oxford,District,GB,OX3 9DU",
	"DeviceSerialNumber": "66050",
	"StationName": "AWP66050",
	"BodyPartExamined": "HEAD",
	"PatientPosition": "HFS",
	"SoftwareVersions": "syngo MR E11",
	"MRAcquisitionType": "3D",
	"SeriesDescription": "SWI_3mm_Updated_v1.1",
	"ProtocolName": "SWI_3mm_Updated_v1.1",
	"ScanningSequence": "GR",
	"SequenceVariant": "SP\\OSP",
	"ScanOptions": "PFP",
	"SequenceName": "*fl3d2r",
	"ImageType": ["ORIGINAL", "PRIMARY", "M", "ND"],
	"SeriesNumber": 15,
	"AcquisitionTime": "12:41:39.020000",
	"AcquisitionNumber": 1,
	"SliceThickness": 3,
	"SAR": 0.0110954,
	"EchoNumber": 1,
	"EchoTime": 0.00942,
	"RepetitionTime": 0.027,
	"FlipAngle": 15,
	"PartialFourier": 0.875,
	"BaseResolution": 288,
	"ShimSetting": [
		337,
		-11519,
		1683,
		305,
		266,
		187,
		208,
		31	],
	"TxRefAmp": 239.529,
	"PhaseResolution": 1,
	"ReceiveCoilName": "Head_32",
	"ReceiveCoilActiveElements": "HEA;HEP",
	"CoilString": "H4",
	"PulseSequenceDetails": "%SiemensSeq%\\gre",
	"RefLinesPE": 24,
	"CoilCombinationMethod": "Sum of Squares",
	"ConsistencyInfo": "N4_VE11C_LATEST_20160120",
	"MatrixCoilMode": "GRAPPA",
	"PercentPhaseFOV": 88.8889,
	"PercentSampling": 100,
	"EchoTrainLength": 2,
	"PhaseEncodingSteps": 223,
	"AcquisitionMatrixPE": 256,
	"ReconMatrixPE": 256,
	"ParallelReductionFactorInPlane": 2,
	"PixelBandwidth": 140,
	"DwellTime": 1.24e-05,
	"PhaseEncodingDirection": "i",
	"ImageOrientationPatientDICOM": [
		0.999449,
		0.00749089,
		0.0323468,
		0.00174437,
		0.961026,
		-0.276452	],
	"ImageOrientationText": "Tra>Cor(-16.1)>Sag(1.9)",
	"InPlanePhaseEncodingDirectionDICOM": "ROW",
	"ConversionSoftware": "dcm2niix",
	"ConversionSoftwareVersion": "v1.0.20211006"
}
