{
    "MagneticFieldStrength": 3,
    "Manufacturer": "Siemens",
    "PhaseEncodingSteps": 88,
    "ShimSetting": [
        -1655,
        -11272,
        7707,
        1223,
        236,
        356,
        309,
        16
    ],
    "PercentSampling": 100,
    "PercentPhaseFOV": 100,
    "ImagingFrequency": 123.172,
    "SliceTiming": [
        0,
        0.275,
        0.5525,
        0.09,
        0.3675,
        0.645,
        0.1825,
        0.46,
        0,
        0.275,
        0.5525,
        0.09,
        0.3675,
        0.645,
        0.1825,
        0.46,
        0,
        0.275,
        0.5525,
        0.09,
        0.3675,
        0.645,
        0.1825,
        0.46,
        0,
        0.275,
        0.5525,
        0.09,
        0.3675,
        0.645,
        0.1825,
        0.46,
        0,
        0.275,
        0.5525,
        0.09,
        0.3675,
        0.645,
        0.1825,
        0.46,
        0,
        0.275,
        0.5525,
        0.09,
        0.3675,
        0.645,
        0.1825,
        0.46,
        0,
        0.275,
        0.5525,
        0.09,
        0.3675,
        0.645,
        0.1825,
        0.46,
        0,
        0.275,
        0.5525,
        0.09,
        0.3675,
        0.645,
        0.1825,
        0.46
    ],
    "InstitutionName": "ocmr",
    "CoilString": "C:HEA;HEP",
    "PulseSequenceDetails": "%CustomerSeq%\\cmrr_mbep2d_bold",
    "ConversionSoftware": "dcm2niix",
    "Modality": "MR",
    "PatientPosition": "HFS",
    "AcquisitionNumber": 1,
    "CoilCombinationMethod": "Sum of Squares",
    "SequenceVariant": "SK\\SS",
    "InstitutionAddress": "Headley Way sfd,Oxford,Southeast,GB,OX3 9UE",
    "PartialFourier": 1,
    "SequenceName": "epfid2d1_88",
    "ImageType": [
        "ORIGINAL",
        "PRIMARY",
        "M",
        "MB",
        "ND",
        "MOSAIC"
    ],
    "ProcedureStepDescription": "neuro^N18",
    "FlipAngle": 52,
    "TxRefAmp": 310.534,
    "MultibandAccelerationFactor": 8,
    "InstitutionalDepartmentName": "OCMR2",
    "SeriesDescription": "MB8_FMRI_fov210_2.4mm_resting",
    "InPlanePhaseEncodingDirectionDICOM": "COL",
    "SoftwareVersions": "syngo MR B17",
    "ScanningSequence": "EP",
    "BandwidthPerPixelPhaseEncode": 16.469,
    "SliceThickness": 2.4,
    "EffectiveEchoSpacing": 0.000690002,
    "ScanOptions": "FS",
    "EchoTime": 0.039,
    "PixelBandwidth": 2029,
    "ImageComments": "Unaliased MB8/PE3 SENSE1",
    "ReceiveCoilName": "32Ch_Head",
    "RepetitionTime": 0.735,
    "AcquisitionMatrixPE": 88,
    "TaskName": "rest",
    "PhaseResolution": 1,
    "SeriesNumber": 6,
    "PhaseEncodingDirection": "j-",
    "SAR": 0.110243,
    "AcquisitionTime": "10:59:14.212500",
    "DeviceSerialNumber": "35031",
    "MRAcquisitionType": "2D",
    "MatrixCoilMode": "SENSE",
    "ManufacturersModelName": "TrioTim",
    "DerivedVendorReportedEchoSpacing": 0.000690002,
    "ReconMatrixPE": 88,
    "DwellTime": 2.8e-06,
    "ImageOrientationPatientDICOM": [
        0.999246,
        -0.00985781,
        -0.0375456,
        -4.72851e-08,
        0.967218,
        -0.253949
    ],
    "BaseResolution": 88,
    "StationName": "MRC35031",
    "SpacingBetweenSlices": 2.4,
    "ConversionSoftwareVersion": "v1.0.20211006",
    "ImageOrientationText": "Tra>Cor(-14.7)>Sag(-2.2)",
    "ProtocolName": "MB8_FMRI_fov210_2.4mm_resting",
    "TotalReadoutTime": 0.0600301
}