{
    "PulseSequenceDetails": "%CustomerSeq%\\cmrr_mbep2d_bold",
    "SeriesNumber": 6,
    "MRAcquisitionType": "2D",
    "InstitutionAddress": "Warneford Lane StreetNo,Oxford,District,GB,OX3 7JX",
    "ConsistencyInfo": "N4_VE11C_LATEST_20160120",
    "ShimSetting": [
        4945,
        -11390,
        -1313,
        487,
        -42,
        -106,
        -7,
        3
    ],
    "InstitutionalDepartmentName": "BE3597",
    "ReceiveCoilName": "HeadNeck_64",
    "EffectiveEchoSpacing": 0.000639989,
    "AcquisitionMatrixPE": 88,
    "ImageComments": "Unaliased MB8/PE3 SENSE1",
    "SoftwareVersions": "syngo MR E11",
    "ImageOrientationPatientDICOM": [
        1,
        0,
        0,
        0,
        0.943801,
        -0.330514
    ],
    "TxRefAmp": 221.878,
    "ImageOrientationText": "Tra>Cor(-19.3)",
    "PhaseEncodingSteps": 88,
    "BodyPartExamined": "BRAIN",
    "SequenceName": "epfid2d1_88",
    "PercentSampling": 100,
    "RepetitionTime": 0.735,
    "ManufacturersModelName": "Prisma",
    "SpacingBetweenSlices": 2.4,
    "FlipAngle": 52,
    "ReconMatrixPE": 88,
    "SliceTiming": [
        0,
        0.2675,
        0.535,
        0.09,
        0.3575,
        0.625,
        0.1775,
        0.4475,
        0,
        0.2675,
        0.535,
        0.09,
        0.3575,
        0.625,
        0.1775,
        0.4475,
        0,
        0.2675,
        0.535,
        0.09,
        0.3575,
        0.625,
        0.1775,
        0.4475,
        0,
        0.2675,
        0.535,
        0.09,
        0.3575,
        0.625,
        0.1775,
        0.4475,
        0,
        0.2675,
        0.535,
        0.09,
        0.3575,
        0.625,
        0.1775,
        0.4475,
        0,
        0.2675,
        0.535,
        0.09,
        0.3575,
        0.625,
        0.1775,
        0.4475,
        0,
        0.2675,
        0.535,
        0.09,
        0.3575,
        0.625,
        0.1775,
        0.4475,
        0,
        0.2675,
        0.535,
        0.09,
        0.3575,
        0.625,
        0.1775,
        0.4475
    ],
    "SAR": 0.0514377,
    "PhaseResolution": 1,
    "PhaseEncodingDirection": "j-",
    "ImageType": [
        "ORIGINAL",
        "PRIMARY",
        "M",
        "MB",
        "ND",
        "MOSAIC"
    ],
    "MagneticFieldStrength": 3,
    "TotalReadoutTime": 0.055679,
    "ImagingFrequency": 123.259,
    "MatrixCoilMode": "SENSE",
    "ScanningSequence": "EP",
    "AcquisitionTime": "10:46:31.845000",
    "PercentPhaseFOV": 100,
    "BaseResolution": 88,
    "ReceiveCoilActiveElements": "HC1-7",
    "InPlanePhaseEncodingDirectionDICOM": "COL",
    "CoilCombinationMethod": "Sum of Squares",
    "MultibandAccelerationFactor": 8,
    "PartialFourier": 1,
    "SliceThickness": 2.4,
    "EchoTime": 0.039,
    "BandwidthPerPixelPhaseEncode": 17.756,
    "DwellTime": 2.8e-06,
    "StationName": "AWP66093",
    "ScanOptions": "FS",
    "DerivedVendorReportedEchoSpacing": 0.000639989,
    "ProtocolName": "MB8_FMRI_fov210_2.4mm_resting",
    "PatientPosition": "HFS",
    "WipMemBlock": "e480bbef-8811-4450-916a-790002d4422f||Sequence: R016 ve11c/master r/e634e98; Dec 19 2017 11:00:25 by eja",
    "ConversionSoftwareVersion": "v1.0.20211006",
    "Manufacturer": "Siemens",
    "InstitutionName": "Warneford Hospital",
    "EchoTrainLength": 88,
    "AcquisitionNumber": 1,
    "ConversionSoftware": "dcm2niix",
    "PixelBandwidth": 2030,
    "Modality": "MR",
    "SequenceVariant": "SK\\SS",
    "SeriesDescription": "MB8_FMRI_fov210_2.4mm_resting",
    "TaskName": "rest",
    "DeviceSerialNumber": "66093"
}