{
    "ScanOptions": "SAT_GEMS\\EDR_GEMS\\EPI_GEMS\\ACC_GEMS\\PFF\\FS",
    "Modality": "MR",
    "ImagingFrequency": 127.726,
    "CoilString": "32Ch Head",
    "MagneticFieldStrength": 3,
    "InstitutionName": "Nottingham Medical School",
    "SeriesDescription": "diff 2dirs b=0 pepolar",
    "AcquisitionMatrixPE": 104,
    "RepetitionTime": 11,
    "FlipAngle": 90,
    "ReconMatrixPE": 104,
    "PhaseEncodingDirection": "j-",
    "TotalReadoutTime": 0.034884,
    "PixelBandwidth": 4807.69,
    "SequenceVariant": "NONE",
    "InversionTime": 0.081,
    "PhaseEncodingPolarityGE": "Unflipped",
    "SpacingBetweenSlices": 2,
    "SeriesNumber": 9,
    "SliceThickness": 2,
    "ParallelReductionFactorInPlane": 2,
    "StationName": "MR01DV01",
    "ManufacturersModelName": "DISCOVERY MR750",
    "PercentSampling": 100,
    "InPlanePhaseEncodingDirectionDICOM": "COL",
    "ScanningSequence": "EP\\SE",
    "SoftwareVersions": "24\\LX\\MR Software release:DV24.0_R02_1607.b",
    "Manufacturer": "GE",
    "ConversionSoftwareVersion": "v1.0.20211006",
    "ImageType": [
        "ORIGINAL",
        "PRIMARY",
        "OTHER"
    ],
    "ProcedureStepDescription": "B12012012-52",
    "ConversionSoftware": "dcm2niix",
    "AcquisitionNumber": 1,
    "PercentPhaseFOV": 100,
    "MRAcquisitionType": "2D",
    "InternalPulseSequenceName": "EPI2",
    "DeviceSerialNumber": "00000000269MRS04",
    "ProtocolName": "BioBank v1.2",
    "EchoTime": 0.072,
    "AcquisitionTime": "18:26:25.000000",
    "PatientPosition": "HFS",
    "SAR": 1.39488,
    "EffectiveEchoSpacing": 0.00033868,
    "ImageOrientationPatientDICOM": [
        0.999891,
        0.00269347,
        0.0144974,
        -0.00580673,
        0.975657,
        0.219225
    ],
    "PhaseEncodingAxis": "j-"
}