{
    "SliceThickness": 1.05,
    "SoftwareVersions": "syngo MR B17",
    "AcquisitionTime": "17:08:55.415000",
    "RepetitionTime": 5,
    "SAR": 0.197747,
    "InversionTime": 1.8,
    "DwellTime": 2.5e-06,
    "ConversionSoftware": "dcm2niix",
    "AcquisitionNumber": 1,
    "SequenceName": "*spcir3d1_282ns",
    "Manufacturer": "Siemens",
    "InstitutionAddress": "Headley Way sfd,Oxford,Southeast,GB,OX3 9UE",
    "PixelBandwidth": 781,
    "InPlanePhaseEncodingDirectionDICOM": "ROW",
    "Modality": "MR",
    "StationName": "MRC35031",
    "ManufacturersModelName": "TrioTim",
    "InstitutionName": "John Radcliffe Hospital",
    "CoilCombinationMethod": "Adaptive Combine",
    "InstitutionalDepartmentName": "OCMR2",
    "ConversionSoftwareVersion": "v1.0.20211006",
    "CoilString": "C:HEA;HEP",
    "ReceiveCoilName": "32Ch_Head",
    "EchoTrainLength": 141,
    "PhaseResolution": 1.00781,
    "ProtocolName": "t2_flair_sag_p2_1mm_FS_ellip_pf78",
    "TxRefAmp": 353.991,
    "ShimSetting": [
        -1752,
        -11452,
        7627,
        665,
        84,
        -74,
        265,
        -217
    ],
    "ProcedureStepDescription": "neuro^N18",
    "ImageOrientationPatientDICOM": [
        -0.0266537,
        0.979917,
        -0.197614,
        0.0267277,
        -0.196915,
        -0.980056
    ],
    "PhaseEncodingDirection": "i",
    "MRAcquisitionType": "3D",
    "PhaseEncodingSteps": 238,
    "BaseResolution": 256,
    "ImageOrientationText": "Sag>Cor(-1.8)>Tra(-1.2)",
    "ParallelReductionFactorInPlane": 2,
    "FlipAngle": 120,
    "ImagingFrequency": 123.172,
    "PartialFourier": 1,
    "PercentPhaseFOV": 100,
    "PercentSampling": 100.781,
    "SequenceVariant": "SK\\SP\\MP",
    "RefLinesPE": 24,
    "DeviceSerialNumber": "35031",
    "ScanningSequence": "SE\\IR",
    "ReconMatrixPE": 256,
    "PatientPosition": "HFS",
    "ImageType": [
        "ORIGINAL",
        "PRIMARY",
        "OTHER",
        "NORM"
    ],
    "SeriesDescription": "t2_flair_sag_p2_1mm_FS_ellip_pf78",
    "MagneticFieldStrength": 3,
    "PulseSequenceDetails": "%SiemensSeq%\\tse_vfl",
    "AcquisitionMatrixPE": 258,
    "ScanOptions": "IR\\PFP\\FS",
    "SpoilingState": true,
    "MatrixCoilMode": "GRAPPA",
    "EchoTime": 0.396,
    "SeriesNumber": 8
}