{
    "InstitutionName": "The John Radcliffe",
    "ImageOrientationText": "Tra>Cor(-19.7)>Sag(2.2)",
    "DeviceSerialNumber": "66050",
    "FlipAngle": 52,
    "SAR": 0.0618699,
    "EffectiveEchoSpacing": 0.000639989,
    "MatrixCoilMode": "SENSE",
    "PercentSampling": 100,
    "PercentPhaseFOV": 100,
    "SpacingBetweenSlices": 2.4,
    "PartialFourier": 1,
    "AcquisitionNumber": 1,
    "Modality": "MR",
    "PixelBandwidth": 2030,
    "PulseSequenceDetails": "%CustomerSeq%\\cmrr_mbep2d_bold",
    "EchoTrainLength": 88,
    "StationName": "AWP66050",
    "PhaseResolution": 1,
    "DwellTime": 2.8e-06,
    "BaseResolution": 88,
    "PhaseEncodingDirection": "j-",
    "MagneticFieldStrength": 3,
    "SequenceName": "epfid2d1_88",
    "SoftwareVersions": "syngo MR E11",
    "ReconMatrixPE": 88,
    "ConversionSoftwareVersion": "v1.0.20211006",
    "ManufacturersModelName": "Prisma",
    "ImageType": [
        "ORIGINAL",
        "PRIMARY",
        "M",
        "MB",
        "ND",
        "MOSAIC"
    ],
    "PatientPosition": "HFS",
    "SeriesNumber": 8,
    "AcquisitionMatrixPE": 88,
    "AcquisitionTime": "10:17:30.212500",
    "ConversionSoftware": "dcm2niix",
    "SeriesDescription": "MB8_FMRI_fov210_2.4mm_resting",
    "TotalReadoutTime": 0.055679,
    "ShimSetting": [
        354,
        -11541,
        1711,
        443,
        319,
        119,
        149,
        44
    ],
    "WipMemBlock": "26daea5c-944e-4120-b896-a02872520cab||Sequence: R016 ve11c/master r/e634e98; Dec 19 2017 11:00:25 by eja",
    "InstitutionAddress": "Headley Way StreetNo,Oxford,District,GB,OX3 9DU",
    "SliceTiming": [
        0,
        0.2675,
        0.5375,
        0.09,
        0.3575,
        0.625,
        0.18,
        0.4475,
        0,
        0.2675,
        0.5375,
        0.09,
        0.3575,
        0.625,
        0.18,
        0.4475,
        0,
        0.2675,
        0.5375,
        0.09,
        0.3575,
        0.625,
        0.18,
        0.4475,
        0,
        0.2675,
        0.5375,
        0.09,
        0.3575,
        0.625,
        0.18,
        0.4475,
        0,
        0.2675,
        0.5375,
        0.09,
        0.3575,
        0.625,
        0.18,
        0.4475,
        0,
        0.2675,
        0.5375,
        0.09,
        0.3575,
        0.625,
        0.18,
        0.4475,
        0,
        0.2675,
        0.5375,
        0.09,
        0.3575,
        0.625,
        0.18,
        0.4475,
        0,
        0.2675,
        0.5375,
        0.09,
        0.3575,
        0.625,
        0.18,
        0.4475
    ],
    "TaskName": "rest",
    "EchoTime": 0.039,
    "RepetitionTime": 0.735,
    "ImageComments": "Unaliased MB8/PE3 SENSE1",
    "BodyPartExamined": "HEAD",
    "BandwidthPerPixelPhaseEncode": 17.756,
    "SequenceVariant": "SK\\SS",
    "ScanOptions": "FS",
    "DerivedVendorReportedEchoSpacing": 0.000639989,
    "SliceThickness": 2.4,
    "MultibandAccelerationFactor": 8,
    "TxRefAmp": 261.879,
    "InPlanePhaseEncodingDirectionDICOM": "COL",
    "ProtocolName": "MB8_FMRI_fov210_2.4mm_resting",
    "ImageOrientationPatientDICOM": [
        0.998094,
        -0.0330172,
        0.0521389,
        0.0486403,
        0.940846,
        -0.335325
    ],
    "PhaseEncodingSteps": 88,
    "ImagingFrequency": 123.228,
    "ReceiveCoilName": "Head_32",
    "InstitutionalDepartmentName": "Department",
    "ScanningSequence": "EP",
    "CoilCombinationMethod": "Sum of Squares",
    "ConsistencyInfo": "N4_VE11C_LATEST_20160120",
    "MRAcquisitionType": "2D",
    "ReceiveCoilActiveElements": "HEA;HEP",
    "Manufacturer": "Siemens"
}