{
  "Modality": "MR",
  "MagneticFieldStrength": 3,
  "ImagingFrequency": 127.749,
  "Manufacturer": "Philips",
  "ManufacturersModelName": "Ingenia",
  "InstitutionName": "Nottingham University",
  "InstitutionalDepartmentName": "SPMIC",
  "InstitutionAddress": "University Park",
  "DeviceSerialNumber": "71459",
  "StationName": "HOST-2ADB2S6FDM",
  "BodyPartExamined": "BRAIN",
  "PatientPosition": "HFS",
  "ProcedureStepDescription": "FMHS4520122",
  "SoftwareVersions": "5.9.0\\5.9.0.0",
  "MRAcquisitionType": "2D",
  "SeriesDescription": "blip_rs-fmri_SErev",
  "ProtocolName": "blip_rs-fmri_SErev",
  "ScanningSequence": "SE",
  "SequenceVariant": "SK",
  "ScanOptions": "FS",
  "ImageType": [
    "ORIGINAL",
    "PRIMARY",
    "T2",
    "NONE"
  ],
  "SeriesNumber": 701,
  "AcquisitionTime": "13:31:42.020000",
  "AcquisitionNumber": 7,
  "PhilipsRescaleSlope": 1.82515,
  "PhilipsRescaleIntercept": 0,
  "PhilipsScaleSlope": 0.0228982,
  "UsePhilipsFloatNotDisplayScaling": 0,
  "SliceThickness": 2.4,
  "SpacingBetweenSlices": 2.4,
  "EchoTime": 0.08,
  "RepetitionTime": 5.6788,
  "MTState": false,
  "FlipAngle": 52,
  "CoilString": "MULTI COIL",
  "PercentPhaseFOV": 100,
  "PercentSampling": 100,
  "EchoTrainLength": 63,
  "PhaseEncodingSteps": 95,
  "AcquisitionMatrixPE": 95,
  "ReconMatrixPE": 96,
  "ParallelReductionFactorInPlane": 1.5,
  "ParallelAcquisitionTechnique": "SENSE",
  "WaterFatShift": 20.351,
  "EstimatedEffectiveEchoSpacing": 0.000485498,
  "EstimatedTotalReadoutTime": 0.0461223,
  "PixelBandwidth": 1628.46,
  "PhaseEncodingAxis": "j",
  "ImageOrientationPatientDICOM": [
    0.999055,
    0.0391915,
    -0.0187831,
    -0.0399392,
    0.998351,
    -0.0412343
  ],
  "InPlanePhaseEncodingDirectionDICOM": "COL",
  "ConversionSoftware": "dcm2niix",
  "ConversionSoftwareVersion": "v1.0.20211006",
  "PhaseEncodingDirection": "j-",
  "IntendedFor": "bids::sub-15320/ses-NOT2ING001/func/sub-15320_ses-NOT2ING001_task-rest_bold.nii.gz",
  "B0FieldIdentifier": "pepolar_fmap0",
  "TotalReadoutTime": 0.0461223,
  "EffectiveEchoSpacing": 0.000485498
}