{
  "Modality": "MR",
  "MagneticFieldStrength": 3,
  "ImagingFrequency": 127.804,
  "Manufacturer": "Philips",
  "ManufacturersModelName": "Achieva",
  "InstitutionName": "SPMMRC Nottingham",
  "InstitutionalDepartmentName": "MRI",
  "DeviceSerialNumber": "17057",
  "StationName": "PHILIPS-T6O3EHP",
  "BodyPartExamined": "BRAIN",
  "PatientPosition": "HFS",
  "ProcedureStepDescription": "FMHS4520122",
  "SoftwareVersions": "5.6.1\\5.6.1.1",
  "MRAcquisitionType": "2D",
  "SeriesDescription": "DTI_Biobank_2mm_S2_HS0.8_EPI",
  "ProtocolName": "DTI_Biobank_2mm_S2_HS0.8_EPI",
  "ScanningSequence": "SE",
  "SequenceVariant": "SK",
  "ScanOptions": "FS",
  "ImageType": [
    "ORIGINAL",
    "PRIMARY",
    "DIFFUSION",
    "NONE",
    "NORM"
  ],
  "SeriesNumber": 801,
  "AcquisitionTime": "14:29:29.930000",
  "AcquisitionNumber": 8,
  "PhilipsRescaleSlope": 1.15385,
  "PhilipsRescaleIntercept": 0,
  "PhilipsScaleSlope": 0.00185618,
  "UsePhilipsFloatNotDisplayScaling": 0,
  "SliceThickness": 2,
  "SpacingBetweenSlices": 2,
  "EchoTime": 0.070438,
  "RepetitionTime": 10.5617,
  "MTState": false,
  "FlipAngle": 90,
  "CoilString": "MULTI COIL",
  "PercentPhaseFOV": 100,
  "PercentSampling": 100,
  "EchoTrainLength": 55,
  "PartialFourierDirection": "PHASE",
  "PartialFourierEnabled": "YES",
  "PhaseEncodingStepsNoPartialFourier": 110,
  "AcquisitionMatrixPE": 110,
  "ReconMatrixPE": 112,
  "ParallelReductionFactorInPlane": 2,
  "ParallelAcquisitionTechnique": "SENSE",
  "WaterFatShift": 17.0362,
  "EstimatedEffectiveEchoSpacing": 0.000346897,
  "EstimatedTotalReadoutTime": 0.0385055,
  "PixelBandwidth": 2973.1,
  "PhaseEncodingAxis": "j",
  "ImageOrientationPatientDICOM": [
    0.996737,
    0.0570631,
    0.0570963,
    -0.0485475,
    0.98885,
    -0.140777
  ],
  "InPlanePhaseEncodingDirectionDICOM": "COL",
  "ConversionSoftware": "dcm2niix",
  "ConversionSoftwareVersion": "v1.0.20211006",
  "PhaseEncodingDirection": "j",
  "EffectiveEchoSpacing": 0.000346897,
  "TotalReadoutTime": 0.0385055
}