{
	"Modality": "MR",
	"MagneticFieldStrength": 3,
	"ImagingFrequency": 123.234,
	"Manufacturer": "Siemens",
	"ManufacturersModelName": "Prisma",
	"InstitutionName": "The John Radcliffe",
	"InstitutionalDepartmentName": "Department",
	"InstitutionAddress": "Headley Way StreetNo,Oxford,District,GB,OX3 9DU",
	"DeviceSerialNumber": "66050",
	"StationName": "AWP66050",
	"BodyPartExamined": "HEAD",
	"PatientPosition": "HFS",
	"SoftwareVersions": "syngo MR E11",
	"MRAcquisitionType": "2D",
	"SeriesDescription": "diff_PA_MPopt_MB3_3b0_lowflip",
	"ProtocolName": "diff_PA_MPopt_MB3_3b0_lowflip",
	"ScanningSequence": "EP",
	"SequenceVariant": "SK\\SS",
	"ScanOptions": "PFP\\FS",
	"SequenceName": "ep_b5#1",
	"ImageType": ["ORIGINAL", "PRIMARY", "DIFFUSION", "NONE", "MB", "ND"],
	"SeriesNumber": 12,
	"AcquisitionTime": "14:06:31.662500",
	"AcquisitionNumber": 1,
	"ImageComments": "Unaliased MB3/PE3 SENSE1",
	"SliceThickness": 2,
	"SpacingBetweenSlices": 2,
	"SAR": 0.0929796,
	"EchoTime": 0.092,
	"RepetitionTime": 3.6,
	"FlipAngle": 78,
	"PartialFourier": 0.75,
	"BaseResolution": 104,
	"ShimSetting": [
		329,
		-11472,
		1707,
		470,
		-109,
		-69,
		31,
		-11	],
	"DiffusionScheme": "Monopolar",
	"TxRefAmp": 258.036,
	"PhaseResolution": 1,
	"ReceiveCoilName": "Head_32",
	"ReceiveCoilActiveElements": "HEA;HEP",
	"PulseSequenceDetails": "%CustomerSeq%\\cmrr_mbep2d_diff",
	"WipMemBlock": "c621a938-da65-4df8-b394-989fecb612a9||Sequence: R016 ve11c/master r/e634e98; Dec 19 2017 11:11:25 by eja",
	"CoilCombinationMethod": "Sum of Squares",
	"ConsistencyInfo": "N4_VE11C_LATEST_20160120",
	"MatrixCoilMode": "SENSE",
	"MultibandAccelerationFactor": 3,
	"PercentPhaseFOV": 100,
	"PercentSampling": 100,
	"EchoTrainLength": 78,
	"PhaseEncodingSteps": 78,
	"AcquisitionMatrixPE": 104,
	"ReconMatrixPE": 104,
	"BandwidthPerPixelPhaseEncode": 14.351,
	"EffectiveEchoSpacing": 0.000670015,
	"DerivedVendorReportedEchoSpacing": 0.000670015,
	"TotalReadoutTime": 0.0690115,
	"PixelBandwidth": 1780,
	"DwellTime": 2.7e-06,
	"PhaseEncodingDirection": "j",
	"SliceTiming": [
		0,
		1.65625,
		3.28125,
		1.34375,
		2.98438,
		1.04688,
		2.6875,
		0.75,
		2.39062,
		0.45312,
		2.09375,
		0.15625,
		1.79688,
		3.4375,
		1.5,
		3.14062,
		1.20312,
		2.84375,
		0.90625,
		2.54688,
		0.60938,
		2.25,
		0.3125,
		1.95312,
		0,
		1.65625,
		3.28125,
		1.34375,
		2.98438,
		1.04688,
		2.6875,
		0.75,
		2.39062,
		0.45312,
		2.09375,
		0.15625,
		1.79688,
		3.4375,
		1.5,
		3.14062,
		1.20312,
		2.84375,
		0.90625,
		2.54688,
		0.60938,
		2.25,
		0.3125,
		1.95312,
		0,
		1.65625,
		3.28125,
		1.34375,
		2.98438,
		1.04688,
		2.6875,
		0.75,
		2.39062,
		0.45312,
		2.09375,
		0.15625,
		1.79688,
		3.4375,
		1.5,
		3.14062,
		1.20312,
		2.84375,
		0.90625,
		2.54688,
		0.60938,
		2.25,
		0.3125,
		1.95312	],
	"ImageOrientationPatientDICOM": [
		0.997419,
		0.00270049,
		0.071743,
		0.0254215,
		0.921265,
		-0.388105	],
	"ImageOrientationText": "Tra>Cor(-22.9)>Sag(3.8)",
	"InPlanePhaseEncodingDirectionDICOM": "COL",
	"ConversionSoftware": "dcm2niix",
	"ConversionSoftwareVersion": "v1.0.20211006"
}
