{
    "EffectiveEchoSpacing": 0.000427074,
    "TaskName": "rest",
    "SequenceVariant": "SK",
    "EstimatedTotalReadoutTime": 0.040572,
    "SliceThickness": 2.4,
    "ParallelReductionFactorInPlane": 1.5,
    "WaterFatShift": 17.902,
    "SpacingBetweenSlices": 2.4,
    "InPlanePhaseEncodingDirectionDICOM": "COL",
    "SeriesDescription": "rs-fmri_singleMB6",
    "AcquisitionNumber": 8,
    "StationName": "HOST-2ADB2S6FDM",
    "EchoTime": 0.039001,
    "ReconMatrixPE": 96,
    "DeviceSerialNumber": "71459",
    "InstitutionAddress": "University Park",
    "Manufacturer": "Philips",
    "TotalReadoutTime": 0.040572,
    "ParallelAcquisitionTechnique": "SENSE",
    "PhilipsRescaleSlope": 1.07741,
    "Modality": "MR",
    "BodyPartExamined": "BRAIN",
    "ImagingFrequency": 127.749,
    "ProcedureStepDescription": "H14082014/47",
    "PhilipsScaleSlope": 0.0517577,
    "PixelBandwidth": 2199.58,
    "MagneticFieldStrength": 3,
    "MRAcquisitionType": "2D",
    "PhaseEncodingSteps": 95,
    "ConversionSoftware": "dcm2niix",
    "InstitutionalDepartmentName": "SPMIC",
    "ImageType": [
        "ORIGINAL",
        "PRIMARY",
        "UNKNOWN",
        "NONE"
    ],
    "ScanningSequence": "GR",
    "PhaseEncodingDirection": "j-",
    "InstitutionName": "Nottingham University",
    "PhilipsRescaleIntercept": 0,
    "PercentPhaseFOV": 100,
    "FlipAngle": 52,
    "ConversionSoftwareVersion": "v1.0.20211006",
    "CoilString": "MULTI COIL",
    "AcquisitionMatrixPE": 95,
    "EchoTrainLength": 63,
    "EstimatedEffectiveEchoSpacing": 0.000427074,
    "UsePhilipsFloatNotDisplayScaling": 1,
    "AcquisitionTime": "17:28:51.760000",
    "B0FieldSource": "pepolar_fmap0",
    "PhaseEncodingAxis": "j-",
    "SoftwareVersions": "5.3.1\\5.3.1.0",
    "ManufacturersModelName": "Ingenia",
    "PercentSampling": 100,
    "ScanOptions": "FS",
    "SeriesNumber": 801,
    "MTState": false,
    "PatientPosition": "HFS",
    "RepetitionTime": 0.8,
    "ProtocolName": "rs-fmri_singleMB6",
    "ImageOrientationPatientDICOM": [
        0.995689,
        -0.0134193,
        0.0917799,
        0.0161825,
        0.999436,
        -0.0294301
    ]
}