{
    "PhaseEncodingStepsNoPartialFourier": 110,
    "ProtocolName": "WIP blip_DTI_Biobank_2mm_S2_HS0.8_EPI",
    "ConversionSoftware": "dcm2niix",
    "TotalReadoutTime": 0.0385056,
    "ImageType": [
        "ORIGINAL",
        "PRIMARY",
        "T2",
        "NONE"
    ],
    "BodyPartExamined": "BRAIN",
    "SequenceVariant": "SK",
    "SoftwareVersions": "5.6.1\\5.6.1.1",
    "EstimatedTotalReadoutTime": 0.0385056,
    "WaterFatShift": 17.0362,
    "CoilString": "MULTI COIL",
    "Manufacturer": "Philips",
    "PhilipsRescaleIntercept": 0,
    "Modality": "MR",
    "InstitutionName": "SPMMRC Nottingham",
    "InPlanePhaseEncodingDirectionDICOM": "COL",
    "EffectiveEchoSpacing": 0.000346897,
    "PercentSampling": 100,
    "SeriesNumber": 401,
    "PhaseEncodingAxis": "j-",
    "ImageOrientationPatientDICOM": [
        0.992692,
        0.00359926,
        -0.12062,
        -0.00338332,
        0.999992,
        0.00199501
    ],
    "PixelBandwidth": 2973.1,
    "AcquisitionNumber": 4,
    "SpacingBetweenSlices": 2,
    "ProcedureStepDescription": "H1408201447",
    "ParallelReductionFactorInPlane": 2,
    "PartialFourierDirection": "PHASE",
    "AcquisitionTime": "15:42:42.220000",
    "RepetitionTime": 10,
    "PercentPhaseFOV": 100,
    "EchoTime": 0.07,
    "SliceThickness": 2,
    "EchoTrainLength": 55,
    "MagneticFieldStrength": 3,
    "MTState": false,
    "PhaseEncodingDirection": "j-",
    "ReconMatrixPE": 112,
    "StationName": "PHILIPS-T6O3EHP",
    "PartialFourierEnabled": "YES",
    "ScanOptions": "FS",
    "ConversionSoftwareVersion": "v1.0.20211006",
    "ManufacturersModelName": "Achieva",
    "ParallelAcquisitionTechnique": "SENSE",
    "ImagingFrequency": 127.804,
    "AcquisitionMatrixPE": 110,
    "MRAcquisitionType": "2D",
    "DeviceSerialNumber": "17057",
    "UsePhilipsFloatNotDisplayScaling": 1,
    "EstimatedEffectiveEchoSpacing": 0.000346897,
    "PatientPosition": "HFS",
    "PhilipsRescaleSlope": 2.00879,
    "SeriesDescription": "blip_DTI_Biobank_2mm_S2_HS0.8_EPI",
    "FlipAngle": 90,
    "InstitutionalDepartmentName": "MRI",
    "PhilipsScaleSlope": 0.000893553,
    "ScanningSequence": "SE"
}