{
  "Modality": "MR",
  "MagneticFieldStrength": 3,
  "ImagingFrequency": 127.716,
  "Manufacturer": "GE",
  "ManufacturersModelName": "SIGNA Premier",
  "InstitutionName": "Nottingham Medical School",
  "DeviceSerialNumber": "00000000269MRS04",
  "StationName": "MR01DV01",
  "BodyPartExamined": "BRAIN",
  "PatientPosition": "HFS",
  "ProcedureStepDescription": "FMHS4520122",
  "SoftwareVersions": "29\\LX\\RX29.1_R02_2131.a",
  "MRAcquisitionType": "3D",
  "SeriesDescription": "SWI_0.8x0.8x3mm",
  "ProtocolName": "SW_NHarmony_v1.2",
  "ScanningSequence": "RM",
  "SequenceVariant": "NONE",
  "ScanOptions": "EDR_GEMS\\FILTERED_GEMS\\ACC_GEMS\\PFP",
  "ImageType": [
    "ORIGINAL",
    "PRIMARY",
    "OTHER",
    "PHASE"
  ],
  "SeriesNumber": 8,
  "AcquisitionTime": "15:44:28.000000",
  "AcquisitionNumber": 1,
  "SliceThickness": 3,
  "SpacingBetweenSlices": 3,
  "SAR": 0.0764658,
  "EchoNumber": 3,
  "EchoTime": 0.020388,
  "RepetitionTime": 0.034216,
  "FlipAngle": 15,
  "CoilString": "48HAP",
  "PercentPhaseFOV": 87,
  "PercentSampling": 84.2796,
  "AcquisitionMatrixPE": 288,
  "ReconMatrixPE": 512,
  "ParallelReductionFactorInPlane": 1.98859,
  "PixelBandwidth": 75.1172,
  "ImageOrientationPatientDICOM": [
    0.999989,
    0.00430215,
    -0.00202083,
    -0.00404083,
    0.993341,
    0.115139
  ],
  "InPlanePhaseEncodingDirectionDICOM": "ROW",
  "ConversionSoftware": "dcm2niix",
  "ConversionSoftwareVersion": "v1.0.20211006"
}