{
    "ProcedureStepDescription": "neuro^N18",
    "ImageType": [
        "ORIGINAL",
        "PRIMARY",
        "DIFFUSION",
        "NONE",
        "MB",
        "ND",
        "MOSAIC"
    ],
    "CoilString": "C:HEA;HEP",
    "MRAcquisitionType": "2D",
    "PulseSequenceDetails": "%CustomerSeq%\\cmrr_mbep2d_diff",
    "PercentPhaseFOV": 100,
    "DerivedVendorReportedEchoSpacing": 0.000690017,
    "ScanOptions": "PFP\\FS",
    "BaseResolution": 104,
    "PhaseEncodingDirection": "j-",
    "MatrixCoilMode": "SENSE",
    "SAR": 0.144189,
    "EffectiveEchoSpacing": 0.000690017,
    "InstitutionAddress": "Headley Way sfd,Oxford,Southeast,GB,OX3 9UE",
    "SliceTiming": [
        0,
        1.655,
        3.3125,
        1.355,
        3.01,
        1.0525,
        2.71,
        0.7525,
        2.4075,
        0.45,
        2.1075,
        0.15,
        1.805,
        3.4625,
        1.505,
        3.16,
        1.2025,
        2.86,
        0.9025,
        2.56,
        0.6025,
        2.2575,
        0.3,
        1.9575,
        0,
        1.655,
        3.3125,
        1.355,
        3.01,
        1.0525,
        2.71,
        0.7525,
        2.4075,
        0.45,
        2.1075,
        0.15,
        1.805,
        3.4625,
        1.505,
        3.16,
        1.2025,
        2.86,
        0.9025,
        2.56,
        0.6025,
        2.2575,
        0.3,
        1.9575,
        0,
        1.655,
        3.3125,
        1.355,
        3.01,
        1.0525,
        2.71,
        0.7525,
        2.4075,
        0.45,
        2.1075,
        0.15,
        1.805,
        3.4625,
        1.505,
        3.16,
        1.2025,
        2.86,
        0.9025,
        2.56,
        0.6025,
        2.2575,
        0.3,
        1.9575
    ],
    "InstitutionName": "OCMR",
    "ImageOrientationPatientDICOM": [
        0.996884,
        -0.0264124,
        -0.0743247,
        5.81003e-10,
        0.942271,
        -0.33485
    ],
    "DeviceSerialNumber": "35031",
    "PhaseResolution": 1,
    "EchoTime": 0.0964,
    "ConversionSoftware": "dcm2niix",
    "PercentSampling": 100,
    "CoilCombinationMethod": "Sum of Squares",
    "StationName": "MRC35031",
    "AcquisitionTime": "13:00:22.775000",
    "PhaseEncodingSteps": 78,
    "SliceThickness": 2,
    "ReconMatrixPE": 104,
    "ImageComments": "Unaliased MB3/PE3 SENSE1",
    "ImageOrientationText": "Tra>Cor(-19.6)>Sag(-4.5)",
    "FlipAngle": 78,
    "PixelBandwidth": 1781,
    "SequenceName": "ep_b5#1",
    "MultibandAccelerationFactor": 3,
    "SpacingBetweenSlices": 2,
    "TxRefAmp": 346.439,
    "RepetitionTime": 3.6,
    "Modality": "MR",
    "DwellTime": 2.7e-06,
    "ConversionSoftwareVersion": "v1.0.20211006",
    "ScanningSequence": "EP",
    "TotalReadoutTime": 0.0710717,
    "SeriesNumber": 14,
    "BandwidthPerPixelPhaseEncode": 13.935,
    "AcquisitionMatrixPE": 104,
    "Manufacturer": "Siemens",
    "SequenceVariant": "SK\\SS",
    "ReceiveCoilName": "32Ch_Head",
    "InstitutionalDepartmentName": "OCMR2",
    "PatientPosition": "HFS",
    "MagneticFieldStrength": 3,
    "DiffusionScheme": "Monopolar",
    "SoftwareVersions": "syngo MR B17",
    "ShimSetting": [
        -1691,
        -11206,
        7586,
        959,
        -216,
        81,
        15,
        5
    ],
    "SeriesDescription": "diff_AP_MPopt_MB3_50b1000_50b2000_8b0_lowflip",
    "AcquisitionNumber": 1,
    "PartialFourier": 0.75,
    "ManufacturersModelName": "TrioTim",
    "InPlanePhaseEncodingDirectionDICOM": "COL",
    "ImagingFrequency": 123.172,
    "ProtocolName": "diff_AP_MPopt_MB3_50b1000_50b2000_8b0_lowflip"
}