{
    "ParallelReductionOutOfPlane": 4,
    "PhilipsRWVSlope": 0.905983,
    "MRAcquisitionType": "2D",
    "StationName": "PHILIPS-T6O3EHP",
    "SeriesDescription": "blipP_rs-fmri_singleMB4_HF0.8",
    "Manufacturer": "Philips",
    "SpacingBetweenSlices": 2.4,
    "Modality": "MR",
    "PhilipsRWVIntercept": 0,
    "EstimatedTotalReadoutTime": 0.0574858,
    "MTState": false,
    "ImagingFrequency": 127.805,
    "AcquisitionTime": "16:34:47.930000",
    "PhilipsRescaleIntercept": 0,
    "SequenceVariant": "SK",
    "ScanOptions": "FS",
    "B0FieldIdentifier": "pepolar_fmap0",
    "SoftwareVersions": "5.6.1\\5.6.1.1",
    "TotalReadoutTime": 0.0574858,
    "PhilipsRescaleSlope": 0.905983,
    "ScanningSequence": "SE",
    "WaterFatShift": 25.2425,
    "ProcedureStepDescription": "H1408201447",
    "ParallelAcquisitionTechnique": "MBSENSE",
    "ImageType": [
        "ORIGINAL",
        "PRIMARY",
        "M",
        "SE",
        "M",
        "SE"
    ],
    "PhaseEncodingSteps": 95,
    "IntendedFor": "ses-NOT1ACH001/func/sub-14221_ses-NOT1ACH001_task-rest_bold.nii.gz",
    "ConversionSoftwareVersion": "v1.0.20211006",
    "CoilString": "MULTI COIL",
    "ReconMatrixPE": 96,
    "PhaseEncodingDirection": "j",
    "ImageOrientationPatientDICOM": [
        0.999763,
        0.00359926,
        0.0214692,
        -0.00363219,
        0.999992,
        0.0014947
    ],
    "PhilipsScaleSlope": 0.00237522,
    "PercentPhaseFOV": 100,
    "RepetitionTime": 2,
    "PercentSampling": 100,
    "InstitutionName": "SPMMRC Nottingham",
    "ConversionSoftware": "dcm2niix",
    "FlipAngle": 80,
    "EffectiveEchoSpacing": 0.000605113,
    "UsePhilipsFloatNotDisplayScaling": 1,
    "InPlanePhaseEncodingDirectionDICOM": "COL",
    "DeviceSerialNumber": "17057",
    "SliceThickness": 2.4,
    "AcquisitionNumber": 15,
    "SeriesNumber": 1501,
    "EstimatedEffectiveEchoSpacing": 0.000605113,
    "PixelBandwidth": 2392,
    "MagneticFieldStrength": 3,
    "ProtocolName": "WIP blipP_rs-fmri_singleMB4_HF0.8",
    "EchoTrainLength": 95,
    "BodyPartExamined": "BRAIN",
    "EchoTime": 0.09,
    "SAR": 0.0454271,
    "ManufacturersModelName": "Achieva",
    "PhaseEncodingAxis": "j",
    "PatientPosition": "HFS",
    "InstitutionalDepartmentName": "MRI",
    "AcquisitionMatrixPE": 95
}