{
    "ProtocolName": "T2_FLAIR_1mm",
    "SeriesDescription": "T2_FLAIR_1mm",
    "ImagingFrequency": 127.805,
    "RepetitionTime": 5,
    "InversionTime": 1.65,
    "ScanOptions": "FS",
    "PhaseEncodingAxis": "i",
    "StationName": "PHILIPS-T6O3EHP",
    "ManufacturersModelName": "Achieva",
    "SoftwareVersions": "5.3.0\\5.3.0.3",
    "ImageType": [
        "ORIGINAL",
        "PRIMARY",
        "OTHER",
        "NORM"
    ],
    "ScanningSequence": "IR",
    "CoilString": "MULTI COIL",
    "PhaseEncodingSteps": 256,
    "PatientPosition": "HFS",
    "SliceThickness": 1.05,
    "WaterFatShift": 0.333723,
    "EchoTime": 0.290197,
    "EstimatedTotalReadoutTime": 0.000763803,
    "FlipAngle": 90,
    "ParallelReductionFactorInPlane": 2.6,
    "Modality": "MR",
    "PercentPhaseFOV": 100,
    "InstitutionName": "SPMMRC Nottingham",
    "EstimatedEffectiveEchoSpacing": 2.99531e-06,
    "SeriesNumber": 301,
    "ReconMatrixPE": 256,
    "ImageOrientationPatientDICOM": [
        0.154469,
        0.987997,
        0.000776798,
        0.049038,
        -0.00688162,
        -0.998773
    ],
    "AcquisitionNumber": 3,
    "MTState": false,
    "PixelBandwidth": 1302,
    "MRAcquisitionType": "3D",
    "Manufacturer": "Philips",
    "ConversionSoftwareVersion": "v1.0.20211006",
    "DeviceSerialNumber": "17057",
    "NumberOfAverages": 2,
    "AcquisitionMatrixPE": 256,
    "MagneticFieldStrength": 3,
    "UsePhilipsFloatNotDisplayScaling": 1,
    "SpacingBetweenSlices": 1.05,
    "InPlanePhaseEncodingDirectionDICOM": "ROW",
    "PhilipsRescaleSlope": 5.15604,
    "InstitutionalDepartmentName": "MRI",
    "ParallelReductionOutOfPlane": 2,
    "BodyPartExamined": "BRAIN",
    "PhilipsScaleSlope": 0.000120482,
    "SequenceVariant": "SK",
    "ConversionSoftware": "dcm2niix",
    "ProcedureStepDescription": "H14082014/47",
    "SAR": 0.0320335,
    "ParallelAcquisitionTechnique": "SENSE",
    "EchoTrainLength": 182,
    "AcquisitionTime": "11:12:37.630000",
    "PercentSampling": 78.5398,
    "PhilipsRescaleIntercept": 0
}