{
    "PhaseEncodingSteps": 88,
    "PatientPosition": "HFS",
    "SeriesDescription": "MB8_FMRI_fov210_2.4mm_resting",
    "CoilCombinationMethod": "Sum of Squares",
    "ScanningSequence": "EP",
    "DerivedVendorReportedEchoSpacing": 0.000639989,
    "SliceTiming": [
        0,
        0.2675,
        0.535,
        0.09,
        0.3575,
        0.625,
        0.1775,
        0.4475,
        0,
        0.2675,
        0.535,
        0.09,
        0.3575,
        0.625,
        0.1775,
        0.4475,
        0,
        0.2675,
        0.535,
        0.09,
        0.3575,
        0.625,
        0.1775,
        0.4475,
        0,
        0.2675,
        0.535,
        0.09,
        0.3575,
        0.625,
        0.1775,
        0.4475,
        0,
        0.2675,
        0.535,
        0.09,
        0.3575,
        0.625,
        0.1775,
        0.4475,
        0,
        0.2675,
        0.535,
        0.09,
        0.3575,
        0.625,
        0.1775,
        0.4475,
        0,
        0.2675,
        0.535,
        0.09,
        0.3575,
        0.625,
        0.1775,
        0.4475,
        0,
        0.2675,
        0.535,
        0.09,
        0.3575,
        0.625,
        0.1775,
        0.4475
    ],
    "SliceThickness": 2.4,
    "MultibandAccelerationFactor": 8,
    "PercentPhaseFOV": 100,
    "ProtocolName": "MB8_FMRI_fov210_2.4mm_resting",
    "InstitutionName": "The John Radcliffe",
    "SequenceVariant": "SK\\SS",
    "SpacingBetweenSlices": 2.4,
    "AcquisitionMatrixPE": 88,
    "PartialFourier": 1,
    "ImageOrientationText": "Tra>Cor(-2.8)>Sag(0.0)",
    "ConversionSoftware": "dcm2niix",
    "AcquisitionTime": "12:34:31.207500",
    "MRAcquisitionType": "2D",
    "BodyPartExamined": "HEAD",
    "EffectiveEchoSpacing": 0.000639989,
    "PulseSequenceDetails": "%CustomerSeq%\\cmrr_mbep2d_bold",
    "ConsistencyInfo": "N4_VE11C_LATEST_20160120",
    "PixelBandwidth": 2030,
    "Modality": "MR",
    "ScanOptions": "FS",
    "DeviceSerialNumber": "66050",
    "BandwidthPerPixelPhaseEncode": 17.756,
    "InstitutionalDepartmentName": "Department",
    "EchoTime": 0.039,
    "SAR": 0.0676016,
    "Manufacturer": "Siemens",
    "ImagingFrequency": 123.256,
    "ImageOrientationPatientDICOM": [
        0.999322,
        0.0367928,
        -0.00141674,
        -0.0368181,
        0.998138,
        -0.0486223
    ],
    "SeriesNumber": 8,
    "ReconMatrixPE": 88,
    "SequenceName": "epfid2d1_88",
    "BaseResolution": 88,
    "PhaseEncodingDirection": "j-",
    "ReceiveCoilName": "Head_32",
    "MagneticFieldStrength": 3,
    "SoftwareVersions": "syngo MR E11",
    "PhaseResolution": 1,
    "ManufacturersModelName": "Prisma",
    "TaskName": "rest",
    "RepetitionTime": 0.735,
    "ConversionSoftwareVersion": "v1.0.20211006",
    "AcquisitionNumber": 1,
    "EchoTrainLength": 88,
    "DwellTime": 2.8e-06,
    "ReceiveCoilActiveElements": "HEA;HEP",
    "InPlanePhaseEncodingDirectionDICOM": "COL",
    "MatrixCoilMode": "SENSE",
    "InstitutionAddress": "Headley Way StreetNo,Oxford,District,GB,OX3 9DU",
    "ShimSetting": [
        315,
        -11536,
        1696,
        414,
        -26,
        -71,
        81,
        1
    ],
    "ImageComments": "Unaliased MB8/PE3 SENSE1",
    "PercentSampling": 100,
    "WipMemBlock": "d9512f06-9728-4a59-9094-bed9901142c8||Sequence: R016 ve11c/master r/e634e98; Dec 19 2017 11:00:25 by eja",
    "ImageType": [
        "ORIGINAL",
        "PRIMARY",
        "M",
        "MB",
        "ND",
        "MOSAIC"
    ],
    "TotalReadoutTime": 0.055679,
    "TxRefAmp": 248.273,
    "StationName": "AWP66050",
    "FlipAngle": 52
}