{
    "FlipAngle": 120,
    "DwellTime": 2.5e-06,
    "InversionTime": 1.8,
    "MatrixCoilMode": "GRAPPA",
    "AcquisitionNumber": 1,
    "InPlanePhaseEncodingDirectionDICOM": "ROW",
    "ParallelReductionFactorInPlane": 2,
    "PartialFourier": 1,
    "PhaseResolution": 1.00781,
    "ImageType": [
        "ORIGINAL",
        "PRIMARY",
        "OTHER",
        "NORM"
    ],
    "ImagingFrequency": 123.172,
    "ScanOptions": "IR\\PFP\\FS",
    "BaseResolution": 256,
    "ReconMatrixPE": 256,
    "PatientPosition": "HFS",
    "InstitutionAddress": "Headley Way sfd,Oxford,Southeast,GB,OX3 9UE",
    "SliceThickness": 1.05,
    "PercentSampling": 100.781,
    "PercentPhaseFOV": 100,
    "ReceiveCoilName": "32Ch_Head",
    "SpoilingState": true,
    "SequenceVariant": "SK\\SP\\MP",
    "ShimSetting": [
        -1019,
        -11261,
        7302,
        -1628,
        -454,
        -818,
        4537,
        -139
    ],
    "MRAcquisitionType": "3D",
    "AcquisitionMatrixPE": 258,
    "ManufacturersModelName": "TrioTim",
    "InstitutionalDepartmentName": "OCMR2",
    "DeviceSerialNumber": "35031",
    "EchoTrainLength": 141,
    "CoilCombinationMethod": "Adaptive Combine",
    "ProcedureStepDescription": "neuro^N18",
    "ProtocolName": "t2_flair_sag_p2_1mm_FS_ellip_pf78",
    "ScanningSequence": "SE\\IR",
    "RepetitionTime": 5,
    "SeriesDescription": "t2_flair_sag_p2_1mm_FS_ellip_pf78",
    "CoilString": "C:HEA;HEP",
    "EchoTime": 0.396,
    "TxRefAmp": 346.439,
    "SequenceName": "*spcir3d1_282ns",
    "StationName": "MRC35031",
    "PulseSequenceDetails": "%SiemensSeq%\\tse_vfl",
    "SeriesNumber": 10,
    "ImageOrientationPatientDICOM": [
        -0.00447347,
        0.993768,
        -0.111379,
        -0.0398817,
        -0.111469,
        -0.992967
    ],
    "PixelBandwidth": 781,
    "SoftwareVersions": "syngo MR B17",
    "AcquisitionTime": "12:51:56.400000",
    "MagneticFieldStrength": 3,
    "Manufacturer": "Siemens",
    "ConversionSoftwareVersion": "v1.0.20211006",
    "RefLinesPE": 24,
    "ConversionSoftware": "dcm2niix",
    "ImageOrientationText": "Sag>Tra(2.3)",
    "InstitutionName": "OCMR",
    "SAR": 0.17299,
    "PhaseEncodingDirection": "i",
    "PhaseEncodingSteps": 238,
    "Modality": "MR"
}