{
    "SequenceName": "epfid2d1_88",
    "ManufacturersModelName": "Prisma",
    "MRAcquisitionType": "2D",
    "BodyPartExamined": "HEAD",
    "SequenceVariant": "SK\\SS",
    "AcquisitionMatrixPE": 88,
    "PhaseResolution": 1,
    "ScanningSequence": "EP",
    "ConversionSoftwareVersion": "v1.0.20211006",
    "MatrixCoilMode": "SENSE",
    "PatientPosition": "HFS",
    "ImageComments": "Unaliased MB8/PE3 SENSE1",
    "PhaseEncodingSteps": 88,
    "PartialFourier": 1,
    "PulseSequenceDetails": "%CustomerSeq%\\cmrr_mbep2d_bold",
    "MultibandAccelerationFactor": 8,
    "DerivedVendorReportedEchoSpacing": 0.000639989,
    "ImageOrientationText": "Tra>Cor(-17.7)>Sag(-1.0)",
    "MagneticFieldStrength": 3,
    "TaskName": "rest",
    "ConversionSoftware": "dcm2niix",
    "DwellTime": 2.8e-06,
    "ConsistencyInfo": "N4_VE11C_LATEST_20160120",
    "PercentPhaseFOV": 100,
    "StationName": "AWP66050",
    "CoilCombinationMethod": "Sum of Squares",
    "PixelBandwidth": 2030,
    "BandwidthPerPixelPhaseEncode": 17.756,
    "ImageType": [
        "ORIGINAL",
        "PRIMARY",
        "M",
        "MB",
        "ND",
        "MOSAIC"
    ],
    "EchoTime": 0.039,
    "ImageOrientationPatientDICOM": [
        0.99986,
        -0.00510046,
        -0.0159548,
        2.27474e-08,
        0.952512,
        -0.3045
    ],
    "InPlanePhaseEncodingDirectionDICOM": "COL",
    "Modality": "MR",
    "TxRefAmp": 275.028,
    "SAR": 0.0615671,
    "ScanOptions": "FS",
    "InstitutionAddress": "Headley Way StreetNo,Oxford,District,GB,OX3 9DU",
    "InstitutionName": "The John Radcliffe",
    "InstitutionalDepartmentName": "Department",
    "SeriesDescription": "MB8_FMRI_fov210_2.4mm_resting",
    "SeriesNumber": 10,
    "SliceThickness": 2.4,
    "SoftwareVersions": "syngo MR E11",
    "BaseResolution": 88,
    "EchoTrainLength": 88,
    "TotalReadoutTime": 0.055679,
    "AcquisitionNumber": 1,
    "ReceiveCoilActiveElements": "HEA;HEP",
    "EffectiveEchoSpacing": 0.000639989,
    "ReconMatrixPE": 88,
    "PhaseEncodingDirection": "j-",
    "PercentSampling": 100,
    "Manufacturer": "Siemens",
    "AcquisitionTime": "10:49:13.137500",
    "ImagingFrequency": 123.227,
    "WipMemBlock": "e564e0b2-35cb-4ecc-9351-41c0524d0495||Sequence: R016 ve11c/master r/e634e98; Dec 19 2017 11:00:25 by eja",
    "ProtocolName": "MB8_FMRI_fov210_2.4mm_resting",
    "ShimSetting": [
        345,
        -11541,
        1671,
        403,
        356,
        206,
        2,
        53
    ],
    "FlipAngle": 52,
    "RepetitionTime": 0.735,
    "SliceTiming": [
        0,
        0.27,
        0.5375,
        0.09,
        0.3575,
        0.6275,
        0.18,
        0.4475,
        0,
        0.27,
        0.5375,
        0.09,
        0.3575,
        0.6275,
        0.18,
        0.4475,
        0,
        0.27,
        0.5375,
        0.09,
        0.3575,
        0.6275,
        0.18,
        0.4475,
        0,
        0.27,
        0.5375,
        0.09,
        0.3575,
        0.6275,
        0.18,
        0.4475,
        0,
        0.27,
        0.5375,
        0.09,
        0.3575,
        0.6275,
        0.18,
        0.4475,
        0,
        0.27,
        0.5375,
        0.09,
        0.3575,
        0.6275,
        0.18,
        0.4475,
        0,
        0.27,
        0.5375,
        0.09,
        0.3575,
        0.6275,
        0.18,
        0.4475,
        0,
        0.27,
        0.5375,
        0.09,
        0.3575,
        0.6275,
        0.18,
        0.4475
    ],
    "ReceiveCoilName": "Head_32",
    "DeviceSerialNumber": "66050",
    "SpacingBetweenSlices": 2.4
}