{
	"Modality": "MR",
	"MagneticFieldStrength": 3,
	"ImagingFrequency": 123.172,
	"Manufacturer": "Siemens",
	"ManufacturersModelName": "TrioTim",
	"InstitutionName": "ocmr",
	"InstitutionalDepartmentName": "OCMR2",
	"InstitutionAddress": "Headley Way sfd,Oxford,Southeast,GB,OX3 9UE",
	"DeviceSerialNumber": "35031",
	"StationName": "MRC35031",
	"PatientPosition": "HFS",
	"ProcedureStepDescription": "neuro^N18",
	"SoftwareVersions": "syngo MR B17",
	"MRAcquisitionType": "3D",
	"SeriesDescription": "SWI_3mm_Updated_v1.1",
	"ProtocolName": "SWI_3mm_Updated_v1.1",
	"ScanningSequence": "GR",
	"SequenceVariant": "SP",
	"ScanOptions": "PFP",
	"SequenceName": "*fl3d2r",
	"ImageType": ["ORIGINAL", "PRIMARY", "P", "ND", "PHASE"],
	"SeriesNumber": 16,
	"AcquisitionTime": "11:20:53.395000",
	"AcquisitionNumber": 1,
	"SliceThickness": 3,
	"SAR": 0.0237884,
	"EchoNumber": 2,
	"EchoTime": 0.01671,
	"RepetitionTime": 0.027,
	"FlipAngle": 15,
	"EchoTime1": 0.00942,
	"EchoTime2": 0.01671,
	"PartialFourier": 0.875,
	"BaseResolution": 320,
	"ShimSetting": [
		-1662,
		-11286,
		7704,
		1208,
		183,
		285,
		355,
		-10	],
	"TxRefAmp": 310.534,
	"PhaseResolution": 1,
	"ReceiveCoilName": "32Ch_Head",
	"CoilString": "H29",
	"PulseSequenceDetails": "%SiemensSeq%\\gre",
	"RefLinesPE": 24,
	"CoilCombinationMethod": "Sum of Squares",
	"MatrixCoilMode": "GRAPPA",
	"PercentPhaseFOV": 87.5,
	"PercentSampling": 100,
	"PhaseEncodingSteps": 244,
	"AcquisitionMatrixPE": 280,
	"ReconMatrixPE": 280,
	"ParallelReductionFactorInPlane": 2,
	"PixelBandwidth": 140,
	"DwellTime": 1.12e-05,
	"ImageOrientationPatientDICOM": [
		0.999246,
		-0.00985785,
		-0.0375456,
		7.01864e-10,
		0.967218,
		-0.253949	],
	"ImageOrientationText": "Tra>Cor(-14.7)>Sag(-2.2)",
	"InPlanePhaseEncodingDirectionDICOM": "ROW",
	"ConversionSoftware": "dcm2niix",
	"ConversionSoftwareVersion": "v1.0.20211006"
}
