{
  "Modality": "MR",
  "MagneticFieldStrength": 3,
  "ImagingFrequency": 127.804,
  "Manufacturer": "Philips",
  "ManufacturersModelName": "Achieva",
  "InstitutionName": "SPMMRC Nottingham",
  "InstitutionalDepartmentName": "MRI",
  "DeviceSerialNumber": "17057",
  "StationName": "PHILIPS-T6O3EHP",
  "BodyPartExamined": "BRAIN",
  "PatientPosition": "HFS",
  "ProcedureStepDescription": "FMHS4520122",
  "SoftwareVersions": "5.6.1\\5.6.1.1",
  "MRAcquisitionType": "2D",
  "SeriesDescription": "blip_DTI_Biobank_2mm_S2_HS0.8_EPI",
  "ProtocolName": "WIP blip_DTI_Biobank_2mm_S2_HS0.8_EPI",
  "ScanningSequence": "SE",
  "SequenceVariant": "SK",
  "ScanOptions": "FS",
  "ImageType": [
    "ORIGINAL",
    "PRIMARY",
    "T2",
    "NONE",
    "NORM"
  ],
  "SeriesNumber": 401,
  "AcquisitionTime": "15:34:8.230000",
  "AcquisitionNumber": 4,
  "PhilipsRescaleSlope": 2.19756,
  "PhilipsRescaleIntercept": 0,
  "PhilipsScaleSlope": 0.000874765,
  "UsePhilipsFloatNotDisplayScaling": 0,
  "SliceThickness": 2,
  "SpacingBetweenSlices": 2,
  "EchoTime": 0.07,
  "RepetitionTime": 10,
  "MTState": false,
  "FlipAngle": 90,
  "CoilString": "MULTI COIL",
  "PercentPhaseFOV": 100,
  "PercentSampling": 100,
  "EchoTrainLength": 55,
  "PartialFourierDirection": "PHASE",
  "PartialFourierEnabled": "YES",
  "PhaseEncodingStepsNoPartialFourier": 110,
  "AcquisitionMatrixPE": 110,
  "ReconMatrixPE": 112,
  "ParallelReductionFactorInPlane": 2,
  "ParallelAcquisitionTechnique": "SENSE",
  "WaterFatShift": 17.0362,
  "EstimatedEffectiveEchoSpacing": 0.000346897,
  "EstimatedTotalReadoutTime": 0.0385056,
  "PixelBandwidth": 2973.1,
  "PhaseEncodingAxis": "j",
  "ImageOrientationPatientDICOM": [
    0.99482,
    -0.0339043,
    -0.0958278,
    0.0498371,
    0.984336,
    0.169114
  ],
  "InPlanePhaseEncodingDirectionDICOM": "COL",
  "ConversionSoftware": "dcm2niix",
  "ConversionSoftwareVersion": "v1.0.20211006",
  "PhaseEncodingDirection": "j-",
  "EffectiveEchoSpacing": 0.000346897,
  "TotalReadoutTime": 0.0385056
}