{
  "Modality": "MR",
  "MagneticFieldStrength": 3,
  "ImagingFrequency": 123.235,
  "Manufacturer": "Siemens",
  "ManufacturersModelName": "Prisma",
  "InstitutionName": "The John Radcliffe",
  "InstitutionalDepartmentName": "Department",
  "InstitutionAddress": "Headley Way StreetNo,Oxford,District,GB,OX3 9DU",
  "DeviceSerialNumber": "66050",
  "StationName": "AWP66050",
  "BodyPartExamined": "HEAD",
  "PatientPosition": "HFS",
  "SoftwareVersions": "syngo MR E11",
  "MRAcquisitionType": "2D",
  "SeriesDescription": "MB8_FMRI_fov210_2.4mm_resting",
  "ProtocolName": "MB8_FMRI_fov210_2.4mm_resting",
  "ScanningSequence": "EP",
  "SequenceVariant": "SK\\SS",
  "ScanOptions": "FS",
  "SequenceName": "epfid2d1_88",
  "ImageType": [
    "ORIGINAL",
    "PRIMARY",
    "M",
    "MB",
    "ND",
    "MOSAIC"
  ],
  "SeriesNumber": 8,
  "AcquisitionTime": "13:55:37.495000",
  "AcquisitionNumber": 1,
  "ImageComments": "Unaliased MB8/PE3 SENSE1",
  "SliceThickness": 2.4,
  "SpacingBetweenSlices": 2.4,
  "SAR": 0.0602353,
  "EchoTime": 0.039,
  "RepetitionTime": 0.735,
  "FlipAngle": 52,
  "PartialFourier": 1,
  "BaseResolution": 88,
  "ShimSetting": [
    354,
    -11427,
    1820,
    734,
    16,
    -33,
    40,
    -9
  ],
  "TxRefAmp": 232.349,
  "PhaseResolution": 1,
  "ReceiveCoilName": "Head_32",
  "ReceiveCoilActiveElements": "HEA;HEP",
  "PulseSequenceDetails": "%CustomerSeq%\\cmrr_mbep2d_bold",
  "WipMemBlock": "0cc46f21-3ad1-49f7-9ee4-6b075293a092||Sequence: R016 ve11c/master r/e634e98; Dec 19 2017 11:00:25 by eja",
  "CoilCombinationMethod": "Sum of Squares",
  "ConsistencyInfo": "N4_VE11C_LATEST_20160120",
  "MatrixCoilMode": "SENSE",
  "MultibandAccelerationFactor": 8,
  "PercentPhaseFOV": 100,
  "PercentSampling": 100,
  "EchoTrainLength": 88,
  "PhaseEncodingSteps": 88,
  "AcquisitionMatrixPE": 88,
  "ReconMatrixPE": 88,
  "BandwidthPerPixelPhaseEncode": 17.756,
  "EffectiveEchoSpacing": 0.000639989,
  "DerivedVendorReportedEchoSpacing": 0.000639989,
  "TotalReadoutTime": 0.055679,
  "PixelBandwidth": 2030,
  "DwellTime": 2.8e-06,
  "PhaseEncodingDirection": "j-",
  "SliceTiming": [
    0,
    0.27,
    0.5375,
    0.09,
    0.3575,
    0.6275,
    0.18,
    0.4475,
    0,
    0.27,
    0.5375,
    0.09,
    0.3575,
    0.6275,
    0.18,
    0.4475,
    0,
    0.27,
    0.5375,
    0.09,
    0.3575,
    0.6275,
    0.18,
    0.4475,
    0,
    0.27,
    0.5375,
    0.09,
    0.3575,
    0.6275,
    0.18,
    0.4475,
    0,
    0.27,
    0.5375,
    0.09,
    0.3575,
    0.6275,
    0.18,
    0.4475,
    0,
    0.27,
    0.5375,
    0.09,
    0.3575,
    0.6275,
    0.18,
    0.4475,
    0,
    0.27,
    0.5375,
    0.09,
    0.3575,
    0.6275,
    0.18,
    0.4475,
    0,
    0.27,
    0.5375,
    0.09,
    0.3575,
    0.6275,
    0.18,
    0.4475
  ],
  "ImageOrientationPatientDICOM": [
    0.999978,
    0.0064233,
    0.00146869,
    -0.0057595,
    0.960361,
    -0.278699
  ],
  "ImageOrientationText": "Tra>Cor(-16.2)>Sag(0.2)",
  "InPlanePhaseEncodingDirectionDICOM": "COL",
  "ConversionSoftware": "dcm2niix",
  "ConversionSoftwareVersion": "v1.0.20211006",
  "B0FieldSource": "pepolar_fmap0",
  "TaskName": "rest"
}