{
    "Manufacturer": "Siemens",
    "BandwidthPerPixelPhaseEncode": 17.756,
    "InPlanePhaseEncodingDirectionDICOM": "COL",
    "MagneticFieldStrength": 3,
    "AcquisitionMatrixPE": 88,
    "MRAcquisitionType": "2D",
    "ScanOptions": "FS",
    "Modality": "MR",
    "ReceiveCoilActiveElements": "HC1-7",
    "SliceThickness": 2.4,
    "PixelBandwidth": 2030,
    "SequenceVariant": "SK\\SS",
    "InstitutionAddress": "Warneford Lane StreetNo,Oxford,District,GB,OX3 7JX",
    "AcquisitionNumber": 1,
    "InstitutionName": "Warneford Hospital",
    "ConversionSoftware": "dcm2niix",
    "PartialFourier": 1,
    "MatrixCoilMode": "SENSE",
    "TaskName": "rest",
    "ConversionSoftwareVersion": "v1.0.20211006",
    "StationName": "AWP66093",
    "PercentPhaseFOV": 100,
    "TxRefAmp": 269.232,
    "ImagingFrequency": 123.26,
    "ImageComments": "Unaliased MB8/PE3 SENSE1",
    "WipMemBlock": "a285e0b5-31d7-4ef8-aed2-afd5beb94e7e||Sequence: R016 ve11c/master r/e634e98; Dec 19 2017 11:00:25 by eja",
    "ReceiveCoilName": "HeadNeck_64",
    "SliceTiming": [
        0,
        0.27,
        0.5375,
        0.09,
        0.3575,
        0.6275,
        0.18,
        0.4475,
        0,
        0.27,
        0.5375,
        0.09,
        0.3575,
        0.6275,
        0.18,
        0.4475,
        0,
        0.27,
        0.5375,
        0.09,
        0.3575,
        0.6275,
        0.18,
        0.4475,
        0,
        0.27,
        0.5375,
        0.09,
        0.3575,
        0.6275,
        0.18,
        0.4475,
        0,
        0.27,
        0.5375,
        0.09,
        0.3575,
        0.6275,
        0.18,
        0.4475,
        0,
        0.27,
        0.5375,
        0.09,
        0.3575,
        0.6275,
        0.18,
        0.4475,
        0,
        0.27,
        0.5375,
        0.09,
        0.3575,
        0.6275,
        0.18,
        0.4475,
        0,
        0.27,
        0.5375,
        0.09,
        0.3575,
        0.6275,
        0.18,
        0.4475
    ],
    "DerivedVendorReportedEchoSpacing": 0.000639989,
    "ImageOrientationPatientDICOM": [
        0.998253,
        -0.0200471,
        -0.0555731,
        -9.5112e-09,
        0.940667,
        -0.339331
    ],
    "RepetitionTime": 0.735,
    "FlipAngle": 52,
    "PulseSequenceDetails": "%CustomerSeq%\\cmrr_mbep2d_bold",
    "SoftwareVersions": "syngo MR E11",
    "ProtocolName": "MB8_FMRI_fov210_2.4mm_resting",
    "SequenceName": "epfid2d1_88",
    "DwellTime": 2.8e-06,
    "PhaseEncodingSteps": 88,
    "SeriesNumber": 6,
    "SeriesDescription": "MB8_FMRI_fov210_2.4mm_resting",
    "ScanningSequence": "EP",
    "TotalReadoutTime": 0.055679,
    "AcquisitionTime": "09:55:5.205000",
    "ReconMatrixPE": 88,
    "SpacingBetweenSlices": 2.4,
    "EffectiveEchoSpacing": 0.000639989,
    "SAR": 0.0608918,
    "ImageOrientationText": "Tra>Cor(-19.8)>Sag(-3.4)",
    "BodyPartExamined": "BRAIN",
    "PhaseEncodingDirection": "j-",
    "DeviceSerialNumber": "66093",
    "ManufacturersModelName": "Prisma",
    "EchoTrainLength": 88,
    "ImageType": [
        "ORIGINAL",
        "PRIMARY",
        "M",
        "MB",
        "ND",
        "MOSAIC"
    ],
    "PercentSampling": 100,
    "CoilCombinationMethod": "Sum of Squares",
    "EchoTime": 0.039,
    "PatientPosition": "HFS",
    "InstitutionalDepartmentName": "BE3597",
    "ShimSetting": [
        4951,
        -11417,
        -1315,
        537,
        30,
        -166,
        -8,
        13
    ],
    "MultibandAccelerationFactor": 8,
    "PhaseResolution": 1,
    "ConsistencyInfo": "N4_VE11C_LATEST_20160120",
    "BaseResolution": 88
}