{
	"Modality": "MR",
	"MagneticFieldStrength": 3,
	"ImagingFrequency": 123.172,
	"Manufacturer": "Siemens",
	"ManufacturersModelName": "TrioTim",
	"InstitutionName": "ocmr",
	"InstitutionalDepartmentName": "OCMR2",
	"InstitutionAddress": "Headley Way sfd,Oxford,Southeast,GB,OX3 9UE",
	"DeviceSerialNumber": "35031",
	"StationName": "MRC35031",
	"PatientPosition": "HFS",
	"ProcedureStepDescription": "neuro^N18",
	"SoftwareVersions": "syngo MR B17",
	"MRAcquisitionType": "3D",
	"SeriesDescription": "SWI_3mm_Updated_v1.1",
	"ProtocolName": "SWI_3mm_Updated_v1.1",
	"ScanningSequence": "GR",
	"SequenceVariant": "SP",
	"ScanOptions": "PFP",
	"SequenceName": "*fl3d2r",
	"ImageType": ["ORIGINAL", "PRIMARY", "M", "ND"],
	"SeriesNumber": 13,
	"AcquisitionTime": "15:03:53.065000",
	"AcquisitionNumber": 1,
	"SliceThickness": 3,
	"SAR": 0.0262993,
	"EchoNumber": 1,
	"EchoTime": 0.00942,
	"RepetitionTime": 0.027,
	"FlipAngle": 15,
	"PartialFourier": 0.875,
	"BaseResolution": 320,
	"ShimSetting": [
		-1700,
		-11275,
		7584,
		755,
		-31,
		-302,
		178,
		75	],
	"TxRefAmp": 342.009,
	"PhaseResolution": 1,
	"ReceiveCoilName": "32Ch_Head",
	"CoilString": "H21",
	"PulseSequenceDetails": "%SiemensSeq%\\gre",
	"RefLinesPE": 24,
	"CoilCombinationMethod": "Sum of Squares",
	"MatrixCoilMode": "GRAPPA",
	"PercentPhaseFOV": 87.5,
	"PercentSampling": 100,
	"PhaseEncodingSteps": 244,
	"AcquisitionMatrixPE": 280,
	"ReconMatrixPE": 280,
	"ParallelReductionFactorInPlane": 2,
	"PixelBandwidth": 140,
	"DwellTime": 1.12e-05,
	"ImageOrientationPatientDICOM": [
		0.999196,
		-0.0158433,
		-0.0368296,
		8.60301e-10,
		0.918609,
		-0.395167	],
	"ImageOrientationText": "Tra>Cor(-23.3)>Sag(-2.3)",
	"InPlanePhaseEncodingDirectionDICOM": "ROW",
	"ConversionSoftware": "dcm2niix",
	"ConversionSoftwareVersion": "v1.0.20211006"
}
