{
    "ConsistencyInfo": "N4_VE11C_LATEST_20160120",
    "InstitutionalDepartmentName": "Department",
    "PatientPosition": "HFS",
    "ImageComments": "Unaliased MB3/PE3 SENSE1",
    "PhaseResolution": 1,
    "ConversionSoftwareVersion": "v1.0.20211006",
    "PhaseEncodingDirection": "j",
    "ScanOptions": "PFP\\FS",
    "AcquisitionTime": "11:59:27.092500",
    "EchoTrainLength": 78,
    "CoilCombinationMethod": "Sum of Squares",
    "DiffusionScheme": "Monopolar",
    "SequenceVariant": "SK\\SS",
    "DerivedVendorReportedEchoSpacing": 0.000670015,
    "PercentPhaseFOV": 100,
    "SpacingBetweenSlices": 2,
    "MagneticFieldStrength": 3,
    "PercentSampling": 100,
    "PulseSequenceDetails": "%CustomerSeq%\\cmrr_mbep2d_diff",
    "Modality": "MR",
    "SequenceName": "ep_b5#1",
    "PixelBandwidth": 1780,
    "ReceiveCoilActiveElements": "HEA;HEP",
    "ProtocolName": "diff_PA_MPopt_MB3_3b0_lowflip",
    "ShimSetting": [
        343,
        -11529,
        1672,
        275,
        307,
        108,
        174,
        33
    ],
    "SAR": 0.063124,
    "AcquisitionNumber": 1,
    "MRAcquisitionType": "2D",
    "WipMemBlock": "7d10c4b5-fcf0-4bcb-b0c8-bcb146fc5ef8||Sequence: R016 ve11c/master r/e634e98; Dec 19 2017 11:11:25 by eja",
    "ConversionSoftware": "dcm2niix",
    "ReceiveCoilName": "Head_32",
    "StationName": "AWP66050",
    "TxRefAmp": 235.937,
    "AcquisitionMatrixPE": 104,
    "SeriesNumber": 12,
    "DeviceSerialNumber": "66050",
    "InstitutionName": "The John Radcliffe",
    "PhaseEncodingSteps": 78,
    "EchoTime": 0.092,
    "BaseResolution": 104,
    "ImageOrientationPatientDICOM": [
        0.999663,
        0.0253073,
        0.00578819,
        -0.0218128,
        0.939691,
        -0.341328
    ],
    "TotalReadoutTime": 0.0690115,
    "InPlanePhaseEncodingDirectionDICOM": "COL",
    "FlipAngle": 78,
    "EffectiveEchoSpacing": 0.000670015,
    "BandwidthPerPixelPhaseEncode": 14.351,
    "SliceTiming": [
        0,
        1.64062,
        3.28125,
        1.34375,
        2.98438,
        1.04688,
        2.6875,
        0.75,
        2.38281,
        0.44531,
        2.08594,
        0.14844,
        1.78906,
        3.42969,
        1.49219,
        3.13281,
        1.19531,
        2.83594,
        0.89062,
        2.53906,
        0.59375,
        2.23438,
        0.29688,
        1.9375,
        0,
        1.64062,
        3.28125,
        1.34375,
        2.98438,
        1.04688,
        2.6875,
        0.75,
        2.38281,
        0.44531,
        2.08594,
        0.14844,
        1.78906,
        3.42969,
        1.49219,
        3.13281,
        1.19531,
        2.83594,
        0.89062,
        2.53906,
        0.59375,
        2.23438,
        0.29688,
        1.9375,
        0,
        1.64062,
        3.28125,
        1.34375,
        2.98438,
        1.04688,
        2.6875,
        0.75,
        2.38281,
        0.44531,
        2.08594,
        0.14844,
        1.78906,
        3.42969,
        1.49219,
        3.13281,
        1.19531,
        2.83594,
        0.89062,
        2.53906,
        0.59375,
        2.23438,
        0.29688,
        1.9375
    ],
    "SoftwareVersions": "syngo MR E11",
    "SeriesDescription": "diff 3dirs b=0 pepolar",
    "ScanningSequence": "EP",
    "ImageOrientationText": "Tra>Cor(-19.9)>Sag(0.8)",
    "PartialFourier": 0.75,
    "RepetitionTime": 3.6,
    "MatrixCoilMode": "SENSE",
    "ReconMatrixPE": 104,
    "BodyPartExamined": "HEAD",
    "ManufacturersModelName": "Prisma",
    "DwellTime": 2.7e-06,
    "ImageType": [
        "ORIGINAL",
        "PRIMARY",
        "DIFFUSION",
        "NONE",
        "MB",
        "ND"
    ],
    "ImagingFrequency": 123.227,
    "SliceThickness": 2,
    "InstitutionAddress": "Headley Way StreetNo,Oxford,District,GB,OX3 9DU",
    "Manufacturer": "Siemens",
    "MultibandAccelerationFactor": 3
}