{
  "Modality": "MR",
  "MagneticFieldStrength": 3,
  "ImagingFrequency": 127.805,
  "Manufacturer": "Philips",
  "ManufacturersModelName": "Achieva",
  "InstitutionName": "SPMMRC Nottingham",
  "InstitutionalDepartmentName": "MRI",
  "DeviceSerialNumber": "17057",
  "StationName": "PHILIPS-T6O3EHP",
  "BodyPartExamined": "BRAIN",
  "PatientPosition": "HFS",
  "ProcedureStepDescription": "FMHS4520122",
  "SoftwareVersions": "5.6.1\\5.6.1.1",
  "MRAcquisitionType": "3D",
  "SeriesDescription": "SWI_3mm_tra",
  "ProtocolName": "WIP SWI_3mm_tra",
  "ScanningSequence": "GR",
  "SequenceVariant": "SP",
  "ScanOptions": "FC",
  "ImageType": [
    "ORIGINAL",
    "PRIMARY",
    "T1",
    "MIXED",
    "PHASE"
  ],
  "SeriesNumber": 1701,
  "AcquisitionTime": "16:46:55.190000",
  "AcquisitionNumber": 17,
  "PhilipsRWVSlope": 1.53455,
  "PhilipsRWVIntercept": -3142,
  "PhilipsRescaleSlope": 1.53455,
  "PhilipsRescaleIntercept": -3142,
  "PhilipsScaleSlope": 651.74,
  "UsePhilipsFloatNotDisplayScaling": 0,
  "SliceThickness": 3,
  "SpacingBetweenSlices": 3,
  "EchoNumber": 2,
  "EchoTime": 0.02,
  "RepetitionTime": 0.027,
  "MTState": false,
  "SpoilingState": true,
  "SpoilingType": "COMBINED",
  "FlipAngle": 15,
  "CoilString": "MULTI COIL",
  "PercentPhaseFOV": 88.8889,
  "PercentSampling": 78.233,
  "EchoTrainLength": 2,
  "PhaseEncodingSteps": 286,
  "AcquisitionMatrixPE": 286,
  "ReconMatrixPE": 288,
  "ParallelReductionFactorInPlane": 2,
  "ParallelAcquisitionTechnique": "SENSE",
  "WaterFatShift": 2.97492,
  "EstimatedEffectiveEchoSpacing": 1.59029e-05,
  "EstimatedTotalReadoutTime": 0.00456414,
  "PixelBandwidth": 146.066,
  "PhaseEncodingAxis": "i",
  "ImageOrientationPatientDICOM": [
    0.999841,
    0.0144107,
    0.0104962,
    -0.014174,
    0.999651,
    -0.0222855
  ],
  "InPlanePhaseEncodingDirectionDICOM": "ROW",
  "ConversionSoftware": "dcm2niix",
  "ConversionSoftwareVersion": "v1.0.20211006",
  "TotalReadoutTime": 0.00456414
}