{
	"Modality": "MR",
	"MagneticFieldStrength": 3,
	"ImagingFrequency": 127.726,
	"Manufacturer": "GE",
	"ManufacturersModelName": "DISCOVERY MR750",
	"InstitutionName": "Nottingham Medical School",
	"DeviceSerialNumber": "00000000269MRS04",
	"StationName": "MR01DV01",
	"PatientPosition": "HFS",
	"ProcedureStepDescription": "B12012012-052",
	"SoftwareVersions": "24\\LX\\MR Software release:DV24.0_R02_1607.b",
	"MRAcquisitionType": "3D",
	"SeriesDescription": "FILT_PHA: SWI SWAN",
	"ProtocolName": "BioBank v1.1",
	"ScanningSequence": "GR",
	"SequenceVariant": "SS\\SP\\SK",
	"ScanOptions": "FAST_GEMS\\FC\\ACC_GEMS\\PFP",
	"ImageType": ["ORIGINAL", "PRIMARY", "OTHER", "PHASE"],
	"SeriesNumber": 1000,
	"AcquisitionTime": "16:39:16.000000",
	"AcquisitionNumber": 1,
	"SliceThickness": 3,
	"SpacingBetweenSlices": 3,
	"SAR": 0.199154,
	"EchoNumber": 4,
	"EchoTime": 0.021516,
	"RepetitionTime": 0.0423,
	"SpoilingState": true,
	"FlipAngle": 15,
	"CoilString": "32Ch Head",
	"PercentPhaseFOV": 90,
	"PercentSampling": 69.1667,
	"EchoTrainLength": 8,
	"AcquisitionMatrixPE": 288,
	"ReconMatrixPE": 512,
	"ParallelReductionFactorInPlane": 2,
	"PixelBandwidth": 195.312,
	"PhaseEncodingAxis": "i",
	"ImageOrientationPatientDICOM": [
		0.999787,
		-0.02063,
		-0.000594662,
		0.020496,
		0.99585,
		-0.0886687	],
	"InPlanePhaseEncodingDirectionDICOM": "ROW",
	"ConversionSoftware": "dcm2niix",
	"ConversionSoftwareVersion": "v1.0.20211006"
}
