{
    "ImagingFrequency": 123.227,
    "ScanningSequence": "EP",
    "PhaseEncodingDirection": "j",
    "EchoTrainLength": 78,
    "ReconMatrixPE": 104,
    "TxRefAmp": 239.529,
    "WipMemBlock": "b405906b-e335-4794-8e7b-4a8918d5b969||Sequence: R016 ve11c/master r/e634e98; Dec 19 2017 11:11:25 by eja",
    "InstitutionalDepartmentName": "Department",
    "AcquisitionMatrixPE": 104,
    "EffectiveEchoSpacing": 0.000670015,
    "DwellTime": 2.7e-06,
    "ManufacturersModelName": "Prisma",
    "SliceThickness": 2,
    "Manufacturer": "Siemens",
    "SoftwareVersions": "syngo MR E11",
    "PhaseResolution": 1,
    "SequenceName": "ep_b5#1",
    "SeriesDescription": "diff 3dirs b=0 pepolar",
    "MRAcquisitionType": "2D",
    "PulseSequenceDetails": "%CustomerSeq%\\cmrr_mbep2d_diff",
    "ConsistencyInfo": "N4_VE11C_LATEST_20160120",
    "ProtocolName": "diff_PA_MPopt_MB3_3b0_lowflip",
    "SAR": 0.0653289,
    "ConversionSoftware": "dcm2niix",
    "PercentPhaseFOV": 100,
    "BandwidthPerPixelPhaseEncode": 14.351,
    "BodyPartExamined": "HEAD",
    "ConversionSoftwareVersion": "v1.0.20211006",
    "MagneticFieldStrength": 3,
    "SliceTiming": [
        0,
        1.64062,
        3.28125,
        1.34375,
        2.98438,
        1.04688,
        2.6875,
        0.75,
        2.39062,
        0.45312,
        2.09375,
        0.14844,
        1.79688,
        3.42969,
        1.49219,
        3.13281,
        1.19531,
        2.83594,
        0.89844,
        2.53906,
        0.60156,
        2.24219,
        0.30469,
        1.9375,
        0,
        1.64062,
        3.28125,
        1.34375,
        2.98438,
        1.04688,
        2.6875,
        0.75,
        2.39062,
        0.45312,
        2.09375,
        0.14844,
        1.79688,
        3.42969,
        1.49219,
        3.13281,
        1.19531,
        2.83594,
        0.89844,
        2.53906,
        0.60156,
        2.24219,
        0.30469,
        1.9375,
        0,
        1.64062,
        3.28125,
        1.34375,
        2.98438,
        1.04688,
        2.6875,
        0.75,
        2.39062,
        0.45312,
        2.09375,
        0.14844,
        1.79688,
        3.42969,
        1.49219,
        3.13281,
        1.19531,
        2.83594,
        0.89844,
        2.53906,
        0.60156,
        2.24219,
        0.30469,
        1.9375
    ],
    "MultibandAccelerationFactor": 3,
    "PercentSampling": 100,
    "BaseResolution": 104,
    "ShimSetting": [
        337,
        -11519,
        1683,
        305,
        266,
        187,
        208,
        31
    ],
    "PixelBandwidth": 1780,
    "Modality": "MR",
    "StationName": "AWP66050",
    "PhaseEncodingSteps": 78,
    "ScanOptions": "PFP\\FS",
    "TotalReadoutTime": 0.0690115,
    "DiffusionScheme": "Monopolar",
    "SequenceVariant": "SK\\SS",
    "DerivedVendorReportedEchoSpacing": 0.000670015,
    "PartialFourier": 0.75,
    "PatientPosition": "HFS",
    "ReceiveCoilActiveElements": "HEA;HEP",
    "RepetitionTime": 3.6,
    "ImageComments": "Unaliased MB3/PE3 SENSE1",
    "ImageOrientationText": "Tra>Cor(-16.1)>Sag(1.9)",
    "InPlanePhaseEncodingDirectionDICOM": "COL",
    "ImageOrientationPatientDICOM": [
        0.999449,
        0.00749088,
        0.0323469,
        0.00174438,
        0.961026,
        -0.276452
    ],
    "InstitutionAddress": "Headley Way StreetNo,Oxford,District,GB,OX3 9DU",
    "EchoTime": 0.092,
    "ReceiveCoilName": "Head_32",
    "CoilCombinationMethod": "Sum of Squares",
    "AcquisitionTime": "12:34:33.230000",
    "SeriesNumber": 12,
    "FlipAngle": 78,
    "AcquisitionNumber": 1,
    "ImageType": [
        "ORIGINAL",
        "PRIMARY",
        "DIFFUSION",
        "NONE",
        "MB",
        "ND"
    ],
    "MatrixCoilMode": "SENSE",
    "InstitutionName": "The John Radcliffe",
    "DeviceSerialNumber": "66050",
    "SpacingBetweenSlices": 2
}