{
    "EffectiveEchoSpacing": 0.000670015,
    "ReceiveCoilActiveElements": "HEA;HEP",
    "SoftwareVersions": "syngo MR E11",
    "ImageComments": "Unaliased MB3/PE3 SENSE1",
    "Modality": "MR",
    "DeviceSerialNumber": "66050",
    "AcquisitionMatrixPE": 104,
    "PhaseEncodingSteps": 78,
    "InstitutionAddress": "Headley Way StreetNo,Oxford,District,GB,OX3 9DU",
    "EchoTime": 0.092,
    "ConversionSoftwareVersion": "v1.0.20211006",
    "TxRefAmp": 239.529,
    "BodyPartExamined": "HEAD",
    "MatrixCoilMode": "SENSE",
    "ShimSetting": [
        337,
        -11519,
        1683,
        305,
        266,
        187,
        208,
        31
    ],
    "PhaseEncodingDirection": "j-",
    "CoilCombinationMethod": "Sum of Squares",
    "SliceThickness": 2,
    "InstitutionName": "The John Radcliffe",
    "BandwidthPerPixelPhaseEncode": 14.351,
    "InPlanePhaseEncodingDirectionDICOM": "COL",
    "ImagingFrequency": 123.227,
    "WipMemBlock": "3bffd54a-375c-4000-9335-4705cd3fe25c||Sequence: R016 ve11c/master r/e634e98; Dec 19 2017 11:11:25 by eja",
    "ConversionSoftware": "dcm2niix",
    "DwellTime": 2.7e-06,
    "PhaseResolution": 1,
    "PartialFourier": 0.75,
    "RepetitionTime": 3.6,
    "PixelBandwidth": 1780,
    "MRAcquisitionType": "2D",
    "ScanOptions": "PFP\\FS",
    "SAR": 0.0786663,
    "PercentPhaseFOV": 100,
    "PulseSequenceDetails": "%CustomerSeq%\\cmrr_mbep2d_diff",
    "SeriesDescription": "diff_AP_MPopt_MB3_50b1000_50b2000_8b0_lowflip",
    "ManufacturersModelName": "Prisma",
    "ScanningSequence": "EP",
    "StationName": "AWP66050",
    "ImageType": [
        "ORIGINAL",
        "PRIMARY",
        "DIFFUSION",
        "NONE",
        "MB",
        "ND",
        "MOSAIC"
    ],
    "ReceiveCoilName": "Head_32",
    "PercentSampling": 100,
    "Manufacturer": "Siemens",
    "SequenceName": "ep_b5#1",
    "SequenceVariant": "SK\\SS",
    "DerivedVendorReportedEchoSpacing": 0.000670015,
    "SliceTiming": [
        0,
        1.64,
        3.2825,
        1.3425,
        2.9825,
        1.045,
        2.685,
        0.745,
        2.3875,
        0.4475,
        2.0875,
        0.15,
        1.79,
        3.43,
        1.4925,
        3.1325,
        1.1925,
        2.835,
        0.895,
        2.535,
        0.5975,
        2.2375,
        0.2975,
        1.94,
        0,
        1.64,
        3.2825,
        1.3425,
        2.9825,
        1.045,
        2.685,
        0.745,
        2.3875,
        0.4475,
        2.0875,
        0.15,
        1.79,
        3.43,
        1.4925,
        3.1325,
        1.1925,
        2.835,
        0.895,
        2.535,
        0.5975,
        2.2375,
        0.2975,
        1.94,
        0,
        1.64,
        3.2825,
        1.3425,
        2.9825,
        1.045,
        2.685,
        0.745,
        2.3875,
        0.4475,
        2.0875,
        0.15,
        1.79,
        3.43,
        1.4925,
        3.1325,
        1.1925,
        2.835,
        0.895,
        2.535,
        0.5975,
        2.2375,
        0.2975,
        1.94
    ],
    "PatientPosition": "HFS",
    "ProtocolName": "diff_AP_MPopt_MB3_50b1000_50b2000_8b0_lowflip",
    "FlipAngle": 78,
    "BaseResolution": 104,
    "ReconMatrixPE": 104,
    "ConsistencyInfo": "N4_VE11C_LATEST_20160120",
    "ImageOrientationPatientDICOM": [
        0.999449,
        0.00749088,
        0.0323469,
        0.00174438,
        0.961026,
        -0.276452
    ],
    "InstitutionalDepartmentName": "Department",
    "TotalReadoutTime": 0.0690115,
    "ImageOrientationText": "Tra>Cor(-16.1)>Sag(1.9)",
    "MagneticFieldStrength": 3,
    "SpacingBetweenSlices": 2,
    "AcquisitionNumber": 1,
    "SeriesNumber": 14,
    "EchoTrainLength": 78,
    "AcquisitionTime": "12:35:14.082500",
    "MultibandAccelerationFactor": 3,
    "DiffusionScheme": "Monopolar"
}