{
    "SAR": 0.0835625,
    "FlipAngle": 78,
    "AcquisitionTime": "13:38:28.105000",
    "EchoTime": 0.092,
    "AcquisitionMatrixPE": 104,
    "MRAcquisitionType": "2D",
    "CoilCombinationMethod": "Sum of Squares",
    "ConsistencyInfo": "N4_VE11C_LATEST_20160120",
    "SequenceName": "ep_b5#1",
    "ImageType": [
        "ORIGINAL",
        "PRIMARY",
        "DIFFUSION",
        "NONE",
        "MB",
        "ND",
        "MOSAIC"
    ],
    "Manufacturer": "Siemens",
    "TotalReadoutTime": 0.0690115,
    "DerivedVendorReportedEchoSpacing": 0.000670015,
    "PhaseEncodingSteps": 78,
    "DwellTime": 2.7e-06,
    "PercentSampling": 100,
    "ConversionSoftwareVersion": "v1.0.20211006",
    "SequenceVariant": "SK\\SS",
    "InstitutionalDepartmentName": "Department",
    "SpacingBetweenSlices": 2,
    "TxRefAmp": 244.433,
    "ScanOptions": "PFP\\FS",
    "ConversionSoftware": "dcm2niix",
    "SliceTiming": [
        0,
        1.64,
        3.28,
        1.3425,
        2.9825,
        1.0425,
        2.685,
        0.745,
        2.385,
        0.4475,
        2.0875,
        0.1475,
        1.79,
        3.43,
        1.49,
        3.1325,
        1.1925,
        2.8325,
        0.895,
        2.535,
        0.595,
        2.2375,
        0.2975,
        1.9375,
        0,
        1.64,
        3.28,
        1.3425,
        2.9825,
        1.0425,
        2.685,
        0.745,
        2.385,
        0.4475,
        2.0875,
        0.1475,
        1.79,
        3.43,
        1.49,
        3.1325,
        1.1925,
        2.8325,
        0.895,
        2.535,
        0.595,
        2.2375,
        0.2975,
        1.9375,
        0,
        1.64,
        3.28,
        1.3425,
        2.9825,
        1.0425,
        2.685,
        0.745,
        2.385,
        0.4475,
        2.0875,
        0.1475,
        1.79,
        3.43,
        1.49,
        3.1325,
        1.1925,
        2.8325,
        0.895,
        2.535,
        0.595,
        2.2375,
        0.2975,
        1.9375
    ],
    "ScanningSequence": "EP",
    "AcquisitionNumber": 1,
    "ImageComments": "Unaliased MB3/PE3 SENSE1",
    "StationName": "AWP66050",
    "ShimSetting": [
        356,
        -11527,
        1694,
        291,
        325,
        144,
        232,
        15
    ],
    "InPlanePhaseEncodingDirectionDICOM": "COL",
    "MagneticFieldStrength": 3,
    "PartialFourier": 0.75,
    "ReceiveCoilName": "Head_32",
    "PixelBandwidth": 1780,
    "PercentPhaseFOV": 100,
    "ProtocolName": "diff_AP_MPopt_MB3_50b1000_50b2000_8b0_lowflip",
    "BodyPartExamined": "HEAD",
    "PatientPosition": "HFS",
    "ImageOrientationText": "Tra>Cor(-16.0)>Sag(2.1)",
    "ImagingFrequency": 123.227,
    "BaseResolution": 104,
    "ImageOrientationPatientDICOM": [
        0.999333,
        0.0145073,
        0.0335262,
        -0.00470929,
        0.961266,
        -0.275582
    ],
    "SeriesNumber": 14,
    "PhaseEncodingDirection": "j-",
    "MatrixCoilMode": "SENSE",
    "WipMemBlock": "119b47d0-6bf2-4bf2-aeb7-835da33a9107||Sequence: R016 ve11c/master r/e634e98; Dec 19 2017 11:11:25 by eja",
    "PulseSequenceDetails": "%CustomerSeq%\\cmrr_mbep2d_diff",
    "SoftwareVersions": "syngo MR E11",
    "EffectiveEchoSpacing": 0.000670015,
    "ReceiveCoilActiveElements": "HEA;HEP",
    "MultibandAccelerationFactor": 3,
    "SeriesDescription": "diff_AP_MPopt_MB3_50b1000_50b2000_8b0_lowflip",
    "EchoTrainLength": 78,
    "InstitutionName": "The John Radcliffe",
    "ReconMatrixPE": 104,
    "InstitutionAddress": "Headley Way StreetNo,Oxford,District,GB,OX3 9DU",
    "SliceThickness": 2,
    "DeviceSerialNumber": "66050",
    "Modality": "MR",
    "DiffusionScheme": "Monopolar",
    "RepetitionTime": 3.6,
    "PhaseResolution": 1,
    "ManufacturersModelName": "Prisma",
    "BandwidthPerPixelPhaseEncode": 14.351
}