{
    "FlipAngle": 78,
    "EffectiveEchoSpacing": 0.000670015,
    "InstitutionAddress": "Headley Way StreetNo,Oxford,District,GB,OX3 9DU",
    "MagneticFieldStrength": 3,
    "PercentSampling": 100,
    "ManufacturersModelName": "Prisma",
    "ImageComments": "Unaliased MB3/PE3 SENSE1",
    "ShimSetting": [
        356,
        -11527,
        1694,
        291,
        325,
        144,
        232,
        15
    ],
    "BandwidthPerPixelPhaseEncode": 14.351,
    "PixelBandwidth": 1780,
    "SliceTiming": [
        0,
        1.64062,
        3.28125,
        1.34375,
        2.98438,
        1.04688,
        2.6875,
        0.75,
        2.39062,
        0.45312,
        2.09375,
        0.15625,
        1.79688,
        3.4375,
        1.5,
        3.14062,
        1.20312,
        2.84375,
        0.90625,
        2.53125,
        0.59375,
        2.23438,
        0.29688,
        1.9375,
        0,
        1.64062,
        3.28125,
        1.34375,
        2.98438,
        1.04688,
        2.6875,
        0.75,
        2.39062,
        0.45312,
        2.09375,
        0.15625,
        1.79688,
        3.4375,
        1.5,
        3.14062,
        1.20312,
        2.84375,
        0.90625,
        2.53125,
        0.59375,
        2.23438,
        0.29688,
        1.9375,
        0,
        1.64062,
        3.28125,
        1.34375,
        2.98438,
        1.04688,
        2.6875,
        0.75,
        2.39062,
        0.45312,
        2.09375,
        0.15625,
        1.79688,
        3.4375,
        1.5,
        3.14062,
        1.20312,
        2.84375,
        0.90625,
        2.53125,
        0.59375,
        2.23438,
        0.29688,
        1.9375
    ],
    "SAR": 0.069395,
    "ConsistencyInfo": "N4_VE11C_LATEST_20160120",
    "ProtocolName": "diff_PA_MPopt_MB3_3b0_lowflip",
    "ImageOrientationPatientDICOM": [
        0.999333,
        0.0145073,
        0.0335262,
        -0.00470929,
        0.961266,
        -0.275582
    ],
    "PhaseEncodingDirection": "j",
    "PercentPhaseFOV": 100,
    "DeviceSerialNumber": "66050",
    "AcquisitionTime": "13:37:48.160000",
    "PatientPosition": "HFS",
    "TxRefAmp": 244.433,
    "ScanningSequence": "EP",
    "ReceiveCoilName": "Head_32",
    "SeriesDescription": "diff 3dirs b=0 pepolar",
    "DiffusionScheme": "Monopolar",
    "ImageType": [
        "ORIGINAL",
        "PRIMARY",
        "DIFFUSION",
        "NONE",
        "MB",
        "ND"
    ],
    "PartialFourier": 0.75,
    "Modality": "MR",
    "SliceThickness": 2,
    "InPlanePhaseEncodingDirectionDICOM": "COL",
    "SequenceName": "ep_b5#1",
    "StationName": "AWP66050",
    "EchoTrainLength": 78,
    "InstitutionName": "The John Radcliffe",
    "SoftwareVersions": "syngo MR E11",
    "AcquisitionNumber": 1,
    "WipMemBlock": "d65c6993-bd7b-4c57-a34a-ca11942569cc||Sequence: R016 ve11c/master r/e634e98; Dec 19 2017 11:11:25 by eja",
    "InstitutionalDepartmentName": "Department",
    "EchoTime": 0.092,
    "DerivedVendorReportedEchoSpacing": 0.000670015,
    "MultibandAccelerationFactor": 3,
    "BaseResolution": 104,
    "PulseSequenceDetails": "%CustomerSeq%\\cmrr_mbep2d_diff",
    "TotalReadoutTime": 0.0690115,
    "PhaseEncodingSteps": 78,
    "MatrixCoilMode": "SENSE",
    "RepetitionTime": 3.6,
    "SpacingBetweenSlices": 2,
    "PhaseResolution": 1,
    "SeriesNumber": 12,
    "ConversionSoftware": "dcm2niix",
    "AcquisitionMatrixPE": 104,
    "MRAcquisitionType": "2D",
    "BodyPartExamined": "HEAD",
    "ConversionSoftwareVersion": "v1.0.20211006",
    "ReconMatrixPE": 104,
    "ReceiveCoilActiveElements": "HEA;HEP",
    "ImagingFrequency": 123.227,
    "CoilCombinationMethod": "Sum of Squares",
    "DwellTime": 2.7e-06,
    "ScanOptions": "PFP\\FS",
    "Manufacturer": "Siemens",
    "SequenceVariant": "SK\\SS",
    "ImageOrientationText": "Tra>Cor(-16.0)>Sag(2.1)"
}