{
  "Modality": "MR",
  "MagneticFieldStrength": 3,
  "ImagingFrequency": 127.749,
  "Manufacturer": "Philips",
  "ManufacturersModelName": "Ingenia",
  "InstitutionName": "Nottingham University",
  "InstitutionalDepartmentName": "SPMIC",
  "InstitutionAddress": "University Park",
  "DeviceSerialNumber": "71459",
  "StationName": "HOST-2ADB2S6FDM",
  "BodyPartExamined": "BRAIN",
  "PatientPosition": "HFS",
  "ProcedureStepDescription": "FMHS4520122",
  "SoftwareVersions": "5.6.1\\5.6.1.0",
  "MRAcquisitionType": "2D",
  "SeriesDescription": "blip_rs-fmri_SE",
  "ProtocolName": "blip_rs-fmri_SE",
  "ScanningSequence": "SE",
  "SequenceVariant": "SK",
  "ScanOptions": "FS",
  "ImageType": [
    "ORIGINAL",
    "PRIMARY",
    "M",
    "SE",
    "M",
    "SE"
  ],
  "SeriesNumber": 601,
  "AcquisitionTime": "13:03:45.890000",
  "AcquisitionNumber": 6,
  "PhilipsRWVSlope": 4.78779,
  "PhilipsRWVIntercept": 0,
  "PhilipsRescaleSlope": 4.78779,
  "PhilipsRescaleIntercept": 0,
  "PhilipsScaleSlope": 0.0213053,
  "UsePhilipsFloatNotDisplayScaling": 0,
  "SliceThickness": 2.4,
  "SpacingBetweenSlices": 2.4,
  "SAR": 0.110663,
  "EchoTime": 0.08,
  "RepetitionTime": 5.6788,
  "MTState": false,
  "FlipAngle": 52,
  "CoilString": "MULTI COIL",
  "PercentPhaseFOV": 100,
  "PercentSampling": 100,
  "EchoTrainLength": 63,
  "PhaseEncodingSteps": 95,
  "AcquisitionMatrixPE": 95,
  "ReconMatrixPE": 96,
  "ParallelReductionFactorInPlane": 1.5,
  "ParallelAcquisitionTechnique": "SENSE",
  "WaterFatShift": 20.351,
  "EstimatedEffectiveEchoSpacing": 0.000485498,
  "EstimatedTotalReadoutTime": 0.0461223,
  "PixelBandwidth": 1628,
  "PhaseEncodingAxis": "j",
  "ImageOrientationPatientDICOM": [
    0.997818,
    -0.0618179,
    0.0232044,
    0.0617876,
    0.998087,
    0.00202114
  ],
  "InPlanePhaseEncodingDirectionDICOM": "COL",
  "ConversionSoftware": "dcm2niix",
  "ConversionSoftwareVersion": "v1.0.20211006",
  "PhaseEncodingDirection": "j",
  "IntendedFor": "bids::sub-16975/ses-NOT2ING001/func/sub-16975_ses-NOT2ING001_task-rest_bold.nii.gz",
  "B0FieldIdentifier": "pepolar_fmap0",
  "TotalReadoutTime": 0.0461223,
  "EffectiveEchoSpacing": 0.000485498
}