{
  "Modality": "MR",
  "MagneticFieldStrength": 3,
  "ImagingFrequency": 127.716,
  "Manufacturer": "GE",
  "PulseSequenceName": "epi",
  "InternalPulseSequenceName": "EPI",
  "ManufacturersModelName": "SIGNA Premier",
  "InstitutionName": "Nottingham Medical School",
  "DeviceSerialNumber": "00000000269MRS04",
  "StationName": "MR01DV01",
  "BodyPartExamined": "BRAIN",
  "PatientPosition": "HFS",
  "ProcedureStepDescription": "FMHS4520122",
  "SoftwareVersions": "29\\LX\\RX29.1_R02_2131.a",
  "MRAcquisitionType": "2D",
  "SeriesDescription": "RS_fMRI_MB6_TR920",
  "ProtocolName": "SW_NHarmony_v1.2",
  "ScanningSequence": "EP\\RM",
  "SequenceVariant": "NONE",
  "ScanOptions": "SAT_GEMS\\EDR_GEMS\\MP_GEMS\\EPI_GEMS\\HYPERBAND_GEMS\\FS",
  "ImageType": [
    "ORIGINAL",
    "PRIMARY",
    "OTHER"
  ],
  "SeriesNumber": 5,
  "AcquisitionTime": "12:22:8.000000",
  "AcquisitionNumber": 1,
  "TriggerDelayTime": 455682,
  "SliceThickness": 2.4,
  "SpacingBetweenSlices": 2.4,
  "SAR": 0.0819362,
  "EchoTime": 0.039,
  "RepetitionTime": 0.931,
  "FlipAngle": 57,
  "PhaseEncodingPolarityGE": "Unflipped",
  "CoilString": "48HAP",
  "MultibandAccelerationFactor": 6,
  "PercentPhaseFOV": 100,
  "PercentSampling": 100,
  "AcquisitionMatrixPE": 88,
  "ReconMatrixPE": 88,
  "EffectiveEchoSpacing": 0.000636,
  "TotalReadoutTime": 0.055332,
  "PixelBandwidth": 5681.82,
  "PhaseEncodingDirection": "j-",
  "SliceTiming": [
    0,
    0.507818,
    0.0846364,
    0.592455,
    0.169273,
    0.677091,
    0.253909,
    0.761727,
    0.338545,
    0.846364,
    0.423182,
    0,
    0.507818,
    0.0846364,
    0.592455,
    0.169273,
    0.677091,
    0.253909,
    0.761727,
    0.338545,
    0.846364,
    0.423182,
    0,
    0.507818,
    0.0846364,
    0.592455,
    0.169273,
    0.677091,
    0.253909,
    0.761727,
    0.338545,
    0.846364,
    0.423182,
    0,
    0.507818,
    0.0846364,
    0.592455,
    0.169273,
    0.677091,
    0.253909,
    0.761727,
    0.338545,
    0.846364,
    0.423182,
    0,
    0.507818,
    0.0846364,
    0.592455,
    0.169273,
    0.677091,
    0.253909,
    0.761727,
    0.338545,
    0.846364,
    0.423182,
    0,
    0.507818,
    0.0846364,
    0.592455,
    0.169273,
    0.677091,
    0.253909,
    0.761727,
    0.338545,
    0.846364,
    0.423182
  ],
  "ImageOrientationPatientDICOM": [
    0.997349,
    0.0711718,
    0.0151563,
    -0.0679044,
    0.985148,
    -0.157711
  ],
  "InPlanePhaseEncodingDirectionDICOM": "COL",
  "ConversionSoftware": "dcm2niix",
  "ConversionSoftwareVersion": "v1.0.20211006",
  "B0FieldSource": "pepolar_fmap0",
  "TaskName": "rest"
}