{
    "TotalReadoutTime": 0.0574858,
    "SequenceVariant": "SK",
    "Modality": "MR",
    "SeriesNumber": 1601,
    "MagneticFieldStrength": 3,
    "UsePhilipsFloatNotDisplayScaling": 1,
    "DeviceSerialNumber": "17057",
    "InPlanePhaseEncodingDirectionDICOM": "COL",
    "ReconMatrixPE": 96,
    "ProcedureStepDescription": "H1408201447",
    "WaterFatShift": 25.2426,
    "EffectiveEchoSpacing": 0.000605113,
    "StationName": "PHILIPS-T6O3EHP",
    "FlipAngle": 80,
    "AcquisitionNumber": 16,
    "PercentPhaseFOV": 100,
    "ImagingFrequency": 127.805,
    "ScanningSequence": "SE",
    "Manufacturer": "Philips",
    "SliceThickness": 2.4,
    "BodyPartExamined": "BRAIN",
    "B0FieldIdentifier": "pepolar_fmap0",
    "ImageType": [
        "ORIGINAL",
        "PRIMARY",
        "M",
        "SE",
        "M",
        "SE"
    ],
    "PhaseEncodingSteps": 95,
    "ProtocolName": "WIP blipA_rs-fmri_singleMB4_HF0.8",
    "PhaseEncodingDirection": "j-",
    "InstitutionName": "SPMMRC Nottingham",
    "EstimatedTotalReadoutTime": 0.0574858,
    "ImageOrientationPatientDICOM": [
        0.998681,
        0.00359926,
        0.0512233,
        -0.00367507,
        0.999992,
        0.00138591
    ],
    "EchoTrainLength": 95,
    "PhilipsRWVSlope": 0.861783,
    "PatientPosition": "HFS",
    "PhaseEncodingAxis": "j-",
    "PhilipsRescaleSlope": 0.861783,
    "ScanOptions": "FS",
    "MRAcquisitionType": "2D",
    "ConversionSoftwareVersion": "v1.0.20211006",
    "InstitutionalDepartmentName": "MRI",
    "SoftwareVersions": "5.6.1\\5.6.1.1",
    "PercentSampling": 100,
    "PhilipsRescaleIntercept": 0,
    "ParallelAcquisitionTechnique": "MBSENSE",
    "ManufacturersModelName": "Achieva",
    "AcquisitionMatrixPE": 95,
    "PixelBandwidth": 2392,
    "PhilipsRWVIntercept": 0,
    "AcquisitionTime": "15:27:2.070000",
    "EchoTime": 0.09,
    "SeriesDescription": "blipA_rs-fmri_singleMB4_HF0.8",
    "MTState": false,
    "SAR": 0.0454272,
    "CoilString": "MULTI COIL",
    "IntendedFor": "ses-NOT1ACH001/func/sub-12813_ses-NOT1ACH001_task-rest_bold.nii.gz",
    "PhilipsScaleSlope": 0.00455214,
    "ParallelReductionOutOfPlane": 4,
    "SpacingBetweenSlices": 2.4,
    "RepetitionTime": 2,
    "EstimatedEffectiveEchoSpacing": 0.000605113,
    "ConversionSoftware": "dcm2niix"
}