{
    "ReconMatrixPE": 96,
    "ImageOrientationPatientDICOM": [
        0.995689,
        -0.0134193,
        0.0917799,
        0.0161825,
        0.999436,
        -0.0294301
    ],
    "StationName": "HOST-2ADB2S6FDM",
    "PercentSampling": 100,
    "FlipAngle": 71,
    "EffectiveEchoSpacing": 0.000408107,
    "MTState": false,
    "Manufacturer": "Philips",
    "ParallelReductionFactorInPlane": 1.5,
    "MRAcquisitionType": "2D",
    "UsePhilipsFloatNotDisplayScaling": 1,
    "MagneticFieldStrength": 3,
    "InPlanePhaseEncodingDirectionDICOM": "COL",
    "ScanOptions": "FS",
    "BodyPartExamined": "BRAIN",
    "TotalReadoutTime": 0.0387702,
    "TaskName": "rest",
    "PercentPhaseFOV": 100,
    "SoftwareVersions": "5.3.1\\5.3.1.0",
    "SequenceVariant": "SK",
    "ImageType": [
        "ORIGINAL",
        "PRIMARY",
        "T2",
        "NONE"
    ],
    "PixelBandwidth": 2226.92,
    "PhilipsRescaleIntercept": 0,
    "PhaseEncodingDirection": "j-",
    "WaterFatShift": 17.107,
    "AcquisitionTime": "17:16:23.470000",
    "DeviceSerialNumber": "71459",
    "EstimatedTotalReadoutTime": 0.0387702,
    "PhaseEncodingAxis": "j-",
    "SeriesDescription": "rs-fmri_singleMB4",
    "ProcedureStepDescription": "H14082014/47",
    "EstimatedEffectiveEchoSpacing": 0.000408107,
    "ManufacturersModelName": "Ingenia",
    "SpacingBetweenSlices": 2.4,
    "SliceThickness": 2.4,
    "InstitutionalDepartmentName": "SPMIC",
    "B0FieldSource": "pepolar_fmap0",
    "AcquisitionNumber": 6,
    "PhilipsScaleSlope": 0.0437632,
    "ParallelAcquisitionTechnique": "SENSE",
    "AcquisitionMatrixPE": 95,
    "InstitutionName": "Nottingham University",
    "PhaseEncodingSteps": 95,
    "ImagingFrequency": 127.749,
    "PatientPosition": "HFS",
    "Modality": "MR",
    "ConversionSoftware": "dcm2niix",
    "RepetitionTime": 1.45,
    "PhilipsRescaleSlope": 0.792186,
    "EchoTime": 0.039,
    "InstitutionAddress": "University Park",
    "ConversionSoftwareVersion": "v1.0.20211006",
    "SeriesNumber": 601,
    "ScanningSequence": "GR",
    "EchoTrainLength": 63,
    "ProtocolName": "rs-fmri_singleMB4",
    "CoilString": "MULTI COIL"
}