{
    "MagneticFieldStrength": 3,
    "Modality": "MR",
    "FlipAngle": 52,
    "ReconMatrixPE": 88,
    "SeriesNumber": 6,
    "PhaseEncodingSteps": 88,
    "StationName": "AWP66093",
    "SequenceVariant": "SK\\SS",
    "PulseSequenceDetails": "%CustomerSeq%\\cmrr_mbep2d_bold",
    "ProtocolName": "MB8_FMRI_fov210_2.4mm_resting",
    "ImageComments": "Unaliased MB8/PE3 SENSE1",
    "ConsistencyInfo": "N4_VE11C_LATEST_20160120",
    "SliceThickness": 2.4,
    "ImageOrientationText": "Tra>Cor(-18.3)",
    "ImageOrientationPatientDICOM": [
        1,
        0,
        0,
        0,
        0.949425,
        -0.313992
    ],
    "InstitutionalDepartmentName": "BE3597",
    "TaskName": "rest",
    "ConversionSoftwareVersion": "v1.0.20211006",
    "ImageType": [
        "ORIGINAL",
        "PRIMARY",
        "M",
        "MB",
        "ND",
        "MOSAIC"
    ],
    "BaseResolution": 88,
    "ReceiveCoilActiveElements": "HC1-7",
    "ScanOptions": "FS",
    "InstitutionAddress": "Warneford Lane StreetNo,Oxford,District,GB,OX3 7JX",
    "ReceiveCoilName": "HeadNeck_64",
    "EffectiveEchoSpacing": 0.000639989,
    "BodyPartExamined": "BRAIN",
    "DerivedVendorReportedEchoSpacing": 0.000639989,
    "PatientPosition": "HFS",
    "PixelBandwidth": 2030,
    "SAR": 0.063735,
    "AcquisitionTime": "16:06:38.055000",
    "SliceTiming": [
        0,
        0.2675,
        0.535,
        0.09,
        0.3575,
        0.625,
        0.1775,
        0.4475,
        0,
        0.2675,
        0.535,
        0.09,
        0.3575,
        0.625,
        0.1775,
        0.4475,
        0,
        0.2675,
        0.535,
        0.09,
        0.3575,
        0.625,
        0.1775,
        0.4475,
        0,
        0.2675,
        0.535,
        0.09,
        0.3575,
        0.625,
        0.1775,
        0.4475,
        0,
        0.2675,
        0.535,
        0.09,
        0.3575,
        0.625,
        0.1775,
        0.4475,
        0,
        0.2675,
        0.535,
        0.09,
        0.3575,
        0.625,
        0.1775,
        0.4475,
        0,
        0.2675,
        0.535,
        0.09,
        0.3575,
        0.625,
        0.1775,
        0.4475,
        0,
        0.2675,
        0.535,
        0.09,
        0.3575,
        0.625,
        0.1775,
        0.4475
    ],
    "DwellTime": 2.8e-06,
    "EchoTrainLength": 88,
    "MultibandAccelerationFactor": 8,
    "CoilCombinationMethod": "Sum of Squares",
    "PartialFourier": 1,
    "ShimSetting": [
        4969,
        -11423,
        -1323,
        479,
        72,
        -254,
        38,
        -20
    ],
    "PhaseResolution": 1,
    "ManufacturersModelName": "Prisma",
    "SpacingBetweenSlices": 2.4,
    "PercentPhaseFOV": 100,
    "SoftwareVersions": "syngo MR E11",
    "RepetitionTime": 0.735,
    "Manufacturer": "Siemens",
    "TotalReadoutTime": 0.055679,
    "AcquisitionNumber": 1,
    "MRAcquisitionType": "2D",
    "TxRefAmp": 250.393,
    "ScanningSequence": "EP",
    "MatrixCoilMode": "SENSE",
    "EchoTime": 0.039,
    "ImagingFrequency": 123.26,
    "PercentSampling": 100,
    "InPlanePhaseEncodingDirectionDICOM": "COL",
    "AcquisitionMatrixPE": 88,
    "SeriesDescription": "MB8_FMRI_fov210_2.4mm_resting",
    "BandwidthPerPixelPhaseEncode": 17.756,
    "InstitutionName": "Warneford Hospital",
    "SequenceName": "epfid2d1_88",
    "DeviceSerialNumber": "66093",
    "WipMemBlock": "2efc45df-9c55-4b13-bf53-d40361b77d2c||Sequence: R016 ve11c/master r/e634e98; Dec 19 2017 11:00:25 by eja",
    "ConversionSoftware": "dcm2niix",
    "PhaseEncodingDirection": "j-"
}