{
    "SpacingBetweenSlices": 2.4,
    "MatrixCoilMode": "SENSE",
    "FlipAngle": 52,
    "ImageComments": "Unaliased MB8/PE3 SENSE1",
    "StationName": "AWP66093",
    "PercentPhaseFOV": 100,
    "TaskName": "rest",
    "Manufacturer": "Siemens",
    "MagneticFieldStrength": 3,
    "ScanOptions": "FS",
    "ImageOrientationPatientDICOM": [
        1,
        0,
        0,
        0,
        0.949972,
        -0.312335
    ],
    "InstitutionName": "Warneford Hospital",
    "PhaseResolution": 1,
    "ReceiveCoilName": "HeadNeck_64",
    "WipMemBlock": "7d7fab95-5d11-4aaf-a227-d010fd48ac99||Sequence: R016 ve11c/master r/e634e98; Dec 19 2017 11:00:25 by eja",
    "MRAcquisitionType": "2D",
    "DwellTime": 2.8e-06,
    "PulseSequenceDetails": "%CustomerSeq%\\cmrr_mbep2d_bold",
    "PercentSampling": 100,
    "ImagingFrequency": 123.26,
    "ImageType": [
        "ORIGINAL",
        "PRIMARY",
        "M",
        "MB",
        "ND",
        "MOSAIC"
    ],
    "AcquisitionMatrixPE": 88,
    "DeviceSerialNumber": "66093",
    "SAR": 0.0582444,
    "SequenceName": "epfid2d1_88",
    "CoilCombinationMethod": "Sum of Squares",
    "EffectiveEchoSpacing": 0.000639989,
    "InstitutionAddress": "Warneford Lane StreetNo,Oxford,District,GB,OX3 7JX",
    "BodyPartExamined": "BRAIN",
    "PatientPosition": "HFS",
    "PhaseEncodingDirection": "j-",
    "InPlanePhaseEncodingDirectionDICOM": "COL",
    "TxRefAmp": 268.252,
    "TotalReadoutTime": 0.055679,
    "PhaseEncodingSteps": 88,
    "InstitutionalDepartmentName": "BE3597",
    "ConversionSoftwareVersion": "v1.0.20211006",
    "ScanningSequence": "EP",
    "ProtocolName": "MB8_FMRI_fov210_2.4mm_resting",
    "ReconMatrixPE": 88,
    "SequenceVariant": "SK\\SS",
    "BaseResolution": 88,
    "SliceThickness": 2.4,
    "ReceiveCoilActiveElements": "HC1-7",
    "RepetitionTime": 0.735,
    "ImageOrientationText": "Tra>Cor(-18.2)",
    "SliceTiming": [
        0,
        0.2675,
        0.535,
        0.09,
        0.3575,
        0.625,
        0.1775,
        0.4475,
        0,
        0.2675,
        0.535,
        0.09,
        0.3575,
        0.625,
        0.1775,
        0.4475,
        0,
        0.2675,
        0.535,
        0.09,
        0.3575,
        0.625,
        0.1775,
        0.4475,
        0,
        0.2675,
        0.535,
        0.09,
        0.3575,
        0.625,
        0.1775,
        0.4475,
        0,
        0.2675,
        0.535,
        0.09,
        0.3575,
        0.625,
        0.1775,
        0.4475,
        0,
        0.2675,
        0.535,
        0.09,
        0.3575,
        0.625,
        0.1775,
        0.4475,
        0,
        0.2675,
        0.535,
        0.09,
        0.3575,
        0.625,
        0.1775,
        0.4475,
        0,
        0.2675,
        0.535,
        0.09,
        0.3575,
        0.625,
        0.1775,
        0.4475
    ],
    "PixelBandwidth": 2030,
    "ConversionSoftware": "dcm2niix",
    "EchoTrainLength": 88,
    "AcquisitionNumber": 1,
    "ConsistencyInfo": "N4_VE11C_LATEST_20160120",
    "SeriesDescription": "MB8_FMRI_fov210_2.4mm_resting",
    "MultibandAccelerationFactor": 8,
    "ManufacturersModelName": "Prisma",
    "Modality": "MR",
    "DerivedVendorReportedEchoSpacing": 0.000639989,
    "EchoTime": 0.039,
    "ShimSetting": [
        4956,
        -11420,
        -1308,
        480,
        21,
        -142,
        -22,
        49
    ],
    "PartialFourier": 1,
    "SeriesNumber": 6,
    "BandwidthPerPixelPhaseEncode": 17.756,
    "AcquisitionTime": "18:54:30.137500",
    "SoftwareVersions": "syngo MR E11"
}