{
    "MTState": false,
    "RepetitionTime": 1.15,
    "ImageOrientationPatientDICOM": [
        0.995716,
        0.0706912,
        0.059597,
        -0.0707729,
        0.997492,
        -0.000741491
    ],
    "InstitutionName": "SPMMRC Nottingham",
    "InstitutionalDepartmentName": "MRI",
    "PhaseEncodingAxis": "j",
    "SpacingBetweenSlices": 2.4,
    "PatientPosition": "HFS",
    "StationName": "PHILIPS-T6O3EHP",
    "InPlanePhaseEncodingDirectionDICOM": "COL",
    "PercentSampling": 100,
    "ParallelReductionOutOfPlane": 4,
    "ImagingFrequency": 127.805,
    "PhilipsRescaleIntercept": 0,
    "Manufacturer": "Philips",
    "PhaseEncodingStepsNoPartialFourier": 95,
    "SeriesDescription": "rs-fmri_singleMB4_HF0.8",
    "AcquisitionNumber": 14,
    "ProcedureStepDescription": "H1408201447",
    "ImageType": [
        "ORIGINAL",
        "PRIMARY",
        "M",
        "FFE",
        "M",
        "FFE"
    ],
    "ProtocolName": "WIP rs-fmri_singleMB4_HF0.8",
    "TaskName": "rest",
    "EffectiveEchoSpacing": 0.0006134,
    "CoilString": "MULTI COIL",
    "EchoTime": 0.039001,
    "SeriesNumber": 1401,
    "PartialFourierDirection": "PHASE",
    "B0FieldSource": "pepolar_fmap0",
    "ManufacturersModelName": "Achieva",
    "PixelBandwidth": 2321,
    "ConversionSoftwareVersion": "v1.0.20211006",
    "PercentPhaseFOV": 100,
    "MRAcquisitionType": "2D",
    "BodyPartExamined": "BRAIN",
    "PhaseEncodingDirection": "j",
    "SAR": 0.0227829,
    "SoftwareVersions": "5.6.1\\5.6.1.1",
    "EchoTrainLength": 95,
    "FlipAngle": 65,
    "ParallelAcquisitionTechnique": "MBSENSE",
    "PartialFourierEnabled": "YES",
    "Modality": "MR",
    "PhilipsRWVSlope": 0.901587,
    "ConversionSoftware": "dcm2niix",
    "ReconMatrixPE": 96,
    "DeviceSerialNumber": "17057",
    "UsePhilipsFloatNotDisplayScaling": 1,
    "PhilipsRescaleSlope": 0.901587,
    "MagneticFieldStrength": 3,
    "PhilipsScaleSlope": 0.00209613,
    "SequenceVariant": "SK",
    "WaterFatShift": 25.5882,
    "SliceThickness": 2.4,
    "ScanOptions": "FS",
    "EstimatedEffectiveEchoSpacing": 0.0006134,
    "ScanningSequence": "GR",
    "TotalReadoutTime": 0.058273,
    "AcquisitionTime": "15:56:41.800000",
    "PhilipsRWVIntercept": 0,
    "AcquisitionMatrixPE": 95,
    "EstimatedTotalReadoutTime": 0.058273
}