{
    "SeriesDescription": "diff_AP_MPopt_MB3_50b1000_50b2000_8b0_lowflip",
    "ImageComments": "Unaliased MB3/PE3 SENSE1",
    "AcquisitionMatrixPE": 104,
    "SliceTiming": [
        0,
        1.64,
        3.2825,
        1.3425,
        2.9825,
        1.045,
        2.685,
        0.745,
        2.3875,
        0.4475,
        2.0875,
        0.15,
        1.79,
        3.43,
        1.4925,
        3.1325,
        1.1925,
        2.835,
        0.895,
        2.535,
        0.5975,
        2.2375,
        0.2975,
        1.94,
        0,
        1.64,
        3.2825,
        1.3425,
        2.9825,
        1.045,
        2.685,
        0.745,
        2.3875,
        0.4475,
        2.0875,
        0.15,
        1.79,
        3.43,
        1.4925,
        3.1325,
        1.1925,
        2.835,
        0.895,
        2.535,
        0.5975,
        2.2375,
        0.2975,
        1.94,
        0,
        1.64,
        3.2825,
        1.3425,
        2.9825,
        1.045,
        2.685,
        0.745,
        2.3875,
        0.4475,
        2.0875,
        0.15,
        1.79,
        3.43,
        1.4925,
        3.1325,
        1.1925,
        2.835,
        0.895,
        2.535,
        0.5975,
        2.2375,
        0.2975,
        1.94
    ],
    "PhaseEncodingSteps": 78,
    "SliceThickness": 2,
    "ConversionSoftwareVersion": "v1.0.20211006",
    "TotalReadoutTime": 0.0690115,
    "ConsistencyInfo": "N4_VE11C_LATEST_20160120",
    "Manufacturer": "Siemens",
    "PhaseEncodingDirection": "j-",
    "FlipAngle": 78,
    "ReceiveCoilActiveElements": "HEA;HEP",
    "TxRefAmp": 261.879,
    "DwellTime": 2.7e-06,
    "StationName": "AWP66050",
    "ScanningSequence": "EP",
    "SeriesNumber": 14,
    "PartialFourier": 0.75,
    "DerivedVendorReportedEchoSpacing": 0.000670015,
    "ShimSetting": [
        354,
        -11541,
        1711,
        443,
        319,
        119,
        149,
        44
    ],
    "ProtocolName": "diff_AP_MPopt_MB3_50b1000_50b2000_8b0_lowflip",
    "InPlanePhaseEncodingDirectionDICOM": "COL",
    "BodyPartExamined": "HEAD",
    "BaseResolution": 104,
    "ReceiveCoilName": "Head_32",
    "PulseSequenceDetails": "%CustomerSeq%\\cmrr_mbep2d_diff",
    "PatientPosition": "HFS",
    "InstitutionAddress": "Headley Way StreetNo,Oxford,District,GB,OX3 9DU",
    "PercentPhaseFOV": 100,
    "ImageOrientationText": "Tra>Cor(-19.7)>Sag(2.2)",
    "SoftwareVersions": "syngo MR E11",
    "ConversionSoftware": "dcm2niix",
    "ImagingFrequency": 123.228,
    "SAR": 0.0924076,
    "EchoTime": 0.092,
    "ScanOptions": "PFP\\FS",
    "BandwidthPerPixelPhaseEncode": 14.351,
    "PixelBandwidth": 1780,
    "ReconMatrixPE": 104,
    "MultibandAccelerationFactor": 3,
    "AcquisitionNumber": 1,
    "InstitutionName": "The John Radcliffe",
    "WipMemBlock": "9546240f-c4cf-405a-a025-ab1ceaf6346f||Sequence: R016 ve11c/master r/e634e98; Dec 19 2017 11:11:25 by eja",
    "PhaseResolution": 1,
    "AcquisitionTime": "10:31:0.075000",
    "EffectiveEchoSpacing": 0.000670015,
    "MatrixCoilMode": "SENSE",
    "EchoTrainLength": 78,
    "InstitutionalDepartmentName": "Department",
    "RepetitionTime": 3.6,
    "PercentSampling": 100,
    "ImageOrientationPatientDICOM": [
        0.998094,
        -0.0330172,
        0.0521389,
        0.0486403,
        0.940846,
        -0.335325
    ],
    "ManufacturersModelName": "Prisma",
    "Modality": "MR",
    "ImageType": [
        "ORIGINAL",
        "PRIMARY",
        "DIFFUSION",
        "NONE",
        "MB",
        "ND",
        "MOSAIC"
    ],
    "SequenceVariant": "SK\\SS",
    "SequenceName": "ep_b5#1",
    "MagneticFieldStrength": 3,
    "SpacingBetweenSlices": 2,
    "MRAcquisitionType": "2D",
    "DeviceSerialNumber": "66050",
    "CoilCombinationMethod": "Sum of Squares",
    "DiffusionScheme": "Monopolar"
}