{
    "SliceThickness": 2,
    "ShimSetting": [
        354,
        -11541,
        1711,
        443,
        319,
        119,
        149,
        44
    ],
    "ScanningSequence": "EP",
    "AcquisitionNumber": 1,
    "DeviceSerialNumber": "66050",
    "ConversionSoftwareVersion": "v1.0.20211006",
    "ConsistencyInfo": "N4_VE11C_LATEST_20160120",
    "InstitutionalDepartmentName": "Department",
    "EchoTime": 0.092,
    "SliceTiming": [
        0,
        1.64062,
        3.28125,
        1.34375,
        2.98438,
        1.04688,
        2.6875,
        0.75,
        2.39062,
        0.45312,
        2.08594,
        0.14844,
        1.78906,
        3.42969,
        1.49219,
        3.13281,
        1.19531,
        2.83594,
        0.89844,
        2.53906,
        0.59375,
        2.24219,
        0.29688,
        1.9375,
        0,
        1.64062,
        3.28125,
        1.34375,
        2.98438,
        1.04688,
        2.6875,
        0.75,
        2.39062,
        0.45312,
        2.08594,
        0.14844,
        1.78906,
        3.42969,
        1.49219,
        3.13281,
        1.19531,
        2.83594,
        0.89844,
        2.53906,
        0.59375,
        2.24219,
        0.29688,
        1.9375,
        0,
        1.64062,
        3.28125,
        1.34375,
        2.98438,
        1.04688,
        2.6875,
        0.75,
        2.39062,
        0.45312,
        2.08594,
        0.14844,
        1.78906,
        3.42969,
        1.49219,
        3.13281,
        1.19531,
        2.83594,
        0.89844,
        2.53906,
        0.59375,
        2.24219,
        0.29688,
        1.9375
    ],
    "InstitutionAddress": "Headley Way StreetNo,Oxford,District,GB,OX3 9DU",
    "ReceiveCoilName": "Head_32",
    "SAR": 0.0767405,
    "AcquisitionMatrixPE": 104,
    "PercentSampling": 100,
    "PixelBandwidth": 1780,
    "TotalReadoutTime": 0.0690115,
    "TxRefAmp": 261.879,
    "InstitutionName": "The John Radcliffe",
    "MultibandAccelerationFactor": 3,
    "BodyPartExamined": "HEAD",
    "MatrixCoilMode": "SENSE",
    "ReconMatrixPE": 104,
    "SeriesDescription": "diff 3dirs b=0 pepolar",
    "CoilCombinationMethod": "Sum of Squares",
    "SoftwareVersions": "syngo MR E11",
    "DerivedVendorReportedEchoSpacing": 0.000670015,
    "AcquisitionTime": "10:30:11.072500",
    "ConversionSoftware": "dcm2niix",
    "SequenceVariant": "SK\\SS",
    "SpacingBetweenSlices": 2,
    "InPlanePhaseEncodingDirectionDICOM": "COL",
    "PhaseEncodingSteps": 78,
    "PercentPhaseFOV": 100,
    "SeriesNumber": 12,
    "ScanOptions": "PFP\\FS",
    "PhaseEncodingDirection": "j",
    "WipMemBlock": "5aa75ef2-6b91-4bdf-9bfe-cf37d1b18a26||Sequence: R016 ve11c/master r/e634e98; Dec 19 2017 11:11:25 by eja",
    "FlipAngle": 78,
    "ManufacturersModelName": "Prisma",
    "RepetitionTime": 3.6,
    "BaseResolution": 104,
    "EffectiveEchoSpacing": 0.000670015,
    "ImageComments": "Unaliased MB3/PE3 SENSE1",
    "DiffusionScheme": "Monopolar",
    "StationName": "AWP66050",
    "MagneticFieldStrength": 3,
    "ProtocolName": "diff_PA_MPopt_MB3_3b0_lowflip",
    "PhaseResolution": 1,
    "Manufacturer": "Siemens",
    "MRAcquisitionType": "2D",
    "ImageOrientationPatientDICOM": [
        0.998094,
        -0.0330172,
        0.0521389,
        0.0486403,
        0.940846,
        -0.335325
    ],
    "SequenceName": "ep_b5#1",
    "DwellTime": 2.7e-06,
    "PatientPosition": "HFS",
    "ImagingFrequency": 123.228,
    "ImageType": [
        "ORIGINAL",
        "PRIMARY",
        "DIFFUSION",
        "NONE",
        "MB",
        "ND"
    ],
    "EchoTrainLength": 78,
    "ReceiveCoilActiveElements": "HEA;HEP",
    "BandwidthPerPixelPhaseEncode": 14.351,
    "Modality": "MR",
    "PulseSequenceDetails": "%CustomerSeq%\\cmrr_mbep2d_diff",
    "ImageOrientationText": "Tra>Cor(-19.7)>Sag(2.2)",
    "PartialFourier": 0.75
}