{
    "SeriesNumber": 6,
    "PhaseEncodingDirection": "j-",
    "PulseSequenceDetails": "%CustomerSeq%\\cmrr_mbep2d_bold",
    "ImageOrientationPatientDICOM": [
        0.999377,
        -0.00417317,
        -0.0350341,
        -0.00872142,
        0.932944,
        -0.359915
    ],
    "AcquisitionNumber": 1,
    "ImageComments": "Unaliased MB8/PE3 SENSE1",
    "ImageOrientationText": "Tra>Cor(-21.1)>Sag(-2.0)",
    "Modality": "MR",
    "RepetitionTime": 0.735,
    "MultibandAccelerationFactor": 8,
    "ConsistencyInfo": "N4_VE11C_LATEST_20160120",
    "TotalReadoutTime": 0.055679,
    "DwellTime": 2.8e-06,
    "SpacingBetweenSlices": 2.4,
    "ScanningSequence": "EP",
    "BodyPartExamined": "BRAIN",
    "ImagingFrequency": 123.26,
    "ReceiveCoilName": "HeadNeck_64",
    "EchoTime": 0.039,
    "PercentSampling": 100,
    "InstitutionalDepartmentName": "BE3597",
    "SliceThickness": 2.4,
    "Manufacturer": "Siemens",
    "DeviceSerialNumber": "66093",
    "TaskName": "rest",
    "InstitutionAddress": "Warneford Lane StreetNo,Oxford,District,GB,OX3 7JX",
    "PercentPhaseFOV": 100,
    "SoftwareVersions": "syngo MR E11",
    "SAR": 0.0542667,
    "InPlanePhaseEncodingDirectionDICOM": "COL",
    "DerivedVendorReportedEchoSpacing": 0.000639989,
    "StationName": "AWP66093",
    "SequenceName": "epfid2d1_88",
    "EffectiveEchoSpacing": 0.000639989,
    "TxRefAmp": 219.352,
    "MRAcquisitionType": "2D",
    "BandwidthPerPixelPhaseEncode": 17.756,
    "ImageType": [
        "ORIGINAL",
        "PRIMARY",
        "M",
        "MB",
        "ND",
        "MOSAIC"
    ],
    "BaseResolution": 88,
    "ScanOptions": "FS",
    "ConversionSoftwareVersion": "v1.0.20211006",
    "ShimSetting": [
        4959,
        -11418,
        -1280,
        575,
        106,
        -141,
        155,
        16
    ],
    "AcquisitionTime": "09:42:7.032500",
    "MagneticFieldStrength": 3,
    "AcquisitionMatrixPE": 88,
    "PixelBandwidth": 2030,
    "SequenceVariant": "SK\\SS",
    "ManufacturersModelName": "Prisma",
    "EchoTrainLength": 88,
    "CoilCombinationMethod": "Sum of Squares",
    "ReconMatrixPE": 88,
    "ReceiveCoilActiveElements": "HC1-7",
    "MatrixCoilMode": "SENSE",
    "WipMemBlock": "508a4211-ca5c-41c3-8ef2-5fa3322a0237||Sequence: R016 ve11c/master r/e634e98; Dec 19 2017 11:00:25 by eja",
    "SeriesDescription": "MB8_FMRI_fov210_2.4mm_resting",
    "ProtocolName": "MB8_FMRI_fov210_2.4mm_resting",
    "ConversionSoftware": "dcm2niix",
    "InstitutionName": "Warneford Hospital",
    "PhaseResolution": 1,
    "PhaseEncodingSteps": 88,
    "PartialFourier": 1,
    "SliceTiming": [
        0,
        0.2675,
        0.535,
        0.0875,
        0.3575,
        0.625,
        0.1775,
        0.445,
        0,
        0.2675,
        0.535,
        0.0875,
        0.3575,
        0.625,
        0.1775,
        0.445,
        0,
        0.2675,
        0.535,
        0.0875,
        0.3575,
        0.625,
        0.1775,
        0.445,
        0,
        0.2675,
        0.535,
        0.0875,
        0.3575,
        0.625,
        0.1775,
        0.445,
        0,
        0.2675,
        0.535,
        0.0875,
        0.3575,
        0.625,
        0.1775,
        0.445,
        0,
        0.2675,
        0.535,
        0.0875,
        0.3575,
        0.625,
        0.1775,
        0.445,
        0,
        0.2675,
        0.535,
        0.0875,
        0.3575,
        0.625,
        0.1775,
        0.445,
        0,
        0.2675,
        0.535,
        0.0875,
        0.3575,
        0.625,
        0.1775,
        0.445
    ],
    "FlipAngle": 52,
    "PatientPosition": "HFS"
}