{
    "PartialFourier": 1,
    "BandwidthPerPixelPhaseEncode": 17.756,
    "ReconMatrixPE": 88,
    "ConsistencyInfo": "N4_VE11C_LATEST_20160120",
    "BodyPartExamined": "HEAD",
    "ScanOptions": "FS",
    "SeriesDescription": "MB8_FMRI_fov210_2.4mm_resting",
    "Modality": "MR",
    "ImageOrientationPatientDICOM": [
        0.999333,
        0.0145073,
        0.0335262,
        -0.00470929,
        0.961266,
        -0.275582
    ],
    "SeriesNumber": 8,
    "InstitutionalDepartmentName": "Department",
    "EchoTrainLength": 88,
    "MultibandAccelerationFactor": 8,
    "TotalReadoutTime": 0.055679,
    "MRAcquisitionType": "2D",
    "ImageComments": "Unaliased MB8/PE3 SENSE1",
    "AcquisitionTime": "13:25:21.882500",
    "PixelBandwidth": 2030,
    "ImageType": [
        "ORIGINAL",
        "PRIMARY",
        "M",
        "MB",
        "ND",
        "MOSAIC"
    ],
    "WipMemBlock": "6d9e4ea9-ef4b-49a5-86fd-a9b0fb12b87f||Sequence: R016 ve11c/master r/e634e98; Dec 19 2017 11:00:25 by eja",
    "FlipAngle": 52,
    "CoilCombinationMethod": "Sum of Squares",
    "ReceiveCoilActiveElements": "HEA;HEP",
    "SliceThickness": 2.4,
    "AcquisitionMatrixPE": 88,
    "PatientPosition": "HFS",
    "DerivedVendorReportedEchoSpacing": 0.000639989,
    "PhaseResolution": 1,
    "RepetitionTime": 0.735,
    "PercentPhaseFOV": 100,
    "SoftwareVersions": "syngo MR E11",
    "SpacingBetweenSlices": 2.4,
    "ImageOrientationText": "Tra>Cor(-16.0)>Sag(2.1)",
    "ImagingFrequency": 123.227,
    "SAR": 0.0559478,
    "SequenceVariant": "SK\\SS",
    "InstitutionAddress": "Headley Way StreetNo,Oxford,District,GB,OX3 9DU",
    "InPlanePhaseEncodingDirectionDICOM": "COL",
    "ConversionSoftwareVersion": "v1.0.20211006",
    "PhaseEncodingSteps": 88,
    "TxRefAmp": 244.433,
    "EffectiveEchoSpacing": 0.000639989,
    "EchoTime": 0.039,
    "MagneticFieldStrength": 3,
    "Manufacturer": "Siemens",
    "StationName": "AWP66050",
    "DeviceSerialNumber": "66050",
    "ShimSetting": [
        356,
        -11527,
        1694,
        291,
        325,
        144,
        232,
        15
    ],
    "AcquisitionNumber": 1,
    "PulseSequenceDetails": "%CustomerSeq%\\cmrr_mbep2d_bold",
    "BaseResolution": 88,
    "ConversionSoftware": "dcm2niix",
    "ScanningSequence": "EP",
    "TaskName": "rest",
    "SliceTiming": [
        0,
        0.2675,
        0.5375,
        0.09,
        0.3575,
        0.625,
        0.18,
        0.4475,
        0,
        0.2675,
        0.5375,
        0.09,
        0.3575,
        0.625,
        0.18,
        0.4475,
        0,
        0.2675,
        0.5375,
        0.09,
        0.3575,
        0.625,
        0.18,
        0.4475,
        0,
        0.2675,
        0.5375,
        0.09,
        0.3575,
        0.625,
        0.18,
        0.4475,
        0,
        0.2675,
        0.5375,
        0.09,
        0.3575,
        0.625,
        0.18,
        0.4475,
        0,
        0.2675,
        0.5375,
        0.09,
        0.3575,
        0.625,
        0.18,
        0.4475,
        0,
        0.2675,
        0.5375,
        0.09,
        0.3575,
        0.625,
        0.18,
        0.4475,
        0,
        0.2675,
        0.5375,
        0.09,
        0.3575,
        0.625,
        0.18,
        0.4475
    ],
    "PhaseEncodingDirection": "j-",
    "PercentSampling": 100,
    "MatrixCoilMode": "SENSE",
    "ReceiveCoilName": "Head_32",
    "DwellTime": 2.8e-06,
    "InstitutionName": "The John Radcliffe",
    "SequenceName": "epfid2d1_88",
    "ProtocolName": "MB8_FMRI_fov210_2.4mm_resting",
    "ManufacturersModelName": "Prisma"
}