{
    "ConversionSoftwareVersion": "v1.0.20211006",
    "SpacingBetweenSlices": 2,
    "ConsistencyInfo": "N4_VE11C_LATEST_20160120",
    "PercentSampling": 100,
    "Manufacturer": "Siemens",
    "InstitutionalDepartmentName": "Department",
    "FlipAngle": 78,
    "SequenceVariant": "SK\\SS",
    "SliceTiming": [
        0,
        1.64062,
        3.28125,
        1.34375,
        2.98438,
        1.04688,
        2.6875,
        0.75,
        2.39062,
        0.44531,
        2.08594,
        0.14844,
        1.78906,
        3.42969,
        1.49219,
        3.13281,
        1.19531,
        2.83594,
        0.89062,
        2.53906,
        0.59375,
        2.23438,
        0.29688,
        1.9375,
        0,
        1.64062,
        3.28125,
        1.34375,
        2.98438,
        1.04688,
        2.6875,
        0.75,
        2.39062,
        0.44531,
        2.08594,
        0.14844,
        1.78906,
        3.42969,
        1.49219,
        3.13281,
        1.19531,
        2.83594,
        0.89062,
        2.53906,
        0.59375,
        2.23438,
        0.29688,
        1.9375,
        0,
        1.64062,
        3.28125,
        1.34375,
        2.98438,
        1.04688,
        2.6875,
        0.75,
        2.39062,
        0.44531,
        2.08594,
        0.14844,
        1.78906,
        3.42969,
        1.49219,
        3.13281,
        1.19531,
        2.83594,
        0.89062,
        2.53906,
        0.59375,
        2.23438,
        0.29688,
        1.9375
    ],
    "PhaseEncodingSteps": 78,
    "DiffusionScheme": "Monopolar",
    "InPlanePhaseEncodingDirectionDICOM": "COL",
    "ShimSetting": [
        341,
        -11529,
        1693,
        293,
        275,
        120,
        203,
        23
    ],
    "ConversionSoftware": "dcm2niix",
    "AcquisitionNumber": 1,
    "ReceiveCoilName": "Head_32",
    "SAR": 0.0694057,
    "EffectiveEchoSpacing": 0.000670015,
    "MatrixCoilMode": "SENSE",
    "BaseResolution": 104,
    "InstitutionName": "The John Radcliffe",
    "ImageType": [
        "ORIGINAL",
        "PRIMARY",
        "DIFFUSION",
        "NONE",
        "MB",
        "ND"
    ],
    "PhaseResolution": 1,
    "ReconMatrixPE": 104,
    "Modality": "MR",
    "SoftwareVersions": "syngo MR E11",
    "BodyPartExamined": "HEAD",
    "ScanOptions": "PFP\\FS",
    "RepetitionTime": 3.6,
    "PatientPosition": "HFS",
    "CoilCombinationMethod": "Sum of Squares",
    "AcquisitionMatrixPE": 104,
    "SliceThickness": 2,
    "BandwidthPerPixelPhaseEncode": 14.351,
    "WipMemBlock": "401ae18a-cf6a-41fd-9e35-1a01f1469d92||Sequence: R016 ve11c/master r/e634e98; Dec 19 2017 11:11:25 by eja",
    "DerivedVendorReportedEchoSpacing": 0.000670015,
    "ReceiveCoilActiveElements": "HEA;HEP",
    "PulseSequenceDetails": "%CustomerSeq%\\cmrr_mbep2d_diff",
    "TxRefAmp": 243.275,
    "ScanningSequence": "EP",
    "PercentPhaseFOV": 100,
    "ImageOrientationPatientDICOM": [
        0.99915,
        -0.0226652,
        0.0344286,
        0.0320978,
        0.951849,
        -0.304883
    ],
    "ImageComments": "Unaliased MB3/PE3 SENSE1",
    "AcquisitionTime": "10:37:38.077500",
    "EchoTime": 0.092,
    "EchoTrainLength": 78,
    "PixelBandwidth": 1780,
    "ManufacturersModelName": "Prisma",
    "MultibandAccelerationFactor": 3,
    "ImageOrientationText": "Tra>Cor(-17.8)>Sag(1.5)",
    "SequenceName": "ep_b5#1",
    "SeriesDescription": "diff 3dirs b=0 pepolar",
    "InstitutionAddress": "Headley Way StreetNo,Oxford,District,GB,OX3 9DU",
    "PartialFourier": 0.75,
    "MRAcquisitionType": "2D",
    "DeviceSerialNumber": "66050",
    "PhaseEncodingDirection": "j",
    "DwellTime": 2.7e-06,
    "MagneticFieldStrength": 3,
    "TotalReadoutTime": 0.0690115,
    "SeriesNumber": 12,
    "StationName": "AWP66050",
    "ImagingFrequency": 123.227,
    "ProtocolName": "diff_PA_MPopt_MB3_3b0_lowflip"
}