{
    "MultibandAccelerationFactor": 3,
    "PulseSequenceDetails": "%CustomerSeq%\\cmrr_mbep2d_diff",
    "EffectiveEchoSpacing": 0.000670015,
    "WipMemBlock": "4f1658e7-6b9b-4b8b-a459-d71a21550159||Sequence: R016 ve11c/master r/e634e98; Dec 19 2017 11:11:25 by eja",
    "AcquisitionMatrixPE": 104,
    "EchoTrainLength": 78,
    "ProtocolName": "diff_AP_MPopt_MB3_50b1000_50b2000_8b0_lowflip",
    "ImageComments": "Unaliased MB3/PE3 SENSE1",
    "SeriesNumber": 14,
    "PhaseResolution": 1,
    "ImageOrientationPatientDICOM": [
        0.99915,
        -0.0226652,
        0.0344286,
        0.0320978,
        0.951849,
        -0.304883
    ],
    "RepetitionTime": 3.6,
    "MagneticFieldStrength": 3,
    "ConsistencyInfo": "N4_VE11C_LATEST_20160120",
    "PartialFourier": 0.75,
    "ReconMatrixPE": 104,
    "SpacingBetweenSlices": 2,
    "TotalReadoutTime": 0.0690115,
    "ScanOptions": "PFP\\FS",
    "EchoTime": 0.092,
    "InstitutionAddress": "Headley Way StreetNo,Oxford,District,GB,OX3 9DU",
    "AcquisitionNumber": 1,
    "ReceiveCoilName": "Head_32",
    "BaseResolution": 104,
    "ImageType": [
        "ORIGINAL",
        "PRIMARY",
        "DIFFUSION",
        "NONE",
        "MB",
        "ND",
        "MOSAIC"
    ],
    "InstitutionalDepartmentName": "Department",
    "PercentSampling": 100,
    "AcquisitionTime": "10:38:20.105000",
    "SequenceName": "ep_b5#1",
    "SliceTiming": [
        0,
        1.6425,
        3.2825,
        1.3425,
        2.985,
        1.045,
        2.685,
        0.7475,
        2.3875,
        0.4475,
        2.09,
        0.15,
        1.79,
        3.4325,
        1.4925,
        3.1325,
        1.195,
        2.835,
        0.895,
        2.5375,
        0.5975,
        2.2375,
        0.3,
        1.94,
        0,
        1.6425,
        3.2825,
        1.3425,
        2.985,
        1.045,
        2.685,
        0.7475,
        2.3875,
        0.4475,
        2.09,
        0.15,
        1.79,
        3.4325,
        1.4925,
        3.1325,
        1.195,
        2.835,
        0.895,
        2.5375,
        0.5975,
        2.2375,
        0.3,
        1.94,
        0,
        1.6425,
        3.2825,
        1.3425,
        2.985,
        1.045,
        2.685,
        0.7475,
        2.3875,
        0.4475,
        2.09,
        0.15,
        1.79,
        3.4325,
        1.4925,
        3.1325,
        1.195,
        2.835,
        0.895,
        2.5375,
        0.5975,
        2.2375,
        0.3,
        1.94
    ],
    "ConversionSoftware": "dcm2niix",
    "BandwidthPerPixelPhaseEncode": 14.351,
    "CoilCombinationMethod": "Sum of Squares",
    "SAR": 0.0835753,
    "DeviceSerialNumber": "66050",
    "SliceThickness": 2,
    "PhaseEncodingDirection": "j-",
    "SoftwareVersions": "syngo MR E11",
    "SeriesDescription": "diff_AP_MPopt_MB3_50b1000_50b2000_8b0_lowflip",
    "ReceiveCoilActiveElements": "HEA;HEP",
    "InPlanePhaseEncodingDirectionDICOM": "COL",
    "StationName": "AWP66050",
    "PercentPhaseFOV": 100,
    "DerivedVendorReportedEchoSpacing": 0.000670015,
    "Modality": "MR",
    "ImagingFrequency": 123.227,
    "DiffusionScheme": "Monopolar",
    "Manufacturer": "Siemens",
    "ScanningSequence": "EP",
    "PatientPosition": "HFS",
    "ShimSetting": [
        341,
        -11529,
        1693,
        293,
        275,
        120,
        203,
        23
    ],
    "ImageOrientationText": "Tra>Cor(-17.8)>Sag(1.5)",
    "PixelBandwidth": 1780,
    "ManufacturersModelName": "Prisma",
    "TxRefAmp": 243.275,
    "InstitutionName": "The John Radcliffe",
    "PhaseEncodingSteps": 78,
    "ConversionSoftwareVersion": "v1.0.20211006",
    "BodyPartExamined": "HEAD",
    "MatrixCoilMode": "SENSE",
    "MRAcquisitionType": "2D",
    "DwellTime": 2.7e-06,
    "SequenceVariant": "SK\\SS",
    "FlipAngle": 78
}