{
    "BaseResolution": 104,
    "TotalReadoutTime": 0.0710717,
    "MatrixCoilMode": "SENSE",
    "ConversionSoftware": "dcm2niix",
    "FlipAngle": 78,
    "DiffusionScheme": "Monopolar",
    "EffectiveEchoSpacing": 0.000690017,
    "InstitutionalDepartmentName": "OCMR2",
    "SeriesNumber": 12,
    "PhaseEncodingSteps": 78,
    "DerivedVendorReportedEchoSpacing": 0.000690017,
    "ReconMatrixPE": 104,
    "AcquisitionNumber": 1,
    "ProcedureStepDescription": "neuro^N18",
    "SeriesDescription": "diff_AP_MPopt_MB3_50b1000_50b2000_8b0_lowflip",
    "SliceThickness": 2,
    "SequenceVariant": "SK\\SS",
    "ImageOrientationText": "Tra>Cor(-22.3)",
    "PercentSampling": 100,
    "AcquisitionMatrixPE": 104,
    "SoftwareVersions": "syngo MR B17",
    "ImagingFrequency": 123.172,
    "PhaseEncodingDirection": "j-",
    "SAR": 0.175109,
    "StationName": "MRC35031",
    "InPlanePhaseEncodingDirectionDICOM": "COL",
    "RepetitionTime": 3.6,
    "SpacingBetweenSlices": 2,
    "ManufacturersModelName": "TrioTim",
    "SequenceName": "ep_b5#1",
    "ReceiveCoilName": "32Ch_Head",
    "PixelBandwidth": 1781,
    "BandwidthPerPixelPhaseEncode": 13.935,
    "ImageType": [
        "ORIGINAL",
        "PRIMARY",
        "DIFFUSION",
        "NONE",
        "MB",
        "ND",
        "MOSAIC"
    ],
    "ImageComments": "Unaliased MB3/PE3 SENSE1",
    "SliceTiming": [
        0,
        1.655,
        3.3125,
        1.355,
        3.01,
        1.0525,
        2.71,
        0.7525,
        2.4075,
        0.45,
        2.1075,
        0.15,
        1.8075,
        3.4625,
        1.505,
        3.1625,
        1.205,
        2.86,
        0.9025,
        2.56,
        0.6025,
        2.2575,
        0.3,
        1.9575,
        0,
        1.655,
        3.3125,
        1.355,
        3.01,
        1.0525,
        2.71,
        0.7525,
        2.4075,
        0.45,
        2.1075,
        0.15,
        1.8075,
        3.4625,
        1.505,
        3.1625,
        1.205,
        2.86,
        0.9025,
        2.56,
        0.6025,
        2.2575,
        0.3,
        1.9575,
        0,
        1.655,
        3.3125,
        1.355,
        3.01,
        1.0525,
        2.71,
        0.7525,
        2.4075,
        0.45,
        2.1075,
        0.15,
        1.8075,
        3.4625,
        1.505,
        3.1625,
        1.205,
        2.86,
        0.9025,
        2.56,
        0.6025,
        2.2575,
        0.3,
        1.9575
    ],
    "ConversionSoftwareVersion": "v1.0.20211006",
    "DeviceSerialNumber": "35031",
    "EchoTime": 0.0964,
    "ImageOrientationPatientDICOM": [
        1,
        -1e-16,
        0,
        1e-16,
        0.92521,
        -0.379456
    ],
    "Manufacturer": "Siemens",
    "MagneticFieldStrength": 3,
    "Modality": "MR",
    "ProtocolName": "diff_AP_MPopt_MB3_50b1000_50b2000_8b0_lowflip",
    "ScanningSequence": "EP",
    "PartialFourier": 0.75,
    "CoilString": "C:HEA;HEP",
    "PatientPosition": "HFS",
    "MultibandAccelerationFactor": 3,
    "DwellTime": 2.7e-06,
    "PhaseResolution": 1,
    "InstitutionAddress": "Headley Way sfd,Oxford,Southeast,GB,OX3 9UE",
    "AcquisitionTime": "13:20:44.772500",
    "MRAcquisitionType": "2D",
    "InstitutionName": "ocmr",
    "ScanOptions": "PFP\\FS",
    "PercentPhaseFOV": 100,
    "CoilCombinationMethod": "Sum of Squares",
    "TxRefAmp": 354.354,
    "PulseSequenceDetails": "%CustomerSeq%\\cmrr_mbep2d_diff",
    "ShimSetting": [
        -1650,
        -11247,
        7736,
        1144,
        19,
        257,
        142,
        -46
    ]
}