{
    "FlipAngle": 78,
    "ProtocolName": "diff_PA_MPopt_MB3_3b0_lowflip",
    "SoftwareVersions": "syngo MR B17",
    "SliceThickness": 2,
    "PhaseEncodingDirection": "j",
    "ManufacturersModelName": "TrioTim",
    "PatientPosition": "HFS",
    "AcquisitionNumber": 1,
    "SequenceVariant": "SK\\SS",
    "ImageOrientationText": "Tra>Cor(-22.3)",
    "PulseSequenceDetails": "%CustomerSeq%\\cmrr_mbep2d_diff",
    "DerivedVendorReportedEchoSpacing": 0.000690017,
    "RepetitionTime": 3.6,
    "AcquisitionMatrixPE": 104,
    "DeviceSerialNumber": "35031",
    "ReceiveCoilName": "32Ch_Head",
    "BandwidthPerPixelPhaseEncode": 13.935,
    "ProcedureStepDescription": "neuro^N18",
    "InstitutionName": "ocmr",
    "PercentPhaseFOV": 100,
    "ConversionSoftwareVersion": "v1.0.20211006",
    "AcquisitionTime": "13:19:57.482500",
    "InPlanePhaseEncodingDirectionDICOM": "COL",
    "EchoTime": 0.0964,
    "ImageComments": "Unaliased MB3/PE3 SENSE1",
    "PercentSampling": 100,
    "TxRefAmp": 354.354,
    "BaseResolution": 104,
    "TotalReadoutTime": 0.0710717,
    "ImageOrientationPatientDICOM": [
        1,
        1e-16,
        0,
        -1e-16,
        0.92521,
        -0.379456
    ],
    "SAR": 0.14542,
    "MRAcquisitionType": "2D",
    "ImageType": [
        "ORIGINAL",
        "PRIMARY",
        "M",
        "MB",
        "ND"
    ],
    "PixelBandwidth": 1781,
    "ShimSetting": [
        -1650,
        -11247,
        7736,
        1144,
        19,
        257,
        142,
        -46
    ],
    "CoilString": "C:HEA;HEP",
    "SpacingBetweenSlices": 2,
    "MagneticFieldStrength": 3,
    "SequenceName": "epse2d1_104",
    "MatrixCoilMode": "SENSE",
    "DwellTime": 2.7e-06,
    "ScanOptions": "PFP\\FS",
    "StationName": "MRC35031",
    "EffectiveEchoSpacing": 0.000690017,
    "PhaseEncodingSteps": 78,
    "InstitutionAddress": "Headley Way sfd,Oxford,Southeast,GB,OX3 9UE",
    "Manufacturer": "Siemens",
    "ImagingFrequency": 123.172,
    "ReconMatrixPE": 104,
    "CoilCombinationMethod": "Sum of Squares",
    "InstitutionalDepartmentName": "OCMR2",
    "SeriesNumber": 10,
    "PartialFourier": 0.75,
    "MultibandAccelerationFactor": 3,
    "ConversionSoftware": "dcm2niix",
    "SeriesDescription": "diff 4dirs b=0 pepolar",
    "ScanningSequence": "EP",
    "Modality": "MR",
    "PhaseResolution": 1,
    "SliceTiming": [
        0,
        1.65625,
        3.3125,
        1.35938,
        3.01562,
        1.04688,
        2.70312,
        0.75,
        2.40625,
        0.45312,
        2.10938,
        0.14062,
        1.79688,
        3.45312,
        1.5,
        3.15625,
        1.20312,
        2.85938,
        0.90625,
        2.5625,
        0.59375,
        2.25,
        0.29688,
        1.95312,
        0,
        1.65625,
        3.3125,
        1.35938,
        3.01562,
        1.04688,
        2.70312,
        0.75,
        2.40625,
        0.45312,
        2.10938,
        0.14062,
        1.79688,
        3.45312,
        1.5,
        3.15625,
        1.20312,
        2.85938,
        0.90625,
        2.5625,
        0.59375,
        2.25,
        0.29688,
        1.95312,
        0,
        1.65625,
        3.3125,
        1.35938,
        3.01562,
        1.04688,
        2.70312,
        0.75,
        2.40625,
        0.45312,
        2.10938,
        0.14062,
        1.79688,
        3.45312,
        1.5,
        3.15625,
        1.20312,
        2.85938,
        0.90625,
        2.5625,
        0.59375,
        2.25,
        0.29688,
        1.95312
    ]
}