{
    "SpacingBetweenSlices": 2,
    "ScanOptions": "PFP\\FS",
    "AcquisitionTime": "16:03:46.055000",
    "CoilCombinationMethod": "Sum of Squares",
    "FlipAngle": 78,
    "SoftwareVersions": "syngo MR B17",
    "ImageOrientationPatientDICOM": [
        1,
        0,
        0,
        0,
        0.912834,
        -0.40833
    ],
    "RepetitionTime": 3.6,
    "PartialFourier": 0.75,
    "PhaseEncodingSteps": 78,
    "AcquisitionNumber": 1,
    "PhaseEncodingDirection": "j",
    "EchoTime": 0.0964,
    "ConversionSoftware": "dcm2niix",
    "StationName": "MRC35031",
    "TxRefAmp": 312.027,
    "ProcedureStepDescription": "neuro^N18",
    "DerivedVendorReportedEchoSpacing": 0.000690017,
    "SliceThickness": 2,
    "BaseResolution": 104,
    "MRAcquisitionType": "2D",
    "MatrixCoilMode": "SENSE",
    "Manufacturer": "Siemens",
    "ImageOrientationText": "Tra>Cor(-24.1)",
    "SAR": 0.117575,
    "SequenceVariant": "SK\\SS",
    "ManufacturersModelName": "TrioTim",
    "InstitutionAddress": "Headley Way sfd,Oxford,Southeast,GB,OX3 9UE",
    "PixelBandwidth": 1781,
    "ShimSetting": [
        -1773,
        -11379,
        7598,
        1041,
        127,
        811,
        49,
        -235
    ],
    "Modality": "MR",
    "BandwidthPerPixelPhaseEncode": 13.935,
    "InstitutionName": "John Radcliffe Hospital",
    "AcquisitionMatrixPE": 104,
    "ProtocolName": "diff_PA_MPopt_MB3_3b0_lowflip",
    "ReceiveCoilName": "32Ch_Head",
    "InPlanePhaseEncodingDirectionDICOM": "COL",
    "ConversionSoftwareVersion": "v1.0.20211006",
    "ImagingFrequency": 123.173,
    "MagneticFieldStrength": 3,
    "ScanningSequence": "EP",
    "ImageComments": "Unaliased MB3/PE3 SENSE1",
    "TotalReadoutTime": 0.0710717,
    "SequenceName": "epse2d1_104",
    "EffectiveEchoSpacing": 0.000690017,
    "CoilString": "C:HEA;HEP",
    "MultibandAccelerationFactor": 3,
    "PhaseResolution": 1,
    "PatientPosition": "HFS",
    "SeriesNumber": 10,
    "ReconMatrixPE": 104,
    "DeviceSerialNumber": "35031",
    "InstitutionalDepartmentName": "OCMR2",
    "PulseSequenceDetails": "%CustomerSeq%\\cmrr_mbep2d_diff",
    "DwellTime": 2.7e-06,
    "PercentPhaseFOV": 100,
    "SliceTiming": [
        0,
        1.64062,
        3.3125,
        1.34375,
        3,
        1.04688,
        2.70312,
        0.75,
        2.40625,
        0.4375,
        2.09375,
        0.14062,
        1.79688,
        3.45312,
        1.5,
        3.15625,
        1.20312,
        2.85938,
        0.89062,
        2.54688,
        0.59375,
        2.25,
        0.29688,
        1.95312,
        0,
        1.64062,
        3.3125,
        1.34375,
        3,
        1.04688,
        2.70312,
        0.75,
        2.40625,
        0.4375,
        2.09375,
        0.14062,
        1.79688,
        3.45312,
        1.5,
        3.15625,
        1.20312,
        2.85938,
        0.89062,
        2.54688,
        0.59375,
        2.25,
        0.29688,
        1.95312,
        0,
        1.64062,
        3.3125,
        1.34375,
        3,
        1.04688,
        2.70312,
        0.75,
        2.40625,
        0.4375,
        2.09375,
        0.14062,
        1.79688,
        3.45312,
        1.5,
        3.15625,
        1.20312,
        2.85938,
        0.89062,
        2.54688,
        0.59375,
        2.25,
        0.29688,
        1.95312
    ],
    "SeriesDescription": "diff 4dirs b=0 pepolar",
    "PercentSampling": 100,
    "ImageType": [
        "ORIGINAL",
        "PRIMARY",
        "M",
        "MB",
        "ND"
    ]
}