{
  "Modality": "MR",
  "MagneticFieldStrength": 3,
  "ImagingFrequency": 127.804,
  "Manufacturer": "Philips",
  "ManufacturersModelName": "Achieva",
  "InstitutionName": "SPMMRC Nottingham",
  "InstitutionalDepartmentName": "MRI",
  "DeviceSerialNumber": "17057",
  "StationName": "PHILIPS-T6O3EHP",
  "BodyPartExamined": "BRAIN",
  "PatientPosition": "HFS",
  "ProcedureStepDescription": "FMHS 452 0122",
  "SoftwareVersions": "5.6.1\\5.6.1.1",
  "MRAcquisitionType": "3D",
  "SeriesDescription": "SWI_3mm_tra",
  "ProtocolName": "WIP SWI_3mm_tra",
  "ScanningSequence": "GR",
  "SequenceVariant": "SP",
  "ScanOptions": "FC",
  "ImageType": [
    "ORIGINAL",
    "PRIMARY",
    "M",
    "FFE",
    "M",
    "FFE"
  ],
  "SeriesNumber": 501,
  "AcquisitionTime": "13:35:58.680000",
  "AcquisitionNumber": 5,
  "PhilipsRWVSlope": 1.69646,
  "PhilipsRWVIntercept": 0,
  "PhilipsRescaleSlope": 1.69646,
  "PhilipsRescaleIntercept": 0,
  "PhilipsScaleSlope": 0.000168464,
  "UsePhilipsFloatNotDisplayScaling": 0,
  "SliceThickness": 3,
  "SpacingBetweenSlices": 3,
  "SAR": 0.0152063,
  "EchoNumber": 1,
  "EchoTime": 0.009401,
  "RepetitionTime": 0.027,
  "MTState": false,
  "SpoilingState": true,
  "SpoilingType": "COMBINED",
  "FlipAngle": 15,
  "CoilString": "MULTI COIL",
  "PercentPhaseFOV": 88.8889,
  "PercentSampling": 78.233,
  "EchoTrainLength": 2,
  "PhaseEncodingSteps": 286,
  "AcquisitionMatrixPE": 286,
  "ReconMatrixPE": 288,
  "ParallelReductionFactorInPlane": 2,
  "ParallelAcquisitionTechnique": "SENSE",
  "WaterFatShift": 2.99281,
  "EstimatedEffectiveEchoSpacing": 1.59986e-05,
  "EstimatedTotalReadoutTime": 0.0045916,
  "PixelBandwidth": 145,
  "PhaseEncodingAxis": "i",
  "ImageOrientationPatientDICOM": [
    0.99881,
    -0.0179712,
    0.0453339,
    0.0179258,
    0.999838,
    0.00140756
  ],
  "InPlanePhaseEncodingDirectionDICOM": "ROW",
  "ConversionSoftware": "dcm2niix",
  "ConversionSoftwareVersion": "v1.0.20211006",
  "TotalReadoutTime": 0.0045916
}