{
  "Modality": "MR",
  "MagneticFieldStrength": 3,
  "ImagingFrequency": 127.749,
  "Manufacturer": "Philips",
  "ManufacturersModelName": "Ingenia",
  "InstitutionName": "Nottingham University",
  "InstitutionalDepartmentName": "SPMIC",
  "InstitutionAddress": "University Park",
  "DeviceSerialNumber": "71459",
  "StationName": "HOST-2ADB2S6FDM",
  "BodyPartExamined": "BRAIN",
  "PatientPosition": "HFS",
  "ProcedureStepDescription": "FMHS4520122",
  "SoftwareVersions": "5.9.0\\5.9.0.0",
  "MRAcquisitionType": "2D",
  "SeriesDescription": "DTI_Biobank_2mm_MB3S1p5_EPI",
  "ProtocolName": "DTI_Biobank_2mm_MB3S1p5_EPI",
  "ScanningSequence": "SE",
  "SequenceVariant": "SK",
  "ScanOptions": "FS",
  "ImageType": [
    "ORIGINAL",
    "PRIMARY",
    "M",
    "SE",
    "M",
    "SE",
    "NORM"
  ],
  "SeriesNumber": 501,
  "AcquisitionTime": "11:52:35.950000",
  "AcquisitionNumber": 5,
  "PhilipsRWVSlope": 1.22295,
  "PhilipsRWVIntercept": 0,
  "PhilipsRescaleSlope": 1.22295,
  "PhilipsRescaleIntercept": 0,
  "PhilipsScaleSlope": 0.0563278,
  "UsePhilipsFloatNotDisplayScaling": 0,
  "SliceThickness": 2,
  "SpacingBetweenSlices": 2,
  "SAR": 0.129854,
  "EchoTime": 0.097967,
  "RepetitionTime": 4.36624,
  "MTState": false,
  "FlipAngle": 90,
  "CoilString": "MULTI COIL",
  "PercentPhaseFOV": 100,
  "PercentSampling": 100,
  "EchoTrainLength": 75,
  "PartialFourierDirection": "PHASE",
  "PartialFourierEnabled": "YES",
  "PhaseEncodingStepsNoPartialFourier": 112,
  "AcquisitionMatrixPE": 112,
  "ReconMatrixPE": 112,
  "ParallelReductionFactorInPlane": 1.5,
  "ParallelAcquisitionTechnique": "MBSENSE",
  "ParallelReductionOutOfPlane": 3,
  "WaterFatShift": 32.6593,
  "EstimatedEffectiveEchoSpacing": 0.000668491,
  "EstimatedTotalReadoutTime": 0.0742025,
  "PixelBandwidth": 1892,
  "PhaseEncodingAxis": "j",
  "ImageOrientationPatientDICOM": [
    0.995818,
    0.0898823,
    -0.0163402,
    -0.0902609,
    0.995626,
    -0.0241339
  ],
  "InPlanePhaseEncodingDirectionDICOM": "COL",
  "ConversionSoftware": "dcm2niix",
  "ConversionSoftwareVersion": "v1.0.20211006",
  "PhaseEncodingDirection": "j",
  "EffectiveEchoSpacing": 0.000668491,
  "TotalReadoutTime": 0.0742025
}